{
  "aor": 0.0005143589743589745,
  "aqi": 0.006312196000000001,
  "bids_meta": {
    "AcquisitionMatrixPE": 64,
    "AcquisitionNumber": 1,
    "AcquisitionTime": "10:13:18.930000",
    "BandwidthPerPixelPhaseEncode": 47.348,
    "BaseResolution": 64,
    "BodyPartExamined": "HEAD",
    "ConsistencyInfo": "N4_VD11D_LATEST_20110129",
    "ConversionSoftware": "dcm2niix",
    "ConversionSoftwareVersion": "v1.0.20180518 GCC4.8.5",
    "DerivedVendorReportedEchoSpacing": 0.000660007,
    "DeviceSerialNumber": "45031",
    "DwellTime": 4.5e-06,
    "EchoTime": 0.03,
    "EchoTrainLength": 32,
    "EffectiveEchoSpacing": 0.000330003,
    "FlipAngle": 71,
    "ImageOrientationPatientDICOM": [
      0.998099,
      0.0177242,
      0.0590352,
      -0.0341567,
      0.956305,
      0.29037
    ],
    "ImageType": [
      "ORIGINAL",
      "PRIMARY",
      "M",
      "ND",
      "NORM",
      "MOSAIC"
    ],
    "InPlanePhaseEncodingDirectionDICOM": "COL",
    "InstitutionAddress": "Washington_and_Faculty_Rd._-_Building_25_25_Princeton_NJ_US_085",
    "InstitutionName": "Princeton_University_-_Neuroscience_Institute",
    "InstitutionalDepartmentName": "Department",
    "MRAcquisitionType": "2D",
    "MagneticFieldStrength": 3,
    "Manufacturer": "Siemens",
    "ManufacturersModelName": "Skyra",
    "Modality": "MR",
    "ParallelReductionFactorInPlane": 2,
    "PartialFourier": 1,
    "PatientPosition": "HFS",
    "PercentPhaseFOV": 100,
    "PhaseEncodingDirection": "j-",
    "PhaseEncodingSteps": 64,
    "PhaseResolution": 1,
    "PixelBandwidth": 1735,
    "ProcedureStepDescription": "NormanLab_Anna",
    "ProtocolName": "epi_195_3x3x3_2s",
    "PulseSequenceDetails": "%SiemensSeq%_ep2d_bold",
    "ReceiveCoilActiveElements": "HE1-4",
    "ReceiveCoilName": "HeadNeck_20",
    "ReconMatrixPE": 64,
    "RepetitionTime": 2,
    "SAR": 0.117063,
    "ScanOptions": "FS",
    "ScanningSequence": "EP",
    "SequenceName": "_epfid2d1_64",
    "SequenceVariant": "SK",
    "SeriesDescription": "epi_195_3x3x3_2s",
    "SeriesNumber": 14,
    "ShimSetting": [
      3295,
      10753,
      9841,
      649,
      374,
      585,
      -107,
      -252
    ],
    "SliceThickness": 3,
    "SliceTiming": [
      1,
      0,
      1.055,
      0.055,
      1.11,
      0.1125,
      1.1675,
      0.1675,
      1.2225,
      0.2225,
      1.2775,
      0.2775,
      1.3325,
      0.3325,
      1.3875,
      0.39,
      1.445,
      0.445,
      1.5,
      0.5,
      1.555,
      0.555,
      1.61,
      0.61,
      1.6675,
      0.6675,
      1.7225,
      0.7225,
      1.7775,
      0.7775,
      1.8325,
      0.8325,
      1.8875,
      0.89,
      1.945,
      0.945
    ],
    "SoftwareVersions": "syngo_MR_D11",
    "SpacingBetweenSlices": 3,
    "StationName": "AWP45031",
    "TotalReadoutTime": 0.0207902,
    "TxRefAmp": 313.939,
    "dataset": "ds001454",
    "modality": "bold",
    "run_id": 6,
    "session_id": "2",
    "subject_id": "21",
    "task_id": "satellite"
  },
  "dummy_trs": 0,
  "dvars_nstd": 24.46013389664949,
  "dvars_std": 1.1817995408247424,
  "dvars_vstd": 0.9929363178865981,
  "efc": 0.5679262013384735,
  "fber": 1149.0748291015625,
  "fd_mean": 0.05510058885851579,
  "fd_num": 0,
  "fd_perc": 0.0,
  "fwhm_avg": 1.7321366666666667,
  "fwhm_x": 1.5938933333333332,
  "fwhm_y": 1.8200666666666667,
  "fwhm_z": 1.7824499999999999,
  "gcor": 0.0349689,
  "gsr_x": -0.008598610758781433,
  "gsr_y": 0.03331561014056206,
  "provenance": {
    "md5sum": "230e0bc9e9cbf0779be80e06220c1f51",
    "settings": {
      "fd_thres": 0.2,
      "testing": false
    },
    "software": "mriqc",
    "version": "23.0.1",
    "webapi_port": null,
    "webapi_url": "https://mriqc.nimh.nih.gov/api/v1"
  },
  "size_t": 195,
  "size_x": 64,
  "size_y": 64,
  "size_z": 36,
  "snr": 6.211726747254671,
  "spacing_tr": 2.0,
  "spacing_x": 3.0,
  "spacing_y": 3.0,
  "spacing_z": 3.0,
  "summary_bg_k": 29.713448648453934,
  "summary_bg_mad": 13.860431000575916,
  "summary_bg_mean": 43.796119689941406,
  "summary_bg_median": 22.379487991333008,
  "summary_bg_n": 82344.0,
  "summary_bg_p05": 10.174359321594238,
  "summary_bg_p95": 148.13256225585934,
  "summary_bg_stdv": 65.91184997558594,
  "summary_fg_k": 3.3339934621807306,
  "summary_fg_mad": 107.81180369579943,
  "summary_fg_mean": 780.0520629882812,
  "summary_fg_median": 767.3231201171875,
  "summary_fg_n": 33617.0,
  "summary_fg_p05": 620.88720703125,
  "summary_fg_p95": 980.4574462890624,
  "summary_fg_stdv": 123.52631378173828,
  "tsnr": 69.88534131087363
}