{
  "aor": 0.000569025641025641,
  "aqi": 0.0059087277435897435,
  "bids_meta": {
    "AcquisitionMatrixPE": 64,
    "AcquisitionNumber": 1,
    "AcquisitionTime": "10:27:7.770000",
    "BandwidthPerPixelPhaseEncode": 47.348,
    "BaseResolution": 64,
    "BodyPartExamined": "HEAD",
    "ConsistencyInfo": "N4_VD11D_LATEST_20110129",
    "ConversionSoftware": "dcm2niix",
    "ConversionSoftwareVersion": "v1.0.20180518 GCC4.8.5",
    "DerivedVendorReportedEchoSpacing": 0.000660007,
    "DeviceSerialNumber": "45031",
    "DwellTime": 4.5e-06,
    "EchoTime": 0.03,
    "EchoTrainLength": 32,
    "EffectiveEchoSpacing": 0.000330003,
    "FlipAngle": 71,
    "ImageOrientationPatientDICOM": [
      0.998099,
      0.0177242,
      0.0590352,
      -0.0341567,
      0.956305,
      0.29037
    ],
    "ImageType": [
      "ORIGINAL",
      "PRIMARY",
      "M",
      "ND",
      "NORM",
      "MOSAIC"
    ],
    "InPlanePhaseEncodingDirectionDICOM": "COL",
    "InstitutionAddress": "Washington_and_Faculty_Rd._-_Building_25_25_Princeton_NJ_US_085",
    "InstitutionName": "Princeton_University_-_Neuroscience_Institute",
    "InstitutionalDepartmentName": "Department",
    "MRAcquisitionType": "2D",
    "MagneticFieldStrength": 3,
    "Manufacturer": "Siemens",
    "ManufacturersModelName": "Skyra",
    "Modality": "MR",
    "ParallelReductionFactorInPlane": 2,
    "PartialFourier": 1,
    "PatientPosition": "HFS",
    "PercentPhaseFOV": 100,
    "PhaseEncodingDirection": "j-",
    "PhaseEncodingSteps": 64,
    "PhaseResolution": 1,
    "PixelBandwidth": 1735,
    "ProcedureStepDescription": "NormanLab_Anna",
    "ProtocolName": "epi_195_3x3x3_2s",
    "PulseSequenceDetails": "%SiemensSeq%_ep2d_bold",
    "ReceiveCoilActiveElements": "HE1-4",
    "ReceiveCoilName": "HeadNeck_20",
    "ReconMatrixPE": 64,
    "RepetitionTime": 2,
    "SAR": 0.117063,
    "ScanOptions": "FS",
    "ScanningSequence": "EP",
    "SequenceName": "_epfid2d1_64",
    "SequenceVariant": "SK",
    "SeriesDescription": "epi_195_3x3x3_2s",
    "SeriesNumber": 16,
    "ShimSetting": [
      3295,
      10753,
      9841,
      649,
      374,
      585,
      -107,
      -252
    ],
    "SliceThickness": 3,
    "SliceTiming": [
      1,
      0,
      1.0575,
      0.0575,
      1.1125,
      0.1125,
      1.1675,
      0.1675,
      1.2225,
      0.2225,
      1.2775,
      0.28,
      1.335,
      0.335,
      1.39,
      0.39,
      1.445,
      0.445,
      1.5,
      0.5,
      1.5575,
      0.5575,
      1.6125,
      0.6125,
      1.6675,
      0.6675,
      1.7225,
      0.7225,
      1.7775,
      0.78,
      1.835,
      0.835,
      1.89,
      0.89,
      1.945,
      0.945
    ],
    "SoftwareVersions": "syngo_MR_D11",
    "SpacingBetweenSlices": 3,
    "StationName": "AWP45031",
    "TotalReadoutTime": 0.0207902,
    "TxRefAmp": 313.939,
    "dataset": "ds001454",
    "modality": "bold",
    "run_id": 8,
    "session_id": "2",
    "subject_id": "21",
    "task_id": "satellite"
  },
  "dummy_trs": 0,
  "dvars_nstd": 24.528786777474224,
  "dvars_std": 1.202282940051546,
  "dvars_vstd": 1.006663019175258,
  "efc": 0.568234656291266,
  "fber": 1139.5758056640625,
  "fd_mean": 0.05713230555928016,
  "fd_num": 2,
  "fd_perc": 1.0256410256410255,
  "fwhm_avg": 1.741641111111111,
  "fwhm_x": 1.6029833333333334,
  "fwhm_y": 1.8274299999999999,
  "fwhm_z": 1.79451,
  "gcor": 0.0354281,
  "gsr_x": -0.00839383527636528,
  "gsr_y": 0.03241544961929321,
  "provenance": {
    "md5sum": "35b4a4d53cf7ae50633b3d1cbbbae990",
    "settings": {
      "fd_thres": 0.2,
      "testing": false
    },
    "software": "mriqc",
    "version": "23.0.1",
    "webapi_port": null,
    "webapi_url": "https://mriqc.nimh.nih.gov/api/v1"
  },
  "size_t": 195,
  "size_x": 64,
  "size_y": 64,
  "size_z": 36,
  "snr": 6.223754161241575,
  "spacing_tr": 2.0,
  "spacing_x": 3.0,
  "spacing_y": 3.0,
  "spacing_z": 3.0,
  "summary_bg_k": 29.860877791894005,
  "summary_bg_mad": 13.936460288384795,
  "summary_bg_mean": 43.87474822998047,
  "summary_bg_median": 22.46666717529297,
  "summary_bg_n": 82386.0,
  "summary_bg_p05": 10.174359321594238,
  "summary_bg_p95": 148.66538619995117,
  "summary_bg_stdv": 65.51611328125,
  "summary_fg_k": 3.303974894293602,
  "summary_fg_mad": 107.5000626897721,
  "summary_fg_mean": 778.539306640625,
  "summary_fg_median": 765.6923217773438,
  "summary_fg_n": 33597.0,
  "summary_fg_p05": 619.5620971679688,
  "summary_fg_p95": 978.0390258789062,
  "summary_fg_stdv": 123.02557373046875,
  "tsnr": 72.1260902537033
}