{
  "aor": 0.0006176923076923077,
  "aqi": 0.005149273487179487,
  "bids_meta": {
    "AcquisitionMatrixPE": 64,
    "AcquisitionNumber": 1,
    "AcquisitionTime": "12:13:22.927500",
    "BandwidthPerPixelPhaseEncode": 47.348,
    "BaseResolution": 64,
    "BodyPartExamined": "HEAD",
    "ConsistencyInfo": "N4_VD11D_LATEST_20110129",
    "ConversionSoftware": "dcm2niix",
    "ConversionSoftwareVersion": "v1.0.20180518 GCC4.8.5",
    "DerivedVendorReportedEchoSpacing": 0.000660007,
    "DeviceSerialNumber": "45031",
    "DwellTime": 4.5e-06,
    "EchoTime": 0.03,
    "EchoTrainLength": 32,
    "EffectiveEchoSpacing": 0.000330003,
    "FlipAngle": 71,
    "ImageOrientationPatientDICOM": [
      0.99738,
      0.0319011,
      0.0649219,
      -0.0472097,
      0.967075,
      0.250073
    ],
    "ImageType": [
      "ORIGINAL",
      "PRIMARY",
      "M",
      "ND",
      "NORM",
      "MOSAIC"
    ],
    "InPlanePhaseEncodingDirectionDICOM": "COL",
    "InstitutionAddress": "Washington_and_Faculty_Rd._-_Building_25_25_Princeton_NJ_US_085",
    "InstitutionName": "Princeton_University_-_Neuroscience_Institute",
    "InstitutionalDepartmentName": "Department",
    "MRAcquisitionType": "2D",
    "MagneticFieldStrength": 3,
    "Manufacturer": "Siemens",
    "ManufacturersModelName": "Skyra",
    "Modality": "MR",
    "ParallelReductionFactorInPlane": 2,
    "PartialFourier": 1,
    "PatientPosition": "HFS",
    "PercentPhaseFOV": 100,
    "PhaseEncodingDirection": "j-",
    "PhaseEncodingSteps": 64,
    "PhaseResolution": 1,
    "PixelBandwidth": 1735,
    "ProcedureStepDescription": "NormanLab_Anna",
    "ProtocolName": "epi_195_3x3x3_2s",
    "PulseSequenceDetails": "%SiemensSeq%_ep2d_bold",
    "ReceiveCoilActiveElements": "HE1-4",
    "ReceiveCoilName": "HeadNeck_20",
    "ReconMatrixPE": 64,
    "RepetitionTime": 2,
    "SAR": 0.093011,
    "ScanOptions": "FS",
    "ScanningSequence": "EP",
    "SequenceName": "_epfid2d1_64",
    "SequenceVariant": "SK",
    "SeriesDescription": "epi_195_3x3x3_2s",
    "SeriesNumber": 9,
    "ShimSetting": [
      3202,
      10479,
      10006,
      548,
      -69,
      -306,
      501,
      -157
    ],
    "SliceThickness": 3,
    "SliceTiming": [
      1,
      0,
      1.055,
      0.055,
      1.1125,
      0.1125,
      1.1675,
      0.1675,
      1.2225,
      0.2225,
      1.2775,
      0.2775,
      1.3325,
      0.335,
      1.39,
      0.39,
      1.445,
      0.445,
      1.5,
      0.5,
      1.555,
      0.555,
      1.6125,
      0.6125,
      1.6675,
      0.6675,
      1.7225,
      0.7225,
      1.7775,
      0.7775,
      1.8325,
      0.835,
      1.89,
      0.89,
      1.945,
      0.945
    ],
    "SoftwareVersions": "syngo_MR_D11",
    "SpacingBetweenSlices": 3,
    "StationName": "AWP45031",
    "TotalReadoutTime": 0.0207902,
    "TxRefAmp": 316.868,
    "dataset": "ds001454",
    "modality": "bold",
    "run_id": 1,
    "session_id": "1",
    "subject_id": "09",
    "task_id": "satellite"
  },
  "dummy_trs": 0,
  "dvars_nstd": 23.247899841958766,
  "dvars_std": 1.104235938865979,
  "dvars_vstd": 1.0067553459793817,
  "efc": 0.5876844131535076,
  "fber": 974.6832885742188,
  "fd_mean": 0.04935765300805105,
  "fd_num": 0,
  "fd_perc": 0.0,
  "fwhm_avg": 1.8078111111111113,
  "fwhm_x": 1.7139533333333334,
  "fwhm_y": 1.9081466666666669,
  "fwhm_z": 1.8013333333333332,
  "gcor": 0.0155754,
  "gsr_x": 0.007395084481686354,
  "gsr_y": 0.02772071771323681,
  "provenance": {
    "md5sum": "50ee9d8f14041197c71d439925c85992",
    "settings": {
      "fd_thres": 0.2,
      "testing": false
    },
    "software": "mriqc",
    "version": "23.0.1",
    "webapi_port": null,
    "webapi_url": "https://mriqc.nimh.nih.gov/api/v1"
  },
  "size_t": 195,
  "size_x": 64,
  "size_y": 64,
  "size_z": 36,
  "snr": 5.407057164464391,
  "spacing_tr": 2.0,
  "spacing_x": 3.0,
  "spacing_y": 3.0,
  "spacing_z": 3.0,
  "summary_bg_k": 14.670236552891925,
  "summary_bg_mad": 15.457078564714495,
  "summary_bg_mean": 53.0732307434082,
  "summary_bg_median": 24.066667556762695,
  "summary_bg_n": 79393.0,
  "summary_bg_p05": 11.13846206665039,
  "summary_bg_p95": 234.49846496581932,
  "summary_bg_stdv": 80.09680938720703,
  "summary_fg_k": 2.6877927348359707,
  "summary_fg_mad": 121.38326062466882,
  "summary_fg_mean": 800.1275634765625,
  "summary_fg_median": 782.994873046875,
  "summary_fg_n": 35377.0,
  "summary_fg_p05": 615.07080078125,
  "summary_fg_p95": 1052.3641357421873,
  "summary_fg_stdv": 144.80775451660156,
  "tsnr": 66.11783405742608
}