{
  "aor": 0.0010502051282051282,
  "aqi": 0.005776285282051282,
  "bids_meta": {
    "AcquisitionMatrixPE": 64,
    "AcquisitionNumber": 1,
    "AcquisitionTime": "12:43:47.765000",
    "BandwidthPerPixelPhaseEncode": 47.348,
    "BaseResolution": 64,
    "BodyPartExamined": "HEAD",
    "ConsistencyInfo": "N4_VD11D_LATEST_20110129",
    "ConversionSoftware": "dcm2niix",
    "ConversionSoftwareVersion": "v1.0.20180518 GCC4.8.5",
    "DerivedVendorReportedEchoSpacing": 0.000660007,
    "DeviceSerialNumber": "45031",
    "DwellTime": 4.5e-06,
    "EchoTime": 0.03,
    "EchoTrainLength": 32,
    "EffectiveEchoSpacing": 0.000330003,
    "FlipAngle": 71,
    "ImageOrientationPatientDICOM": [
      0.99738,
      0.0319011,
      0.0649219,
      -0.0472097,
      0.967075,
      0.250073
    ],
    "ImageType": [
      "ORIGINAL",
      "PRIMARY",
      "M",
      "ND",
      "NORM",
      "MOSAIC"
    ],
    "InPlanePhaseEncodingDirectionDICOM": "COL",
    "InstitutionAddress": "Washington_and_Faculty_Rd._-_Building_25_25_Princeton_NJ_US_085",
    "InstitutionName": "Princeton_University_-_Neuroscience_Institute",
    "InstitutionalDepartmentName": "Department",
    "MRAcquisitionType": "2D",
    "MagneticFieldStrength": 3,
    "Manufacturer": "Siemens",
    "ManufacturersModelName": "Skyra",
    "Modality": "MR",
    "ParallelReductionFactorInPlane": 2,
    "PartialFourier": 1,
    "PatientPosition": "HFS",
    "PercentPhaseFOV": 100,
    "PhaseEncodingDirection": "j-",
    "PhaseEncodingSteps": 64,
    "PhaseResolution": 1,
    "PixelBandwidth": 1735,
    "ProcedureStepDescription": "NormanLab_Anna",
    "ProtocolName": "epi_195_3x3x3_2s",
    "PulseSequenceDetails": "%SiemensSeq%_ep2d_bold",
    "ReceiveCoilActiveElements": "HE1-4",
    "ReceiveCoilName": "HeadNeck_20",
    "ReconMatrixPE": 64,
    "RepetitionTime": 2,
    "SAR": 0.093011,
    "ScanOptions": "FS",
    "ScanningSequence": "EP",
    "SequenceName": "_epfid2d1_64",
    "SequenceVariant": "SK",
    "SeriesDescription": "epi_195_3x3x3_2s",
    "SeriesNumber": 13,
    "ShimSetting": [
      3202,
      10479,
      10006,
      548,
      -69,
      -306,
      501,
      -157
    ],
    "SliceThickness": 3,
    "SliceTiming": [
      1,
      0,
      1.055,
      0.0575,
      1.1125,
      0.1125,
      1.1675,
      0.1675,
      1.2225,
      0.2225,
      1.2775,
      0.2775,
      1.335,
      0.335,
      1.39,
      0.39,
      1.445,
      0.445,
      1.5,
      0.5,
      1.555,
      0.555,
      1.6125,
      0.6125,
      1.6675,
      0.6675,
      1.7225,
      0.7225,
      1.7775,
      0.7775,
      1.8325,
      0.835,
      1.89,
      0.89,
      1.945,
      0.945
    ],
    "SoftwareVersions": "syngo_MR_D11",
    "SpacingBetweenSlices": 3,
    "StationName": "AWP45031",
    "TotalReadoutTime": 0.0207902,
    "TxRefAmp": 316.868,
    "dataset": "ds001454",
    "modality": "bold",
    "run_id": 5,
    "session_id": "1",
    "subject_id": "09",
    "task_id": "satellite"
  },
  "dummy_trs": 0,
  "dvars_nstd": 24.680346361237106,
  "dvars_std": 1.1281596097422681,
  "dvars_vstd": 1.0126555868556701,
  "efc": 0.5900020455871667,
  "fber": 933.5921020507812,
  "fd_mean": 0.06541830895425538,
  "fd_num": 2,
  "fd_perc": 1.0256410256410255,
  "fwhm_avg": 1.7999955555555556,
  "fwhm_x": 1.7155433333333334,
  "fwhm_y": 1.8968666666666667,
  "fwhm_z": 1.7875766666666666,
  "gcor": 0.0210334,
  "gsr_x": 0.009624594822525978,
  "gsr_y": 0.026938263326883316,
  "provenance": {
    "md5sum": "ab1588e131fb5eee36eac22441b13961",
    "settings": {
      "fd_thres": 0.2,
      "testing": false
    },
    "software": "mriqc",
    "version": "23.0.1",
    "webapi_port": null,
    "webapi_url": "https://mriqc.nimh.nih.gov/api/v1"
  },
  "size_t": 195,
  "size_x": 64,
  "size_y": 64,
  "size_z": 36,
  "snr": 5.451861988244863,
  "spacing_tr": 2.0,
  "spacing_x": 3.0,
  "spacing_y": 3.0,
  "spacing_z": 3.0,
  "summary_bg_k": 13.392240223090113,
  "summary_bg_mad": 16.1945804718483,
  "summary_bg_mean": 55.01137924194336,
  "summary_bg_median": 24.456411361694336,
  "summary_bg_n": 79354.0,
  "summary_bg_p05": 11.082051277160645,
  "summary_bg_p95": 246.546675872802,
  "summary_bg_stdv": 83.26893615722656,
  "summary_fg_k": 2.7372229099337266,
  "summary_fg_mad": 120.14398832349485,
  "summary_fg_mean": 794.6215209960938,
  "summary_fg_median": 777.871826171875,
  "summary_fg_n": 35319.0,
  "summary_fg_p05": 612.1097778320312,
  "summary_fg_p95": 1041.8723388671874,
  "summary_fg_stdv": 142.67800903320312,
  "tsnr": 63.557300358545035
}