{
  "aor": 0.010879435897435896,
  "aqi": 0.013545995025641024,
  "bids_meta": {
    "AcquisitionMatrixPE": 64,
    "AcquisitionNumber": 1,
    "AcquisitionTime": "12:18:48.600000",
    "BandwidthPerPixelPhaseEncode": 47.348,
    "BaseResolution": 64,
    "BodyPartExamined": "HEAD",
    "ConsistencyInfo": "N4_VD11D_LATEST_20110129",
    "ConversionSoftware": "dcm2niix",
    "ConversionSoftwareVersion": "v1.0.20180518 GCC4.8.5",
    "DerivedVendorReportedEchoSpacing": 0.000660007,
    "DeviceSerialNumber": "45031",
    "DwellTime": 4.5e-06,
    "EchoTime": 0.03,
    "EchoTrainLength": 32,
    "EffectiveEchoSpacing": 0.000330003,
    "FlipAngle": 71,
    "ImageOrientationPatientDICOM": [
      0.999794,
      -0.00940554,
      0.0179768,
      0.00506048,
      0.973653,
      0.227977
    ],
    "ImageType": [
      "ORIGINAL",
      "PRIMARY",
      "M",
      "ND",
      "NORM",
      "MOSAIC"
    ],
    "InPlanePhaseEncodingDirectionDICOM": "COL",
    "InstitutionAddress": "Washington_and_Faculty_Rd._-_Building_25_25_Princeton_NJ_US_085",
    "InstitutionName": "Princeton_University_-_Neuroscience_Institute",
    "InstitutionalDepartmentName": "Department",
    "MRAcquisitionType": "2D",
    "MagneticFieldStrength": 3,
    "Manufacturer": "Siemens",
    "ManufacturersModelName": "Skyra",
    "Modality": "MR",
    "ParallelReductionFactorInPlane": 2,
    "PartialFourier": 1,
    "PatientPosition": "HFS",
    "PercentPhaseFOV": 100,
    "PhaseEncodingDirection": "j-",
    "PhaseEncodingSteps": 64,
    "PhaseResolution": 1,
    "PixelBandwidth": 1735,
    "ProcedureStepDescription": "NormanLab_Anna",
    "ProtocolName": "epi_195_3x3x3_2s",
    "PulseSequenceDetails": "%SiemensSeq%_ep2d_bold",
    "ReceiveCoilActiveElements": "HE1-4",
    "ReceiveCoilName": "HeadNeck_20",
    "ReconMatrixPE": 64,
    "RepetitionTime": 2,
    "SAR": 0.119968,
    "ScanOptions": "FS",
    "ScanningSequence": "EP",
    "SequenceName": "_epfid2d1_64",
    "SequenceVariant": "SK",
    "SeriesDescription": "epi_195_3x3x3_2s",
    "SeriesNumber": 17,
    "ShimSetting": [
      3202,
      10451,
      9935,
      508,
      -106,
      -134,
      453,
      27
    ],
    "SliceThickness": 3,
    "SliceTiming": [
      1,
      0,
      1.055,
      0.055,
      1.11,
      0.11,
      1.165,
      0.165,
      1.22,
      0.2225,
      1.2775,
      0.2775,
      1.3325,
      0.3325,
      1.3875,
      0.3875,
      1.4425,
      0.4425,
      1.5,
      0.5,
      1.555,
      0.555,
      1.61,
      0.61,
      1.665,
      0.665,
      1.72,
      0.7225,
      1.7775,
      0.7775,
      1.8325,
      0.8325,
      1.8875,
      0.8875,
      1.9425,
      0.9425
    ],
    "SoftwareVersions": "syngo_MR_D11",
    "SpacingBetweenSlices": 3,
    "StationName": "AWP45031",
    "TotalReadoutTime": 0.0207902,
    "TxRefAmp": 318.602,
    "dataset": "ds001454",
    "modality": "bold",
    "run_id": 1,
    "session_id": "1",
    "subject_id": "13",
    "task_id": "rest"
  },
  "dummy_trs": 0,
  "dvars_nstd": 23.029716855154643,
  "dvars_std": 1.133237981649484,
  "dvars_vstd": 1.0858604848969078,
  "efc": 0.5889635342809171,
  "fber": 995.9469604492188,
  "fd_mean": 0.1161601359950141,
  "fd_num": 24,
  "fd_perc": 12.307692307692308,
  "fwhm_avg": 1.7584733333333336,
  "fwhm_x": 1.6729200000000002,
  "fwhm_y": 1.8013000000000001,
  "fwhm_z": 1.8012,
  "gcor": 0.0249338,
  "gsr_x": 0.007219760678708553,
  "gsr_y": 0.02334161475300789,
  "provenance": {
    "md5sum": "6f3abc9f948fea4249c9c4bc2aefe4f3",
    "settings": {
      "fd_thres": 0.2,
      "testing": false
    },
    "software": "mriqc",
    "version": "23.0.1",
    "webapi_port": null,
    "webapi_url": "https://mriqc.nimh.nih.gov/api/v1"
  },
  "size_t": 195,
  "size_x": 64,
  "size_y": 64,
  "size_z": 36,
  "snr": 5.8428998666680405,
  "spacing_tr": 2.0,
  "spacing_x": 3.0,
  "spacing_y": 3.0,
  "spacing_z": 3.0,
  "summary_bg_k": 25.32590868004498,
  "summary_bg_mad": 15.483689946583327,
  "summary_bg_mean": 47.16591262817383,
  "summary_bg_median": 23.930770874023438,
  "summary_bg_n": 77972.0,
  "summary_bg_p05": 10.415385246276855,
  "summary_bg_p95": 164.95410537719712,
  "summary_bg_stdv": 75.65678405761719,
  "summary_fg_k": 2.89085002509783,
  "summary_fg_mad": 114.96252703623158,
  "summary_fg_mean": 779.8152465820312,
  "summary_fg_median": 763.2589721679688,
  "summary_fg_n": 36750.0,
  "summary_fg_p05": 610.3710571289063,
  "summary_fg_p95": 999.814660644531,
  "summary_fg_stdv": 130.62838745117188,
  "tsnr": 49.62029079790227
}