{
  "aor": 0.006297179487179487,
  "aqi": 0.007352331794871794,
  "bids_meta": {
    "AcquisitionMatrixPE": 64,
    "AcquisitionNumber": 1,
    "AcquisitionTime": "11:49:25.222500",
    "BandwidthPerPixelPhaseEncode": 47.348,
    "BaseResolution": 64,
    "BodyPartExamined": "HEAD",
    "ConsistencyInfo": "N4_VD11D_LATEST_20110129",
    "ConversionSoftware": "dcm2niix",
    "ConversionSoftwareVersion": "v1.0.20180518 GCC4.8.5",
    "DerivedVendorReportedEchoSpacing": 0.000660007,
    "DeviceSerialNumber": "45031",
    "DwellTime": 4.5e-06,
    "EchoTime": 0.03,
    "EchoTrainLength": 32,
    "EffectiveEchoSpacing": 0.000330003,
    "FlipAngle": 71,
    "ImageOrientationPatientDICOM": [
      0.999794,
      -0.00940554,
      0.0179768,
      0.00506048,
      0.973653,
      0.227977
    ],
    "ImageType": [
      "ORIGINAL",
      "PRIMARY",
      "M",
      "ND",
      "NORM",
      "MOSAIC"
    ],
    "InPlanePhaseEncodingDirectionDICOM": "COL",
    "InstitutionAddress": "Washington_and_Faculty_Rd._-_Building_25_25_Princeton_NJ_US_085",
    "InstitutionName": "Princeton_University_-_Neuroscience_Institute",
    "InstitutionalDepartmentName": "Department",
    "MRAcquisitionType": "2D",
    "MagneticFieldStrength": 3,
    "Manufacturer": "Siemens",
    "ManufacturersModelName": "Skyra",
    "Modality": "MR",
    "ParallelReductionFactorInPlane": 2,
    "PartialFourier": 1,
    "PatientPosition": "HFS",
    "PercentPhaseFOV": 100,
    "PhaseEncodingDirection": "j-",
    "PhaseEncodingSteps": 64,
    "PhaseResolution": 1,
    "PixelBandwidth": 1735,
    "ProcedureStepDescription": "NormanLab_Anna",
    "ProtocolName": "epi_195_3x3x3_2s",
    "PulseSequenceDetails": "%SiemensSeq%_ep2d_bold",
    "ReceiveCoilActiveElements": "HE1-4",
    "ReceiveCoilName": "HeadNeck_20",
    "ReconMatrixPE": 64,
    "RepetitionTime": 2,
    "SAR": 0.119968,
    "ScanOptions": "FS",
    "ScanningSequence": "EP",
    "SequenceName": "_epfid2d1_64",
    "SequenceVariant": "SK",
    "SeriesDescription": "epi_195_3x3x3_2s",
    "SeriesNumber": 13,
    "ShimSetting": [
      3202,
      10451,
      9935,
      508,
      -106,
      -134,
      453,
      27
    ],
    "SliceThickness": 3,
    "SliceTiming": [
      1,
      0,
      1.055,
      0.055,
      1.11,
      0.11,
      1.165,
      0.1675,
      1.2225,
      0.2225,
      1.2775,
      0.2775,
      1.3325,
      0.3325,
      1.3875,
      0.3875,
      1.445,
      0.445,
      1.5,
      0.5,
      1.555,
      0.555,
      1.61,
      0.61,
      1.665,
      0.6675,
      1.7225,
      0.7225,
      1.7775,
      0.7775,
      1.8325,
      0.8325,
      1.8875,
      0.8875,
      1.9425,
      0.945
    ],
    "SoftwareVersions": "syngo_MR_D11",
    "SpacingBetweenSlices": 3,
    "StationName": "AWP45031",
    "TotalReadoutTime": 0.0207902,
    "TxRefAmp": 318.602,
    "dataset": "ds001454",
    "modality": "bold",
    "run_id": 5,
    "session_id": "1",
    "subject_id": "13",
    "task_id": "satellite"
  },
  "dummy_trs": 0,
  "dvars_nstd": 21.27241432510309,
  "dvars_std": 1.1300808219587637,
  "dvars_vstd": 1.0780792575257732,
  "efc": 0.5875334978016478,
  "fber": 1065.399169921875,
  "fd_mean": 0.06809231921757422,
  "fd_num": 7,
  "fd_perc": 3.58974358974359,
  "fwhm_avg": 1.74042,
  "fwhm_x": 1.64626,
  "fwhm_y": 1.7967733333333333,
  "fwhm_z": 1.7782266666666666,
  "gcor": 0.0237738,
  "gsr_x": 0.005138172302395105,
  "gsr_y": 0.024864934384822845,
  "provenance": {
    "md5sum": "1b0c366ac1f8a076f6c3256b323e5ba9",
    "settings": {
      "fd_thres": 0.2,
      "testing": false
    },
    "software": "mriqc",
    "version": "23.0.1",
    "webapi_port": null,
    "webapi_url": "https://mriqc.nimh.nih.gov/api/v1"
  },
  "size_t": 195,
  "size_x": 64,
  "size_y": 64,
  "size_z": 36,
  "snr": 5.771383693832074,
  "spacing_tr": 2.0,
  "spacing_x": 3.0,
  "spacing_y": 3.0,
  "spacing_z": 3.0,
  "summary_bg_k": 27.120553375398895,
  "summary_bg_mad": 14.734784777413912,
  "summary_bg_mean": 46.56887435913086,
  "summary_bg_median": 23.148717880249023,
  "summary_bg_n": 77999.0,
  "summary_bg_p05": 10.271795272827148,
  "summary_bg_p95": 163.71282958984375,
  "summary_bg_stdv": 76.1483383178711,
  "summary_fg_k": 2.933042853732214,
  "summary_fg_mad": 116.13723411017753,
  "summary_fg_mean": 780.9224243164062,
  "summary_fg_median": 763.96923828125,
  "summary_fg_n": 36679.0,
  "summary_fg_p05": 610.1559204101562,
  "summary_fg_p95": 1006.0836303710937,
  "summary_fg_stdv": 132.37013244628906,
  "tsnr": 62.032925052335486
}