{
  "bids_meta": {
    "AcquisitionMatrixPE": 256,
    "AcquisitionNumber": 1,
    "AcquisitionTime": "09:23:33.342500",
    "BaseResolution": 256,
    "BodyPartExamined": "HEAD",
    "ConsistencyInfo": "N4_VD11D_LATEST_20110129",
    "ConversionSoftware": "dcm2niix",
    "ConversionSoftwareVersion": "v1.0.20180518 GCC4.8.5",
    "DeviceSerialNumber": "45031",
    "DwellTime": 9.8e-06,
    "EchoTime": 0.0033,
    "FlipAngle": 7,
    "ImageOrientationPatientDICOM": [
      0,
      1,
      0,
      0,
      0,
      -1
    ],
    "ImageType": [
      "ORIGINAL",
      "PRIMARY",
      "M",
      "ND",
      "NORM"
    ],
    "InPlanePhaseEncodingDirectionDICOM": "ROW",
    "InstitutionAddress": "Washington_and_Faculty_Rd._-_Building_25_25_Princeton_NJ_US_085",
    "InstitutionName": "Princeton_University_-_Neuroscience_Institute",
    "InstitutionalDepartmentName": "Department",
    "InversionTime": 1.1,
    "MRAcquisitionType": "3D",
    "MagneticFieldStrength": 3,
    "Manufacturer": "Siemens",
    "ManufacturersModelName": "Skyra",
    "Modality": "MR",
    "ParallelReductionFactorInPlane": 2,
    "PartialFourier": 1,
    "PatientPosition": "HFS",
    "PercentPhaseFOV": 100,
    "PhaseEncodingSteps": 255,
    "PhaseResolution": 1,
    "PixelBandwidth": 200,
    "ProcedureStepDescription": "NormanLab_Anna",
    "ProtocolName": "MPRAGE_tfl",
    "PulseSequenceDetails": "%SiemensSeq%_tfl",
    "ReceiveCoilActiveElements": "HE1-4",
    "ReceiveCoilName": "HeadNeck_20",
    "ReconMatrixPE": 256,
    "RepetitionTime": 2.53,
    "SAR": 0.0574627,
    "ScanOptions": "IR",
    "ScanningSequence": "GR_IR",
    "SequenceName": "_tfl3d1_16ns",
    "SequenceVariant": "SK_SP_MP",
    "SeriesDescription": "MPRAGE_tfl",
    "SeriesNumber": 5,
    "ShimSetting": [
      3223,
      10495,
      9979,
      363,
      6,
      -238,
      887,
      7
    ],
    "SliceThickness": 1,
    "SoftwareVersions": "syngo_MR_D11",
    "StationName": "AWP45031",
    "TxRefAmp": 322.658,
    "dataset": "ds001454",
    "modality": "T1w",
    "session_id": "2",
    "subject_id": "17"
  },
  "cjv": 0.3337532143468493,
  "cnr": 3.943678319627963,
  "efc": 0.5094835243607051,
  "fber": 22664.631262931558,
  "fwhm_avg": 3.674023333333333,
  "fwhm_x": 3.64317,
  "fwhm_y": 3.90423,
  "fwhm_z": 3.47467,
  "icvs_csf": 0.17425724326011618,
  "icvs_gm": 0.4657915277224937,
  "icvs_wm": 0.3599512290173901,
  "inu_med": 0.5675211846828461,
  "inu_range": 0.2776659116148948,
  "provenance": {
    "md5sum": "0671c7471e39228139c586b6ccb30f31",
    "settings": {
      "testing": false
    },
    "software": "mriqc",
    "version": "23.0.1",
    "warnings": {
      "large_rot_frame": true,
      "small_air_mask": false
    },
    "webapi_port": null,
    "webapi_url": "https://mriqc.nimh.nih.gov/api/v1"
  },
  "qi_1": 0.0,
  "qi_2": 0.017872659674562506,
  "rpve_csf": 24.929113113758245,
  "rpve_gm": 10.45318515684352,
  "rpve_wm": 15.158755968443716,
  "size_x": 176,
  "size_y": 256,
  "size_z": 256,
  "snr_csf": 1.6661636103733006,
  "snr_gm": 8.973732535289338,
  "snr_total": 10.590058753892743,
  "snr_wm": 21.130280116015594,
  "snrd_csf": 20.32720686316372,
  "snrd_gm": 71.28205532334414,
  "snrd_total": 66.76709255905782,
  "snrd_wm": 108.69201549066558,
  "spacing_x": 1.0,
  "spacing_y": 1.0,
  "spacing_z": 1.0,
  "summary_bg_k": 15.679276307099833,
  "summary_bg_mad": 0.0,
  "summary_bg_mean": 3.210825885824965,
  "summary_bg_median": 0.0,
  "summary_bg_n": 3601503.0,
  "summary_bg_p05": 0.0,
  "summary_bg_p95": 14.950942039489746,
  "summary_bg_stdv": 6.027456470431871,
  "summary_csf_k": 1.8499601564978834,
  "summary_csf_mad": 90.935705752848,
  "summary_csf_mean": 209.06360509044436,
  "summary_csf_median": 187.0165579766035,
  "summary_csf_n": 26028.0,
  "summary_csf_p05": 61.516896933317184,
  "summary_csf_p95": 431.3100191675126,
  "summary_csf_stdv": 112.24165752658857,
  "summary_gm_k": 0.2002478686351732,
  "summary_gm_mad": 69.57755226455741,
  "summary_gm_mean": 657.1179617803381,
  "summary_gm_median": 655.8168430030346,
  "summary_gm_n": 49077.0,
  "summary_gm_p05": 537.1904622584582,
  "summary_gm_p95": 781.2697823524475,
  "summary_gm_stdv": 73.08109071458586,
  "summary_wm_k": 0.4229956384101321,
  "summary_wm_mad": 45.29467865895137,
  "summary_wm_mean": 999.414126554246,
  "summary_wm_median": 999.9999878704548,
  "summary_wm_n": 232744.0,
  "summary_wm_p05": 920.8586297482252,
  "summary_wm_p95": 1075.2738279998302,
  "summary_wm_stdv": 47.325347041998626,
  "tpm_overlap_csf": 0.14859698186073605,
  "tpm_overlap_gm": 0.4640690305206614,
  "tpm_overlap_wm": 0.4996320454634932,
  "wm2max": 0.7867586995588957
}