{
  "aor": 0.0011437948717948718,
  "aqi": 0.006795564358974359,
  "bids_meta": {
    "AcquisitionMatrixPE": 64,
    "AcquisitionNumber": 1,
    "AcquisitionTime": "12:07:40.657500",
    "BandwidthPerPixelPhaseEncode": 47.348,
    "BaseResolution": 64,
    "BodyPartExamined": "HEAD",
    "ConsistencyInfo": "N4_VD11D_LATEST_20110129",
    "ConversionSoftware": "dcm2niix",
    "ConversionSoftwareVersion": "v1.0.20180518 GCC4.8.5",
    "DerivedVendorReportedEchoSpacing": 0.000660007,
    "DeviceSerialNumber": "45031",
    "DwellTime": 4.5e-06,
    "EchoTime": 0.03,
    "EchoTrainLength": 32,
    "EffectiveEchoSpacing": 0.000330003,
    "FlipAngle": 71,
    "ImageOrientationPatientDICOM": [
      0.997014,
      -0.0382143,
      -0.0670983,
      0.0482389,
      0.986769,
      0.15479
    ],
    "ImageType": [
      "ORIGINAL",
      "PRIMARY",
      "M",
      "ND",
      "NORM",
      "MOSAIC"
    ],
    "InPlanePhaseEncodingDirectionDICOM": "COL",
    "InstitutionAddress": "Washington_and_Faculty_Rd._-_Building_25_25_Princeton_NJ_US_085",
    "InstitutionName": "Princeton_University_-_Neuroscience_Institute",
    "InstitutionalDepartmentName": "Department",
    "MRAcquisitionType": "2D",
    "MagneticFieldStrength": 3,
    "Manufacturer": "Siemens",
    "ManufacturersModelName": "Skyra",
    "Modality": "MR",
    "ParallelReductionFactorInPlane": 2,
    "PartialFourier": 1,
    "PatientPosition": "HFS",
    "PercentPhaseFOV": 100,
    "PhaseEncodingDirection": "j-",
    "PhaseEncodingSteps": 64,
    "PhaseResolution": 1,
    "PixelBandwidth": 1735,
    "ProcedureStepDescription": "NormanLab_Anna",
    "ProtocolName": "epi_195_3x3x3_2s",
    "PulseSequenceDetails": "%SiemensSeq%_ep2d_bold",
    "ReceiveCoilActiveElements": "HE1-4",
    "ReceiveCoilName": "HeadNeck_20",
    "ReconMatrixPE": 64,
    "RepetitionTime": 2,
    "SAR": 0.113408,
    "ScanOptions": "FS",
    "ScanningSequence": "EP",
    "SequenceName": "_epfid2d1_64",
    "SequenceVariant": "SK",
    "SeriesDescription": "epi_195_3x3x3_2s",
    "SeriesNumber": 16,
    "ShimSetting": [
      3209,
      10505,
      10085,
      558,
      94,
      -185,
      830,
      121
    ],
    "SliceThickness": 3,
    "SliceTiming": [
      0.9975,
      0,
      1.055,
      0.055,
      1.11,
      0.11,
      1.165,
      0.165,
      1.22,
      0.22,
      1.2775,
      0.2775,
      1.3325,
      0.3325,
      1.3875,
      0.3875,
      1.4425,
      0.4425,
      1.4975,
      0.5,
      1.555,
      0.555,
      1.61,
      0.61,
      1.665,
      0.665,
      1.72,
      0.72,
      1.7775,
      0.7775,
      1.8325,
      0.8325,
      1.8875,
      0.8875,
      1.9425,
      0.9425
    ],
    "SoftwareVersions": "syngo_MR_D11",
    "SpacingBetweenSlices": 3,
    "StationName": "AWP45031",
    "TotalReadoutTime": 0.0207902,
    "TxRefAmp": 318.011,
    "dataset": "ds001454",
    "modality": "bold",
    "run_id": 8,
    "session_id": "1",
    "subject_id": "19",
    "task_id": "satellite"
  },
  "dummy_trs": 0,
  "dvars_nstd": 24.69405550783506,
  "dvars_std": 1.1391702104123709,
  "dvars_vstd": 1.0142619844845355,
  "efc": 0.5904725809567885,
  "fber": 1266.5875244140625,
  "fd_mean": 0.1488306609988458,
  "fd_num": 35,
  "fd_perc": 17.94871794871795,
  "fwhm_avg": 1.7265722222222222,
  "fwhm_x": 1.58654,
  "fwhm_y": 1.8839433333333335,
  "fwhm_z": 1.7092333333333334,
  "gcor": 0.0245232,
  "gsr_x": -0.006113452836871147,
  "gsr_y": 0.03483660891652107,
  "provenance": {
    "md5sum": "579fb45ecfd867c08d7d0b919483dc49",
    "settings": {
      "fd_thres": 0.2,
      "testing": false
    },
    "software": "mriqc",
    "version": "23.0.1",
    "webapi_port": null,
    "webapi_url": "https://mriqc.nimh.nih.gov/api/v1"
  },
  "size_t": 195,
  "size_x": 64,
  "size_y": 64,
  "size_z": 36,
  "snr": 6.47919083194003,
  "spacing_tr": 2.0,
  "spacing_x": 3.0,
  "spacing_y": 3.0,
  "spacing_z": 3.0,
  "summary_bg_k": 22.645011249772285,
  "summary_bg_mad": 12.864426404268674,
  "summary_bg_mean": 44.53782653808594,
  "summary_bg_median": 21.02564239501953,
  "summary_bg_n": 77058.0,
  "summary_bg_p05": 9.989744186401367,
  "summary_bg_p95": 158.58026733398435,
  "summary_bg_stdv": 69.29402160644531,
  "summary_fg_k": 2.668187405849592,
  "summary_fg_mad": 109.8266731414321,
  "summary_fg_mean": 778.8563842773438,
  "summary_fg_median": 767.5282592773438,
  "summary_fg_n": 36943.0,
  "summary_fg_p05": 618.503076171875,
  "summary_fg_p95": 972.2703125,
  "summary_fg_stdv": 118.45890808105469,
  "tsnr": 66.68333317898214
}