{
  "aor": 0.000550153846153846,
  "aqi": 0.00852794035897436,
  "bids_meta": {
    "AcquisitionMatrixPE": 64,
    "AcquisitionNumber": 1,
    "AcquisitionTime": "12:14:39.610000",
    "BandwidthPerPixelPhaseEncode": 47.348,
    "BaseResolution": 64,
    "BodyPartExamined": "HEAD",
    "ConsistencyInfo": "N4_VD11D_LATEST_20110129",
    "ConversionSoftware": "dcm2niix",
    "ConversionSoftwareVersion": "v1.0.20180518 GCC4.8.5",
    "DerivedVendorReportedEchoSpacing": 0.000660007,
    "DeviceSerialNumber": "45031",
    "DwellTime": 4.5e-06,
    "EchoTime": 0.03,
    "EchoTrainLength": 32,
    "EffectiveEchoSpacing": 0.000330003,
    "FlipAngle": 71,
    "ImageOrientationPatientDICOM": [
      0.997014,
      -0.0382143,
      -0.0670983,
      0.0482389,
      0.986769,
      0.15479
    ],
    "ImageType": [
      "ORIGINAL",
      "PRIMARY",
      "M",
      "ND",
      "NORM",
      "MOSAIC"
    ],
    "InPlanePhaseEncodingDirectionDICOM": "COL",
    "InstitutionAddress": "Washington_and_Faculty_Rd._-_Building_25_25_Princeton_NJ_US_085",
    "InstitutionName": "Princeton_University_-_Neuroscience_Institute",
    "InstitutionalDepartmentName": "Department",
    "MRAcquisitionType": "2D",
    "MagneticFieldStrength": 3,
    "Manufacturer": "Siemens",
    "ManufacturersModelName": "Skyra",
    "Modality": "MR",
    "ParallelReductionFactorInPlane": 2,
    "PartialFourier": 1,
    "PatientPosition": "HFS",
    "PercentPhaseFOV": 100,
    "PhaseEncodingDirection": "j-",
    "PhaseEncodingSteps": 64,
    "PhaseResolution": 1,
    "PixelBandwidth": 1735,
    "ProcedureStepDescription": "NormanLab_Anna",
    "ProtocolName": "epi_195_3x3x3_2s",
    "PulseSequenceDetails": "%SiemensSeq%_ep2d_bold",
    "ReceiveCoilActiveElements": "HE1-4",
    "ReceiveCoilName": "HeadNeck_20",
    "ReconMatrixPE": 64,
    "RepetitionTime": 2,
    "SAR": 0.113408,
    "ScanOptions": "FS",
    "ScanningSequence": "EP",
    "SequenceName": "_epfid2d1_64",
    "SequenceVariant": "SK",
    "SeriesDescription": "epi_195_3x3x3_2s",
    "SeriesNumber": 17,
    "ShimSetting": [
      3209,
      10505,
      10085,
      558,
      94,
      -185,
      830,
      121
    ],
    "SliceThickness": 3,
    "SliceTiming": [
      1,
      0,
      1.055,
      0.055,
      1.1125,
      0.1125,
      1.1675,
      0.1675,
      1.2225,
      0.2225,
      1.2775,
      0.2775,
      1.3325,
      0.3325,
      1.39,
      0.39,
      1.445,
      0.445,
      1.5,
      0.5,
      1.555,
      0.555,
      1.61,
      0.6125,
      1.6675,
      0.6675,
      1.7225,
      0.7225,
      1.7775,
      0.7775,
      1.8325,
      0.8325,
      1.89,
      0.89,
      1.945,
      0.945
    ],
    "SoftwareVersions": "syngo_MR_D11",
    "SpacingBetweenSlices": 3,
    "StationName": "AWP45031",
    "TotalReadoutTime": 0.0207902,
    "TxRefAmp": 318.011,
    "dataset": "ds001454",
    "modality": "bold",
    "run_id": 1,
    "session_id": "1",
    "subject_id": "19",
    "task_id": "rest"
  },
  "dummy_trs": 0,
  "dvars_nstd": 25.365755641649493,
  "dvars_std": 1.1211339311340203,
  "dvars_vstd": 0.9884626894845364,
  "efc": 0.5909634698659,
  "fber": 1243.4024658203125,
  "fd_mean": 0.14406310128214536,
  "fd_num": 21,
  "fd_perc": 10.76923076923077,
  "fwhm_avg": 1.736001111111111,
  "fwhm_x": 1.5909233333333335,
  "fwhm_y": 1.8792499999999999,
  "fwhm_z": 1.73783,
  "gcor": 0.015038,
  "gsr_x": -0.006447758991271257,
  "gsr_y": 0.03583420440554619,
  "provenance": {
    "md5sum": "43f7d25588662f9b3cf00ba9784914e3",
    "settings": {
      "fd_thres": 0.2,
      "testing": false
    },
    "software": "mriqc",
    "version": "23.0.1",
    "webapi_port": null,
    "webapi_url": "https://mriqc.nimh.nih.gov/api/v1"
  },
  "size_t": 195,
  "size_x": 64,
  "size_y": 64,
  "size_z": 36,
  "snr": 6.502475375146265,
  "spacing_tr": 2.0,
  "spacing_x": 3.0,
  "spacing_y": 3.0,
  "spacing_z": 3.0,
  "summary_bg_k": 22.67994030070437,
  "summary_bg_mad": 12.978473163821306,
  "summary_bg_mean": 44.295738220214844,
  "summary_bg_median": 21.056411743164062,
  "summary_bg_n": 76995.0,
  "summary_bg_p05": 9.948718070983887,
  "summary_bg_p95": 156.81538848876968,
  "summary_bg_stdv": 68.76385498046875,
  "summary_fg_k": 2.712323564965243,
  "summary_fg_mad": 110.294148914186,
  "summary_fg_mean": 776.92138671875,
  "summary_fg_median": 766.3487548828125,
  "summary_fg_n": 36978.0,
  "summary_fg_p05": 616.8864379882813,
  "summary_fg_p95": 969.0905517578126,
  "summary_fg_stdv": 117.85333251953125,
  "tsnr": 63.63515608711168
}