{
  "aor": 0.0010531794871794873,
  "aqi": 0.015338314307692308,
  "bids_meta": {
    "AcquisitionMatrixPE": 64,
    "AcquisitionNumber": 1,
    "AcquisitionTime": "11:53:25.600000",
    "BandwidthPerPixelPhaseEncode": 47.348,
    "BaseResolution": 64,
    "BodyPartExamined": "HEAD",
    "ConsistencyInfo": "N4_VD11D_LATEST_20110129",
    "ConversionSoftware": "dcm2niix",
    "ConversionSoftwareVersion": "v1.0.20180518 GCC4.8.5",
    "DerivedVendorReportedEchoSpacing": 0.000660007,
    "DeviceSerialNumber": "45031",
    "DwellTime": 4.5e-06,
    "EchoTime": 0.03,
    "EchoTrainLength": 32,
    "EffectiveEchoSpacing": 0.000330003,
    "FlipAngle": 71,
    "ImageOrientationPatientDICOM": [
      0.997014,
      -0.0382143,
      -0.0670983,
      0.0482389,
      0.986769,
      0.15479
    ],
    "ImageType": [
      "ORIGINAL",
      "PRIMARY",
      "M",
      "ND",
      "NORM",
      "MOSAIC"
    ],
    "InPlanePhaseEncodingDirectionDICOM": "COL",
    "InstitutionAddress": "Washington_and_Faculty_Rd._-_Building_25_25_Princeton_NJ_US_085",
    "InstitutionName": "Princeton_University_-_Neuroscience_Institute",
    "InstitutionalDepartmentName": "Department",
    "MRAcquisitionType": "2D",
    "MagneticFieldStrength": 3,
    "Manufacturer": "Siemens",
    "ManufacturersModelName": "Skyra",
    "Modality": "MR",
    "ParallelReductionFactorInPlane": 2,
    "PartialFourier": 1,
    "PatientPosition": "HFS",
    "PercentPhaseFOV": 100,
    "PhaseEncodingDirection": "j-",
    "PhaseEncodingSteps": 64,
    "PhaseResolution": 1,
    "PixelBandwidth": 1735,
    "ProcedureStepDescription": "NormanLab_Anna",
    "ProtocolName": "epi_195_3x3x3_2s",
    "PulseSequenceDetails": "%SiemensSeq%_ep2d_bold",
    "ReceiveCoilActiveElements": "HE1-4",
    "ReceiveCoilName": "HeadNeck_20",
    "ReconMatrixPE": 64,
    "RepetitionTime": 2,
    "SAR": 0.113408,
    "ScanOptions": "FS",
    "ScanningSequence": "EP",
    "SequenceName": "_epfid2d1_64",
    "SequenceVariant": "SK",
    "SeriesDescription": "epi_195_3x3x3_2s",
    "SeriesNumber": 14,
    "ShimSetting": [
      3209,
      10505,
      10085,
      558,
      94,
      -185,
      830,
      121
    ],
    "SliceThickness": 3,
    "SliceTiming": [
      1,
      0,
      1.055,
      0.055,
      1.11,
      0.11,
      1.165,
      0.165,
      1.22,
      0.2225,
      1.2775,
      0.2775,
      1.3325,
      0.3325,
      1.3875,
      0.3875,
      1.4425,
      0.4425,
      1.5,
      0.5,
      1.555,
      0.555,
      1.61,
      0.61,
      1.665,
      0.665,
      1.72,
      0.72,
      1.7775,
      0.7775,
      1.8325,
      0.8325,
      1.8875,
      0.8875,
      1.9425,
      0.9425
    ],
    "SoftwareVersions": "syngo_MR_D11",
    "SpacingBetweenSlices": 3,
    "StationName": "AWP45031",
    "TotalReadoutTime": 0.0207902,
    "TxRefAmp": 318.011,
    "dataset": "ds001454",
    "modality": "bold",
    "run_id": 6,
    "session_id": "1",
    "subject_id": "19",
    "task_id": "satellite"
  },
  "dummy_trs": 0,
  "dvars_nstd": 24.919119490670095,
  "dvars_std": 1.0640754760824747,
  "dvars_vstd": 0.95947431443299,
  "efc": 0.5905083198489635,
  "fber": 1239.2340087890625,
  "fd_mean": 0.14936746674484128,
  "fd_num": 35,
  "fd_perc": 17.94871794871795,
  "fwhm_avg": 1.7401766666666667,
  "fwhm_x": 1.59481,
  "fwhm_y": 1.88877,
  "fwhm_z": 1.73695,
  "gcor": 0.0119907,
  "gsr_x": -0.006466954480856657,
  "gsr_y": 0.035111021250486374,
  "provenance": {
    "md5sum": "175f919ce71d45aa379c1bfcc2d727b4",
    "settings": {
      "fd_thres": 0.2,
      "testing": false
    },
    "software": "mriqc",
    "version": "23.0.1",
    "webapi_port": null,
    "webapi_url": "https://mriqc.nimh.nih.gov/api/v1"
  },
  "size_t": 195,
  "size_x": 64,
  "size_y": 64,
  "size_z": 36,
  "snr": 6.531207585760405,
  "spacing_tr": 2.0,
  "spacing_x": 3.0,
  "spacing_y": 3.0,
  "spacing_z": 3.0,
  "summary_bg_k": 22.75660779674657,
  "summary_bg_mad": 13.198962623009958,
  "summary_bg_mean": 44.055145263671875,
  "summary_bg_median": 21.235898971557617,
  "summary_bg_n": 77023.0,
  "summary_bg_p05": 9.933333396911621,
  "summary_bg_p95": 152.04000549316402,
  "summary_bg_stdv": 67.61705780029297,
  "summary_fg_k": 2.702408632540614,
  "summary_fg_mad": 111.00513558598766,
  "summary_fg_mean": 782.1006469726562,
  "summary_fg_median": 771.4205322265625,
  "summary_fg_n": 36975.0,
  "summary_fg_p05": 622.5564392089843,
  "summary_fg_p95": 974.3128662109373,
  "summary_fg_stdv": 118.11140441894531,
  "tsnr": 51.933243954670615
}