{
  "aor": 0.0005746153846153846,
  "aqi": 0.00826184271794872,
  "bids_meta": {
    "AcquisitionMatrixPE": 64,
    "AcquisitionNumber": 1,
    "AcquisitionTime": "22:45:22.482500",
    "BandwidthPerPixelPhaseEncode": 47.348,
    "BaseResolution": 64,
    "BodyPartExamined": "HEAD",
    "ConsistencyInfo": "N4_VD11D_LATEST_20110129",
    "ConversionSoftware": "dcm2niix",
    "ConversionSoftwareVersion": "v1.0.20180518 GCC4.8.5",
    "DerivedVendorReportedEchoSpacing": 0.000660007,
    "DeviceSerialNumber": "45031",
    "DwellTime": 4.5e-06,
    "EchoTime": 0.03,
    "EchoTrainLength": 32,
    "EffectiveEchoSpacing": 0.000330003,
    "FlipAngle": 71,
    "ImageOrientationPatientDICOM": [
      0.996995,
      -0.0768174,
      -0.0100071,
      0.0774148,
      0.983263,
      0.164924
    ],
    "ImageType": [
      "ORIGINAL",
      "PRIMARY",
      "M",
      "ND",
      "NORM",
      "MOSAIC"
    ],
    "InPlanePhaseEncodingDirectionDICOM": "COL",
    "InstitutionAddress": "Washington_and_Faculty_Rd._-_Building_25_25_Princeton_NJ_US_085",
    "InstitutionName": "Princeton_University_-_Neuroscience_Institute",
    "InstitutionalDepartmentName": "Department",
    "MRAcquisitionType": "2D",
    "MagneticFieldStrength": 3,
    "Manufacturer": "Siemens",
    "ManufacturersModelName": "Skyra",
    "Modality": "MR",
    "ParallelReductionFactorInPlane": 2,
    "PartialFourier": 1,
    "PatientPosition": "HFS",
    "PercentPhaseFOV": 100,
    "PhaseEncodingDirection": "j-",
    "PhaseEncodingSteps": 64,
    "PhaseResolution": 1,
    "PixelBandwidth": 1735,
    "ProcedureStepDescription": "NormanLab_Anna",
    "ProtocolName": "epi_195_3x3x3_2s",
    "PulseSequenceDetails": "%SiemensSeq%_ep2d_bold",
    "ReceiveCoilActiveElements": "HE1-4",
    "ReceiveCoilName": "HeadNeck_20",
    "ReconMatrixPE": 64,
    "RepetitionTime": 2,
    "SAR": 0.132899,
    "ScanOptions": "FS",
    "ScanningSequence": "EP",
    "SequenceName": "_epfid2d1_64",
    "SequenceVariant": "SK",
    "SeriesDescription": "epi_195_3x3x3_2s",
    "SeriesNumber": 10,
    "ShimSetting": [
      3205,
      10527,
      10051,
      495,
      22,
      122,
      670,
      71
    ],
    "SliceThickness": 3,
    "SliceTiming": [
      1,
      0,
      1.055,
      0.055,
      1.11,
      0.11,
      1.165,
      0.165,
      1.22,
      0.2225,
      1.2775,
      0.2775,
      1.3325,
      0.3325,
      1.3875,
      0.3875,
      1.4425,
      0.4425,
      1.5,
      0.5,
      1.555,
      0.555,
      1.61,
      0.61,
      1.665,
      0.665,
      1.72,
      0.7225,
      1.7775,
      0.7775,
      1.8325,
      0.8325,
      1.8875,
      0.8875,
      1.9425,
      0.9425
    ],
    "SoftwareVersions": "syngo_MR_D11",
    "SpacingBetweenSlices": 3,
    "StationName": "AWP45031",
    "TotalReadoutTime": 0.0207902,
    "TxRefAmp": 336.473,
    "dataset": "ds001454",
    "modality": "bold",
    "run_id": 2,
    "session_id": "2",
    "subject_id": "19",
    "task_id": "satellite"
  },
  "dummy_trs": 0,
  "dvars_nstd": 27.938721155670112,
  "dvars_std": 1.155971727628866,
  "dvars_vstd": 0.9999142121649482,
  "efc": 0.5897432190810566,
  "fber": 1203.346435546875,
  "fd_mean": 0.14052493622613138,
  "fd_num": 22,
  "fd_perc": 11.282051282051283,
  "fwhm_avg": 1.6964611111111114,
  "fwhm_x": 1.5475833333333335,
  "fwhm_y": 1.8396266666666667,
  "fwhm_z": 1.7021733333333333,
  "gcor": 0.0106192,
  "gsr_x": -0.008062675595283508,
  "gsr_y": 0.038236796855926514,
  "provenance": {
    "md5sum": "e19f53c78cfdb8e37d46f3a62fe1af00",
    "settings": {
      "fd_thres": 0.2,
      "testing": false
    },
    "software": "mriqc",
    "version": "23.0.1",
    "webapi_port": null,
    "webapi_url": "https://mriqc.nimh.nih.gov/api/v1"
  },
  "size_t": 195,
  "size_x": 64,
  "size_y": 64,
  "size_z": 36,
  "snr": 6.570687486457586,
  "spacing_tr": 2.0,
  "spacing_x": 3.0,
  "spacing_y": 3.0,
  "spacing_z": 3.0,
  "summary_bg_k": 25.741114758184462,
  "summary_bg_mad": 11.146126606741191,
  "summary_bg_mean": 40.63245391845703,
  "summary_bg_median": 19.61025619506836,
  "summary_bg_n": 77562.0,
  "summary_bg_p05": 9.907692909240723,
  "summary_bg_p95": 145.97667160034163,
  "summary_bg_stdv": 63.35203170776367,
  "summary_fg_k": 2.9884397976034487,
  "summary_fg_mad": 98.9541965451523,
  "summary_fg_mean": 711.2320556640625,
  "summary_fg_median": 700.80517578125,
  "summary_fg_n": 36643.0,
  "summary_fg_p05": 567.5394775390625,
  "summary_fg_p95": 884.1630981445313,
  "summary_fg_stdv": 106.65483856201172,
  "tsnr": 62.68304315395653
}