{
  "aor": 0.0008108205128205128,
  "aqi": 0.00727106482051282,
  "bids_meta": {
    "AcquisitionMatrixPE": 64,
    "AcquisitionNumber": 1,
    "AcquisitionTime": "23:21:0.740000",
    "BandwidthPerPixelPhaseEncode": 47.348,
    "BaseResolution": 64,
    "BodyPartExamined": "HEAD",
    "ConsistencyInfo": "N4_VD11D_LATEST_20110129",
    "ConversionSoftware": "dcm2niix",
    "ConversionSoftwareVersion": "v1.0.20180518 GCC4.8.5",
    "DerivedVendorReportedEchoSpacing": 0.000660007,
    "DeviceSerialNumber": "45031",
    "DwellTime": 4.5e-06,
    "EchoTime": 0.03,
    "EchoTrainLength": 32,
    "EffectiveEchoSpacing": 0.000330003,
    "FlipAngle": 71,
    "ImageOrientationPatientDICOM": [
      0.996995,
      -0.0768174,
      -0.0100071,
      0.0774148,
      0.983263,
      0.164924
    ],
    "ImageType": [
      "ORIGINAL",
      "PRIMARY",
      "M",
      "ND",
      "NORM",
      "MOSAIC"
    ],
    "InPlanePhaseEncodingDirectionDICOM": "COL",
    "InstitutionAddress": "Washington_and_Faculty_Rd._-_Building_25_25_Princeton_NJ_US_085",
    "InstitutionName": "Princeton_University_-_Neuroscience_Institute",
    "InstitutionalDepartmentName": "Department",
    "MRAcquisitionType": "2D",
    "MagneticFieldStrength": 3,
    "Manufacturer": "Siemens",
    "ManufacturersModelName": "Skyra",
    "Modality": "MR",
    "ParallelReductionFactorInPlane": 2,
    "PartialFourier": 1,
    "PatientPosition": "HFS",
    "PercentPhaseFOV": 100,
    "PhaseEncodingDirection": "j-",
    "PhaseEncodingSteps": 64,
    "PhaseResolution": 1,
    "PixelBandwidth": 1735,
    "ProcedureStepDescription": "NormanLab_Anna",
    "ProtocolName": "epi_195_3x3x3_2s",
    "PulseSequenceDetails": "%SiemensSeq%_ep2d_bold",
    "ReceiveCoilActiveElements": "HE1-4",
    "ReceiveCoilName": "HeadNeck_20",
    "ReconMatrixPE": 64,
    "RepetitionTime": 2,
    "SAR": 0.132899,
    "ScanOptions": "FS",
    "ScanningSequence": "EP",
    "SequenceName": "_epfid2d1_64",
    "SequenceVariant": "SK",
    "SeriesDescription": "epi_195_3x3x3_2s",
    "SeriesNumber": 15,
    "ShimSetting": [
      3205,
      10527,
      10051,
      495,
      22,
      122,
      670,
      71
    ],
    "SliceThickness": 3,
    "SliceTiming": [
      1,
      0,
      1.055,
      0.055,
      1.11,
      0.1125,
      1.1675,
      0.1675,
      1.2225,
      0.2225,
      1.2775,
      0.2775,
      1.3325,
      0.3325,
      1.39,
      0.39,
      1.445,
      0.445,
      1.5,
      0.5,
      1.555,
      0.555,
      1.61,
      0.61,
      1.6675,
      0.6675,
      1.7225,
      0.7225,
      1.7775,
      0.7775,
      1.8325,
      0.8325,
      1.8875,
      0.89,
      1.945,
      0.945
    ],
    "SoftwareVersions": "syngo_MR_D11",
    "SpacingBetweenSlices": 3,
    "StationName": "AWP45031",
    "TotalReadoutTime": 0.0207902,
    "TxRefAmp": 336.473,
    "dataset": "ds001454",
    "modality": "bold",
    "run_id": 7,
    "session_id": "2",
    "subject_id": "19",
    "task_id": "satellite"
  },
  "dummy_trs": 0,
  "dvars_nstd": 26.7093510676804,
  "dvars_std": 1.1372303945876283,
  "dvars_vstd": 1.0108582423195884,
  "efc": 0.5899952610740035,
  "fber": 1218.623291015625,
  "fd_mean": 0.14939185982689035,
  "fd_num": 29,
  "fd_perc": 14.871794871794872,
  "fwhm_avg": 1.7015366666666667,
  "fwhm_x": 1.5531933333333334,
  "fwhm_y": 1.84256,
  "fwhm_z": 1.7088566666666667,
  "gcor": 0.0177015,
  "gsr_x": -0.006884535774588585,
  "gsr_y": 0.03914569318294525,
  "provenance": {
    "md5sum": "54ebd3de821a294f02476e2aaf1450b6",
    "settings": {
      "fd_thres": 0.2,
      "testing": false
    },
    "software": "mriqc",
    "version": "23.0.1",
    "webapi_port": null,
    "webapi_url": "https://mriqc.nimh.nih.gov/api/v1"
  },
  "size_t": 195,
  "size_x": 64,
  "size_y": 64,
  "size_z": 36,
  "snr": 6.530236930980316,
  "spacing_tr": 2.0,
  "spacing_x": 3.0,
  "spacing_y": 3.0,
  "spacing_z": 3.0,
  "summary_bg_k": 25.026738713813497,
  "summary_bg_mad": 11.077698551009611,
  "summary_bg_mean": 40.885982513427734,
  "summary_bg_median": 19.461538314819336,
  "summary_bg_n": 77304.0,
  "summary_bg_p05": 9.769230842590332,
  "summary_bg_p95": 147.03000335693267,
  "summary_bg_stdv": 64.4267349243164,
  "summary_fg_k": 3.1489478823659933,
  "summary_fg_mad": 99.28114001533424,
  "summary_fg_mean": 712.173095703125,
  "summary_fg_median": 701.6436157226562,
  "summary_fg_n": 36794.0,
  "summary_fg_p05": 568.7620483398438,
  "summary_fg_p95": 886.4720581054687,
  "summary_fg_stdv": 107.44389343261719,
  "tsnr": 64.76234528748319
}