{
  "bids_meta": {
    "AcquisitionMatrixPE": 256,
    "AcquisitionNumber": 1,
    "AcquisitionTime": "09:22:55.630000",
    "BaseResolution": 256,
    "BodyPartExamined": "HEAD",
    "ConsistencyInfo": "N4_VD11D_LATEST_20110129",
    "ConversionSoftware": "dcm2niix",
    "ConversionSoftwareVersion": "v1.0.20180518 GCC4.8.5",
    "DeviceSerialNumber": "45031",
    "DwellTime": 9.8e-06,
    "EchoTime": 0.0033,
    "FlipAngle": 7,
    "ImageOrientationPatientDICOM": [
      0,
      1,
      0,
      0,
      0,
      -1
    ],
    "ImageType": [
      "ORIGINAL",
      "PRIMARY",
      "M",
      "ND",
      "NORM"
    ],
    "InPlanePhaseEncodingDirectionDICOM": "ROW",
    "InstitutionAddress": "Washington_and_Faculty_Rd._-_Building_25_25_Princeton_NJ_US_085",
    "InstitutionName": "Princeton_University_-_Neuroscience_Institute",
    "InstitutionalDepartmentName": "Department",
    "InversionTime": 1.1,
    "MRAcquisitionType": "3D",
    "MagneticFieldStrength": 3,
    "Manufacturer": "Siemens",
    "ManufacturersModelName": "Skyra",
    "Modality": "MR",
    "ParallelReductionFactorInPlane": 2,
    "PartialFourier": 1,
    "PatientPosition": "HFS",
    "PercentPhaseFOV": 100,
    "PhaseEncodingSteps": 255,
    "PhaseResolution": 1,
    "PixelBandwidth": 200,
    "ProcedureStepDescription": "NormanLab_Anna",
    "ProtocolName": "MPRAGE_tfl",
    "PulseSequenceDetails": "%SiemensSeq%_tfl",
    "ReceiveCoilActiveElements": "HE1-4",
    "ReceiveCoilName": "HeadNeck_20",
    "ReconMatrixPE": 256,
    "RepetitionTime": 2.53,
    "SAR": 0.0591823,
    "ScanOptions": "IR",
    "ScanningSequence": "GR_IR",
    "SequenceName": "_tfl3d1_16ns",
    "SequenceVariant": "SK_SP_MP",
    "SeriesDescription": "MPRAGE_tfl",
    "SeriesNumber": 5,
    "ShimSetting": [
      3180,
      10449,
      9989,
      373,
      -75,
      -319,
      814,
      21
    ],
    "SliceThickness": 1,
    "SoftwareVersions": "syngo_MR_D11",
    "StationName": "AWP45031",
    "TxRefAmp": 325.207,
    "dataset": "ds001454",
    "modality": "T1w",
    "session_id": "2",
    "subject_id": "12"
  },
  "cjv": 0.33106209059299824,
  "cnr": 3.9909626812763803,
  "efc": 0.5039834417183734,
  "fber": 16421.23042861006,
  "fwhm_avg": 3.6301466666666666,
  "fwhm_x": 3.68008,
  "fwhm_y": 3.83831,
  "fwhm_z": 3.37205,
  "icvs_csf": 0.19191346402327017,
  "icvs_gm": 0.46868046344486136,
  "icvs_wm": 0.3394060725318685,
  "inu_med": 0.6179532110691071,
  "inu_range": 0.2751610159873962,
  "provenance": {
    "md5sum": "cb36612aa6aa7129685432c0afcb4187",
    "settings": {
      "testing": false
    },
    "software": "mriqc",
    "version": "23.0.1",
    "warnings": {
      "large_rot_frame": true,
      "small_air_mask": false
    },
    "webapi_port": null,
    "webapi_url": "https://mriqc.nimh.nih.gov/api/v1"
  },
  "qi_1": 0.0,
  "qi_2": 0.010770323404544356,
  "rpve_csf": 26.82652578531518,
  "rpve_gm": 12.149058359712352,
  "rpve_wm": 18.802302881965407,
  "size_x": 176,
  "size_y": 256,
  "size_z": 256,
  "snr_csf": 1.7871044883040237,
  "snr_gm": 8.947021618423964,
  "snr_total": 10.447944055382164,
  "snr_wm": 20.609706059418503,
  "snrd_csf": 20.6672729427506,
  "snrd_gm": 54.77875710825456,
  "snrd_total": 53.24150944160522,
  "snrd_wm": 84.2784982738105,
  "spacing_x": 1.0,
  "spacing_y": 1.0,
  "spacing_z": 1.0,
  "summary_bg_k": 714.8572154050269,
  "summary_bg_mad": 0.0,
  "summary_bg_mean": 3.7735998292481057,
  "summary_bg_median": 0.0,
  "summary_bg_n": 3236507.0,
  "summary_bg_p05": 0.0,
  "summary_bg_p95": 16.91724300570786,
  "summary_bg_stdv": 7.773261340990106,
  "summary_csf_k": 0.5846950737239629,
  "summary_csf_mad": 142.05563341036054,
  "summary_csf_mean": 262.47943490287474,
  "summary_csf_median": 245.21933720912784,
  "summary_csf_n": 24568.0,
  "summary_csf_p05": 65.84949429733679,
  "summary_csf_p95": 508.0901634240522,
  "summary_csf_stdv": 137.21321172793523,
  "summary_gm_k": 0.18581669836647485,
  "summary_gm_mad": 69.98109098531445,
  "summary_gm_mean": 650.5001768090299,
  "summary_gm_median": 649.9556350968778,
  "summary_gm_n": 49411.0,
  "summary_gm_p05": 531.2256362913176,
  "summary_gm_p95": 772.4241025475785,
  "summary_gm_stdv": 72.64418101901053,
  "summary_wm_k": 0.6927279546967942,
  "summary_wm_mad": 45.89643061202105,
  "summary_wm_mean": 999.1500806554473,
  "summary_wm_median": 999.9731239303946,
  "summary_wm_n": 186711.0,
  "summary_wm_p05": 918.6412593051791,
  "summary_wm_p95": 1076.141060642898,
  "summary_wm_stdv": 48.51939388074788,
  "tpm_overlap_csf": 0.13321299256410457,
  "tpm_overlap_gm": 0.47559964166298246,
  "tpm_overlap_wm": 0.5077498650676658,
  "wm2max": 0.7312851579402856
}