{
  "aor": 0.0013022051282051282,
  "aqi": 0.01053274594871795,
  "bids_meta": {
    "AcquisitionMatrixPE": 64,
    "AcquisitionNumber": 1,
    "AcquisitionTime": "20:48:51.790000",
    "BandwidthPerPixelPhaseEncode": 47.348,
    "BaseResolution": 64,
    "BodyPartExamined": "HEAD",
    "ConsistencyInfo": "N4_VD11D_LATEST_20110129",
    "ConversionSoftware": "dcm2niix",
    "ConversionSoftwareVersion": "v1.0.20180518 GCC4.8.5",
    "DerivedVendorReportedEchoSpacing": 0.000660007,
    "DeviceSerialNumber": "45031",
    "DwellTime": 4.5e-06,
    "EchoTime": 0.03,
    "EchoTrainLength": 32,
    "EffectiveEchoSpacing": 0.000330003,
    "FlipAngle": 71,
    "ImageOrientationPatientDICOM": [
      0.994465,
      -0.0123581,
      0.104344,
      -0.00364493,
      0.988404,
      0.151802
    ],
    "ImageType": [
      "ORIGINAL",
      "PRIMARY",
      "M",
      "ND",
      "NORM",
      "MOSAIC"
    ],
    "InPlanePhaseEncodingDirectionDICOM": "COL",
    "InstitutionAddress": "Washington_and_Faculty_Rd._-_Building_25_25_Princeton_NJ_US_085",
    "InstitutionName": "Princeton_University_-_Neuroscience_Institute",
    "InstitutionalDepartmentName": "Department",
    "MRAcquisitionType": "2D",
    "MagneticFieldStrength": 3,
    "Manufacturer": "Siemens",
    "ManufacturersModelName": "Skyra",
    "Modality": "MR",
    "ParallelReductionFactorInPlane": 2,
    "PartialFourier": 1,
    "PatientPosition": "HFS",
    "PercentPhaseFOV": 100,
    "PhaseEncodingDirection": "j-",
    "PhaseEncodingSteps": 64,
    "PhaseResolution": 1,
    "PixelBandwidth": 1735,
    "ProcedureStepDescription": "NormanLab_Anna",
    "ProtocolName": "epi_195_3x3x3_2s",
    "PulseSequenceDetails": "%SiemensSeq%_ep2d_bold",
    "ReceiveCoilActiveElements": "HE1-4",
    "ReceiveCoilName": "HeadNeck_20",
    "ReconMatrixPE": 64,
    "RepetitionTime": 2,
    "SAR": 0.105443,
    "ScanOptions": "FS",
    "ScanningSequence": "EP",
    "SequenceName": "_epfid2d1_64",
    "SequenceVariant": "SK",
    "SeriesDescription": "epi_195_3x3x3_2s",
    "SeriesNumber": 11,
    "ShimSetting": [
      3254,
      10577,
      10032,
      491,
      -210,
      212,
      974,
      -17
    ],
    "SliceThickness": 3,
    "SliceTiming": [
      0.9975,
      0,
      1.055,
      0.055,
      1.11,
      0.11,
      1.165,
      0.165,
      1.22,
      0.22,
      1.2775,
      0.2775,
      1.3325,
      0.3325,
      1.3875,
      0.3875,
      1.4425,
      0.4425,
      1.4975,
      0.5,
      1.555,
      0.555,
      1.61,
      0.61,
      1.665,
      0.665,
      1.72,
      0.72,
      1.7775,
      0.7775,
      1.8325,
      0.8325,
      1.8875,
      0.8875,
      1.9425,
      0.9425
    ],
    "SoftwareVersions": "syngo_MR_D11",
    "SpacingBetweenSlices": 3,
    "StationName": "AWP45031",
    "TotalReadoutTime": 0.0207902,
    "TxRefAmp": 318.574,
    "dataset": "ds001454",
    "modality": "bold",
    "run_id": 3,
    "session_id": "1",
    "subject_id": "17",
    "task_id": "satellite"
  },
  "dummy_trs": 0,
  "dvars_nstd": 26.461687943195866,
  "dvars_std": 1.1685450670103097,
  "dvars_vstd": 0.9902686296391753,
  "efc": 0.6297420910448048,
  "fber": 1069.852294921875,
  "fd_mean": 0.15065495646405605,
  "fd_num": 34,
  "fd_perc": 17.435897435897434,
  "fwhm_avg": 1.7544733333333333,
  "fwhm_x": 1.5725066666666667,
  "fwhm_y": 1.9641266666666668,
  "fwhm_z": 1.7267866666666667,
  "gcor": 0.0112133,
  "gsr_x": -0.018188875168561935,
  "gsr_y": 0.06235889717936516,
  "provenance": {
    "md5sum": "2682520c5781323ff912e556f632cd5b",
    "settings": {
      "fd_thres": 0.2,
      "testing": false
    },
    "software": "mriqc",
    "version": "23.0.1",
    "webapi_port": null,
    "webapi_url": "https://mriqc.nimh.nih.gov/api/v1"
  },
  "size_t": 195,
  "size_x": 64,
  "size_y": 64,
  "size_z": 36,
  "snr": 5.908423596648417,
  "spacing_tr": 2.0,
  "spacing_x": 3.0,
  "spacing_y": 3.0,
  "spacing_z": 3.0,
  "summary_bg_k": 21.111904040363626,
  "summary_bg_mad": 17.03091960478186,
  "summary_bg_mean": 57.27942657470703,
  "summary_bg_median": 25.27179527282715,
  "summary_bg_n": 70593.0,
  "summary_bg_p05": 10.584615707397461,
  "summary_bg_p95": 225.23282470703106,
  "summary_bg_stdv": 85.50220489501953,
  "summary_fg_k": 2.9098637325107894,
  "summary_fg_mad": 129.33614017640122,
  "summary_fg_mean": 869.1080932617188,
  "summary_fg_median": 855.3974609375,
  "summary_fg_n": 42862.0,
  "summary_fg_p05": 675.7053955078125,
  "summary_fg_p95": 1110.5943359374999,
  "summary_fg_stdv": 144.77423095703125,
  "tsnr": 55.68955753277987
}