{
  "aor": 0.0010504102564102566,
  "aqi": 0.010349516153846152,
  "bids_meta": {
    "AcquisitionMatrixPE": 64,
    "AcquisitionNumber": 1,
    "AcquisitionTime": "21:32:29.895000",
    "BandwidthPerPixelPhaseEncode": 47.348,
    "BaseResolution": 64,
    "BodyPartExamined": "HEAD",
    "ConsistencyInfo": "N4_VD11D_LATEST_20110129",
    "ConversionSoftware": "dcm2niix",
    "ConversionSoftwareVersion": "v1.0.20180518 GCC4.8.5",
    "DerivedVendorReportedEchoSpacing": 0.000660007,
    "DeviceSerialNumber": "45031",
    "DwellTime": 4.5e-06,
    "EchoTime": 0.03,
    "EchoTrainLength": 32,
    "EffectiveEchoSpacing": 0.000330003,
    "FlipAngle": 71,
    "ImageOrientationPatientDICOM": [
      0.994465,
      -0.0123581,
      0.104344,
      -0.00364493,
      0.988404,
      0.151802
    ],
    "ImageType": [
      "ORIGINAL",
      "PRIMARY",
      "M",
      "ND",
      "NORM",
      "MOSAIC"
    ],
    "InPlanePhaseEncodingDirectionDICOM": "COL",
    "InstitutionAddress": "Washington_and_Faculty_Rd._-_Building_25_25_Princeton_NJ_US_085",
    "InstitutionName": "Princeton_University_-_Neuroscience_Institute",
    "InstitutionalDepartmentName": "Department",
    "MRAcquisitionType": "2D",
    "MagneticFieldStrength": 3,
    "Manufacturer": "Siemens",
    "ManufacturersModelName": "Skyra",
    "Modality": "MR",
    "ParallelReductionFactorInPlane": 2,
    "PartialFourier": 1,
    "PatientPosition": "HFS",
    "PercentPhaseFOV": 100,
    "PhaseEncodingDirection": "j-",
    "PhaseEncodingSteps": 64,
    "PhaseResolution": 1,
    "PixelBandwidth": 1735,
    "ProcedureStepDescription": "NormanLab_Anna",
    "ProtocolName": "epi_195_3x3x3_2s",
    "PulseSequenceDetails": "%SiemensSeq%_ep2d_bold",
    "ReceiveCoilActiveElements": "HE1-4",
    "ReceiveCoilName": "HeadNeck_20",
    "ReconMatrixPE": 64,
    "RepetitionTime": 2,
    "SAR": 0.105443,
    "ScanOptions": "FS",
    "ScanningSequence": "EP",
    "SequenceName": "_epfid2d1_64",
    "SequenceVariant": "SK",
    "SeriesDescription": "epi_195_3x3x3_2s",
    "SeriesNumber": 17,
    "ShimSetting": [
      3254,
      10577,
      10032,
      491,
      -210,
      212,
      974,
      -17
    ],
    "SliceThickness": 3,
    "SliceTiming": [
      1,
      0,
      1.055,
      0.055,
      1.1125,
      0.1125,
      1.1675,
      0.1675,
      1.2225,
      0.2225,
      1.2775,
      0.2775,
      1.3325,
      0.335,
      1.39,
      0.39,
      1.445,
      0.445,
      1.5,
      0.5,
      1.555,
      0.555,
      1.6125,
      0.6125,
      1.6675,
      0.6675,
      1.7225,
      0.7225,
      1.7775,
      0.7775,
      1.8325,
      0.8325,
      1.89,
      0.89,
      1.945,
      0.945
    ],
    "SoftwareVersions": "syngo_MR_D11",
    "SpacingBetweenSlices": 3,
    "StationName": "AWP45031",
    "TotalReadoutTime": 0.0207902,
    "TxRefAmp": 318.574,
    "dataset": "ds001454",
    "modality": "bold",
    "run_id": 1,
    "session_id": "1",
    "subject_id": "17",
    "task_id": "rest"
  },
  "dummy_trs": 0,
  "dvars_nstd": 27.175537984226796,
  "dvars_std": 1.184511260360825,
  "dvars_vstd": 0.9935713734020616,
  "efc": 0.6306419739127974,
  "fber": 1075.3375244140625,
  "fd_mean": 0.1376134262407344,
  "fd_num": 30,
  "fd_perc": 15.384615384615385,
  "fwhm_avg": 1.751908888888889,
  "fwhm_x": 1.5633766666666666,
  "fwhm_y": 1.9614566666666666,
  "fwhm_z": 1.7308933333333334,
  "gcor": 0.00927981,
  "gsr_x": -0.01728718727827072,
  "gsr_y": 0.0640006810426712,
  "provenance": {
    "md5sum": "fd9b36797ff373d8d212a88e9fc9e76e",
    "settings": {
      "fd_thres": 0.2,
      "testing": false
    },
    "software": "mriqc",
    "version": "23.0.1",
    "webapi_port": null,
    "webapi_url": "https://mriqc.nimh.nih.gov/api/v1"
  },
  "size_t": 195,
  "size_x": 64,
  "size_y": 64,
  "size_z": 36,
  "snr": 5.891906026503842,
  "spacing_tr": 2.0,
  "spacing_x": 3.0,
  "spacing_y": 3.0,
  "spacing_z": 3.0,
  "summary_bg_k": 20.064469989404262,
  "summary_bg_mad": 16.688776498284646,
  "summary_bg_mean": 57.737483978271484,
  "summary_bg_median": 24.933334350585938,
  "summary_bg_n": 70449.0,
  "summary_bg_p05": 10.630769729614258,
  "summary_bg_p95": 228.83795776367168,
  "summary_bg_stdv": 85.96100616455078,
  "summary_fg_k": 3.0509059736281596,
  "summary_fg_mad": 127.00962021559926,
  "summary_fg_mean": 866.1892700195312,
  "summary_fg_median": 852.0333862304688,
  "summary_fg_n": 43090.0,
  "summary_fg_p05": 674.1295166015625,
  "summary_fg_p95": 1105.8590087890618,
  "summary_fg_stdv": 144.60914611816406,
  "tsnr": 56.82992367167026
}