{
  "aor": 0.0007757435897435896,
  "aqi": 0.009819970666666667,
  "bids_meta": {
    "AcquisitionMatrixPE": 64,
    "AcquisitionNumber": 1,
    "AcquisitionTime": "21:11:10.637500",
    "BandwidthPerPixelPhaseEncode": 47.348,
    "BaseResolution": 64,
    "BodyPartExamined": "HEAD",
    "ConsistencyInfo": "N4_VD11D_LATEST_20110129",
    "ConversionSoftware": "dcm2niix",
    "ConversionSoftwareVersion": "v1.0.20180518 GCC4.8.5",
    "DerivedVendorReportedEchoSpacing": 0.000660007,
    "DeviceSerialNumber": "45031",
    "DwellTime": 4.5e-06,
    "EchoTime": 0.03,
    "EchoTrainLength": 32,
    "EffectiveEchoSpacing": 0.000330003,
    "FlipAngle": 71,
    "ImageOrientationPatientDICOM": [
      0.994465,
      -0.0123581,
      0.104344,
      -0.00364493,
      0.988404,
      0.151802
    ],
    "ImageType": [
      "ORIGINAL",
      "PRIMARY",
      "M",
      "ND",
      "NORM",
      "MOSAIC"
    ],
    "InPlanePhaseEncodingDirectionDICOM": "COL",
    "InstitutionAddress": "Washington_and_Faculty_Rd._-_Building_25_25_Princeton_NJ_US_085",
    "InstitutionName": "Princeton_University_-_Neuroscience_Institute",
    "InstitutionalDepartmentName": "Department",
    "MRAcquisitionType": "2D",
    "MagneticFieldStrength": 3,
    "Manufacturer": "Siemens",
    "ManufacturersModelName": "Skyra",
    "Modality": "MR",
    "ParallelReductionFactorInPlane": 2,
    "PartialFourier": 1,
    "PatientPosition": "HFS",
    "PercentPhaseFOV": 100,
    "PhaseEncodingDirection": "j-",
    "PhaseEncodingSteps": 64,
    "PhaseResolution": 1,
    "PixelBandwidth": 1735,
    "ProcedureStepDescription": "NormanLab_Anna",
    "ProtocolName": "epi_195_3x3x3_2s",
    "PulseSequenceDetails": "%SiemensSeq%_ep2d_bold",
    "ReceiveCoilActiveElements": "HE1-4",
    "ReceiveCoilName": "HeadNeck_20",
    "ReconMatrixPE": 64,
    "RepetitionTime": 2,
    "SAR": 0.105443,
    "ScanOptions": "FS",
    "ScanningSequence": "EP",
    "SequenceName": "_epfid2d1_64",
    "SequenceVariant": "SK",
    "SeriesDescription": "epi_195_3x3x3_2s",
    "SeriesNumber": 14,
    "ShimSetting": [
      3254,
      10577,
      10032,
      491,
      -210,
      212,
      974,
      -17
    ],
    "SliceThickness": 3,
    "SliceTiming": [
      1,
      0,
      1.055,
      0.0575,
      1.1125,
      0.1125,
      1.1675,
      0.1675,
      1.2225,
      0.2225,
      1.2775,
      0.2775,
      1.335,
      0.335,
      1.39,
      0.39,
      1.445,
      0.445,
      1.5,
      0.5,
      1.555,
      0.555,
      1.6125,
      0.6125,
      1.6675,
      0.6675,
      1.7225,
      0.7225,
      1.7775,
      0.7775,
      1.8325,
      0.835,
      1.89,
      0.89,
      1.945,
      0.945
    ],
    "SoftwareVersions": "syngo_MR_D11",
    "SpacingBetweenSlices": 3,
    "StationName": "AWP45031",
    "TotalReadoutTime": 0.0207902,
    "TxRefAmp": 318.574,
    "dataset": "ds001454",
    "modality": "bold",
    "run_id": 6,
    "session_id": "1",
    "subject_id": "17",
    "task_id": "satellite"
  },
  "dummy_trs": 0,
  "dvars_nstd": 24.937003322422697,
  "dvars_std": 1.1400754060309282,
  "dvars_vstd": 0.986948416907217,
  "efc": 0.6304397206306235,
  "fber": 1049.01806640625,
  "fd_mean": 0.1259421249858863,
  "fd_num": 18,
  "fd_perc": 9.23076923076923,
  "fwhm_avg": 1.752078888888889,
  "fwhm_x": 1.56829,
  "fwhm_y": 1.9591033333333332,
  "fwhm_z": 1.7288433333333335,
  "gcor": 0.0167105,
  "gsr_x": -0.016720695421099663,
  "gsr_y": 0.06175043806433678,
  "provenance": {
    "md5sum": "ea8b1e7233d326cd9921b70450973af2",
    "settings": {
      "fd_thres": 0.2,
      "testing": false
    },
    "software": "mriqc",
    "version": "23.0.1",
    "webapi_port": null,
    "webapi_url": "https://mriqc.nimh.nih.gov/api/v1"
  },
  "size_t": 195,
  "size_x": 64,
  "size_y": 64,
  "size_z": 36,
  "snr": 5.878144751375996,
  "spacing_tr": 2.0,
  "spacing_x": 3.0,
  "spacing_y": 3.0,
  "spacing_z": 3.0,
  "summary_bg_k": 19.994413401335027,
  "summary_bg_mad": 17.030918190862202,
  "summary_bg_mean": 58.04880905151367,
  "summary_bg_median": 25.348718643188477,
  "summary_bg_n": 70727.0,
  "summary_bg_p05": 10.820512771606445,
  "summary_bg_p95": 229.3594970703123,
  "summary_bg_stdv": 86.13214874267578,
  "summary_fg_k": 2.905982643208544,
  "summary_fg_mad": 127.76612378900666,
  "summary_fg_mean": 863.7407836914062,
  "summary_fg_median": 849.892333984375,
  "summary_fg_n": 42992.0,
  "summary_fg_p05": 671.005126953125,
  "summary_fg_p95": 1103.0436340332026,
  "summary_fg_stdv": 144.5834503173828,
  "tsnr": 58.65963140130043
}