{
  "aor": 0.0005622051282051282,
  "aqi": 0.006353468205128206,
  "bids_meta": {
    "AcquisitionMatrixPE": 64,
    "AcquisitionNumber": 1,
    "AcquisitionTime": "23:29:24.692500",
    "BandwidthPerPixelPhaseEncode": 47.348,
    "BaseResolution": 64,
    "BodyPartExamined": "HEAD",
    "ConsistencyInfo": "N4_VD11D_LATEST_20110129",
    "ConversionSoftware": "dcm2niix",
    "ConversionSoftwareVersion": "v1.0.20180518 GCC4.8.5",
    "DerivedVendorReportedEchoSpacing": 0.000660007,
    "DeviceSerialNumber": "45031",
    "DwellTime": 4.5e-06,
    "EchoTime": 0.03,
    "EchoTrainLength": 32,
    "EffectiveEchoSpacing": 0.000330003,
    "FlipAngle": 71,
    "ImageOrientationPatientDICOM": [
      0.999043,
      0.0240055,
      -0.0365737,
      -0.0108111,
      0.945548,
      0.325305
    ],
    "ImageType": [
      "ORIGINAL",
      "PRIMARY",
      "M",
      "ND",
      "NORM",
      "MOSAIC"
    ],
    "InPlanePhaseEncodingDirectionDICOM": "COL",
    "InstitutionAddress": "Washington_and_Faculty_Rd._-_Building_25_25_Princeton_NJ_US_085",
    "InstitutionName": "Princeton_University_-_Neuroscience_Institute",
    "InstitutionalDepartmentName": "Department",
    "MRAcquisitionType": "2D",
    "MagneticFieldStrength": 3,
    "Manufacturer": "Siemens",
    "ManufacturersModelName": "Skyra",
    "Modality": "MR",
    "ParallelReductionFactorInPlane": 2,
    "PartialFourier": 1,
    "PatientPosition": "HFS",
    "PercentPhaseFOV": 100,
    "PhaseEncodingDirection": "j-",
    "PhaseEncodingSteps": 64,
    "PhaseResolution": 1,
    "PixelBandwidth": 1735,
    "ProcedureStepDescription": "NormanLab_Anna",
    "ProtocolName": "epi_195_3x3x3_2s",
    "PulseSequenceDetails": "%SiemensSeq%_ep2d_bold",
    "ReceiveCoilActiveElements": "HE1-4",
    "ReceiveCoilName": "HeadNeck_20",
    "ReconMatrixPE": 64,
    "RepetitionTime": 2,
    "SAR": 0.118603,
    "ScanOptions": "FS",
    "ScanningSequence": "EP",
    "SequenceName": "_epfid2d1_64",
    "SequenceVariant": "SK",
    "SeriesDescription": "epi_195_3x3x3_2s",
    "SeriesNumber": 15,
    "ShimSetting": [
      3176,
      10521,
      10029,
      507,
      -89,
      185,
      1307,
      240
    ],
    "SliceThickness": 3,
    "SliceTiming": [
      1,
      0,
      1.055,
      0.055,
      1.11,
      0.11,
      1.165,
      0.165,
      1.22,
      0.2225,
      1.2775,
      0.2775,
      1.3325,
      0.3325,
      1.3875,
      0.3875,
      1.4425,
      0.4425,
      1.5,
      0.5,
      1.555,
      0.555,
      1.61,
      0.61,
      1.665,
      0.665,
      1.72,
      0.72,
      1.7775,
      0.7775,
      1.8325,
      0.8325,
      1.8875,
      0.8875,
      1.9425,
      0.9425
    ],
    "SoftwareVersions": "syngo_MR_D11",
    "SpacingBetweenSlices": 3,
    "StationName": "AWP45031",
    "TotalReadoutTime": 0.0207902,
    "TxRefAmp": 326.377,
    "dataset": "ds001454",
    "modality": "bold",
    "run_id": 7,
    "session_id": "2",
    "subject_id": "06",
    "task_id": "satellite"
  },
  "dummy_trs": 0,
  "dvars_nstd": 21.910238669175268,
  "dvars_std": 1.0914432318556693,
  "dvars_vstd": 1.0045691235567018,
  "efc": 0.5594359440389749,
  "fber": 1434.700439453125,
  "fd_mean": 0.0670799386513752,
  "fd_num": 0,
  "fd_perc": 0.0,
  "fwhm_avg": 1.6122922222222222,
  "fwhm_x": 1.49491,
  "fwhm_y": 1.7114,
  "fwhm_z": 1.6305666666666667,
  "gcor": 0.0256238,
  "gsr_x": -0.007154066581279039,
  "gsr_y": 0.035912156105041504,
  "provenance": {
    "md5sum": "99a26d1507de26be58904723fbb55a45",
    "settings": {
      "fd_thres": 0.2,
      "testing": false
    },
    "software": "mriqc",
    "version": "23.0.1",
    "webapi_port": null,
    "webapi_url": "https://mriqc.nimh.nih.gov/api/v1"
  },
  "size_t": 195,
  "size_x": 64,
  "size_y": 64,
  "size_z": 36,
  "snr": 6.7715297493690905,
  "spacing_tr": 2.0,
  "spacing_x": 3.0,
  "spacing_y": 3.0,
  "spacing_z": 3.0,
  "summary_bg_k": 28.93894931874771,
  "summary_bg_mad": 9.496257692784603,
  "summary_bg_mean": 34.379127502441406,
  "summary_bg_median": 17.707693099975586,
  "summary_bg_n": 82005.0,
  "summary_bg_p05": 9.220513343811035,
  "summary_bg_p95": 113.70564422607424,
  "summary_bg_stdv": 51.178367614746094,
  "summary_fg_k": 2.949386329171875,
  "summary_fg_mad": 89.49971169472107,
  "summary_fg_mean": 693.864501953125,
  "summary_fg_median": 683.2512817382812,
  "summary_fg_n": 32920.0,
  "summary_fg_p05": 559.4602661132812,
  "summary_fg_p95": 864.3825927734374,
  "summary_fg_stdv": 100.8990478515625,
  "tsnr": 69.21480541303754
}