{
  "aor": 0.0008860000000000002,
  "aqi": 0.007045448820512821,
  "bids_meta": {
    "AcquisitionMatrixPE": 64,
    "AcquisitionNumber": 1,
    "AcquisitionTime": "10:19:28.072500",
    "BandwidthPerPixelPhaseEncode": 47.348,
    "BaseResolution": 64,
    "BodyPartExamined": "HEAD",
    "ConsistencyInfo": "N4_VD11D_LATEST_20110129",
    "ConversionSoftware": "dcm2niix",
    "ConversionSoftwareVersion": "v1.0.20180518 GCC4.8.5",
    "DerivedVendorReportedEchoSpacing": 0.000660007,
    "DeviceSerialNumber": "45031",
    "DwellTime": 4.5e-06,
    "EchoTime": 0.03,
    "EchoTrainLength": 32,
    "EffectiveEchoSpacing": 0.000330003,
    "FlipAngle": 71,
    "ImageOrientationPatientDICOM": [
      0.997575,
      0.00504814,
      0.0694164,
      -0.0116659,
      0.995384,
      0.0952628
    ],
    "ImageType": [
      "ORIGINAL",
      "PRIMARY",
      "M",
      "ND",
      "NORM",
      "MOSAIC"
    ],
    "InPlanePhaseEncodingDirectionDICOM": "COL",
    "InstitutionAddress": "Washington_and_Faculty_Rd._-_Building_25_25_Princeton_NJ_US_085",
    "InstitutionName": "Princeton_University_-_Neuroscience_Institute",
    "InstitutionalDepartmentName": "Department",
    "MRAcquisitionType": "2D",
    "MagneticFieldStrength": 3,
    "Manufacturer": "Siemens",
    "ManufacturersModelName": "Skyra",
    "Modality": "MR",
    "ParallelReductionFactorInPlane": 2,
    "PartialFourier": 1,
    "PatientPosition": "HFS",
    "PercentPhaseFOV": 100,
    "PhaseEncodingDirection": "j-",
    "PhaseEncodingSteps": 64,
    "PhaseResolution": 1,
    "PixelBandwidth": 1735,
    "ProcedureStepDescription": "NormanLab_Anna",
    "ProtocolName": "epi_195_3x3x3_2s",
    "PulseSequenceDetails": "%SiemensSeq%_ep2d_bold",
    "ReceiveCoilActiveElements": "HE1-4",
    "ReceiveCoilName": "HeadNeck_20",
    "ReconMatrixPE": 64,
    "RepetitionTime": 2,
    "SAR": 0.106889,
    "ScanOptions": "FS",
    "ScanningSequence": "EP",
    "SequenceName": "_epfid2d1_64",
    "SequenceVariant": "SK",
    "SeriesDescription": "epi_195_3x3x3_2s",
    "SeriesNumber": 15,
    "ShimSetting": [
      3225,
      10605,
      9940,
      476,
      -70,
      290,
      471,
      -84
    ],
    "SliceThickness": 3,
    "SliceTiming": [
      1,
      0,
      1.055,
      0.055,
      1.11,
      0.11,
      1.165,
      0.165,
      1.2225,
      0.2225,
      1.2775,
      0.2775,
      1.3325,
      0.3325,
      1.3875,
      0.3875,
      1.4425,
      0.445,
      1.5,
      0.5,
      1.555,
      0.555,
      1.61,
      0.61,
      1.665,
      0.665,
      1.7225,
      0.7225,
      1.7775,
      0.7775,
      1.8325,
      0.8325,
      1.8875,
      0.8875,
      1.9425,
      0.945
    ],
    "SoftwareVersions": "syngo_MR_D11",
    "SpacingBetweenSlices": 3,
    "StationName": "AWP45031",
    "TotalReadoutTime": 0.0207902,
    "TxRefAmp": 317.477,
    "dataset": "ds001454",
    "modality": "bold",
    "run_id": 7,
    "session_id": "2",
    "subject_id": "07",
    "task_id": "satellite"
  },
  "dummy_trs": 0,
  "dvars_nstd": 22.990161119020605,
  "dvars_std": 1.168555976752578,
  "dvars_vstd": 1.0088222429381442,
  "efc": 0.5787353197629915,
  "fber": 1174.2073974609375,
  "fd_mean": 0.06010898082301326,
  "fd_num": 1,
  "fd_perc": 0.5128205128205128,
  "fwhm_avg": 1.7218188888888888,
  "fwhm_x": 1.5996166666666667,
  "fwhm_y": 1.7994899999999998,
  "fwhm_z": 1.76635,
  "gcor": 0.0344285,
  "gsr_x": 0.006846836302429438,
  "gsr_y": 0.026833029463887215,
  "provenance": {
    "md5sum": "6e4657ef9caac12d75291f58554cf64a",
    "settings": {
      "fd_thres": 0.2,
      "testing": false
    },
    "software": "mriqc",
    "version": "23.0.1",
    "webapi_port": null,
    "webapi_url": "https://mriqc.nimh.nih.gov/api/v1"
  },
  "size_t": 195,
  "size_x": 64,
  "size_y": 64,
  "size_z": 36,
  "snr": 6.665185724773039,
  "spacing_tr": 2.0,
  "spacing_x": 3.0,
  "spacing_y": 3.0,
  "spacing_z": 3.0,
  "summary_bg_k": 40.50152895157648,
  "summary_bg_mad": 15.707981435730288,
  "summary_bg_mean": 47.0977668762207,
  "summary_bg_median": 23.292308807373047,
  "summary_bg_n": 79963.0,
  "summary_bg_p05": 9.830769538879395,
  "summary_bg_p95": 161.38975067138583,
  "summary_bg_stdv": 74.3929443359375,
  "summary_fg_k": 2.9765162380040895,
  "summary_fg_mad": 109.95584884131716,
  "summary_fg_mean": 817.4478759765625,
  "summary_fg_median": 807.2640991210938,
  "summary_fg_n": 35046.0,
  "summary_fg_p05": 650.8013305664062,
  "summary_fg_p95": 1011.4577026367188,
  "summary_fg_stdv": 121.11479187011719,
  "tsnr": 69.41681108507328
}