{
  "aor": 0.0006211794871794872,
  "aqi": 0.007679195487179486,
  "bids_meta": {
    "AcquisitionMatrixPE": 64,
    "AcquisitionNumber": 1,
    "AcquisitionTime": "21:07:36.742500",
    "BandwidthPerPixelPhaseEncode": 47.348,
    "BaseResolution": 64,
    "BodyPartExamined": "HEAD",
    "ConsistencyInfo": "N4_VD11D_LATEST_20110129",
    "ConversionSoftware": "dcm2niix",
    "ConversionSoftwareVersion": "v1.0.20180518 GCC4.8.5",
    "DerivedVendorReportedEchoSpacing": 0.000660007,
    "DeviceSerialNumber": "45031",
    "DwellTime": 4.5e-06,
    "EchoTime": 0.03,
    "EchoTrainLength": 32,
    "EffectiveEchoSpacing": 0.000330003,
    "FlipAngle": 71,
    "ImageOrientationPatientDICOM": [
      0.99991,
      -0.0116493,
      -0.00661674,
      0.0127404,
      0.979569,
      0.200706
    ],
    "ImageType": [
      "ORIGINAL",
      "PRIMARY",
      "M",
      "ND",
      "NORM",
      "MOSAIC"
    ],
    "InPlanePhaseEncodingDirectionDICOM": "COL",
    "InstitutionAddress": "Washington_and_Faculty_Rd._-_Building_25_25_Princeton_NJ_US_085",
    "InstitutionName": "Princeton_University_-_Neuroscience_Institute",
    "InstitutionalDepartmentName": "Department",
    "MRAcquisitionType": "2D",
    "MagneticFieldStrength": 3,
    "Manufacturer": "Siemens",
    "ManufacturersModelName": "Skyra",
    "Modality": "MR",
    "ParallelReductionFactorInPlane": 2,
    "PartialFourier": 1,
    "PatientPosition": "HFS",
    "PercentPhaseFOV": 100,
    "PhaseEncodingDirection": "j-",
    "PhaseEncodingSteps": 64,
    "PhaseResolution": 1,
    "PixelBandwidth": 1735,
    "ProcedureStepDescription": "NormanLab_Anna",
    "ProtocolName": "epi_195_3x3x3_2s",
    "PulseSequenceDetails": "%SiemensSeq%_ep2d_bold",
    "ReceiveCoilActiveElements": "HE1-4",
    "ReceiveCoilName": "HeadNeck_20",
    "ReconMatrixPE": 64,
    "RepetitionTime": 2,
    "SAR": 0.107389,
    "ScanOptions": "FS",
    "ScanningSequence": "EP",
    "SequenceName": "_epfid2d1_64",
    "SequenceVariant": "SK",
    "SeriesDescription": "epi_195_3x3x3_2s",
    "SeriesNumber": 11,
    "ShimSetting": [
      3218,
      10531,
      10082,
      687,
      -9,
      284,
      768,
      108
    ],
    "SliceThickness": 3,
    "SliceTiming": [
      1,
      0,
      1.0575,
      0.0575,
      1.1125,
      0.1125,
      1.1675,
      0.1675,
      1.2225,
      0.2225,
      1.2775,
      0.28,
      1.335,
      0.335,
      1.39,
      0.39,
      1.445,
      0.445,
      1.5,
      0.5,
      1.5575,
      0.5575,
      1.6125,
      0.6125,
      1.6675,
      0.6675,
      1.7225,
      0.7225,
      1.7775,
      0.7775,
      1.835,
      0.835,
      1.89,
      0.89,
      1.945,
      0.945
    ],
    "SoftwareVersions": "syngo_MR_D11",
    "SpacingBetweenSlices": 3,
    "StationName": "AWP45031",
    "TotalReadoutTime": 0.0207902,
    "TxRefAmp": 328.777,
    "dataset": "ds001454",
    "modality": "bold",
    "run_id": 3,
    "session_id": "1",
    "subject_id": "15",
    "task_id": "satellite"
  },
  "dummy_trs": 0,
  "dvars_nstd": 31.83173021350515,
  "dvars_std": 1.3424806171649473,
  "dvars_vstd": 0.9969062762886598,
  "efc": 0.6224165797334832,
  "fber": 1038.5345458984375,
  "fd_mean": 0.0971974616036677,
  "fd_num": 8,
  "fd_perc": 4.102564102564102,
  "fwhm_avg": 1.7336533333333335,
  "fwhm_x": 1.64663,
  "fwhm_y": 1.8592166666666667,
  "fwhm_z": 1.6951133333333335,
  "gcor": 0.040782,
  "gsr_x": -0.006519898306578398,
  "gsr_y": 0.05487094447016716,
  "provenance": {
    "md5sum": "a18c54cd0ed3b8f20dc6c4e996d463f9",
    "settings": {
      "fd_thres": 0.2,
      "testing": false
    },
    "software": "mriqc",
    "version": "23.0.1",
    "webapi_port": null,
    "webapi_url": "https://mriqc.nimh.nih.gov/api/v1"
  },
  "size_t": 195,
  "size_x": 64,
  "size_y": 64,
  "size_z": 36,
  "snr": 5.893503947685645,
  "spacing_tr": 2.0,
  "spacing_x": 3.0,
  "spacing_y": 3.0,
  "spacing_z": 3.0,
  "summary_bg_k": 16.251309845989045,
  "summary_bg_mad": 17.232400328098635,
  "summary_bg_mean": 61.74140167236328,
  "summary_bg_median": 24.294872283935547,
  "summary_bg_n": 73098.0,
  "summary_bg_p05": 10.446154594421387,
  "summary_bg_p95": 250.04923858642508,
  "summary_bg_stdv": 94.55784606933594,
  "summary_fg_k": 2.6929215849729085,
  "summary_fg_mad": 128.69745570019194,
  "summary_fg_mean": 826.9724731445312,
  "summary_fg_median": 813.8179931640625,
  "summary_fg_n": 40514.0,
  "summary_fg_p05": 642.4084838867187,
  "summary_fg_p95": 1051.93232421875,
  "summary_fg_stdv": 138.08558654785156,
  "tsnr": 64.15154975722544
}