{
  "aor": 0.0007063076923076923,
  "aqi": 0.006170415282051283,
  "bids_meta": {
    "AcquisitionMatrixPE": 64,
    "AcquisitionNumber": 1,
    "AcquisitionTime": "20:53:17.922500",
    "BandwidthPerPixelPhaseEncode": 47.348,
    "BaseResolution": 64,
    "BodyPartExamined": "HEAD",
    "ConsistencyInfo": "N4_VD11D_LATEST_20110129",
    "ConversionSoftware": "dcm2niix",
    "ConversionSoftwareVersion": "v1.0.20180518 GCC4.8.5",
    "DerivedVendorReportedEchoSpacing": 0.000660007,
    "DeviceSerialNumber": "45031",
    "DwellTime": 4.5e-06,
    "EchoTime": 0.03,
    "EchoTrainLength": 32,
    "EffectiveEchoSpacing": 0.000330003,
    "FlipAngle": 71,
    "ImageOrientationPatientDICOM": [
      0.99991,
      -0.0116493,
      -0.00661674,
      0.0127404,
      0.979569,
      0.200706
    ],
    "ImageType": [
      "ORIGINAL",
      "PRIMARY",
      "M",
      "ND",
      "NORM",
      "MOSAIC"
    ],
    "InPlanePhaseEncodingDirectionDICOM": "COL",
    "InstitutionAddress": "Washington_and_Faculty_Rd._-_Building_25_25_Princeton_NJ_US_085",
    "InstitutionName": "Princeton_University_-_Neuroscience_Institute",
    "InstitutionalDepartmentName": "Department",
    "MRAcquisitionType": "2D",
    "MagneticFieldStrength": 3,
    "Manufacturer": "Siemens",
    "ManufacturersModelName": "Skyra",
    "Modality": "MR",
    "ParallelReductionFactorInPlane": 2,
    "PartialFourier": 1,
    "PatientPosition": "HFS",
    "PercentPhaseFOV": 100,
    "PhaseEncodingDirection": "j-",
    "PhaseEncodingSteps": 64,
    "PhaseResolution": 1,
    "PixelBandwidth": 1735,
    "ProcedureStepDescription": "NormanLab_Anna",
    "ProtocolName": "epi_195_3x3x3_2s",
    "PulseSequenceDetails": "%SiemensSeq%_ep2d_bold",
    "ReceiveCoilActiveElements": "HE1-4",
    "ReceiveCoilName": "HeadNeck_20",
    "ReconMatrixPE": 64,
    "RepetitionTime": 2,
    "SAR": 0.107389,
    "ScanOptions": "FS",
    "ScanningSequence": "EP",
    "SequenceName": "_epfid2d1_64",
    "SequenceVariant": "SK",
    "SeriesDescription": "epi_195_3x3x3_2s",
    "SeriesNumber": 9,
    "ShimSetting": [
      3218,
      10531,
      10082,
      687,
      -9,
      284,
      768,
      108
    ],
    "SliceThickness": 3,
    "SliceTiming": [
      1,
      0,
      1.055,
      0.055,
      1.1125,
      0.1125,
      1.1675,
      0.1675,
      1.2225,
      0.2225,
      1.2775,
      0.2775,
      1.3325,
      0.335,
      1.39,
      0.39,
      1.445,
      0.445,
      1.5,
      0.5,
      1.555,
      0.555,
      1.6125,
      0.6125,
      1.6675,
      0.6675,
      1.7225,
      0.7225,
      1.7775,
      0.7775,
      1.8325,
      0.8325,
      1.89,
      0.89,
      1.945,
      0.945
    ],
    "SoftwareVersions": "syngo_MR_D11",
    "SpacingBetweenSlices": 3,
    "StationName": "AWP45031",
    "TotalReadoutTime": 0.0207902,
    "TxRefAmp": 328.777,
    "dataset": "ds001454",
    "modality": "bold",
    "run_id": 1,
    "session_id": "1",
    "subject_id": "15",
    "task_id": "satellite"
  },
  "dummy_trs": 0,
  "dvars_nstd": 31.417703333762887,
  "dvars_std": 1.3431589257216499,
  "dvars_vstd": 1.0089898358762883,
  "efc": 0.6201635871496473,
  "fber": 1088.7861328125,
  "fd_mean": 0.08910666593805186,
  "fd_num": 5,
  "fd_perc": 2.5641025641025643,
  "fwhm_avg": 1.742288888888889,
  "fwhm_x": 1.6506766666666666,
  "fwhm_y": 1.8612566666666668,
  "fwhm_z": 1.7149333333333334,
  "gcor": 0.0271246,
  "gsr_x": -0.007807248737663031,
  "gsr_y": 0.055563103407621384,
  "provenance": {
    "md5sum": "dd5f3520a6f97db4b60d8eb1f1c749bd",
    "settings": {
      "fd_thres": 0.2,
      "testing": false
    },
    "software": "mriqc",
    "version": "23.0.1",
    "webapi_port": null,
    "webapi_url": "https://mriqc.nimh.nih.gov/api/v1"
  },
  "size_t": 195,
  "size_x": 64,
  "size_y": 64,
  "size_z": 36,
  "snr": 5.894972647554807,
  "spacing_tr": 2.0,
  "spacing_x": 3.0,
  "spacing_y": 3.0,
  "spacing_z": 3.0,
  "summary_bg_k": 17.472135979194935,
  "summary_bg_mad": 16.59754333240151,
  "summary_bg_mean": 60.465824127197266,
  "summary_bg_median": 23.758975982666016,
  "summary_bg_n": 73180.0,
  "summary_bg_p05": 10.353846549987793,
  "summary_bg_p95": 247.10051956176775,
  "summary_bg_stdv": 93.7655258178711,
  "summary_fg_k": 2.5391561227611206,
  "summary_fg_mad": 129.26392847166684,
  "summary_fg_mean": 831.5475463867188,
  "summary_fg_median": 818.2384643554688,
  "summary_fg_n": 40402.0,
  "summary_fg_p05": 644.718212890625,
  "summary_fg_p95": 1057.9064331054688,
  "summary_fg_stdv": 138.80104064941406,
  "tsnr": 68.29724363784771
}