{
  "aor": 0.0006052307692307693,
  "aqi": 0.0076760808717948725,
  "bids_meta": {
    "AcquisitionMatrixPE": 64,
    "AcquisitionNumber": 1,
    "AcquisitionTime": "23:23:6.440000",
    "BandwidthPerPixelPhaseEncode": 47.348,
    "BaseResolution": 64,
    "BodyPartExamined": "HEAD",
    "ConsistencyInfo": "N4_VD11D_LATEST_20110129",
    "ConversionSoftware": "dcm2niix",
    "ConversionSoftwareVersion": "v1.0.20180518 GCC4.8.5",
    "DerivedVendorReportedEchoSpacing": 0.000660007,
    "DeviceSerialNumber": "45031",
    "DwellTime": 4.5e-06,
    "EchoTime": 0.03,
    "EchoTrainLength": 32,
    "EffectiveEchoSpacing": 0.000330003,
    "FlipAngle": 71,
    "ImageOrientationPatientDICOM": [
      0.997054,
      0.0232059,
      0.0731036,
      -0.0240192,
      0.999659,
      0.0102657
    ],
    "ImageType": [
      "ORIGINAL",
      "PRIMARY",
      "M",
      "ND",
      "NORM",
      "MOSAIC"
    ],
    "InPlanePhaseEncodingDirectionDICOM": "COL",
    "InstitutionAddress": "Washington_and_Faculty_Rd._-_Building_25_25_Princeton_NJ_US_085",
    "InstitutionName": "Princeton_University_-_Neuroscience_Institute",
    "InstitutionalDepartmentName": "Department",
    "MRAcquisitionType": "2D",
    "MagneticFieldStrength": 3,
    "Manufacturer": "Siemens",
    "ManufacturersModelName": "Skyra",
    "Modality": "MR",
    "ParallelReductionFactorInPlane": 2,
    "PartialFourier": 1,
    "PatientPosition": "HFS",
    "PercentPhaseFOV": 100,
    "PhaseEncodingDirection": "j-",
    "PhaseEncodingSteps": 64,
    "PhaseResolution": 1,
    "PixelBandwidth": 1735,
    "ProcedureStepDescription": "NormanLab_Anna",
    "ProtocolName": "epi_195_3x3x3_2s",
    "PulseSequenceDetails": "%SiemensSeq%_ep2d_bold",
    "ReceiveCoilActiveElements": "HE1-4",
    "ReceiveCoilName": "HeadNeck_20",
    "ReconMatrixPE": 64,
    "RepetitionTime": 2,
    "SAR": 0.120592,
    "ScanOptions": "FS",
    "ScanningSequence": "EP",
    "SequenceName": "_epfid2d1_64",
    "SequenceVariant": "SK",
    "SeriesDescription": "epi_195_3x3x3_2s",
    "SeriesNumber": 16,
    "ShimSetting": [
      3210,
      10580,
      10064,
      459,
      -198,
      287,
      577,
      24
    ],
    "SliceThickness": 3,
    "SliceTiming": [
      1,
      0,
      1.055,
      0.0575,
      1.1125,
      0.1125,
      1.1675,
      0.1675,
      1.2225,
      0.2225,
      1.2775,
      0.2775,
      1.3325,
      0.335,
      1.39,
      0.39,
      1.445,
      0.445,
      1.5,
      0.5,
      1.555,
      0.555,
      1.6125,
      0.6125,
      1.6675,
      0.6675,
      1.7225,
      0.7225,
      1.7775,
      0.7775,
      1.8325,
      0.835,
      1.89,
      0.89,
      1.945,
      0.945
    ],
    "SoftwareVersions": "syngo_MR_D11",
    "SpacingBetweenSlices": 3,
    "StationName": "AWP45031",
    "TotalReadoutTime": 0.0207902,
    "TxRefAmp": 361.814,
    "dataset": "ds001454",
    "modality": "bold",
    "run_id": 8,
    "session_id": "2",
    "subject_id": "23",
    "task_id": "satellite"
  },
  "dummy_trs": 0,
  "dvars_nstd": 27.456516137731978,
  "dvars_std": 1.2151674872680418,
  "dvars_vstd": 1.00234238,
  "efc": 0.6456495841367379,
  "fber": 720.072509765625,
  "fd_mean": 0.09911215741644282,
  "fd_num": 9,
  "fd_perc": 4.615384615384615,
  "fwhm_avg": 1.666103423819461,
  "fwhm_x": 1.5825733333333334,
  "fwhm_y": 1.768876807244365,
  "fwhm_z": 1.646860130880684,
  "gcor": 0.0217632,
  "gsr_x": 0.0002895272627938539,
  "gsr_y": 0.0516304075717926,
  "provenance": {
    "md5sum": "cfe1495ce35ccb7bc2dcd28ee8483f25",
    "settings": {
      "fd_thres": 0.2,
      "testing": false
    },
    "software": "mriqc",
    "version": "23.0.1",
    "webapi_port": null,
    "webapi_url": "https://mriqc.nimh.nih.gov/api/v1"
  },
  "size_t": 195,
  "size_x": 64,
  "size_y": 64,
  "size_z": 36,
  "snr": 6.227214357184197,
  "spacing_tr": 2.0,
  "spacing_x": 3.0,
  "spacing_y": 2.999999761581421,
  "spacing_z": 2.999999761581421,
  "summary_bg_k": 16.490852288659745,
  "summary_bg_mad": 21.52434355020006,
  "summary_bg_mean": 65.99424743652344,
  "summary_bg_median": 28.415386199951172,
  "summary_bg_n": 69620.0,
  "summary_bg_p05": 11.20512866973877,
  "summary_bg_p95": 274.9384765625,
  "summary_bg_stdv": 95.65956115722656,
  "summary_fg_k": 3.1374924267749886,
  "summary_fg_mad": 115.56691547723493,
  "summary_fg_mean": 799.713134765625,
  "summary_fg_median": 789.4974365234375,
  "summary_fg_n": 43752.0,
  "summary_fg_p05": 630.269482421875,
  "summary_fg_p95": 1002.6767120361324,
  "summary_fg_stdv": 126.78034973144531,
  "tsnr": 62.38530267844908
}