{
  "aor": 0.0010943589743589743,
  "aqi": 0.007512548923076924,
  "bids_meta": {
    "AcquisitionMatrixPE": 64,
    "AcquisitionNumber": 1,
    "AcquisitionTime": "22:41:56.950000",
    "BandwidthPerPixelPhaseEncode": 47.348,
    "BaseResolution": 64,
    "BodyPartExamined": "HEAD",
    "ConsistencyInfo": "N4_VD11D_LATEST_20110129",
    "ConversionSoftware": "dcm2niix",
    "ConversionSoftwareVersion": "v1.0.20180518 GCC4.8.5",
    "DerivedVendorReportedEchoSpacing": 0.000660007,
    "DeviceSerialNumber": "45031",
    "DwellTime": 4.5e-06,
    "EchoTime": 0.03,
    "EchoTrainLength": 32,
    "EffectiveEchoSpacing": 0.000330003,
    "FlipAngle": 71,
    "ImageOrientationPatientDICOM": [
      0.997054,
      0.0232059,
      0.0731036,
      -0.0240192,
      0.999659,
      0.0102657
    ],
    "ImageType": [
      "ORIGINAL",
      "PRIMARY",
      "M",
      "ND",
      "NORM",
      "MOSAIC"
    ],
    "InPlanePhaseEncodingDirectionDICOM": "COL",
    "InstitutionAddress": "Washington_and_Faculty_Rd._-_Building_25_25_Princeton_NJ_US_085",
    "InstitutionName": "Princeton_University_-_Neuroscience_Institute",
    "InstitutionalDepartmentName": "Department",
    "MRAcquisitionType": "2D",
    "MagneticFieldStrength": 3,
    "Manufacturer": "Siemens",
    "ManufacturersModelName": "Skyra",
    "Modality": "MR",
    "ParallelReductionFactorInPlane": 2,
    "PartialFourier": 1,
    "PatientPosition": "HFS",
    "PercentPhaseFOV": 100,
    "PhaseEncodingDirection": "j-",
    "PhaseEncodingSteps": 64,
    "PhaseResolution": 1,
    "PixelBandwidth": 1735,
    "ProcedureStepDescription": "NormanLab_Anna",
    "ProtocolName": "epi_195_3x3x3_2s",
    "PulseSequenceDetails": "%SiemensSeq%_ep2d_bold",
    "ReceiveCoilActiveElements": "HE1-4",
    "ReceiveCoilName": "HeadNeck_20",
    "ReconMatrixPE": 64,
    "RepetitionTime": 2,
    "SAR": 0.120592,
    "ScanOptions": "FS",
    "ScanningSequence": "EP",
    "SequenceName": "_epfid2d1_64",
    "SequenceVariant": "SK",
    "SeriesDescription": "epi_195_3x3x3_2s",
    "SeriesNumber": 10,
    "ShimSetting": [
      3210,
      10580,
      10064,
      459,
      -198,
      287,
      577,
      24
    ],
    "SliceThickness": 3,
    "SliceTiming": [
      1,
      0,
      1.055,
      0.055,
      1.11,
      0.11,
      1.1675,
      0.1675,
      1.2225,
      0.2225,
      1.2775,
      0.2775,
      1.3325,
      0.3325,
      1.3875,
      0.39,
      1.445,
      0.445,
      1.5,
      0.5,
      1.555,
      0.555,
      1.61,
      0.61,
      1.665,
      0.6675,
      1.7225,
      0.7225,
      1.7775,
      0.7775,
      1.8325,
      0.8325,
      1.8875,
      0.8875,
      1.945,
      0.945
    ],
    "SoftwareVersions": "syngo_MR_D11",
    "SpacingBetweenSlices": 3,
    "StationName": "AWP45031",
    "TotalReadoutTime": 0.0207902,
    "TxRefAmp": 361.814,
    "dataset": "ds001454",
    "modality": "bold",
    "run_id": 2,
    "session_id": "2",
    "subject_id": "23",
    "task_id": "satellite"
  },
  "dummy_trs": 0,
  "dvars_nstd": 25.864984718865962,
  "dvars_std": 1.1975403229381445,
  "dvars_vstd": 1.0126150934536082,
  "efc": 0.6429797446535878,
  "fber": 769.208251953125,
  "fd_mean": 0.08727515783805803,
  "fd_num": 8,
  "fd_perc": 4.102564102564102,
  "fwhm_avg": 1.6742100908811077,
  "fwhm_x": 1.5919833333333333,
  "fwhm_y": 1.7679134738344728,
  "fwhm_z": 1.6627334654755168,
  "gcor": 0.0274844,
  "gsr_x": -0.00018254945462103933,
  "gsr_y": 0.050119318068027496,
  "provenance": {
    "md5sum": "f871e2cc84040c83d42d8b117f2d690e",
    "settings": {
      "fd_thres": 0.2,
      "testing": false
    },
    "software": "mriqc",
    "version": "23.0.1",
    "webapi_port": null,
    "webapi_url": "https://mriqc.nimh.nih.gov/api/v1"
  },
  "size_t": 195,
  "size_x": 64,
  "size_y": 64,
  "size_z": 36,
  "snr": 6.226633705715397,
  "spacing_tr": 2.0,
  "spacing_x": 3.0,
  "spacing_y": 2.999999761581421,
  "spacing_z": 2.999999761581421,
  "summary_bg_k": 17.74176405425382,
  "summary_bg_mad": 21.21261809728896,
  "summary_bg_mean": 63.88492965698242,
  "summary_bg_median": 27.876924514770508,
  "summary_bg_n": 69606.0,
  "summary_bg_p05": 10.815384864807129,
  "summary_bg_p95": 266.5307846069336,
  "summary_bg_stdv": 93.73941802978516,
  "summary_fg_k": 3.0034652496735648,
  "summary_fg_mad": 117.70344988153342,
  "summary_fg_mean": 807.7367553710938,
  "summary_fg_median": 797.5333862304688,
  "summary_fg_n": 43711.0,
  "summary_fg_p05": 635.5307922363281,
  "summary_fg_p95": 1013.6384887695312,
  "summary_fg_stdv": 128.08273315429688,
  "tsnr": 63.39105970039964
}