{
  "aor": 0.0008011282051282051,
  "aqi": 0.007684267743589745,
  "bids_meta": {
    "AcquisitionMatrixPE": 64,
    "AcquisitionNumber": 1,
    "AcquisitionTime": "23:30:13.520000",
    "BandwidthPerPixelPhaseEncode": 47.348,
    "BaseResolution": 64,
    "BodyPartExamined": "HEAD",
    "ConsistencyInfo": "N4_VD11D_LATEST_20110129",
    "ConversionSoftware": "dcm2niix",
    "ConversionSoftwareVersion": "v1.0.20180518 GCC4.8.5",
    "DerivedVendorReportedEchoSpacing": 0.000660007,
    "DeviceSerialNumber": "45031",
    "DwellTime": 4.5e-06,
    "EchoTime": 0.03,
    "EchoTrainLength": 32,
    "EffectiveEchoSpacing": 0.000330003,
    "FlipAngle": 71,
    "ImageOrientationPatientDICOM": [
      0.997054,
      0.0232059,
      0.0731036,
      -0.0240192,
      0.999659,
      0.0102657
    ],
    "ImageType": [
      "ORIGINAL",
      "PRIMARY",
      "M",
      "ND",
      "NORM",
      "MOSAIC"
    ],
    "InPlanePhaseEncodingDirectionDICOM": "COL",
    "InstitutionAddress": "Washington_and_Faculty_Rd._-_Building_25_25_Princeton_NJ_US_085",
    "InstitutionName": "Princeton_University_-_Neuroscience_Institute",
    "InstitutionalDepartmentName": "Department",
    "MRAcquisitionType": "2D",
    "MagneticFieldStrength": 3,
    "Manufacturer": "Siemens",
    "ManufacturersModelName": "Skyra",
    "Modality": "MR",
    "ParallelReductionFactorInPlane": 2,
    "PartialFourier": 1,
    "PatientPosition": "HFS",
    "PercentPhaseFOV": 100,
    "PhaseEncodingDirection": "j-",
    "PhaseEncodingSteps": 64,
    "PhaseResolution": 1,
    "PixelBandwidth": 1735,
    "ProcedureStepDescription": "NormanLab_Anna",
    "ProtocolName": "epi_195_3x3x3_2s",
    "PulseSequenceDetails": "%SiemensSeq%_ep2d_bold",
    "ReceiveCoilActiveElements": "HE1-4",
    "ReceiveCoilName": "HeadNeck_20",
    "ReconMatrixPE": 64,
    "RepetitionTime": 2,
    "SAR": 0.120592,
    "ScanOptions": "FS",
    "ScanningSequence": "EP",
    "SequenceName": "_epfid2d1_64",
    "SequenceVariant": "SK",
    "SeriesDescription": "epi_195_3x3x3_2s",
    "SeriesNumber": 17,
    "ShimSetting": [
      3210,
      10580,
      10064,
      459,
      -198,
      287,
      577,
      24
    ],
    "SliceThickness": 3,
    "SliceTiming": [
      1,
      0,
      1.055,
      0.055,
      1.1125,
      0.1125,
      1.1675,
      0.1675,
      1.2225,
      0.2225,
      1.2775,
      0.2775,
      1.3325,
      0.335,
      1.39,
      0.39,
      1.445,
      0.445,
      1.5,
      0.5,
      1.555,
      0.555,
      1.61,
      0.6125,
      1.6675,
      0.6675,
      1.7225,
      0.7225,
      1.7775,
      0.7775,
      1.8325,
      0.8325,
      1.89,
      0.89,
      1.945,
      0.945
    ],
    "SoftwareVersions": "syngo_MR_D11",
    "SpacingBetweenSlices": 3,
    "StationName": "AWP45031",
    "TotalReadoutTime": 0.0207902,
    "TxRefAmp": 361.814,
    "dataset": "ds001454",
    "modality": "bold",
    "run_id": 1,
    "session_id": "2",
    "subject_id": "23",
    "task_id": "rest"
  },
  "dummy_trs": 0,
  "dvars_nstd": 30.40677808943299,
  "dvars_std": 1.3082803476288651,
  "dvars_vstd": 1.0093808827835054,
  "efc": 0.6456327564072384,
  "fber": 698.263916015625,
  "fd_mean": 0.1268513902235494,
  "fd_num": 10,
  "fd_perc": 5.128205128205129,
  "fwhm_avg": 1.6695445351188345,
  "fwhm_x": 1.58579,
  "fwhm_y": 1.7679234738352676,
  "fwhm_z": 1.6549201315212354,
  "gcor": 0.0170624,
  "gsr_x": -0.0011470088502392173,
  "gsr_y": 0.05161862075328827,
  "provenance": {
    "md5sum": "2cf2ac595ab908a6f63347a35b66668f",
    "settings": {
      "fd_thres": 0.2,
      "testing": false
    },
    "software": "mriqc",
    "version": "23.0.1",
    "webapi_port": null,
    "webapi_url": "https://mriqc.nimh.nih.gov/api/v1"
  },
  "size_t": 195,
  "size_x": 64,
  "size_y": 64,
  "size_z": 36,
  "snr": 6.192646094123778,
  "spacing_tr": 2.0,
  "spacing_x": 3.0,
  "spacing_y": 2.999999761581421,
  "spacing_z": 2.999999761581421,
  "summary_bg_k": 17.07338577971637,
  "summary_bg_mad": 21.80565700520368,
  "summary_bg_mean": 65.24535369873047,
  "summary_bg_median": 28.74871826171875,
  "summary_bg_n": 69572.0,
  "summary_bg_p05": 11.241025924682617,
  "summary_bg_p95": 265.7536026000975,
  "summary_bg_stdv": 93.25553894042969,
  "summary_fg_k": 3.084462771660747,
  "summary_fg_mad": 115.90910665700049,
  "summary_fg_mean": 797.751220703125,
  "summary_fg_median": 787.1846313476562,
  "summary_fg_n": 43793.0,
  "summary_fg_p05": 628.1589965820312,
  "summary_fg_p95": 1001.1579711914063,
  "summary_fg_stdv": 127.11458587646484,
  "tsnr": 62.60691501107067
}