{
  "aor": 0.0006601538461538462,
  "aqi": 0.006751186256410256,
  "bids_meta": {
    "AcquisitionMatrixPE": 64,
    "AcquisitionNumber": 1,
    "AcquisitionTime": "23:09:18.435000",
    "BandwidthPerPixelPhaseEncode": 47.348,
    "BaseResolution": 64,
    "BodyPartExamined": "HEAD",
    "ConsistencyInfo": "N4_VD11D_LATEST_20110129",
    "ConversionSoftware": "dcm2niix",
    "ConversionSoftwareVersion": "v1.0.20180518 GCC4.8.5",
    "DerivedVendorReportedEchoSpacing": 0.000660007,
    "DeviceSerialNumber": "45031",
    "DwellTime": 4.5e-06,
    "EchoTime": 0.03,
    "EchoTrainLength": 32,
    "EffectiveEchoSpacing": 0.000330003,
    "FlipAngle": 71,
    "ImageOrientationPatientDICOM": [
      0.997054,
      0.0232059,
      0.0731036,
      -0.0240192,
      0.999659,
      0.0102657
    ],
    "ImageType": [
      "ORIGINAL",
      "PRIMARY",
      "M",
      "ND",
      "NORM",
      "MOSAIC"
    ],
    "InPlanePhaseEncodingDirectionDICOM": "COL",
    "InstitutionAddress": "Washington_and_Faculty_Rd._-_Building_25_25_Princeton_NJ_US_085",
    "InstitutionName": "Princeton_University_-_Neuroscience_Institute",
    "InstitutionalDepartmentName": "Department",
    "MRAcquisitionType": "2D",
    "MagneticFieldStrength": 3,
    "Manufacturer": "Siemens",
    "ManufacturersModelName": "Skyra",
    "Modality": "MR",
    "ParallelReductionFactorInPlane": 2,
    "PartialFourier": 1,
    "PatientPosition": "HFS",
    "PercentPhaseFOV": 100,
    "PhaseEncodingDirection": "j-",
    "PhaseEncodingSteps": 64,
    "PhaseResolution": 1,
    "PixelBandwidth": 1735,
    "ProcedureStepDescription": "NormanLab_Anna",
    "ProtocolName": "epi_195_3x3x3_2s",
    "PulseSequenceDetails": "%SiemensSeq%_ep2d_bold",
    "ReceiveCoilActiveElements": "HE1-4",
    "ReceiveCoilName": "HeadNeck_20",
    "ReconMatrixPE": 64,
    "RepetitionTime": 2,
    "SAR": 0.120592,
    "ScanOptions": "FS",
    "ScanningSequence": "EP",
    "SequenceName": "_epfid2d1_64",
    "SequenceVariant": "SK",
    "SeriesDescription": "epi_195_3x3x3_2s",
    "SeriesNumber": 14,
    "ShimSetting": [
      3210,
      10580,
      10064,
      459,
      -198,
      287,
      577,
      24
    ],
    "SliceThickness": 3,
    "SliceTiming": [
      1,
      0,
      1.055,
      0.0575,
      1.1125,
      0.1125,
      1.1675,
      0.1675,
      1.2225,
      0.2225,
      1.2775,
      0.2775,
      1.3325,
      0.335,
      1.39,
      0.39,
      1.445,
      0.445,
      1.5,
      0.5,
      1.555,
      0.555,
      1.6125,
      0.6125,
      1.6675,
      0.6675,
      1.7225,
      0.7225,
      1.7775,
      0.7775,
      1.8325,
      0.835,
      1.89,
      0.89,
      1.945,
      0.945
    ],
    "SoftwareVersions": "syngo_MR_D11",
    "SpacingBetweenSlices": 3,
    "StationName": "AWP45031",
    "TotalReadoutTime": 0.0207902,
    "TxRefAmp": 361.814,
    "dataset": "ds001454",
    "modality": "bold",
    "run_id": 6,
    "session_id": "2",
    "subject_id": "23",
    "task_id": "satellite"
  },
  "dummy_trs": 0,
  "dvars_nstd": 26.15778037195877,
  "dvars_std": 1.2105574412371125,
  "dvars_vstd": 1.010253860154639,
  "efc": 0.6449358747205087,
  "fber": 721.6223754882812,
  "fd_mean": 0.07352590845005774,
  "fd_num": 3,
  "fd_perc": 1.5384615384615385,
  "fwhm_avg": 1.6685634241572205,
  "fwhm_x": 1.5772033333333333,
  "fwhm_y": 1.7682201405255111,
  "fwhm_z": 1.6602667986128172,
  "gcor": 0.032748,
  "gsr_x": -0.0003871115914080292,
  "gsr_y": 0.05156872421503067,
  "provenance": {
    "md5sum": "527fbfed92e7f132bc0bbbfbf55846fa",
    "settings": {
      "fd_thres": 0.2,
      "testing": false
    },
    "software": "mriqc",
    "version": "23.0.1",
    "webapi_port": null,
    "webapi_url": "https://mriqc.nimh.nih.gov/api/v1"
  },
  "size_t": 195,
  "size_x": 64,
  "size_y": 64,
  "size_z": 36,
  "snr": 6.223328559844868,
  "spacing_tr": 2.0,
  "spacing_x": 3.0,
  "spacing_y": 2.999999761581421,
  "spacing_z": 2.999999761581421,
  "summary_bg_k": 17.240333694395822,
  "summary_bg_mad": 22.21622533959316,
  "summary_bg_mean": 65.38985443115234,
  "summary_bg_median": 28.589744567871094,
  "summary_bg_n": 69555.0,
  "summary_bg_p05": 10.861538887023926,
  "summary_bg_p95": 271.0317962646488,
  "summary_bg_stdv": 95.35781860351562,
  "summary_fg_k": 2.980911271497554,
  "summary_fg_mad": 116.00792267400539,
  "summary_fg_mean": 801.2881469726562,
  "summary_fg_median": 791.2487182617188,
  "summary_fg_n": 43806.0,
  "summary_fg_p05": 630.1641235351562,
  "summary_fg_p95": 1004.3218383789062,
  "summary_fg_stdv": 127.14091491699219,
  "tsnr": 66.0672199614346
}