{
  "aor": 0.0012937948717948716,
  "aqi": 0.008180567743589745,
  "bids_meta": {
    "AcquisitionMatrixPE": 64,
    "AcquisitionNumber": 1,
    "AcquisitionTime": "12:23:45.072500",
    "BandwidthPerPixelPhaseEncode": 47.348,
    "BaseResolution": 64,
    "BodyPartExamined": "HEAD",
    "ConsistencyInfo": "N4_VD11D_LATEST_20110129",
    "ConversionSoftware": "dcm2niix",
    "ConversionSoftwareVersion": "v1.0.20180518 GCC4.8.5",
    "DerivedVendorReportedEchoSpacing": 0.000660007,
    "DeviceSerialNumber": "45031",
    "DwellTime": 4.5e-06,
    "EchoTime": 0.03,
    "EchoTrainLength": 32,
    "EffectiveEchoSpacing": 0.000330003,
    "FlipAngle": 71,
    "ImageOrientationPatientDICOM": [
      0.999385,
      0.0349411,
      0.00305374,
      -0.035074,
      0.995933,
      0.082985
    ],
    "ImageType": [
      "ORIGINAL",
      "PRIMARY",
      "M",
      "ND",
      "NORM",
      "MOSAIC"
    ],
    "InPlanePhaseEncodingDirectionDICOM": "COL",
    "InstitutionAddress": "Washington_and_Faculty_Rd._-_Building_25_25_Princeton_NJ_US_085",
    "InstitutionName": "Princeton_University_-_Neuroscience_Institute",
    "InstitutionalDepartmentName": "Department",
    "MRAcquisitionType": "2D",
    "MagneticFieldStrength": 3,
    "Manufacturer": "Siemens",
    "ManufacturersModelName": "Skyra",
    "Modality": "MR",
    "ParallelReductionFactorInPlane": 2,
    "PartialFourier": 1,
    "PatientPosition": "HFS",
    "PercentPhaseFOV": 100,
    "PhaseEncodingDirection": "j-",
    "PhaseEncodingSteps": 64,
    "PhaseResolution": 1,
    "PixelBandwidth": 1735,
    "ProcedureStepDescription": "NormanLab_Anna",
    "ProtocolName": "epi_195_3x3x3_2s",
    "PulseSequenceDetails": "%SiemensSeq%_ep2d_bold",
    "ReceiveCoilActiveElements": "HE1-4",
    "ReceiveCoilName": "HeadNeck_20",
    "ReconMatrixPE": 64,
    "RepetitionTime": 2,
    "SAR": 0.101817,
    "ScanOptions": "FS",
    "ScanningSequence": "EP",
    "SequenceName": "_epfid2d1_64",
    "SequenceVariant": "SK",
    "SeriesDescription": "epi_195_3x3x3_2s",
    "SeriesNumber": 15,
    "ShimSetting": [
      3189,
      10664,
      9966,
      465,
      110,
      293,
      133,
      -119
    ],
    "SliceThickness": 3,
    "SliceTiming": [
      1,
      0,
      1.055,
      0.055,
      1.11,
      0.11,
      1.1675,
      0.1675,
      1.2225,
      0.2225,
      1.2775,
      0.2775,
      1.3325,
      0.3325,
      1.3875,
      0.3875,
      1.445,
      0.445,
      1.5,
      0.5,
      1.555,
      0.555,
      1.61,
      0.61,
      1.665,
      0.6675,
      1.7225,
      0.7225,
      1.7775,
      0.7775,
      1.8325,
      0.8325,
      1.8875,
      0.8875,
      1.945,
      0.945
    ],
    "SoftwareVersions": "syngo_MR_D11",
    "SpacingBetweenSlices": 3,
    "StationName": "AWP45031",
    "TotalReadoutTime": 0.0207902,
    "TxRefAmp": 361.462,
    "dataset": "ds001454",
    "modality": "bold",
    "run_id": 7,
    "session_id": "1",
    "subject_id": "05",
    "task_id": "satellite"
  },
  "dummy_trs": 0,
  "dvars_nstd": 25.40492182675258,
  "dvars_std": 1.126799495670103,
  "dvars_vstd": 0.9978253251546392,
  "efc": 0.5858555861957838,
  "fber": 1103.9476318359375,
  "fd_mean": 0.11694838545848094,
  "fd_num": 17,
  "fd_perc": 8.717948717948717,
  "fwhm_avg": 1.6408144444444446,
  "fwhm_x": 1.5510333333333335,
  "fwhm_y": 1.7150633333333334,
  "fwhm_z": 1.6563466666666666,
  "gcor": 0.0122975,
  "gsr_x": -0.01911672204732895,
  "gsr_y": 0.06295838952064514,
  "provenance": {
    "md5sum": "6858eff3e27f3464aa2a121b20809749",
    "settings": {
      "fd_thres": 0.2,
      "testing": false
    },
    "software": "mriqc",
    "version": "23.0.1",
    "webapi_port": null,
    "webapi_url": "https://mriqc.nimh.nih.gov/api/v1"
  },
  "size_t": 195,
  "size_x": 64,
  "size_y": 64,
  "size_z": 36,
  "snr": 5.623999864881552,
  "spacing_tr": 2.0,
  "spacing_x": 3.0,
  "spacing_y": 3.0,
  "spacing_z": 3.0,
  "summary_bg_k": 30.947293104232756,
  "summary_bg_mad": 14.118935103669008,
  "summary_bg_mean": 50.76375198364258,
  "summary_bg_median": 21.5230770111084,
  "summary_bg_n": 79934.0,
  "summary_bg_p05": 9.45641040802002,
  "summary_bg_p95": 195.06487655639563,
  "summary_bg_stdv": 87.76422882080078,
  "summary_fg_k": 2.105307675301674,
  "summary_fg_mad": 111.79584470374292,
  "summary_fg_mean": 739.870849609375,
  "summary_fg_median": 718.90771484375,
  "summary_fg_n": 35811.0,
  "summary_fg_p05": 581.7102661132812,
  "summary_fg_p95": 971.6743774414062,
  "summary_fg_stdv": 127.8267593383789,
  "tsnr": 59.426215610001236
}