{
  "aor": 0.0008785567010309277,
  "aqi": 0.006071317989690721,
  "bids_meta": {
    "AcquisitionMatrixPE": 64,
    "AcquisitionNumber": 1,
    "AcquisitionTime": "21:36:12.780000",
    "BandwidthPerPixelPhaseEncode": 47.348,
    "BaseResolution": 64,
    "BodyPartExamined": "HEAD",
    "ConsistencyInfo": "N4_VD11D_LATEST_20110129",
    "ConversionSoftware": "dcm2niix",
    "ConversionSoftwareVersion": "v1.0.20180518 GCC4.8.5",
    "DerivedVendorReportedEchoSpacing": 0.000660007,
    "DeviceSerialNumber": "45031",
    "DwellTime": 4.5e-06,
    "EchoTime": 0.03,
    "EchoTrainLength": 32,
    "EffectiveEchoSpacing": 0.000330003,
    "FlipAngle": 71,
    "ImageOrientationPatientDICOM": [
      0.994176,
      0.0463705,
      0.0972806,
      -0.0728333,
      0.954439,
      0.289383
    ],
    "ImageType": [
      "ORIGINAL",
      "PRIMARY",
      "M",
      "ND",
      "NORM",
      "MOSAIC"
    ],
    "InPlanePhaseEncodingDirectionDICOM": "COL",
    "InstitutionAddress": "Washington_and_Faculty_Rd._-_Building_25_25_Princeton_NJ_US_085",
    "InstitutionName": "Princeton_University_-_Neuroscience_Institute",
    "InstitutionalDepartmentName": "Department",
    "MRAcquisitionType": "2D",
    "MagneticFieldStrength": 3,
    "Manufacturer": "Siemens",
    "ManufacturersModelName": "Skyra",
    "Modality": "MR",
    "ParallelReductionFactorInPlane": 2,
    "PartialFourier": 1,
    "PatientPosition": "HFS",
    "PercentPhaseFOV": 100,
    "PhaseEncodingDirection": "j-",
    "PhaseEncodingSteps": 64,
    "PhaseResolution": 1,
    "PixelBandwidth": 1735,
    "ProcedureStepDescription": "NormanLab_Anna",
    "ProtocolName": "epi_195_3x3x3_2s",
    "PulseSequenceDetails": "%SiemensSeq%_ep2d_bold",
    "ReceiveCoilActiveElements": "HE1-4",
    "ReceiveCoilName": "HeadNeck_20",
    "ReconMatrixPE": 64,
    "RepetitionTime": 2,
    "SAR": 0.116304,
    "ScanOptions": "FS",
    "ScanningSequence": "EP",
    "SequenceName": "_epfid2d1_64",
    "SequenceVariant": "SK",
    "SeriesDescription": "epi_195_3x3x3_2s",
    "SeriesNumber": 17,
    "ShimSetting": [
      3146,
      10684,
      9956,
      740,
      -286,
      348,
      118,
      153
    ],
    "SliceThickness": 3,
    "SliceTiming": [
      1,
      0,
      1.055,
      0.055,
      1.11,
      0.11,
      1.1675,
      0.1675,
      1.2225,
      0.2225,
      1.2775,
      0.2775,
      1.3325,
      0.3325,
      1.3875,
      0.39,
      1.445,
      0.445,
      1.5,
      0.5,
      1.555,
      0.555,
      1.61,
      0.61,
      1.6675,
      0.6675,
      1.7225,
      0.7225,
      1.7775,
      0.7775,
      1.8325,
      0.8325,
      1.8875,
      0.8875,
      1.945,
      0.945
    ],
    "SoftwareVersions": "syngo_MR_D11",
    "SpacingBetweenSlices": 3,
    "StationName": "AWP45031",
    "TotalReadoutTime": 0.0207902,
    "TxRefAmp": 315.254,
    "dataset": "ds001454",
    "modality": "bold",
    "run_id": 1,
    "session_id": "1",
    "subject_id": "21",
    "task_id": "rest"
  },
  "dummy_trs": 1,
  "dvars_nstd": 24.106614967046625,
  "dvars_std": 1.1775125839378235,
  "dvars_vstd": 1.0215172725906736,
  "efc": 0.5665423743386232,
  "fber": 1186.60302734375,
  "fd_mean": 0.07148550331917063,
  "fd_num": 2,
  "fd_perc": 1.0309278350515463,
  "fwhm_avg": 1.7206844444444445,
  "fwhm_x": 1.5894266666666665,
  "fwhm_y": 1.8166266666666668,
  "fwhm_z": 1.756,
  "gcor": 0.0150372,
  "gsr_x": -0.008821378462016582,
  "gsr_y": 0.03346588835120201,
  "provenance": {
    "md5sum": "feeaab4f161217afbe35dcaf5ba1f5bd",
    "settings": {
      "fd_thres": 0.2,
      "testing": false
    },
    "software": "mriqc",
    "version": "23.0.1",
    "webapi_port": null,
    "webapi_url": "https://mriqc.nimh.nih.gov/api/v1"
  },
  "size_t": 194,
  "size_x": 64,
  "size_y": 64,
  "size_z": 36,
  "snr": 6.08280033556757,
  "spacing_tr": 2.0,
  "spacing_x": 3.0,
  "spacing_y": 3.0,
  "spacing_z": 3.0,
  "summary_bg_k": 33.15033993607384,
  "summary_bg_mad": 12.013663876911654,
  "summary_bg_mean": 38.52249526977539,
  "summary_bg_median": 20.0,
  "summary_bg_n": 82145.0,
  "summary_bg_p05": 9.5,
  "summary_bg_p95": 127.22370910644543,
  "summary_bg_stdv": 56.84614562988281,
  "summary_fg_k": 3.493464678409687,
  "summary_fg_mad": 98.53947694264919,
  "summary_fg_mean": 709.3861083984375,
  "summary_fg_median": 697.9741821289062,
  "summary_fg_n": 33747.0,
  "summary_fg_p05": 563.2788269042969,
  "summary_fg_p95": 895.5819213867185,
  "summary_fg_stdv": 114.74383544921875,
  "tsnr": 71.32760959956795
}