{
  "bids_meta": {
    "AcquisitionMatrixPE": 256,
    "AcquisitionNumber": 1,
    "AcquisitionTime": "22:21:2.407500",
    "BaseResolution": 256,
    "BodyPartExamined": "HEAD",
    "ConsistencyInfo": "N4_VD11D_LATEST_20110129",
    "ConversionSoftware": "dcm2niix",
    "ConversionSoftwareVersion": "v1.0.20180518 GCC4.8.5",
    "DeviceSerialNumber": "45031",
    "DwellTime": 9.8e-06,
    "EchoTime": 0.0033,
    "FlipAngle": 7,
    "ImageOrientationPatientDICOM": [
      -0.0275668,
      0.99962,
      -3.62334e-08,
      0.0321781,
      0.00088735,
      -0.999482
    ],
    "ImageType": [
      "ORIGINAL",
      "PRIMARY",
      "M",
      "ND",
      "NORM"
    ],
    "InPlanePhaseEncodingDirectionDICOM": "ROW",
    "InstitutionAddress": "Washington_and_Faculty_Rd._-_Building_25_25_Princeton_NJ_US_085",
    "InstitutionName": "Princeton_University_-_Neuroscience_Institute",
    "InstitutionalDepartmentName": "Department",
    "InversionTime": 1.1,
    "MRAcquisitionType": "3D",
    "MagneticFieldStrength": 3,
    "Manufacturer": "Siemens",
    "ManufacturersModelName": "Skyra",
    "Modality": "MR",
    "ParallelReductionFactorInPlane": 2,
    "PartialFourier": 1,
    "PatientPosition": "HFS",
    "PercentPhaseFOV": 100,
    "PhaseEncodingSteps": 255,
    "PhaseResolution": 1,
    "PixelBandwidth": 200,
    "ProcedureStepDescription": "NormanLab_Anna",
    "ProtocolName": "MPRAGE_tfl",
    "PulseSequenceDetails": "%SiemensSeq%_tfl",
    "ReceiveCoilActiveElements": "HE1-4",
    "ReceiveCoilName": "HeadNeck_20",
    "ReconMatrixPE": 256,
    "RepetitionTime": 2.53,
    "SAR": 0.0608102,
    "ScanOptions": "IR",
    "ScanningSequence": "GR_IR",
    "SequenceName": "_tfl3d1_16ns",
    "SequenceVariant": "SK_SP_MP",
    "SeriesDescription": "MPRAGE_tfl",
    "SeriesNumber": 5,
    "ShimSetting": [
      3217,
      10462,
      9826,
      356,
      -66,
      -461,
      201,
      -47
    ],
    "SliceThickness": 1,
    "SoftwareVersions": "syngo_MR_D11",
    "StationName": "AWP45031",
    "TxRefAmp": 316.33,
    "dataset": "ds001454",
    "modality": "T1w",
    "session_id": "2",
    "subject_id": "13"
  },
  "cjv": 0.3329471513009526,
  "cnr": 4.012860583560533,
  "efc": 0.4848580940168344,
  "fber": 21376.456599286565,
  "fwhm_avg": 3.7523760395925074,
  "fwhm_x": 3.8917281187775226,
  "fwhm_y": 3.82078,
  "fwhm_z": 3.54462,
  "icvs_csf": 0.24787442370303855,
  "icvs_gm": 0.4244788746775998,
  "icvs_wm": 0.32764670161936166,
  "inu_med": 0.6093994975090027,
  "inu_range": 0.24454555511474607,
  "provenance": {
    "md5sum": "860241654cf6adb5ee3c28d7d3e5afa4",
    "settings": {
      "testing": false
    },
    "software": "mriqc",
    "version": "23.0.1",
    "warnings": {
      "large_rot_frame": true,
      "small_air_mask": false
    },
    "webapi_port": null,
    "webapi_url": "https://mriqc.nimh.nih.gov/api/v1"
  },
  "qi_1": 0.00012841721812110736,
  "qi_2": 0.011571807540865892,
  "rpve_csf": 22.112309769505256,
  "rpve_gm": 12.605458711181274,
  "rpve_wm": 18.305151168658615,
  "size_x": 176,
  "size_y": 256,
  "size_z": 256,
  "snr_csf": 1.3421854779002502,
  "snr_gm": 9.277083970965153,
  "snr_total": 10.677908301632117,
  "snr_wm": 21.414455456030947,
  "snrd_csf": 14.819437316507722,
  "snrd_gm": 65.27513412723404,
  "snrd_total": 59.75811534364285,
  "snrd_wm": 99.17977458718677,
  "spacing_x": 0.9999979138374329,
  "spacing_y": 1.0,
  "spacing_z": 1.0,
  "summary_bg_k": 2527.4918917416553,
  "summary_bg_mad": 0.0,
  "summary_bg_mean": 3.356464932845333,
  "summary_bg_median": 0.0,
  "summary_bg_n": 3795369.0,
  "summary_bg_p05": 0.0,
  "summary_bg_p95": 15.400231931358576,
  "summary_bg_stdv": 6.60554431603807,
  "summary_csf_k": 1.4543254243684895,
  "summary_csf_mad": 90.64168964364376,
  "summary_csf_mean": 175.6254486914158,
  "summary_csf_median": 149.419952750206,
  "summary_csf_n": 73124.0,
  "summary_csf_p05": 43.38747075200081,
  "summary_csf_p95": 409.5954153141004,
  "summary_csf_stdv": 111.32509889140314,
  "summary_gm_k": 0.14376372088529177,
  "summary_gm_mad": 68.49725408079911,
  "summary_gm_mean": 659.0130325684688,
  "summary_gm_median": 658.149648245424,
  "summary_gm_n": 33322.0,
  "summary_gm_p05": 541.6197765154764,
  "summary_gm_p95": 777.668209053576,
  "summary_gm_stdv": 70.94252618912446,
  "summary_wm_k": 0.28109529816198187,
  "summary_wm_mad": 45.32084482182188,
  "summary_wm_mean": 999.0027413353797,
  "summary_wm_median": 999.9999943375587,
  "summary_wm_n": 186229.0,
  "summary_wm_p05": 920.8526629991829,
  "summary_wm_p95": 1073.6368848718703,
  "summary_wm_stdv": 46.697302741165856,
  "tpm_overlap_csf": 0.15846745250583577,
  "tpm_overlap_gm": 0.46781120305061336,
  "tpm_overlap_wm": 0.49942643502124967,
  "wm2max": 0.6617809459964592
}