{
  "aor": 0.0006834358974358974,
  "aqi": 0.007368312256410256,
  "bids_meta": {
    "AcquisitionMatrixPE": 64,
    "AcquisitionNumber": 1,
    "AcquisitionTime": "10:21:9.620000",
    "BandwidthPerPixelPhaseEncode": 47.348,
    "BaseResolution": 64,
    "BodyPartExamined": "HEAD",
    "ConsistencyInfo": "N4_VD11D_LATEST_20110129",
    "ConversionSoftware": "dcm2niix",
    "ConversionSoftwareVersion": "v1.0.20180518 GCC4.8.5",
    "DerivedVendorReportedEchoSpacing": 0.000660007,
    "DeviceSerialNumber": "45031",
    "DwellTime": 4.5e-06,
    "EchoTime": 0.03,
    "EchoTrainLength": 32,
    "EffectiveEchoSpacing": 0.000330003,
    "FlipAngle": 71,
    "ImageOrientationPatientDICOM": [
      0.99905,
      -0.0257031,
      0.0351867,
      0.0204038,
      0.989447,
      0.143448
    ],
    "ImageType": [
      "ORIGINAL",
      "PRIMARY",
      "M",
      "ND",
      "NORM",
      "MOSAIC"
    ],
    "InPlanePhaseEncodingDirectionDICOM": "COL",
    "InstitutionAddress": "Washington_and_Faculty_Rd._-_Building_25_25_Princeton_NJ_US_085",
    "InstitutionName": "Princeton_University_-_Neuroscience_Institute",
    "InstitutionalDepartmentName": "Department",
    "MRAcquisitionType": "2D",
    "MagneticFieldStrength": 3,
    "Manufacturer": "Siemens",
    "ManufacturersModelName": "Skyra",
    "Modality": "MR",
    "ParallelReductionFactorInPlane": 2,
    "PartialFourier": 1,
    "PatientPosition": "HFS",
    "PercentPhaseFOV": 100,
    "PhaseEncodingDirection": "j-",
    "PhaseEncodingSteps": 64,
    "PhaseResolution": 1,
    "PixelBandwidth": 1735,
    "ProcedureStepDescription": "NormanLab_Anna",
    "ProtocolName": "epi_195_3x3x3_2s",
    "PulseSequenceDetails": "%SiemensSeq%_ep2d_bold",
    "ReceiveCoilActiveElements": "HE1-4",
    "ReceiveCoilName": "HeadNeck_20",
    "ReconMatrixPE": 64,
    "RepetitionTime": 2,
    "SAR": 0.114107,
    "ScanOptions": "FS",
    "ScanningSequence": "EP",
    "SequenceName": "_epfid2d1_64",
    "SequenceVariant": "SK",
    "SeriesDescription": "epi_195_3x3x3_2s",
    "SeriesNumber": 15,
    "ShimSetting": [
      3194,
      10523,
      10059,
      666,
      -134,
      247,
      796,
      182
    ],
    "SliceThickness": 3,
    "SliceTiming": [
      1,
      0,
      1.055,
      0.055,
      1.11,
      0.11,
      1.165,
      0.165,
      1.2225,
      0.2225,
      1.2775,
      0.2775,
      1.3325,
      0.3325,
      1.3875,
      0.3875,
      1.4425,
      0.445,
      1.5,
      0.5,
      1.555,
      0.555,
      1.61,
      0.61,
      1.665,
      0.665,
      1.7225,
      0.7225,
      1.7775,
      0.7775,
      1.8325,
      0.8325,
      1.8875,
      0.8875,
      1.9425,
      0.9425
    ],
    "SoftwareVersions": "syngo_MR_D11",
    "SpacingBetweenSlices": 3,
    "StationName": "AWP45031",
    "TotalReadoutTime": 0.0207902,
    "TxRefAmp": 341.729,
    "dataset": "ds001454",
    "modality": "bold",
    "run_id": 7,
    "session_id": "2",
    "subject_id": "15",
    "task_id": "satellite"
  },
  "dummy_trs": 0,
  "dvars_nstd": 31.769865891288678,
  "dvars_std": 1.3556169845876291,
  "dvars_vstd": 1.0061073503608247,
  "efc": 0.6301000141801892,
  "fber": 919.4620971679688,
  "fd_mean": 0.10145650614286178,
  "fd_num": 2,
  "fd_perc": 1.0256410256410255,
  "fwhm_avg": 1.7222710678489153,
  "fwhm_x": 1.6330932035467463,
  "fwhm_y": 1.8427766666666667,
  "fwhm_z": 1.6909433333333332,
  "gcor": 0.0200199,
  "gsr_x": -0.007595257833600044,
  "gsr_y": 0.058846719563007355,
  "provenance": {
    "md5sum": "a0bf3b9cf529d7f712e54be3e64379b5",
    "settings": {
      "fd_thres": 0.2,
      "testing": false
    },
    "software": "mriqc",
    "version": "23.0.1",
    "webapi_port": null,
    "webapi_url": "https://mriqc.nimh.nih.gov/api/v1"
  },
  "size_t": 195,
  "size_x": 64,
  "size_y": 64,
  "size_z": 36,
  "snr": 5.989011819145206,
  "spacing_tr": 2.0,
  "spacing_x": 3.000000238418579,
  "spacing_y": 3.0,
  "spacing_z": 3.0,
  "summary_bg_k": 16.47254720236849,
  "summary_bg_mad": 19.562746355493058,
  "summary_bg_mean": 68.64044189453125,
  "summary_bg_median": 26.179487228393555,
  "summary_bg_n": 72537.0,
  "summary_bg_p05": 10.764102935791016,
  "summary_bg_p95": 284.2830993652343,
  "summary_bg_stdv": 106.24922180175781,
  "summary_fg_k": 3.250166141326498,
  "summary_fg_mad": 124.587994362973,
  "summary_fg_mean": 843.2669677734375,
  "summary_fg_median": 829.7077026367188,
  "summary_fg_n": 40872.0,
  "summary_fg_p05": 662.1282348632812,
  "summary_fg_p95": 1070.2382690429688,
  "summary_fg_stdv": 138.53663635253906,
  "tsnr": 66.45143097208347
}