{
  "aor": 0.0009152577319587629,
  "aqi": 0.007457098247422681,
  "bids_meta": {
    "AcquisitionMatrixPE": 64,
    "AcquisitionNumber": 1,
    "AcquisitionTime": "09:37:6.465000",
    "BandwidthPerPixelPhaseEncode": 47.348,
    "BaseResolution": 64,
    "BodyPartExamined": "HEAD",
    "ConsistencyInfo": "N4_VD11D_LATEST_20110129",
    "ConversionSoftware": "dcm2niix",
    "ConversionSoftwareVersion": "v1.0.20180518 GCC4.8.5",
    "DerivedVendorReportedEchoSpacing": 0.000660007,
    "DeviceSerialNumber": "45031",
    "DwellTime": 4.5e-06,
    "EchoTime": 0.03,
    "EchoTrainLength": 32,
    "EffectiveEchoSpacing": 0.000330003,
    "FlipAngle": 71,
    "ImageOrientationPatientDICOM": [
      0.99905,
      -0.0257031,
      0.0351867,
      0.0204038,
      0.989447,
      0.143448
    ],
    "ImageType": [
      "ORIGINAL",
      "PRIMARY",
      "M",
      "ND",
      "NORM",
      "MOSAIC"
    ],
    "InPlanePhaseEncodingDirectionDICOM": "COL",
    "InstitutionAddress": "Washington_and_Faculty_Rd._-_Building_25_25_Princeton_NJ_US_085",
    "InstitutionName": "Princeton_University_-_Neuroscience_Institute",
    "InstitutionalDepartmentName": "Department",
    "MRAcquisitionType": "2D",
    "MagneticFieldStrength": 3,
    "Manufacturer": "Siemens",
    "ManufacturersModelName": "Skyra",
    "Modality": "MR",
    "ParallelReductionFactorInPlane": 2,
    "PartialFourier": 1,
    "PatientPosition": "HFS",
    "PercentPhaseFOV": 100,
    "PhaseEncodingDirection": "j-",
    "PhaseEncodingSteps": 64,
    "PhaseResolution": 1,
    "PixelBandwidth": 1735,
    "ProcedureStepDescription": "NormanLab_Anna",
    "ProtocolName": "epi_195_3x3x3_2s",
    "PulseSequenceDetails": "%SiemensSeq%_ep2d_bold",
    "ReceiveCoilActiveElements": "HE1-4",
    "ReceiveCoilName": "HeadNeck_20",
    "ReconMatrixPE": 64,
    "RepetitionTime": 2,
    "SAR": 0.114107,
    "ScanOptions": "FS",
    "ScanningSequence": "EP",
    "SequenceName": "_epfid2d1_64",
    "SequenceVariant": "SK",
    "SeriesDescription": "epi_195_3x3x3_2s",
    "SeriesNumber": 9,
    "ShimSetting": [
      3194,
      10523,
      10059,
      666,
      -134,
      247,
      796,
      182
    ],
    "SliceThickness": 3,
    "SliceTiming": [
      1,
      0,
      1.055,
      0.055,
      1.11,
      0.11,
      1.165,
      0.165,
      1.2225,
      0.2225,
      1.2775,
      0.2775,
      1.3325,
      0.3325,
      1.3875,
      0.3875,
      1.4425,
      0.445,
      1.5,
      0.5,
      1.555,
      0.555,
      1.61,
      0.61,
      1.665,
      0.665,
      1.7225,
      0.7225,
      1.7775,
      0.7775,
      1.8325,
      0.8325,
      1.8875,
      0.8875,
      1.9425,
      0.9425
    ],
    "SoftwareVersions": "syngo_MR_D11",
    "SpacingBetweenSlices": 3,
    "StationName": "AWP45031",
    "TotalReadoutTime": 0.0207902,
    "TxRefAmp": 341.729,
    "dataset": "ds001454",
    "modality": "bold",
    "run_id": 1,
    "session_id": "2",
    "subject_id": "15",
    "task_id": "satellite"
  },
  "dummy_trs": 1,
  "dvars_nstd": 32.30319503414508,
  "dvars_std": 1.3814293593782385,
  "dvars_vstd": 1.0143897607772026,
  "efc": 0.6269903031900608,
  "fber": 974.9589233398438,
  "fd_mean": 0.1019400786399678,
  "fd_num": 5,
  "fd_perc": 2.577319587628866,
  "fwhm_avg": 1.7271999565922806,
  "fwhm_x": 1.6385865364435086,
  "fwhm_y": 1.8462966666666667,
  "fwhm_z": 1.6967166666666669,
  "gcor": 0.0290536,
  "gsr_x": -0.008760052733123302,
  "gsr_y": 0.05851026996970177,
  "provenance": {
    "md5sum": "5dc676bc2965aaa95362f41c924a08ba",
    "settings": {
      "fd_thres": 0.2,
      "testing": false
    },
    "software": "mriqc",
    "version": "23.0.1",
    "webapi_port": null,
    "webapi_url": "https://mriqc.nimh.nih.gov/api/v1"
  },
  "size_t": 194,
  "size_x": 64,
  "size_y": 64,
  "size_z": 36,
  "snr": 6.008775147844529,
  "spacing_tr": 2.0,
  "spacing_x": 3.000000238418579,
  "spacing_y": 3.0,
  "spacing_z": 3.0,
  "summary_bg_k": 17.35361199518506,
  "summary_bg_mad": 19.22033319034131,
  "summary_bg_mean": 66.56822967529297,
  "summary_bg_median": 25.80927848815918,
  "summary_bg_n": 72580.0,
  "summary_bg_p05": 10.541236877441406,
  "summary_bg_p95": 273.7309295654299,
  "summary_bg_stdv": 103.41324615478516,
  "summary_fg_k": 3.2461998184837046,
  "summary_fg_mad": 126.54083232540344,
  "summary_fg_mean": 853.2871704101562,
  "summary_fg_median": 839.515380859375,
  "summary_fg_n": 40778.0,
  "summary_fg_p05": 670.8283477783203,
  "summary_fg_p95": 1080.7409240722657,
  "summary_fg_stdv": 139.7131805419922,
  "tsnr": 65.26128237950616
}