{
  "aor": 0.0008015897435897436,
  "aqi": 0.006727865384615385,
  "bids_meta": {
    "AcquisitionMatrixPE": 64,
    "AcquisitionNumber": 1,
    "AcquisitionTime": "10:06:45.072500",
    "BandwidthPerPixelPhaseEncode": 47.348,
    "BaseResolution": 64,
    "BodyPartExamined": "HEAD",
    "ConsistencyInfo": "N4_VD11D_LATEST_20110129",
    "ConversionSoftware": "dcm2niix",
    "ConversionSoftwareVersion": "v1.0.20180518 GCC4.8.5",
    "DerivedVendorReportedEchoSpacing": 0.000660007,
    "DeviceSerialNumber": "45031",
    "DwellTime": 4.5e-06,
    "EchoTime": 0.03,
    "EchoTrainLength": 32,
    "EffectiveEchoSpacing": 0.000330003,
    "FlipAngle": 71,
    "ImageOrientationPatientDICOM": [
      0.998313,
      0.0533558,
      0.0229069,
      -0.0561639,
      0.987433,
      0.147722
    ],
    "ImageType": [
      "ORIGINAL",
      "PRIMARY",
      "M",
      "ND",
      "NORM",
      "MOSAIC"
    ],
    "InPlanePhaseEncodingDirectionDICOM": "COL",
    "InstitutionAddress": "Washington_and_Faculty_Rd._-_Building_25_25_Princeton_NJ_US_085",
    "InstitutionName": "Princeton_University_-_Neuroscience_Institute",
    "InstitutionalDepartmentName": "Department",
    "MRAcquisitionType": "2D",
    "MagneticFieldStrength": 3,
    "Manufacturer": "Siemens",
    "ManufacturersModelName": "Skyra",
    "Modality": "MR",
    "ParallelReductionFactorInPlane": 2,
    "PartialFourier": 1,
    "PatientPosition": "HFS",
    "PercentPhaseFOV": 100,
    "PhaseEncodingDirection": "j-",
    "PhaseEncodingSteps": 64,
    "PhaseResolution": 1,
    "PixelBandwidth": 1735,
    "ProcedureStepDescription": "NormanLab_Anna",
    "ProtocolName": "epi_195_3x3x3_2s",
    "PulseSequenceDetails": "%SiemensSeq%_ep2d_bold",
    "ReceiveCoilActiveElements": "HE1-4",
    "ReceiveCoilName": "HeadNeck_20",
    "ReconMatrixPE": 64,
    "RepetitionTime": 2,
    "SAR": 0.12389,
    "ScanOptions": "FS",
    "ScanningSequence": "EP",
    "SequenceName": "_epfid2d1_64",
    "SequenceVariant": "SK",
    "SeriesDescription": "epi_195_3x3x3_2s",
    "SeriesNumber": 12,
    "ShimSetting": [
      3226,
      10551,
      10049,
      829,
      -45,
      167,
      776,
      -81
    ],
    "SliceThickness": 3,
    "SliceTiming": [
      0.9975,
      0,
      1.055,
      0.055,
      1.11,
      0.11,
      1.165,
      0.165,
      1.22,
      0.22,
      1.2775,
      0.2775,
      1.3325,
      0.3325,
      1.3875,
      0.3875,
      1.4425,
      0.4425,
      1.4975,
      0.5,
      1.555,
      0.555,
      1.61,
      0.61,
      1.665,
      0.665,
      1.72,
      0.72,
      1.7775,
      0.7775,
      1.8325,
      0.8325,
      1.8875,
      0.8875,
      1.9425,
      0.9425
    ],
    "SoftwareVersions": "syngo_MR_D11",
    "SpacingBetweenSlices": 3,
    "StationName": "AWP45031",
    "TotalReadoutTime": 0.0207902,
    "TxRefAmp": 327.365,
    "dataset": "ds001454",
    "modality": "bold",
    "run_id": 4,
    "session_id": "2",
    "subject_id": "22",
    "task_id": "satellite"
  },
  "dummy_trs": 0,
  "dvars_nstd": 26.6575603587629,
  "dvars_std": 1.153915934072164,
  "dvars_vstd": 1.0054720322164947,
  "efc": 0.6170450616345429,
  "fber": 1004.7945556640625,
  "fd_mean": 0.08138338946636293,
  "fd_num": 0,
  "fd_perc": 0.0,
  "fwhm_avg": 1.7165744444444444,
  "fwhm_x": 1.6153866666666667,
  "fwhm_y": 1.8695899999999999,
  "fwhm_z": 1.6647466666666666,
  "gcor": 0.0411902,
  "gsr_x": -0.0063097612001001835,
  "gsr_y": 0.05304548144340515,
  "provenance": {
    "md5sum": "7556e87f3daf17b0ea0f641a46766f21",
    "settings": {
      "fd_thres": 0.2,
      "testing": false
    },
    "software": "mriqc",
    "version": "23.0.1",
    "webapi_port": null,
    "webapi_url": "https://mriqc.nimh.nih.gov/api/v1"
  },
  "size_t": 195,
  "size_x": 64,
  "size_y": 64,
  "size_z": 36,
  "snr": 5.621773843097442,
  "spacing_tr": 2.0,
  "spacing_x": 3.0,
  "spacing_y": 3.0,
  "spacing_z": 3.0,
  "summary_bg_k": 27.694999632780604,
  "summary_bg_mad": 15.654760085912278,
  "summary_bg_mean": 52.76007843017578,
  "summary_bg_median": 23.917949676513672,
  "summary_bg_n": 73286.0,
  "summary_bg_p05": 11.056410789489746,
  "summary_bg_p95": 195.85897827148438,
  "summary_bg_stdv": 76.60668182373047,
  "summary_fg_k": 2.563922655816243,
  "summary_fg_mad": 128.1690795799616,
  "summary_fg_mean": 798.695556640625,
  "summary_fg_median": 786.3590087890625,
  "summary_fg_n": 40518.0,
  "summary_fg_p05": 611.1948852539062,
  "summary_fg_p95": 1028.2656982421877,
  "summary_fg_stdv": 139.8756561279297,
  "tsnr": 65.041312352987
}