{
  "aor": 0.0008845595854922279,
  "aqi": 0.007348597512953367,
  "bids_meta": {
    "AcquisitionMatrixPE": 64,
    "AcquisitionNumber": 1,
    "AcquisitionTime": "12:07:22.840000",
    "BandwidthPerPixelPhaseEncode": 47.348,
    "BaseResolution": 64,
    "BodyPartExamined": "HEAD",
    "ConsistencyInfo": "N4_VD11D_LATEST_20110129",
    "ConversionSoftware": "dcm2niix",
    "ConversionSoftwareVersion": "v1.0.20180518 GCC4.8.5",
    "DerivedVendorReportedEchoSpacing": 0.000660007,
    "DeviceSerialNumber": "45031",
    "DwellTime": 4.5e-06,
    "EchoTime": 0.03,
    "EchoTrainLength": 32,
    "EffectiveEchoSpacing": 0.000330003,
    "FlipAngle": 71,
    "ImageOrientationPatientDICOM": [
      0.995807,
      0.000510754,
      0.0914761,
      -0.0121667,
      0.99184,
      0.126909
    ],
    "ImageType": [
      "ORIGINAL",
      "PRIMARY",
      "M",
      "ND",
      "NORM",
      "MOSAIC"
    ],
    "InPlanePhaseEncodingDirectionDICOM": "COL",
    "InstitutionAddress": "Washington_and_Faculty_Rd._-_Building_25_25_Princeton_NJ_US_085",
    "InstitutionName": "Princeton_University_-_Neuroscience_Institute",
    "InstitutionalDepartmentName": "Department",
    "MRAcquisitionType": "2D",
    "MagneticFieldStrength": 3,
    "Manufacturer": "Siemens",
    "ManufacturersModelName": "Skyra",
    "Modality": "MR",
    "ParallelReductionFactorInPlane": 2,
    "PartialFourier": 1,
    "PatientPosition": "HFS",
    "PercentPhaseFOV": 100,
    "PhaseEncodingDirection": "j-",
    "PhaseEncodingSteps": 64,
    "PhaseResolution": 1,
    "PixelBandwidth": 1735,
    "ProcedureStepDescription": "NormanLab_Anna",
    "ProtocolName": "epi_195_3x3x3_2s",
    "PulseSequenceDetails": "%SiemensSeq%_ep2d_bold",
    "ReceiveCoilActiveElements": "HE1-4",
    "ReceiveCoilName": "HeadNeck_20",
    "ReconMatrixPE": 64,
    "RepetitionTime": 2,
    "SAR": 0.117463,
    "ScanOptions": "FS",
    "ScanningSequence": "EP",
    "SequenceName": "_epfid2d1_64",
    "SequenceVariant": "SK",
    "SeriesDescription": "epi_195_3x3x3_2s",
    "SeriesNumber": 17,
    "ShimSetting": [
      3230,
      10559,
      10063,
      508,
      -136,
      292,
      441,
      18
    ],
    "SliceThickness": 3,
    "SliceTiming": [
      1,
      0,
      1.055,
      0.055,
      1.11,
      0.11,
      1.165,
      0.165,
      1.2225,
      0.2225,
      1.2775,
      0.2775,
      1.3325,
      0.3325,
      1.3875,
      0.3875,
      1.4425,
      0.4425,
      1.5,
      0.5,
      1.555,
      0.555,
      1.61,
      0.61,
      1.665,
      0.665,
      1.72,
      0.7225,
      1.7775,
      0.7775,
      1.8325,
      0.8325,
      1.8875,
      0.8875,
      1.9425,
      0.9425
    ],
    "SoftwareVersions": "syngo_MR_D11",
    "SpacingBetweenSlices": 3,
    "StationName": "AWP45031",
    "TotalReadoutTime": 0.0207902,
    "TxRefAmp": 342.294,
    "dataset": "ds001454",
    "modality": "bold",
    "run_id": 1,
    "session_id": "1",
    "subject_id": "16",
    "task_id": "rest"
  },
  "dummy_trs": 2,
  "dvars_nstd": 25.447588453489576,
  "dvars_std": 1.1387772455208336,
  "dvars_vstd": 1.0044467231249998,
  "efc": 0.6153430569937449,
  "fber": 807.253173828125,
  "fd_mean": 0.11791725502749213,
  "fd_num": 8,
  "fd_perc": 4.1450777202072535,
  "fwhm_avg": 1.7621955555555555,
  "fwhm_x": 1.6094833333333334,
  "fwhm_y": 1.85638,
  "fwhm_z": 1.8207233333333335,
  "gcor": 0.0230841,
  "gsr_x": 0.00947036873549223,
  "gsr_y": 0.03534088656306267,
  "provenance": {
    "md5sum": "5f79669c856061e6c0e322d3f161b5ba",
    "settings": {
      "fd_thres": 0.2,
      "testing": false
    },
    "software": "mriqc",
    "version": "23.0.1",
    "webapi_port": null,
    "webapi_url": "https://mriqc.nimh.nih.gov/api/v1"
  },
  "size_t": 193,
  "size_x": 64,
  "size_y": 64,
  "size_z": 36,
  "snr": 6.2809192392451,
  "spacing_tr": 2.0,
  "spacing_x": 3.0,
  "spacing_y": 3.0,
  "spacing_z": 3.0,
  "summary_bg_k": 16.16093334561775,
  "summary_bg_mad": 18.183002550292382,
  "summary_bg_mean": 64.48465728759766,
  "summary_bg_median": 25.870466232299805,
  "summary_bg_n": 76685.0,
  "summary_bg_p05": 10.834197044372559,
  "summary_bg_p95": 264.72640991210966,
  "summary_bg_stdv": 100.01741027832031,
  "summary_fg_k": 3.381466265526748,
  "summary_fg_mad": 110.06208510868322,
  "summary_fg_mean": 768.0257568359375,
  "summary_fg_median": 760.22021484375,
  "summary_fg_n": 36798.0,
  "summary_fg_p05": 605.1608612060547,
  "summary_fg_p95": 961.2694091796875,
  "summary_fg_stdv": 121.0348129272461,
  "tsnr": 60.32944822218269
}