{
  "aor": 0.0008106153846153846,
  "aqi": 0.00561390158974359,
  "bids_meta": {
    "AcquisitionMatrixPE": 64,
    "AcquisitionNumber": 1,
    "AcquisitionTime": "11:18:37.687500",
    "BandwidthPerPixelPhaseEncode": 47.348,
    "BaseResolution": 64,
    "BodyPartExamined": "HEAD",
    "ConsistencyInfo": "N4_VD11D_LATEST_20110129",
    "ConversionSoftware": "dcm2niix",
    "ConversionSoftwareVersion": "v1.0.20180518 GCC4.8.5",
    "DerivedVendorReportedEchoSpacing": 0.000660007,
    "DeviceSerialNumber": "45031",
    "DwellTime": 4.5e-06,
    "EchoTime": 0.03,
    "EchoTrainLength": 32,
    "EffectiveEchoSpacing": 0.000330003,
    "FlipAngle": 71,
    "ImageOrientationPatientDICOM": [
      0.995807,
      0.000510754,
      0.0914761,
      -0.0121667,
      0.99184,
      0.126909
    ],
    "ImageType": [
      "ORIGINAL",
      "PRIMARY",
      "M",
      "ND",
      "NORM",
      "MOSAIC"
    ],
    "InPlanePhaseEncodingDirectionDICOM": "COL",
    "InstitutionAddress": "Washington_and_Faculty_Rd._-_Building_25_25_Princeton_NJ_US_085",
    "InstitutionName": "Princeton_University_-_Neuroscience_Institute",
    "InstitutionalDepartmentName": "Department",
    "MRAcquisitionType": "2D",
    "MagneticFieldStrength": 3,
    "Manufacturer": "Siemens",
    "ManufacturersModelName": "Skyra",
    "Modality": "MR",
    "ParallelReductionFactorInPlane": 2,
    "PartialFourier": 1,
    "PatientPosition": "HFS",
    "PercentPhaseFOV": 100,
    "PhaseEncodingDirection": "j-",
    "PhaseEncodingSteps": 64,
    "PhaseResolution": 1,
    "PixelBandwidth": 1735,
    "ProcedureStepDescription": "NormanLab_Anna",
    "ProtocolName": "epi_195_3x3x3_2s",
    "PulseSequenceDetails": "%SiemensSeq%_ep2d_bold",
    "ReceiveCoilActiveElements": "HE1-4",
    "ReceiveCoilName": "HeadNeck_20",
    "ReconMatrixPE": 64,
    "RepetitionTime": 2,
    "SAR": 0.117463,
    "ScanOptions": "FS",
    "ScanningSequence": "EP",
    "SequenceName": "_epfid2d1_64",
    "SequenceVariant": "SK",
    "SeriesDescription": "epi_195_3x3x3_2s",
    "SeriesNumber": 10,
    "ShimSetting": [
      3230,
      10559,
      10063,
      508,
      -136,
      292,
      441,
      18
    ],
    "SliceThickness": 3,
    "SliceTiming": [
      1,
      0,
      1.055,
      0.0575,
      1.1125,
      0.1125,
      1.1675,
      0.1675,
      1.2225,
      0.2225,
      1.2775,
      0.2775,
      1.3325,
      0.335,
      1.39,
      0.39,
      1.445,
      0.445,
      1.5,
      0.5,
      1.555,
      0.555,
      1.6125,
      0.6125,
      1.6675,
      0.6675,
      1.7225,
      0.7225,
      1.7775,
      0.7775,
      1.8325,
      0.835,
      1.89,
      0.89,
      1.945,
      0.945
    ],
    "SoftwareVersions": "syngo_MR_D11",
    "SpacingBetweenSlices": 3,
    "StationName": "AWP45031",
    "TotalReadoutTime": 0.0207902,
    "TxRefAmp": 342.294,
    "dataset": "ds001454",
    "modality": "bold",
    "run_id": 2,
    "session_id": "1",
    "subject_id": "16",
    "task_id": "satellite"
  },
  "dummy_trs": 0,
  "dvars_nstd": 23.75258859675258,
  "dvars_std": 1.1201237130927837,
  "dvars_vstd": 1.0124442772164954,
  "efc": 0.6118445987414982,
  "fber": 868.3756713867188,
  "fd_mean": 0.1158913815398435,
  "fd_num": 5,
  "fd_perc": 2.5641025641025643,
  "fwhm_avg": 1.7730344444444446,
  "fwhm_x": 1.62795,
  "fwhm_y": 1.8714033333333333,
  "fwhm_z": 1.81975,
  "gcor": 0.0176465,
  "gsr_x": 0.009729357436299324,
  "gsr_y": 0.03588806465268135,
  "provenance": {
    "md5sum": "191bc625238a5b89f7eb563346ed3da8",
    "settings": {
      "fd_thres": 0.2,
      "testing": false
    },
    "software": "mriqc",
    "version": "23.0.1",
    "webapi_port": null,
    "webapi_url": "https://mriqc.nimh.nih.gov/api/v1"
  },
  "size_t": 195,
  "size_x": 64,
  "size_y": 64,
  "size_z": 36,
  "snr": 6.262554533937468,
  "spacing_tr": 2.0,
  "spacing_x": 3.0,
  "spacing_y": 3.0,
  "spacing_z": 3.0,
  "summary_bg_k": 18.378813650572496,
  "summary_bg_mad": 17.373057055600444,
  "summary_bg_mean": 62.22690200805664,
  "summary_bg_median": 25.200000762939453,
  "summary_bg_n": 76592.0,
  "summary_bg_p05": 10.643846416473389,
  "summary_bg_p95": 249.1248786926269,
  "summary_bg_stdv": 98.73204803466797,
  "summary_fg_k": 3.362202563513227,
  "summary_fg_mad": 112.11518694184754,
  "summary_fg_mean": 776.5357055664062,
  "summary_fg_median": 768.6102905273438,
  "summary_fg_n": 36813.0,
  "summary_fg_p05": 610.957958984375,
  "summary_fg_p95": 971.4769287109375,
  "summary_fg_stdv": 122.72944641113281,
  "tsnr": 68.37998593202792
}