{
  "bids_meta": {
    "AcquisitionMatrixPE": 256,
    "AcquisitionNumber": 1,
    "AcquisitionTime": "10:55:38.617500",
    "BaseResolution": 256,
    "BodyPartExamined": "HEAD",
    "ConsistencyInfo": "N4_VD11D_LATEST_20110129",
    "ConversionSoftware": "dcm2niix",
    "ConversionSoftwareVersion": "v1.0.20180518 GCC4.8.5",
    "DeviceSerialNumber": "45031",
    "DwellTime": 9.8e-06,
    "EchoTime": 0.0033,
    "FlipAngle": 7,
    "ImageOrientationPatientDICOM": [
      0.00412794,
      0.999991,
      -3.2705e-08,
      0.0696108,
      -0.000287385,
      -0.997574
    ],
    "ImageType": [
      "ORIGINAL",
      "PRIMARY",
      "M",
      "ND",
      "NORM"
    ],
    "InPlanePhaseEncodingDirectionDICOM": "ROW",
    "InstitutionAddress": "Washington_and_Faculty_Rd._-_Building_25_25_Princeton_NJ_US_085",
    "InstitutionName": "Princeton_University_-_Neuroscience_Institute",
    "InstitutionalDepartmentName": "Department",
    "InversionTime": 1.1,
    "MRAcquisitionType": "3D",
    "MagneticFieldStrength": 3,
    "Manufacturer": "Siemens",
    "ManufacturersModelName": "Skyra",
    "Modality": "MR",
    "ParallelReductionFactorInPlane": 2,
    "PartialFourier": 1,
    "PatientPosition": "HFS",
    "PercentPhaseFOV": 100,
    "PhaseEncodingSteps": 255,
    "PhaseResolution": 1,
    "PixelBandwidth": 200,
    "ProcedureStepDescription": "NormanLab_Anna",
    "ProtocolName": "MPRAGE_tfl",
    "PulseSequenceDetails": "%SiemensSeq%_tfl",
    "ReceiveCoilActiveElements": "HE1-4",
    "ReceiveCoilName": "HeadNeck_20",
    "ReconMatrixPE": 256,
    "RepetitionTime": 2.53,
    "SAR": 0.0639243,
    "ScanOptions": "IR",
    "ScanningSequence": "GR_IR",
    "SequenceName": "_tfl3d1_16ns",
    "SequenceVariant": "SK_SP_MP",
    "SeriesDescription": "MPRAGE_tfl",
    "SeriesNumber": 5,
    "ShimSetting": [
      3224,
      10549,
      9937,
      291,
      -78,
      -407,
      497,
      -46
    ],
    "SliceThickness": 1,
    "SoftwareVersions": "syngo_MR_D11",
    "StationName": "AWP45031",
    "TxRefAmp": 342.294,
    "dataset": "ds001454",
    "modality": "T1w",
    "session_id": "1",
    "subject_id": "16"
  },
  "cjv": 0.3315255814428073,
  "cnr": 3.9004253978699244,
  "efc": 0.48688418326347316,
  "fber": 26205.645602493078,
  "fwhm_avg": 3.5996855103630927,
  "fwhm_x": 3.6374165310892765,
  "fwhm_y": 3.7614,
  "fwhm_z": 3.40024,
  "icvs_csf": 0.1963319282864714,
  "icvs_gm": 0.44910901900545963,
  "icvs_wm": 0.354559052708069,
  "inu_med": 0.5060385465621948,
  "inu_range": 0.20194356441497807,
  "provenance": {
    "md5sum": "ab1338ae84e863ca8fae0c37ca71e536",
    "settings": {
      "testing": false
    },
    "software": "mriqc",
    "version": "23.0.1",
    "warnings": {
      "large_rot_frame": true,
      "small_air_mask": false
    },
    "webapi_port": null,
    "webapi_url": "https://mriqc.nimh.nih.gov/api/v1"
  },
  "qi_1": 2.823124516947108e-06,
  "qi_2": 0.016473688491016235,
  "rpve_csf": 26.212574685930225,
  "rpve_gm": 12.388375290122879,
  "rpve_wm": 17.795057106224718,
  "size_x": 176,
  "size_y": 256,
  "size_z": 256,
  "snr_csf": 1.6034736202184474,
  "snr_gm": 8.822099581954424,
  "snr_total": 10.820302252530183,
  "snr_wm": 22.035333555417676,
  "snrd_csf": 24.21247819472844,
  "snrd_gm": 89.51668240898626,
  "snrd_total": 83.22575571169335,
  "snrd_wm": 135.94810653136534,
  "spacing_x": 1.0000009536743164,
  "spacing_y": 1.0,
  "spacing_z": 1.0,
  "summary_bg_k": 18.802557396006907,
  "summary_bg_mad": 4.818898736933359,
  "summary_bg_mean": 4.091066121756964,
  "summary_bg_median": 3.2502978052943945,
  "summary_bg_n": 4351733.0,
  "summary_bg_p05": 0.0,
  "summary_bg_p95": 15.631203185766935,
  "summary_bg_stdv": 6.111847487554796,
  "summary_csf_k": 2.367416244368015,
  "summary_csf_mad": 95.64226500783765,
  "summary_csf_mean": 198.3956452938241,
  "summary_csf_median": 178.09647058323026,
  "summary_csf_n": 29169.0,
  "summary_csf_p05": 53.90035841390491,
  "summary_csf_p95": 414.45018732547743,
  "summary_csf_stdv": 111.06725765446429,
  "summary_gm_k": 0.2776900210934725,
  "summary_gm_mad": 70.62813415963396,
  "summary_gm_mean": 659.6165263527034,
  "summary_gm_median": 658.445825625211,
  "summary_gm_n": 38647.0,
  "summary_gm_p05": 537.0682923160493,
  "summary_gm_p95": 786.0683967785909,
  "summary_gm_stdv": 74.63498918085931,
  "summary_wm_k": 0.4618737315285708,
  "summary_wm_mad": 42.59759341502923,
  "summary_wm_mean": 997.3466653154086,
  "summary_wm_median": 999.9752095174044,
  "summary_wm_n": 200214.0,
  "summary_wm_p05": 919.511730261147,
  "summary_wm_p95": 1068.628446366638,
  "summary_wm_stdv": 45.38042093773891,
  "tpm_overlap_csf": 0.14415738416824583,
  "tpm_overlap_gm": 0.4618983477544306,
  "tpm_overlap_wm": 0.49343328666227076,
  "wm2max": 0.79852195276589
}