{
  "bids_meta": {
    "AcquisitionMatrixPE": 256,
    "AcquisitionNumber": 1,
    "AcquisitionTime": "09:25:41.807500",
    "BaseResolution": 256,
    "BodyPartExamined": "HEAD",
    "ConsistencyInfo": "N4_VD11D_LATEST_20110129",
    "ConversionSoftware": "dcm2niix",
    "ConversionSoftwareVersion": "v1.0.20180518 GCC4.8.5",
    "DeviceSerialNumber": "45031",
    "DwellTime": 9.8e-06,
    "EchoTime": 0.0033,
    "FlipAngle": 7,
    "ImageOrientationPatientDICOM": [
      0,
      1,
      0,
      0,
      0,
      -1
    ],
    "ImageType": [
      "ORIGINAL",
      "PRIMARY",
      "M",
      "ND",
      "NORM"
    ],
    "InPlanePhaseEncodingDirectionDICOM": "ROW",
    "InstitutionAddress": "Washington_and_Faculty_Rd._-_Building_25_25_Princeton_NJ_US_085",
    "InstitutionName": "Princeton_University_-_Neuroscience_Institute",
    "InstitutionalDepartmentName": "Department",
    "InversionTime": 1.1,
    "MRAcquisitionType": "3D",
    "MagneticFieldStrength": 3,
    "Manufacturer": "Siemens",
    "ManufacturersModelName": "Skyra",
    "Modality": "MR",
    "ParallelReductionFactorInPlane": 2,
    "PartialFourier": 1,
    "PatientPosition": "HFS",
    "PercentPhaseFOV": 100,
    "PhaseEncodingSteps": 255,
    "PhaseResolution": 1,
    "PixelBandwidth": 200,
    "ProcedureStepDescription": "NormanLab_Anna",
    "ProtocolName": "MPRAGE_tfl",
    "PulseSequenceDetails": "%SiemensSeq%_tfl",
    "ReceiveCoilActiveElements": "HE1-4",
    "ReceiveCoilName": "HeadNeck_20",
    "ReconMatrixPE": 256,
    "RepetitionTime": 2.53,
    "SAR": 0.0593667,
    "ScanOptions": "IR",
    "ScanningSequence": "GR_IR",
    "SequenceName": "_tfl3d1_16ns",
    "SequenceVariant": "SK_SP_MP",
    "SeriesDescription": "MPRAGE_tfl",
    "SeriesNumber": 5,
    "ShimSetting": [
      3213,
      10514,
      9964,
      417,
      10,
      36,
      647,
      46
    ],
    "SliceThickness": 1,
    "SoftwareVersions": "syngo_MR_D11",
    "StationName": "AWP45031",
    "TxRefAmp": 315.371,
    "dataset": "ds001454",
    "modality": "T1w",
    "session_id": "2",
    "subject_id": "08"
  },
  "cjv": 0.3185531336747716,
  "cnr": 4.078331204823377,
  "efc": 0.4688254696992916,
  "fber": 22020.94479152205,
  "fwhm_avg": 3.9326100000000004,
  "fwhm_x": 3.91507,
  "fwhm_y": 4.18908,
  "fwhm_z": 3.69368,
  "icvs_csf": 0.2197524813140799,
  "icvs_gm": 0.434390610309247,
  "icvs_wm": 0.34585690837667304,
  "inu_med": 0.5672090649604797,
  "inu_range": 0.23303046822547913,
  "provenance": {
    "md5sum": "3a2f753a315e86a34d5fd4b11ff0011f",
    "settings": {
      "testing": false
    },
    "software": "mriqc",
    "version": "23.0.1",
    "warnings": {
      "large_rot_frame": true,
      "small_air_mask": false
    },
    "webapi_port": null,
    "webapi_url": "https://mriqc.nimh.nih.gov/api/v1"
  },
  "qi_1": 1.0039902175312138e-05,
  "qi_2": 0.014715954644276708,
  "rpve_csf": 24.54554064855112,
  "rpve_gm": 12.907174822828487,
  "rpve_wm": 18.792663678159034,
  "size_x": 176,
  "size_y": 256,
  "size_z": 256,
  "snr_csf": 1.3620692760655562,
  "snr_gm": 8.609425096523198,
  "snr_total": 11.050964045802994,
  "snr_wm": 23.181397764820233,
  "snrd_csf": 6.165049211940478,
  "snrd_gm": 27.525179770487913,
  "snrd_total": 25.50299984699745,
  "snrd_wm": 42.81877055856396,
  "spacing_x": 1.0,
  "spacing_y": 1.0,
  "spacing_z": 1.0,
  "summary_bg_k": 2402.3280528111563,
  "summary_bg_mad": 0.0,
  "summary_bg_mean": 3.0539772274219152,
  "summary_bg_median": 0.0,
  "summary_bg_n": 3652064.0,
  "summary_bg_p05": 0.0,
  "summary_bg_p95": 12.351764934137464,
  "summary_bg_stdv": 15.299795832349217,
  "summary_csf_k": 1.6415641119691893,
  "summary_csf_mad": 85.83849701622697,
  "summary_csf_mean": 168.68872615258994,
  "summary_csf_median": 143.97611587308347,
  "summary_csf_n": 40256.0,
  "summary_csf_p05": 40.971708074212074,
  "summary_csf_p95": 391.20312709361315,
  "summary_csf_stdv": 105.7026468002074,
  "summary_gm_k": 0.13439315125704043,
  "summary_gm_mad": 72.84496861263538,
  "summary_gm_mean": 642.9906670266762,
  "summary_gm_median": 642.8121391776949,
  "summary_gm_n": 41372.0,
  "summary_gm_p05": 518.9713172726333,
  "summary_gm_p95": 765.5081633571535,
  "summary_gm_stdv": 74.6628681053886,
  "summary_wm_k": 0.5624949571076021,
  "summary_wm_mad": 40.92961447131352,
  "summary_wm_mean": 999.3063847703197,
  "summary_wm_median": 999.9725970625877,
  "summary_wm_n": 198144.0,
  "summary_wm_p05": 927.5874202977866,
  "summary_wm_p95": 1068.2222605124116,
  "summary_wm_stdv": 43.13674627630872,
  "tpm_overlap_csf": 0.14798855260335872,
  "tpm_overlap_gm": 0.47323374682375124,
  "tpm_overlap_wm": 0.5172109718236279,
  "wm2max": 0.6964638370565898
}