{
  "bids_meta": {
    "AcquisitionMatrixPE": 256,
    "AcquisitionNumber": 1,
    "AcquisitionTime": "20:37:22.577500",
    "BaseResolution": 256,
    "BodyPartExamined": "HEAD",
    "ConsistencyInfo": "N4_VD11D_LATEST_20110129",
    "ConversionSoftware": "dcm2niix",
    "ConversionSoftwareVersion": "v1.0.20180518 GCC4.8.5",
    "DeviceSerialNumber": "45031",
    "DwellTime": 9.8e-06,
    "EchoTime": 0.0033,
    "FlipAngle": 7,
    "ImageOrientationPatientDICOM": [
      0,
      1,
      0,
      0,
      0,
      -1
    ],
    "ImageType": [
      "ORIGINAL",
      "PRIMARY",
      "M",
      "ND",
      "NORM"
    ],
    "InPlanePhaseEncodingDirectionDICOM": "ROW",
    "InstitutionAddress": "Washington_and_Faculty_Rd._-_Building_25_25_Princeton_NJ_US_085",
    "InstitutionName": "Princeton_University_-_Neuroscience_Institute",
    "InstitutionalDepartmentName": "Department",
    "InversionTime": 1.1,
    "MRAcquisitionType": "3D",
    "MagneticFieldStrength": 3,
    "Manufacturer": "Siemens",
    "ManufacturersModelName": "Skyra",
    "Modality": "MR",
    "ParallelReductionFactorInPlane": 2,
    "PartialFourier": 1,
    "PatientPosition": "HFS",
    "PercentPhaseFOV": 100,
    "PhaseEncodingSteps": 255,
    "PhaseResolution": 1,
    "PixelBandwidth": 200,
    "ProcedureStepDescription": "NormanLab_Anna",
    "ProtocolName": "MPRAGE_tfl",
    "PulseSequenceDetails": "%SiemensSeq%_tfl",
    "ReceiveCoilActiveElements": "HE1-4",
    "ReceiveCoilName": "HeadNeck_20",
    "ReconMatrixPE": 256,
    "RepetitionTime": 2.53,
    "SAR": 0.0584422,
    "ScanOptions": "IR",
    "ScanningSequence": "GR_IR",
    "SequenceName": "_tfl3d1_16ns",
    "SequenceVariant": "SK_SP_MP",
    "SeriesDescription": "MPRAGE_tfl",
    "SeriesNumber": 5,
    "ShimSetting": [
      3219,
      10476,
      9983,
      450,
      8,
      -157,
      664,
      69
    ],
    "SliceThickness": 1,
    "SoftwareVersions": "syngo_MR_D11",
    "StationName": "AWP45031",
    "TxRefAmp": 328.777,
    "dataset": "ds001454",
    "modality": "T1w",
    "session_id": "1",
    "subject_id": "15"
  },
  "cjv": 0.3391246104103862,
  "cnr": 3.870736397737264,
  "efc": 0.5120455990009317,
  "fber": 18793.618846140052,
  "fwhm_avg": 3.56109,
  "fwhm_x": 3.67301,
  "fwhm_y": 3.6884,
  "fwhm_z": 3.32186,
  "icvs_csf": 0.2113398776734157,
  "icvs_gm": 0.4512645482624326,
  "icvs_wm": 0.33739557406415166,
  "inu_med": 0.6099870204925537,
  "inu_range": 0.27683582156896597,
  "provenance": {
    "md5sum": "76505768cee015118fe85c37760c402c",
    "settings": {
      "testing": false
    },
    "software": "mriqc",
    "version": "23.0.1",
    "warnings": {
      "large_rot_frame": true,
      "small_air_mask": false
    },
    "webapi_port": null,
    "webapi_url": "https://mriqc.nimh.nih.gov/api/v1"
  },
  "qi_1": 1.6537212665929928e-05,
  "qi_2": 0.014600804458634093,
  "rpve_csf": 22.689175372128783,
  "rpve_gm": 11.217453476790169,
  "rpve_wm": 17.03505529568845,
  "size_x": 176,
  "size_y": 256,
  "size_z": 256,
  "snr_csf": 1.6422757476263805,
  "snr_gm": 8.65083586503288,
  "snr_total": 10.782221827947444,
  "snr_wm": 22.053553871183066,
  "snrd_csf": 21.085596293508726,
  "snrd_gm": 71.92194426356699,
  "snrd_total": 67.4989241330053,
  "snrd_wm": 109.48923184194018,
  "spacing_x": 1.0,
  "spacing_y": 1.0,
  "spacing_z": 1.0,
  "summary_bg_k": 14.066929688360819,
  "summary_bg_mad": 0.0,
  "summary_bg_mean": 3.2774875129475296,
  "summary_bg_median": 0.0,
  "summary_bg_n": 3571678.0,
  "summary_bg_p05": 0.0,
  "summary_bg_p95": 15.343245562165976,
  "summary_bg_stdv": 5.983569146202919,
  "summary_csf_k": 1.680611635566744,
  "summary_csf_mad": 102.15071274672158,
  "summary_csf_mean": 217.2692416789052,
  "summary_csf_median": 192.5814584735781,
  "summary_csf_n": 39914.0,
  "summary_csf_p05": 62.19023416005075,
  "summary_csf_p95": 443.2761185879819,
  "summary_csf_stdv": 117.26352671395006,
  "summary_gm_k": 0.15990055184828833,
  "summary_gm_mad": 73.09042771623085,
  "summary_gm_mean": 656.7002773917618,
  "summary_gm_median": 656.8859960008413,
  "summary_gm_n": 38945.0,
  "summary_gm_p05": 529.3208815228194,
  "summary_gm_p95": 782.262984393537,
  "summary_gm_stdv": 75.93226512285278,
  "summary_wm_k": 0.45410548454416144,
  "summary_wm_mad": 43.26796977639977,
  "summary_wm_mean": 999.3948750567469,
  "summary_wm_median": 999.9999839589,
  "summary_wm_n": 205132.0,
  "summary_wm_p05": 924.2064599189907,
  "summary_wm_p95": 1072.9199448265135,
  "summary_wm_stdv": 45.34405440239443,
  "tpm_overlap_csf": 0.156199644208076,
  "tpm_overlap_gm": 0.4801474624113051,
  "tpm_overlap_wm": 0.5048926220658198,
  "wm2max": 0.7452137447849982
}