{
  "aor": 0.00040010256410256414,
  "aqi": 0.008614797179487179,
  "bids_meta": {
    "AcquisitionMatrixPE": 64,
    "AcquisitionNumber": 1,
    "AcquisitionTime": "23:32:3.617500",
    "BandwidthPerPixelPhaseEncode": 47.348,
    "BaseResolution": 64,
    "BodyPartExamined": "HEAD",
    "ConsistencyInfo": "N4_VD11D_LATEST_20110129",
    "ConversionSoftware": "dcm2niix",
    "ConversionSoftwareVersion": "v1.0.20180518 GCC4.8.5",
    "DerivedVendorReportedEchoSpacing": 0.000660007,
    "DeviceSerialNumber": "45031",
    "DwellTime": 4.5e-06,
    "EchoTime": 0.03,
    "EchoTrainLength": 32,
    "EffectiveEchoSpacing": 0.000330003,
    "FlipAngle": 71,
    "ImageOrientationPatientDICOM": [
      0.99986,
      0.0167288,
      -8.94402e-05,
      -0.0165798,
      0.991637,
      0.127987
    ],
    "ImageType": [
      "ORIGINAL",
      "PRIMARY",
      "M",
      "ND",
      "NORM",
      "MOSAIC"
    ],
    "InPlanePhaseEncodingDirectionDICOM": "COL",
    "InstitutionAddress": "Washington_and_Faculty_Rd._-_Building_25_25_Princeton_NJ_US_085",
    "InstitutionName": "Princeton_University_-_Neuroscience_Institute",
    "InstitutionalDepartmentName": "Department",
    "MRAcquisitionType": "2D",
    "MagneticFieldStrength": 3,
    "Manufacturer": "Siemens",
    "ManufacturersModelName": "Skyra",
    "Modality": "MR",
    "ParallelReductionFactorInPlane": 2,
    "PartialFourier": 1,
    "PatientPosition": "HFS",
    "PercentPhaseFOV": 100,
    "PhaseEncodingDirection": "j-",
    "PhaseEncodingSteps": 64,
    "PhaseResolution": 1,
    "PixelBandwidth": 1735,
    "ProcedureStepDescription": "NormanLab_Anna",
    "ProtocolName": "epi_195_3x3x3_2s",
    "PulseSequenceDetails": "%SiemensSeq%_ep2d_bold",
    "ReceiveCoilActiveElements": "HE1-4",
    "ReceiveCoilName": "HeadNeck_20",
    "ReconMatrixPE": 64,
    "RepetitionTime": 2,
    "SAR": 0.124176,
    "ScanOptions": "FS",
    "ScanningSequence": "EP",
    "SequenceName": "_epfid2d1_64",
    "SequenceVariant": "SK",
    "SeriesDescription": "epi_195_3x3x3_2s",
    "SeriesNumber": 17,
    "ShimSetting": [
      3232,
      10465,
      9974,
      478,
      46,
      -78,
      921,
      -11
    ],
    "SliceThickness": 3,
    "SliceTiming": [
      1,
      0,
      1.055,
      0.055,
      1.11,
      0.11,
      1.165,
      0.1675,
      1.2225,
      0.2225,
      1.2775,
      0.2775,
      1.3325,
      0.3325,
      1.3875,
      0.3875,
      1.445,
      0.445,
      1.5,
      0.5,
      1.555,
      0.555,
      1.61,
      0.61,
      1.665,
      0.665,
      1.7225,
      0.7225,
      1.7775,
      0.7775,
      1.8325,
      0.8325,
      1.8875,
      0.8875,
      1.9425,
      0.945
    ],
    "SoftwareVersions": "syngo_MR_D11",
    "SpacingBetweenSlices": 3,
    "StationName": "AWP45031",
    "TotalReadoutTime": 0.0207902,
    "TxRefAmp": 324.271,
    "dataset": "ds001454",
    "modality": "bold",
    "run_id": 1,
    "session_id": "2",
    "subject_id": "03",
    "task_id": "rest"
  },
  "dummy_trs": 0,
  "dvars_nstd": 26.386682805515477,
  "dvars_std": 1.1457567597422682,
  "dvars_vstd": 0.9951030132989693,
  "efc": 0.5723419044018471,
  "fber": 1372.8349609375,
  "fd_mean": 0.14785407470185202,
  "fd_num": 42,
  "fd_perc": 21.53846153846154,
  "fwhm_avg": 1.6519488888888887,
  "fwhm_x": 1.57177,
  "fwhm_y": 1.7133166666666666,
  "fwhm_z": 1.6707599999999998,
  "gcor": 0.016123,
  "gsr_x": -0.0027749286964535713,
  "gsr_y": 0.0349365659058094,
  "provenance": {
    "md5sum": "bf9f94d6f15e150e8cffaeed1db6e496",
    "settings": {
      "fd_thres": 0.2,
      "testing": false
    },
    "software": "mriqc",
    "version": "23.0.1",
    "webapi_port": null,
    "webapi_url": "https://mriqc.nimh.nih.gov/api/v1"
  },
  "size_t": 195,
  "size_x": 64,
  "size_y": 64,
  "size_z": 36,
  "snr": 6.56763982003256,
  "spacing_tr": 2.0,
  "spacing_x": 3.0,
  "spacing_y": 3.0,
  "spacing_z": 3.0,
  "summary_bg_k": 42.60101480840167,
  "summary_bg_mad": 10.112107366529507,
  "summary_bg_mean": 36.97577667236328,
  "summary_bg_median": 18.66153907775879,
  "summary_bg_n": 79355.0,
  "summary_bg_p05": 9.420513153076172,
  "summary_bg_p95": 108.67487487792971,
  "summary_bg_stdv": 62.61808776855469,
  "summary_fg_k": 3.5119951992327394,
  "summary_fg_mad": 93.61297364797865,
  "summary_fg_mean": 719.2454223632812,
  "summary_fg_median": 706.6923217773438,
  "summary_fg_n": 35236.0,
  "summary_fg_p05": 580.443603515625,
  "summary_fg_p95": 898.6346435546875,
  "summary_fg_stdv": 107.60064697265625,
  "tsnr": 65.49953316245228
}