{
  "aor": 0.00043323076923076925,
  "aqi": 0.010020165435897437,
  "bids_meta": {
    "AcquisitionMatrixPE": 64,
    "AcquisitionNumber": 1,
    "AcquisitionTime": "23:18:10.780000",
    "BandwidthPerPixelPhaseEncode": 47.348,
    "BaseResolution": 64,
    "BodyPartExamined": "HEAD",
    "ConsistencyInfo": "N4_VD11D_LATEST_20110129",
    "ConversionSoftware": "dcm2niix",
    "ConversionSoftwareVersion": "v1.0.20180518 GCC4.8.5",
    "DerivedVendorReportedEchoSpacing": 0.000660007,
    "DeviceSerialNumber": "45031",
    "DwellTime": 4.5e-06,
    "EchoTime": 0.03,
    "EchoTrainLength": 32,
    "EffectiveEchoSpacing": 0.000330003,
    "FlipAngle": 71,
    "ImageOrientationPatientDICOM": [
      0.99986,
      0.0167288,
      -8.94402e-05,
      -0.0165798,
      0.991637,
      0.127987
    ],
    "ImageType": [
      "ORIGINAL",
      "PRIMARY",
      "M",
      "ND",
      "NORM",
      "MOSAIC"
    ],
    "InPlanePhaseEncodingDirectionDICOM": "COL",
    "InstitutionAddress": "Washington_and_Faculty_Rd._-_Building_25_25_Princeton_NJ_US_085",
    "InstitutionName": "Princeton_University_-_Neuroscience_Institute",
    "InstitutionalDepartmentName": "Department",
    "MRAcquisitionType": "2D",
    "MagneticFieldStrength": 3,
    "Manufacturer": "Siemens",
    "ManufacturersModelName": "Skyra",
    "Modality": "MR",
    "ParallelReductionFactorInPlane": 2,
    "PartialFourier": 1,
    "PatientPosition": "HFS",
    "PercentPhaseFOV": 100,
    "PhaseEncodingDirection": "j-",
    "PhaseEncodingSteps": 64,
    "PhaseResolution": 1,
    "PixelBandwidth": 1735,
    "ProcedureStepDescription": "NormanLab_Anna",
    "ProtocolName": "epi_195_3x3x3_2s",
    "PulseSequenceDetails": "%SiemensSeq%_ep2d_bold",
    "ReceiveCoilActiveElements": "HE1-4",
    "ReceiveCoilName": "HeadNeck_20",
    "ReconMatrixPE": 64,
    "RepetitionTime": 2,
    "SAR": 0.124176,
    "ScanOptions": "FS",
    "ScanningSequence": "EP",
    "SequenceName": "_epfid2d1_64",
    "SequenceVariant": "SK",
    "SeriesDescription": "epi_195_3x3x3_2s",
    "SeriesNumber": 15,
    "ShimSetting": [
      3232,
      10465,
      9974,
      478,
      46,
      -78,
      921,
      -11
    ],
    "SliceThickness": 3,
    "SliceTiming": [
      1,
      0,
      1.055,
      0.055,
      1.11,
      0.11,
      1.165,
      0.165,
      1.22,
      0.2225,
      1.2775,
      0.2775,
      1.3325,
      0.3325,
      1.3875,
      0.3875,
      1.4425,
      0.4425,
      1.5,
      0.5,
      1.555,
      0.555,
      1.61,
      0.61,
      1.665,
      0.665,
      1.72,
      0.7225,
      1.7775,
      0.7775,
      1.8325,
      0.8325,
      1.8875,
      0.8875,
      1.9425,
      0.9425
    ],
    "SoftwareVersions": "syngo_MR_D11",
    "SpacingBetweenSlices": 3,
    "StationName": "AWP45031",
    "TotalReadoutTime": 0.0207902,
    "TxRefAmp": 324.271,
    "dataset": "ds001454",
    "modality": "bold",
    "run_id": 7,
    "session_id": "2",
    "subject_id": "03",
    "task_id": "satellite"
  },
  "dummy_trs": 0,
  "dvars_nstd": 26.758029072577326,
  "dvars_std": 1.147958758659794,
  "dvars_vstd": 0.9898370348969076,
  "efc": 0.5723236877168969,
  "fber": 1390.506103515625,
  "fd_mean": 0.1566149155492621,
  "fd_num": 50,
  "fd_perc": 25.641025641025642,
  "fwhm_avg": 1.6530055555555556,
  "fwhm_x": 1.5710566666666665,
  "fwhm_y": 1.7177366666666665,
  "fwhm_z": 1.6702233333333334,
  "gcor": 0.0330056,
  "gsr_x": -0.00366207305341959,
  "gsr_y": 0.03563520312309265,
  "provenance": {
    "md5sum": "5defc402e2a2b84a05ebf6f207f00e7f",
    "settings": {
      "fd_thres": 0.2,
      "testing": false
    },
    "software": "mriqc",
    "version": "23.0.1",
    "webapi_port": null,
    "webapi_url": "https://mriqc.nimh.nih.gov/api/v1"
  },
  "size_t": 195,
  "size_x": 64,
  "size_y": 64,
  "size_z": 36,
  "snr": 6.545063056802731,
  "spacing_tr": 2.0,
  "spacing_x": 3.0,
  "spacing_y": 3.0,
  "spacing_z": 3.0,
  "summary_bg_k": 46.253901608442966,
  "summary_bg_mad": 10.119711426446122,
  "summary_bg_mean": 37.34922790527344,
  "summary_bg_median": 18.620513916015625,
  "summary_bg_n": 79394.0,
  "summary_bg_p05": 9.40000057220459,
  "summary_bg_p95": 110.16615905761701,
  "summary_bg_stdv": 64.80172729492188,
  "summary_fg_k": 3.5470593640011217,
  "summary_fg_mad": 93.79938481558861,
  "summary_fg_mean": 720.1143798828125,
  "summary_fg_median": 707.5590209960938,
  "summary_fg_n": 35200.0,
  "summary_fg_p05": 579.97333984375,
  "summary_fg_p95": 900.4882110595697,
  "summary_fg_stdv": 108.1042251586914,
  "tsnr": 62.27011357690208
}