{
  "aor": 0.0024713846153846153,
  "aqi": 0.011319745794871794,
  "bids_meta": {
    "AcquisitionMatrixPE": 64,
    "AcquisitionNumber": 1,
    "AcquisitionTime": "23:25:5.650000",
    "BandwidthPerPixelPhaseEncode": 47.348,
    "BaseResolution": 64,
    "BodyPartExamined": "HEAD",
    "ConsistencyInfo": "N4_VD11D_LATEST_20110129",
    "ConversionSoftware": "dcm2niix",
    "ConversionSoftwareVersion": "v1.0.20180518 GCC4.8.5",
    "DerivedVendorReportedEchoSpacing": 0.000660007,
    "DeviceSerialNumber": "45031",
    "DwellTime": 4.5e-06,
    "EchoTime": 0.03,
    "EchoTrainLength": 32,
    "EffectiveEchoSpacing": 0.000330003,
    "FlipAngle": 71,
    "ImageOrientationPatientDICOM": [
      0.99986,
      0.0167288,
      -8.94402e-05,
      -0.0165798,
      0.991637,
      0.127987
    ],
    "ImageType": [
      "ORIGINAL",
      "PRIMARY",
      "M",
      "ND",
      "NORM",
      "MOSAIC"
    ],
    "InPlanePhaseEncodingDirectionDICOM": "COL",
    "InstitutionAddress": "Washington_and_Faculty_Rd._-_Building_25_25_Princeton_NJ_US_085",
    "InstitutionName": "Princeton_University_-_Neuroscience_Institute",
    "InstitutionalDepartmentName": "Department",
    "MRAcquisitionType": "2D",
    "MagneticFieldStrength": 3,
    "Manufacturer": "Siemens",
    "ManufacturersModelName": "Skyra",
    "Modality": "MR",
    "ParallelReductionFactorInPlane": 2,
    "PartialFourier": 1,
    "PatientPosition": "HFS",
    "PercentPhaseFOV": 100,
    "PhaseEncodingDirection": "j-",
    "PhaseEncodingSteps": 64,
    "PhaseResolution": 1,
    "PixelBandwidth": 1735,
    "ProcedureStepDescription": "NormanLab_Anna",
    "ProtocolName": "epi_195_3x3x3_2s",
    "PulseSequenceDetails": "%SiemensSeq%_ep2d_bold",
    "ReceiveCoilActiveElements": "HE1-4",
    "ReceiveCoilName": "HeadNeck_20",
    "ReconMatrixPE": 64,
    "RepetitionTime": 2,
    "SAR": 0.124176,
    "ScanOptions": "FS",
    "ScanningSequence": "EP",
    "SequenceName": "_epfid2d1_64",
    "SequenceVariant": "SK",
    "SeriesDescription": "epi_195_3x3x3_2s",
    "SeriesNumber": 16,
    "ShimSetting": [
      3232,
      10465,
      9974,
      478,
      46,
      -78,
      921,
      -11
    ],
    "SliceThickness": 3,
    "SliceTiming": [
      1,
      0,
      1.055,
      0.055,
      1.1125,
      0.1125,
      1.1675,
      0.1675,
      1.2225,
      0.2225,
      1.2775,
      0.2775,
      1.3325,
      0.335,
      1.39,
      0.39,
      1.445,
      0.445,
      1.5,
      0.5,
      1.555,
      0.555,
      1.6125,
      0.6125,
      1.6675,
      0.6675,
      1.7225,
      0.7225,
      1.7775,
      0.7775,
      1.8325,
      0.835,
      1.89,
      0.89,
      1.945,
      0.945
    ],
    "SoftwareVersions": "syngo_MR_D11",
    "SpacingBetweenSlices": 3,
    "StationName": "AWP45031",
    "TotalReadoutTime": 0.0207902,
    "TxRefAmp": 324.271,
    "dataset": "ds001454",
    "modality": "bold",
    "run_id": 8,
    "session_id": "2",
    "subject_id": "03",
    "task_id": "satellite"
  },
  "dummy_trs": 0,
  "dvars_nstd": 26.247579928453614,
  "dvars_std": 1.1650455781443296,
  "dvars_vstd": 1.024626946546391,
  "efc": 0.5723222987614461,
  "fber": 1400.8072509765625,
  "fd_mean": 0.15723206941720982,
  "fd_num": 49,
  "fd_perc": 25.128205128205128,
  "fwhm_avg": 1.6492611111111108,
  "fwhm_x": 1.56649,
  "fwhm_y": 1.7140266666666666,
  "fwhm_z": 1.6672666666666667,
  "gcor": 0.022862,
  "gsr_x": -0.0036605154164135456,
  "gsr_y": 0.036838430911302567,
  "provenance": {
    "md5sum": "a7594626ad050610dfd654ef85e5e8ff",
    "settings": {
      "fd_thres": 0.2,
      "testing": false
    },
    "software": "mriqc",
    "version": "23.0.1",
    "webapi_port": null,
    "webapi_url": "https://mriqc.nimh.nih.gov/api/v1"
  },
  "size_t": 195,
  "size_x": 64,
  "size_y": 64,
  "size_z": 36,
  "snr": 6.548114418731369,
  "spacing_tr": 2.0,
  "spacing_x": 3.0,
  "spacing_y": 3.0,
  "spacing_z": 3.0,
  "summary_bg_k": 45.83483423754068,
  "summary_bg_mad": 10.712750334360843,
  "summary_bg_mean": 37.31810760498047,
  "summary_bg_median": 18.594871520996094,
  "summary_bg_n": 79363.0,
  "summary_bg_p05": 9.133333206176758,
  "summary_bg_p95": 110.32820663452088,
  "summary_bg_stdv": 64.86505126953125,
  "summary_fg_k": 3.4393901390742183,
  "summary_fg_mad": 93.62062012548498,
  "summary_fg_mean": 720.1961059570312,
  "summary_fg_median": 707.4666748046875,
  "summary_fg_n": 35248.0,
  "summary_fg_p05": 578.9356567382813,
  "summary_fg_p95": 900.8423461914062,
  "summary_fg_stdv": 108.03974914550781,
  "tsnr": 59.58789264829829
}