{
  "aor": 0.00030887179487179485,
  "aqi": 0.013381162307692308,
  "bids_meta": {
    "AcquisitionMatrixPE": 64,
    "AcquisitionNumber": 1,
    "AcquisitionTime": "22:50:42.600000",
    "BandwidthPerPixelPhaseEncode": 47.348,
    "BaseResolution": 64,
    "BodyPartExamined": "HEAD",
    "ConsistencyInfo": "N4_VD11D_LATEST_20110129",
    "ConversionSoftware": "dcm2niix",
    "ConversionSoftwareVersion": "v1.0.20180518 GCC4.8.5",
    "DerivedVendorReportedEchoSpacing": 0.000660007,
    "DeviceSerialNumber": "45031",
    "DwellTime": 4.5e-06,
    "EchoTime": 0.03,
    "EchoTrainLength": 32,
    "EffectiveEchoSpacing": 0.000330003,
    "FlipAngle": 71,
    "ImageOrientationPatientDICOM": [
      0.99986,
      0.0167288,
      -8.94402e-05,
      -0.0165798,
      0.991637,
      0.127987
    ],
    "ImageType": [
      "ORIGINAL",
      "PRIMARY",
      "M",
      "ND",
      "NORM",
      "MOSAIC"
    ],
    "InPlanePhaseEncodingDirectionDICOM": "COL",
    "InstitutionAddress": "Washington_and_Faculty_Rd._-_Building_25_25_Princeton_NJ_US_085",
    "InstitutionName": "Princeton_University_-_Neuroscience_Institute",
    "InstitutionalDepartmentName": "Department",
    "MRAcquisitionType": "2D",
    "MagneticFieldStrength": 3,
    "Manufacturer": "Siemens",
    "ManufacturersModelName": "Skyra",
    "Modality": "MR",
    "ParallelReductionFactorInPlane": 2,
    "PartialFourier": 1,
    "PatientPosition": "HFS",
    "PercentPhaseFOV": 100,
    "PhaseEncodingDirection": "j-",
    "PhaseEncodingSteps": 64,
    "PhaseResolution": 1,
    "PixelBandwidth": 1735,
    "ProcedureStepDescription": "NormanLab_Anna",
    "ProtocolName": "epi_195_3x3x3_2s",
    "PulseSequenceDetails": "%SiemensSeq%_ep2d_bold",
    "ReceiveCoilActiveElements": "HE1-4",
    "ReceiveCoilName": "HeadNeck_20",
    "ReconMatrixPE": 64,
    "RepetitionTime": 2,
    "SAR": 0.124176,
    "ScanOptions": "FS",
    "ScanningSequence": "EP",
    "SequenceName": "_epfid2d1_64",
    "SequenceVariant": "SK",
    "SeriesDescription": "epi_195_3x3x3_2s",
    "SeriesNumber": 11,
    "ShimSetting": [
      3232,
      10465,
      9974,
      478,
      46,
      -78,
      921,
      -11
    ],
    "SliceThickness": 3,
    "SliceTiming": [
      1,
      0,
      1.055,
      0.055,
      1.11,
      0.11,
      1.1675,
      0.1675,
      1.2225,
      0.2225,
      1.2775,
      0.2775,
      1.3325,
      0.3325,
      1.3875,
      0.39,
      1.445,
      0.445,
      1.5,
      0.5,
      1.555,
      0.555,
      1.61,
      0.61,
      1.6675,
      0.6675,
      1.7225,
      0.7225,
      1.7775,
      0.7775,
      1.8325,
      0.8325,
      1.8875,
      0.89,
      1.945,
      0.945
    ],
    "SoftwareVersions": "syngo_MR_D11",
    "SpacingBetweenSlices": 3,
    "StationName": "AWP45031",
    "TotalReadoutTime": 0.0207902,
    "TxRefAmp": 324.271,
    "dataset": "ds001454",
    "modality": "bold",
    "run_id": 3,
    "session_id": "2",
    "subject_id": "03",
    "task_id": "satellite"
  },
  "dummy_trs": 0,
  "dvars_nstd": 27.59826232448452,
  "dvars_std": 1.1154732986082483,
  "dvars_vstd": 0.9543991820618555,
  "efc": 0.5730550261830778,
  "fber": 1387.2747802734375,
  "fd_mean": 0.16090369217504635,
  "fd_num": 46,
  "fd_perc": 23.58974358974359,
  "fwhm_avg": 1.6634411111111111,
  "fwhm_x": 1.5944433333333334,
  "fwhm_y": 1.72787,
  "fwhm_z": 1.66801,
  "gcor": 0.0319067,
  "gsr_x": -0.004321001470088959,
  "gsr_y": 0.03522057831287384,
  "provenance": {
    "md5sum": "c3e7d649f1977b3d199b5276e819f212",
    "settings": {
      "fd_thres": 0.2,
      "testing": false
    },
    "software": "mriqc",
    "version": "23.0.1",
    "webapi_port": null,
    "webapi_url": "https://mriqc.nimh.nih.gov/api/v1"
  },
  "size_t": 195,
  "size_x": 64,
  "size_y": 64,
  "size_z": 36,
  "snr": 6.584779803539472,
  "spacing_tr": 2.0,
  "spacing_x": 3.0,
  "spacing_y": 3.0,
  "spacing_z": 3.0,
  "summary_bg_k": 46.696201501070156,
  "summary_bg_mad": 10.210948834088228,
  "summary_bg_mean": 37.21699142456055,
  "summary_bg_median": 18.753847122192383,
  "summary_bg_n": 79268.0,
  "summary_bg_p05": 9.379487037658691,
  "summary_bg_p95": 108.80154113769525,
  "summary_bg_stdv": 65.3334732055664,
  "summary_fg_k": 3.171630297030185,
  "summary_fg_mad": 94.5291935858674,
  "summary_fg_mean": 722.9752197265625,
  "summary_fg_median": 710.3179931640625,
  "summary_fg_n": 35371.0,
  "summary_fg_p05": 581.4000244140625,
  "summary_fg_p95": 902.9820556640625,
  "summary_fg_stdv": 107.87117767333984,
  "tsnr": 56.415254497434944
}