{
  "aor": 0.0008626153846153847,
  "aqi": 0.007713677076923078,
  "bids_meta": {
    "AcquisitionMatrixPE": 64,
    "AcquisitionNumber": 1,
    "AcquisitionTime": "23:18:56.730000",
    "BandwidthPerPixelPhaseEncode": 47.348,
    "BaseResolution": 64,
    "BodyPartExamined": "HEAD",
    "ConsistencyInfo": "N4_VD11D_LATEST_20110129",
    "ConversionSoftware": "dcm2niix",
    "ConversionSoftwareVersion": "v1.0.20180518 GCC4.8.5",
    "DerivedVendorReportedEchoSpacing": 0.000660007,
    "DeviceSerialNumber": "45031",
    "DwellTime": 4.5e-06,
    "EchoTime": 0.03,
    "EchoTrainLength": 32,
    "EffectiveEchoSpacing": 0.000330003,
    "FlipAngle": 71,
    "ImageOrientationPatientDICOM": [
      0.997559,
      -0.045882,
      0.0526438,
      0.0419845,
      0.996456,
      0.0728929
    ],
    "ImageType": [
      "ORIGINAL",
      "PRIMARY",
      "M",
      "ND",
      "NORM",
      "MOSAIC"
    ],
    "InPlanePhaseEncodingDirectionDICOM": "COL",
    "InstitutionAddress": "Washington_and_Faculty_Rd._-_Building_25_25_Princeton_NJ_US_085",
    "InstitutionName": "Princeton_University_-_Neuroscience_Institute",
    "InstitutionalDepartmentName": "Department",
    "MRAcquisitionType": "2D",
    "MagneticFieldStrength": 3,
    "Manufacturer": "Siemens",
    "ManufacturersModelName": "Skyra",
    "Modality": "MR",
    "ParallelReductionFactorInPlane": 2,
    "PartialFourier": 1,
    "PatientPosition": "HFS",
    "PercentPhaseFOV": 100,
    "PhaseEncodingDirection": "j-",
    "PhaseEncodingSteps": 64,
    "PhaseResolution": 1,
    "PixelBandwidth": 1735,
    "ProcedureStepDescription": "NormanLab_Anna",
    "ProtocolName": "epi_195_3x3x3_2s",
    "PulseSequenceDetails": "%SiemensSeq%_ep2d_bold",
    "ReceiveCoilActiveElements": "HE1-4",
    "ReceiveCoilName": "HeadNeck_20",
    "ReconMatrixPE": 64,
    "RepetitionTime": 2,
    "SAR": 0.118487,
    "ScanOptions": "FS",
    "ScanningSequence": "EP",
    "SequenceName": "_epfid2d1_64",
    "SequenceVariant": "SK",
    "SeriesDescription": "epi_195_3x3x3_2s",
    "SeriesNumber": 15,
    "ShimSetting": [
      3214,
      10571,
      10068,
      678,
      -168,
      418,
      797,
      69
    ],
    "SliceThickness": 3,
    "SliceTiming": [
      1,
      0,
      1.055,
      0.055,
      1.11,
      0.11,
      1.165,
      0.165,
      1.22,
      0.2225,
      1.2775,
      0.2775,
      1.3325,
      0.3325,
      1.3875,
      0.3875,
      1.4425,
      0.4425,
      1.4975,
      0.5,
      1.555,
      0.555,
      1.61,
      0.61,
      1.665,
      0.665,
      1.72,
      0.72,
      1.7775,
      0.7775,
      1.8325,
      0.8325,
      1.8875,
      0.8875,
      1.9425,
      0.9425
    ],
    "SoftwareVersions": "syngo_MR_D11",
    "SpacingBetweenSlices": 3,
    "StationName": "AWP45031",
    "TotalReadoutTime": 0.0207902,
    "TxRefAmp": 342.32,
    "dataset": "ds001454",
    "modality": "bold",
    "run_id": 7,
    "session_id": "2",
    "subject_id": "20",
    "task_id": "satellite"
  },
  "dummy_trs": 0,
  "dvars_nstd": 24.64008812072164,
  "dvars_std": 1.1620910496391756,
  "dvars_vstd": 1.0029824015979378,
  "efc": 0.607754552309961,
  "fber": 953.759765625,
  "fd_mean": 0.09160641365883332,
  "fd_num": 12,
  "fd_perc": 6.153846153846154,
  "fwhm_avg": 1.6566677777777776,
  "fwhm_x": 1.5832433333333331,
  "fwhm_y": 1.7518399999999998,
  "fwhm_z": 1.63492,
  "gcor": 0.0203554,
  "gsr_x": -0.007331719622015953,
  "gsr_y": 0.04119272157549858,
  "provenance": {
    "md5sum": "c33b21fec395c946ef5939a8643399be",
    "settings": {
      "fd_thres": 0.2,
      "testing": false
    },
    "software": "mriqc",
    "version": "23.0.1",
    "webapi_port": null,
    "webapi_url": "https://mriqc.nimh.nih.gov/api/v1"
  },
  "size_t": 195,
  "size_x": 64,
  "size_y": 64,
  "size_z": 36,
  "snr": 6.778414340990319,
  "spacing_tr": 2.0,
  "spacing_x": 3.0,
  "spacing_y": 3.0,
  "spacing_z": 3.0,
  "summary_bg_k": 19.247027750870817,
  "summary_bg_mad": 17.814037387897407,
  "summary_bg_mean": 55.363616943359375,
  "summary_bg_median": 25.10256576538086,
  "summary_bg_n": 76205.0,
  "summary_bg_p05": 10.441025733947754,
  "summary_bg_p95": 210.16820983886728,
  "summary_bg_stdv": 79.60610961914062,
  "summary_fg_k": 2.1727701437035023,
  "summary_fg_mad": 112.50674088468651,
  "summary_fg_mean": 811.2710571289062,
  "summary_fg_median": 800.876953125,
  "summary_fg_n": 37784.0,
  "summary_fg_p05": 650.17001953125,
  "summary_fg_p95": 1008.5995239257811,
  "summary_fg_stdv": 118.1495132446289,
  "tsnr": 65.24301684973761
}