{
  "aor": 0.001298871794871795,
  "aqi": 0.00692394235897436,
  "bids_meta": {
    "AcquisitionMatrixPE": 64,
    "AcquisitionNumber": 1,
    "AcquisitionTime": "23:11:58.372500",
    "BandwidthPerPixelPhaseEncode": 47.348,
    "BaseResolution": 64,
    "BodyPartExamined": "HEAD",
    "ConsistencyInfo": "N4_VD11D_LATEST_20110129",
    "ConversionSoftware": "dcm2niix",
    "ConversionSoftwareVersion": "v1.0.20180518 GCC4.8.5",
    "DerivedVendorReportedEchoSpacing": 0.000660007,
    "DeviceSerialNumber": "45031",
    "DwellTime": 4.5e-06,
    "EchoTime": 0.03,
    "EchoTrainLength": 32,
    "EffectiveEchoSpacing": 0.000330003,
    "FlipAngle": 71,
    "ImageOrientationPatientDICOM": [
      0.997559,
      -0.045882,
      0.0526438,
      0.0419845,
      0.996456,
      0.0728929
    ],
    "ImageType": [
      "ORIGINAL",
      "PRIMARY",
      "M",
      "ND",
      "NORM",
      "MOSAIC"
    ],
    "InPlanePhaseEncodingDirectionDICOM": "COL",
    "InstitutionAddress": "Washington_and_Faculty_Rd._-_Building_25_25_Princeton_NJ_US_085",
    "InstitutionName": "Princeton_University_-_Neuroscience_Institute",
    "InstitutionalDepartmentName": "Department",
    "MRAcquisitionType": "2D",
    "MagneticFieldStrength": 3,
    "Manufacturer": "Siemens",
    "ManufacturersModelName": "Skyra",
    "Modality": "MR",
    "ParallelReductionFactorInPlane": 2,
    "PartialFourier": 1,
    "PatientPosition": "HFS",
    "PercentPhaseFOV": 100,
    "PhaseEncodingDirection": "j-",
    "PhaseEncodingSteps": 64,
    "PhaseResolution": 1,
    "PixelBandwidth": 1735,
    "ProcedureStepDescription": "NormanLab_Anna",
    "ProtocolName": "epi_195_3x3x3_2s",
    "PulseSequenceDetails": "%SiemensSeq%_ep2d_bold",
    "ReceiveCoilActiveElements": "HE1-4",
    "ReceiveCoilName": "HeadNeck_20",
    "ReconMatrixPE": 64,
    "RepetitionTime": 2,
    "SAR": 0.118487,
    "ScanOptions": "FS",
    "ScanningSequence": "EP",
    "SequenceName": "_epfid2d1_64",
    "SequenceVariant": "SK",
    "SeriesDescription": "epi_195_3x3x3_2s",
    "SeriesNumber": 14,
    "ShimSetting": [
      3214,
      10571,
      10068,
      678,
      -168,
      418,
      797,
      69
    ],
    "SliceThickness": 3,
    "SliceTiming": [
      0.9975,
      0,
      1.055,
      0.055,
      1.11,
      0.11,
      1.165,
      0.165,
      1.22,
      0.22,
      1.2775,
      0.2775,
      1.3325,
      0.3325,
      1.3875,
      0.3875,
      1.4425,
      0.4425,
      1.4975,
      0.5,
      1.555,
      0.555,
      1.61,
      0.61,
      1.665,
      0.665,
      1.72,
      0.72,
      1.775,
      0.7775,
      1.8325,
      0.8325,
      1.8875,
      0.8875,
      1.9425,
      0.9425
    ],
    "SoftwareVersions": "syngo_MR_D11",
    "SpacingBetweenSlices": 3,
    "StationName": "AWP45031",
    "TotalReadoutTime": 0.0207902,
    "TxRefAmp": 342.32,
    "dataset": "ds001454",
    "modality": "bold",
    "run_id": 6,
    "session_id": "2",
    "subject_id": "20",
    "task_id": "satellite"
  },
  "dummy_trs": 0,
  "dvars_nstd": 24.082870679948446,
  "dvars_std": 1.1722971554123713,
  "dvars_vstd": 1.0184024544329904,
  "efc": 0.6074733422525486,
  "fber": 958.2944946289062,
  "fd_mean": 0.0845065474157081,
  "fd_num": 9,
  "fd_perc": 4.615384615384615,
  "fwhm_avg": 1.6489666666666667,
  "fwhm_x": 1.57486,
  "fwhm_y": 1.73747,
  "fwhm_z": 1.63457,
  "gcor": 0.0388872,
  "gsr_x": -0.0070741549134254456,
  "gsr_y": 0.0396493598818779,
  "provenance": {
    "md5sum": "1eaf327634317bd9afba0383297e99e5",
    "settings": {
      "fd_thres": 0.2,
      "testing": false
    },
    "software": "mriqc",
    "version": "23.0.1",
    "webapi_port": null,
    "webapi_url": "https://mriqc.nimh.nih.gov/api/v1"
  },
  "size_t": 195,
  "size_x": 64,
  "size_y": 64,
  "size_z": 36,
  "snr": 6.798306469958716,
  "spacing_tr": 2.0,
  "spacing_x": 3.0,
  "spacing_y": 3.0,
  "spacing_z": 3.0,
  "summary_bg_k": 19.171801539186127,
  "summary_bg_mad": 17.63916521861015,
  "summary_bg_mean": 55.04489517211914,
  "summary_bg_median": 25.066667556762695,
  "summary_bg_n": 76209.0,
  "summary_bg_p05": 10.40000057220459,
  "summary_bg_p95": 210.58872070312464,
  "summary_bg_stdv": 79.3853759765625,
  "summary_fg_k": 2.2129258702125467,
  "summary_fg_mad": 111.8794582565932,
  "summary_fg_mean": 810.5044555664062,
  "summary_fg_median": 799.88720703125,
  "summary_fg_n": 37803.0,
  "summary_fg_p05": 649.6169555664062,
  "summary_fg_p95": 1007.4902587890625,
  "summary_fg_stdv": 117.65821838378906,
  "tsnr": 67.29582185018808
}