{
  "bids_meta": {
    "AcquisitionMatrixPE": 256,
    "AcquisitionNumber": 1,
    "AcquisitionTime": "09:24:7.392500",
    "BaseResolution": 256,
    "BodyPartExamined": "HEAD",
    "ConsistencyInfo": "N4_VD11D_LATEST_20110129",
    "ConversionSoftware": "dcm2niix",
    "ConversionSoftwareVersion": "v1.0.20180518 GCC4.8.5",
    "DeviceSerialNumber": "45031",
    "DwellTime": 9.8e-06,
    "EchoTime": 0.0033,
    "FlipAngle": 7,
    "ImageOrientationPatientDICOM": [
      0.0297036,
      0.999559,
      -1.87796e-08,
      0.0707339,
      -0.002102,
      -0.997493
    ],
    "ImageType": [
      "ORIGINAL",
      "PRIMARY",
      "M",
      "ND",
      "NORM"
    ],
    "InPlanePhaseEncodingDirectionDICOM": "ROW",
    "InstitutionAddress": "Washington_and_Faculty_Rd._-_Building_25_25_Princeton_NJ_US_085",
    "InstitutionName": "Princeton_University_-_Neuroscience_Institute",
    "InstitutionalDepartmentName": "Department",
    "InversionTime": 1.1,
    "MRAcquisitionType": "3D",
    "MagneticFieldStrength": 3,
    "Manufacturer": "Siemens",
    "ManufacturersModelName": "Skyra",
    "Modality": "MR",
    "ParallelReductionFactorInPlane": 2,
    "PartialFourier": 1,
    "PatientPosition": "HFS",
    "PercentPhaseFOV": 100,
    "PhaseEncodingSteps": 255,
    "PhaseResolution": 1,
    "PixelBandwidth": 200,
    "ProcedureStepDescription": "NormanLab_Anna",
    "ProtocolName": "MPRAGE_tfl",
    "PulseSequenceDetails": "%SiemensSeq%_tfl",
    "ReceiveCoilActiveElements": "HE1-4",
    "ReceiveCoilName": "HeadNeck_20",
    "ReconMatrixPE": 256,
    "RepetitionTime": 2.53,
    "SAR": 0.0586284,
    "ScanOptions": "IR",
    "ScanningSequence": "GR_IR",
    "SequenceName": "_tfl3d1_16ns",
    "SequenceVariant": "SK_SP_MP",
    "SeriesDescription": "MPRAGE_tfl",
    "SeriesNumber": 5,
    "ShimSetting": [
      3221,
      10407,
      9933,
      298,
      -228,
      -590,
      903,
      -49
    ],
    "SliceThickness": 1,
    "SoftwareVersions": "syngo_MR_D11",
    "StationName": "AWP45031",
    "TxRefAmp": 314.175,
    "dataset": "ds001454",
    "modality": "T1w",
    "session_id": "2",
    "subject_id": "10"
  },
  "cjv": 0.3325173088451904,
  "cnr": 3.990290403914907,
  "efc": 0.4833030400059814,
  "fber": 10718.814419988103,
  "fwhm_avg": 3.7265564964720723,
  "fwhm_x": 3.7583694894162165,
  "fwhm_y": 3.92529,
  "fwhm_z": 3.49601,
  "icvs_csf": 0.22616083071883092,
  "icvs_gm": 0.44170879090603987,
  "icvs_wm": 0.3321303783751292,
  "inu_med": 0.5973277688026428,
  "inu_range": 0.235845535993576,
  "provenance": {
    "md5sum": "232907325a21f41e20914cd0eb999430",
    "settings": {
      "testing": false
    },
    "software": "mriqc",
    "version": "23.0.1",
    "warnings": {
      "large_rot_frame": true,
      "small_air_mask": false
    },
    "webapi_port": null,
    "webapi_url": "https://mriqc.nimh.nih.gov/api/v1"
  },
  "qi_1": 0.0,
  "qi_2": 0.01607800915716333,
  "rpve_csf": 26.25166088998979,
  "rpve_gm": 13.792576281925712,
  "rpve_wm": 20.648970864560162,
  "size_x": 176,
  "size_y": 256,
  "size_z": 256,
  "snr_csf": 1.572449466490076,
  "snr_gm": 8.751253388682676,
  "snr_total": 10.604188749470048,
  "snr_wm": 21.488863393237388,
  "snrd_csf": 19.60377523821265,
  "snrd_gm": 65.0986085759264,
  "snrd_total": 61.66992547109361,
  "snrd_wm": 100.30739259914178,
  "spacing_x": 0.9999948143959045,
  "spacing_y": 1.0,
  "spacing_z": 1.0,
  "summary_bg_k": 2349.289720985619,
  "summary_bg_mad": 6.5312872484304245,
  "summary_bg_mean": 5.497935625901335,
  "summary_bg_median": 4.405286304652691,
  "summary_bg_n": 3497522.0,
  "summary_bg_p05": 0.0,
  "summary_bg_p95": 18.328166477382183,
  "summary_bg_stdv": 8.535927608090972,
  "summary_csf_k": 0.04459246611862078,
  "summary_csf_mad": 126.43281982146797,
  "summary_csf_mean": 215.4546405070404,
  "summary_csf_median": 195.43699179962277,
  "summary_csf_n": 47667.0,
  "summary_csf_p05": 46.30989244952798,
  "summary_csf_p95": 444.9883030205965,
  "summary_csf_stdv": 124.28694589535452,
  "summary_gm_k": 0.11875447864447075,
  "summary_gm_mad": 71.9651094965945,
  "summary_gm_mean": 649.6750560598176,
  "summary_gm_median": 648.9911293014884,
  "summary_gm_n": 43371.0,
  "summary_gm_p05": 527.0571552887559,
  "summary_gm_p95": 773.0461670905352,
  "summary_gm_stdv": 74.15893684919654,
  "summary_wm_k": 0.3967780730702466,
  "summary_wm_mad": 44.75141262813439,
  "summary_wm_mean": 998.4214379226689,
  "summary_wm_median": 999.9999911561608,
  "summary_wm_n": 175694.0,
  "summary_wm_p05": 919.1820226535201,
  "summary_wm_p95": 1071.626683294773,
  "summary_wm_stdv": 46.5355997195197,
  "tpm_overlap_csf": 0.13325928628404918,
  "tpm_overlap_gm": 0.48214973863643634,
  "tpm_overlap_wm": 0.5015407028836157,
  "wm2max": 0.6609749083327342
}