{
  "aor": 0.0005849230769230768,
  "aqi": 0.008671238358974358,
  "bids_meta": {
    "AcquisitionMatrixPE": 64,
    "AcquisitionNumber": 1,
    "AcquisitionTime": "12:13:43.865000",
    "BandwidthPerPixelPhaseEncode": 47.348,
    "BaseResolution": 64,
    "BodyPartExamined": "HEAD",
    "ConsistencyInfo": "N4_VD11D_LATEST_20110129",
    "ConversionSoftware": "dcm2niix",
    "ConversionSoftwareVersion": "v1.0.20180518 GCC4.8.5",
    "DerivedVendorReportedEchoSpacing": 0.000660007,
    "DeviceSerialNumber": "45031",
    "DwellTime": 4.5e-06,
    "EchoTime": 0.03,
    "EchoTrainLength": 32,
    "EffectiveEchoSpacing": 0.000330003,
    "FlipAngle": 71,
    "ImageOrientationPatientDICOM": [
      0.998295,
      -0.0158641,
      -0.0561672,
      0.0212484,
      0.995096,
      0.0966009
    ],
    "ImageType": [
      "ORIGINAL",
      "PRIMARY",
      "M",
      "ND",
      "NORM",
      "MOSAIC"
    ],
    "InPlanePhaseEncodingDirectionDICOM": "COL",
    "InstitutionAddress": "Washington_and_Faculty_Rd._-_Building_25_25_Princeton_NJ_US_085",
    "InstitutionName": "Princeton_University_-_Neuroscience_Institute",
    "InstitutionalDepartmentName": "Department",
    "MRAcquisitionType": "2D",
    "MagneticFieldStrength": 3,
    "Manufacturer": "Siemens",
    "ManufacturersModelName": "Skyra",
    "Modality": "MR",
    "ParallelReductionFactorInPlane": 2,
    "PartialFourier": 1,
    "PatientPosition": "HFS",
    "PercentPhaseFOV": 100,
    "PhaseEncodingDirection": "j-",
    "PhaseEncodingSteps": 64,
    "PhaseResolution": 1,
    "PixelBandwidth": 1735,
    "ProcedureStepDescription": "NormanLab_Anna",
    "ProtocolName": "epi_195_3x3x3_2s",
    "PulseSequenceDetails": "%SiemensSeq%_ep2d_bold",
    "ReceiveCoilActiveElements": "HE1-4",
    "ReceiveCoilName": "HeadNeck_20",
    "ReconMatrixPE": 64,
    "RepetitionTime": 2,
    "SAR": 0.128098,
    "ScanOptions": "FS",
    "ScanningSequence": "EP",
    "SequenceName": "_epfid2d1_64",
    "SequenceVariant": "SK",
    "SeriesDescription": "epi_195_3x3x3_2s",
    "SeriesNumber": 20,
    "ShimSetting": [
      3200,
      10498,
      9955,
      444,
      -63,
      -95,
      876,
      101
    ],
    "SliceThickness": 3,
    "SliceTiming": [
      1,
      0,
      1.0575,
      0.0575,
      1.1125,
      0.1125,
      1.1675,
      0.1675,
      1.2225,
      0.2225,
      1.2775,
      0.2775,
      1.335,
      0.335,
      1.39,
      0.39,
      1.445,
      0.445,
      1.5,
      0.5,
      1.555,
      0.5575,
      1.6125,
      0.6125,
      1.6675,
      0.6675,
      1.7225,
      0.7225,
      1.7775,
      0.7775,
      1.835,
      0.835,
      1.89,
      0.89,
      1.945,
      0.945
    ],
    "SoftwareVersions": "syngo_MR_D11",
    "SpacingBetweenSlices": 3,
    "StationName": "AWP45031",
    "TotalReadoutTime": 0.0207902,
    "TxRefAmp": 329.306,
    "dataset": "ds001454",
    "modality": "bold",
    "run_id": 8,
    "session_id": "1",
    "subject_id": "03",
    "task_id": "satellite"
  },
  "dummy_trs": 0,
  "dvars_nstd": 27.510350581082477,
  "dvars_std": 1.1960671863917525,
  "dvars_vstd": 1.0017796146391753,
  "efc": 0.5739697067687571,
  "fber": 1289.1025390625,
  "fd_mean": 0.1570788151509796,
  "fd_num": 54,
  "fd_perc": 27.692307692307693,
  "fwhm_avg": 1.671403019910298,
  "fwhm_x": 1.5902033333333332,
  "fwhm_y": 1.7338166666666668,
  "fwhm_z": 1.690189059730894,
  "gcor": 0.0126837,
  "gsr_x": -0.005127232521772385,
  "gsr_y": 0.03529856726527214,
  "provenance": {
    "md5sum": "3dbc7a6a8c09be4f1c452f9509a3d4e2",
    "settings": {
      "fd_thres": 0.2,
      "testing": false
    },
    "software": "mriqc",
    "version": "23.0.1",
    "webapi_port": null,
    "webapi_url": "https://mriqc.nimh.nih.gov/api/v1"
  },
  "size_t": 195,
  "size_x": 64,
  "size_y": 64,
  "size_z": 36,
  "snr": 6.355062713005793,
  "spacing_tr": 2.0,
  "spacing_x": 3.0,
  "spacing_y": 3.0,
  "spacing_z": 3.0000016689300537,
  "summary_bg_k": 45.49563359276003,
  "summary_bg_mad": 10.279375475900151,
  "summary_bg_mean": 37.739410400390625,
  "summary_bg_median": 19.364103317260742,
  "summary_bg_n": 79346.0,
  "summary_bg_p05": 10.066666603088379,
  "summary_bg_p95": 111.42564392089844,
  "summary_bg_stdv": 65.23033142089844,
  "summary_fg_k": 3.38817744725881,
  "summary_fg_mad": 96.35394173870952,
  "summary_fg_mean": 721.1214599609375,
  "summary_fg_median": 707.4154052734375,
  "summary_fg_n": 35471.0,
  "summary_fg_p05": 579.1948852539062,
  "summary_fg_p95": 907.0462036132812,
  "summary_fg_stdv": 111.31368255615234,
  "tsnr": 64.83497974649072
}