{
  "aor": 0.0003148453608247422,
  "aqi": 0.015470805103092783,
  "bids_meta": {
    "AcquisitionMatrixPE": 64,
    "AcquisitionNumber": 1,
    "AcquisitionTime": "12:20:48.682500",
    "BandwidthPerPixelPhaseEncode": 47.348,
    "BaseResolution": 64,
    "BodyPartExamined": "HEAD",
    "ConsistencyInfo": "N4_VD11D_LATEST_20110129",
    "ConversionSoftware": "dcm2niix",
    "ConversionSoftwareVersion": "v1.0.20180518 GCC4.8.5",
    "DerivedVendorReportedEchoSpacing": 0.000660007,
    "DeviceSerialNumber": "45031",
    "DwellTime": 4.5e-06,
    "EchoTime": 0.03,
    "EchoTrainLength": 32,
    "EffectiveEchoSpacing": 0.000330003,
    "FlipAngle": 71,
    "ImageOrientationPatientDICOM": [
      0.998295,
      -0.0158641,
      -0.0561672,
      0.0212484,
      0.995096,
      0.0966009
    ],
    "ImageType": [
      "ORIGINAL",
      "PRIMARY",
      "M",
      "ND",
      "NORM",
      "MOSAIC"
    ],
    "InPlanePhaseEncodingDirectionDICOM": "COL",
    "InstitutionAddress": "Washington_and_Faculty_Rd._-_Building_25_25_Princeton_NJ_US_085",
    "InstitutionName": "Princeton_University_-_Neuroscience_Institute",
    "InstitutionalDepartmentName": "Department",
    "MRAcquisitionType": "2D",
    "MagneticFieldStrength": 3,
    "Manufacturer": "Siemens",
    "ManufacturersModelName": "Skyra",
    "Modality": "MR",
    "ParallelReductionFactorInPlane": 2,
    "PartialFourier": 1,
    "PatientPosition": "HFS",
    "PercentPhaseFOV": 100,
    "PhaseEncodingDirection": "j-",
    "PhaseEncodingSteps": 64,
    "PhaseResolution": 1,
    "PixelBandwidth": 1735,
    "ProcedureStepDescription": "NormanLab_Anna",
    "ProtocolName": "epi_195_3x3x3_2s",
    "PulseSequenceDetails": "%SiemensSeq%_ep2d_bold",
    "ReceiveCoilActiveElements": "HE1-4",
    "ReceiveCoilName": "HeadNeck_20",
    "ReconMatrixPE": 64,
    "RepetitionTime": 2,
    "SAR": 0.128098,
    "ScanOptions": "FS",
    "ScanningSequence": "EP",
    "SequenceName": "_epfid2d1_64",
    "SequenceVariant": "SK",
    "SeriesDescription": "epi_195_3x3x3_2s",
    "SeriesNumber": 21,
    "ShimSetting": [
      3200,
      10498,
      9955,
      444,
      -63,
      -95,
      876,
      101
    ],
    "SliceThickness": 3,
    "SliceTiming": [
      1,
      0,
      1.0575,
      0.0575,
      1.1125,
      0.1125,
      1.1675,
      0.1675,
      1.2225,
      0.2225,
      1.2775,
      0.2775,
      1.335,
      0.335,
      1.39,
      0.39,
      1.445,
      0.445,
      1.5,
      0.5,
      1.555,
      0.5575,
      1.6125,
      0.6125,
      1.6675,
      0.6675,
      1.7225,
      0.7225,
      1.7775,
      0.7775,
      1.835,
      0.835,
      1.89,
      0.89,
      1.945,
      0.945
    ],
    "SoftwareVersions": "syngo_MR_D11",
    "SpacingBetweenSlices": 3,
    "StationName": "AWP45031",
    "TotalReadoutTime": 0.0207902,
    "TxRefAmp": 329.306,
    "dataset": "ds001454",
    "modality": "bold",
    "run_id": 1,
    "session_id": "1",
    "subject_id": "03",
    "task_id": "rest"
  },
  "dummy_trs": 1,
  "dvars_nstd": 26.742796606528497,
  "dvars_std": 1.1056337399481861,
  "dvars_vstd": 0.9653889183937826,
  "efc": 0.5739373334224821,
  "fber": 1312.4459228515625,
  "fd_mean": 0.15402808592740633,
  "fd_num": 51,
  "fd_perc": 26.288659793814432,
  "fwhm_avg": 1.6614752468055218,
  "fwhm_x": 1.5984299999999998,
  "fwhm_y": 1.7210066666666668,
  "fwhm_z": 1.6649890737498987,
  "gcor": 0.00724925,
  "gsr_x": -0.0043931580148637295,
  "gsr_y": 0.0354311428964138,
  "provenance": {
    "md5sum": "79df6f7b1b96f7a2bb9855c410577bde",
    "settings": {
      "fd_thres": 0.2,
      "testing": false
    },
    "software": "mriqc",
    "version": "23.0.1",
    "webapi_port": null,
    "webapi_url": "https://mriqc.nimh.nih.gov/api/v1"
  },
  "size_t": 194,
  "size_x": 64,
  "size_y": 64,
  "size_z": 36,
  "snr": 6.416593136736477,
  "spacing_tr": 2.0,
  "spacing_x": 3.0,
  "spacing_y": 3.0,
  "spacing_z": 3.0000016689300537,
  "summary_bg_k": 44.47069599616213,
  "summary_bg_mad": 10.615126251627002,
  "summary_bg_mean": 37.88356018066406,
  "summary_bg_median": 19.31958770751953,
  "summary_bg_n": 79313.0,
  "summary_bg_p05": 9.925772666931154,
  "summary_bg_p95": 113.07112884521463,
  "summary_bg_stdv": 64.75325012207031,
  "summary_fg_k": 3.2586101978823647,
  "summary_fg_mad": 95.53613060896438,
  "summary_fg_mean": 721.1796264648438,
  "summary_fg_median": 707.505126953125,
  "summary_fg_n": 35420.0,
  "summary_fg_p05": 579.3755065917969,
  "summary_fg_p95": 906.2200683593742,
  "summary_fg_stdv": 110.26024627685547,
  "tsnr": 54.06325232051313
}