{
  "aor": 0.0006646153846153846,
  "aqi": 0.00945328082051282,
  "bids_meta": {
    "AcquisitionMatrixPE": 64,
    "AcquisitionNumber": 1,
    "AcquisitionTime": "21:36:21.005000",
    "BandwidthPerPixelPhaseEncode": 47.348,
    "BaseResolution": 64,
    "BodyPartExamined": "HEAD",
    "ConsistencyInfo": "N4_VD11D_LATEST_20110129",
    "ConversionSoftware": "dcm2niix",
    "ConversionSoftwareVersion": "v1.0.20180518 GCC4.8.5",
    "DerivedVendorReportedEchoSpacing": 0.000660007,
    "DeviceSerialNumber": "45031",
    "DwellTime": 4.5e-06,
    "EchoTime": 0.03,
    "EchoTrainLength": 32,
    "EffectiveEchoSpacing": 0.000330003,
    "FlipAngle": 71,
    "ImageOrientationPatientDICOM": [
      0.999789,
      0.0140818,
      0.0149843,
      -0.0155314,
      0.994716,
      0.101486
    ],
    "ImageType": [
      "ORIGINAL",
      "PRIMARY",
      "M",
      "ND",
      "NORM",
      "MOSAIC"
    ],
    "InPlanePhaseEncodingDirectionDICOM": "COL",
    "InstitutionAddress": "Washington_and_Faculty_Rd._-_Building_25_25_Princeton_NJ_US_085",
    "InstitutionName": "Princeton_University_-_Neuroscience_Institute",
    "InstitutionalDepartmentName": "Department",
    "MRAcquisitionType": "2D",
    "MagneticFieldStrength": 3,
    "Manufacturer": "Siemens",
    "ManufacturersModelName": "Skyra",
    "Modality": "MR",
    "ParallelReductionFactorInPlane": 2,
    "PartialFourier": 1,
    "PatientPosition": "HFS",
    "PercentPhaseFOV": 100,
    "PhaseEncodingDirection": "j-",
    "PhaseEncodingSteps": 64,
    "PhaseResolution": 1,
    "PixelBandwidth": 1735,
    "ProcedureStepDescription": "NormanLab_Anna",
    "ProtocolName": "epi_195_3x3x3_2s",
    "PulseSequenceDetails": "%SiemensSeq%_ep2d_bold",
    "ReceiveCoilActiveElements": "HE1-4",
    "ReceiveCoilName": "HeadNeck_20",
    "ReconMatrixPE": 64,
    "RepetitionTime": 2,
    "SAR": 0.0971959,
    "ScanOptions": "FS",
    "ScanningSequence": "EP",
    "SequenceName": "_epfid2d1_64",
    "SequenceVariant": "SK",
    "SeriesDescription": "epi_195_3x3x3_2s",
    "SeriesNumber": 17,
    "ShimSetting": [
      3211,
      10522,
      10030,
      359,
      -157,
      16,
      900,
      4
    ],
    "SliceThickness": 3,
    "SliceTiming": [
      1,
      0,
      1.055,
      0.055,
      1.11,
      0.1125,
      1.1675,
      0.1675,
      1.2225,
      0.2225,
      1.2775,
      0.2775,
      1.3325,
      0.3325,
      1.39,
      0.39,
      1.445,
      0.445,
      1.5,
      0.5,
      1.555,
      0.555,
      1.61,
      0.6125,
      1.6675,
      0.6675,
      1.7225,
      0.7225,
      1.7775,
      0.7775,
      1.8325,
      0.8325,
      1.8875,
      0.89,
      1.945,
      0.945
    ],
    "SoftwareVersions": "syngo_MR_D11",
    "SpacingBetweenSlices": 3,
    "StationName": "AWP45031",
    "TotalReadoutTime": 0.0207902,
    "TxRefAmp": 320.343,
    "dataset": "ds001454",
    "modality": "bold",
    "run_id": 1,
    "session_id": "1",
    "subject_id": "24",
    "task_id": "rest"
  },
  "dummy_trs": 0,
  "dvars_nstd": 22.184881259432988,
  "dvars_std": 1.0757229231958765,
  "dvars_vstd": 0.9881261439690725,
  "efc": 0.6111617668733664,
  "fber": 1149.13232421875,
  "fd_mean": 0.0966755970087823,
  "fd_num": 4,
  "fd_perc": 2.051282051282051,
  "fwhm_avg": 1.6954255555555555,
  "fwhm_x": 1.5678033333333332,
  "fwhm_y": 1.8367466666666665,
  "fwhm_z": 1.6817266666666668,
  "gcor": 0.0152214,
  "gsr_x": -0.024774450808763504,
  "gsr_y": 0.0596255324780941,
  "provenance": {
    "md5sum": "805ae8f801b630d3be049b006184a991",
    "settings": {
      "fd_thres": 0.2,
      "testing": false
    },
    "software": "mriqc",
    "version": "23.0.1",
    "webapi_port": null,
    "webapi_url": "https://mriqc.nimh.nih.gov/api/v1"
  },
  "size_t": 195,
  "size_x": 64,
  "size_y": 64,
  "size_z": 36,
  "snr": 6.811759727052845,
  "spacing_tr": 2.0,
  "spacing_x": 3.0,
  "spacing_y": 3.0,
  "spacing_z": 3.0,
  "summary_bg_k": 22.559351455712168,
  "summary_bg_mad": 12.67435035690716,
  "summary_bg_mean": 44.459781646728516,
  "summary_bg_median": 20.851282119750977,
  "summary_bg_n": 73800.0,
  "summary_bg_p05": 10.507692337036133,
  "summary_bg_p95": 154.19897384643608,
  "summary_bg_stdv": 67.70262908935547,
  "summary_fg_k": 3.300651572163943,
  "summary_fg_mad": 97.60090576281885,
  "summary_fg_mean": 746.8471069335938,
  "summary_fg_median": 739.2974853515625,
  "summary_fg_n": 39700.0,
  "summary_fg_p05": 598.4141235351562,
  "summary_fg_p95": 923.1059326171872,
  "summary_fg_stdv": 108.53115844726562,
  "tsnr": 61.89755695220083
}