{
  "aor": 0.0008271282051282051,
  "aqi": 0.006537834153846154,
  "bids_meta": {
    "AcquisitionMatrixPE": 64,
    "AcquisitionNumber": 1,
    "AcquisitionTime": "21:08:44.817500",
    "BandwidthPerPixelPhaseEncode": 47.348,
    "BaseResolution": 64,
    "BodyPartExamined": "HEAD",
    "ConsistencyInfo": "N4_VD11D_LATEST_20110129",
    "ConversionSoftware": "dcm2niix",
    "ConversionSoftwareVersion": "v1.0.20180518 GCC4.8.5",
    "DerivedVendorReportedEchoSpacing": 0.000660007,
    "DeviceSerialNumber": "45031",
    "DwellTime": 4.5e-06,
    "EchoTime": 0.03,
    "EchoTrainLength": 32,
    "EffectiveEchoSpacing": 0.000330003,
    "FlipAngle": 71,
    "ImageOrientationPatientDICOM": [
      0.999789,
      0.0140818,
      0.0149843,
      -0.0155314,
      0.994716,
      0.101486
    ],
    "ImageType": [
      "ORIGINAL",
      "PRIMARY",
      "M",
      "ND",
      "NORM",
      "MOSAIC"
    ],
    "InPlanePhaseEncodingDirectionDICOM": "COL",
    "InstitutionAddress": "Washington_and_Faculty_Rd._-_Building_25_25_Princeton_NJ_US_085",
    "InstitutionName": "Princeton_University_-_Neuroscience_Institute",
    "InstitutionalDepartmentName": "Department",
    "MRAcquisitionType": "2D",
    "MagneticFieldStrength": 3,
    "Manufacturer": "Siemens",
    "ManufacturersModelName": "Skyra",
    "Modality": "MR",
    "ParallelReductionFactorInPlane": 2,
    "PartialFourier": 1,
    "PatientPosition": "HFS",
    "PercentPhaseFOV": 100,
    "PhaseEncodingDirection": "j-",
    "PhaseEncodingSteps": 64,
    "PhaseResolution": 1,
    "PixelBandwidth": 1735,
    "ProcedureStepDescription": "NormanLab_Anna",
    "ProtocolName": "epi_195_3x3x3_2s",
    "PulseSequenceDetails": "%SiemensSeq%_ep2d_bold",
    "ReceiveCoilActiveElements": "HE1-4",
    "ReceiveCoilName": "HeadNeck_20",
    "ReconMatrixPE": 64,
    "RepetitionTime": 2,
    "SAR": 0.0971959,
    "ScanOptions": "FS",
    "ScanningSequence": "EP",
    "SequenceName": "_epfid2d1_64",
    "SequenceVariant": "SK",
    "SeriesDescription": "epi_195_3x3x3_2s",
    "SeriesNumber": 13,
    "ShimSetting": [
      3211,
      10522,
      10030,
      359,
      -157,
      16,
      900,
      4
    ],
    "SliceThickness": 3,
    "SliceTiming": [
      0.9975,
      0,
      1.055,
      0.055,
      1.11,
      0.11,
      1.165,
      0.165,
      1.22,
      0.22,
      1.275,
      0.2775,
      1.3325,
      0.3325,
      1.3875,
      0.3875,
      1.4425,
      0.4425,
      1.4975,
      0.4975,
      1.555,
      0.555,
      1.61,
      0.61,
      1.665,
      0.665,
      1.72,
      0.72,
      1.775,
      0.7775,
      1.8325,
      0.8325,
      1.8875,
      0.8875,
      1.9425,
      0.9425
    ],
    "SoftwareVersions": "syngo_MR_D11",
    "SpacingBetweenSlices": 3,
    "StationName": "AWP45031",
    "TotalReadoutTime": 0.0207902,
    "TxRefAmp": 320.343,
    "dataset": "ds001454",
    "modality": "bold",
    "run_id": 5,
    "session_id": "1",
    "subject_id": "24",
    "task_id": "satellite"
  },
  "dummy_trs": 0,
  "dvars_nstd": 22.20736737582474,
  "dvars_std": 1.1052565257216496,
  "dvars_vstd": 1.0123146082474228,
  "efc": 0.6101186079084931,
  "fber": 1150.4879150390625,
  "fd_mean": 0.0694078290449244,
  "fd_num": 2,
  "fd_perc": 1.0256410256410255,
  "fwhm_avg": 1.689032222222222,
  "fwhm_x": 1.5590166666666667,
  "fwhm_y": 1.83151,
  "fwhm_z": 1.67657,
  "gcor": 0.0363342,
  "gsr_x": -0.02577873319387436,
  "gsr_y": 0.05932630971074104,
  "provenance": {
    "md5sum": "c9a67f7360660a2bca0ac53f64158acc",
    "settings": {
      "fd_thres": 0.2,
      "testing": false
    },
    "software": "mriqc",
    "version": "23.0.1",
    "webapi_port": null,
    "webapi_url": "https://mriqc.nimh.nih.gov/api/v1"
  },
  "size_t": 195,
  "size_x": 64,
  "size_y": 64,
  "size_z": 36,
  "snr": 6.821933037753702,
  "spacing_tr": 2.0,
  "spacing_x": 3.0,
  "spacing_y": 3.0,
  "spacing_z": 3.0,
  "summary_bg_k": 23.435916607832564,
  "summary_bg_mad": 12.42344607197171,
  "summary_bg_mean": 43.96985626220703,
  "summary_bg_median": 20.866666793823242,
  "summary_bg_n": 73900.0,
  "summary_bg_p05": 10.584615707397461,
  "summary_bg_p95": 153.30282287597657,
  "summary_bg_stdv": 67.43443298339844,
  "summary_fg_k": 3.0706173988124537,
  "summary_fg_mad": 97.35748535462915,
  "summary_fg_mean": 749.2288208007812,
  "summary_fg_median": 741.78466796875,
  "summary_fg_n": 39567.0,
  "summary_fg_p05": 599.7620483398438,
  "summary_fg_p95": 927.7133422851562,
  "summary_fg_stdv": 108.73388671875,
  "tsnr": 68.44543673680164
}