{
  "aor": 0.0008628717948717949,
  "aqi": 0.008682809230769232,
  "bids_meta": {
    "AcquisitionMatrixPE": 64,
    "AcquisitionNumber": 1,
    "AcquisitionTime": "20:46:51.052500",
    "BandwidthPerPixelPhaseEncode": 47.348,
    "BaseResolution": 64,
    "BodyPartExamined": "HEAD",
    "ConsistencyInfo": "N4_VD11D_LATEST_20110129",
    "ConversionSoftware": "dcm2niix",
    "ConversionSoftwareVersion": "v1.0.20180518 GCC4.8.5",
    "DerivedVendorReportedEchoSpacing": 0.000660007,
    "DeviceSerialNumber": "45031",
    "DwellTime": 4.5e-06,
    "EchoTime": 0.03,
    "EchoTrainLength": 32,
    "EffectiveEchoSpacing": 0.000330003,
    "FlipAngle": 71,
    "ImageOrientationPatientDICOM": [
      0.997485,
      0.0205647,
      0.0678269,
      -0.0355302,
      0.973137,
      0.22747
    ],
    "ImageType": [
      "ORIGINAL",
      "PRIMARY",
      "M",
      "ND",
      "NORM",
      "MOSAIC"
    ],
    "InPlanePhaseEncodingDirectionDICOM": "COL",
    "InstitutionAddress": "Washington_and_Faculty_Rd._-_Building_25_25_Princeton_NJ_US_085",
    "InstitutionName": "Princeton_University_-_Neuroscience_Institute",
    "InstitutionalDepartmentName": "Department",
    "MRAcquisitionType": "2D",
    "MagneticFieldStrength": 3,
    "Manufacturer": "Siemens",
    "ManufacturersModelName": "Skyra",
    "Modality": "MR",
    "ParallelReductionFactorInPlane": 2,
    "PartialFourier": 1,
    "PatientPosition": "HFS",
    "PercentPhaseFOV": 100,
    "PhaseEncodingDirection": "j-",
    "PhaseEncodingSteps": 64,
    "PhaseResolution": 1,
    "PixelBandwidth": 1735,
    "ProcedureStepDescription": "NormanLab_Anna",
    "ProtocolName": "epi_195_3x3x3_2s",
    "PulseSequenceDetails": "%SiemensSeq%_ep2d_bold",
    "ReceiveCoilActiveElements": "HE1-4",
    "ReceiveCoilName": "HeadNeck_20",
    "ReconMatrixPE": 64,
    "RepetitionTime": 2,
    "SAR": 0.102876,
    "ScanOptions": "FS",
    "ScanningSequence": "EP",
    "SequenceName": "_epfid2d1_64",
    "SequenceVariant": "SK",
    "SeriesDescription": "epi_195_3x3x3_2s",
    "SeriesNumber": 12,
    "ShimSetting": [
      3217,
      10546,
      10104,
      589,
      -121,
      162,
      957,
      -25
    ],
    "SliceThickness": 3,
    "SliceTiming": [
      1,
      0,
      1.055,
      0.055,
      1.11,
      0.11,
      1.165,
      0.165,
      1.22,
      0.2225,
      1.2775,
      0.2775,
      1.3325,
      0.3325,
      1.3875,
      0.3875,
      1.4425,
      0.4425,
      1.5,
      0.5,
      1.555,
      0.555,
      1.61,
      0.61,
      1.665,
      0.665,
      1.72,
      0.7225,
      1.7775,
      0.7775,
      1.8325,
      0.8325,
      1.8875,
      0.8875,
      1.9425,
      0.9425
    ],
    "SoftwareVersions": "syngo_MR_D11",
    "SpacingBetweenSlices": 3,
    "StationName": "AWP45031",
    "TotalReadoutTime": 0.0207902,
    "TxRefAmp": 332.634,
    "dataset": "ds001454",
    "modality": "bold",
    "run_id": 4,
    "session_id": "1",
    "subject_id": "12",
    "task_id": "satellite"
  },
  "dummy_trs": 0,
  "dvars_nstd": 22.444537330051546,
  "dvars_std": 1.1109152116494851,
  "dvars_vstd": 0.9867174317525775,
  "efc": 0.5855580826225069,
  "fber": 1102.365966796875,
  "fd_mean": 0.09617798981562231,
  "fd_num": 4,
  "fd_perc": 2.051282051282051,
  "fwhm_avg": 1.6479855555555554,
  "fwhm_x": 1.5346399999999998,
  "fwhm_y": 1.7890266666666665,
  "fwhm_z": 1.62029,
  "gcor": 0.0300041,
  "gsr_x": -0.0047080423682928085,
  "gsr_y": 0.04103163629770279,
  "provenance": {
    "md5sum": "986577789ae3b6860140673c2e544188",
    "settings": {
      "fd_thres": 0.2,
      "testing": false
    },
    "software": "mriqc",
    "version": "23.0.1",
    "webapi_port": null,
    "webapi_url": "https://mriqc.nimh.nih.gov/api/v1"
  },
  "size_t": 195,
  "size_x": 64,
  "size_y": 64,
  "size_z": 36,
  "snr": 6.863931566197438,
  "spacing_tr": 2.0,
  "spacing_x": 3.0,
  "spacing_y": 3.0,
  "spacing_z": 3.0,
  "summary_bg_k": 25.110874489361894,
  "summary_bg_mad": 16.83323666966442,
  "summary_bg_mean": 51.66831970214844,
  "summary_bg_median": 24.117948532104492,
  "summary_bg_n": 80168.0,
  "summary_bg_p05": 10.266667366027832,
  "summary_bg_p95": 190.98103027343745,
  "summary_bg_stdv": 72.30326080322266,
  "summary_fg_k": 2.9178444953258946,
  "summary_fg_mad": 113.14913548607636,
  "summary_fg_mean": 824.8763427734375,
  "summary_fg_median": 816.861572265625,
  "summary_fg_n": 34703.0,
  "summary_fg_p05": 661.5856811523438,
  "summary_fg_p95": 1017.3723388671875,
  "summary_fg_stdv": 119.00611114501953,
  "tsnr": 64.49745293939486
}