{
  "aor": 0.00046543589743589745,
  "aqi": 0.009059083230769231,
  "bids_meta": {
    "AcquisitionMatrixPE": 64,
    "AcquisitionNumber": 1,
    "AcquisitionTime": "23:04:27.670000",
    "BandwidthPerPixelPhaseEncode": 47.348,
    "BaseResolution": 64,
    "BodyPartExamined": "HEAD",
    "ConsistencyInfo": "N4_VD11D_LATEST_20110129",
    "ConversionSoftware": "dcm2niix",
    "ConversionSoftwareVersion": "v1.0.20180518 GCC4.8.5",
    "DerivedVendorReportedEchoSpacing": 0.000660007,
    "DeviceSerialNumber": "45031",
    "DwellTime": 4.5e-06,
    "EchoTime": 0.03,
    "EchoTrainLength": 32,
    "EffectiveEchoSpacing": 0.000330003,
    "FlipAngle": 71,
    "ImageOrientationPatientDICOM": [
      0.99986,
      0.0167288,
      -8.94402e-05,
      -0.0165798,
      0.991637,
      0.127987
    ],
    "ImageType": [
      "ORIGINAL",
      "PRIMARY",
      "M",
      "ND",
      "NORM",
      "MOSAIC"
    ],
    "InPlanePhaseEncodingDirectionDICOM": "COL",
    "InstitutionAddress": "Washington_and_Faculty_Rd._-_Building_25_25_Princeton_NJ_US_085",
    "InstitutionName": "Princeton_University_-_Neuroscience_Institute",
    "InstitutionalDepartmentName": "Department",
    "MRAcquisitionType": "2D",
    "MagneticFieldStrength": 3,
    "Manufacturer": "Siemens",
    "ManufacturersModelName": "Skyra",
    "Modality": "MR",
    "ParallelReductionFactorInPlane": 2,
    "PartialFourier": 1,
    "PatientPosition": "HFS",
    "PercentPhaseFOV": 100,
    "PhaseEncodingDirection": "j-",
    "PhaseEncodingSteps": 64,
    "PhaseResolution": 1,
    "PixelBandwidth": 1735,
    "ProcedureStepDescription": "NormanLab_Anna",
    "ProtocolName": "epi_195_3x3x3_2s",
    "PulseSequenceDetails": "%SiemensSeq%_ep2d_bold",
    "ReceiveCoilActiveElements": "HE1-4",
    "ReceiveCoilName": "HeadNeck_20",
    "ReconMatrixPE": 64,
    "RepetitionTime": 2,
    "SAR": 0.124176,
    "ScanOptions": "FS",
    "ScanningSequence": "EP",
    "SequenceName": "_epfid2d1_64",
    "SequenceVariant": "SK",
    "SeriesDescription": "epi_195_3x3x3_2s",
    "SeriesNumber": 13,
    "ShimSetting": [
      3232,
      10465,
      9974,
      478,
      46,
      -78,
      921,
      -11
    ],
    "SliceThickness": 3,
    "SliceTiming": [
      1,
      0,
      1.055,
      0.055,
      1.11,
      0.11,
      1.165,
      0.1675,
      1.2225,
      0.2225,
      1.2775,
      0.2775,
      1.3325,
      0.3325,
      1.3875,
      0.3875,
      1.445,
      0.445,
      1.5,
      0.5,
      1.555,
      0.555,
      1.61,
      0.61,
      1.665,
      0.6675,
      1.7225,
      0.7225,
      1.7775,
      0.7775,
      1.8325,
      0.8325,
      1.8875,
      0.8875,
      1.9425,
      0.945
    ],
    "SoftwareVersions": "syngo_MR_D11",
    "SpacingBetweenSlices": 3,
    "StationName": "AWP45031",
    "TotalReadoutTime": 0.0207902,
    "TxRefAmp": 324.271,
    "dataset": "ds001454",
    "modality": "bold",
    "run_id": 5,
    "session_id": "2",
    "subject_id": "03",
    "task_id": "satellite"
  },
  "dummy_trs": 0,
  "dvars_nstd": 27.452813364793798,
  "dvars_std": 1.187135173092783,
  "dvars_vstd": 0.9985385817010308,
  "efc": 0.5725784541993817,
  "fber": 1378.2431640625,
  "fd_mean": 0.1637750248392576,
  "fd_num": 66,
  "fd_perc": 33.84615384615385,
  "fwhm_avg": 1.6478944444444446,
  "fwhm_x": 1.5663433333333332,
  "fwhm_y": 1.69925,
  "fwhm_z": 1.67809,
  "gcor": 0.0279533,
  "gsr_x": -0.004243672359734774,
  "gsr_y": 0.036418717354536057,
  "provenance": {
    "md5sum": "6aaf53a118cc7997e52022b6bba80e98",
    "settings": {
      "fd_thres": 0.2,
      "testing": false
    },
    "software": "mriqc",
    "version": "23.0.1",
    "webapi_port": null,
    "webapi_url": "https://mriqc.nimh.nih.gov/api/v1"
  },
  "size_t": 195,
  "size_x": 64,
  "size_y": 64,
  "size_z": 36,
  "snr": 6.572639233733078,
  "spacing_tr": 2.0,
  "spacing_x": 3.0,
  "spacing_y": 3.0,
  "spacing_z": 3.0,
  "summary_bg_k": 46.87380333880501,
  "summary_bg_mad": 10.142520778356648,
  "summary_bg_mean": 37.37390899658203,
  "summary_bg_median": 18.71282196044922,
  "summary_bg_n": 79301.0,
  "summary_bg_p05": 9.369231224060059,
  "summary_bg_p95": 109.52820587158203,
  "summary_bg_stdv": 65.78548431396484,
  "summary_fg_k": 3.4086985738713853,
  "summary_fg_mad": 93.98172389458573,
  "summary_fg_mean": 722.1919555664062,
  "summary_fg_median": 709.841064453125,
  "summary_fg_n": 35253.0,
  "summary_fg_p05": 582.1302856445312,
  "summary_fg_p95": 902.2780029296875,
  "summary_fg_stdv": 107.99786376953125,
  "tsnr": 64.21634552907199
}