{
  "aor": 0.0008258247422680412,
  "aqi": 0.00570361793814433,
  "bids_meta": {
    "AcquisitionMatrixPE": 64,
    "AcquisitionNumber": 1,
    "AcquisitionTime": "21:47:48.912500",
    "BandwidthPerPixelPhaseEncode": 47.348,
    "BaseResolution": 64,
    "BodyPartExamined": "HEAD",
    "ConsistencyInfo": "N4_VD11D_LATEST_20110129",
    "ConversionSoftware": "dcm2niix",
    "ConversionSoftwareVersion": "v1.0.20180518 GCC4.8.5",
    "DerivedVendorReportedEchoSpacing": 0.000660007,
    "DeviceSerialNumber": "45031",
    "DwellTime": 4.5e-06,
    "EchoTime": 0.03,
    "EchoTrainLength": 32,
    "EffectiveEchoSpacing": 0.000330003,
    "FlipAngle": 71,
    "ImageOrientationPatientDICOM": [
      0.997213,
      -0.0341947,
      -0.0663166,
      0.048074,
      0.974184,
      0.220579
    ],
    "ImageType": [
      "ORIGINAL",
      "PRIMARY",
      "M",
      "ND",
      "NORM",
      "MOSAIC"
    ],
    "InPlanePhaseEncodingDirectionDICOM": "COL",
    "InstitutionAddress": "Washington_and_Faculty_Rd._-_Building_25_25_Princeton_NJ_US_085",
    "InstitutionName": "Princeton_University_-_Neuroscience_Institute",
    "InstitutionalDepartmentName": "Department",
    "MRAcquisitionType": "2D",
    "MagneticFieldStrength": 3,
    "Manufacturer": "Siemens",
    "ManufacturersModelName": "Skyra",
    "Modality": "MR",
    "ParallelReductionFactorInPlane": 2,
    "PartialFourier": 1,
    "PatientPosition": "HFS",
    "PercentPhaseFOV": 100,
    "PhaseEncodingDirection": "j-",
    "PhaseEncodingSteps": 64,
    "PhaseResolution": 1,
    "PixelBandwidth": 1735,
    "ProcedureStepDescription": "NormanLab_Anna",
    "ProtocolName": "epi_195_3x3x3_2s",
    "PulseSequenceDetails": "%SiemensSeq%_ep2d_bold",
    "ReceiveCoilActiveElements": "HE1-4",
    "ReceiveCoilName": "HeadNeck_20",
    "ReconMatrixPE": 64,
    "RepetitionTime": 2,
    "SAR": 0.115818,
    "ScanOptions": "FS",
    "ScanningSequence": "EP",
    "SequenceName": "_epfid2d1_64",
    "SequenceVariant": "SK",
    "SeriesDescription": "epi_195_3x3x3_2s",
    "SeriesNumber": 14,
    "ShimSetting": [
      3183,
      10517,
      10088,
      741,
      0,
      -160,
      349,
      -6
    ],
    "SliceThickness": 3,
    "SliceTiming": [
      1,
      0,
      1.055,
      0.055,
      1.11,
      0.1125,
      1.1675,
      0.1675,
      1.2225,
      0.2225,
      1.2775,
      0.2775,
      1.3325,
      0.3325,
      1.39,
      0.39,
      1.445,
      0.445,
      1.5,
      0.5,
      1.555,
      0.555,
      1.61,
      0.61,
      1.6675,
      0.6675,
      1.7225,
      0.7225,
      1.7775,
      0.7775,
      1.8325,
      0.8325,
      1.8875,
      0.89,
      1.945,
      0.945
    ],
    "SoftwareVersions": "syngo_MR_D11",
    "SpacingBetweenSlices": 3,
    "StationName": "AWP45031",
    "TotalReadoutTime": 0.0207902,
    "TxRefAmp": 328.484,
    "dataset": "ds001454",
    "modality": "bold",
    "run_id": 6,
    "session_id": "1",
    "subject_id": "18",
    "task_id": "satellite"
  },
  "dummy_trs": 1,
  "dvars_nstd": 27.373615343886005,
  "dvars_std": 1.2707774028497412,
  "dvars_vstd": 1.0161102313471506,
  "efc": 0.5711249657415401,
  "fber": 1342.2764892578125,
  "fd_mean": 0.06079478265116879,
  "fd_num": 7,
  "fd_perc": 3.6082474226804124,
  "fwhm_avg": 1.6031444042129017,
  "fwhm_x": 1.5186898793053722,
  "fwhm_y": 1.68224,
  "fwhm_z": 1.6085033333333334,
  "gcor": 0.0558105,
  "gsr_x": -0.009546492248773575,
  "gsr_y": 0.0479411780834198,
  "provenance": {
    "md5sum": "86034ff85afab2d71cab30cbd10e501b",
    "settings": {
      "fd_thres": 0.2,
      "testing": false
    },
    "software": "mriqc",
    "version": "23.0.1",
    "webapi_port": null,
    "webapi_url": "https://mriqc.nimh.nih.gov/api/v1"
  },
  "size_t": 194,
  "size_x": 64,
  "size_y": 64,
  "size_z": 36,
  "snr": 5.860464947114381,
  "spacing_tr": 2.0,
  "spacing_x": 3.000000238418579,
  "spacing_y": 3.0,
  "spacing_z": 3.0,
  "summary_bg_k": 63.30409409152203,
  "summary_bg_mad": 11.249436060416777,
  "summary_bg_mean": 45.010501861572266,
  "summary_bg_median": 19.80927848815918,
  "summary_bg_n": 80633.0,
  "summary_bg_p05": 9.80927848815918,
  "summary_bg_p95": 160.7865905761716,
  "summary_bg_stdv": 88.93394470214844,
  "summary_fg_k": 2.7126896522516484,
  "summary_fg_mad": 116.0098229820247,
  "summary_fg_mean": 744.9886474609375,
  "summary_fg_median": 732.1494750976562,
  "summary_fg_n": 34473.0,
  "summary_fg_p05": 580.4082397460937,
  "summary_fg_p95": 948.7515014648437,
  "summary_fg_stdv": 124.92845916748047,
  "tsnr": 67.15937676653266
}