{
  "aor": 0.0006498461538461538,
  "aqi": 0.005453017589743589,
  "bids_meta": {
    "AcquisitionMatrixPE": 64,
    "AcquisitionNumber": 1,
    "AcquisitionTime": "22:09:51.845000",
    "BandwidthPerPixelPhaseEncode": 47.348,
    "BaseResolution": 64,
    "BodyPartExamined": "HEAD",
    "ConsistencyInfo": "N4_VD11D_LATEST_20110129",
    "ConversionSoftware": "dcm2niix",
    "ConversionSoftwareVersion": "v1.0.20180518 GCC4.8.5",
    "DerivedVendorReportedEchoSpacing": 0.000660007,
    "DeviceSerialNumber": "45031",
    "DwellTime": 4.5e-06,
    "EchoTime": 0.03,
    "EchoTrainLength": 32,
    "EffectiveEchoSpacing": 0.000330003,
    "FlipAngle": 71,
    "ImageOrientationPatientDICOM": [
      0.997213,
      -0.0341947,
      -0.0663166,
      0.048074,
      0.974184,
      0.220579
    ],
    "ImageType": [
      "ORIGINAL",
      "PRIMARY",
      "M",
      "ND",
      "NORM",
      "MOSAIC"
    ],
    "InPlanePhaseEncodingDirectionDICOM": "COL",
    "InstitutionAddress": "Washington_and_Faculty_Rd._-_Building_25_25_Princeton_NJ_US_085",
    "InstitutionName": "Princeton_University_-_Neuroscience_Institute",
    "InstitutionalDepartmentName": "Department",
    "MRAcquisitionType": "2D",
    "MagneticFieldStrength": 3,
    "Manufacturer": "Siemens",
    "ManufacturersModelName": "Skyra",
    "Modality": "MR",
    "ParallelReductionFactorInPlane": 2,
    "PartialFourier": 1,
    "PatientPosition": "HFS",
    "PercentPhaseFOV": 100,
    "PhaseEncodingDirection": "j-",
    "PhaseEncodingSteps": 64,
    "PhaseResolution": 1,
    "PixelBandwidth": 1735,
    "ProcedureStepDescription": "NormanLab_Anna",
    "ProtocolName": "epi_195_3x3x3_2s",
    "PulseSequenceDetails": "%SiemensSeq%_ep2d_bold",
    "ReceiveCoilActiveElements": "HE1-4",
    "ReceiveCoilName": "HeadNeck_20",
    "ReconMatrixPE": 64,
    "RepetitionTime": 2,
    "SAR": 0.115818,
    "ScanOptions": "FS",
    "ScanningSequence": "EP",
    "SequenceName": "_epfid2d1_64",
    "SequenceVariant": "SK",
    "SeriesDescription": "epi_195_3x3x3_2s",
    "SeriesNumber": 17,
    "ShimSetting": [
      3183,
      10517,
      10088,
      741,
      0,
      -160,
      349,
      -6
    ],
    "SliceThickness": 3,
    "SliceTiming": [
      1,
      0,
      1.0575,
      0.0575,
      1.1125,
      0.1125,
      1.1675,
      0.1675,
      1.2225,
      0.2225,
      1.2775,
      0.28,
      1.335,
      0.335,
      1.39,
      0.39,
      1.445,
      0.445,
      1.5,
      0.5,
      1.5575,
      0.5575,
      1.6125,
      0.6125,
      1.6675,
      0.6675,
      1.7225,
      0.7225,
      1.7775,
      0.7775,
      1.835,
      0.835,
      1.89,
      0.89,
      1.945,
      0.945
    ],
    "SoftwareVersions": "syngo_MR_D11",
    "SpacingBetweenSlices": 3,
    "StationName": "AWP45031",
    "TotalReadoutTime": 0.0207902,
    "TxRefAmp": 328.484,
    "dataset": "ds001454",
    "modality": "bold",
    "run_id": 1,
    "session_id": "1",
    "subject_id": "18",
    "task_id": "rest"
  },
  "dummy_trs": 0,
  "dvars_nstd": 26.49858632015463,
  "dvars_std": 1.2594695141752577,
  "dvars_vstd": 1.0078135259278347,
  "efc": 0.5716161217574691,
  "fber": 1327.82373046875,
  "fd_mean": 0.06246040840849908,
  "fd_num": 2,
  "fd_perc": 1.0256410256410255,
  "fwhm_avg": 1.5985299599709366,
  "fwhm_x": 1.5110465465794767,
  "fwhm_y": 1.6855833333333334,
  "fwhm_z": 1.59896,
  "gcor": 0.0314652,
  "gsr_x": -0.009672443382441998,
  "gsr_y": 0.04914010688662529,
  "provenance": {
    "md5sum": "e5f06c680f27f622f5994186329dcb08",
    "settings": {
      "fd_thres": 0.2,
      "testing": false
    },
    "software": "mriqc",
    "version": "23.0.1",
    "webapi_port": null,
    "webapi_url": "https://mriqc.nimh.nih.gov/api/v1"
  },
  "size_t": 195,
  "size_x": 64,
  "size_y": 64,
  "size_z": 36,
  "snr": 5.824578359523718,
  "spacing_tr": 2.0,
  "spacing_x": 3.000000238418579,
  "spacing_y": 3.0,
  "spacing_z": 3.0,
  "summary_bg_k": 61.5869890848566,
  "summary_bg_mad": 11.404630709834283,
  "summary_bg_mean": 45.42207717895508,
  "summary_bg_median": 19.892309188842773,
  "summary_bg_n": 80595.0,
  "summary_bg_p05": 9.779487609863281,
  "summary_bg_p95": 160.88256683349618,
  "summary_bg_stdv": 89.4908676147461,
  "summary_fg_k": 2.7023905492274425,
  "summary_fg_mad": 116.24360611383068,
  "summary_fg_mean": 744.4030151367188,
  "summary_fg_median": 730.9718017578125,
  "summary_fg_n": 34506.0,
  "summary_fg_p05": 579.1666870117188,
  "summary_fg_p95": 949.61669921875,
  "summary_fg_stdv": 125.49598693847656,
  "tsnr": 70.0355606675148
}