{
  "aor": 0.0009103589743589744,
  "aqi": 0.005305304871794872,
  "bids_meta": {
    "AcquisitionMatrixPE": 64,
    "AcquisitionNumber": 1,
    "AcquisitionTime": "22:50:14.712500",
    "BandwidthPerPixelPhaseEncode": 47.348,
    "BaseResolution": 64,
    "BodyPartExamined": "HEAD",
    "ConsistencyInfo": "N4_VD11D_LATEST_20110129",
    "ConversionSoftware": "dcm2niix",
    "ConversionSoftwareVersion": "v1.0.20180518 GCC4.8.5",
    "DerivedVendorReportedEchoSpacing": 0.000660007,
    "DeviceSerialNumber": "45031",
    "DwellTime": 4.5e-06,
    "EchoTime": 0.03,
    "EchoTrainLength": 32,
    "EffectiveEchoSpacing": 0.000330003,
    "FlipAngle": 71,
    "ImageOrientationPatientDICOM": [
      0.998818,
      0.0266507,
      0.0406387,
      -0.0371487,
      0.957838,
      0.284896
    ],
    "ImageType": [
      "ORIGINAL",
      "PRIMARY",
      "M",
      "ND",
      "NORM",
      "MOSAIC"
    ],
    "InPlanePhaseEncodingDirectionDICOM": "COL",
    "InstitutionAddress": "Washington_and_Faculty_Rd._-_Building_25_25_Princeton_NJ_US_085",
    "InstitutionName": "Princeton_University_-_Neuroscience_Institute",
    "InstitutionalDepartmentName": "Department",
    "MRAcquisitionType": "2D",
    "MagneticFieldStrength": 3,
    "Manufacturer": "Siemens",
    "ManufacturersModelName": "Skyra",
    "Modality": "MR",
    "ParallelReductionFactorInPlane": 2,
    "PartialFourier": 1,
    "PatientPosition": "HFS",
    "PercentPhaseFOV": 100,
    "PhaseEncodingDirection": "j-",
    "PhaseEncodingSteps": 64,
    "PhaseResolution": 1,
    "PixelBandwidth": 1735,
    "ProcedureStepDescription": "NormanLab_Anna",
    "ProtocolName": "epi_195_3x3x3_2s",
    "PulseSequenceDetails": "%SiemensSeq%_ep2d_bold",
    "ReceiveCoilActiveElements": "HE1-4",
    "ReceiveCoilName": "HeadNeck_20",
    "ReconMatrixPE": 64,
    "RepetitionTime": 2,
    "SAR": 0.111741,
    "ScanOptions": "FS",
    "ScanningSequence": "EP",
    "SequenceName": "_epfid2d1_64",
    "SequenceVariant": "SK",
    "SeriesDescription": "epi_195_3x3x3_2s",
    "SeriesNumber": 11,
    "ShimSetting": [
      3207,
      10439,
      9937,
      640,
      -132,
      -325,
      515,
      -90
    ],
    "SliceThickness": 3,
    "SliceTiming": [
      1,
      0,
      1.0575,
      0.0575,
      1.1125,
      0.1125,
      1.1675,
      0.1675,
      1.2225,
      0.2225,
      1.2775,
      0.28,
      1.335,
      0.335,
      1.39,
      0.39,
      1.445,
      0.445,
      1.5,
      0.5,
      1.5575,
      0.5575,
      1.6125,
      0.6125,
      1.6675,
      0.6675,
      1.7225,
      0.7225,
      1.7775,
      0.78,
      1.835,
      0.835,
      1.89,
      0.89,
      1.945,
      0.945
    ],
    "SoftwareVersions": "syngo_MR_D11",
    "SpacingBetweenSlices": 3,
    "StationName": "AWP45031",
    "TotalReadoutTime": 0.0207902,
    "TxRefAmp": 316.33,
    "dataset": "ds001454",
    "modality": "bold",
    "run_id": 3,
    "session_id": "2",
    "subject_id": "13",
    "task_id": "satellite"
  },
  "dummy_trs": 0,
  "dvars_nstd": 20.24226574061856,
  "dvars_std": 1.0870207424226803,
  "dvars_vstd": 1.0091020077319588,
  "efc": 0.5883207684354029,
  "fber": 1042.455078125,
  "fd_mean": 0.07085043596136273,
  "fd_num": 2,
  "fd_perc": 1.0256410256410255,
  "fwhm_avg": 1.7543577777777777,
  "fwhm_x": 1.6595533333333332,
  "fwhm_y": 1.8027966666666666,
  "fwhm_z": 1.8007233333333332,
  "gcor": 0.0400405,
  "gsr_x": 0.0033504213206470013,
  "gsr_y": 0.025564873591065407,
  "provenance": {
    "md5sum": "7264f7659c994ea449650f55856af245",
    "settings": {
      "fd_thres": 0.2,
      "testing": false
    },
    "software": "mriqc",
    "version": "23.0.1",
    "webapi_port": null,
    "webapi_url": "https://mriqc.nimh.nih.gov/api/v1"
  },
  "size_t": 195,
  "size_x": 64,
  "size_y": 64,
  "size_z": 36,
  "snr": 5.759002604722545,
  "spacing_tr": 2.0,
  "spacing_x": 3.0,
  "spacing_y": 3.0,
  "spacing_z": 3.0,
  "summary_bg_k": 25.03056249609574,
  "summary_bg_mad": 16.004500182727817,
  "summary_bg_mean": 48.52522659301758,
  "summary_bg_median": 24.210256576538086,
  "summary_bg_n": 78027.0,
  "summary_bg_p05": 10.524615669250489,
  "summary_bg_p95": 174.8692321777343,
  "summary_bg_stdv": 77.27584075927734,
  "summary_fg_k": 2.980439082053759,
  "summary_fg_mad": 118.56257008798435,
  "summary_fg_mean": 810.1110229492188,
  "summary_fg_median": 792.82568359375,
  "summary_fg_n": 36762.0,
  "summary_fg_p05": 631.3282470703125,
  "summary_fg_p95": 1044.1205993652338,
  "summary_fg_stdv": 137.66531372070312,
  "tsnr": 68.94402651046403
}