{
  "bids_meta": {
    "AcquisitionMatrixPE": 256,
    "AcquisitionNumber": 1,
    "AcquisitionTime": "09:28:12.687500",
    "BaseResolution": 256,
    "BodyPartExamined": "HEAD",
    "ConsistencyInfo": "N4_VD11D_LATEST_20110129",
    "ConversionSoftware": "dcm2niix",
    "ConversionSoftwareVersion": "v1.0.20180518 GCC4.8.5",
    "DeviceSerialNumber": "45031",
    "DwellTime": 9.8e-06,
    "EchoTime": 0.0033,
    "FlipAngle": 7,
    "ImageOrientationPatientDICOM": [
      0,
      1,
      0,
      0,
      0,
      -1
    ],
    "ImageType": [
      "ORIGINAL",
      "PRIMARY",
      "M",
      "ND",
      "NORM"
    ],
    "InPlanePhaseEncodingDirectionDICOM": "ROW",
    "InstitutionAddress": "Washington_and_Faculty_Rd._-_Building_25_25_Princeton_NJ_US_085",
    "InstitutionName": "Princeton_University_-_Neuroscience_Institute",
    "InstitutionalDepartmentName": "Department",
    "InversionTime": 1.1,
    "MRAcquisitionType": "3D",
    "MagneticFieldStrength": 3,
    "Manufacturer": "Siemens",
    "ManufacturersModelName": "Skyra",
    "Modality": "MR",
    "ParallelReductionFactorInPlane": 2,
    "PartialFourier": 1,
    "PatientPosition": "HFS",
    "PercentPhaseFOV": 100,
    "PhaseEncodingSteps": 255,
    "PhaseResolution": 1,
    "PixelBandwidth": 200,
    "ProcedureStepDescription": "NormanLab_Anna",
    "ProtocolName": "MPRAGE_tfl",
    "PulseSequenceDetails": "%SiemensSeq%_tfl",
    "ReceiveCoilActiveElements": "HE1-4",
    "ReceiveCoilName": "HeadNeck_20",
    "ReconMatrixPE": 256,
    "RepetitionTime": 2.53,
    "SAR": 0.0624377,
    "ScanOptions": "IR",
    "ScanningSequence": "GR_IR",
    "SequenceName": "_tfl3d1_16ns",
    "SequenceVariant": "SK_SP_MP",
    "SeriesDescription": "MPRAGE_tfl",
    "SeriesNumber": 5,
    "ShimSetting": [
      3223,
      10485,
      9924,
      404,
      159,
      -677,
      309,
      26
    ],
    "SliceThickness": 1,
    "SoftwareVersions": "syngo_MR_D11",
    "StationName": "AWP45031",
    "TxRefAmp": 329.463,
    "dataset": "ds001454",
    "modality": "T1w",
    "session_id": "2",
    "subject_id": "18"
  },
  "cjv": 0.3312792856750228,
  "cnr": 4.013894847265634,
  "efc": 0.4556373889247223,
  "fber": -1.0,
  "fwhm_avg": 3.65558,
  "fwhm_x": 3.76726,
  "fwhm_y": 3.77543,
  "fwhm_z": 3.42405,
  "icvs_csf": 0.21376316162850698,
  "icvs_gm": 0.44071366710507975,
  "icvs_wm": 0.34552317126641324,
  "inu_med": 0.5890906453132629,
  "inu_range": 0.2445798173546792,
  "provenance": {
    "md5sum": "1862d2d21ebddd2d4a26f1c3cbd676b6",
    "settings": {
      "testing": false
    },
    "software": "mriqc",
    "version": "23.0.1",
    "warnings": {
      "large_rot_frame": true,
      "small_air_mask": false
    },
    "webapi_port": null,
    "webapi_url": "https://mriqc.nimh.nih.gov/api/v1"
  },
  "qi_1": 2.699706147369344e-05,
  "qi_2": 0.01538008416629742,
  "rpve_csf": 28.264984094991462,
  "rpve_gm": 14.190993545498639,
  "rpve_wm": 20.379602720063666,
  "size_x": 176,
  "size_y": 256,
  "size_z": 256,
  "snr_csf": 1.5023970260911503,
  "snr_gm": 8.729622900206548,
  "snr_total": 10.76343251990747,
  "snr_wm": 22.058277633424716,
  "snrd_csf": 11.253572457684536,
  "snrd_gm": 44.375715982712336,
  "snrd_total": 41.35058431755018,
  "snrd_wm": 68.42246451225365,
  "spacing_x": 1.0,
  "spacing_y": 1.0,
  "spacing_z": 1.0,
  "summary_bg_k": 3800.432670107993,
  "summary_bg_mad": 0.0,
  "summary_bg_mean": 2.8665275880513157,
  "summary_bg_median": 0.0,
  "summary_bg_n": 4095213.0,
  "summary_bg_p05": 0.0,
  "summary_bg_p95": 12.74539390951395,
  "summary_bg_stdv": 9.57458352490071,
  "summary_csf_k": 4.444827074501321,
  "summary_csf_mad": 89.39943447735885,
  "summary_csf_mean": 184.82791335862848,
  "summary_csf_median": 164.46692543663085,
  "summary_csf_n": 35740.0,
  "summary_csf_p05": 47.83902057576925,
  "summary_csf_p95": 405.04529618527727,
  "summary_csf_stdv": 109.46815101738342,
  "summary_gm_k": 0.054292918785490585,
  "summary_gm_mad": 73.07782472679672,
  "summary_gm_mean": 649.9312653239976,
  "summary_gm_median": 648.5351739786565,
  "summary_gm_n": 35265.0,
  "summary_gm_p05": 528.0036147035659,
  "summary_gm_p95": 773.9353529177606,
  "summary_gm_stdv": 74.29026272492024,
  "summary_wm_k": 0.4686295908415432,
  "summary_wm_mad": 43.345180352658836,
  "summary_wm_mean": 999.4241069308255,
  "summary_wm_median": 999.9697795026004,
  "summary_wm_n": 174355.0,
  "summary_wm_p05": 924.3944259960205,
  "summary_wm_p95": 1072.6064438447356,
  "summary_wm_stdv": 45.33295520578113,
  "tpm_overlap_csf": 0.14256902352620401,
  "tpm_overlap_gm": 0.46893264906481347,
  "tpm_overlap_wm": 0.5024173857762193,
  "wm2max": 0.652576263531284
}