{
  "aor": 0.0005784615384615384,
  "aqi": 0.008794681282051282,
  "bids_meta": {
    "AcquisitionMatrixPE": 64,
    "AcquisitionNumber": 1,
    "AcquisitionTime": "23:39:24.560000",
    "BandwidthPerPixelPhaseEncode": 47.348,
    "BaseResolution": 64,
    "BodyPartExamined": "HEAD",
    "ConsistencyInfo": "N4_VD11D_LATEST_20110129",
    "ConversionSoftware": "dcm2niix",
    "ConversionSoftwareVersion": "v1.0.20180518 GCC4.8.5",
    "DerivedVendorReportedEchoSpacing": 0.000660007,
    "DeviceSerialNumber": "45031",
    "DwellTime": 4.5e-06,
    "EchoTime": 0.03,
    "EchoTrainLength": 32,
    "EffectiveEchoSpacing": 0.000330003,
    "FlipAngle": 71,
    "ImageOrientationPatientDICOM": [
      0.998681,
      -0.0247606,
      -0.044987,
      0.0278956,
      0.997125,
      0.0704512
    ],
    "ImageType": [
      "ORIGINAL",
      "PRIMARY",
      "M",
      "ND",
      "NORM",
      "MOSAIC"
    ],
    "InPlanePhaseEncodingDirectionDICOM": "COL",
    "InstitutionAddress": "Washington_and_Faculty_Rd._-_Building_25_25_Princeton_NJ_US_085",
    "InstitutionName": "Princeton_University_-_Neuroscience_Institute",
    "InstitutionalDepartmentName": "Department",
    "MRAcquisitionType": "2D",
    "MagneticFieldStrength": 3,
    "Manufacturer": "Siemens",
    "ManufacturersModelName": "Skyra",
    "Modality": "MR",
    "ParallelReductionFactorInPlane": 2,
    "PartialFourier": 1,
    "PatientPosition": "HFS",
    "PercentPhaseFOV": 100,
    "PhaseEncodingDirection": "j-",
    "PhaseEncodingSteps": 64,
    "PhaseResolution": 1,
    "PixelBandwidth": 1735,
    "ProcedureStepDescription": "NormanLab_Anna",
    "ProtocolName": "epi_195_3x3x3_2s",
    "PulseSequenceDetails": "%SiemensSeq%_ep2d_bold",
    "ReceiveCoilActiveElements": "HE1-4",
    "ReceiveCoilName": "HeadNeck_20",
    "ReconMatrixPE": 64,
    "RepetitionTime": 2,
    "SAR": 0.111339,
    "ScanOptions": "FS",
    "ScanningSequence": "EP",
    "SequenceName": "_epfid2d1_64",
    "SequenceVariant": "SK",
    "SeriesDescription": "epi_195_3x3x3_2s",
    "SeriesNumber": 17,
    "ShimSetting": [
      3187,
      10576,
      9978,
      573,
      39,
      -128,
      152,
      7
    ],
    "SliceThickness": 3,
    "SliceTiming": [
      1,
      0,
      1.055,
      0.055,
      1.11,
      0.11,
      1.1675,
      0.1675,
      1.2225,
      0.2225,
      1.2775,
      0.2775,
      1.3325,
      0.3325,
      1.3875,
      0.39,
      1.445,
      0.445,
      1.5,
      0.5,
      1.555,
      0.555,
      1.61,
      0.61,
      1.6675,
      0.6675,
      1.7225,
      0.7225,
      1.7775,
      0.7775,
      1.8325,
      0.8325,
      1.8875,
      0.8875,
      1.945,
      0.945
    ],
    "SoftwareVersions": "syngo_MR_D11",
    "SpacingBetweenSlices": 3,
    "StationName": "AWP45031",
    "TotalReadoutTime": 0.0207902,
    "TxRefAmp": 370.245,
    "dataset": "ds001454",
    "modality": "bold",
    "run_id": 1,
    "session_id": "2",
    "subject_id": "14",
    "task_id": "rest"
  },
  "dummy_trs": 0,
  "dvars_nstd": 26.633770068092783,
  "dvars_std": 1.170043800412371,
  "dvars_vstd": 1.0040681008247423,
  "efc": 0.6472967784585949,
  "fber": 462.10528564453125,
  "fd_mean": 0.13670171386421962,
  "fd_num": 32,
  "fd_perc": 16.41025641025641,
  "fwhm_avg": 1.6719755555555558,
  "fwhm_x": 1.5360333333333334,
  "fwhm_y": 1.7881866666666666,
  "fwhm_z": 1.6917066666666667,
  "gcor": 0.0315032,
  "gsr_x": 0.014901520684361458,
  "gsr_y": 0.03715212643146515,
  "provenance": {
    "md5sum": "8f6a4eb67fd2b3bc04374251c4c2a83a",
    "settings": {
      "fd_thres": 0.2,
      "testing": false
    },
    "software": "mriqc",
    "version": "23.0.1",
    "webapi_port": null,
    "webapi_url": "https://mriqc.nimh.nih.gov/api/v1"
  },
  "size_t": 195,
  "size_x": 64,
  "size_y": 64,
  "size_z": 36,
  "snr": 6.825915564927575,
  "spacing_tr": 2.0,
  "spacing_x": 3.0,
  "spacing_y": 3.0,
  "spacing_z": 3.0,
  "summary_bg_k": 8.228455383329607,
  "summary_bg_mad": 34.24431402484793,
  "summary_bg_mean": 81.55471801757812,
  "summary_bg_median": 39.4512825012207,
  "summary_bg_n": 71673.0,
  "summary_bg_p05": 12.446154594421387,
  "summary_bg_p95": 328.7835937499995,
  "summary_bg_stdv": 106.28868103027344,
  "summary_fg_k": 3.5365484577485367,
  "summary_fg_mad": 109.08148092528258,
  "summary_fg_mean": 868.8842163085938,
  "summary_fg_median": 857.2512817382812,
  "summary_fg_n": 41837.0,
  "summary_fg_p05": 702.6143920898437,
  "summary_fg_p95": 1074.746728515625,
  "summary_fg_stdv": 125.58623504638672,
  "tsnr": 62.94961703568697
}