{
  "aor": 0.000880820512820513,
  "aqi": 0.006778449230769231,
  "bids_meta": {
    "AcquisitionMatrixPE": 64,
    "AcquisitionNumber": 1,
    "AcquisitionTime": "09:52:46.990000",
    "BandwidthPerPixelPhaseEncode": 47.348,
    "BaseResolution": 64,
    "BodyPartExamined": "HEAD",
    "ConsistencyInfo": "N4_VD11D_LATEST_20110129",
    "ConversionSoftware": "dcm2niix",
    "ConversionSoftwareVersion": "v1.0.20180518 GCC4.8.5",
    "DerivedVendorReportedEchoSpacing": 0.000660007,
    "DeviceSerialNumber": "45031",
    "DwellTime": 4.5e-06,
    "EchoTime": 0.03,
    "EchoTrainLength": 32,
    "EffectiveEchoSpacing": 0.000330003,
    "FlipAngle": 71,
    "ImageOrientationPatientDICOM": [
      0.999832,
      -0.00919206,
      0.0158491,
      0.00523518,
      0.972306,
      0.233653
    ],
    "ImageType": [
      "ORIGINAL",
      "PRIMARY",
      "M",
      "ND",
      "NORM",
      "MOSAIC"
    ],
    "InPlanePhaseEncodingDirectionDICOM": "COL",
    "InstitutionAddress": "Washington_and_Faculty_Rd._-_Building_25_25_Princeton_NJ_US_085",
    "InstitutionName": "Princeton_University_-_Neuroscience_Institute",
    "InstitutionalDepartmentName": "Department",
    "MRAcquisitionType": "2D",
    "MagneticFieldStrength": 3,
    "Manufacturer": "Siemens",
    "ManufacturersModelName": "Skyra",
    "Modality": "MR",
    "ParallelReductionFactorInPlane": 2,
    "PartialFourier": 1,
    "PatientPosition": "HFS",
    "PercentPhaseFOV": 100,
    "PhaseEncodingDirection": "j-",
    "PhaseEncodingSteps": 64,
    "PhaseResolution": 1,
    "PixelBandwidth": 1735,
    "ProcedureStepDescription": "NormanLab_Anna",
    "ProtocolName": "epi_195_3x3x3_2s",
    "PulseSequenceDetails": "%SiemensSeq%_ep2d_bold",
    "ReceiveCoilActiveElements": "HE1-4",
    "ReceiveCoilName": "HeadNeck_20",
    "ReconMatrixPE": 64,
    "RepetitionTime": 2,
    "SAR": 0.105589,
    "ScanOptions": "FS",
    "ScanningSequence": "EP",
    "SequenceName": "_epfid2d1_64",
    "SequenceVariant": "SK",
    "SeriesDescription": "epi_195_3x3x3_2s",
    "SeriesNumber": 11,
    "ShimSetting": [
      3222,
      10556,
      10056,
      556,
      -73,
      78,
      1085,
      10
    ],
    "SliceThickness": 3,
    "SliceTiming": [
      1,
      0,
      1.055,
      0.055,
      1.11,
      0.11,
      1.165,
      0.165,
      1.2225,
      0.2225,
      1.2775,
      0.2775,
      1.3325,
      0.3325,
      1.3875,
      0.3875,
      1.4425,
      0.445,
      1.5,
      0.5,
      1.555,
      0.555,
      1.61,
      0.61,
      1.665,
      0.665,
      1.7225,
      0.7225,
      1.7775,
      0.7775,
      1.8325,
      0.8325,
      1.8875,
      0.8875,
      1.9425,
      0.9425
    ],
    "SoftwareVersions": "syngo_MR_D11",
    "SpacingBetweenSlices": 3,
    "StationName": "AWP45031",
    "TotalReadoutTime": 0.0207902,
    "TxRefAmp": 322.658,
    "dataset": "ds001454",
    "modality": "bold",
    "run_id": 3,
    "session_id": "2",
    "subject_id": "17",
    "task_id": "satellite"
  },
  "dummy_trs": 0,
  "dvars_nstd": 26.889259692216488,
  "dvars_std": 1.2154007221649485,
  "dvars_vstd": 1.0074550721134024,
  "efc": 0.6316731130708854,
  "fber": 1048.2449951171875,
  "fd_mean": 0.10913406763722965,
  "fd_num": 4,
  "fd_perc": 2.051282051282051,
  "fwhm_avg": 1.7519888888888888,
  "fwhm_x": 1.56161,
  "fwhm_y": 1.9616466666666668,
  "fwhm_z": 1.73271,
  "gcor": 0.0361084,
  "gsr_x": -0.016607027500867844,
  "gsr_y": 0.06117432564496994,
  "provenance": {
    "md5sum": "743dc237ec519347df7e0fa232d25d3d",
    "settings": {
      "fd_thres": 0.2,
      "testing": false
    },
    "software": "mriqc",
    "version": "23.0.1",
    "webapi_port": null,
    "webapi_url": "https://mriqc.nimh.nih.gov/api/v1"
  },
  "size_t": 195,
  "size_x": 64,
  "size_y": 64,
  "size_z": 36,
  "snr": 5.858838066143315,
  "spacing_tr": 2.0,
  "spacing_x": 3.0,
  "spacing_y": 3.0,
  "spacing_z": 3.0,
  "summary_bg_k": 17.131613162199812,
  "summary_bg_mad": 16.635556562386295,
  "summary_bg_mean": 59.197662353515625,
  "summary_bg_median": 25.092308044433594,
  "summary_bg_n": 70517.0,
  "summary_bg_p05": 10.958974838256836,
  "summary_bg_p95": 241.01231994628904,
  "summary_bg_stdv": 89.01422882080078,
  "summary_fg_k": 3.0139868627697926,
  "summary_fg_mad": 126.99432726058659,
  "summary_fg_mean": 860.794677734375,
  "summary_fg_median": 847.2461547851562,
  "summary_fg_n": 42967.0,
  "summary_fg_p05": 668.0990112304687,
  "summary_fg_p95": 1099.9800048828124,
  "summary_fg_stdv": 144.60824584960938,
  "tsnr": 63.988094598054886
}