{
  "aor": 0.000766,
  "aqi": 0.011089255743589745,
  "bids_meta": {
    "AcquisitionMatrixPE": 64,
    "AcquisitionNumber": 1,
    "AcquisitionTime": "09:45:53.840000",
    "BandwidthPerPixelPhaseEncode": 47.348,
    "BaseResolution": 64,
    "BodyPartExamined": "HEAD",
    "ConsistencyInfo": "N4_VD11D_LATEST_20110129",
    "ConversionSoftware": "dcm2niix",
    "ConversionSoftwareVersion": "v1.0.20180518 GCC4.8.5",
    "DerivedVendorReportedEchoSpacing": 0.000660007,
    "DeviceSerialNumber": "45031",
    "DwellTime": 4.5e-06,
    "EchoTime": 0.03,
    "EchoTrainLength": 32,
    "EffectiveEchoSpacing": 0.000330003,
    "FlipAngle": 71,
    "ImageOrientationPatientDICOM": [
      0.999832,
      -0.00919206,
      0.0158491,
      0.00523518,
      0.972306,
      0.233653
    ],
    "ImageType": [
      "ORIGINAL",
      "PRIMARY",
      "M",
      "ND",
      "NORM",
      "MOSAIC"
    ],
    "InPlanePhaseEncodingDirectionDICOM": "COL",
    "InstitutionAddress": "Washington_and_Faculty_Rd._-_Building_25_25_Princeton_NJ_US_085",
    "InstitutionName": "Princeton_University_-_Neuroscience_Institute",
    "InstitutionalDepartmentName": "Department",
    "MRAcquisitionType": "2D",
    "MagneticFieldStrength": 3,
    "Manufacturer": "Siemens",
    "ManufacturersModelName": "Skyra",
    "Modality": "MR",
    "ParallelReductionFactorInPlane": 2,
    "PartialFourier": 1,
    "PatientPosition": "HFS",
    "PercentPhaseFOV": 100,
    "PhaseEncodingDirection": "j-",
    "PhaseEncodingSteps": 64,
    "PhaseResolution": 1,
    "PixelBandwidth": 1735,
    "ProcedureStepDescription": "NormanLab_Anna",
    "ProtocolName": "epi_195_3x3x3_2s",
    "PulseSequenceDetails": "%SiemensSeq%_ep2d_bold",
    "ReceiveCoilActiveElements": "HE1-4",
    "ReceiveCoilName": "HeadNeck_20",
    "ReconMatrixPE": 64,
    "RepetitionTime": 2,
    "SAR": 0.105589,
    "ScanOptions": "FS",
    "ScanningSequence": "EP",
    "SequenceName": "_epfid2d1_64",
    "SequenceVariant": "SK",
    "SeriesDescription": "epi_195_3x3x3_2s",
    "SeriesNumber": 10,
    "ShimSetting": [
      3222,
      10556,
      10056,
      556,
      -73,
      78,
      1085,
      10
    ],
    "SliceThickness": 3,
    "SliceTiming": [
      1,
      0,
      1.055,
      0.055,
      1.11,
      0.1125,
      1.1675,
      0.1675,
      1.2225,
      0.2225,
      1.2775,
      0.2775,
      1.3325,
      0.3325,
      1.39,
      0.39,
      1.445,
      0.445,
      1.5,
      0.5,
      1.555,
      0.555,
      1.61,
      0.61,
      1.6675,
      0.6675,
      1.7225,
      0.7225,
      1.7775,
      0.7775,
      1.8325,
      0.8325,
      1.8875,
      0.89,
      1.945,
      0.945
    ],
    "SoftwareVersions": "syngo_MR_D11",
    "SpacingBetweenSlices": 3,
    "StationName": "AWP45031",
    "TotalReadoutTime": 0.0207902,
    "TxRefAmp": 322.658,
    "dataset": "ds001454",
    "modality": "bold",
    "run_id": 2,
    "session_id": "2",
    "subject_id": "17",
    "task_id": "satellite"
  },
  "dummy_trs": 0,
  "dvars_nstd": 27.06132047226806,
  "dvars_std": 1.1698042823195876,
  "dvars_vstd": 0.9821904962886603,
  "efc": 0.6320583879443767,
  "fber": 1029.462158203125,
  "fd_mean": 0.12734716864629242,
  "fd_num": 14,
  "fd_perc": 7.17948717948718,
  "fwhm_avg": 1.761848888888889,
  "fwhm_x": 1.5797166666666669,
  "fwhm_y": 1.9730066666666666,
  "fwhm_z": 1.7328233333333334,
  "gcor": 0.0201787,
  "gsr_x": -0.017410490661859512,
  "gsr_y": 0.06257136166095734,
  "provenance": {
    "md5sum": "94550b226e3e91d97e7bf79ed4aadf13",
    "settings": {
      "fd_thres": 0.2,
      "testing": false
    },
    "software": "mriqc",
    "version": "23.0.1",
    "webapi_port": null,
    "webapi_url": "https://mriqc.nimh.nih.gov/api/v1"
  },
  "size_t": 195,
  "size_x": 64,
  "size_y": 64,
  "size_z": 36,
  "snr": 5.870340001065526,
  "spacing_tr": 2.0,
  "spacing_x": 3.0,
  "spacing_y": 3.0,
  "spacing_z": 3.0,
  "summary_bg_k": 17.02797352513751,
  "summary_bg_mad": 17.133558860539914,
  "summary_bg_mean": 59.260719299316406,
  "summary_bg_median": 25.287179946899414,
  "summary_bg_n": 70520.0,
  "summary_bg_p05": 10.69205198287964,
  "summary_bg_p95": 237.92410659790045,
  "summary_bg_stdv": 88.20702362060547,
  "summary_fg_k": 3.0023625414550965,
  "summary_fg_mad": 127.2453489008536,
  "summary_fg_mean": 862.4344482421875,
  "summary_fg_median": 848.7179565429688,
  "summary_fg_n": 42881.0,
  "summary_fg_p05": 669.91796875,
  "summary_fg_p95": 1101.7744140625,
  "summary_fg_stdv": 144.57562255859375,
  "tsnr": 56.07178349047899
}