{
  "bids_meta": {
    "AcquisitionMatrixPE": 256,
    "AcquisitionNumber": 1,
    "AcquisitionTime": "22:39:56.647500",
    "BaseResolution": 256,
    "BodyPartExamined": "HEAD",
    "ConsistencyInfo": "N4_VD11D_LATEST_20110129",
    "ConversionSoftware": "dcm2niix",
    "ConversionSoftwareVersion": "v1.0.20180518 GCC4.8.5",
    "DeviceSerialNumber": "45031",
    "DwellTime": 9.8e-06,
    "EchoTime": 0.0033,
    "FlipAngle": 7,
    "ImageOrientationPatientDICOM": [
      -0.0502259,
      0.998738,
      1.26387e-08,
      0.0255702,
      0.00128592,
      -0.999672
    ],
    "ImageType": [
      "ORIGINAL",
      "PRIMARY",
      "M",
      "ND",
      "NORM"
    ],
    "InPlanePhaseEncodingDirectionDICOM": "ROW",
    "InstitutionAddress": "Washington_and_Faculty_Rd._-_Building_25_25_Princeton_NJ_US_085",
    "InstitutionName": "Princeton_University_-_Neuroscience_Institute",
    "InstitutionalDepartmentName": "Department",
    "InversionTime": 1.1,
    "MRAcquisitionType": "3D",
    "MagneticFieldStrength": 3,
    "Manufacturer": "Siemens",
    "ManufacturersModelName": "Skyra",
    "Modality": "MR",
    "ParallelReductionFactorInPlane": 2,
    "PartialFourier": 1,
    "PatientPosition": "HFS",
    "PercentPhaseFOV": 100,
    "PhaseEncodingSteps": 255,
    "PhaseResolution": 1,
    "PixelBandwidth": 200,
    "ProcedureStepDescription": "NormanLab_Anna",
    "ProtocolName": "MPRAGE_tfl",
    "PulseSequenceDetails": "%SiemensSeq%_tfl",
    "ReceiveCoilActiveElements": "HE1-4",
    "ReceiveCoilName": "HeadNeck_20",
    "ReconMatrixPE": 256,
    "RepetitionTime": 2.53,
    "SAR": 0.0590084,
    "ScanOptions": "IR",
    "ScanningSequence": "GR_IR",
    "SequenceName": "_tfl3d1_16ns",
    "SequenceVariant": "SK_SP_MP",
    "SeriesDescription": "MPRAGE_tfl",
    "SeriesNumber": 5,
    "ShimSetting": [
      3227,
      10689,
      9886,
      310,
      135,
      -232,
      66,
      -151
    ],
    "SliceThickness": 1,
    "SoftwareVersions": "syngo_MR_D11",
    "StationName": "AWP45031",
    "TxRefAmp": 346.758,
    "dataset": "ds001454",
    "modality": "T1w",
    "session_id": "2",
    "subject_id": "05"
  },
  "cjv": 0.3649710110320471,
  "cnr": 3.59650223727815,
  "efc": 0.47478564167286613,
  "fber": 17680.6884765625,
  "fwhm_avg": 3.889456753588697,
  "fwhm_x": 3.890410260766092,
  "fwhm_y": 4.09688,
  "fwhm_z": 3.68108,
  "icvs_csf": 0.24098999725094053,
  "icvs_gm": 0.40310693068683456,
  "icvs_wm": 0.3559030720622249,
  "inu_med": 0.6016188263893127,
  "inu_range": 0.21945704519748688,
  "provenance": {
    "md5sum": "6dc2dedcfdd1e42812aacd0a84a068e9",
    "settings": {
      "testing": false
    },
    "software": "mriqc",
    "version": "23.0.1",
    "warnings": {
      "large_rot_frame": true,
      "small_air_mask": false
    },
    "webapi_port": null,
    "webapi_url": "https://mriqc.nimh.nih.gov/api/v1"
  },
  "qi_1": 3.065246061350389e-05,
  "qi_2": 0.004125973589767597,
  "rpve_csf": 25.48200375921474,
  "rpve_gm": 14.853044989681862,
  "rpve_wm": 19.52292456956336,
  "size_x": 176,
  "size_y": 256,
  "size_z": 256,
  "snr_csf": 1.608328212607809,
  "snr_gm": 8.794973864927835,
  "snr_total": 10.265741380804664,
  "snr_wm": 20.39392206487835,
  "snrd_csf": 8.30141168650901,
  "snrd_gm": 36.57245146698047,
  "snrd_total": 33.126504130245046,
  "snrd_wm": 54.50564923724566,
  "spacing_x": 1.0000025033950806,
  "spacing_y": 1.0,
  "spacing_z": 1.0,
  "summary_bg_k": 2840.2693604016827,
  "summary_bg_mad": 0.0,
  "summary_bg_mean": 4.5343586415803125,
  "summary_bg_median": 0.0,
  "summary_bg_n": 3671730.0,
  "summary_bg_p05": 0.0,
  "summary_bg_p95": 18.538620203733444,
  "summary_bg_stdv": 12.019949112038496,
  "summary_csf_k": 2.4210275692653145,
  "summary_csf_mad": 69.1158272565294,
  "summary_csf_mean": 176.82292704104057,
  "summary_csf_median": 152.30804765224457,
  "summary_csf_n": 59610.0,
  "summary_csf_p05": 67.81307297945023,
  "summary_csf_p95": 379.1704847216606,
  "summary_csf_stdv": 94.69881142121146,
  "summary_gm_k": 0.2632093123608916,
  "summary_gm_mad": 73.03323780875303,
  "summary_gm_mean": 672.4424648957856,
  "summary_gm_median": 671.0037872046232,
  "summary_gm_n": 20056.0,
  "summary_gm_p05": 547.2749221622944,
  "summary_gm_p95": 801.1311898827553,
  "summary_gm_stdv": 76.29210376806957,
  "summary_wm_k": 0.3922262746975189,
  "summary_wm_mad": 47.051277011031964,
  "summary_wm_mean": 999.8251561915681,
  "summary_wm_median": 1000.0285896956921,
  "summary_wm_n": 196207.0,
  "summary_wm_p05": 919.1899222433567,
  "summary_wm_p95": 1079.6960962414742,
  "summary_wm_stdv": 49.03549391378404,
  "tpm_overlap_csf": 0.14419100339168056,
  "tpm_overlap_gm": 0.45143924117694745,
  "tpm_overlap_wm": 0.5064422583989108,
  "wm2max": 0.6387124531915457
}