{
  "aor": 0.0006618134715025907,
  "aqi": 0.008195736373056994,
  "bids_meta": {
    "AcquisitionMatrixPE": 64,
    "AcquisitionNumber": 1,
    "AcquisitionTime": "21:41:5.102500",
    "BandwidthPerPixelPhaseEncode": 47.348,
    "BaseResolution": 64,
    "BodyPartExamined": "HEAD",
    "ConsistencyInfo": "N4_VD11D_LATEST_20110129",
    "ConversionSoftware": "dcm2niix",
    "ConversionSoftwareVersion": "v1.0.20180518 GCC4.8.5",
    "DerivedVendorReportedEchoSpacing": 0.000660007,
    "DeviceSerialNumber": "45031",
    "DwellTime": 4.5e-06,
    "EchoTime": 0.03,
    "EchoTrainLength": 32,
    "EffectiveEchoSpacing": 0.000330003,
    "FlipAngle": 71,
    "ImageOrientationPatientDICOM": [
      0.997453,
      -0.0573791,
      0.0423677,
      0.0489581,
      0.98275,
      0.178342
    ],
    "ImageType": [
      "ORIGINAL",
      "PRIMARY",
      "M",
      "ND",
      "NORM",
      "MOSAIC"
    ],
    "InPlanePhaseEncodingDirectionDICOM": "COL",
    "InstitutionAddress": "Washington_and_Faculty_Rd._-_Building_25_25_Princeton_NJ_US_085",
    "InstitutionName": "Princeton_University_-_Neuroscience_Institute",
    "InstitutionalDepartmentName": "Department",
    "MRAcquisitionType": "2D",
    "MagneticFieldStrength": 3,
    "Manufacturer": "Siemens",
    "ManufacturersModelName": "Skyra",
    "Modality": "MR",
    "ParallelReductionFactorInPlane": 2,
    "PartialFourier": 1,
    "PatientPosition": "HFS",
    "PercentPhaseFOV": 100,
    "PhaseEncodingDirection": "j-",
    "PhaseEncodingSteps": 64,
    "PhaseResolution": 1,
    "PixelBandwidth": 1735,
    "ProcedureStepDescription": "NormanLab_Anna",
    "ProtocolName": "epi_195_3x3x3_2s",
    "PulseSequenceDetails": "%SiemensSeq%_ep2d_bold",
    "ReceiveCoilActiveElements": "HE1-4",
    "ReceiveCoilName": "HeadNeck_20",
    "ReconMatrixPE": 64,
    "RepetitionTime": 2,
    "SAR": 0.0993313,
    "ScanOptions": "FS",
    "ScanningSequence": "EP",
    "SequenceName": "_epfid2d1_64",
    "SequenceVariant": "SK",
    "SeriesDescription": "epi_195_3x3x3_2s",
    "SeriesNumber": 16,
    "ShimSetting": [
      3186,
      10540,
      10032,
      436,
      -186,
      287,
      848,
      73
    ],
    "SliceThickness": 3,
    "SliceTiming": [
      1,
      0,
      1.055,
      0.055,
      1.11,
      0.11,
      1.165,
      0.165,
      1.2225,
      0.2225,
      1.2775,
      0.2775,
      1.3325,
      0.3325,
      1.3875,
      0.3875,
      1.4425,
      0.445,
      1.5,
      0.5,
      1.555,
      0.555,
      1.61,
      0.61,
      1.665,
      0.665,
      1.7225,
      0.7225,
      1.7775,
      0.7775,
      1.8325,
      0.8325,
      1.8875,
      0.8875,
      1.9425,
      0.945
    ],
    "SoftwareVersions": "syngo_MR_D11",
    "SpacingBetweenSlices": 3,
    "StationName": "AWP45031",
    "TotalReadoutTime": 0.0207902,
    "TxRefAmp": 313.611,
    "dataset": "ds001454",
    "modality": "bold",
    "run_id": 8,
    "session_id": "1",
    "subject_id": "04",
    "task_id": "satellite"
  },
  "dummy_trs": 2,
  "dvars_nstd": 23.314959585312508,
  "dvars_std": 1.099474450052083,
  "dvars_vstd": 0.975493374635417,
  "efc": 0.5958875306242464,
  "fber": 1057.9691162109375,
  "fd_mean": 0.08413914664152287,
  "fd_num": 0,
  "fd_perc": 0.0,
  "fwhm_avg": 1.6881333333333333,
  "fwhm_x": 1.5595566666666667,
  "fwhm_y": 1.8121166666666666,
  "fwhm_z": 1.6927266666666665,
  "gcor": 0.0157628,
  "gsr_x": -0.010058637708425522,
  "gsr_y": 0.04930434376001358,
  "provenance": {
    "md5sum": "a7e1f6efaf3cc5624202f2fcc9db45ca",
    "settings": {
      "fd_thres": 0.2,
      "testing": false
    },
    "software": "mriqc",
    "version": "23.0.1",
    "webapi_port": null,
    "webapi_url": "https://mriqc.nimh.nih.gov/api/v1"
  },
  "size_t": 193,
  "size_x": 64,
  "size_y": 64,
  "size_z": 36,
  "snr": 5.870213389597788,
  "spacing_tr": 2.0,
  "spacing_x": 3.0,
  "spacing_y": 3.0,
  "spacing_z": 3.0,
  "summary_bg_k": 27.518304096198243,
  "summary_bg_mad": 13.773603608344727,
  "summary_bg_mean": 44.56487274169922,
  "summary_bg_median": 22.176164627075195,
  "summary_bg_n": 77127.0,
  "summary_bg_p05": 10.398963928222656,
  "summary_bg_p95": 156.43367767333967,
  "summary_bg_stdv": 68.10581970214844,
  "summary_fg_k": 2.454639672443406,
  "summary_fg_mad": 119.88717526831181,
  "summary_fg_mean": 754.1713256835938,
  "summary_fg_median": 741.1580200195312,
  "summary_fg_n": 37946.0,
  "summary_fg_p05": 587.2201843261719,
  "summary_fg_p95": 964.5453033447266,
  "summary_fg_stdv": 126.2557601928711,
  "tsnr": 58.42382423870731
}