{
  "aor": 0.0006779487179487179,
  "aqi": 0.00783470076923077,
  "bids_meta": {
    "AcquisitionMatrixPE": 64,
    "AcquisitionNumber": 1,
    "AcquisitionTime": "23:35:23.837500",
    "BandwidthPerPixelPhaseEncode": 47.348,
    "BaseResolution": 64,
    "BodyPartExamined": "HEAD",
    "ConsistencyInfo": "N4_VD11D_LATEST_20110129",
    "ConversionSoftware": "dcm2niix",
    "ConversionSoftwareVersion": "v1.0.20180518 GCC4.8.5",
    "DerivedVendorReportedEchoSpacing": 0.000660007,
    "DeviceSerialNumber": "45031",
    "DwellTime": 4.5e-06,
    "EchoTime": 0.03,
    "EchoTrainLength": 32,
    "EffectiveEchoSpacing": 0.000330003,
    "FlipAngle": 71,
    "ImageOrientationPatientDICOM": [
      0.996995,
      -0.0768174,
      -0.0100071,
      0.0774148,
      0.983263,
      0.164924
    ],
    "ImageType": [
      "ORIGINAL",
      "PRIMARY",
      "M",
      "ND",
      "NORM",
      "MOSAIC"
    ],
    "InPlanePhaseEncodingDirectionDICOM": "COL",
    "InstitutionAddress": "Washington_and_Faculty_Rd._-_Building_25_25_Princeton_NJ_US_085",
    "InstitutionName": "Princeton_University_-_Neuroscience_Institute",
    "InstitutionalDepartmentName": "Department",
    "MRAcquisitionType": "2D",
    "MagneticFieldStrength": 3,
    "Manufacturer": "Siemens",
    "ManufacturersModelName": "Skyra",
    "Modality": "MR",
    "ParallelReductionFactorInPlane": 2,
    "PartialFourier": 1,
    "PatientPosition": "HFS",
    "PercentPhaseFOV": 100,
    "PhaseEncodingDirection": "j-",
    "PhaseEncodingSteps": 64,
    "PhaseResolution": 1,
    "PixelBandwidth": 1735,
    "ProcedureStepDescription": "NormanLab_Anna",
    "ProtocolName": "epi_195_3x3x3_2s",
    "PulseSequenceDetails": "%SiemensSeq%_ep2d_bold",
    "ReceiveCoilActiveElements": "HE1-4",
    "ReceiveCoilName": "HeadNeck_20",
    "ReconMatrixPE": 64,
    "RepetitionTime": 2,
    "SAR": 0.132899,
    "ScanOptions": "FS",
    "ScanningSequence": "EP",
    "SequenceName": "_epfid2d1_64",
    "SequenceVariant": "SK",
    "SeriesDescription": "epi_195_3x3x3_2s",
    "SeriesNumber": 17,
    "ShimSetting": [
      3205,
      10527,
      10051,
      495,
      22,
      122,
      670,
      71
    ],
    "SliceThickness": 3,
    "SliceTiming": [
      1,
      0,
      1.055,
      0.055,
      1.11,
      0.11,
      1.165,
      0.165,
      1.22,
      0.2225,
      1.2775,
      0.2775,
      1.3325,
      0.3325,
      1.3875,
      0.3875,
      1.4425,
      0.4425,
      1.5,
      0.5,
      1.555,
      0.555,
      1.61,
      0.61,
      1.665,
      0.665,
      1.72,
      0.7225,
      1.7775,
      0.7775,
      1.8325,
      0.8325,
      1.8875,
      0.8875,
      1.9425,
      0.9425
    ],
    "SoftwareVersions": "syngo_MR_D11",
    "SpacingBetweenSlices": 3,
    "StationName": "AWP45031",
    "TotalReadoutTime": 0.0207902,
    "TxRefAmp": 336.473,
    "dataset": "ds001454",
    "modality": "bold",
    "run_id": 1,
    "session_id": "2",
    "subject_id": "19",
    "task_id": "rest"
  },
  "dummy_trs": 0,
  "dvars_nstd": 26.01824905948455,
  "dvars_std": 1.1245144006185572,
  "dvars_vstd": 1.0110063665979383,
  "efc": 0.5907535239073834,
  "fber": 1188.2410888671875,
  "fd_mean": 0.14628685200659408,
  "fd_num": 29,
  "fd_perc": 14.871794871794872,
  "fwhm_avg": 1.70557,
  "fwhm_x": 1.5477033333333334,
  "fwhm_y": 1.8530666666666666,
  "fwhm_z": 1.71594,
  "gcor": 0.016819,
  "gsr_x": -0.0067254588939249516,
  "gsr_y": 0.03972453251481056,
  "provenance": {
    "md5sum": "f63cdaf7576f6fb49244d51384e69274",
    "settings": {
      "fd_thres": 0.2,
      "testing": false
    },
    "software": "mriqc",
    "version": "23.0.1",
    "webapi_port": null,
    "webapi_url": "https://mriqc.nimh.nih.gov/api/v1"
  },
  "size_t": 195,
  "size_x": 64,
  "size_y": 64,
  "size_z": 36,
  "snr": 6.583549786564794,
  "spacing_tr": 2.0,
  "spacing_x": 3.0,
  "spacing_y": 3.0,
  "spacing_z": 3.0,
  "summary_bg_k": 24.720686548683272,
  "summary_bg_mad": 11.214556076392428,
  "summary_bg_mean": 41.29854202270508,
  "summary_bg_median": 19.646154403686523,
  "summary_bg_n": 77303.0,
  "summary_bg_p05": 9.84615421295166,
  "summary_bg_p95": 148.84000854492183,
  "summary_bg_stdv": 64.94819641113281,
  "summary_fg_k": 2.9941230124158107,
  "summary_fg_mad": 99.11382241877558,
  "summary_fg_mean": 711.0209350585938,
  "summary_fg_median": 700.5487670898438,
  "summary_fg_n": 36738.0,
  "summary_fg_p05": 568.0343505859375,
  "summary_fg_p95": 883.1479736328126,
  "summary_fg_stdv": 106.40752410888672,
  "tsnr": 63.75680594716687
}