{
  "aor": 0.0003345128205128205,
  "aqi": 0.01492211646153846,
  "bids_meta": {
    "AcquisitionMatrixPE": 64,
    "AcquisitionNumber": 1,
    "AcquisitionTime": "22:38:16.592500",
    "BandwidthPerPixelPhaseEncode": 47.348,
    "BaseResolution": 64,
    "BodyPartExamined": "HEAD",
    "ConsistencyInfo": "N4_VD11D_LATEST_20110129",
    "ConversionSoftware": "dcm2niix",
    "ConversionSoftwareVersion": "v1.0.20180518 GCC4.8.5",
    "DerivedVendorReportedEchoSpacing": 0.000660007,
    "DeviceSerialNumber": "45031",
    "DwellTime": 4.5e-06,
    "EchoTime": 0.03,
    "EchoTrainLength": 32,
    "EffectiveEchoSpacing": 0.000330003,
    "FlipAngle": 71,
    "ImageOrientationPatientDICOM": [
      0.996995,
      -0.0768174,
      -0.0100071,
      0.0774148,
      0.983263,
      0.164924
    ],
    "ImageType": [
      "ORIGINAL",
      "PRIMARY",
      "M",
      "ND",
      "NORM",
      "MOSAIC"
    ],
    "InPlanePhaseEncodingDirectionDICOM": "COL",
    "InstitutionAddress": "Washington_and_Faculty_Rd._-_Building_25_25_Princeton_NJ_US_085",
    "InstitutionName": "Princeton_University_-_Neuroscience_Institute",
    "InstitutionalDepartmentName": "Department",
    "MRAcquisitionType": "2D",
    "MagneticFieldStrength": 3,
    "Manufacturer": "Siemens",
    "ManufacturersModelName": "Skyra",
    "Modality": "MR",
    "ParallelReductionFactorInPlane": 2,
    "PartialFourier": 1,
    "PatientPosition": "HFS",
    "PercentPhaseFOV": 100,
    "PhaseEncodingDirection": "j-",
    "PhaseEncodingSteps": 64,
    "PhaseResolution": 1,
    "PixelBandwidth": 1735,
    "ProcedureStepDescription": "NormanLab_Anna",
    "ProtocolName": "epi_195_3x3x3_2s",
    "PulseSequenceDetails": "%SiemensSeq%_ep2d_bold",
    "ReceiveCoilActiveElements": "HE1-4",
    "ReceiveCoilName": "HeadNeck_20",
    "ReconMatrixPE": 64,
    "RepetitionTime": 2,
    "SAR": 0.132899,
    "ScanOptions": "FS",
    "ScanningSequence": "EP",
    "SequenceName": "_epfid2d1_64",
    "SequenceVariant": "SK",
    "SeriesDescription": "epi_195_3x3x3_2s",
    "SeriesNumber": 9,
    "ShimSetting": [
      3205,
      10527,
      10051,
      495,
      22,
      122,
      670,
      71
    ],
    "SliceThickness": 3,
    "SliceTiming": [
      1,
      0,
      1.055,
      0.055,
      1.11,
      0.11,
      1.165,
      0.165,
      1.22,
      0.2225,
      1.2775,
      0.2775,
      1.3325,
      0.3325,
      1.3875,
      0.3875,
      1.4425,
      0.4425,
      1.4975,
      0.5,
      1.555,
      0.555,
      1.61,
      0.61,
      1.665,
      0.665,
      1.72,
      0.72,
      1.7775,
      0.7775,
      1.8325,
      0.8325,
      1.8875,
      0.8875,
      1.9425,
      0.9425
    ],
    "SoftwareVersions": "syngo_MR_D11",
    "SpacingBetweenSlices": 3,
    "StationName": "AWP45031",
    "TotalReadoutTime": 0.0207902,
    "TxRefAmp": 336.473,
    "dataset": "ds001454",
    "modality": "bold",
    "run_id": 1,
    "session_id": "2",
    "subject_id": "19",
    "task_id": "satellite"
  },
  "dummy_trs": 0,
  "dvars_nstd": 27.96591345819589,
  "dvars_std": 1.0806263935051545,
  "dvars_vstd": 0.9577003708762886,
  "efc": 0.5894440594455115,
  "fber": 1197.7218017578125,
  "fd_mean": 0.1446035498834477,
  "fd_num": 25,
  "fd_perc": 12.820512820512821,
  "fwhm_avg": 1.723938888888889,
  "fwhm_x": 1.5722800000000001,
  "fwhm_y": 1.87927,
  "fwhm_z": 1.7202666666666666,
  "gcor": 0.00510099,
  "gsr_x": -0.008059660904109478,
  "gsr_y": 0.03845762833952904,
  "provenance": {
    "md5sum": "cab51a48bd7b382c1f5fbdcbe277c486",
    "settings": {
      "fd_thres": 0.2,
      "testing": false
    },
    "software": "mriqc",
    "version": "23.0.1",
    "webapi_port": null,
    "webapi_url": "https://mriqc.nimh.nih.gov/api/v1"
  },
  "size_t": 195,
  "size_x": 64,
  "size_y": 64,
  "size_z": 36,
  "snr": 6.566412167997699,
  "spacing_tr": 2.0,
  "spacing_x": 3.0,
  "spacing_y": 3.0,
  "spacing_z": 3.0,
  "summary_bg_k": 26.390186959573313,
  "summary_bg_mad": 11.35141077393593,
  "summary_bg_mean": 39.83791732788086,
  "summary_bg_median": 19.646154403686523,
  "summary_bg_n": 77385.0,
  "summary_bg_p05": 9.80512809753418,
  "summary_bg_p95": 139.62359008789065,
  "summary_bg_stdv": 61.06504821777344,
  "summary_fg_k": 2.9012453180055973,
  "summary_fg_mad": 98.93139284892041,
  "summary_fg_mean": 711.3623657226562,
  "summary_fg_median": 700.882080078125,
  "summary_fg_n": 36848.0,
  "summary_fg_p05": 567.1179809570312,
  "summary_fg_p95": 884.3694976806645,
  "summary_fg_stdv": 106.73600006103516,
  "tsnr": 55.22802390344441
}