{
  "aor": 0.0005731282051282052,
  "aqi": 0.008279613487179488,
  "bids_meta": {
    "AcquisitionMatrixPE": 64,
    "AcquisitionNumber": 1,
    "AcquisitionTime": "21:00:42.810000",
    "BandwidthPerPixelPhaseEncode": 47.348,
    "BaseResolution": 64,
    "BodyPartExamined": "HEAD",
    "ConsistencyInfo": "N4_VD11D_LATEST_20110129",
    "ConversionSoftware": "dcm2niix",
    "ConversionSoftwareVersion": "v1.0.20180518 GCC4.8.5",
    "DerivedVendorReportedEchoSpacing": 0.000660007,
    "DeviceSerialNumber": "45031",
    "DwellTime": 4.5e-06,
    "EchoTime": 0.03,
    "EchoTrainLength": 32,
    "EffectiveEchoSpacing": 0.000330003,
    "FlipAngle": 71,
    "ImageOrientationPatientDICOM": [
      0.999333,
      -0.0324841,
      0.0166611,
      0.0310562,
      0.996328,
      0.079787
    ],
    "ImageType": [
      "ORIGINAL",
      "PRIMARY",
      "M",
      "ND",
      "NORM",
      "MOSAIC"
    ],
    "InPlanePhaseEncodingDirectionDICOM": "COL",
    "InstitutionAddress": "Washington_and_Faculty_Rd._-_Building_25_25_Princeton_NJ_US_085",
    "InstitutionName": "Princeton_University_-_Neuroscience_Institute",
    "InstitutionalDepartmentName": "Department",
    "MRAcquisitionType": "2D",
    "MagneticFieldStrength": 3,
    "Manufacturer": "Siemens",
    "ManufacturersModelName": "Skyra",
    "Modality": "MR",
    "ParallelReductionFactorInPlane": 2,
    "PartialFourier": 1,
    "PatientPosition": "HFS",
    "PercentPhaseFOV": 100,
    "PhaseEncodingDirection": "j-",
    "PhaseEncodingSteps": 64,
    "PhaseResolution": 1,
    "PixelBandwidth": 1735,
    "ProcedureStepDescription": "NormanLab_Anna",
    "ProtocolName": "epi_195_3x3x3_2s",
    "PulseSequenceDetails": "%SiemensSeq%_ep2d_bold",
    "ReceiveCoilActiveElements": "HE1-4",
    "ReceiveCoilName": "HeadNeck_20",
    "ReconMatrixPE": 64,
    "RepetitionTime": 2,
    "SAR": 0.102594,
    "ScanOptions": "FS",
    "ScanningSequence": "EP",
    "SequenceName": "_epfid2d1_64",
    "SequenceVariant": "SK",
    "SeriesDescription": "epi_195_3x3x3_2s",
    "SeriesNumber": 13,
    "ShimSetting": [
      3227,
      10607,
      9960,
      365,
      -41,
      309,
      566,
      -35
    ],
    "SliceThickness": 3,
    "SliceTiming": [
      0.9975,
      0,
      1.055,
      0.055,
      1.11,
      0.11,
      1.165,
      0.165,
      1.22,
      0.22,
      1.2775,
      0.2775,
      1.3325,
      0.3325,
      1.3875,
      0.3875,
      1.4425,
      0.4425,
      1.4975,
      0.4975,
      1.555,
      0.555,
      1.61,
      0.61,
      1.665,
      0.665,
      1.72,
      0.72,
      1.775,
      0.7775,
      1.8325,
      0.8325,
      1.8875,
      0.8875,
      1.9425,
      0.9425
    ],
    "SoftwareVersions": "syngo_MR_D11",
    "SpacingBetweenSlices": 3,
    "StationName": "AWP45031",
    "TotalReadoutTime": 0.0207902,
    "TxRefAmp": 310.723,
    "dataset": "ds001454",
    "modality": "bold",
    "run_id": 4,
    "session_id": "1",
    "subject_id": "07",
    "task_id": "satellite"
  },
  "dummy_trs": 0,
  "dvars_nstd": 22.4961730128866,
  "dvars_std": 1.126896779896907,
  "dvars_vstd": 0.9944117512886603,
  "efc": 0.5761232287737744,
  "fber": 1221.0516357421875,
  "fd_mean": 0.06279683849888233,
  "fd_num": 2,
  "fd_perc": 1.0256410256410255,
  "fwhm_avg": 1.699218888888889,
  "fwhm_x": 1.5832866666666667,
  "fwhm_y": 1.7764300000000002,
  "fwhm_z": 1.73794,
  "gcor": 0.0380653,
  "gsr_x": 0.004384735133498907,
  "gsr_y": 0.02953942120075226,
  "provenance": {
    "md5sum": "72fa62f29eae7bf7000f3b1259a379ee",
    "settings": {
      "fd_thres": 0.2,
      "testing": false
    },
    "software": "mriqc",
    "version": "23.0.1",
    "webapi_port": null,
    "webapi_url": "https://mriqc.nimh.nih.gov/api/v1"
  },
  "size_t": 195,
  "size_x": 64,
  "size_y": 64,
  "size_z": 36,
  "snr": 6.638909784119839,
  "spacing_tr": 2.0,
  "spacing_x": 3.0,
  "spacing_y": 3.0,
  "spacing_z": 3.0,
  "summary_bg_k": 49.03212605947853,
  "summary_bg_mad": 13.381434610454857,
  "summary_bg_mean": 41.73860168457031,
  "summary_bg_median": 21.02564239501953,
  "summary_bg_n": 80306.0,
  "summary_bg_p05": 9.688461780548096,
  "summary_bg_p95": 144.32949447631836,
  "summary_bg_stdv": 65.23921203613281,
  "summary_fg_k": 3.0232534260233006,
  "summary_fg_mad": 100.80934962630363,
  "summary_fg_mean": 750.2591552734375,
  "summary_fg_median": 740.4359130859375,
  "summary_fg_n": 34857.0,
  "summary_fg_p05": 597.7210327148438,
  "summary_fg_p95": 930.912841796875,
  "summary_fg_stdv": 111.52814483642578,
  "tsnr": 64.63679638551548
}