{
  "aor": 0.000471948717948718,
  "aqi": 0.007171931589743589,
  "bids_meta": {
    "AcquisitionMatrixPE": 64,
    "AcquisitionNumber": 1,
    "AcquisitionTime": "21:14:36.880000",
    "BandwidthPerPixelPhaseEncode": 47.348,
    "BaseResolution": 64,
    "BodyPartExamined": "HEAD",
    "ConsistencyInfo": "N4_VD11D_LATEST_20110129",
    "ConversionSoftware": "dcm2niix",
    "ConversionSoftwareVersion": "v1.0.20180518 GCC4.8.5",
    "DerivedVendorReportedEchoSpacing": 0.000660007,
    "DeviceSerialNumber": "45031",
    "DwellTime": 4.5e-06,
    "EchoTime": 0.03,
    "EchoTrainLength": 32,
    "EffectiveEchoSpacing": 0.000330003,
    "FlipAngle": 71,
    "ImageOrientationPatientDICOM": [
      0.999333,
      -0.0324841,
      0.0166611,
      0.0310562,
      0.996328,
      0.079787
    ],
    "ImageType": [
      "ORIGINAL",
      "PRIMARY",
      "M",
      "ND",
      "NORM",
      "MOSAIC"
    ],
    "InPlanePhaseEncodingDirectionDICOM": "COL",
    "InstitutionAddress": "Washington_and_Faculty_Rd._-_Building_25_25_Princeton_NJ_US_085",
    "InstitutionName": "Princeton_University_-_Neuroscience_Institute",
    "InstitutionalDepartmentName": "Department",
    "MRAcquisitionType": "2D",
    "MagneticFieldStrength": 3,
    "Manufacturer": "Siemens",
    "ManufacturersModelName": "Skyra",
    "Modality": "MR",
    "ParallelReductionFactorInPlane": 2,
    "PartialFourier": 1,
    "PatientPosition": "HFS",
    "PercentPhaseFOV": 100,
    "PhaseEncodingDirection": "j-",
    "PhaseEncodingSteps": 64,
    "PhaseResolution": 1,
    "PixelBandwidth": 1735,
    "ProcedureStepDescription": "NormanLab_Anna",
    "ProtocolName": "epi_195_3x3x3_2s",
    "PulseSequenceDetails": "%SiemensSeq%_ep2d_bold",
    "ReceiveCoilActiveElements": "HE1-4",
    "ReceiveCoilName": "HeadNeck_20",
    "ReconMatrixPE": 64,
    "RepetitionTime": 2,
    "SAR": 0.102594,
    "ScanOptions": "FS",
    "ScanningSequence": "EP",
    "SequenceName": "_epfid2d1_64",
    "SequenceVariant": "SK",
    "SeriesDescription": "epi_195_3x3x3_2s",
    "SeriesNumber": 15,
    "ShimSetting": [
      3227,
      10607,
      9960,
      365,
      -41,
      309,
      566,
      -35
    ],
    "SliceThickness": 3,
    "SliceTiming": [
      1,
      0,
      1.055,
      0.055,
      1.11,
      0.11,
      1.165,
      0.165,
      1.2225,
      0.2225,
      1.2775,
      0.2775,
      1.3325,
      0.3325,
      1.3875,
      0.3875,
      1.4425,
      0.445,
      1.5,
      0.5,
      1.555,
      0.555,
      1.61,
      0.61,
      1.665,
      0.665,
      1.7225,
      0.7225,
      1.7775,
      0.7775,
      1.8325,
      0.8325,
      1.8875,
      0.8875,
      1.9425,
      0.945
    ],
    "SoftwareVersions": "syngo_MR_D11",
    "SpacingBetweenSlices": 3,
    "StationName": "AWP45031",
    "TotalReadoutTime": 0.0207902,
    "TxRefAmp": 310.723,
    "dataset": "ds001454",
    "modality": "bold",
    "run_id": 6,
    "session_id": "1",
    "subject_id": "07",
    "task_id": "satellite"
  },
  "dummy_trs": 0,
  "dvars_nstd": 22.828692986804118,
  "dvars_std": 1.1355088789175256,
  "dvars_vstd": 0.9940878798969066,
  "efc": 0.5779493312419601,
  "fber": 1166.5341796875,
  "fd_mean": 0.058959863354132086,
  "fd_num": 1,
  "fd_perc": 0.5128205128205128,
  "fwhm_avg": 1.7017533333333335,
  "fwhm_x": 1.5870866666666668,
  "fwhm_y": 1.7705766666666667,
  "fwhm_z": 1.7475966666666667,
  "gcor": 0.0314609,
  "gsr_x": 0.005395529326051474,
  "gsr_y": 0.028130734339356422,
  "provenance": {
    "md5sum": "4ad5ff93ad1ec3af585a76ef1edd305d",
    "settings": {
      "fd_thres": 0.2,
      "testing": false
    },
    "software": "mriqc",
    "version": "23.0.1",
    "webapi_port": null,
    "webapi_url": "https://mriqc.nimh.nih.gov/api/v1"
  },
  "size_t": 195,
  "size_x": 64,
  "size_y": 64,
  "size_z": 36,
  "snr": 6.660034670598099,
  "spacing_tr": 2.0,
  "spacing_x": 3.0,
  "spacing_y": 3.0,
  "spacing_z": 3.0,
  "summary_bg_k": 46.274965197218876,
  "summary_bg_mad": 13.617132189476736,
  "summary_bg_mean": 42.58232879638672,
  "summary_bg_median": 21.425642013549805,
  "summary_bg_n": 80350.0,
  "summary_bg_p05": 9.897436141967773,
  "summary_bg_p95": 148.75462265014667,
  "summary_bg_stdv": 65.79275512695312,
  "summary_fg_k": 3.1354669948232976,
  "summary_fg_mad": 99.82096322910957,
  "summary_fg_mean": 747.2265625,
  "summary_fg_median": 737.7051391601562,
  "summary_fg_n": 34898.0,
  "summary_fg_p05": 596.1069580078125,
  "summary_fg_p95": 925.3049194335938,
  "summary_fg_stdv": 110.76437377929688,
  "tsnr": 67.86506299674511
}