{
  "bids_meta": {
    "AcquisitionMatrixPE": 256,
    "AcquisitionNumber": 1,
    "AcquisitionTime": "22:22:33.855000",
    "BaseResolution": 256,
    "BodyPartExamined": "HEAD",
    "ConsistencyInfo": "N4_VD11D_LATEST_20110129",
    "ConversionSoftware": "dcm2niix",
    "ConversionSoftwareVersion": "v1.0.20180518 GCC4.8.5",
    "DeviceSerialNumber": "45031",
    "DwellTime": 9.8e-06,
    "EchoTime": 0.0033,
    "FlipAngle": 7,
    "ImageOrientationPatientDICOM": [
      0.0818856,
      0.996642,
      3.34822e-08,
      -0.00287248,
      0.000236041,
      -0.999996
    ],
    "ImageType": [
      "ORIGINAL",
      "PRIMARY",
      "M",
      "ND",
      "NORM"
    ],
    "InPlanePhaseEncodingDirectionDICOM": "ROW",
    "InstitutionAddress": "Washington_and_Faculty_Rd._-_Building_25_25_Princeton_NJ_US_085",
    "InstitutionName": "Princeton_University_-_Neuroscience_Institute",
    "InstitutionalDepartmentName": "Department",
    "InversionTime": 1.1,
    "MRAcquisitionType": "3D",
    "MagneticFieldStrength": 3,
    "Manufacturer": "Siemens",
    "ManufacturersModelName": "Skyra",
    "Modality": "MR",
    "ParallelReductionFactorInPlane": 2,
    "PartialFourier": 1,
    "PatientPosition": "HFS",
    "PercentPhaseFOV": 100,
    "PhaseEncodingSteps": 255,
    "PhaseResolution": 1,
    "PixelBandwidth": 200,
    "ProcedureStepDescription": "NormanLab_Anna",
    "ProtocolName": "MPRAGE_tfl",
    "PulseSequenceDetails": "%SiemensSeq%_tfl",
    "ReceiveCoilActiveElements": "HE1-4",
    "ReceiveCoilName": "HeadNeck_20",
    "ReconMatrixPE": 256,
    "RepetitionTime": 2.53,
    "SAR": 0.0723249,
    "ScanOptions": "IR",
    "ScanningSequence": "GR_IR",
    "SequenceName": "_tfl3d1_16ns",
    "SequenceVariant": "SK_SP_MP",
    "SeriesDescription": "MPRAGE_tfl",
    "SeriesNumber": 5,
    "ShimSetting": [
      3193,
      10484,
      9927,
      243,
      47,
      -221,
      662,
      47
    ],
    "SliceThickness": 1,
    "SoftwareVersions": "syngo_MR_D11",
    "StationName": "AWP45031",
    "TxRefAmp": 336.473,
    "dataset": "ds001454",
    "modality": "T1w",
    "session_id": "2",
    "subject_id": "19"
  },
  "cjv": 0.3455600604852452,
  "cnr": 3.8382376303608017,
  "efc": 0.4833302687015435,
  "fber": 16055.637828422123,
  "fwhm_avg": 3.5538758497999954,
  "fwhm_x": 3.6187975493999858,
  "fwhm_y": 3.7671,
  "fwhm_z": 3.27573,
  "icvs_csf": 0.21919990073982695,
  "icvs_gm": 0.4485317828167873,
  "icvs_wm": 0.3322683164433858,
  "inu_med": 0.6441824436187744,
  "inu_range": 0.29227504730224607,
  "provenance": {
    "md5sum": "93dc3ec497cabc0120202a57ecf0edbb",
    "settings": {
      "testing": false
    },
    "software": "mriqc",
    "version": "23.0.1",
    "warnings": {
      "large_rot_frame": true,
      "small_air_mask": false
    },
    "webapi_port": null,
    "webapi_url": "https://mriqc.nimh.nih.gov/api/v1"
  },
  "qi_1": 0.0,
  "qi_2": 0.012255905535274,
  "rpve_csf": 24.404903689694244,
  "rpve_gm": 12.418225476148416,
  "rpve_wm": 18.867775356211645,
  "size_x": 176,
  "size_y": 256,
  "size_z": 256,
  "snr_csf": 1.7481279635446267,
  "snr_gm": 9.290449172517757,
  "snr_total": 10.563282924325378,
  "snr_wm": 20.65127163691375,
  "snrd_csf": 17.422179153846802,
  "snrd_gm": 48.082143349672684,
  "snrd_total": 45.89610667043496,
  "snrd_wm": 72.18399750778539,
  "spacing_x": 0.9999979138374329,
  "spacing_y": 1.0,
  "spacing_z": 1.0,
  "summary_bg_k": 4450.842502257508,
  "summary_bg_mad": 0.0,
  "summary_bg_mean": 4.084723726350287,
  "summary_bg_median": 0.0,
  "summary_bg_n": 3867945.0,
  "summary_bg_p05": 0.0,
  "summary_bg_p95": 17.520533932372928,
  "summary_bg_stdv": 9.07592282501628,
  "summary_csf_k": 2.897365149381466,
  "summary_csf_mad": 150.3365461431924,
  "summary_csf_mean": 258.1916565150264,
  "summary_csf_median": 241.3579117935151,
  "summary_csf_n": 35533.0,
  "summary_csf_p05": 60.95254890806973,
  "summary_csf_p95": 483.1117344718427,
  "summary_csf_stdv": 138.06455851784534,
  "summary_gm_k": 0.24277014808533792,
  "summary_gm_mad": 69.47370692980861,
  "summary_gm_mean": 664.9551021267323,
  "summary_gm_median": 666.1052909027785,
  "summary_gm_n": 26446.0,
  "summary_gm_p05": 544.4734897795133,
  "summary_gm_p95": 779.5234184456058,
  "summary_gm_stdv": 71.69650086102853,
  "summary_wm_k": 0.5695187557796269,
  "summary_wm_mad": 45.90696397379535,
  "summary_wm_mean": 999.1013494030881,
  "summary_wm_median": 999.9999856241047,
  "summary_wm_n": 174833.0,
  "summary_wm_p05": 918.2473424691707,
  "summary_wm_p95": 1076.209876391664,
  "summary_wm_stdv": 48.42302901873551,
  "tpm_overlap_csf": 0.15089809788607408,
  "tpm_overlap_gm": 0.48235509771003493,
  "tpm_overlap_wm": 0.5108764877002941,
  "wm2max": 0.6676288430611935
}