{
  "bids_meta": {
    "AcquisitionMatrixPE": 256,
    "AcquisitionNumber": 1,
    "AcquisitionTime": "20:18:9.767500",
    "BaseResolution": 256,
    "BodyPartExamined": "HEAD",
    "ConsistencyInfo": "N4_VD11D_LATEST_20110129",
    "ConversionSoftware": "dcm2niix",
    "ConversionSoftwareVersion": "v1.0.20180518 GCC4.8.5",
    "DeviceSerialNumber": "45031",
    "DwellTime": 9.8e-06,
    "EchoTime": 0.0033,
    "FlipAngle": 7,
    "ImageOrientationPatientDICOM": [
      0.0283633,
      0.999598,
      -2.31121e-08,
      0.16365,
      -0.00464354,
      -0.986508
    ],
    "ImageType": [
      "ORIGINAL",
      "PRIMARY",
      "M",
      "ND",
      "NORM"
    ],
    "InPlanePhaseEncodingDirectionDICOM": "ROW",
    "InstitutionAddress": "Washington_and_Faculty_Rd._-_Building_25_25_Princeton_NJ_US_085",
    "InstitutionName": "Princeton_University_-_Neuroscience_Institute",
    "InstitutionalDepartmentName": "Department",
    "InversionTime": 1.1,
    "MRAcquisitionType": "3D",
    "MagneticFieldStrength": 3,
    "Manufacturer": "Siemens",
    "ManufacturersModelName": "Skyra",
    "Modality": "MR",
    "ParallelReductionFactorInPlane": 2,
    "PartialFourier": 1,
    "PatientPosition": "HFS",
    "PercentPhaseFOV": 100,
    "PhaseEncodingSteps": 255,
    "PhaseResolution": 1,
    "PixelBandwidth": 200,
    "ProcedureStepDescription": "NormanLab_Anna",
    "ProtocolName": "MPRAGE_tfl",
    "PulseSequenceDetails": "%SiemensSeq%_tfl",
    "ReceiveCoilActiveElements": "HE1-4",
    "ReceiveCoilName": "HeadNeck_20",
    "ReconMatrixPE": 256,
    "RepetitionTime": 2.53,
    "SAR": 0.0549101,
    "ScanOptions": "IR",
    "ScanningSequence": "GR_IR",
    "SequenceName": "_tfl3d1_16ns",
    "SequenceVariant": "SK_SP_MP",
    "SeriesDescription": "MPRAGE_tfl",
    "SeriesNumber": 5,
    "ShimSetting": [
      3246,
      10466,
      9933,
      339,
      -200,
      -435,
      790,
      -196
    ],
    "SliceThickness": 1,
    "SoftwareVersions": "syngo_MR_D11",
    "StationName": "AWP45031",
    "TxRefAmp": 310.955,
    "dataset": "ds001454",
    "modality": "T1w",
    "session_id": "1",
    "subject_id": "10"
  },
  "cjv": 0.3359532548160544,
  "cnr": 3.897649800171346,
  "efc": 0.4818412624103953,
  "fber": 11641.393163564595,
  "fwhm_avg": 3.700617159316477,
  "fwhm_x": 3.7032314779494317,
  "fwhm_y": 3.93797,
  "fwhm_z": 3.46065,
  "icvs_csf": 0.22398995087029577,
  "icvs_gm": 0.44126524216996593,
  "icvs_wm": 0.3347448069597383,
  "inu_med": 0.6295626163482666,
  "inu_range": 0.2599001705646514,
  "provenance": {
    "md5sum": "5108c2e385f110181719e9395083ac2e",
    "settings": {
      "testing": false
    },
    "software": "mriqc",
    "version": "23.0.1",
    "warnings": {
      "large_rot_frame": true,
      "small_air_mask": false
    },
    "webapi_port": null,
    "webapi_url": "https://mriqc.nimh.nih.gov/api/v1"
  },
  "qi_1": 0.0,
  "qi_2": 0.01778832840679722,
  "rpve_csf": 26.69958448269842,
  "rpve_gm": 13.907360093616296,
  "rpve_wm": 20.563094597985447,
  "size_x": 176,
  "size_y": 256,
  "size_z": 256,
  "snr_csf": 1.5857380276017186,
  "snr_gm": 8.63975284790785,
  "snr_total": 10.231241184562567,
  "snr_wm": 20.468232678178133,
  "snrd_csf": 19.315428563251945,
  "snrd_gm": 61.315980806123854,
  "snrd_total": 58.56166846643768,
  "snrd_wm": 95.05359602993724,
  "spacing_x": 0.9999969005584717,
  "spacing_y": 1.0,
  "spacing_z": 1.0,
  "summary_bg_k": 2100.7411485294174,
  "summary_bg_mad": 6.892284211365811,
  "summary_bg_mean": 6.0602577061457605,
  "summary_bg_median": 4.648775056004524,
  "summary_bg_n": 3656340.0,
  "summary_bg_p05": 0.0,
  "summary_bg_p95": 19.19402216374874,
  "summary_bg_stdv": 18.19906944796456,
  "summary_csf_k": 0.5166248275917407,
  "summary_csf_mad": 139.24105465047617,
  "summary_csf_mean": 222.89643391718982,
  "summary_csf_median": 203.20565812289715,
  "summary_csf_n": 46807.0,
  "summary_csf_p05": 46.068505202233794,
  "summary_csf_p95": 446.0742087021469,
  "summary_csf_stdv": 128.1444248030568,
  "summary_gm_k": 0.1367763806248532,
  "summary_gm_mad": 72.55926200431738,
  "summary_gm_mean": 645.4757985787057,
  "summary_gm_median": 645.067449182272,
  "summary_gm_n": 42267.0,
  "summary_gm_p05": 521.632489413023,
  "summary_gm_p95": 769.7002528309822,
  "summary_gm_stdv": 74.66183693315223,
  "summary_wm_k": 0.4380130812694931,
  "summary_wm_mad": 46.68148324753286,
  "summary_wm_mean": 998.6384250483823,
  "summary_wm_median": 999.999998703599,
  "summary_wm_n": 176285.0,
  "summary_wm_p05": 916.3220476955175,
  "summary_wm_p95": 1076.0345649570227,
  "summary_wm_stdv": 48.856057975612046,
  "tpm_overlap_csf": 0.13667878584815213,
  "tpm_overlap_gm": 0.4827469092884512,
  "tpm_overlap_wm": 0.49896721532956456,
  "wm2max": 0.6461340107515919
}