{
  "aor": 0.0007395876288659794,
  "aqi": 0.006846132113402062,
  "bids_meta": {
    "AcquisitionMatrixPE": 64,
    "AcquisitionNumber": 1,
    "AcquisitionTime": "11:25:39.552500",
    "BandwidthPerPixelPhaseEncode": 47.348,
    "BaseResolution": 64,
    "BodyPartExamined": "HEAD",
    "ConsistencyInfo": "N4_VD11D_LATEST_20110129",
    "ConversionSoftware": "dcm2niix",
    "ConversionSoftwareVersion": "v1.0.20180518 GCC4.8.5",
    "DerivedVendorReportedEchoSpacing": 0.000660007,
    "DeviceSerialNumber": "45031",
    "DwellTime": 4.5e-06,
    "EchoTime": 0.03,
    "EchoTrainLength": 32,
    "EffectiveEchoSpacing": 0.000330003,
    "FlipAngle": 71,
    "ImageOrientationPatientDICOM": [
      0.995807,
      0.000510754,
      0.0914761,
      -0.0121667,
      0.99184,
      0.126909
    ],
    "ImageType": [
      "ORIGINAL",
      "PRIMARY",
      "M",
      "ND",
      "NORM",
      "MOSAIC"
    ],
    "InPlanePhaseEncodingDirectionDICOM": "COL",
    "InstitutionAddress": "Washington_and_Faculty_Rd._-_Building_25_25_Princeton_NJ_US_085",
    "InstitutionName": "Princeton_University_-_Neuroscience_Institute",
    "InstitutionalDepartmentName": "Department",
    "MRAcquisitionType": "2D",
    "MagneticFieldStrength": 3,
    "Manufacturer": "Siemens",
    "ManufacturersModelName": "Skyra",
    "Modality": "MR",
    "ParallelReductionFactorInPlane": 2,
    "PartialFourier": 1,
    "PatientPosition": "HFS",
    "PercentPhaseFOV": 100,
    "PhaseEncodingDirection": "j-",
    "PhaseEncodingSteps": 64,
    "PhaseResolution": 1,
    "PixelBandwidth": 1735,
    "ProcedureStepDescription": "NormanLab_Anna",
    "ProtocolName": "epi_195_3x3x3_2s",
    "PulseSequenceDetails": "%SiemensSeq%_ep2d_bold",
    "ReceiveCoilActiveElements": "HE1-4",
    "ReceiveCoilName": "HeadNeck_20",
    "ReconMatrixPE": 64,
    "RepetitionTime": 2,
    "SAR": 0.117463,
    "ScanOptions": "FS",
    "ScanningSequence": "EP",
    "SequenceName": "_epfid2d1_64",
    "SequenceVariant": "SK",
    "SeriesDescription": "epi_195_3x3x3_2s",
    "SeriesNumber": 11,
    "ShimSetting": [
      3230,
      10559,
      10063,
      508,
      -136,
      292,
      441,
      18
    ],
    "SliceThickness": 3,
    "SliceTiming": [
      0.9975,
      0,
      1.055,
      0.055,
      1.11,
      0.11,
      1.165,
      0.165,
      1.22,
      0.22,
      1.275,
      0.2775,
      1.3325,
      0.3325,
      1.3875,
      0.3875,
      1.4425,
      0.4425,
      1.4975,
      0.4975,
      1.555,
      0.555,
      1.61,
      0.61,
      1.665,
      0.665,
      1.72,
      0.72,
      1.775,
      0.7775,
      1.8325,
      0.8325,
      1.8875,
      0.8875,
      1.9425,
      0.9425
    ],
    "SoftwareVersions": "syngo_MR_D11",
    "SpacingBetweenSlices": 3,
    "StationName": "AWP45031",
    "TotalReadoutTime": 0.0207902,
    "TxRefAmp": 342.294,
    "dataset": "ds001454",
    "modality": "bold",
    "run_id": 3,
    "session_id": "1",
    "subject_id": "16",
    "task_id": "satellite"
  },
  "dummy_trs": 1,
  "dvars_nstd": 24.579194241658012,
  "dvars_std": 1.1265221705699482,
  "dvars_vstd": 1.0041165052331609,
  "efc": 0.6131536892538257,
  "fber": 845.0219116210938,
  "fd_mean": 0.1256883250436182,
  "fd_num": 9,
  "fd_perc": 4.639175257731959,
  "fwhm_avg": 1.801817777777778,
  "fwhm_x": 1.6407533333333333,
  "fwhm_y": 1.90313,
  "fwhm_z": 1.8615700000000002,
  "gcor": 0.0194505,
  "gsr_x": 0.004834169987589121,
  "gsr_y": 0.03613467887043953,
  "provenance": {
    "md5sum": "b5ab5f9b9beecf6bf5ae4b87f7de77bf",
    "settings": {
      "fd_thres": 0.2,
      "testing": false
    },
    "software": "mriqc",
    "version": "23.0.1",
    "webapi_port": null,
    "webapi_url": "https://mriqc.nimh.nih.gov/api/v1"
  },
  "size_t": 194,
  "size_x": 64,
  "size_y": 64,
  "size_z": 36,
  "snr": 6.244244193251412,
  "spacing_tr": 2.0,
  "spacing_x": 3.0,
  "spacing_y": 3.0,
  "spacing_z": 3.0,
  "summary_bg_k": 23.175011930004956,
  "summary_bg_mad": 17.279192585235194,
  "summary_bg_mean": 58.51189422607422,
  "summary_bg_median": 25.19587516784668,
  "summary_bg_n": 75751.0,
  "summary_bg_p05": 10.69072151184082,
  "summary_bg_p95": 220.93556213378906,
  "summary_bg_stdv": 89.2756118774414,
  "summary_fg_k": 3.2993110524811327,
  "summary_fg_mad": 111.2028581108555,
  "summary_fg_mean": 774.0281372070312,
  "summary_fg_median": 766.3143920898438,
  "summary_fg_n": 36845.0,
  "summary_fg_p05": 607.6752319335938,
  "summary_fg_p95": 968.0556152343747,
  "summary_fg_stdv": 122.7216567993164,
  "tsnr": 62.09934153361246
}