{
  "aor": 0.001576205128205128,
  "aqi": 0.006618776666666667,
  "bids_meta": {
    "AcquisitionMatrixPE": 64,
    "AcquisitionNumber": 1,
    "AcquisitionTime": "21:23:13.037500",
    "BandwidthPerPixelPhaseEncode": 47.348,
    "BaseResolution": 64,
    "BodyPartExamined": "HEAD",
    "ConsistencyInfo": "N4_VD11D_LATEST_20110129",
    "ConversionSoftware": "dcm2niix",
    "ConversionSoftwareVersion": "v1.0.20180518 GCC4.8.5",
    "DerivedVendorReportedEchoSpacing": 0.000660007,
    "DeviceSerialNumber": "45031",
    "DwellTime": 4.5e-06,
    "EchoTime": 0.03,
    "EchoTrainLength": 32,
    "EffectiveEchoSpacing": 0.000330003,
    "FlipAngle": 71,
    "ImageOrientationPatientDICOM": [
      0.99685,
      0.0780637,
      -0.0140355,
      -0.0782787,
      0.996811,
      -0.0154857
    ],
    "ImageType": [
      "ORIGINAL",
      "PRIMARY",
      "M",
      "ND",
      "NORM",
      "MOSAIC"
    ],
    "InPlanePhaseEncodingDirectionDICOM": "COL",
    "InstitutionAddress": "Washington_and_Faculty_Rd._-_Building_25_25_Princeton_NJ_US_085",
    "InstitutionName": "Princeton_University_-_Neuroscience_Institute",
    "InstitutionalDepartmentName": "Department",
    "MRAcquisitionType": "2D",
    "MagneticFieldStrength": 3,
    "Manufacturer": "Siemens",
    "ManufacturersModelName": "Skyra",
    "Modality": "MR",
    "ParallelReductionFactorInPlane": 2,
    "PartialFourier": 1,
    "PatientPosition": "HFS",
    "PercentPhaseFOV": 100,
    "PhaseEncodingDirection": "j-",
    "PhaseEncodingSteps": 64,
    "PhaseResolution": 1,
    "PixelBandwidth": 1735,
    "ProcedureStepDescription": "NormanLab_Anna",
    "ProtocolName": "epi_195_3x3x3_2s",
    "PulseSequenceDetails": "%SiemensSeq%_ep2d_bold",
    "ReceiveCoilActiveElements": "HE1-4",
    "ReceiveCoilName": "HeadNeck_20",
    "ReconMatrixPE": 64,
    "RepetitionTime": 2,
    "SAR": 0.125401,
    "ScanOptions": "FS",
    "ScanningSequence": "EP",
    "SequenceName": "_epfid2d1_64",
    "SequenceVariant": "SK",
    "SeriesDescription": "epi_195_3x3x3_2s",
    "SeriesNumber": 14,
    "ShimSetting": [
      3221,
      10617,
      10005,
      682,
      85,
      492,
      477,
      15
    ],
    "SliceThickness": 3,
    "SliceTiming": [
      1,
      0,
      1.055,
      0.055,
      1.11,
      0.11,
      1.165,
      0.165,
      1.2225,
      0.2225,
      1.2775,
      0.2775,
      1.3325,
      0.3325,
      1.3875,
      0.3875,
      1.4425,
      0.445,
      1.5,
      0.5,
      1.555,
      0.555,
      1.61,
      0.61,
      1.665,
      0.665,
      1.72,
      0.7225,
      1.7775,
      0.7775,
      1.8325,
      0.8325,
      1.8875,
      0.8875,
      1.9425,
      0.9425
    ],
    "SoftwareVersions": "syngo_MR_D11",
    "SpacingBetweenSlices": 3,
    "StationName": "AWP45031",
    "TotalReadoutTime": 0.0207902,
    "TxRefAmp": 339.773,
    "dataset": "ds001454",
    "modality": "bold",
    "run_id": 6,
    "session_id": "1",
    "subject_id": "22",
    "task_id": "satellite"
  },
  "dummy_trs": 0,
  "dvars_nstd": 29.190378483659806,
  "dvars_std": 1.1857236759278353,
  "dvars_vstd": 1.0143648301546389,
  "efc": 0.6192606058425723,
  "fber": 884.4641723632812,
  "fd_mean": 0.13521597951514563,
  "fd_num": 17,
  "fd_perc": 8.717948717948717,
  "fwhm_avg": 1.7284522222222225,
  "fwhm_x": 1.6341633333333334,
  "fwhm_y": 1.8675733333333333,
  "fwhm_z": 1.6836200000000001,
  "gcor": 0.0110284,
  "gsr_x": -0.007293025963008404,
  "gsr_y": 0.05207935348153114,
  "provenance": {
    "md5sum": "5d413513880aac718416a743cf3ef142",
    "settings": {
      "fd_thres": 0.2,
      "testing": false
    },
    "software": "mriqc",
    "version": "23.0.1",
    "webapi_port": null,
    "webapi_url": "https://mriqc.nimh.nih.gov/api/v1"
  },
  "size_t": 195,
  "size_x": 64,
  "size_y": 64,
  "size_z": 36,
  "snr": 5.816351638625258,
  "spacing_tr": 2.0,
  "spacing_x": 3.0,
  "spacing_y": 3.0,
  "spacing_z": 3.0,
  "summary_bg_k": 30.239809968431913,
  "summary_bg_mad": 18.110557548814597,
  "summary_bg_mean": 55.109291076660156,
  "summary_bg_median": 25.846155166625977,
  "summary_bg_n": 73832.0,
  "summary_bg_p05": 11.128205299377441,
  "summary_bg_p95": 198.38975524902344,
  "summary_bg_stdv": 78.85014343261719,
  "summary_fg_k": 2.3908146847157754,
  "summary_fg_mad": 126.8194989228087,
  "summary_fg_mean": 800.8994140625,
  "summary_fg_median": 789.6359252929688,
  "summary_fg_n": 40515.0,
  "summary_fg_p05": 619.0538757324218,
  "summary_fg_p95": 1023.2200073242187,
  "summary_fg_stdv": 135.75970458984375,
  "tsnr": 63.840618045651354
}