{
  "aor": 0.004302461538461538,
  "aqi": 0.008323808923076922,
  "bids_meta": {
    "AcquisitionMatrixPE": 64,
    "AcquisitionNumber": 1,
    "AcquisitionTime": "22:43:48.982500",
    "BandwidthPerPixelPhaseEncode": 47.348,
    "BaseResolution": 64,
    "BodyPartExamined": "HEAD",
    "ConsistencyInfo": "N4_VD11D_LATEST_20110129",
    "ConversionSoftware": "dcm2niix",
    "ConversionSoftwareVersion": "v1.0.20180518 GCC4.8.5",
    "DerivedVendorReportedEchoSpacing": 0.000660007,
    "DeviceSerialNumber": "45031",
    "DwellTime": 4.5e-06,
    "EchoTime": 0.03,
    "EchoTrainLength": 32,
    "EffectiveEchoSpacing": 0.000330003,
    "FlipAngle": 71,
    "ImageOrientationPatientDICOM": [
      0.997559,
      -0.045882,
      0.0526438,
      0.0419845,
      0.996456,
      0.0728929
    ],
    "ImageType": [
      "ORIGINAL",
      "PRIMARY",
      "M",
      "ND",
      "NORM",
      "MOSAIC"
    ],
    "InPlanePhaseEncodingDirectionDICOM": "COL",
    "InstitutionAddress": "Washington_and_Faculty_Rd._-_Building_25_25_Princeton_NJ_US_085",
    "InstitutionName": "Princeton_University_-_Neuroscience_Institute",
    "InstitutionalDepartmentName": "Department",
    "MRAcquisitionType": "2D",
    "MagneticFieldStrength": 3,
    "Manufacturer": "Siemens",
    "ManufacturersModelName": "Skyra",
    "Modality": "MR",
    "ParallelReductionFactorInPlane": 2,
    "PartialFourier": 1,
    "PatientPosition": "HFS",
    "PercentPhaseFOV": 100,
    "PhaseEncodingDirection": "j-",
    "PhaseEncodingSteps": 64,
    "PhaseResolution": 1,
    "PixelBandwidth": 1735,
    "ProcedureStepDescription": "NormanLab_Anna",
    "ProtocolName": "epi_195_3x3x3_2s",
    "PulseSequenceDetails": "%SiemensSeq%_ep2d_bold",
    "ReceiveCoilActiveElements": "HE1-4",
    "ReceiveCoilName": "HeadNeck_20",
    "ReconMatrixPE": 64,
    "RepetitionTime": 2,
    "SAR": 0.118487,
    "ScanOptions": "FS",
    "ScanningSequence": "EP",
    "SequenceName": "_epfid2d1_64",
    "SequenceVariant": "SK",
    "SeriesDescription": "epi_195_3x3x3_2s",
    "SeriesNumber": 10,
    "ShimSetting": [
      3214,
      10571,
      10068,
      678,
      -168,
      418,
      797,
      69
    ],
    "SliceThickness": 3,
    "SliceTiming": [
      1,
      0,
      1.055,
      0.055,
      1.11,
      0.11,
      1.165,
      0.165,
      1.22,
      0.2225,
      1.2775,
      0.2775,
      1.3325,
      0.3325,
      1.3875,
      0.3875,
      1.4425,
      0.4425,
      1.4975,
      0.5,
      1.555,
      0.555,
      1.61,
      0.61,
      1.665,
      0.665,
      1.72,
      0.72,
      1.7775,
      0.7775,
      1.8325,
      0.8325,
      1.8875,
      0.8875,
      1.9425,
      0.9425
    ],
    "SoftwareVersions": "syngo_MR_D11",
    "SpacingBetweenSlices": 3,
    "StationName": "AWP45031",
    "TotalReadoutTime": 0.0207902,
    "TxRefAmp": 342.32,
    "dataset": "ds001454",
    "modality": "bold",
    "run_id": 2,
    "session_id": "2",
    "subject_id": "20",
    "task_id": "satellite"
  },
  "dummy_trs": 0,
  "dvars_nstd": 24.243975383659784,
  "dvars_std": 1.1974149370103089,
  "dvars_vstd": 1.0516335851546388,
  "efc": 0.6060277067351401,
  "fber": 988.5066528320312,
  "fd_mean": 0.08864699125665522,
  "fd_num": 5,
  "fd_perc": 2.5641025641025643,
  "fwhm_avg": 1.6586311111111112,
  "fwhm_x": 1.5879566666666667,
  "fwhm_y": 1.7478766666666665,
  "fwhm_z": 1.64006,
  "gcor": 0.0220641,
  "gsr_x": -0.008020792156457901,
  "gsr_y": 0.04244978725910187,
  "provenance": {
    "md5sum": "af77d671b1dfffc1a38692dfddd07229",
    "settings": {
      "fd_thres": 0.2,
      "testing": false
    },
    "software": "mriqc",
    "version": "23.0.1",
    "webapi_port": null,
    "webapi_url": "https://mriqc.nimh.nih.gov/api/v1"
  },
  "size_t": 195,
  "size_x": 64,
  "size_y": 64,
  "size_z": 36,
  "snr": 6.802679059351986,
  "spacing_tr": 2.0,
  "spacing_x": 3.0,
  "spacing_y": 3.0,
  "spacing_z": 3.0,
  "summary_bg_k": 21.50351172126014,
  "summary_bg_mad": 17.85965750563812,
  "summary_bg_mean": 54.28219223022461,
  "summary_bg_median": 24.882051467895508,
  "summary_bg_n": 76202.0,
  "summary_bg_p05": 10.066666603088379,
  "summary_bg_p95": 203.5587188720703,
  "summary_bg_stdv": 78.557861328125,
  "summary_fg_k": 1.971459415280088,
  "summary_fg_mad": 114.16037082493135,
  "summary_fg_mean": 816.289794921875,
  "summary_fg_median": 805.789794921875,
  "summary_fg_n": 37779.0,
  "summary_fg_p05": 653.7574340820313,
  "summary_fg_p95": 1014.0672241210938,
  "summary_fg_stdv": 118.45026397705078,
  "tsnr": 63.21252310182899
}