{
  "bids_meta": {
    "AcquisitionMatrixPE": 256,
    "AcquisitionNumber": 1,
    "AcquisitionTime": "20:21:16.365000",
    "BaseResolution": 256,
    "BodyPartExamined": "HEAD",
    "ConsistencyInfo": "N4_VD11D_LATEST_20110129",
    "ConversionSoftware": "dcm2niix",
    "ConversionSoftwareVersion": "v1.0.20180518 GCC4.8.5",
    "DeviceSerialNumber": "45031",
    "DwellTime": 9.8e-06,
    "EchoTime": 0.0033,
    "FlipAngle": 7,
    "ImageOrientationPatientDICOM": [
      -0.0518471,
      0.998655,
      -1.77869e-08,
      0.0834647,
      0.00433321,
      -0.996501
    ],
    "ImageType": [
      "ORIGINAL",
      "PRIMARY",
      "M",
      "ND",
      "NORM"
    ],
    "InPlanePhaseEncodingDirectionDICOM": "ROW",
    "InstitutionAddress": "Washington_and_Faculty_Rd._-_Building_25_25_Princeton_NJ_US_085",
    "InstitutionName": "Princeton_University_-_Neuroscience_Institute",
    "InstitutionalDepartmentName": "Department",
    "InversionTime": 1.1,
    "MRAcquisitionType": "3D",
    "MagneticFieldStrength": 3,
    "Manufacturer": "Siemens",
    "ManufacturersModelName": "Skyra",
    "Modality": "MR",
    "ParallelReductionFactorInPlane": 2,
    "PartialFourier": 1,
    "PatientPosition": "HFS",
    "PercentPhaseFOV": 100,
    "PhaseEncodingSteps": 255,
    "PhaseResolution": 1,
    "PixelBandwidth": 200,
    "ProcedureStepDescription": "NormanLab_Anna",
    "ProtocolName": "MPRAGE_tfl",
    "PulseSequenceDetails": "%SiemensSeq%_tfl",
    "ReceiveCoilActiveElements": "HE1-4",
    "ReceiveCoilName": "HeadNeck_20",
    "ReconMatrixPE": 256,
    "RepetitionTime": 2.53,
    "SAR": 0.0632934,
    "ScanOptions": "IR",
    "ScanningSequence": "GR_IR",
    "SequenceName": "_tfl3d1_16ns",
    "SequenceVariant": "SK_SP_MP",
    "SeriesDescription": "MPRAGE_tfl",
    "SeriesNumber": 5,
    "ShimSetting": [
      3167,
      10660,
      9886,
      540,
      -242,
      165,
      103,
      254
    ],
    "SliceThickness": 1,
    "SoftwareVersions": "syngo_MR_D11",
    "StationName": "AWP45031",
    "TxRefAmp": 315.254,
    "dataset": "ds001454",
    "modality": "T1w",
    "session_id": "1",
    "subject_id": "21"
  },
  "cjv": 0.335656105006332,
  "cnr": 3.8456734064071996,
  "efc": 0.48058431042998606,
  "fber": 11856.291210543095,
  "fwhm_avg": 3.4331508382620313,
  "fwhm_x": 3.488362514786093,
  "fwhm_y": 3.55269,
  "fwhm_z": 3.2584,
  "icvs_csf": 0.22303779841501206,
  "icvs_gm": 0.4553646022417724,
  "icvs_wm": 0.3215975993432155,
  "inu_med": 0.6435338854789734,
  "inu_range": 0.2701775372028351,
  "provenance": {
    "md5sum": "7a3454c54f48457b4bbbe64ea93c6d8f",
    "settings": {
      "testing": false
    },
    "software": "mriqc",
    "version": "23.0.1",
    "warnings": {
      "large_rot_frame": true,
      "small_air_mask": false
    },
    "webapi_port": null,
    "webapi_url": "https://mriqc.nimh.nih.gov/api/v1"
  },
  "qi_1": 0.0,
  "qi_2": 0.011307559568604695,
  "rpve_csf": 25.41532998571644,
  "rpve_gm": 13.069171535546165,
  "rpve_wm": 20.890900414892414,
  "size_x": 176,
  "size_y": 256,
  "size_z": 256,
  "snr_csf": 1.4130606681236004,
  "snr_gm": 8.61450169308005,
  "snr_total": 10.081207235873306,
  "snr_wm": 20.216059346416266,
  "snrd_csf": 16.534701527837605,
  "snrd_gm": 61.827687172824525,
  "snrd_total": 58.0017187106179,
  "snrd_wm": 95.64276743119159,
  "spacing_x": 1.000002145767212,
  "spacing_y": 1.0,
  "spacing_z": 1.0,
  "summary_bg_k": 1659.9984934987388,
  "summary_bg_mad": 6.84962906105383,
  "summary_bg_mean": 6.172584378951585,
  "summary_bg_median": 4.620004594326019,
  "summary_bg_n": 3582633.0,
  "summary_bg_p05": 0.0,
  "summary_bg_p95": 19.952644841745496,
  "summary_bg_stdv": 19.34793974979241,
  "summary_csf_k": 7.756709525041318,
  "summary_csf_mad": 88.21037925188385,
  "summary_csf_mean": 201.4399790768147,
  "summary_csf_median": 172.87479691393673,
  "summary_csf_n": 32484.0,
  "summary_csf_p05": 55.415511357504876,
  "summary_csf_p95": 443.89148517427964,
  "summary_csf_stdv": 122.33879257340129,
  "summary_gm_k": 0.15227572255345745,
  "summary_gm_mad": 72.09234586759156,
  "summary_gm_mean": 646.5122833490057,
  "summary_gm_median": 646.4252678323537,
  "summary_gm_n": 34316.0,
  "summary_gm_p05": 520.5517989085056,
  "summary_gm_p95": 769.8154842867516,
  "summary_gm_stdv": 75.03810110893639,
  "summary_wm_k": 0.619768174891457,
  "summary_wm_mad": 46.57747761516604,
  "summary_wm_mean": 999.4021134299009,
  "summary_wm_median": 999.9711194131523,
  "summary_wm_n": 162347.0,
  "summary_wm_p05": 917.3971997981891,
  "summary_wm_p95": 1078.8576978612691,
  "summary_wm_stdv": 49.46404353783094,
  "tpm_overlap_csf": 0.15146228199732314,
  "tpm_overlap_gm": 0.4626498180058913,
  "tpm_overlap_wm": 0.4875767921934879,
  "wm2max": 0.6642817409318474
}