{
  "bids_meta": {
    "AcquisitionMatrixPE": 256,
    "AcquisitionNumber": 1,
    "AcquisitionTime": "22:19:27.740000",
    "BaseResolution": 256,
    "BodyPartExamined": "HEAD",
    "ConsistencyInfo": "N4_VD11D_LATEST_20110129",
    "ConversionSoftware": "dcm2niix",
    "ConversionSoftwareVersion": "v1.0.20180518 GCC4.8.5",
    "DeviceSerialNumber": "45031",
    "DwellTime": 9.8e-06,
    "EchoTime": 0.0033,
    "FlipAngle": 7,
    "ImageOrientationPatientDICOM": [
      0.0780658,
      0.996948,
      4.67711e-08,
      0.0859359,
      -0.00672914,
      -0.996278
    ],
    "ImageType": [
      "ORIGINAL",
      "PRIMARY",
      "M",
      "ND",
      "NORM"
    ],
    "InPlanePhaseEncodingDirectionDICOM": "ROW",
    "InstitutionAddress": "Washington_and_Faculty_Rd._-_Building_25_25_Princeton_NJ_US_085",
    "InstitutionName": "Princeton_University_-_Neuroscience_Institute",
    "InstitutionalDepartmentName": "Department",
    "InversionTime": 1.1,
    "MRAcquisitionType": "3D",
    "MagneticFieldStrength": 3,
    "Manufacturer": "Siemens",
    "ManufacturersModelName": "Skyra",
    "Modality": "MR",
    "ParallelReductionFactorInPlane": 2,
    "PartialFourier": 1,
    "PatientPosition": "HFS",
    "PercentPhaseFOV": 100,
    "PhaseEncodingSteps": 255,
    "PhaseResolution": 1,
    "PixelBandwidth": 200,
    "ProcedureStepDescription": "NormanLab_Anna",
    "ProtocolName": "MPRAGE_tfl",
    "PulseSequenceDetails": "%SiemensSeq%_tfl",
    "ReceiveCoilActiveElements": "HE1-4",
    "ReceiveCoilName": "HeadNeck_20",
    "ReconMatrixPE": 256,
    "RepetitionTime": 2.53,
    "SAR": 0.0516188,
    "ScanOptions": "IR",
    "ScanningSequence": "GR_IR",
    "SequenceName": "_tfl3d1_16ns",
    "SequenceVariant": "SK_SP_MP",
    "SeriesDescription": "MPRAGE_tfl",
    "SeriesNumber": 5,
    "ShimSetting": [
      3213,
      10475,
      9915,
      256,
      -128,
      -453,
      227,
      -84
    ],
    "SliceThickness": 1,
    "SoftwareVersions": "syngo_MR_D11",
    "StationName": "AWP45031",
    "TxRefAmp": 306.951,
    "dataset": "ds001454",
    "modality": "T1w",
    "session_id": "2",
    "subject_id": "09"
  },
  "cjv": 0.3118041600660899,
  "cnr": 4.224931334681921,
  "efc": 0.506743184122948,
  "fber": 17743.85458218549,
  "fwhm_avg": 3.6805234935796225,
  "fwhm_x": 3.802540480738867,
  "fwhm_y": 3.80159,
  "fwhm_z": 3.43744,
  "icvs_csf": 0.2271501238691099,
  "icvs_gm": 0.4446852487215206,
  "icvs_wm": 0.3281646274093695,
  "inu_med": 0.5542200207710266,
  "inu_range": 0.2106792166829109,
  "provenance": {
    "md5sum": "427849d08f024d9fe01c2c04230adb43",
    "settings": {
      "testing": false
    },
    "software": "mriqc",
    "version": "23.0.1",
    "warnings": {
      "large_rot_frame": true,
      "small_air_mask": false
    },
    "webapi_port": null,
    "webapi_url": "https://mriqc.nimh.nih.gov/api/v1"
  },
  "qi_1": 0.0,
  "qi_2": 0.00833723024960489,
  "rpve_csf": 24.839054385200882,
  "rpve_gm": 12.895906651055718,
  "rpve_wm": 19.539109233933004,
  "size_x": 176,
  "size_y": 256,
  "size_z": 256,
  "snr_csf": 1.4967321809635372,
  "snr_gm": 8.585581829186388,
  "snr_total": 10.614163170069288,
  "snr_wm": 21.760175500057937,
  "snrd_csf": 14.554720449307856,
  "snrd_gm": 56.06412639768932,
  "snrd_total": 53.10789795635512,
  "snrd_wm": 88.70484702206818,
  "spacing_x": 1.0000025033950806,
  "spacing_y": 1.0,
  "spacing_z": 1.0,
  "summary_bg_k": 96.92311168304225,
  "summary_bg_mad": 0.0,
  "summary_bg_mean": 4.001381198114442,
  "summary_bg_median": 0.0,
  "summary_bg_n": 3018217.0,
  "summary_bg_p05": 0.0,
  "summary_bg_p95": 16.684416100382805,
  "summary_bg_stdv": 7.385576145511873,
  "summary_csf_k": 1.3264073603727526,
  "summary_csf_mad": 86.20130073098998,
  "summary_csf_mean": 183.9821398435654,
  "summary_csf_median": 164.08032915741205,
  "summary_csf_n": 53144.0,
  "summary_csf_p05": 38.8964958935976,
  "summary_csf_p95": 411.35453251749277,
  "summary_csf_stdv": 109.62467935391305,
  "summary_gm_k": 0.3082652698609465,
  "summary_gm_mad": 69.92342754454486,
  "summary_gm_mean": 633.1178481675719,
  "summary_gm_median": 632.0300238877535,
  "summary_gm_n": 41083.0,
  "summary_gm_p05": 512.8302669152617,
  "summary_gm_p95": 755.5073811583222,
  "summary_gm_stdv": 73.61438564140448,
  "summary_wm_k": 0.25848420077535206,
  "summary_wm_mad": 44.81114281349327,
  "summary_wm_mean": 997.9570649353939,
  "summary_wm_median": 1000.0000032931566,
  "summary_wm_n": 180944.0,
  "summary_wm_p05": 919.0628358274698,
  "summary_wm_p95": 1069.8057746067643,
  "summary_wm_stdv": 45.95538487273637,
  "tpm_overlap_csf": 0.13628972168139117,
  "tpm_overlap_gm": 0.44806488142101897,
  "tpm_overlap_wm": 0.47745361614558496,
  "wm2max": 0.7486924862554178
}