{
  "aor": 0.0009529743589743589,
  "aqi": 0.008890119179487177,
  "bids_meta": {
    "AcquisitionMatrixPE": 64,
    "AcquisitionNumber": 1,
    "AcquisitionTime": "10:28:22.890000",
    "BandwidthPerPixelPhaseEncode": 47.348,
    "BaseResolution": 64,
    "BodyPartExamined": "HEAD",
    "ConsistencyInfo": "N4_VD11D_LATEST_20110129",
    "ConversionSoftware": "dcm2niix",
    "ConversionSoftwareVersion": "v1.0.20180518 GCC4.8.5",
    "DerivedVendorReportedEchoSpacing": 0.000660007,
    "DeviceSerialNumber": "45031",
    "DwellTime": 4.5e-06,
    "EchoTime": 0.03,
    "EchoTrainLength": 32,
    "EffectiveEchoSpacing": 0.000330003,
    "FlipAngle": 71,
    "ImageOrientationPatientDICOM": [
      0.99905,
      -0.0257031,
      0.0351867,
      0.0204038,
      0.989447,
      0.143448
    ],
    "ImageType": [
      "ORIGINAL",
      "PRIMARY",
      "M",
      "ND",
      "NORM",
      "MOSAIC"
    ],
    "InPlanePhaseEncodingDirectionDICOM": "COL",
    "InstitutionAddress": "Washington_and_Faculty_Rd._-_Building_25_25_Princeton_NJ_US_085",
    "InstitutionName": "Princeton_University_-_Neuroscience_Institute",
    "InstitutionalDepartmentName": "Department",
    "MRAcquisitionType": "2D",
    "MagneticFieldStrength": 3,
    "Manufacturer": "Siemens",
    "ManufacturersModelName": "Skyra",
    "Modality": "MR",
    "ParallelReductionFactorInPlane": 2,
    "PartialFourier": 1,
    "PatientPosition": "HFS",
    "PercentPhaseFOV": 100,
    "PhaseEncodingDirection": "j-",
    "PhaseEncodingSteps": 64,
    "PhaseResolution": 1,
    "PixelBandwidth": 1735,
    "ProcedureStepDescription": "NormanLab_Anna",
    "ProtocolName": "epi_195_3x3x3_2s",
    "PulseSequenceDetails": "%SiemensSeq%_ep2d_bold",
    "ReceiveCoilActiveElements": "HE1-4",
    "ReceiveCoilName": "HeadNeck_20",
    "ReconMatrixPE": 64,
    "RepetitionTime": 2,
    "SAR": 0.114107,
    "ScanOptions": "FS",
    "ScanningSequence": "EP",
    "SequenceName": "_epfid2d1_64",
    "SequenceVariant": "SK",
    "SeriesDescription": "epi_195_3x3x3_2s",
    "SeriesNumber": 16,
    "ShimSetting": [
      3194,
      10523,
      10059,
      666,
      -134,
      247,
      796,
      182
    ],
    "SliceThickness": 3,
    "SliceTiming": [
      0.9975,
      0,
      1.055,
      0.055,
      1.11,
      0.11,
      1.165,
      0.165,
      1.22,
      0.22,
      1.2775,
      0.2775,
      1.3325,
      0.3325,
      1.3875,
      0.3875,
      1.4425,
      0.4425,
      1.4975,
      0.4975,
      1.555,
      0.555,
      1.61,
      0.61,
      1.665,
      0.665,
      1.72,
      0.72,
      1.775,
      0.7775,
      1.8325,
      0.8325,
      1.8875,
      0.8875,
      1.9425,
      0.9425
    ],
    "SoftwareVersions": "syngo_MR_D11",
    "SpacingBetweenSlices": 3,
    "StationName": "AWP45031",
    "TotalReadoutTime": 0.0207902,
    "TxRefAmp": 341.729,
    "dataset": "ds001454",
    "modality": "bold",
    "run_id": 8,
    "session_id": "2",
    "subject_id": "15",
    "task_id": "satellite"
  },
  "dummy_trs": 0,
  "dvars_nstd": 31.785322503711352,
  "dvars_std": 1.345413950721649,
  "dvars_vstd": 1.0012695312371138,
  "efc": 0.6307628664583758,
  "fber": 895.1068115234375,
  "fd_mean": 0.10330464175740835,
  "fd_num": 2,
  "fd_perc": 1.0256410256410255,
  "fwhm_avg": 1.717416623360496,
  "fwhm_x": 1.6347532034148213,
  "fwhm_y": 1.8472833333333334,
  "fwhm_z": 1.6702133333333335,
  "gcor": 0.0167195,
  "gsr_x": -0.007347007282078266,
  "gsr_y": 0.05907722935080528,
  "provenance": {
    "md5sum": "39ba1587bba28b709eb645d19aadff89",
    "settings": {
      "fd_thres": 0.2,
      "testing": false
    },
    "software": "mriqc",
    "version": "23.0.1",
    "webapi_port": null,
    "webapi_url": "https://mriqc.nimh.nih.gov/api/v1"
  },
  "size_t": 195,
  "size_x": 64,
  "size_y": 64,
  "size_z": 36,
  "snr": 5.986833658182189,
  "spacing_tr": 2.0,
  "spacing_x": 3.000000238418579,
  "spacing_y": 3.0,
  "spacing_z": 3.0,
  "summary_bg_k": 15.634066655511507,
  "summary_bg_mad": 20.573957657713873,
  "summary_bg_mean": 69.1592788696289,
  "summary_bg_median": 26.651283264160156,
  "summary_bg_n": 72629.0,
  "summary_bg_p05": 10.415385246276855,
  "summary_bg_p95": 284.76924438476516,
  "summary_bg_stdv": 106.00305938720703,
  "summary_fg_k": 3.2412081462384057,
  "summary_fg_mad": 125.79306111979912,
  "summary_fg_mean": 843.0880737304688,
  "summary_fg_median": 829.2051391601562,
  "summary_fg_n": 40916.0,
  "summary_fg_p05": 662.1154174804688,
  "summary_fg_p95": 1068.677001953125,
  "summary_fg_stdv": 138.5030975341797,
  "tsnr": 61.792579351575114
}