{
  "aor": 0.0009781538461538463,
  "aqi": 0.007839888051282051,
  "bids_meta": {
    "AcquisitionMatrixPE": 64,
    "AcquisitionNumber": 1,
    "AcquisitionTime": "09:51:45.512500",
    "BandwidthPerPixelPhaseEncode": 47.348,
    "BaseResolution": 64,
    "BodyPartExamined": "HEAD",
    "ConsistencyInfo": "N4_VD11D_LATEST_20110129",
    "ConversionSoftware": "dcm2niix",
    "ConversionSoftwareVersion": "v1.0.20180518 GCC4.8.5",
    "DerivedVendorReportedEchoSpacing": 0.000660007,
    "DeviceSerialNumber": "45031",
    "DwellTime": 4.5e-06,
    "EchoTime": 0.03,
    "EchoTrainLength": 32,
    "EffectiveEchoSpacing": 0.000330003,
    "FlipAngle": 71,
    "ImageOrientationPatientDICOM": [
      0.99905,
      -0.0257031,
      0.0351867,
      0.0204038,
      0.989447,
      0.143448
    ],
    "ImageType": [
      "ORIGINAL",
      "PRIMARY",
      "M",
      "ND",
      "NORM",
      "MOSAIC"
    ],
    "InPlanePhaseEncodingDirectionDICOM": "COL",
    "InstitutionAddress": "Washington_and_Faculty_Rd._-_Building_25_25_Princeton_NJ_US_085",
    "InstitutionName": "Princeton_University_-_Neuroscience_Institute",
    "InstitutionalDepartmentName": "Department",
    "MRAcquisitionType": "2D",
    "MagneticFieldStrength": 3,
    "Manufacturer": "Siemens",
    "ManufacturersModelName": "Skyra",
    "Modality": "MR",
    "ParallelReductionFactorInPlane": 2,
    "PartialFourier": 1,
    "PatientPosition": "HFS",
    "PercentPhaseFOV": 100,
    "PhaseEncodingDirection": "j-",
    "PhaseEncodingSteps": 64,
    "PhaseResolution": 1,
    "PixelBandwidth": 1735,
    "ProcedureStepDescription": "NormanLab_Anna",
    "ProtocolName": "epi_195_3x3x3_2s",
    "PulseSequenceDetails": "%SiemensSeq%_ep2d_bold",
    "ReceiveCoilActiveElements": "HE1-4",
    "ReceiveCoilName": "HeadNeck_20",
    "ReconMatrixPE": 64,
    "RepetitionTime": 2,
    "SAR": 0.114107,
    "ScanOptions": "FS",
    "ScanningSequence": "EP",
    "SequenceName": "_epfid2d1_64",
    "SequenceVariant": "SK",
    "SeriesDescription": "epi_195_3x3x3_2s",
    "SeriesNumber": 11,
    "ShimSetting": [
      3194,
      10523,
      10059,
      666,
      -134,
      247,
      796,
      182
    ],
    "SliceThickness": 3,
    "SliceTiming": [
      1,
      0,
      1.055,
      0.055,
      1.11,
      0.1125,
      1.1675,
      0.1675,
      1.2225,
      0.2225,
      1.2775,
      0.2775,
      1.3325,
      0.3325,
      1.39,
      0.39,
      1.445,
      0.445,
      1.5,
      0.5,
      1.555,
      0.555,
      1.61,
      0.6125,
      1.6675,
      0.6675,
      1.7225,
      0.7225,
      1.7775,
      0.7775,
      1.8325,
      0.8325,
      1.89,
      0.89,
      1.945,
      0.945
    ],
    "SoftwareVersions": "syngo_MR_D11",
    "SpacingBetweenSlices": 3,
    "StationName": "AWP45031",
    "TotalReadoutTime": 0.0207902,
    "TxRefAmp": 341.729,
    "dataset": "ds001454",
    "modality": "bold",
    "run_id": 3,
    "session_id": "2",
    "subject_id": "15",
    "task_id": "satellite"
  },
  "dummy_trs": 0,
  "dvars_nstd": 31.5818131734536,
  "dvars_std": 1.3502749761855664,
  "dvars_vstd": 1.0026622432989691,
  "efc": 0.6287682195883784,
  "fber": 961.25,
  "fd_mean": 0.10226153941478534,
  "fd_num": 7,
  "fd_perc": 3.58974358974359,
  "fwhm_avg": 1.732246623027593,
  "fwhm_x": 1.647319869082779,
  "fwhm_y": 1.8522033333333334,
  "fwhm_z": 1.6972166666666666,
  "gcor": 0.0328061,
  "gsr_x": -0.006737326737493277,
  "gsr_y": 0.057662103325128555,
  "provenance": {
    "md5sum": "9da5803958c2d0bbde76c14b4257194f",
    "settings": {
      "fd_thres": 0.2,
      "testing": false
    },
    "software": "mriqc",
    "version": "23.0.1",
    "webapi_port": null,
    "webapi_url": "https://mriqc.nimh.nih.gov/api/v1"
  },
  "size_t": 195,
  "size_x": 64,
  "size_y": 64,
  "size_z": 36,
  "snr": 5.989671302684555,
  "spacing_tr": 2.0,
  "spacing_x": 3.000000238418579,
  "spacing_y": 3.0,
  "spacing_z": 3.0,
  "summary_bg_k": 17.877110955209798,
  "summary_bg_mad": 19.311843484477265,
  "summary_bg_mean": 66.74275970458984,
  "summary_bg_median": 25.820512771606445,
  "summary_bg_n": 72165.0,
  "summary_bg_p05": 10.533333778381348,
  "summary_bg_p95": 271.0441162109376,
  "summary_bg_stdv": 103.84989166259766,
  "summary_fg_k": 3.2439142734572792,
  "summary_fg_mad": 125.62963463013719,
  "summary_fg_mean": 850.7175903320312,
  "summary_fg_median": 837.3538818359375,
  "summary_fg_n": 40866.0,
  "summary_fg_p05": 667.9871826171875,
  "summary_fg_p95": 1080.1603088378906,
  "summary_fg_stdv": 139.7979278564453,
  "tsnr": 63.438952431315556
}