{
  "aor": 0.0006129230769230769,
  "aqi": 0.008161068512820512,
  "bids_meta": {
    "AcquisitionMatrixPE": 64,
    "AcquisitionNumber": 1,
    "AcquisitionTime": "10:35:27.785000",
    "BandwidthPerPixelPhaseEncode": 47.348,
    "BaseResolution": 64,
    "BodyPartExamined": "HEAD",
    "ConsistencyInfo": "N4_VD11D_LATEST_20110129",
    "ConversionSoftware": "dcm2niix",
    "ConversionSoftwareVersion": "v1.0.20180518 GCC4.8.5",
    "DerivedVendorReportedEchoSpacing": 0.000660007,
    "DeviceSerialNumber": "45031",
    "DwellTime": 4.5e-06,
    "EchoTime": 0.03,
    "EchoTrainLength": 32,
    "EffectiveEchoSpacing": 0.000330003,
    "FlipAngle": 71,
    "ImageOrientationPatientDICOM": [
      0.99905,
      -0.0257031,
      0.0351867,
      0.0204038,
      0.989447,
      0.143448
    ],
    "ImageType": [
      "ORIGINAL",
      "PRIMARY",
      "M",
      "ND",
      "NORM",
      "MOSAIC"
    ],
    "InPlanePhaseEncodingDirectionDICOM": "COL",
    "InstitutionAddress": "Washington_and_Faculty_Rd._-_Building_25_25_Princeton_NJ_US_085",
    "InstitutionName": "Princeton_University_-_Neuroscience_Institute",
    "InstitutionalDepartmentName": "Department",
    "MRAcquisitionType": "2D",
    "MagneticFieldStrength": 3,
    "Manufacturer": "Siemens",
    "ManufacturersModelName": "Skyra",
    "Modality": "MR",
    "ParallelReductionFactorInPlane": 2,
    "PartialFourier": 1,
    "PatientPosition": "HFS",
    "PercentPhaseFOV": 100,
    "PhaseEncodingDirection": "j-",
    "PhaseEncodingSteps": 64,
    "PhaseResolution": 1,
    "PixelBandwidth": 1735,
    "ProcedureStepDescription": "NormanLab_Anna",
    "ProtocolName": "epi_195_3x3x3_2s",
    "PulseSequenceDetails": "%SiemensSeq%_ep2d_bold",
    "ReceiveCoilActiveElements": "HE1-4",
    "ReceiveCoilName": "HeadNeck_20",
    "ReconMatrixPE": 64,
    "RepetitionTime": 2,
    "SAR": 0.114107,
    "ScanOptions": "FS",
    "ScanningSequence": "EP",
    "SequenceName": "_epfid2d1_64",
    "SequenceVariant": "SK",
    "SeriesDescription": "epi_195_3x3x3_2s",
    "SeriesNumber": 17,
    "ShimSetting": [
      3194,
      10523,
      10059,
      666,
      -134,
      247,
      796,
      182
    ],
    "SliceThickness": 3,
    "SliceTiming": [
      1,
      0,
      1.055,
      0.055,
      1.11,
      0.11,
      1.165,
      0.165,
      1.22,
      0.2225,
      1.2775,
      0.2775,
      1.3325,
      0.3325,
      1.3875,
      0.3875,
      1.4425,
      0.4425,
      1.4975,
      0.5,
      1.555,
      0.555,
      1.61,
      0.61,
      1.665,
      0.665,
      1.72,
      0.72,
      1.7775,
      0.7775,
      1.8325,
      0.8325,
      1.8875,
      0.8875,
      1.9425,
      0.9425
    ],
    "SoftwareVersions": "syngo_MR_D11",
    "SpacingBetweenSlices": 3,
    "StationName": "AWP45031",
    "TotalReadoutTime": 0.0207902,
    "TxRefAmp": 341.729,
    "dataset": "ds001454",
    "modality": "bold",
    "run_id": 1,
    "session_id": "2",
    "subject_id": "15",
    "task_id": "rest"
  },
  "dummy_trs": 0,
  "dvars_nstd": 32.01242994494846,
  "dvars_std": 1.350580184690721,
  "dvars_vstd": 0.9950283127835049,
  "efc": 0.6304650423569178,
  "fber": 908.1107177734375,
  "fd_mean": 0.10404030352880804,
  "fd_num": 4,
  "fd_perc": 2.051282051282051,
  "fwhm_avg": 1.7292566233046884,
  "fwhm_x": 1.6368598699140653,
  "fwhm_y": 1.8443833333333333,
  "fwhm_z": 1.7065266666666667,
  "gcor": 0.0162578,
  "gsr_x": -0.007810188457369804,
  "gsr_y": 0.05934378504753113,
  "provenance": {
    "md5sum": "823b27dd167aa7c161d184d8c8041cce",
    "settings": {
      "fd_thres": 0.2,
      "testing": false
    },
    "software": "mriqc",
    "version": "23.0.1",
    "webapi_port": null,
    "webapi_url": "https://mriqc.nimh.nih.gov/api/v1"
  },
  "size_t": 195,
  "size_x": 64,
  "size_y": 64,
  "size_z": 36,
  "snr": 5.982820078113745,
  "spacing_tr": 2.0,
  "spacing_x": 3.000000238418579,
  "spacing_y": 3.0,
  "spacing_z": 3.0,
  "summary_bg_k": 16.582494986392604,
  "summary_bg_mad": 19.76802910876814,
  "summary_bg_mean": 68.728271484375,
  "summary_bg_median": 26.22564125061035,
  "summary_bg_n": 72566.0,
  "summary_bg_p05": 10.723076820373535,
  "summary_bg_p95": 284.1538619995117,
  "summary_bg_stdv": 105.83831024169922,
  "summary_fg_k": 3.191766036335898,
  "summary_fg_mad": 124.94914337750278,
  "summary_fg_mean": 841.4492797851562,
  "summary_fg_median": 828.0667114257812,
  "summary_fg_n": 40897.0,
  "summary_fg_p05": 660.7353881835937,
  "summary_fg_p95": 1067.083056640625,
  "summary_fg_stdv": 138.40573120117188,
  "tsnr": 64.04335894715041
}