{
  "aor": 0.0006854871794871795,
  "aqi": 0.00773599564102564,
  "bids_meta": {
    "AcquisitionMatrixPE": 64,
    "AcquisitionNumber": 1,
    "AcquisitionTime": "12:30:57.722500",
    "BandwidthPerPixelPhaseEncode": 47.348,
    "BaseResolution": 64,
    "BodyPartExamined": "HEAD",
    "ConsistencyInfo": "N4_VD11D_LATEST_20110129",
    "ConversionSoftware": "dcm2niix",
    "ConversionSoftwareVersion": "v1.0.20180518 GCC4.8.5",
    "DerivedVendorReportedEchoSpacing": 0.000660007,
    "DeviceSerialNumber": "45031",
    "DwellTime": 4.5e-06,
    "EchoTime": 0.03,
    "EchoTrainLength": 32,
    "EffectiveEchoSpacing": 0.000330003,
    "FlipAngle": 71,
    "ImageOrientationPatientDICOM": [
      0.999174,
      0.00627378,
      -0.0401511,
      0.00209263,
      0.978758,
      0.205011
    ],
    "ImageType": [
      "ORIGINAL",
      "PRIMARY",
      "M",
      "ND",
      "NORM",
      "MOSAIC"
    ],
    "InPlanePhaseEncodingDirectionDICOM": "COL",
    "InstitutionAddress": "Washington_and_Faculty_Rd._-_Building_25_25_Princeton_NJ_US_085",
    "InstitutionName": "Princeton_University_-_Neuroscience_Institute",
    "InstitutionalDepartmentName": "Department",
    "MRAcquisitionType": "2D",
    "MagneticFieldStrength": 3,
    "Manufacturer": "Siemens",
    "ManufacturersModelName": "Skyra",
    "Modality": "MR",
    "ParallelReductionFactorInPlane": 2,
    "PartialFourier": 1,
    "PatientPosition": "HFS",
    "PercentPhaseFOV": 100,
    "PhaseEncodingDirection": "j-",
    "PhaseEncodingSteps": 64,
    "PhaseResolution": 1,
    "PixelBandwidth": 1735,
    "ProcedureStepDescription": "NormanLab_Anna",
    "ProtocolName": "epi_195_3x3x3_2s",
    "PulseSequenceDetails": "%SiemensSeq%_ep2d_bold",
    "ReceiveCoilActiveElements": "HE1-4",
    "ReceiveCoilName": "HeadNeck_20",
    "ReconMatrixPE": 64,
    "RepetitionTime": 2,
    "SAR": 0.113051,
    "ScanOptions": "FS",
    "ScanningSequence": "EP",
    "SequenceName": "_epfid2d1_64",
    "SequenceVariant": "SK",
    "SeriesDescription": "epi_195_3x3x3_2s",
    "SeriesNumber": 15,
    "ShimSetting": [
      3191,
      10503,
      10062,
      563,
      12,
      -49,
      334,
      120
    ],
    "SliceThickness": 3,
    "SliceTiming": [
      1,
      0,
      1.055,
      0.055,
      1.11,
      0.1125,
      1.1675,
      0.1675,
      1.2225,
      0.2225,
      1.2775,
      0.2775,
      1.3325,
      0.3325,
      1.39,
      0.39,
      1.445,
      0.445,
      1.5,
      0.5,
      1.555,
      0.555,
      1.61,
      0.6125,
      1.6675,
      0.6675,
      1.7225,
      0.7225,
      1.7775,
      0.7775,
      1.8325,
      0.8325,
      1.89,
      0.89,
      1.945,
      0.945
    ],
    "SoftwareVersions": "syngo_MR_D11",
    "SpacingBetweenSlices": 3,
    "StationName": "AWP45031",
    "TotalReadoutTime": 0.0207902,
    "TxRefAmp": 369.249,
    "dataset": "ds001454",
    "modality": "bold",
    "run_id": 7,
    "session_id": "1",
    "subject_id": "14",
    "task_id": "satellite"
  },
  "dummy_trs": 0,
  "dvars_nstd": 26.63660931329895,
  "dvars_std": 1.1673899337628866,
  "dvars_vstd": 1.0004577085051543,
  "efc": 0.6463816170806441,
  "fber": 484.804443359375,
  "fd_mean": 0.09301249844816774,
  "fd_num": 6,
  "fd_perc": 3.076923076923077,
  "fwhm_avg": 1.7030677777777778,
  "fwhm_x": 1.5756766666666666,
  "fwhm_y": 1.83409,
  "fwhm_z": 1.6994366666666665,
  "gcor": 0.0157004,
  "gsr_x": 0.01649647206068039,
  "gsr_y": 0.04193505272269249,
  "provenance": {
    "md5sum": "191ac5d01ce3e358c85aa6d9f1d3ea21",
    "settings": {
      "fd_thres": 0.2,
      "testing": false
    },
    "software": "mriqc",
    "version": "23.0.1",
    "webapi_port": null,
    "webapi_url": "https://mriqc.nimh.nih.gov/api/v1"
  },
  "size_t": 195,
  "size_x": 64,
  "size_y": 64,
  "size_z": 36,
  "snr": 6.5207072298199,
  "spacing_tr": 2.0,
  "spacing_x": 3.0,
  "spacing_y": 3.0,
  "spacing_z": 3.0,
  "summary_bg_k": 7.207083684033618,
  "summary_bg_mad": 30.38954486332619,
  "summary_bg_mean": 76.39531707763672,
  "summary_bg_median": 35.338462829589844,
  "summary_bg_n": 71824.0,
  "summary_bg_p05": 11.2615385055542,
  "summary_bg_p95": 317.6102600097647,
  "summary_bg_stdv": 100.78216552734375,
  "summary_fg_k": 3.7477851583955193,
  "summary_fg_mad": 104.03308644480107,
  "summary_fg_mean": 798.303466796875,
  "summary_fg_median": 786.0359497070312,
  "summary_fg_n": 41383.0,
  "summary_fg_p05": 638.5744018554688,
  "summary_fg_p95": 996.1820678710938,
  "summary_fg_stdv": 120.54312896728516,
  "tsnr": 61.72252022894099
}