{
  "bids_meta": {
    "AcquisitionMatrixPE": 256,
    "AcquisitionNumber": 1,
    "AcquisitionTime": "10:51:50.465000",
    "BaseResolution": 256,
    "BodyPartExamined": "HEAD",
    "ConsistencyInfo": "N4_VD11D_LATEST_20110129",
    "ConversionSoftware": "dcm2niix",
    "ConversionSoftwareVersion": "v1.0.20180518 GCC4.8.5",
    "DeviceSerialNumber": "45031",
    "DwellTime": 9.8e-06,
    "EchoTime": 0.0033,
    "FlipAngle": 7,
    "ImageOrientationPatientDICOM": [
      0,
      1,
      0,
      0,
      0,
      -1
    ],
    "ImageType": [
      "ORIGINAL",
      "PRIMARY",
      "M",
      "ND",
      "NORM"
    ],
    "InPlanePhaseEncodingDirectionDICOM": "ROW",
    "InstitutionAddress": "Washington_and_Faculty_Rd._-_Building_25_25_Princeton_NJ_US_085",
    "InstitutionName": "Princeton_University_-_Neuroscience_Institute",
    "InstitutionalDepartmentName": "Department",
    "InversionTime": 1.1,
    "MRAcquisitionType": "3D",
    "MagneticFieldStrength": 3,
    "Manufacturer": "Siemens",
    "ManufacturersModelName": "Skyra",
    "Modality": "MR",
    "ParallelReductionFactorInPlane": 2,
    "PartialFourier": 1,
    "PatientPosition": "HFS",
    "PercentPhaseFOV": 100,
    "PhaseEncodingSteps": 255,
    "PhaseResolution": 1,
    "PixelBandwidth": 200,
    "ProcedureStepDescription": "NormanLab_Anna",
    "ProtocolName": "MPRAGE_tfl",
    "PulseSequenceDetails": "%SiemensSeq%_tfl",
    "ReceiveCoilActiveElements": "HE1-4",
    "ReceiveCoilName": "HeadNeck_20",
    "ReconMatrixPE": 256,
    "RepetitionTime": 2.53,
    "SAR": 0.0620831,
    "ScanOptions": "IR",
    "ScanningSequence": "GR_IR",
    "SequenceName": "_tfl3d1_16ns",
    "SequenceVariant": "SK_SP_MP",
    "SeriesDescription": "MPRAGE_tfl",
    "SeriesNumber": 5,
    "ShimSetting": [
      3245,
      10488,
      9847,
      265,
      25,
      -484,
      757,
      337
    ],
    "SliceThickness": 1,
    "SoftwareVersions": "syngo_MR_D11",
    "StationName": "AWP45031",
    "TxRefAmp": 317.08,
    "dataset": "ds001454",
    "modality": "T1w",
    "session_id": "1",
    "subject_id": "02"
  },
  "cjv": 0.32965880783757223,
  "cnr": 3.9605874997274486,
  "efc": 0.46443870868723236,
  "fber": 30718.077607706975,
  "fwhm_avg": 3.6351933333333335,
  "fwhm_x": 3.76193,
  "fwhm_y": 3.72669,
  "fwhm_z": 3.41696,
  "icvs_csf": 0.20334359848132744,
  "icvs_gm": 0.43661227578836176,
  "icvs_wm": 0.3600441257303108,
  "inu_med": 0.4861544966697693,
  "inu_range": 0.17578597366809845,
  "provenance": {
    "md5sum": "e894c662395a384869eb9776d38cc5d9",
    "settings": {
      "testing": false
    },
    "software": "mriqc",
    "version": "23.0.1",
    "warnings": {
      "large_rot_frame": true,
      "small_air_mask": false
    },
    "webapi_port": null,
    "webapi_url": "https://mriqc.nimh.nih.gov/api/v1"
  },
  "qi_1": 1.9405742627658e-05,
  "qi_2": 0.008335054875877554,
  "rpve_csf": 27.29544367020352,
  "rpve_gm": 13.423318647524095,
  "rpve_wm": 18.68131420650653,
  "size_x": 176,
  "size_y": 256,
  "size_z": 256,
  "snr_csf": 1.5467867992903952,
  "snr_gm": 9.005701662993827,
  "snr_total": 11.7169112159595,
  "snr_wm": 24.59824518559428,
  "snrd_csf": 29.04596459875943,
  "snrd_gm": 95.09874274236856,
  "snrd_total": 89.03184285352849,
  "snrd_wm": 142.95082121945748,
  "spacing_x": 1.0,
  "spacing_y": 1.0,
  "spacing_z": 1.0,
  "summary_bg_k": 23.7833818598476,
  "summary_bg_mad": 4.58283811470855,
  "summary_bg_mean": 3.8239209318884178,
  "summary_bg_median": 3.091077335178852,
  "summary_bg_n": 4237094.0,
  "summary_bg_p05": 0.0,
  "summary_bg_p95": 14.360123053193092,
  "summary_bg_stdv": 5.841967188192396,
  "summary_csf_k": 0.2796689653337463,
  "summary_csf_mad": 135.80717515516244,
  "summary_csf_mean": 226.7481224480474,
  "summary_csf_median": 203.18357160687447,
  "summary_csf_n": 31402.0,
  "summary_csf_p05": 48.41186908297241,
  "summary_csf_p95": 464.1970624923706,
  "summary_csf_stdv": 131.35639408947725,
  "summary_gm_k": 0.10231903445133694,
  "summary_gm_mad": 71.19637480566905,
  "summary_gm_mean": 666.3234017510676,
  "summary_gm_median": 665.2387852370739,
  "summary_gm_n": 29535.0,
  "summary_gm_p05": 546.2858540542423,
  "summary_gm_p95": 791.9802577368915,
  "summary_gm_stdv": 73.86737293365931,
  "summary_wm_k": 0.32072489618572364,
  "summary_wm_mad": 39.1525933421951,
  "summary_wm_mean": 998.0531346720346,
  "summary_wm_median": 999.9756875261664,
  "summary_wm_n": 204291.0,
  "summary_wm_p05": 928.6618560925126,
  "summary_wm_p95": 1062.1866612955928,
  "summary_wm_stdv": 40.65221858505499,
  "tpm_overlap_csf": 0.1491158116771681,
  "tpm_overlap_gm": 0.4698814714058546,
  "tpm_overlap_wm": 0.5110542623654379,
  "wm2max": 0.7345023424832188
}