{
  "aor": 0.002064226804123711,
  "aqi": 0.007191628041237113,
  "bids_meta": {
    "AcquisitionMatrixPE": 64,
    "AcquisitionNumber": 1,
    "AcquisitionTime": "11:42:29.960000",
    "BandwidthPerPixelPhaseEncode": 47.348,
    "BaseResolution": 64,
    "BodyPartExamined": "HEAD",
    "ConsistencyInfo": "N4_VD11D_LATEST_20110129",
    "ConversionSoftware": "dcm2niix",
    "ConversionSoftwareVersion": "v1.0.20180518 GCC4.8.5",
    "DerivedVendorReportedEchoSpacing": 0.000660007,
    "DeviceSerialNumber": "45031",
    "DwellTime": 4.5e-06,
    "EchoTime": 0.03,
    "EchoTrainLength": 32,
    "EffectiveEchoSpacing": 0.000330003,
    "FlipAngle": 71,
    "ImageOrientationPatientDICOM": [
      0.999574,
      -0.00430738,
      -0.0288525,
      0.0143065,
      0.934317,
      0.356155
    ],
    "ImageType": [
      "ORIGINAL",
      "PRIMARY",
      "M",
      "ND",
      "NORM",
      "MOSAIC"
    ],
    "InPlanePhaseEncodingDirectionDICOM": "COL",
    "InstitutionAddress": "Washington_and_Faculty_Rd._-_Building_25_25_Princeton_NJ_US_085",
    "InstitutionName": "Princeton_University_-_Neuroscience_Institute",
    "InstitutionalDepartmentName": "Department",
    "MRAcquisitionType": "2D",
    "MagneticFieldStrength": 3,
    "Manufacturer": "Siemens",
    "ManufacturersModelName": "Skyra",
    "Modality": "MR",
    "ParallelReductionFactorInPlane": 2,
    "PartialFourier": 1,
    "PatientPosition": "HFS",
    "PercentPhaseFOV": 100,
    "PhaseEncodingDirection": "j-",
    "PhaseEncodingSteps": 64,
    "PhaseResolution": 1,
    "PixelBandwidth": 1735,
    "ProcedureStepDescription": "NormanLab_Anna",
    "ProtocolName": "epi_195_3x3x3_2s",
    "PulseSequenceDetails": "%SiemensSeq%_ep2d_bold",
    "ReceiveCoilActiveElements": "HE1-4",
    "ReceiveCoilName": "HeadNeck_20",
    "ReconMatrixPE": 64,
    "RepetitionTime": 2,
    "SAR": 0.125612,
    "ScanOptions": "FS",
    "ScanningSequence": "EP",
    "SequenceName": "_epfid2d1_64",
    "SequenceVariant": "SK",
    "SeriesDescription": "epi_195_3x3x3_2s",
    "SeriesNumber": 13,
    "ShimSetting": [
      3188,
      10458,
      10061,
      632,
      -49,
      -281,
      1191,
      212
    ],
    "SliceThickness": 3,
    "SliceTiming": [
      1,
      0,
      1.055,
      0.0575,
      1.1125,
      0.1125,
      1.1675,
      0.1675,
      1.2225,
      0.2225,
      1.2775,
      0.2775,
      1.3325,
      0.335,
      1.39,
      0.39,
      1.445,
      0.445,
      1.5,
      0.5,
      1.555,
      0.555,
      1.6125,
      0.6125,
      1.6675,
      0.6675,
      1.7225,
      0.7225,
      1.7775,
      0.7775,
      1.8325,
      0.835,
      1.89,
      0.89,
      1.945,
      0.945
    ],
    "SoftwareVersions": "syngo_MR_D11",
    "SpacingBetweenSlices": 3,
    "StationName": "AWP45031",
    "TotalReadoutTime": 0.0207902,
    "TxRefAmp": 331.493,
    "dataset": "ds001454",
    "modality": "bold",
    "run_id": 3,
    "session_id": "1",
    "subject_id": "06",
    "task_id": "satellite"
  },
  "dummy_trs": 1,
  "dvars_nstd": 24.04236047383419,
  "dvars_std": 1.1336879162694302,
  "dvars_vstd": 1.037870182901555,
  "efc": 0.5605301204059813,
  "fber": 1364.6455078125,
  "fd_mean": 0.1284468904199789,
  "fd_num": 26,
  "fd_perc": 13.402061855670103,
  "fwhm_avg": 1.6392844444444445,
  "fwhm_x": 1.51988,
  "fwhm_y": 1.7309700000000001,
  "fwhm_z": 1.6670033333333334,
  "gcor": 0.0108846,
  "gsr_x": -0.006768662016838789,
  "gsr_y": 0.03212539851665497,
  "provenance": {
    "md5sum": "1ac5c8939b463550d47d7d3166172fc6",
    "settings": {
      "fd_thres": 0.2,
      "testing": false
    },
    "software": "mriqc",
    "version": "23.0.1",
    "webapi_port": null,
    "webapi_url": "https://mriqc.nimh.nih.gov/api/v1"
  },
  "size_t": 194,
  "size_x": 64,
  "size_y": 64,
  "size_z": 36,
  "snr": 6.7597505318493365,
  "spacing_tr": 2.0,
  "spacing_x": 3.0,
  "spacing_y": 3.0,
  "spacing_z": 3.0,
  "summary_bg_k": 24.734804742240637,
  "summary_bg_mad": 9.610167302130485,
  "summary_bg_mean": 33.812198638916016,
  "summary_bg_median": 17.770618438720703,
  "summary_bg_n": 81748.0,
  "summary_bg_p05": 9.072164535522461,
  "summary_bg_p95": 112.08917350769038,
  "summary_bg_stdv": 49.219825744628906,
  "summary_fg_k": 2.8122731512572745,
  "summary_fg_mad": 88.3753175378582,
  "summary_fg_mean": 680.4193725585938,
  "summary_fg_median": 670.0540771484375,
  "summary_fg_n": 32994.0,
  "summary_fg_p05": 547.7607849121093,
  "summary_fg_p95": 848.9677642822264,
  "summary_fg_stdv": 99.1225814819336,
  "tsnr": 65.21618489106186
}