{
  "aor": 0.0004501538461538461,
  "aqi": 0.009935045538461537,
  "bids_meta": {
    "AcquisitionMatrixPE": 64,
    "AcquisitionNumber": 1,
    "AcquisitionTime": "12:24:37.757500",
    "BandwidthPerPixelPhaseEncode": 47.348,
    "BaseResolution": 64,
    "BodyPartExamined": "HEAD",
    "ConsistencyInfo": "N4_VD11D_LATEST_20110129",
    "ConversionSoftware": "dcm2niix",
    "ConversionSoftwareVersion": "v1.0.20180518 GCC4.8.5",
    "DerivedVendorReportedEchoSpacing": 0.000660007,
    "DeviceSerialNumber": "45031",
    "DwellTime": 4.5e-06,
    "EchoTime": 0.03,
    "EchoTrainLength": 32,
    "EffectiveEchoSpacing": 0.000330003,
    "FlipAngle": 71,
    "ImageOrientationPatientDICOM": [
      0.999574,
      -0.00430738,
      -0.0288525,
      0.0143065,
      0.934317,
      0.356155
    ],
    "ImageType": [
      "ORIGINAL",
      "PRIMARY",
      "M",
      "ND",
      "NORM",
      "MOSAIC"
    ],
    "InPlanePhaseEncodingDirectionDICOM": "COL",
    "InstitutionAddress": "Washington_and_Faculty_Rd._-_Building_25_25_Princeton_NJ_US_085",
    "InstitutionName": "Princeton_University_-_Neuroscience_Institute",
    "InstitutionalDepartmentName": "Department",
    "MRAcquisitionType": "2D",
    "MagneticFieldStrength": 3,
    "Manufacturer": "Siemens",
    "ManufacturersModelName": "Skyra",
    "Modality": "MR",
    "ParallelReductionFactorInPlane": 2,
    "PartialFourier": 1,
    "PatientPosition": "HFS",
    "PercentPhaseFOV": 100,
    "PhaseEncodingDirection": "j-",
    "PhaseEncodingSteps": 64,
    "PhaseResolution": 1,
    "PixelBandwidth": 1735,
    "ProcedureStepDescription": "NormanLab_Anna",
    "ProtocolName": "epi_195_3x3x3_2s",
    "PulseSequenceDetails": "%SiemensSeq%_ep2d_bold",
    "ReceiveCoilActiveElements": "HE1-4",
    "ReceiveCoilName": "HeadNeck_20",
    "ReconMatrixPE": 64,
    "RepetitionTime": 2,
    "SAR": 0.125612,
    "ScanOptions": "FS",
    "ScanningSequence": "EP",
    "SequenceName": "_epfid2d1_64",
    "SequenceVariant": "SK",
    "SeriesDescription": "epi_195_3x3x3_2s",
    "SeriesNumber": 19,
    "ShimSetting": [
      3188,
      10458,
      10061,
      632,
      -49,
      -281,
      1191,
      212
    ],
    "SliceThickness": 3,
    "SliceTiming": [
      1,
      0,
      1.055,
      0.055,
      1.11,
      0.11,
      1.165,
      0.1675,
      1.2225,
      0.2225,
      1.2775,
      0.2775,
      1.3325,
      0.3325,
      1.3875,
      0.3875,
      1.445,
      0.445,
      1.5,
      0.5,
      1.555,
      0.555,
      1.61,
      0.61,
      1.665,
      0.665,
      1.7225,
      0.7225,
      1.7775,
      0.7775,
      1.8325,
      0.8325,
      1.8875,
      0.8875,
      1.9425,
      0.945
    ],
    "SoftwareVersions": "syngo_MR_D11",
    "SpacingBetweenSlices": 3,
    "StationName": "AWP45031",
    "TotalReadoutTime": 0.0207902,
    "TxRefAmp": 331.493,
    "dataset": "ds001454",
    "modality": "bold",
    "run_id": 1,
    "session_id": "1",
    "subject_id": "06",
    "task_id": "rest"
  },
  "dummy_trs": 0,
  "dvars_nstd": 22.81182750226804,
  "dvars_std": 1.0600430406185564,
  "dvars_vstd": 0.9723953835567003,
  "efc": 0.5621415758356634,
  "fber": 1339.759521484375,
  "fd_mean": 0.09650587301921,
  "fd_num": 7,
  "fd_perc": 3.58974358974359,
  "fwhm_avg": 1.648978888888889,
  "fwhm_x": 1.5387133333333332,
  "fwhm_y": 1.7363333333333333,
  "fwhm_z": 1.67189,
  "gcor": 0.00589423,
  "gsr_x": -0.006299423985183239,
  "gsr_y": 0.032670870423316956,
  "provenance": {
    "md5sum": "3648ff29c7b258e04ada572e50e40b5d",
    "settings": {
      "fd_thres": 0.2,
      "testing": false
    },
    "software": "mriqc",
    "version": "23.0.1",
    "webapi_port": null,
    "webapi_url": "https://mriqc.nimh.nih.gov/api/v1"
  },
  "size_t": 195,
  "size_x": 64,
  "size_y": 64,
  "size_z": 36,
  "snr": 6.688592197750502,
  "spacing_tr": 2.0,
  "spacing_x": 3.0,
  "spacing_y": 3.0,
  "spacing_z": 3.0,
  "summary_bg_k": 24.38927677552455,
  "summary_bg_mad": 9.747157735961082,
  "summary_bg_mean": 34.350242614746094,
  "summary_bg_median": 17.907691955566406,
  "summary_bg_n": 81681.0,
  "summary_bg_p05": 9.133333206176758,
  "summary_bg_p95": 114.72821044921875,
  "summary_bg_stdv": 50.1399040222168,
  "summary_fg_k": 2.779785828353475,
  "summary_fg_mad": 89.48840033746319,
  "summary_fg_mean": 679.8807983398438,
  "summary_fg_median": 669.035888671875,
  "summary_fg_n": 33097.0,
  "summary_fg_p05": 546.9220703125,
  "summary_fg_p95": 850.0164184570312,
  "summary_fg_stdv": 100.02490234375,
  "tsnr": 60.83178677991964
}