{
  "aor": 0.0007031794871794871,
  "aqi": 0.006451251589743589,
  "bids_meta": {
    "AcquisitionMatrixPE": 64,
    "AcquisitionNumber": 1,
    "AcquisitionTime": "12:03:8.767500",
    "BandwidthPerPixelPhaseEncode": 47.348,
    "BaseResolution": 64,
    "BodyPartExamined": "HEAD",
    "ConsistencyInfo": "N4_VD11D_LATEST_20110129",
    "ConversionSoftware": "dcm2niix",
    "ConversionSoftwareVersion": "v1.0.20180518 GCC4.8.5",
    "DerivedVendorReportedEchoSpacing": 0.000660007,
    "DeviceSerialNumber": "45031",
    "DwellTime": 4.5e-06,
    "EchoTime": 0.03,
    "EchoTrainLength": 32,
    "EffectiveEchoSpacing": 0.000330003,
    "FlipAngle": 71,
    "ImageOrientationPatientDICOM": [
      0.999574,
      -0.00430738,
      -0.0288525,
      0.0143065,
      0.934317,
      0.356155
    ],
    "ImageType": [
      "ORIGINAL",
      "PRIMARY",
      "M",
      "ND",
      "NORM",
      "MOSAIC"
    ],
    "InPlanePhaseEncodingDirectionDICOM": "COL",
    "InstitutionAddress": "Washington_and_Faculty_Rd._-_Building_25_25_Princeton_NJ_US_085",
    "InstitutionName": "Princeton_University_-_Neuroscience_Institute",
    "InstitutionalDepartmentName": "Department",
    "MRAcquisitionType": "2D",
    "MagneticFieldStrength": 3,
    "Manufacturer": "Siemens",
    "ManufacturersModelName": "Skyra",
    "Modality": "MR",
    "ParallelReductionFactorInPlane": 2,
    "PartialFourier": 1,
    "PatientPosition": "HFS",
    "PercentPhaseFOV": 100,
    "PhaseEncodingDirection": "j-",
    "PhaseEncodingSteps": 64,
    "PhaseResolution": 1,
    "PixelBandwidth": 1735,
    "ProcedureStepDescription": "NormanLab_Anna",
    "ProtocolName": "epi_195_3x3x3_2s",
    "PulseSequenceDetails": "%SiemensSeq%_ep2d_bold",
    "ReceiveCoilActiveElements": "HE1-4",
    "ReceiveCoilName": "HeadNeck_20",
    "ReconMatrixPE": 64,
    "RepetitionTime": 2,
    "SAR": 0.125612,
    "ScanOptions": "FS",
    "ScanningSequence": "EP",
    "SequenceName": "_epfid2d1_64",
    "SequenceVariant": "SK",
    "SeriesDescription": "epi_195_3x3x3_2s",
    "SeriesNumber": 16,
    "ShimSetting": [
      3188,
      10458,
      10061,
      632,
      -49,
      -281,
      1191,
      212
    ],
    "SliceThickness": 3,
    "SliceTiming": [
      0.9975,
      0,
      1.055,
      0.055,
      1.11,
      0.11,
      1.165,
      0.165,
      1.22,
      0.22,
      1.2775,
      0.2775,
      1.3325,
      0.3325,
      1.3875,
      0.3875,
      1.4425,
      0.4425,
      1.4975,
      0.5,
      1.555,
      0.555,
      1.61,
      0.61,
      1.665,
      0.665,
      1.72,
      0.72,
      1.775,
      0.7775,
      1.8325,
      0.8325,
      1.8875,
      0.8875,
      1.9425,
      0.9425
    ],
    "SoftwareVersions": "syngo_MR_D11",
    "SpacingBetweenSlices": 3,
    "StationName": "AWP45031",
    "TotalReadoutTime": 0.0207902,
    "TxRefAmp": 331.493,
    "dataset": "ds001454",
    "modality": "bold",
    "run_id": 6,
    "session_id": "1",
    "subject_id": "06",
    "task_id": "satellite"
  },
  "dummy_trs": 0,
  "dvars_nstd": 23.960622020824726,
  "dvars_std": 1.118323404278351,
  "dvars_vstd": 1.0100931523711343,
  "efc": 0.5597498479708434,
  "fber": 1385.53662109375,
  "fd_mean": 0.10824975570082347,
  "fd_num": 6,
  "fd_perc": 3.076923076923077,
  "fwhm_avg": 1.6388222222222222,
  "fwhm_x": 1.52116,
  "fwhm_y": 1.7345266666666666,
  "fwhm_z": 1.66078,
  "gcor": 0.0143277,
  "gsr_x": -0.005313413683325052,
  "gsr_y": 0.03216249868273735,
  "provenance": {
    "md5sum": "2f5a0a8d2cb85172555162629bfc8bbb",
    "settings": {
      "fd_thres": 0.2,
      "testing": false
    },
    "software": "mriqc",
    "version": "23.0.1",
    "webapi_port": null,
    "webapi_url": "https://mriqc.nimh.nih.gov/api/v1"
  },
  "size_t": 195,
  "size_x": 64,
  "size_y": 64,
  "size_z": 36,
  "snr": 6.718719312168285,
  "spacing_tr": 2.0,
  "spacing_x": 3.0,
  "spacing_y": 3.0,
  "spacing_z": 3.0,
  "summary_bg_k": 25.556138696751553,
  "summary_bg_mad": 9.321386937417003,
  "summary_bg_mean": 33.67120361328125,
  "summary_bg_median": 17.61025619506836,
  "summary_bg_n": 81783.0,
  "summary_bg_p05": 9.082051277160645,
  "summary_bg_p95": 110.72769775390623,
  "summary_bg_stdv": 49.514686584472656,
  "summary_fg_k": 2.8007616688848422,
  "summary_fg_mad": 88.84971586125393,
  "summary_fg_mean": 681.1701049804688,
  "summary_fg_median": 670.2564086914062,
  "summary_fg_n": 32918.0,
  "summary_fg_p05": 548.8651611328125,
  "summary_fg_p95": 852.0395385742186,
  "summary_fg_stdv": 99.7580337524414,
  "tsnr": 68.2442287914455
}