{
  "aor": 0.0006775773195876289,
  "aqi": 0.0064382378350515464,
  "bids_meta": {
    "AcquisitionMatrixPE": 64,
    "AcquisitionNumber": 1,
    "AcquisitionTime": "11:28:25.335000",
    "BandwidthPerPixelPhaseEncode": 47.348,
    "BaseResolution": 64,
    "BodyPartExamined": "HEAD",
    "ConsistencyInfo": "N4_VD11D_LATEST_20110129",
    "ConversionSoftware": "dcm2niix",
    "ConversionSoftwareVersion": "v1.0.20180518 GCC4.8.5",
    "DerivedVendorReportedEchoSpacing": 0.000660007,
    "DeviceSerialNumber": "45031",
    "DwellTime": 4.5e-06,
    "EchoTime": 0.03,
    "EchoTrainLength": 32,
    "EffectiveEchoSpacing": 0.000330003,
    "FlipAngle": 71,
    "ImageOrientationPatientDICOM": [
      0.999574,
      -0.00430738,
      -0.0288525,
      0.0143065,
      0.934317,
      0.356155
    ],
    "ImageType": [
      "ORIGINAL",
      "PRIMARY",
      "M",
      "ND",
      "NORM",
      "MOSAIC"
    ],
    "InPlanePhaseEncodingDirectionDICOM": "COL",
    "InstitutionAddress": "Washington_and_Faculty_Rd._-_Building_25_25_Princeton_NJ_US_085",
    "InstitutionName": "Princeton_University_-_Neuroscience_Institute",
    "InstitutionalDepartmentName": "Department",
    "MRAcquisitionType": "2D",
    "MagneticFieldStrength": 3,
    "Manufacturer": "Siemens",
    "ManufacturersModelName": "Skyra",
    "Modality": "MR",
    "ParallelReductionFactorInPlane": 2,
    "PartialFourier": 1,
    "PatientPosition": "HFS",
    "PercentPhaseFOV": 100,
    "PhaseEncodingDirection": "j-",
    "PhaseEncodingSteps": 64,
    "PhaseResolution": 1,
    "PixelBandwidth": 1735,
    "ProcedureStepDescription": "NormanLab_Anna",
    "ProtocolName": "epi_195_3x3x3_2s",
    "PulseSequenceDetails": "%SiemensSeq%_ep2d_bold",
    "ReceiveCoilActiveElements": "HE1-4",
    "ReceiveCoilName": "HeadNeck_20",
    "ReconMatrixPE": 64,
    "RepetitionTime": 2,
    "SAR": 0.125612,
    "ScanOptions": "FS",
    "ScanningSequence": "EP",
    "SequenceName": "_epfid2d1_64",
    "SequenceVariant": "SK",
    "SeriesDescription": "epi_195_3x3x3_2s",
    "SeriesNumber": 11,
    "ShimSetting": [
      3188,
      10458,
      10061,
      632,
      -49,
      -281,
      1191,
      212
    ],
    "SliceThickness": 3,
    "SliceTiming": [
      1,
      0,
      1.055,
      0.055,
      1.11,
      0.11,
      1.165,
      0.165,
      1.22,
      0.2225,
      1.2775,
      0.2775,
      1.3325,
      0.3325,
      1.3875,
      0.3875,
      1.4425,
      0.4425,
      1.4975,
      0.5,
      1.555,
      0.555,
      1.61,
      0.61,
      1.665,
      0.665,
      1.72,
      0.72,
      1.7775,
      0.7775,
      1.8325,
      0.8325,
      1.8875,
      0.8875,
      1.9425,
      0.9425
    ],
    "SoftwareVersions": "syngo_MR_D11",
    "SpacingBetweenSlices": 3,
    "StationName": "AWP45031",
    "TotalReadoutTime": 0.0207902,
    "TxRefAmp": 331.493,
    "dataset": "ds001454",
    "modality": "bold",
    "run_id": 1,
    "session_id": "1",
    "subject_id": "06",
    "task_id": "satellite"
  },
  "dummy_trs": 1,
  "dvars_nstd": 23.09265828481865,
  "dvars_std": 1.098730897305699,
  "dvars_vstd": 1.0121013784974087,
  "efc": 0.5592944308470893,
  "fber": 1370.152099609375,
  "fd_mean": 0.09320278459727614,
  "fd_num": 6,
  "fd_perc": 3.0927835051546393,
  "fwhm_avg": 1.6394477777777778,
  "fwhm_x": 1.5171366666666666,
  "fwhm_y": 1.74228,
  "fwhm_z": 1.6589266666666667,
  "gcor": 0.0215,
  "gsr_x": -0.005944420583546162,
  "gsr_y": 0.03289315849542618,
  "provenance": {
    "md5sum": "89a7ebefefab913cee337ac0ef0437d0",
    "settings": {
      "fd_thres": 0.2,
      "testing": false
    },
    "software": "mriqc",
    "version": "23.0.1",
    "webapi_port": null,
    "webapi_url": "https://mriqc.nimh.nih.gov/api/v1"
  },
  "size_t": 194,
  "size_x": 64,
  "size_y": 64,
  "size_z": 36,
  "snr": 6.720046990449055,
  "spacing_tr": 2.0,
  "spacing_x": 3.0,
  "spacing_y": 3.0,
  "spacing_z": 3.0,
  "summary_bg_k": 27.07622066372271,
  "summary_bg_mad": 9.277726512321221,
  "summary_bg_mean": 33.25117492675781,
  "summary_bg_median": 17.675256729125977,
  "summary_bg_n": 81816.0,
  "summary_bg_p05": 9.092782974243164,
  "summary_bg_p95": 107.9123706817627,
  "summary_bg_stdv": 48.99741744995117,
  "summary_fg_k": 2.7947606905030593,
  "summary_fg_mad": 88.9675802038811,
  "summary_fg_mean": 679.4744262695312,
  "summary_fg_median": 669.126220703125,
  "summary_fg_n": 32898.0,
  "summary_fg_p05": 546.7087554931641,
  "summary_fg_p95": 848.2128509521484,
  "summary_fg_stdv": 99.57014465332031,
  "tsnr": 67.32461881195195
}