{
  "aor": 0.0006803076923076923,
  "aqi": 0.0074958415897435895,
  "bids_meta": {
    "AcquisitionMatrixPE": 64,
    "AcquisitionNumber": 1,
    "AcquisitionTime": "11:49:21.647500",
    "BandwidthPerPixelPhaseEncode": 47.348,
    "BaseResolution": 64,
    "BodyPartExamined": "HEAD",
    "ConsistencyInfo": "N4_VD11D_LATEST_20110129",
    "ConversionSoftware": "dcm2niix",
    "ConversionSoftwareVersion": "v1.0.20180518 GCC4.8.5",
    "DerivedVendorReportedEchoSpacing": 0.000660007,
    "DeviceSerialNumber": "45031",
    "DwellTime": 4.5e-06,
    "EchoTime": 0.03,
    "EchoTrainLength": 32,
    "EffectiveEchoSpacing": 0.000330003,
    "FlipAngle": 71,
    "ImageOrientationPatientDICOM": [
      0.999574,
      -0.00430738,
      -0.0288525,
      0.0143065,
      0.934317,
      0.356155
    ],
    "ImageType": [
      "ORIGINAL",
      "PRIMARY",
      "M",
      "ND",
      "NORM",
      "MOSAIC"
    ],
    "InPlanePhaseEncodingDirectionDICOM": "COL",
    "InstitutionAddress": "Washington_and_Faculty_Rd._-_Building_25_25_Princeton_NJ_US_085",
    "InstitutionName": "Princeton_University_-_Neuroscience_Institute",
    "InstitutionalDepartmentName": "Department",
    "MRAcquisitionType": "2D",
    "MagneticFieldStrength": 3,
    "Manufacturer": "Siemens",
    "ManufacturersModelName": "Skyra",
    "Modality": "MR",
    "ParallelReductionFactorInPlane": 2,
    "PartialFourier": 1,
    "PatientPosition": "HFS",
    "PercentPhaseFOV": 100,
    "PhaseEncodingDirection": "j-",
    "PhaseEncodingSteps": 64,
    "PhaseResolution": 1,
    "PixelBandwidth": 1735,
    "ProcedureStepDescription": "NormanLab_Anna",
    "ProtocolName": "epi_195_3x3x3_2s",
    "PulseSequenceDetails": "%SiemensSeq%_ep2d_bold",
    "ReceiveCoilActiveElements": "HE1-4",
    "ReceiveCoilName": "HeadNeck_20",
    "ReconMatrixPE": 64,
    "RepetitionTime": 2,
    "SAR": 0.125612,
    "ScanOptions": "FS",
    "ScanningSequence": "EP",
    "SequenceName": "_epfid2d1_64",
    "SequenceVariant": "SK",
    "SeriesDescription": "epi_195_3x3x3_2s",
    "SeriesNumber": 14,
    "ShimSetting": [
      3188,
      10458,
      10061,
      632,
      -49,
      -281,
      1191,
      212
    ],
    "SliceThickness": 3,
    "SliceTiming": [
      0.9975,
      0,
      1.055,
      0.055,
      1.11,
      0.11,
      1.165,
      0.165,
      1.22,
      0.22,
      1.2775,
      0.2775,
      1.3325,
      0.3325,
      1.3875,
      0.3875,
      1.4425,
      0.4425,
      1.4975,
      0.5,
      1.555,
      0.555,
      1.61,
      0.61,
      1.665,
      0.665,
      1.72,
      0.72,
      1.7775,
      0.7775,
      1.8325,
      0.8325,
      1.8875,
      0.8875,
      1.9425,
      0.9425
    ],
    "SoftwareVersions": "syngo_MR_D11",
    "SpacingBetweenSlices": 3,
    "StationName": "AWP45031",
    "TotalReadoutTime": 0.0207902,
    "TxRefAmp": 331.493,
    "dataset": "ds001454",
    "modality": "bold",
    "run_id": 4,
    "session_id": "1",
    "subject_id": "06",
    "task_id": "satellite"
  },
  "dummy_trs": 0,
  "dvars_nstd": 23.540359860979404,
  "dvars_std": 1.1026139266494848,
  "dvars_vstd": 1.000564512577319,
  "efc": 0.560308101219316,
  "fber": 1367.64453125,
  "fd_mean": 0.12004100011672376,
  "fd_num": 17,
  "fd_perc": 8.717948717948717,
  "fwhm_avg": 1.640507777777778,
  "fwhm_x": 1.5197200000000002,
  "fwhm_y": 1.7280466666666667,
  "fwhm_z": 1.6737566666666668,
  "gcor": 0.0126359,
  "gsr_x": -0.00644012400880456,
  "gsr_y": 0.032037071883678436,
  "provenance": {
    "md5sum": "066b475aff09d0a888908ec81d83b04b",
    "settings": {
      "fd_thres": 0.2,
      "testing": false
    },
    "software": "mriqc",
    "version": "23.0.1",
    "webapi_port": null,
    "webapi_url": "https://mriqc.nimh.nih.gov/api/v1"
  },
  "size_t": 195,
  "size_x": 64,
  "size_y": 64,
  "size_z": 36,
  "snr": 6.726712907019568,
  "spacing_tr": 2.0,
  "spacing_x": 3.0,
  "spacing_y": 3.0,
  "spacing_z": 3.0,
  "summary_bg_k": 24.655081082194464,
  "summary_bg_mad": 9.557083102519227,
  "summary_bg_mean": 33.770347595214844,
  "summary_bg_median": 17.697437286376953,
  "summary_bg_n": 81786.0,
  "summary_bg_p05": 9.056410789489746,
  "summary_bg_p95": 111.80000305175781,
  "summary_bg_stdv": 49.3408088684082,
  "summary_fg_k": 2.8704892077239643,
  "summary_fg_mad": 88.66719580054068,
  "summary_fg_mean": 680.0115966796875,
  "summary_fg_median": 669.3795166015625,
  "summary_fg_n": 32970.0,
  "summary_fg_p05": 547.937451171875,
  "summary_fg_p95": 848.0897827148438,
  "summary_fg_stdv": 99.5091323852539,
  "tsnr": 64.74582599336281
}