{
  "bids_meta": {
    "AcquisitionMatrixPE": 256,
    "AcquisitionNumber": 1,
    "AcquisitionTime": "22:26:4.445000",
    "BaseResolution": 256,
    "BodyPartExamined": "HEAD",
    "ConsistencyInfo": "N4_VD11D_LATEST_20110129",
    "ConversionSoftware": "dcm2niix",
    "ConversionSoftwareVersion": "v1.0.20180518 GCC4.8.5",
    "DeviceSerialNumber": "45031",
    "DwellTime": 9.8e-06,
    "EchoTime": 0.0033,
    "FlipAngle": 7,
    "ImageOrientationPatientDICOM": [
      0.00249338,
      0.999997,
      1.38926e-08,
      -0.0487647,
      0.000121603,
      -0.99881
    ],
    "ImageType": [
      "ORIGINAL",
      "PRIMARY",
      "M",
      "ND",
      "NORM"
    ],
    "InPlanePhaseEncodingDirectionDICOM": "ROW",
    "InstitutionAddress": "Washington_and_Faculty_Rd._-_Building_25_25_Princeton_NJ_US_085",
    "InstitutionName": "Princeton_University_-_Neuroscience_Institute",
    "InstitutionalDepartmentName": "Department",
    "InversionTime": 1.1,
    "MRAcquisitionType": "3D",
    "MagneticFieldStrength": 3,
    "Manufacturer": "Siemens",
    "ManufacturersModelName": "Skyra",
    "Modality": "MR",
    "ParallelReductionFactorInPlane": 2,
    "PartialFourier": 1,
    "PatientPosition": "HFS",
    "PercentPhaseFOV": 100,
    "PhaseEncodingSteps": 255,
    "PhaseResolution": 1,
    "PixelBandwidth": 200,
    "ProcedureStepDescription": "NormanLab_Anna",
    "ProtocolName": "MPRAGE_tfl",
    "PulseSequenceDetails": "%SiemensSeq%_tfl",
    "ReceiveCoilActiveElements": "HE1-4",
    "ReceiveCoilName": "HeadNeck_20",
    "ReconMatrixPE": 256,
    "RepetitionTime": 2.53,
    "SAR": 0.0605916,
    "ScanOptions": "IR",
    "ScanningSequence": "GR_IR",
    "SequenceName": "_tfl3d1_16ns",
    "SequenceVariant": "SK_SP_MP",
    "SeriesDescription": "MPRAGE_tfl",
    "SeriesNumber": 5,
    "ShimSetting": [
      3202,
      10563,
      9886,
      312,
      127,
      -551,
      225,
      21
    ],
    "SliceThickness": 1,
    "SoftwareVersions": "syngo_MR_D11",
    "StationName": "AWP45031",
    "TxRefAmp": 370.245,
    "dataset": "ds001454",
    "modality": "T1w",
    "session_id": "2",
    "subject_id": "14"
  },
  "cjv": 0.35680220733649026,
  "cnr": 3.6843454462283387,
  "efc": 0.5362005020923606,
  "fber": 26528.265625,
  "fwhm_avg": 3.6204699499719717,
  "fwhm_x": 3.7019598499159163,
  "fwhm_y": 3.80505,
  "fwhm_z": 3.3544,
  "icvs_csf": 0.20923938441633105,
  "icvs_gm": 0.44042706377669644,
  "icvs_wm": 0.3503335518069725,
  "inu_med": 0.5420079827308655,
  "inu_range": 0.24993790686130524,
  "provenance": {
    "md5sum": "206c29faec060ac30ef21768dabdebc7",
    "settings": {
      "testing": false
    },
    "software": "mriqc",
    "version": "23.0.1",
    "warnings": {
      "large_rot_frame": true,
      "small_air_mask": false
    },
    "webapi_port": null,
    "webapi_url": "https://mriqc.nimh.nih.gov/api/v1"
  },
  "qi_1": 8.14882218652654e-06,
  "qi_2": 0.011759699419008753,
  "rpve_csf": 22.277062206691518,
  "rpve_gm": 11.130526490941302,
  "rpve_wm": 16.009552159542725,
  "size_x": 176,
  "size_y": 256,
  "size_z": 256,
  "snr_csf": 1.4967019172664886,
  "snr_gm": 9.19702561492147,
  "snr_total": 10.689312575115588,
  "snr_wm": 21.374210193158806,
  "snrd_csf": 19.160530436828296,
  "snrd_gm": 67.19962582960632,
  "snrd_total": 61.84693524251119,
  "snrd_wm": 99.18064946109892,
  "spacing_x": 1.0000027418136597,
  "spacing_y": 1.0,
  "spacing_z": 1.0,
  "summary_bg_k": 15.77858079016982,
  "summary_bg_mad": 0.0,
  "summary_bg_mean": 3.497440839839748,
  "summary_bg_median": 0.0,
  "summary_bg_n": 3804976.0,
  "summary_bg_p05": 0.0,
  "summary_bg_p95": 16.34877359122038,
  "summary_bg_stdv": 6.605662441389893,
  "summary_csf_k": 1.2705831612265497,
  "summary_csf_mad": 121.47088033384324,
  "summary_csf_mean": 217.08105011491574,
  "summary_csf_median": 193.19335067272186,
  "summary_csf_n": 35361.0,
  "summary_csf_p05": 45.920819940045476,
  "summary_csf_p95": 461.50557608157396,
  "summary_csf_stdv": 129.07755157892026,
  "summary_gm_k": 0.22031193356297463,
  "summary_gm_mad": 70.06259775369048,
  "summary_gm_mean": 676.1693824629476,
  "summary_gm_median": 677.5658388361335,
  "summary_gm_n": 39942.0,
  "summary_gm_p05": 550.7840381412767,
  "summary_gm_p95": 797.3206053918226,
  "summary_gm_stdv": 73.67135694523454,
  "summary_wm_k": 0.37075594325805916,
  "summary_wm_mad": 44.992148698808585,
  "summary_wm_mean": 998.1744154286959,
  "summary_wm_median": 1000.0266983453184,
  "summary_wm_n": 230979.0,
  "summary_wm_p05": 919.0842408593744,
  "summary_wm_p95": 1072.2337817065418,
  "summary_wm_stdv": 46.786502263662676,
  "tpm_overlap_csf": 0.14871402526915353,
  "tpm_overlap_gm": 0.45881758526177074,
  "tpm_overlap_wm": 0.48928737292778623,
  "wm2max": 0.7779698312505587
}