{
  "aor": 0.001126923076923077,
  "aqi": 0.007504022871794872,
  "bids_meta": {
    "AcquisitionMatrixPE": 64,
    "AcquisitionNumber": 1,
    "AcquisitionTime": "10:04:9.417500",
    "BandwidthPerPixelPhaseEncode": 47.348,
    "BaseResolution": 64,
    "BodyPartExamined": "HEAD",
    "ConsistencyInfo": "N4_VD11D_LATEST_20110129",
    "ConversionSoftware": "dcm2niix",
    "ConversionSoftwareVersion": "v1.0.20180518 GCC4.8.5",
    "DerivedVendorReportedEchoSpacing": 0.000660007,
    "DeviceSerialNumber": "45031",
    "DwellTime": 4.5e-06,
    "EchoTime": 0.03,
    "EchoTrainLength": 32,
    "EffectiveEchoSpacing": 0.000330003,
    "FlipAngle": 71,
    "ImageOrientationPatientDICOM": [
      0.996799,
      -0.0591288,
      -0.0538116,
      0.0534612,
      0.993421,
      -0.101273
    ],
    "ImageType": [
      "ORIGINAL",
      "PRIMARY",
      "M",
      "ND",
      "NORM",
      "MOSAIC"
    ],
    "InPlanePhaseEncodingDirectionDICOM": "COL",
    "InstitutionAddress": "Washington_and_Faculty_Rd._-_Building_25_25_Princeton_NJ_US_085",
    "InstitutionName": "Princeton_University_-_Neuroscience_Institute",
    "InstitutionalDepartmentName": "Department",
    "MRAcquisitionType": "2D",
    "MagneticFieldStrength": 3,
    "Manufacturer": "Siemens",
    "ManufacturersModelName": "Skyra",
    "Modality": "MR",
    "ParallelReductionFactorInPlane": 2,
    "PartialFourier": 1,
    "PatientPosition": "HFS",
    "PercentPhaseFOV": 100,
    "PhaseEncodingDirection": "j-",
    "PhaseEncodingSteps": 64,
    "PhaseResolution": 1,
    "PixelBandwidth": 1735,
    "ProcedureStepDescription": "NormanLab_Anna",
    "ProtocolName": "epi_195_3x3x3_2s",
    "PulseSequenceDetails": "%SiemensSeq%_ep2d_bold",
    "ReceiveCoilActiveElements": "HE1-4",
    "ReceiveCoilName": "HeadNeck_20",
    "ReconMatrixPE": 64,
    "RepetitionTime": 2,
    "SAR": 0.0899175,
    "ScanOptions": "FS",
    "ScanningSequence": "EP",
    "SequenceName": "_epfid2d1_64",
    "SequenceVariant": "SK",
    "SeriesDescription": "epi_195_3x3x3_2s",
    "SeriesNumber": 13,
    "ShimSetting": [
      3172,
      10612,
      9977,
      327,
      -155,
      125,
      792,
      32
    ],
    "SliceThickness": 3,
    "SliceTiming": [
      0.9975,
      0,
      1.055,
      0.055,
      1.11,
      0.11,
      1.165,
      0.165,
      1.22,
      0.22,
      1.275,
      0.2775,
      1.3325,
      0.3325,
      1.3875,
      0.3875,
      1.4425,
      0.4425,
      1.4975,
      0.4975,
      1.555,
      0.555,
      1.61,
      0.61,
      1.665,
      0.665,
      1.72,
      0.72,
      1.775,
      0.7775,
      1.8325,
      0.8325,
      1.8875,
      0.8875,
      1.9425,
      0.9425
    ],
    "SoftwareVersions": "syngo_MR_D11",
    "SpacingBetweenSlices": 3,
    "StationName": "AWP45031",
    "TotalReadoutTime": 0.0207902,
    "TxRefAmp": 311.501,
    "dataset": "ds001454",
    "modality": "bold",
    "run_id": 5,
    "session_id": "2",
    "subject_id": "24",
    "task_id": "satellite"
  },
  "dummy_trs": 0,
  "dvars_nstd": 24.006531715463918,
  "dvars_std": 1.152569691494845,
  "dvars_vstd": 1.006946188453608,
  "efc": 0.6123329768465257,
  "fber": 1190.736328125,
  "fd_mean": 0.1114769278240357,
  "fd_num": 18,
  "fd_perc": 9.23076923076923,
  "fwhm_avg": 1.7152144444444444,
  "fwhm_x": 1.57709,
  "fwhm_y": 1.86006,
  "fwhm_z": 1.7084933333333332,
  "gcor": 0.0282834,
  "gsr_x": -0.029289741069078445,
  "gsr_y": 0.06647240370512009,
  "provenance": {
    "md5sum": "aca6939ef0fe578f8fc224f129af17d0",
    "settings": {
      "fd_thres": 0.2,
      "testing": false
    },
    "software": "mriqc",
    "version": "23.0.1",
    "webapi_port": null,
    "webapi_url": "https://mriqc.nimh.nih.gov/api/v1"
  },
  "size_t": 195,
  "size_x": 64,
  "size_y": 64,
  "size_z": 36,
  "snr": 6.710834250887946,
  "spacing_tr": 2.0,
  "spacing_x": 3.0,
  "spacing_y": 3.0,
  "spacing_z": 3.0,
  "summary_bg_k": 30.82221304204399,
  "summary_bg_mad": 13.183755917096388,
  "summary_bg_mean": 47.63339614868164,
  "summary_bg_median": 21.52820587158203,
  "summary_bg_n": 73130.0,
  "summary_bg_p05": 10.446154594421387,
  "summary_bg_p95": 163.43923034667972,
  "summary_bg_stdv": 80.54924011230469,
  "summary_fg_k": 2.9956485496708236,
  "summary_fg_mad": 104.82379556255631,
  "summary_fg_mean": 786.7442016601562,
  "summary_fg_median": 776.6513061523438,
  "summary_fg_n": 40194.0,
  "summary_fg_p05": 632.1656616210937,
  "summary_fg_p95": 980.095166015625,
  "summary_fg_stdv": 115.72952270507812,
  "tsnr": 65.86692627519369
}