{
  "aor": 0.0003533333333333334,
  "aqi": 0.012625483538461537,
  "bids_meta": {
    "AcquisitionMatrixPE": 64,
    "AcquisitionNumber": 1,
    "AcquisitionTime": "09:57:21.765000",
    "BandwidthPerPixelPhaseEncode": 47.348,
    "BaseResolution": 64,
    "BodyPartExamined": "HEAD",
    "ConsistencyInfo": "N4_VD11D_LATEST_20110129",
    "ConversionSoftware": "dcm2niix",
    "ConversionSoftwareVersion": "v1.0.20180518 GCC4.8.5",
    "DerivedVendorReportedEchoSpacing": 0.000660007,
    "DeviceSerialNumber": "45031",
    "DwellTime": 4.5e-06,
    "EchoTime": 0.03,
    "EchoTrainLength": 32,
    "EffectiveEchoSpacing": 0.000330003,
    "FlipAngle": 71,
    "ImageOrientationPatientDICOM": [
      0.996799,
      -0.0591288,
      -0.0538116,
      0.0534612,
      0.993421,
      -0.101273
    ],
    "ImageType": [
      "ORIGINAL",
      "PRIMARY",
      "M",
      "ND",
      "NORM",
      "MOSAIC"
    ],
    "InPlanePhaseEncodingDirectionDICOM": "COL",
    "InstitutionAddress": "Washington_and_Faculty_Rd._-_Building_25_25_Princeton_NJ_US_085",
    "InstitutionName": "Princeton_University_-_Neuroscience_Institute",
    "InstitutionalDepartmentName": "Department",
    "MRAcquisitionType": "2D",
    "MagneticFieldStrength": 3,
    "Manufacturer": "Siemens",
    "ManufacturersModelName": "Skyra",
    "Modality": "MR",
    "ParallelReductionFactorInPlane": 2,
    "PartialFourier": 1,
    "PatientPosition": "HFS",
    "PercentPhaseFOV": 100,
    "PhaseEncodingDirection": "j-",
    "PhaseEncodingSteps": 64,
    "PhaseResolution": 1,
    "PixelBandwidth": 1735,
    "ProcedureStepDescription": "NormanLab_Anna",
    "ProtocolName": "epi_195_3x3x3_2s",
    "PulseSequenceDetails": "%SiemensSeq%_ep2d_bold",
    "ReceiveCoilActiveElements": "HE1-4",
    "ReceiveCoilName": "HeadNeck_20",
    "ReconMatrixPE": 64,
    "RepetitionTime": 2,
    "SAR": 0.0899175,
    "ScanOptions": "FS",
    "ScanningSequence": "EP",
    "SequenceName": "_epfid2d1_64",
    "SequenceVariant": "SK",
    "SeriesDescription": "epi_195_3x3x3_2s",
    "SeriesNumber": 12,
    "ShimSetting": [
      3172,
      10612,
      9977,
      327,
      -155,
      125,
      792,
      32
    ],
    "SliceThickness": 3,
    "SliceTiming": [
      1,
      0,
      1.055,
      0.055,
      1.11,
      0.11,
      1.165,
      0.165,
      1.22,
      0.2225,
      1.2775,
      0.2775,
      1.3325,
      0.3325,
      1.3875,
      0.3875,
      1.4425,
      0.4425,
      1.4975,
      0.5,
      1.555,
      0.555,
      1.61,
      0.61,
      1.665,
      0.665,
      1.72,
      0.72,
      1.7775,
      0.7775,
      1.8325,
      0.8325,
      1.8875,
      0.8875,
      1.9425,
      0.9425
    ],
    "SoftwareVersions": "syngo_MR_D11",
    "SpacingBetweenSlices": 3,
    "StationName": "AWP45031",
    "TotalReadoutTime": 0.0207902,
    "TxRefAmp": 311.501,
    "dataset": "ds001454",
    "modality": "bold",
    "run_id": 4,
    "session_id": "2",
    "subject_id": "24",
    "task_id": "satellite"
  },
  "dummy_trs": 0,
  "dvars_nstd": 24.26401344773196,
  "dvars_std": 1.101166732886597,
  "dvars_vstd": 0.9573007085567001,
  "efc": 0.6123809492309399,
  "fber": 1184.05517578125,
  "fd_mean": 0.11144652863544413,
  "fd_num": 17,
  "fd_perc": 8.717948717948717,
  "fwhm_avg": 1.7216955555555555,
  "fwhm_x": 1.5816433333333333,
  "fwhm_y": 1.8629466666666668,
  "fwhm_z": 1.7204966666666666,
  "gcor": 0.0228622,
  "gsr_x": -0.029694078490138054,
  "gsr_y": 0.0664311945438385,
  "provenance": {
    "md5sum": "f62c9490791378772bd41ca0125ca05c",
    "settings": {
      "fd_thres": 0.2,
      "testing": false
    },
    "software": "mriqc",
    "version": "23.0.1",
    "webapi_port": null,
    "webapi_url": "https://mriqc.nimh.nih.gov/api/v1"
  },
  "size_t": 195,
  "size_x": 64,
  "size_y": 64,
  "size_z": 36,
  "snr": 6.754808402649399,
  "spacing_tr": 2.0,
  "spacing_x": 3.0,
  "spacing_y": 3.0,
  "spacing_z": 3.0,
  "summary_bg_k": 31.12051241878278,
  "summary_bg_mad": 13.259786618824924,
  "summary_bg_mean": 47.73629379272461,
  "summary_bg_median": 21.651283264160156,
  "summary_bg_n": 73131.0,
  "summary_bg_p05": 10.502564430236816,
  "summary_bg_p95": 163.484619140625,
  "summary_bg_stdv": 80.5684814453125,
  "summary_fg_k": 3.029256490385662,
  "summary_fg_mad": 104.29157358085828,
  "summary_fg_mean": 788.6235961914062,
  "summary_fg_median": 778.5487670898438,
  "summary_fg_n": 40188.0,
  "summary_fg_p05": 634.367724609375,
  "summary_fg_p95": 981.3274780273438,
  "summary_fg_stdv": 115.25701904296875,
  "tsnr": 57.98653432982974
}