{
  "aor": 0.0017618461538461542,
  "aqi": 0.02199822476923077,
  "bids_meta": {
    "AcquisitionMatrixPE": 64,
    "AcquisitionNumber": 1,
    "AcquisitionTime": "10:33:20.810000",
    "BandwidthPerPixelPhaseEncode": 47.348,
    "BaseResolution": 64,
    "BodyPartExamined": "HEAD",
    "ConsistencyInfo": "N4_VD11D_LATEST_20110129",
    "ConversionSoftware": "dcm2niix",
    "ConversionSoftwareVersion": "v1.0.20180518 GCC4.8.5",
    "DerivedVendorReportedEchoSpacing": 0.000660007,
    "DeviceSerialNumber": "45031",
    "DwellTime": 4.5e-06,
    "EchoTime": 0.03,
    "EchoTrainLength": 32,
    "EffectiveEchoSpacing": 0.000330003,
    "FlipAngle": 71,
    "ImageOrientationPatientDICOM": [
      0.996799,
      -0.0591288,
      -0.0538116,
      0.0534612,
      0.993421,
      -0.101273
    ],
    "ImageType": [
      "ORIGINAL",
      "PRIMARY",
      "M",
      "ND",
      "NORM",
      "MOSAIC"
    ],
    "InPlanePhaseEncodingDirectionDICOM": "COL",
    "InstitutionAddress": "Washington_and_Faculty_Rd._-_Building_25_25_Princeton_NJ_US_085",
    "InstitutionName": "Princeton_University_-_Neuroscience_Institute",
    "InstitutionalDepartmentName": "Department",
    "MRAcquisitionType": "2D",
    "MagneticFieldStrength": 3,
    "Manufacturer": "Siemens",
    "ManufacturersModelName": "Skyra",
    "Modality": "MR",
    "ParallelReductionFactorInPlane": 2,
    "PartialFourier": 1,
    "PatientPosition": "HFS",
    "PercentPhaseFOV": 100,
    "PhaseEncodingDirection": "j-",
    "PhaseEncodingSteps": 64,
    "PhaseResolution": 1,
    "PixelBandwidth": 1735,
    "ProcedureStepDescription": "NormanLab_Anna",
    "ProtocolName": "epi_195_3x3x3_2s",
    "PulseSequenceDetails": "%SiemensSeq%_ep2d_bold",
    "ReceiveCoilActiveElements": "HE1-4",
    "ReceiveCoilName": "HeadNeck_20",
    "ReconMatrixPE": 64,
    "RepetitionTime": 2,
    "SAR": 0.0899175,
    "ScanOptions": "FS",
    "ScanningSequence": "EP",
    "SequenceName": "_epfid2d1_64",
    "SequenceVariant": "SK",
    "SeriesDescription": "epi_195_3x3x3_2s",
    "SeriesNumber": 17,
    "ShimSetting": [
      3172,
      10612,
      9977,
      327,
      -155,
      125,
      792,
      32
    ],
    "SliceThickness": 3,
    "SliceTiming": [
      1,
      0,
      1.055,
      0.055,
      1.11,
      0.11,
      1.1675,
      0.1675,
      1.2225,
      0.2225,
      1.2775,
      0.2775,
      1.3325,
      0.3325,
      1.3875,
      0.3875,
      1.445,
      0.445,
      1.5,
      0.5,
      1.555,
      0.555,
      1.61,
      0.61,
      1.665,
      0.6675,
      1.7225,
      0.7225,
      1.7775,
      0.7775,
      1.8325,
      0.8325,
      1.8875,
      0.8875,
      1.945,
      0.945
    ],
    "SoftwareVersions": "syngo_MR_D11",
    "SpacingBetweenSlices": 3,
    "StationName": "AWP45031",
    "TotalReadoutTime": 0.0207902,
    "TxRefAmp": 311.501,
    "dataset": "ds001454",
    "modality": "bold",
    "run_id": 1,
    "session_id": "2",
    "subject_id": "24",
    "task_id": "rest"
  },
  "dummy_trs": 0,
  "dvars_nstd": 27.076976304226807,
  "dvars_std": 1.1215258289690717,
  "dvars_vstd": 0.9654218074226798,
  "efc": 0.6139487059852871,
  "fber": 1111.9573974609375,
  "fd_mean": 0.18564901687291682,
  "fd_num": 58,
  "fd_perc": 29.743589743589745,
  "fwhm_avg": 1.7542922222222224,
  "fwhm_x": 1.6099033333333335,
  "fwhm_y": 1.8948333333333334,
  "fwhm_z": 1.75814,
  "gcor": 0.0176359,
  "gsr_x": -0.0277127455919981,
  "gsr_y": 0.06682528555393219,
  "provenance": {
    "md5sum": "46b615b2b7825cf7151ebf8f24da393d",
    "settings": {
      "fd_thres": 0.2,
      "testing": false
    },
    "software": "mriqc",
    "version": "23.0.1",
    "webapi_port": null,
    "webapi_url": "https://mriqc.nimh.nih.gov/api/v1"
  },
  "size_t": 195,
  "size_x": 64,
  "size_y": 64,
  "size_z": 36,
  "snr": 6.822499893657025,
  "spacing_tr": 2.0,
  "spacing_x": 3.0,
  "spacing_y": 3.0,
  "spacing_z": 3.0,
  "summary_bg_k": 29.380407765801927,
  "summary_bg_mad": 14.164553807490062,
  "summary_bg_mean": 48.16510772705078,
  "summary_bg_median": 22.184616088867188,
  "summary_bg_n": 73127.0,
  "summary_bg_p05": 10.538461685180664,
  "summary_bg_p95": 163.54718322753905,
  "summary_bg_stdv": 78.95771789550781,
  "summary_fg_k": 2.9317277812217855,
  "summary_fg_mad": 101.87379358969972,
  "summary_fg_mean": 783.6920166015625,
  "summary_fg_median": 773.6256713867188,
  "summary_fg_n": 40260.0,
  "summary_fg_p05": 632.1131072998047,
  "summary_fg_p95": 975.7856933593749,
  "summary_fg_stdv": 113.39187622070312,
  "tsnr": 45.73604793113191
}