{
  "aor": 0.0010584615384615385,
  "aqi": 0.005473308205128205,
  "bids_meta": {
    "AcquisitionMatrixPE": 64,
    "AcquisitionNumber": 1,
    "AcquisitionTime": "23:17:34.110000",
    "BandwidthPerPixelPhaseEncode": 47.348,
    "BaseResolution": 64,
    "BodyPartExamined": "HEAD",
    "ConsistencyInfo": "N4_VD11D_LATEST_20110129",
    "ConversionSoftware": "dcm2niix",
    "ConversionSoftwareVersion": "v1.0.20180518 GCC4.8.5",
    "DerivedVendorReportedEchoSpacing": 0.000660007,
    "DeviceSerialNumber": "45031",
    "DwellTime": 4.5e-06,
    "EchoTime": 0.03,
    "EchoTrainLength": 32,
    "EffectiveEchoSpacing": 0.000330003,
    "FlipAngle": 71,
    "ImageOrientationPatientDICOM": [
      0.990711,
      -0.104904,
      0.0865269,
      0.0781446,
      0.959941,
      0.269084
    ],
    "ImageType": [
      "ORIGINAL",
      "PRIMARY",
      "M",
      "ND",
      "NORM",
      "MOSAIC"
    ],
    "InPlanePhaseEncodingDirectionDICOM": "COL",
    "InstitutionAddress": "Washington_and_Faculty_Rd._-_Building_25_25_Princeton_NJ_US_085",
    "InstitutionName": "Princeton_University_-_Neuroscience_Institute",
    "InstitutionalDepartmentName": "Department",
    "MRAcquisitionType": "2D",
    "MagneticFieldStrength": 3,
    "Manufacturer": "Siemens",
    "ManufacturersModelName": "Skyra",
    "Modality": "MR",
    "ParallelReductionFactorInPlane": 2,
    "PartialFourier": 1,
    "PatientPosition": "HFS",
    "PercentPhaseFOV": 100,
    "PhaseEncodingDirection": "j-",
    "PhaseEncodingSteps": 64,
    "PhaseResolution": 1,
    "PixelBandwidth": 1735,
    "ProcedureStepDescription": "NormanLab_Anna",
    "ProtocolName": "epi_195_3x3x3_2s",
    "PulseSequenceDetails": "%SiemensSeq%_ep2d_bold",
    "ReceiveCoilActiveElements": "HE1-4",
    "ReceiveCoilName": "HeadNeck_20",
    "ReconMatrixPE": 64,
    "RepetitionTime": 2,
    "SAR": 0.0948511,
    "ScanOptions": "FS",
    "ScanningSequence": "EP",
    "SequenceName": "_epfid2d1_64",
    "SequenceVariant": "SK",
    "SeriesDescription": "epi_195_3x3x3_2s",
    "SeriesNumber": 16,
    "ShimSetting": [
      3215,
      10473,
      9995,
      589,
      -90,
      -335,
      560,
      -45
    ],
    "SliceThickness": 3,
    "SliceTiming": [
      1,
      0,
      1.055,
      0.0575,
      1.1125,
      0.1125,
      1.1675,
      0.1675,
      1.2225,
      0.2225,
      1.2775,
      0.2775,
      1.335,
      0.335,
      1.39,
      0.39,
      1.445,
      0.445,
      1.5,
      0.5,
      1.555,
      0.555,
      1.6125,
      0.6125,
      1.6675,
      0.6675,
      1.7225,
      0.7225,
      1.7775,
      0.7775,
      1.8325,
      0.835,
      1.89,
      0.89,
      1.945,
      0.945
    ],
    "SoftwareVersions": "syngo_MR_D11",
    "SpacingBetweenSlices": 3,
    "StationName": "AWP45031",
    "TotalReadoutTime": 0.0207902,
    "TxRefAmp": 306.951,
    "dataset": "ds001454",
    "modality": "bold",
    "run_id": 7,
    "session_id": "2",
    "subject_id": "09",
    "task_id": "satellite"
  },
  "dummy_trs": 0,
  "dvars_nstd": 24.293417595876292,
  "dvars_std": 1.1161963905154644,
  "dvars_vstd": 1.0141660739690719,
  "efc": 0.590725691377005,
  "fber": 920.5360107421875,
  "fd_mean": 0.04505952146263658,
  "fd_num": 1,
  "fd_perc": 0.5128205128205128,
  "fwhm_avg": 1.8128110126802734,
  "fwhm_x": 1.7227933333333334,
  "fwhm_y": 1.9188365141712413,
  "fwhm_z": 1.7968031905362456,
  "gcor": 0.0270509,
  "gsr_x": 0.01250853668898344,
  "gsr_y": 0.02438144013285637,
  "provenance": {
    "md5sum": "0f97d8c93a3ab3b9d2740ae0ff744a63",
    "settings": {
      "fd_thres": 0.2,
      "testing": false
    },
    "software": "mriqc",
    "version": "23.0.1",
    "webapi_port": null,
    "webapi_url": "https://mriqc.nimh.nih.gov/api/v1"
  },
  "size_t": 195,
  "size_x": 64,
  "size_y": 64,
  "size_z": 36,
  "snr": 5.454027611250106,
  "spacing_tr": 2.0,
  "spacing_x": 3.0,
  "spacing_y": 3.000000238418579,
  "spacing_z": 3.000000238418579,
  "summary_bg_k": 13.577087668996672,
  "summary_bg_mad": 15.692776143736374,
  "summary_bg_mean": 52.96397018432617,
  "summary_bg_median": 23.861539840698242,
  "summary_bg_n": 79284.0,
  "summary_bg_p05": 10.728205680847168,
  "summary_bg_p95": 229.58128814697127,
  "summary_bg_stdv": 80.10906219482422,
  "summary_fg_k": 3.1085255053927865,
  "summary_fg_mad": 113.84102858682672,
  "summary_fg_mean": 768.6173095703125,
  "summary_fg_median": 751.2615356445312,
  "summary_fg_n": 35459.0,
  "summary_fg_p05": 596.8220886230469,
  "summary_fg_p95": 1004.0364624023438,
  "summary_fg_stdv": 137.74241638183594,
  "tsnr": 64.78375436551869
}