{
  "bids_meta": {
    "AcquisitionMatrixPE": 256,
    "AcquisitionNumber": 1,
    "AcquisitionTime": "11:01:13.622500",
    "BaseResolution": 256,
    "BodyPartExamined": "HEAD",
    "ConsistencyInfo": "N4_VD11D_LATEST_20110129",
    "ConversionSoftware": "dcm2niix",
    "ConversionSoftwareVersion": "v1.0.20180518 GCC4.8.5",
    "DeviceSerialNumber": "45031",
    "DwellTime": 9.8e-06,
    "EchoTime": 0.0033,
    "FlipAngle": 7,
    "ImageOrientationPatientDICOM": [
      0.01199,
      0.999928,
      3.03434e-08,
      0.0863258,
      -0.00103509,
      -0.996266
    ],
    "ImageType": [
      "ORIGINAL",
      "PRIMARY",
      "M",
      "ND",
      "NORM"
    ],
    "InPlanePhaseEncodingDirectionDICOM": "ROW",
    "InstitutionAddress": "Washington_and_Faculty_Rd._-_Building_25_25_Princeton_NJ_US_085",
    "InstitutionName": "Princeton_University_-_Neuroscience_Institute",
    "InstitutionalDepartmentName": "Department",
    "InversionTime": 1.1,
    "MRAcquisitionType": "3D",
    "MagneticFieldStrength": 3,
    "Manufacturer": "Siemens",
    "ManufacturersModelName": "Skyra",
    "Modality": "MR",
    "ParallelReductionFactorInPlane": 2,
    "PartialFourier": 1,
    "PatientPosition": "HFS",
    "PercentPhaseFOV": 100,
    "PhaseEncodingSteps": 255,
    "PhaseResolution": 1,
    "PixelBandwidth": 200,
    "ProcedureStepDescription": "NormanLab_Anna",
    "ProtocolName": "MPRAGE_tfl",
    "PulseSequenceDetails": "%SiemensSeq%_tfl",
    "ReceiveCoilActiveElements": "HE1-4",
    "ReceiveCoilName": "HeadNeck_20",
    "ReconMatrixPE": 256,
    "RepetitionTime": 2.53,
    "SAR": 0.062961,
    "ScanOptions": "IR",
    "ScanningSequence": "GR_IR",
    "SequenceName": "_tfl3d1_16ns",
    "SequenceVariant": "SK_SP_MP",
    "SeriesDescription": "MPRAGE_tfl",
    "SeriesNumber": 5,
    "ShimSetting": [
      3271,
      10528,
      9925,
      383,
      27,
      -222,
      667,
      -43
    ],
    "SliceThickness": 1,
    "SoftwareVersions": "syngo_MR_D11",
    "StationName": "AWP45031",
    "TxRefAmp": 340.859,
    "dataset": "ds001454",
    "modality": "T1w",
    "session_id": "1",
    "subject_id": "20"
  },
  "cjv": 0.36648021857417523,
  "cnr": 3.6553406884526383,
  "efc": 0.5053130656639622,
  "fber": 22552.37944236746,
  "fwhm_avg": 3.6497059926875863,
  "fwhm_x": 3.6946679780627605,
  "fwhm_y": 3.85873,
  "fwhm_z": 3.39572,
  "icvs_csf": 0.18763349369903157,
  "icvs_gm": 0.4533114099348942,
  "icvs_wm": 0.3590550963660742,
  "inu_med": 0.6205108761787415,
  "inu_range": 0.2882678031921387,
  "provenance": {
    "md5sum": "a4536d86a5b3119605d883545ee7d597",
    "settings": {
      "testing": false
    },
    "software": "mriqc",
    "version": "23.0.1",
    "warnings": {
      "large_rot_frame": true,
      "small_air_mask": false
    },
    "webapi_port": null,
    "webapi_url": "https://mriqc.nimh.nih.gov/api/v1"
  },
  "qi_1": 0.0,
  "qi_2": 0.019766195924305154,
  "rpve_csf": 25.806967210343764,
  "rpve_gm": 11.735126907220218,
  "rpve_wm": 16.94561996553076,
  "size_x": 176,
  "size_y": 256,
  "size_z": 256,
  "snr_csf": 1.6264163879732683,
  "snr_gm": 9.529959261280405,
  "snr_total": 10.653864361204493,
  "snr_wm": 20.805217434359804,
  "snrd_csf": 13.695879771206252,
  "snrd_gm": 42.35226504774621,
  "snrd_total": 39.37043444572504,
  "snrd_wm": 62.06315851822264,
  "spacing_x": 1.0000059604644775,
  "spacing_y": 1.0,
  "spacing_z": 1.0,
  "summary_bg_k": 3955.1520426863613,
  "summary_bg_mad": 0.0,
  "summary_bg_mean": 3.4583664668850442,
  "summary_bg_median": 0.0,
  "summary_bg_n": 3420330.0,
  "summary_bg_p05": 0.0,
  "summary_bg_p95": 14.94858005642891,
  "summary_bg_stdv": 10.556250798347632,
  "summary_csf_k": 4.472422982841043,
  "summary_csf_mad": 123.49288970093411,
  "summary_csf_mean": 243.5436535662452,
  "summary_csf_median": 220.68250484764576,
  "summary_csf_n": 19310.0,
  "summary_csf_p05": 63.965192288905385,
  "summary_csf_p95": 487.5351176779717,
  "summary_csf_stdv": 135.68283755800408,
  "summary_gm_k": 0.005788501534760293,
  "summary_gm_mad": 70.65402924759518,
  "summary_gm_mean": 681.789541847542,
  "summary_gm_median": 682.4245023205876,
  "summary_gm_n": 40337.0,
  "summary_gm_p05": 561.8538383617997,
  "summary_gm_p95": 799.0507051914929,
  "summary_gm_stdv": 71.60744600471637,
  "summary_wm_k": 0.4100960705455923,
  "summary_wm_mad": 45.74110307900982,
  "summary_wm_mean": 998.7450563218371,
  "summary_wm_median": 1000.0272716581821,
  "summary_wm_n": 207086.0,
  "summary_wm_p05": 917.3463480249047,
  "summary_wm_p95": 1075.3975758478045,
  "summary_wm_stdv": 48.06606132758078,
  "tpm_overlap_csf": 0.140531959095516,
  "tpm_overlap_gm": 0.4702526976666239,
  "tpm_overlap_wm": 0.5106224755312517,
  "wm2max": 0.712414141925956
}