{
  "bids_meta": {
    "AcquisitionMatrixPE": 256,
    "AcquisitionNumber": 1,
    "AcquisitionTime": "11:04:3.185000",
    "BaseResolution": 256,
    "BodyPartExamined": "HEAD",
    "ConsistencyInfo": "N4_VD11D_LATEST_20110129",
    "ConversionSoftware": "dcm2niix",
    "ConversionSoftwareVersion": "v1.0.20180518 GCC4.8.5",
    "DeviceSerialNumber": "45031",
    "DwellTime": 9.8e-06,
    "EchoTime": 0.0033,
    "FlipAngle": 7,
    "ImageOrientationPatientDICOM": [
      0,
      1,
      0,
      0,
      0,
      -1
    ],
    "ImageType": [
      "ORIGINAL",
      "PRIMARY",
      "M",
      "ND",
      "NORM"
    ],
    "InPlanePhaseEncodingDirectionDICOM": "ROW",
    "InstitutionAddress": "Washington_and_Faculty_Rd._-_Building_25_25_Princeton_NJ_US_085",
    "InstitutionName": "Princeton_University_-_Neuroscience_Institute",
    "InstitutionalDepartmentName": "Department",
    "InversionTime": 1.1,
    "MRAcquisitionType": "3D",
    "MagneticFieldStrength": 3,
    "Manufacturer": "Siemens",
    "ManufacturersModelName": "Skyra",
    "Modality": "MR",
    "ParallelReductionFactorInPlane": 2,
    "PartialFourier": 1,
    "PatientPosition": "HFS",
    "PercentPhaseFOV": 100,
    "PhaseEncodingSteps": 255,
    "PhaseResolution": 1,
    "PixelBandwidth": 200,
    "ProcedureStepDescription": "NormanLab_Anna",
    "ProtocolName": "MPRAGE_tfl",
    "PulseSequenceDetails": "%SiemensSeq%_tfl",
    "ReceiveCoilActiveElements": "HE1-4",
    "ReceiveCoilName": "HeadNeck_20",
    "ReconMatrixPE": 256,
    "RepetitionTime": 2.53,
    "SAR": 0.0631835,
    "ScanOptions": "IR",
    "ScanningSequence": "GR_IR",
    "SequenceName": "_tfl3d1_16ns",
    "SequenceVariant": "SK_SP_MP",
    "SeriesDescription": "MPRAGE_tfl",
    "SeriesNumber": 5,
    "ShimSetting": [
      3218,
      10506,
      9980,
      164,
      -239,
      -460,
      699,
      -28
    ],
    "SliceThickness": 1,
    "SoftwareVersions": "syngo_MR_D11",
    "StationName": "AWP45031",
    "TxRefAmp": 349.419,
    "dataset": "ds001454",
    "modality": "T1w",
    "session_id": "1",
    "subject_id": "11"
  },
  "cjv": 0.3379622794435714,
  "cnr": 3.951633446525374,
  "efc": 0.5107983071669918,
  "fber": 17258.242261235268,
  "fwhm_avg": 3.6861633333333335,
  "fwhm_x": 3.68076,
  "fwhm_y": 3.91819,
  "fwhm_z": 3.45954,
  "icvs_csf": 0.20420856422235112,
  "icvs_gm": 0.4544134128382694,
  "icvs_wm": 0.34137802293937947,
  "inu_med": 0.6232876777648926,
  "inu_range": 0.290898099541664,
  "provenance": {
    "md5sum": "4a2665b39dc07ac507aa53da5d64f767",
    "settings": {
      "testing": false
    },
    "software": "mriqc",
    "version": "23.0.1",
    "warnings": {
      "large_rot_frame": true,
      "small_air_mask": false
    },
    "webapi_port": null,
    "webapi_url": "https://mriqc.nimh.nih.gov/api/v1"
  },
  "qi_1": 5.954352196587286e-05,
  "qi_2": 0.01767219145990927,
  "rpve_csf": 23.63402427799585,
  "rpve_gm": 11.329378273333427,
  "rpve_wm": 16.943859415562805,
  "size_x": 176,
  "size_y": 256,
  "size_z": 256,
  "snr_csf": 1.5930792576329635,
  "snr_gm": 9.694474859908622,
  "snr_total": 10.772305217639977,
  "snr_wm": 21.029361535378342,
  "snrd_csf": 16.0394155228627,
  "snrd_gm": 60.36463734650716,
  "snrd_total": 55.59241618476653,
  "snrd_wm": 90.37319568492973,
  "spacing_x": 1.0,
  "spacing_y": 1.0,
  "spacing_z": 1.0,
  "summary_bg_k": 69.03381809608204,
  "summary_bg_mad": 0.0,
  "summary_bg_mean": 4.3006126530802975,
  "summary_bg_median": 0.0,
  "summary_bg_n": 4229424.0,
  "summary_bg_p05": 0.0,
  "summary_bg_p95": 16.466180115938187,
  "summary_bg_stdv": 7.249233471003648,
  "summary_csf_k": 12.384679967714503,
  "summary_csf_mad": 78.20865518597898,
  "summary_csf_mean": 198.80152618882505,
  "summary_csf_median": 177.47978568077087,
  "summary_csf_n": 32918.0,
  "summary_csf_p05": 61.78432872444392,
  "summary_csf_p95": 422.1586768805978,
  "summary_csf_stdv": 111.40505974430589,
  "summary_gm_k": 0.1279206476293373,
  "summary_gm_mad": 66.85499994714216,
  "summary_gm_mean": 668.0770895711055,
  "summary_gm_median": 667.948460072279,
  "summary_gm_n": 38659.0,
  "summary_gm_p05": 554.292377319932,
  "summary_gm_p95": 782.6201215982437,
  "summary_gm_stdv": 68.89902038956207,
  "summary_wm_k": 0.43239340266577253,
  "summary_wm_mad": 45.36589282127504,
  "summary_wm_mean": 998.862939256347,
  "summary_wm_median": 999.9999924302101,
  "summary_wm_n": 200703.0,
  "summary_wm_p05": 919.2138233184814,
  "summary_wm_p95": 1074.8044354319572,
  "summary_wm_stdv": 47.55244230793785,
  "tpm_overlap_csf": 0.15718251918651302,
  "tpm_overlap_gm": 0.4564220940531929,
  "tpm_overlap_wm": 0.5064403584137341,
  "wm2max": 0.6546604699199587
}