{
  "aor": 0.0007715463917525773,
  "aqi": 0.005303772164948454,
  "bids_meta": {
    "AcquisitionMatrixPE": 64,
    "AcquisitionNumber": 1,
    "AcquisitionTime": "10:25:28.720000",
    "BandwidthPerPixelPhaseEncode": 47.348,
    "BaseResolution": 64,
    "BodyPartExamined": "HEAD",
    "ConsistencyInfo": "N4_VD11D_LATEST_20110129",
    "ConversionSoftware": "dcm2niix",
    "ConversionSoftwareVersion": "v1.0.20180518 GCC4.8.5",
    "DerivedVendorReportedEchoSpacing": 0.000660007,
    "DeviceSerialNumber": "45031",
    "DwellTime": 4.5e-06,
    "EchoTime": 0.03,
    "EchoTrainLength": 32,
    "EffectiveEchoSpacing": 0.000330003,
    "FlipAngle": 71,
    "ImageOrientationPatientDICOM": [
      0.998486,
      -0.0414719,
      0.0361476,
      0.033821,
      0.980962,
      0.191233
    ],
    "ImageType": [
      "ORIGINAL",
      "PRIMARY",
      "M",
      "ND",
      "NORM",
      "MOSAIC"
    ],
    "InPlanePhaseEncodingDirectionDICOM": "COL",
    "InstitutionAddress": "Washington_and_Faculty_Rd._-_Building_25_25_Princeton_NJ_US_085",
    "InstitutionName": "Princeton_University_-_Neuroscience_Institute",
    "InstitutionalDepartmentName": "Department",
    "MRAcquisitionType": "2D",
    "MagneticFieldStrength": 3,
    "Manufacturer": "Siemens",
    "ManufacturersModelName": "Skyra",
    "Modality": "MR",
    "ParallelReductionFactorInPlane": 2,
    "PartialFourier": 1,
    "PatientPosition": "HFS",
    "PercentPhaseFOV": 100,
    "PhaseEncodingDirection": "j-",
    "PhaseEncodingSteps": 64,
    "PhaseResolution": 1,
    "PixelBandwidth": 1735,
    "ProcedureStepDescription": "NormanLab_Anna",
    "ProtocolName": "epi_195_3x3x3_2s",
    "PulseSequenceDetails": "%SiemensSeq%_ep2d_bold",
    "ReceiveCoilActiveElements": "HE1-4",
    "ReceiveCoilName": "HeadNeck_20",
    "ReconMatrixPE": 64,
    "RepetitionTime": 2,
    "SAR": 0.095644,
    "ScanOptions": "FS",
    "ScanningSequence": "EP",
    "SequenceName": "_epfid2d1_64",
    "SequenceVariant": "SK",
    "SeriesDescription": "epi_195_3x3x3_2s",
    "SeriesNumber": 15,
    "ShimSetting": [
      3231,
      10528,
      10004,
      393,
      51,
      245,
      973,
      81
    ],
    "SliceThickness": 3,
    "SliceTiming": [
      1,
      0,
      1.055,
      0.055,
      1.11,
      0.11,
      1.165,
      0.165,
      1.22,
      0.2225,
      1.2775,
      0.2775,
      1.3325,
      0.3325,
      1.3875,
      0.3875,
      1.4425,
      0.4425,
      1.4975,
      0.5,
      1.555,
      0.555,
      1.61,
      0.61,
      1.665,
      0.665,
      1.72,
      0.72,
      1.7775,
      0.7775,
      1.8325,
      0.8325,
      1.8875,
      0.8875,
      1.9425,
      0.9425
    ],
    "SoftwareVersions": "syngo_MR_D11",
    "SpacingBetweenSlices": 3,
    "StationName": "AWP45031",
    "TotalReadoutTime": 0.0207902,
    "TxRefAmp": 315.7,
    "dataset": "ds001454",
    "modality": "bold",
    "run_id": 7,
    "session_id": "2",
    "subject_id": "04",
    "task_id": "satellite"
  },
  "dummy_trs": 1,
  "dvars_nstd": 22.569272817409317,
  "dvars_std": 1.1348280696373056,
  "dvars_vstd": 1.0166857846632122,
  "efc": 0.5960329969970302,
  "fber": 1068.030517578125,
  "fd_mean": 0.09089202952611115,
  "fd_num": 1,
  "fd_perc": 0.5154639175257731,
  "fwhm_avg": 1.67831,
  "fwhm_x": 1.5479533333333333,
  "fwhm_y": 1.7947633333333333,
  "fwhm_z": 1.6922133333333333,
  "gcor": 0.0281682,
  "gsr_x": -0.010115578770637512,
  "gsr_y": 0.05095281824469566,
  "provenance": {
    "md5sum": "e05a20c18a170bf7fc32120489455e61",
    "settings": {
      "fd_thres": 0.2,
      "testing": false
    },
    "software": "mriqc",
    "version": "23.0.1",
    "webapi_port": null,
    "webapi_url": "https://mriqc.nimh.nih.gov/api/v1"
  },
  "size_t": 194,
  "size_x": 64,
  "size_y": 64,
  "size_z": 36,
  "snr": 5.8067286024973255,
  "spacing_tr": 2.0,
  "spacing_x": 3.0,
  "spacing_y": 3.0,
  "spacing_z": 3.0,
  "summary_bg_k": 28.753756306924227,
  "summary_bg_mad": 14.245208026497759,
  "summary_bg_mean": 46.700775146484375,
  "summary_bg_median": 22.845359802246094,
  "summary_bg_n": 77026.0,
  "summary_bg_p05": 10.22680377960205,
  "summary_bg_p95": 165.61597061157227,
  "summary_bg_stdv": 73.71802520751953,
  "summary_fg_k": 2.5553563885603605,
  "summary_fg_mad": 123.85845706526841,
  "summary_fg_mean": 780.7137451171875,
  "summary_fg_median": 766.9793701171875,
  "summary_fg_n": 38057.0,
  "summary_fg_p05": 606.419580078125,
  "summary_fg_p95": 1001.6051147460935,
  "summary_fg_stdv": 132.08285522460938,
  "tsnr": 67.85817416897044
}