{
  "bids_meta": {
    "AcquisitionMatrixPE": 256,
    "AcquisitionNumber": 1,
    "AcquisitionTime": "20:25:52.565000",
    "BaseResolution": 256,
    "BodyPartExamined": "HEAD",
    "ConsistencyInfo": "N4_VD11D_LATEST_20110129",
    "ConversionSoftware": "dcm2niix",
    "ConversionSoftwareVersion": "v1.0.20180518 GCC4.8.5",
    "DeviceSerialNumber": "45031",
    "DwellTime": 9.8e-06,
    "EchoTime": 0.0033,
    "FlipAngle": 7,
    "ImageOrientationPatientDICOM": [
      0,
      1,
      0,
      0,
      0,
      -1
    ],
    "ImageType": [
      "ORIGINAL",
      "PRIMARY",
      "M",
      "ND",
      "NORM"
    ],
    "InPlanePhaseEncodingDirectionDICOM": "ROW",
    "InstitutionAddress": "Washington_and_Faculty_Rd._-_Building_25_25_Princeton_NJ_US_085",
    "InstitutionName": "Princeton_University_-_Neuroscience_Institute",
    "InstitutionalDepartmentName": "Department",
    "InversionTime": 1.1,
    "MRAcquisitionType": "3D",
    "MagneticFieldStrength": 3,
    "Manufacturer": "Siemens",
    "ManufacturersModelName": "Skyra",
    "Modality": "MR",
    "ParallelReductionFactorInPlane": 2,
    "PartialFourier": 1,
    "PatientPosition": "HFS",
    "PercentPhaseFOV": 100,
    "PhaseEncodingSteps": 255,
    "PhaseResolution": 1,
    "PixelBandwidth": 200,
    "ProcedureStepDescription": "NormanLab_Anna",
    "ProtocolName": "MPRAGE_tfl",
    "PulseSequenceDetails": "%SiemensSeq%_tfl",
    "ReceiveCoilActiveElements": "HE1-4",
    "ReceiveCoilName": "HeadNeck_20",
    "ReconMatrixPE": 256,
    "RepetitionTime": 2.53,
    "SAR": 0.0549796,
    "ScanOptions": "IR",
    "ScanningSequence": "GR_IR",
    "SequenceName": "_tfl3d1_16ns",
    "SequenceVariant": "SK_SP_MP",
    "SeriesDescription": "MPRAGE_tfl",
    "SeriesNumber": 5,
    "ShimSetting": [
      3228,
      10506,
      9964,
      362,
      104,
      -5,
      695,
      -59
    ],
    "SliceThickness": 1,
    "SoftwareVersions": "syngo_MR_D11",
    "StationName": "AWP45031",
    "TxRefAmp": 314.466,
    "dataset": "ds001454",
    "modality": "T1w",
    "session_id": "1",
    "subject_id": "08"
  },
  "cjv": 0.342201498898497,
  "cnr": 3.915975174187623,
  "efc": 0.46040185977399095,
  "fber": 29280.780962682533,
  "fwhm_avg": 3.8365266666666664,
  "fwhm_x": 3.85711,
  "fwhm_y": 4.03069,
  "fwhm_z": 3.62178,
  "icvs_csf": 0.2191938402743647,
  "icvs_gm": 0.4323887094774463,
  "icvs_wm": 0.34841745024818904,
  "inu_med": 0.580915778875351,
  "inu_range": 0.23897162824869156,
  "provenance": {
    "md5sum": "52517fefe12ca9dd6b746c8e716fb684",
    "settings": {
      "testing": false
    },
    "software": "mriqc",
    "version": "23.0.1",
    "warnings": {
      "large_rot_frame": true,
      "small_air_mask": false
    },
    "webapi_port": null,
    "webapi_url": "https://mriqc.nimh.nih.gov/api/v1"
  },
  "qi_1": 0.0,
  "qi_2": 0.016663380572331223,
  "rpve_csf": 24.703170115819958,
  "rpve_gm": 12.995776888247859,
  "rpve_wm": 18.743045396370317,
  "size_x": 176,
  "size_y": 256,
  "size_z": 256,
  "snr_csf": 1.4290241554879504,
  "snr_gm": 8.440378416687564,
  "snr_total": 10.78181683590917,
  "snr_wm": 22.476047935551996,
  "snrd_csf": 9.268540112557373,
  "snrd_gm": 41.959242980389774,
  "snrd_total": 38.60621403038257,
  "snrd_wm": 64.59085899820055,
  "spacing_x": 1.0,
  "spacing_y": 1.0,
  "spacing_z": 1.0,
  "summary_bg_k": 4306.4469583281025,
  "summary_bg_mad": 0.0,
  "summary_bg_mean": 2.9723459718966274,
  "summary_bg_median": 0.0,
  "summary_bg_n": 3827175.0,
  "summary_bg_p05": 0.0,
  "summary_bg_p95": 12.678375620394945,
  "summary_bg_stdv": 10.142865739029503,
  "summary_csf_k": 1.7302015095184498,
  "summary_csf_mad": 79.41930785333595,
  "summary_csf_mean": 166.8670435939591,
  "summary_csf_median": 143.4961604308337,
  "summary_csf_n": 38183.0,
  "summary_csf_p05": 45.33479767292738,
  "summary_csf_p95": 377.4423772357404,
  "summary_csf_stdv": 100.41417481239718,
  "summary_gm_k": 0.004710289702622106,
  "summary_gm_mad": 77.22225732870474,
  "summary_gm_mean": 649.8839758650578,
  "summary_gm_median": 649.615817502141,
  "summary_gm_n": 37839.0,
  "summary_gm_p05": 523.2162544988096,
  "summary_gm_p95": 776.5093431919813,
  "summary_gm_stdv": 76.96423091833347,
  "summary_wm_k": 0.35285579362893404,
  "summary_wm_mad": 42.679740747002775,
  "summary_wm_mean": 998.8139238868347,
  "summary_wm_median": 1000.0000164657831,
  "summary_wm_n": 199577.0,
  "summary_wm_p05": 923.5400810685009,
  "summary_wm_p95": 1069.950621349737,
  "summary_wm_stdv": 44.49169685130134,
  "tpm_overlap_csf": 0.1460360461058007,
  "tpm_overlap_gm": 0.46903242267420786,
  "tpm_overlap_wm": 0.5135843186190947,
  "wm2max": 0.6814802915160807
}