{
  "bids_meta": {
    "AcquisitionMatrixPE": 256,
    "AcquisitionNumber": 1,
    "AcquisitionTime": "22:18:55.522500",
    "BaseResolution": 256,
    "BodyPartExamined": "HEAD",
    "ConsistencyInfo": "N4_VD11D_LATEST_20110129",
    "ConversionSoftware": "dcm2niix",
    "ConversionSoftwareVersion": "v1.0.20180518 GCC4.8.5",
    "DeviceSerialNumber": "45031",
    "DwellTime": 9.8e-06,
    "EchoTime": 0.0033,
    "FlipAngle": 7,
    "ImageOrientationPatientDICOM": [
      -0.0300979,
      0.999547,
      -1.15686e-08,
      0.0609705,
      0.0018359,
      -0.998138
    ],
    "ImageType": [
      "ORIGINAL",
      "PRIMARY",
      "M",
      "ND",
      "NORM"
    ],
    "InPlanePhaseEncodingDirectionDICOM": "ROW",
    "InstitutionAddress": "Washington_and_Faculty_Rd._-_Building_25_25_Princeton_NJ_US_085",
    "InstitutionName": "Princeton_University_-_Neuroscience_Institute",
    "InstitutionalDepartmentName": "Department",
    "InversionTime": 1.1,
    "MRAcquisitionType": "3D",
    "MagneticFieldStrength": 3,
    "Manufacturer": "Siemens",
    "ManufacturersModelName": "Skyra",
    "Modality": "MR",
    "ParallelReductionFactorInPlane": 2,
    "PartialFourier": 1,
    "PatientPosition": "HFS",
    "PercentPhaseFOV": 100,
    "PhaseEncodingSteps": 255,
    "PhaseResolution": 1,
    "PixelBandwidth": 200,
    "ProcedureStepDescription": "NormanLab_Anna",
    "ProtocolName": "MPRAGE_tfl",
    "PulseSequenceDetails": "%SiemensSeq%_tfl",
    "ReceiveCoilActiveElements": "HE1-4",
    "ReceiveCoilName": "HeadNeck_20",
    "ReconMatrixPE": 256,
    "RepetitionTime": 2.53,
    "SAR": 0.0656271,
    "ScanOptions": "IR",
    "ScanningSequence": "GR_IR",
    "SequenceName": "_tfl3d1_16ns",
    "SequenceVariant": "SK_SP_MP",
    "SeriesDescription": "MPRAGE_tfl",
    "SeriesNumber": 5,
    "ShimSetting": [
      3206,
      10556,
      9931,
      351,
      -145,
      -204,
      408,
      -26
    ],
    "SliceThickness": 1,
    "SoftwareVersions": "syngo_MR_D11",
    "StationName": "AWP45031",
    "TxRefAmp": 361.814,
    "dataset": "ds001454",
    "modality": "T1w",
    "session_id": "2",
    "subject_id": "23"
  },
  "cjv": 0.3356835211710797,
  "cnr": 3.9313158252431357,
  "efc": 0.5362335424945306,
  "fber": 23447.750200288414,
  "fwhm_avg": 3.557567105637139,
  "fwhm_x": 3.6419513169114186,
  "fwhm_y": 3.71277,
  "fwhm_z": 3.31798,
  "icvs_csf": 0.197365910605242,
  "icvs_gm": 0.45384392599210194,
  "icvs_wm": 0.3487901634026561,
  "inu_med": 0.5384235680103302,
  "inu_range": 0.22551485151052475,
  "provenance": {
    "md5sum": "f7a72b4bcd5b5485a77201653519b1f0",
    "settings": {
      "testing": false
    },
    "software": "mriqc",
    "version": "23.0.1",
    "warnings": {
      "large_rot_frame": true,
      "small_air_mask": false
    },
    "webapi_port": null,
    "webapi_url": "https://mriqc.nimh.nih.gov/api/v1"
  },
  "qi_1": 2.0105265425405874e-06,
  "qi_2": 0.01443852363519477,
  "rpve_csf": 22.54193254958171,
  "rpve_gm": 10.594019988651917,
  "rpve_wm": 15.588912993772048,
  "size_x": 176,
  "size_y": 256,
  "size_z": 256,
  "snr_csf": 1.655822014680139,
  "snr_gm": 8.699288872886154,
  "snr_total": 10.702535134034301,
  "snr_wm": 21.75249451453661,
  "snrd_csf": 17.67396506566199,
  "snrd_gm": 63.63133840975441,
  "snrd_total": 59.58506388612577,
  "snrd_wm": 97.44988818296093,
  "spacing_x": 1.000002384185791,
  "spacing_y": 1.0,
  "spacing_z": 1.0,
  "summary_bg_k": 15.566686265789286,
  "summary_bg_mad": 0.0,
  "summary_bg_mean": 3.860508741944352,
  "summary_bg_median": 0.0,
  "summary_bg_n": 3242165.0,
  "summary_bg_p05": 0.0,
  "summary_bg_p95": 16.681391045451164,
  "summary_bg_stdv": 6.7228031587682375,
  "summary_csf_k": 2.2781941459850676,
  "summary_csf_mad": 95.65300106548875,
  "summary_csf_mean": 198.72466319958548,
  "summary_csf_median": 181.36465653777122,
  "summary_csf_n": 39471.0,
  "summary_csf_p05": 52.33071894943714,
  "summary_csf_p95": 406.86224561557174,
  "summary_csf_stdv": 109.53010497108198,
  "summary_gm_k": 0.16204995859814764,
  "summary_gm_mad": 72.0383052728409,
  "summary_gm_mean": 653.8078516731962,
  "summary_gm_median": 652.9647304862738,
  "summary_gm_n": 46467.0,
  "summary_gm_p05": 529.7251078560948,
  "summary_gm_p95": 778.535070837289,
  "summary_gm_stdv": 75.05874490168908,
  "summary_wm_k": 0.34860331187860316,
  "summary_wm_mad": 44.45572421650182,
  "summary_wm_mean": 998.5511319186791,
  "summary_wm_median": 1000.0000245720148,
  "summary_wm_n": 238737.0,
  "summary_wm_p05": 921.0622270703316,
  "summary_wm_p95": 1071.22592664957,
  "summary_wm_stdv": 45.971643829015676,
  "tpm_overlap_csf": 0.16251316423443998,
  "tpm_overlap_gm": 0.4711650893431426,
  "tpm_overlap_wm": 0.5159837191662886,
  "wm2max": 0.6900863473097041
}