{
  "aor": 0.0008894871794871795,
  "aqi": 0.009383576923076923,
  "bids_meta": {
    "AcquisitionMatrixPE": 64,
    "AcquisitionNumber": 1,
    "AcquisitionTime": "23:03:32.995000",
    "BandwidthPerPixelPhaseEncode": 47.348,
    "BaseResolution": 64,
    "BodyPartExamined": "HEAD",
    "ConsistencyInfo": "N4_VD11D_LATEST_20110129",
    "ConversionSoftware": "dcm2niix",
    "ConversionSoftwareVersion": "v1.0.20180518 GCC4.8.5",
    "DerivedVendorReportedEchoSpacing": 0.000660007,
    "DeviceSerialNumber": "45031",
    "DwellTime": 4.5e-06,
    "EchoTime": 0.03,
    "EchoTrainLength": 32,
    "EffectiveEchoSpacing": 0.000330003,
    "FlipAngle": 71,
    "ImageOrientationPatientDICOM": [
      0.998681,
      -0.0247606,
      -0.044987,
      0.0278956,
      0.997125,
      0.0704512
    ],
    "ImageType": [
      "ORIGINAL",
      "PRIMARY",
      "M",
      "ND",
      "NORM",
      "MOSAIC"
    ],
    "InPlanePhaseEncodingDirectionDICOM": "COL",
    "InstitutionAddress": "Washington_and_Faculty_Rd._-_Building_25_25_Princeton_NJ_US_085",
    "InstitutionName": "Princeton_University_-_Neuroscience_Institute",
    "InstitutionalDepartmentName": "Department",
    "MRAcquisitionType": "2D",
    "MagneticFieldStrength": 3,
    "Manufacturer": "Siemens",
    "ManufacturersModelName": "Skyra",
    "Modality": "MR",
    "ParallelReductionFactorInPlane": 2,
    "PartialFourier": 1,
    "PatientPosition": "HFS",
    "PercentPhaseFOV": 100,
    "PhaseEncodingDirection": "j-",
    "PhaseEncodingSteps": 64,
    "PhaseResolution": 1,
    "PixelBandwidth": 1735,
    "ProcedureStepDescription": "NormanLab_Anna",
    "ProtocolName": "epi_195_3x3x3_2s",
    "PulseSequenceDetails": "%SiemensSeq%_ep2d_bold",
    "ReceiveCoilActiveElements": "HE1-4",
    "ReceiveCoilName": "HeadNeck_20",
    "ReconMatrixPE": 64,
    "RepetitionTime": 2,
    "SAR": 0.111339,
    "ScanOptions": "FS",
    "ScanningSequence": "EP",
    "SequenceName": "_epfid2d1_64",
    "SequenceVariant": "SK",
    "SeriesDescription": "epi_195_3x3x3_2s",
    "SeriesNumber": 12,
    "ShimSetting": [
      3187,
      10576,
      9978,
      573,
      39,
      -128,
      152,
      7
    ],
    "SliceThickness": 3,
    "SliceTiming": [
      1,
      0,
      1.0575,
      0.0575,
      1.1125,
      0.1125,
      1.1675,
      0.1675,
      1.2225,
      0.2225,
      1.2775,
      0.28,
      1.335,
      0.335,
      1.39,
      0.39,
      1.445,
      0.445,
      1.5,
      0.5,
      1.555,
      0.5575,
      1.6125,
      0.6125,
      1.6675,
      0.6675,
      1.7225,
      0.7225,
      1.7775,
      0.7775,
      1.835,
      0.835,
      1.89,
      0.89,
      1.945,
      0.945
    ],
    "SoftwareVersions": "syngo_MR_D11",
    "SpacingBetweenSlices": 3,
    "StationName": "AWP45031",
    "TotalReadoutTime": 0.0207902,
    "TxRefAmp": 370.245,
    "dataset": "ds001454",
    "modality": "bold",
    "run_id": 4,
    "session_id": "2",
    "subject_id": "14",
    "task_id": "satellite"
  },
  "dummy_trs": 0,
  "dvars_nstd": 27.29770597469072,
  "dvars_std": 1.178080738917526,
  "dvars_vstd": 1.005246024896908,
  "efc": 0.6456058854614029,
  "fber": 492.26348876953125,
  "fd_mean": 0.14037078993491536,
  "fd_num": 32,
  "fd_perc": 16.41025641025641,
  "fwhm_avg": 1.6761777777777775,
  "fwhm_x": 1.5362166666666666,
  "fwhm_y": 1.79622,
  "fwhm_z": 1.6960966666666666,
  "gcor": 0.0583752,
  "gsr_x": 0.014385594055056572,
  "gsr_y": 0.03790869936347008,
  "provenance": {
    "md5sum": "6a088d9c2d0659fe66d4b81e32e5671a",
    "settings": {
      "fd_thres": 0.2,
      "testing": false
    },
    "software": "mriqc",
    "version": "23.0.1",
    "webapi_port": null,
    "webapi_url": "https://mriqc.nimh.nih.gov/api/v1"
  },
  "size_t": 195,
  "size_x": 64,
  "size_y": 64,
  "size_z": 36,
  "snr": 6.843207434776923,
  "spacing_tr": 2.0,
  "spacing_x": 3.0,
  "spacing_y": 3.0,
  "spacing_z": 3.0,
  "summary_bg_k": 8.521451928990654,
  "summary_bg_mad": 33.23310130870746,
  "summary_bg_mean": 80.6319351196289,
  "summary_bg_median": 38.4410285949707,
  "summary_bg_n": 71557.0,
  "summary_bg_p05": 12.169231414794922,
  "summary_bg_p95": 328.7230834960937,
  "summary_bg_stdv": 106.7749252319336,
  "summary_fg_k": 3.509182771970524,
  "summary_fg_mad": 109.90268546220508,
  "summary_fg_mean": 874.4716186523438,
  "summary_fg_median": 862.7435913085938,
  "summary_fg_n": 41867.0,
  "summary_fg_p05": 706.6866821289062,
  "summary_fg_p95": 1080.4605224609375,
  "summary_fg_stdv": 126.07147979736328,
  "tsnr": 58.88041250407696
}