{
  "aor": 0.0009369230769230768,
  "aqi": 0.009655720564102563,
  "bids_meta": {
    "AcquisitionMatrixPE": 64,
    "AcquisitionNumber": 1,
    "AcquisitionTime": "23:25:18.777500",
    "BandwidthPerPixelPhaseEncode": 47.348,
    "BaseResolution": 64,
    "BodyPartExamined": "HEAD",
    "ConsistencyInfo": "N4_VD11D_LATEST_20110129",
    "ConversionSoftware": "dcm2niix",
    "ConversionSoftwareVersion": "v1.0.20180518 GCC4.8.5",
    "DerivedVendorReportedEchoSpacing": 0.000660007,
    "DeviceSerialNumber": "45031",
    "DwellTime": 4.5e-06,
    "EchoTime": 0.03,
    "EchoTrainLength": 32,
    "EffectiveEchoSpacing": 0.000330003,
    "FlipAngle": 71,
    "ImageOrientationPatientDICOM": [
      0.998681,
      -0.0247606,
      -0.044987,
      0.0278956,
      0.997125,
      0.0704512
    ],
    "ImageType": [
      "ORIGINAL",
      "PRIMARY",
      "M",
      "ND",
      "NORM",
      "MOSAIC"
    ],
    "InPlanePhaseEncodingDirectionDICOM": "COL",
    "InstitutionAddress": "Washington_and_Faculty_Rd._-_Building_25_25_Princeton_NJ_US_085",
    "InstitutionName": "Princeton_University_-_Neuroscience_Institute",
    "InstitutionalDepartmentName": "Department",
    "MRAcquisitionType": "2D",
    "MagneticFieldStrength": 3,
    "Manufacturer": "Siemens",
    "ManufacturersModelName": "Skyra",
    "Modality": "MR",
    "ParallelReductionFactorInPlane": 2,
    "PartialFourier": 1,
    "PatientPosition": "HFS",
    "PercentPhaseFOV": 100,
    "PhaseEncodingDirection": "j-",
    "PhaseEncodingSteps": 64,
    "PhaseResolution": 1,
    "PixelBandwidth": 1735,
    "ProcedureStepDescription": "NormanLab_Anna",
    "ProtocolName": "epi_195_3x3x3_2s",
    "PulseSequenceDetails": "%SiemensSeq%_ep2d_bold",
    "ReceiveCoilActiveElements": "HE1-4",
    "ReceiveCoilName": "HeadNeck_20",
    "ReconMatrixPE": 64,
    "RepetitionTime": 2,
    "SAR": 0.111339,
    "ScanOptions": "FS",
    "ScanningSequence": "EP",
    "SequenceName": "_epfid2d1_64",
    "SequenceVariant": "SK",
    "SeriesDescription": "epi_195_3x3x3_2s",
    "SeriesNumber": 15,
    "ShimSetting": [
      3187,
      10576,
      9978,
      573,
      39,
      -128,
      152,
      7
    ],
    "SliceThickness": 3,
    "SliceTiming": [
      1,
      0,
      1.055,
      0.055,
      1.11,
      0.1125,
      1.1675,
      0.1675,
      1.2225,
      0.2225,
      1.2775,
      0.2775,
      1.3325,
      0.3325,
      1.39,
      0.39,
      1.445,
      0.445,
      1.5,
      0.5,
      1.555,
      0.555,
      1.61,
      0.6125,
      1.6675,
      0.6675,
      1.7225,
      0.7225,
      1.7775,
      0.7775,
      1.8325,
      0.8325,
      1.8875,
      0.89,
      1.945,
      0.945
    ],
    "SoftwareVersions": "syngo_MR_D11",
    "SpacingBetweenSlices": 3,
    "StationName": "AWP45031",
    "TotalReadoutTime": 0.0207902,
    "TxRefAmp": 370.245,
    "dataset": "ds001454",
    "modality": "bold",
    "run_id": 7,
    "session_id": "2",
    "subject_id": "14",
    "task_id": "satellite"
  },
  "dummy_trs": 0,
  "dvars_nstd": 27.683953737628862,
  "dvars_std": 1.1970614036082468,
  "dvars_vstd": 1.0064004185051545,
  "efc": 0.6482340562810306,
  "fber": 419.16265869140625,
  "fd_mean": 0.1347327433664001,
  "fd_num": 29,
  "fd_perc": 14.871794871794872,
  "fwhm_avg": 1.6699177777777778,
  "fwhm_x": 1.5309066666666666,
  "fwhm_y": 1.79506,
  "fwhm_z": 1.6837866666666665,
  "gcor": 0.0449014,
  "gsr_x": 0.013351915404200554,
  "gsr_y": 0.03930496424436569,
  "provenance": {
    "md5sum": "a04ba8128268b4501f9736685f6d6393",
    "settings": {
      "fd_thres": 0.2,
      "testing": false
    },
    "software": "mriqc",
    "version": "23.0.1",
    "webapi_port": null,
    "webapi_url": "https://mriqc.nimh.nih.gov/api/v1"
  },
  "size_t": 195,
  "size_x": 64,
  "size_y": 64,
  "size_z": 36,
  "snr": 6.881873439947599,
  "spacing_tr": 2.0,
  "spacing_x": 3.0,
  "spacing_y": 3.0,
  "spacing_z": 3.0,
  "summary_bg_k": 8.279336822366815,
  "summary_bg_mad": 36.806549945627296,
  "summary_bg_mean": 82.3237533569336,
  "summary_bg_median": 41.67692565917969,
  "summary_bg_n": 71668.0,
  "summary_bg_p05": 12.446154594421387,
  "summary_bg_p95": 326.6938598632812,
  "summary_bg_stdv": 105.57803344726562,
  "summary_fg_k": 3.431269861251942,
  "summary_fg_mad": 108.47700199342117,
  "summary_fg_mean": 870.02294921875,
  "summary_fg_median": 858.2872314453125,
  "summary_fg_n": 41816.0,
  "summary_fg_p05": 704.7025756835938,
  "summary_fg_p95": 1073.5281982421875,
  "summary_fg_stdv": 124.7155990600586,
  "tsnr": 59.32059923023917
}