{
  "aor": 0.0012216410256410259,
  "aqi": 0.009248311487179486,
  "bids_meta": {
    "AcquisitionMatrixPE": 64,
    "AcquisitionNumber": 1,
    "AcquisitionTime": "23:18:11.940000",
    "BandwidthPerPixelPhaseEncode": 47.348,
    "BaseResolution": 64,
    "BodyPartExamined": "HEAD",
    "ConsistencyInfo": "N4_VD11D_LATEST_20110129",
    "ConversionSoftware": "dcm2niix",
    "ConversionSoftwareVersion": "v1.0.20180518 GCC4.8.5",
    "DerivedVendorReportedEchoSpacing": 0.000660007,
    "DeviceSerialNumber": "45031",
    "DwellTime": 4.5e-06,
    "EchoTime": 0.03,
    "EchoTrainLength": 32,
    "EffectiveEchoSpacing": 0.000330003,
    "FlipAngle": 71,
    "ImageOrientationPatientDICOM": [
      0.998681,
      -0.0247606,
      -0.044987,
      0.0278956,
      0.997125,
      0.0704512
    ],
    "ImageType": [
      "ORIGINAL",
      "PRIMARY",
      "M",
      "ND",
      "NORM",
      "MOSAIC"
    ],
    "InPlanePhaseEncodingDirectionDICOM": "COL",
    "InstitutionAddress": "Washington_and_Faculty_Rd._-_Building_25_25_Princeton_NJ_US_085",
    "InstitutionName": "Princeton_University_-_Neuroscience_Institute",
    "InstitutionalDepartmentName": "Department",
    "MRAcquisitionType": "2D",
    "MagneticFieldStrength": 3,
    "Manufacturer": "Siemens",
    "ManufacturersModelName": "Skyra",
    "Modality": "MR",
    "ParallelReductionFactorInPlane": 2,
    "PartialFourier": 1,
    "PatientPosition": "HFS",
    "PercentPhaseFOV": 100,
    "PhaseEncodingDirection": "j-",
    "PhaseEncodingSteps": 64,
    "PhaseResolution": 1,
    "PixelBandwidth": 1735,
    "ProcedureStepDescription": "NormanLab_Anna",
    "ProtocolName": "epi_195_3x3x3_2s",
    "PulseSequenceDetails": "%SiemensSeq%_ep2d_bold",
    "ReceiveCoilActiveElements": "HE1-4",
    "ReceiveCoilName": "HeadNeck_20",
    "ReconMatrixPE": 64,
    "RepetitionTime": 2,
    "SAR": 0.111339,
    "ScanOptions": "FS",
    "ScanningSequence": "EP",
    "SequenceName": "_epfid2d1_64",
    "SequenceVariant": "SK",
    "SeriesDescription": "epi_195_3x3x3_2s",
    "SeriesNumber": 14,
    "ShimSetting": [
      3187,
      10576,
      9978,
      573,
      39,
      -128,
      152,
      7
    ],
    "SliceThickness": 3,
    "SliceTiming": [
      1,
      0,
      1.055,
      0.055,
      1.11,
      0.1125,
      1.1675,
      0.1675,
      1.2225,
      0.2225,
      1.2775,
      0.2775,
      1.3325,
      0.3325,
      1.3875,
      0.39,
      1.445,
      0.445,
      1.5,
      0.5,
      1.555,
      0.555,
      1.61,
      0.61,
      1.6675,
      0.6675,
      1.7225,
      0.7225,
      1.7775,
      0.7775,
      1.8325,
      0.8325,
      1.8875,
      0.89,
      1.945,
      0.945
    ],
    "SoftwareVersions": "syngo_MR_D11",
    "SpacingBetweenSlices": 3,
    "StationName": "AWP45031",
    "TotalReadoutTime": 0.0207902,
    "TxRefAmp": 370.245,
    "dataset": "ds001454",
    "modality": "bold",
    "run_id": 6,
    "session_id": "2",
    "subject_id": "14",
    "task_id": "satellite"
  },
  "dummy_trs": 0,
  "dvars_nstd": 28.075050442577325,
  "dvars_std": 1.2023044668556704,
  "dvars_vstd": 1.014544619484536,
  "efc": 0.6470602820824237,
  "fber": 451.3443298339844,
  "fd_mean": 0.1467076754833917,
  "fd_num": 38,
  "fd_perc": 19.487179487179485,
  "fwhm_avg": 1.6806511111111109,
  "fwhm_x": 1.54294,
  "fwhm_y": 1.8002433333333334,
  "fwhm_z": 1.69877,
  "gcor": 0.0428547,
  "gsr_x": 0.01445461343973875,
  "gsr_y": 0.038535226136446,
  "provenance": {
    "md5sum": "c5edce678fb8fa3185483252973f2263",
    "settings": {
      "fd_thres": 0.2,
      "testing": false
    },
    "software": "mriqc",
    "version": "23.0.1",
    "webapi_port": null,
    "webapi_url": "https://mriqc.nimh.nih.gov/api/v1"
  },
  "size_t": 195,
  "size_x": 64,
  "size_y": 64,
  "size_z": 36,
  "snr": 6.851764208247363,
  "spacing_tr": 2.0,
  "spacing_x": 3.0,
  "spacing_y": 3.0,
  "spacing_z": 3.0,
  "summary_bg_k": 8.33467093037066,
  "summary_bg_mad": 34.67768605546931,
  "summary_bg_mean": 81.54536437988281,
  "summary_bg_median": 39.96923065185547,
  "summary_bg_n": 71549.0,
  "summary_bg_p05": 12.476923942565918,
  "summary_bg_p95": 328.70872802734345,
  "summary_bg_stdv": 106.39241790771484,
  "summary_fg_k": 3.3188302868407122,
  "summary_fg_mad": 109.49583856435345,
  "summary_fg_mean": 872.3997802734375,
  "summary_fg_median": 860.38720703125,
  "summary_fg_n": 41812.0,
  "summary_fg_p05": 704.8131225585937,
  "summary_fg_p95": 1078.8738769531249,
  "summary_fg_stdv": 125.57012939453125,
  "tsnr": 60.39849130436778
}