{
  "aor": 0.001914072164948454,
  "aqi": 0.006153482371134021,
  "bids_meta": {
    "AcquisitionMatrixPE": 64,
    "AcquisitionNumber": 1,
    "AcquisitionTime": "09:51:23.595000",
    "BandwidthPerPixelPhaseEncode": 47.348,
    "BaseResolution": 64,
    "BodyPartExamined": "HEAD",
    "ConsistencyInfo": "N4_VD11D_LATEST_20110129",
    "ConversionSoftware": "dcm2niix",
    "ConversionSoftwareVersion": "v1.0.20180518 GCC4.8.5",
    "DerivedVendorReportedEchoSpacing": 0.000660007,
    "DeviceSerialNumber": "45031",
    "DwellTime": 4.5e-06,
    "EchoTime": 0.03,
    "EchoTrainLength": 32,
    "EffectiveEchoSpacing": 0.000330003,
    "FlipAngle": 71,
    "ImageOrientationPatientDICOM": [
      0.999913,
      0.00678192,
      0.0113461,
      -0.00837704,
      0.989095,
      0.147042
    ],
    "ImageType": [
      "ORIGINAL",
      "PRIMARY",
      "M",
      "ND",
      "NORM",
      "MOSAIC"
    ],
    "InPlanePhaseEncodingDirectionDICOM": "COL",
    "InstitutionAddress": "Washington_and_Faculty_Rd._-_Building_25_25_Princeton_NJ_US_085",
    "InstitutionName": "Princeton_University_-_Neuroscience_Institute",
    "InstitutionalDepartmentName": "Department",
    "MRAcquisitionType": "2D",
    "MagneticFieldStrength": 3,
    "Manufacturer": "Siemens",
    "ManufacturersModelName": "Skyra",
    "Modality": "MR",
    "ParallelReductionFactorInPlane": 2,
    "PartialFourier": 1,
    "PatientPosition": "HFS",
    "PercentPhaseFOV": 100,
    "PhaseEncodingDirection": "j-",
    "PhaseEncodingSteps": 64,
    "PhaseResolution": 1,
    "PixelBandwidth": 1735,
    "ProcedureStepDescription": "NormanLab_Anna",
    "ProtocolName": "epi_195_3x3x3_2s",
    "PulseSequenceDetails": "%SiemensSeq%_ep2d_bold",
    "ReceiveCoilActiveElements": "HE1-4",
    "ReceiveCoilName": "HeadNeck_20",
    "ReconMatrixPE": 64,
    "RepetitionTime": 2,
    "SAR": 0.114731,
    "ScanOptions": "FS",
    "ScanningSequence": "EP",
    "SequenceName": "_epfid2d1_64",
    "SequenceVariant": "SK",
    "SeriesDescription": "epi_195_3x3x3_2s",
    "SeriesNumber": 10,
    "ShimSetting": [
      3210,
      10547,
      10063,
      772,
      166,
      -181,
      330,
      -46
    ],
    "SliceThickness": 3,
    "SliceTiming": [
      1,
      0,
      1.055,
      0.0575,
      1.1125,
      0.1125,
      1.1675,
      0.1675,
      1.2225,
      0.2225,
      1.2775,
      0.2775,
      1.335,
      0.335,
      1.39,
      0.39,
      1.445,
      0.445,
      1.5,
      0.5,
      1.555,
      0.5575,
      1.6125,
      0.6125,
      1.6675,
      0.6675,
      1.7225,
      0.7225,
      1.7775,
      0.7775,
      1.8325,
      0.835,
      1.89,
      0.89,
      1.945,
      0.945
    ],
    "SoftwareVersions": "syngo_MR_D11",
    "SpacingBetweenSlices": 3,
    "StationName": "AWP45031",
    "TotalReadoutTime": 0.0207902,
    "TxRefAmp": 329.463,
    "dataset": "ds001454",
    "modality": "bold",
    "run_id": 2,
    "session_id": "2",
    "subject_id": "18",
    "task_id": "satellite"
  },
  "dummy_trs": 1,
  "dvars_nstd": 27.728235106528494,
  "dvars_std": 1.2977012163730572,
  "dvars_vstd": 1.0305335143005185,
  "efc": 0.5702731621006888,
  "fber": 1414.119140625,
  "fd_mean": 0.07123329041586268,
  "fd_num": 9,
  "fd_perc": 4.639175257731959,
  "fwhm_avg": 1.5979944444444445,
  "fwhm_x": 1.5174166666666666,
  "fwhm_y": 1.68651,
  "fwhm_z": 1.5900566666666667,
  "gcor": 0.0690087,
  "gsr_x": -0.00879503320902586,
  "gsr_y": 0.04565928131341934,
  "provenance": {
    "md5sum": "5f8b70a387442f74b5ad50d54826554d",
    "settings": {
      "fd_thres": 0.2,
      "testing": false
    },
    "software": "mriqc",
    "version": "23.0.1",
    "webapi_port": null,
    "webapi_url": "https://mriqc.nimh.nih.gov/api/v1"
  },
  "size_t": 194,
  "size_x": 64,
  "size_y": 64,
  "size_z": 36,
  "snr": 5.783743582299425,
  "spacing_tr": 2.0,
  "spacing_x": 3.0,
  "spacing_y": 3.0,
  "spacing_z": 3.0,
  "summary_bg_k": 55.4617261106799,
  "summary_bg_mad": 11.967809048507842,
  "summary_bg_mean": 45.922035217285156,
  "summary_bg_median": 20.4329891204834,
  "summary_bg_n": 80388.0,
  "summary_bg_p05": 9.840206146240234,
  "summary_bg_p95": 160.8590194702148,
  "summary_bg_stdv": 88.82670593261719,
  "summary_fg_k": 2.60863951503579,
  "summary_fg_mad": 124.84426447300767,
  "summary_fg_mean": 788.8421630859375,
  "summary_fg_median": 776.7138671875,
  "summary_fg_n": 34720.0,
  "summary_fg_p05": 610.0048706054688,
  "summary_fg_p95": 1009.5200805664058,
  "summary_fg_stdv": 134.2906494140625,
  "tsnr": 65.89016713073943
}