{
  "bids_meta": {
    "AcquisitionMatrixPE": 256,
    "AcquisitionNumber": 1,
    "AcquisitionTime": "09:28:31.417500",
    "BaseResolution": 256,
    "BodyPartExamined": "HEAD",
    "ConsistencyInfo": "N4_VD11D_LATEST_20110129",
    "ConversionSoftware": "dcm2niix",
    "ConversionSoftwareVersion": "v1.0.20180518 GCC4.8.5",
    "DeviceSerialNumber": "45031",
    "DwellTime": 9.8e-06,
    "EchoTime": 0.0033,
    "FlipAngle": 7,
    "ImageOrientationPatientDICOM": [
      -0.0544602,
      0.998516,
      1.37664e-08,
      0.00953632,
      0.000520136,
      -0.999954
    ],
    "ImageType": [
      "ORIGINAL",
      "PRIMARY",
      "M",
      "ND",
      "NORM"
    ],
    "InPlanePhaseEncodingDirectionDICOM": "ROW",
    "InstitutionAddress": "Washington_and_Faculty_Rd._-_Building_25_25_Princeton_NJ_US_085",
    "InstitutionName": "Princeton_University_-_Neuroscience_Institute",
    "InstitutionalDepartmentName": "Department",
    "InversionTime": 1.1,
    "MRAcquisitionType": "3D",
    "MagneticFieldStrength": 3,
    "Manufacturer": "Siemens",
    "ManufacturersModelName": "Skyra",
    "Modality": "MR",
    "ParallelReductionFactorInPlane": 2,
    "PartialFourier": 1,
    "PatientPosition": "HFS",
    "PercentPhaseFOV": 100,
    "PhaseEncodingSteps": 255,
    "PhaseResolution": 1,
    "PixelBandwidth": 200,
    "ProcedureStepDescription": "NormanLab_Anna",
    "ProtocolName": "MPRAGE_tfl",
    "PulseSequenceDetails": "%SiemensSeq%_tfl",
    "ReceiveCoilActiveElements": "HE1-4",
    "ReceiveCoilName": "HeadNeck_20",
    "ReconMatrixPE": 256,
    "RepetitionTime": 2.53,
    "SAR": 0.0674218,
    "ScanOptions": "IR",
    "ScanningSequence": "GR_IR",
    "SequenceName": "_tfl3d1_16ns",
    "SequenceVariant": "SK_SP_MP",
    "SeriesDescription": "MPRAGE_tfl",
    "SeriesNumber": 5,
    "ShimSetting": [
      3218,
      10520,
      9929,
      478,
      -24,
      -362,
      656,
      -115
    ],
    "SliceThickness": 1,
    "SoftwareVersions": "syngo_MR_D11",
    "StationName": "AWP45031",
    "TxRefAmp": 327.365,
    "dataset": "ds001454",
    "modality": "T1w",
    "session_id": "2",
    "subject_id": "22"
  },
  "cjv": 0.36538119958882403,
  "cnr": 3.634931870567268,
  "efc": 0.51090791206761,
  "fber": 21986.727314892898,
  "fwhm_avg": 3.5414122553666534,
  "fwhm_x": 3.5810967660999595,
  "fwhm_y": 3.73126,
  "fwhm_z": 3.31188,
  "icvs_csf": 0.1899962016208446,
  "icvs_gm": 0.45392782753117744,
  "icvs_wm": 0.35607597084797793,
  "inu_med": 0.5456070899963379,
  "inu_range": 0.2306759670376778,
  "provenance": {
    "md5sum": "da375da85036bb0d13e5e8ea78b2ac7b",
    "settings": {
      "testing": false
    },
    "software": "mriqc",
    "version": "23.0.1",
    "warnings": {
      "large_rot_frame": true,
      "small_air_mask": false
    },
    "webapi_port": null,
    "webapi_url": "https://mriqc.nimh.nih.gov/api/v1"
  },
  "qi_1": 0.0003204841995811244,
  "qi_2": 0.013584980147544395,
  "rpve_csf": 23.47144606661593,
  "rpve_gm": 10.889473835510113,
  "rpve_wm": 16.084921966596227,
  "size_x": 176,
  "size_y": 256,
  "size_z": 256,
  "snr_csf": 1.6293368014586298,
  "snr_gm": 8.370567897329364,
  "snr_total": 10.983692465501926,
  "snr_wm": 22.951172697717787,
  "snrd_csf": 10.45944485609935,
  "snrd_gm": 37.291608394672714,
  "snrd_total": 34.550505706182456,
  "snrd_wm": 55.90046386777529,
  "spacing_x": 1.000003695487976,
  "spacing_y": 1.0,
  "spacing_z": 1.0,
  "summary_bg_k": 3073.429220322668,
  "summary_bg_mad": 0.0,
  "summary_bg_mean": 3.4271485817448704,
  "summary_bg_median": 0.0,
  "summary_bg_n": 3409238.0,
  "summary_bg_p05": 0.0,
  "summary_bg_p95": 14.303087819367647,
  "summary_bg_stdv": 11.719385249514271,
  "summary_csf_k": 9.533783939580081,
  "summary_csf_mad": 87.09660773670848,
  "summary_csf_mean": 209.21634007501612,
  "summary_csf_median": 187.10342421010137,
  "summary_csf_n": 29230.0,
  "summary_csf_p05": 67.79954447019846,
  "summary_csf_p95": 427.8791193667799,
  "summary_csf_stdv": 114.83213506114637,
  "summary_gm_k": -0.06009715411894101,
  "summary_gm_mad": 79.76669520441123,
  "summary_gm_mean": 666.4181963466741,
  "summary_gm_median": 667.0896707177162,
  "summary_gm_n": 42079.0,
  "summary_gm_p05": 533.970488685742,
  "summary_gm_p95": 797.4857140336185,
  "summary_gm_stdv": 79.6937259477194,
  "summary_wm_k": 0.4594593868678345,
  "summary_wm_mad": 41.86281595985808,
  "summary_wm_mean": 999.8070209682634,
  "summary_wm_median": 999.9735500775278,
  "summary_wm_n": 225705.0,
  "summary_wm_p05": 928.167290341109,
  "summary_wm_p95": 1070.5636507757008,
  "summary_wm_stdv": 43.5695094112596,
  "tpm_overlap_csf": 0.16009393915249326,
  "tpm_overlap_gm": 0.4702795806557149,
  "tpm_overlap_wm": 0.5153478009625981,
  "wm2max": 0.7771317033079926
}