{
  "aor": 0.002479025641025641,
  "aqi": 0.010373638615384614,
  "bids_meta": {
    "AcquisitionMatrixPE": 64,
    "AcquisitionNumber": 1,
    "AcquisitionTime": "11:17:46.677500",
    "BandwidthPerPixelPhaseEncode": 47.348,
    "BaseResolution": 64,
    "BodyPartExamined": "HEAD",
    "ConsistencyInfo": "N4_VD11D_LATEST_20110129",
    "ConversionSoftware": "dcm2niix",
    "ConversionSoftwareVersion": "v1.0.20180518 GCC4.8.5",
    "DerivedVendorReportedEchoSpacing": 0.000660007,
    "DeviceSerialNumber": "45031",
    "DwellTime": 4.5e-06,
    "EchoTime": 0.03,
    "EchoTrainLength": 32,
    "EffectiveEchoSpacing": 0.000330003,
    "FlipAngle": 71,
    "ImageOrientationPatientDICOM": [
      0.994885,
      -0.0278184,
      0.0971081,
      0.0203187,
      0.996794,
      0.0773821
    ],
    "ImageType": [
      "ORIGINAL",
      "PRIMARY",
      "M",
      "ND",
      "NORM",
      "MOSAIC"
    ],
    "InPlanePhaseEncodingDirectionDICOM": "COL",
    "InstitutionAddress": "Washington_and_Faculty_Rd._-_Building_25_25_Princeton_NJ_US_085",
    "InstitutionName": "Princeton_University_-_Neuroscience_Institute",
    "InstitutionalDepartmentName": "Department",
    "MRAcquisitionType": "2D",
    "MagneticFieldStrength": 3,
    "Manufacturer": "Siemens",
    "ManufacturersModelName": "Skyra",
    "Modality": "MR",
    "ParallelReductionFactorInPlane": 2,
    "PartialFourier": 1,
    "PatientPosition": "HFS",
    "PercentPhaseFOV": 100,
    "PhaseEncodingDirection": "j-",
    "PhaseEncodingSteps": 64,
    "PhaseResolution": 1,
    "PixelBandwidth": 1735,
    "ProcedureStepDescription": "NormanLab_Anna",
    "ProtocolName": "epi_195_3x3x3_2s",
    "PulseSequenceDetails": "%SiemensSeq%_ep2d_bold",
    "ReceiveCoilActiveElements": "HE1-4",
    "ReceiveCoilName": "HeadNeck_20",
    "ReconMatrixPE": 64,
    "RepetitionTime": 2,
    "SAR": 0.115693,
    "ScanOptions": "FS",
    "ScanningSequence": "EP",
    "SequenceName": "_epfid2d1_64",
    "SequenceVariant": "SK",
    "SeriesDescription": "epi_195_3x3x3_2s",
    "SeriesNumber": 9,
    "ShimSetting": [
      3263,
      10557,
      10048,
      667,
      26,
      409,
      701,
      66
    ],
    "SliceThickness": 3,
    "SliceTiming": [
      1,
      0,
      1.055,
      0.0575,
      1.1125,
      0.1125,
      1.1675,
      0.1675,
      1.2225,
      0.2225,
      1.2775,
      0.2775,
      1.335,
      0.335,
      1.39,
      0.39,
      1.445,
      0.445,
      1.5,
      0.5,
      1.555,
      0.5575,
      1.6125,
      0.6125,
      1.6675,
      0.6675,
      1.7225,
      0.7225,
      1.7775,
      0.7775,
      1.835,
      0.835,
      1.89,
      0.89,
      1.945,
      0.945
    ],
    "SoftwareVersions": "syngo_MR_D11",
    "SpacingBetweenSlices": 3,
    "StationName": "AWP45031",
    "TotalReadoutTime": 0.0207902,
    "TxRefAmp": 340.859,
    "dataset": "ds001454",
    "modality": "bold",
    "run_id": 1,
    "session_id": "1",
    "subject_id": "20",
    "task_id": "satellite"
  },
  "dummy_trs": 0,
  "dvars_nstd": 27.339872871546387,
  "dvars_std": 1.1993299688659793,
  "dvars_vstd": 1.0288655234020614,
  "efc": 0.6054067902272934,
  "fber": 1020.4374389648438,
  "fd_mean": 0.14881531705012238,
  "fd_num": 39,
  "fd_perc": 20.0,
  "fwhm_avg": 1.6809832912219045,
  "fwhm_x": 1.589653206999047,
  "fwhm_y": 1.76278,
  "fwhm_z": 1.6905166666666667,
  "gcor": 0.0483981,
  "gsr_x": -0.006611124612390995,
  "gsr_y": 0.03937055170536041,
  "provenance": {
    "md5sum": "33cf265ff1d10969ab49cc6ffb938a9d",
    "settings": {
      "fd_thres": 0.2,
      "testing": false
    },
    "software": "mriqc",
    "version": "23.0.1",
    "webapi_port": null,
    "webapi_url": "https://mriqc.nimh.nih.gov/api/v1"
  },
  "size_t": 195,
  "size_x": 64,
  "size_y": 64,
  "size_z": 36,
  "snr": 6.7892984735630675,
  "spacing_tr": 2.0,
  "spacing_x": 3.000000238418579,
  "spacing_y": 3.0,
  "spacing_z": 3.0,
  "summary_bg_k": 20.482330299934482,
  "summary_bg_mad": 15.228986459528885,
  "summary_bg_mean": 49.21147155761719,
  "summary_bg_median": 22.83077049255371,
  "summary_bg_n": 75920.0,
  "summary_bg_p05": 10.030769348144531,
  "summary_bg_p95": 183.30000381469742,
  "summary_bg_stdv": 69.7591781616211,
  "summary_fg_k": 1.904651722995573,
  "summary_fg_mad": 106.12767833638733,
  "summary_fg_mean": 761.8946533203125,
  "summary_fg_median": 752.984619140625,
  "summary_fg_n": 37962.0,
  "summary_fg_p05": 608.0523559570313,
  "summary_fg_p95": 948.9800048828122,
  "summary_fg_stdv": 110.90611267089844,
  "tsnr": 56.62152521451935
}