{
  "aor": 0.0013614358974358978,
  "aqi": 0.009813856307692307,
  "bids_meta": {
    "AcquisitionMatrixPE": 64,
    "AcquisitionNumber": 1,
    "AcquisitionTime": "12:01:58.457500",
    "BandwidthPerPixelPhaseEncode": 47.348,
    "BaseResolution": 64,
    "BodyPartExamined": "HEAD",
    "ConsistencyInfo": "N4_VD11D_LATEST_20110129",
    "ConversionSoftware": "dcm2niix",
    "ConversionSoftwareVersion": "v1.0.20180518 GCC4.8.5",
    "DerivedVendorReportedEchoSpacing": 0.000660007,
    "DeviceSerialNumber": "45031",
    "DwellTime": 4.5e-06,
    "EchoTime": 0.03,
    "EchoTrainLength": 32,
    "EffectiveEchoSpacing": 0.000330003,
    "FlipAngle": 71,
    "ImageOrientationPatientDICOM": [
      0.994885,
      -0.0278184,
      0.0971081,
      0.0203187,
      0.996794,
      0.0773821
    ],
    "ImageType": [
      "ORIGINAL",
      "PRIMARY",
      "M",
      "ND",
      "NORM",
      "MOSAIC"
    ],
    "InPlanePhaseEncodingDirectionDICOM": "COL",
    "InstitutionAddress": "Washington_and_Faculty_Rd._-_Building_25_25_Princeton_NJ_US_085",
    "InstitutionName": "Princeton_University_-_Neuroscience_Institute",
    "InstitutionalDepartmentName": "Department",
    "MRAcquisitionType": "2D",
    "MagneticFieldStrength": 3,
    "Manufacturer": "Siemens",
    "ManufacturersModelName": "Skyra",
    "Modality": "MR",
    "ParallelReductionFactorInPlane": 2,
    "PartialFourier": 1,
    "PatientPosition": "HFS",
    "PercentPhaseFOV": 100,
    "PhaseEncodingDirection": "j-",
    "PhaseEncodingSteps": 64,
    "PhaseResolution": 1,
    "PixelBandwidth": 1735,
    "ProcedureStepDescription": "NormanLab_Anna",
    "ProtocolName": "epi_195_3x3x3_2s",
    "PulseSequenceDetails": "%SiemensSeq%_ep2d_bold",
    "ReceiveCoilActiveElements": "HE1-4",
    "ReceiveCoilName": "HeadNeck_20",
    "ReconMatrixPE": 64,
    "RepetitionTime": 2,
    "SAR": 0.115693,
    "ScanOptions": "FS",
    "ScanningSequence": "EP",
    "SequenceName": "_epfid2d1_64",
    "SequenceVariant": "SK",
    "SeriesDescription": "epi_195_3x3x3_2s",
    "SeriesNumber": 15,
    "ShimSetting": [
      3263,
      10557,
      10048,
      667,
      26,
      409,
      701,
      66
    ],
    "SliceThickness": 3,
    "SliceTiming": [
      1,
      0,
      1.055,
      0.055,
      1.11,
      0.11,
      1.165,
      0.1675,
      1.2225,
      0.2225,
      1.2775,
      0.2775,
      1.3325,
      0.3325,
      1.3875,
      0.3875,
      1.445,
      0.445,
      1.5,
      0.5,
      1.555,
      0.555,
      1.61,
      0.61,
      1.665,
      0.6675,
      1.7225,
      0.7225,
      1.7775,
      0.7775,
      1.8325,
      0.8325,
      1.8875,
      0.8875,
      1.9425,
      0.945
    ],
    "SoftwareVersions": "syngo_MR_D11",
    "SpacingBetweenSlices": 3,
    "StationName": "AWP45031",
    "TotalReadoutTime": 0.0207902,
    "TxRefAmp": 340.859,
    "dataset": "ds001454",
    "modality": "bold",
    "run_id": 7,
    "session_id": "1",
    "subject_id": "20",
    "task_id": "satellite"
  },
  "dummy_trs": 0,
  "dvars_nstd": 25.205253050824744,
  "dvars_std": 1.1517277855154646,
  "dvars_vstd": 1.0125134470103097,
  "efc": 0.6051258472766984,
  "fber": 1087.6539306640625,
  "fd_mean": 0.15268650449729645,
  "fd_num": 39,
  "fd_perc": 20.0,
  "fwhm_avg": 1.6664210690859547,
  "fwhm_x": 1.586396540591197,
  "fwhm_y": 1.7628933333333334,
  "fwhm_z": 1.6499733333333333,
  "gcor": 0.0462449,
  "gsr_x": -0.0032727604266256094,
  "gsr_y": 0.04170573875308037,
  "provenance": {
    "md5sum": "e070ac8d1c2f21799d7c5ebc41e95bec",
    "settings": {
      "fd_thres": 0.2,
      "testing": false
    },
    "software": "mriqc",
    "version": "23.0.1",
    "webapi_port": null,
    "webapi_url": "https://mriqc.nimh.nih.gov/api/v1"
  },
  "size_t": 195,
  "size_x": 64,
  "size_y": 64,
  "size_z": 36,
  "snr": 6.7693604584345355,
  "spacing_tr": 2.0,
  "spacing_x": 3.000000238418579,
  "spacing_y": 3.0,
  "spacing_z": 3.0,
  "summary_bg_k": 20.001179787555213,
  "summary_bg_mad": 14.886847594790643,
  "summary_bg_mean": 49.75597381591797,
  "summary_bg_median": 22.08205223083496,
  "summary_bg_n": 75757.0,
  "summary_bg_p05": 9.589743614196777,
  "summary_bg_p95": 189.85231323242178,
  "summary_bg_stdv": 72.48162841796875,
  "summary_fg_k": 2.028218112885514,
  "summary_fg_mad": 105.93004630237755,
  "summary_fg_mean": 761.1111450195312,
  "summary_fg_median": 751.5872192382812,
  "summary_fg_n": 37860.0,
  "summary_fg_p05": 607.199755859375,
  "summary_fg_p95": 947.5956787109375,
  "summary_fg_stdv": 111.02633666992188,
  "tsnr": 58.496301308390684
}