{
  "bids_meta": {
    "AcquisitionMatrixPE": 256,
    "AcquisitionNumber": 1,
    "AcquisitionTime": "20:23:56.637500",
    "BaseResolution": 256,
    "BodyPartExamined": "HEAD",
    "ConsistencyInfo": "N4_VD11D_LATEST_20110129",
    "ConversionSoftware": "dcm2niix",
    "ConversionSoftwareVersion": "v1.0.20180518 GCC4.8.5",
    "DeviceSerialNumber": "45031",
    "DwellTime": 9.8e-06,
    "EchoTime": 0.0033,
    "FlipAngle": 7,
    "ImageOrientationPatientDICOM": [
      -0.0174373,
      0.999848,
      3.78192e-08,
      0.000679177,
      1.18827e-05,
      -1
    ],
    "ImageType": [
      "ORIGINAL",
      "PRIMARY",
      "M",
      "ND",
      "NORM"
    ],
    "InPlanePhaseEncodingDirectionDICOM": "ROW",
    "InstitutionAddress": "Washington_and_Faculty_Rd._-_Building_25_25_Princeton_NJ_US_085",
    "InstitutionName": "Princeton_University_-_Neuroscience_Institute",
    "InstitutionalDepartmentName": "Department",
    "InversionTime": 1.1,
    "MRAcquisitionType": "3D",
    "MagneticFieldStrength": 3,
    "Manufacturer": "Siemens",
    "ManufacturersModelName": "Skyra",
    "Modality": "MR",
    "ParallelReductionFactorInPlane": 2,
    "PartialFourier": 1,
    "PatientPosition": "HFS",
    "PercentPhaseFOV": 100,
    "PhaseEncodingSteps": 255,
    "PhaseResolution": 1,
    "PixelBandwidth": 200,
    "ProcedureStepDescription": "NormanLab_Anna",
    "ProtocolName": "MPRAGE_tfl",
    "PulseSequenceDetails": "%SiemensSeq%_tfl",
    "ReceiveCoilActiveElements": "HE1-4",
    "ReceiveCoilName": "HeadNeck_20",
    "ReconMatrixPE": 256,
    "RepetitionTime": 2.53,
    "SAR": 0.0528948,
    "ScanOptions": "IR",
    "ScanningSequence": "GR_IR",
    "SequenceName": "_tfl3d1_16ns",
    "SequenceVariant": "SK_SP_MP",
    "SeriesDescription": "MPRAGE_tfl",
    "SeriesNumber": 5,
    "ShimSetting": [
      3211,
      10512,
      9949,
      192,
      -124,
      -158,
      485,
      -33
    ],
    "SliceThickness": 1,
    "SoftwareVersions": "syngo_MR_D11",
    "StationName": "AWP45031",
    "TxRefAmp": 320.343,
    "dataset": "ds001454",
    "modality": "T1w",
    "session_id": "1",
    "subject_id": "24"
  },
  "cjv": 0.33325431475158496,
  "cnr": 3.958529058708272,
  "efc": 0.4978056480036924,
  "fber": 14473.386675750295,
  "fwhm_avg": 3.6360573150892557,
  "fwhm_x": 3.6262419452677674,
  "fwhm_y": 3.97246,
  "fwhm_z": 3.30947,
  "icvs_csf": 0.18016099570933944,
  "icvs_gm": 0.46457756857467036,
  "icvs_wm": 0.35526143571599017,
  "inu_med": 0.5898514688014984,
  "inu_range": 0.26199116259813304,
  "provenance": {
    "md5sum": "dc01d2902fc87864c628c7e2f6c5f770",
    "settings": {
      "testing": false
    },
    "software": "mriqc",
    "version": "23.0.1",
    "warnings": {
      "large_rot_frame": true,
      "small_air_mask": false
    },
    "webapi_port": null,
    "webapi_url": "https://mriqc.nimh.nih.gov/api/v1"
  },
  "qi_1": 0.0,
  "qi_2": 0.016341444086286287,
  "rpve_csf": 25.725393570355262,
  "rpve_gm": 11.048137267474168,
  "rpve_wm": 16.216115105061263,
  "size_x": 176,
  "size_y": 256,
  "size_z": 256,
  "snr_csf": 1.4801619946877922,
  "snr_gm": 9.426812867727016,
  "snr_total": 10.569362353947525,
  "snr_wm": 20.80111219942777,
  "snrd_csf": 20.109053326052482,
  "snrd_gm": 65.60687732693812,
  "snrd_total": 61.60293583496631,
  "snrd_wm": 99.09287685190834,
  "spacing_x": 0.999999463558197,
  "spacing_y": 1.0,
  "spacing_z": 1.0,
  "summary_bg_k": 7.942317397310699,
  "summary_bg_mad": 0.0,
  "summary_bg_mean": 4.114340665727769,
  "summary_bg_median": 0.0,
  "summary_bg_n": 3785793.0,
  "summary_bg_p05": 0.0,
  "summary_bg_p95": 17.990816831588745,
  "summary_bg_stdv": 6.611337318754479,
  "summary_csf_k": 7.151625484621771,
  "summary_csf_mad": 123.6667702099374,
  "summary_csf_mean": 228.2848940957949,
  "summary_csf_median": 202.93138146400452,
  "summary_csf_n": 20751.0,
  "summary_csf_p05": 51.07882261276245,
  "summary_csf_p95": 470.7649491727352,
  "summary_csf_stdv": 137.0974882858939,
  "summary_gm_k": 0.3030936408233389,
  "summary_gm_mad": 66.31001027093927,
  "summary_gm_mean": 662.8432982405396,
  "summary_gm_median": 662.0746403932571,
  "summary_gm_n": 43936.0,
  "summary_gm_p05": 546.9428484141827,
  "summary_gm_p95": 780.3123644739389,
  "summary_gm_stdv": 70.23233781188225,
  "summary_wm_k": 0.37080209246831064,
  "summary_wm_mad": 46.30509156050823,
  "summary_wm_mean": 999.6895807615687,
  "summary_wm_median": 1000.0000530481339,
  "summary_wm_n": 214064.0,
  "summary_wm_p05": 920.3623813390732,
  "summary_wm_p95": 1077.907838523388,
  "summary_wm_stdv": 48.074242747593836,
  "tpm_overlap_csf": 0.13154697617432046,
  "tpm_overlap_gm": 0.4565986403094599,
  "tpm_overlap_wm": 0.4937137909214769,
  "wm2max": 0.63098566504124
}