{
  "aor": 0.00045830769230769227,
  "aqi": 0.012207790153846154,
  "bids_meta": {
    "AcquisitionMatrixPE": 64,
    "AcquisitionNumber": 1,
    "AcquisitionTime": "11:16:52.140000",
    "BandwidthPerPixelPhaseEncode": 47.348,
    "BaseResolution": 64,
    "BodyPartExamined": "HEAD",
    "ConsistencyInfo": "N4_VD11D_LATEST_20110129",
    "ConversionSoftware": "dcm2niix",
    "ConversionSoftwareVersion": "v1.0.20180518 GCC4.8.5",
    "DerivedVendorReportedEchoSpacing": 0.000660007,
    "DeviceSerialNumber": "45031",
    "DwellTime": 4.5e-06,
    "EchoTime": 0.03,
    "EchoTrainLength": 32,
    "EffectiveEchoSpacing": 0.000330003,
    "FlipAngle": 71,
    "ImageOrientationPatientDICOM": [
      0.997014,
      -0.0382143,
      -0.0670983,
      0.0482389,
      0.986769,
      0.15479
    ],
    "ImageType": [
      "ORIGINAL",
      "PRIMARY",
      "M",
      "ND",
      "NORM",
      "MOSAIC"
    ],
    "InPlanePhaseEncodingDirectionDICOM": "COL",
    "InstitutionAddress": "Washington_and_Faculty_Rd._-_Building_25_25_Princeton_NJ_US_085",
    "InstitutionName": "Princeton_University_-_Neuroscience_Institute",
    "InstitutionalDepartmentName": "Department",
    "MRAcquisitionType": "2D",
    "MagneticFieldStrength": 3,
    "Manufacturer": "Siemens",
    "ManufacturersModelName": "Skyra",
    "Modality": "MR",
    "ParallelReductionFactorInPlane": 2,
    "PartialFourier": 1,
    "PatientPosition": "HFS",
    "PercentPhaseFOV": 100,
    "PhaseEncodingDirection": "j-",
    "PhaseEncodingSteps": 64,
    "PhaseResolution": 1,
    "PixelBandwidth": 1735,
    "ProcedureStepDescription": "NormanLab_Anna",
    "ProtocolName": "epi_195_3x3x3_2s",
    "PulseSequenceDetails": "%SiemensSeq%_ep2d_bold",
    "ReceiveCoilActiveElements": "HE1-4",
    "ReceiveCoilName": "HeadNeck_20",
    "ReconMatrixPE": 64,
    "RepetitionTime": 2,
    "SAR": 0.113408,
    "ScanOptions": "FS",
    "ScanningSequence": "EP",
    "SequenceName": "_epfid2d1_64",
    "SequenceVariant": "SK",
    "SeriesDescription": "epi_195_3x3x3_2s",
    "SeriesNumber": 9,
    "ShimSetting": [
      3209,
      10505,
      10085,
      558,
      94,
      -185,
      830,
      121
    ],
    "SliceThickness": 3,
    "SliceTiming": [
      1,
      0,
      1.055,
      0.055,
      1.11,
      0.11,
      1.1675,
      0.1675,
      1.2225,
      0.2225,
      1.2775,
      0.2775,
      1.3325,
      0.3325,
      1.3875,
      0.39,
      1.445,
      0.445,
      1.5,
      0.5,
      1.555,
      0.555,
      1.61,
      0.61,
      1.665,
      0.6675,
      1.7225,
      0.7225,
      1.7775,
      0.7775,
      1.8325,
      0.8325,
      1.8875,
      0.8875,
      1.945,
      0.945
    ],
    "SoftwareVersions": "syngo_MR_D11",
    "SpacingBetweenSlices": 3,
    "StationName": "AWP45031",
    "TotalReadoutTime": 0.0207902,
    "TxRefAmp": 318.011,
    "dataset": "ds001454",
    "modality": "bold",
    "run_id": 1,
    "session_id": "1",
    "subject_id": "19",
    "task_id": "satellite"
  },
  "dummy_trs": 0,
  "dvars_nstd": 23.779293502680414,
  "dvars_std": 1.0660430175773195,
  "dvars_vstd": 0.9624114105154639,
  "efc": 0.5894804928154118,
  "fber": 1219.818359375,
  "fd_mean": 0.12779450901692604,
  "fd_num": 19,
  "fd_perc": 9.743589743589743,
  "fwhm_avg": 1.7345466666666667,
  "fwhm_x": 1.5721166666666668,
  "fwhm_y": 1.8858966666666666,
  "fwhm_z": 1.7456266666666667,
  "gcor": 0.0202813,
  "gsr_x": -0.008796954527497292,
  "gsr_y": 0.03342612460255623,
  "provenance": {
    "md5sum": "272078dd43eae1b1f172785b30a6c475",
    "settings": {
      "fd_thres": 0.2,
      "testing": false
    },
    "software": "mriqc",
    "version": "23.0.1",
    "webapi_port": null,
    "webapi_url": "https://mriqc.nimh.nih.gov/api/v1"
  },
  "size_t": 195,
  "size_x": 64,
  "size_y": 64,
  "size_z": 36,
  "snr": 6.5058176441714055,
  "spacing_tr": 2.0,
  "spacing_x": 3.0,
  "spacing_y": 3.0,
  "spacing_z": 3.0,
  "summary_bg_k": 23.748662616145946,
  "summary_bg_mad": 13.145738445352634,
  "summary_bg_mean": 43.689178466796875,
  "summary_bg_median": 21.430768966674805,
  "summary_bg_n": 77384.0,
  "summary_bg_p05": 10.071795463562012,
  "summary_bg_p95": 153.72154541015615,
  "summary_bg_stdv": 67.28660583496094,
  "summary_fg_k": 2.7643663577320163,
  "summary_fg_mad": 110.65909854475441,
  "summary_fg_mean": 781.5633544921875,
  "summary_fg_median": 771.1948852539062,
  "summary_fg_n": 36920.0,
  "summary_fg_p05": 619.951806640625,
  "summary_fg_p95": 973.1095214843748,
  "summary_fg_stdv": 118.53766632080078,
  "tsnr": 59.18953310139477
}