{
  "aor": 0.0046481025641025644,
  "aqi": 0.0074003063589743595,
  "bids_meta": {
    "AcquisitionMatrixPE": 64,
    "AcquisitionNumber": 1,
    "AcquisitionTime": "22:36:15.060000",
    "BandwidthPerPixelPhaseEncode": 47.348,
    "BaseResolution": 64,
    "BodyPartExamined": "HEAD",
    "ConsistencyInfo": "N4_VD11D_LATEST_20110129",
    "ConversionSoftware": "dcm2niix",
    "ConversionSoftwareVersion": "v1.0.20180518 GCC4.8.5",
    "DerivedVendorReportedEchoSpacing": 0.000660007,
    "DeviceSerialNumber": "45031",
    "DwellTime": 4.5e-06,
    "EchoTime": 0.03,
    "EchoTrainLength": 32,
    "EffectiveEchoSpacing": 0.000330003,
    "FlipAngle": 71,
    "ImageOrientationPatientDICOM": [
      0.998818,
      0.0266507,
      0.0406387,
      -0.0371487,
      0.957838,
      0.284896
    ],
    "ImageType": [
      "ORIGINAL",
      "PRIMARY",
      "M",
      "ND",
      "NORM",
      "MOSAIC"
    ],
    "InPlanePhaseEncodingDirectionDICOM": "COL",
    "InstitutionAddress": "Washington_and_Faculty_Rd._-_Building_25_25_Princeton_NJ_US_085",
    "InstitutionName": "Princeton_University_-_Neuroscience_Institute",
    "InstitutionalDepartmentName": "Department",
    "MRAcquisitionType": "2D",
    "MagneticFieldStrength": 3,
    "Manufacturer": "Siemens",
    "ManufacturersModelName": "Skyra",
    "Modality": "MR",
    "ParallelReductionFactorInPlane": 2,
    "PartialFourier": 1,
    "PatientPosition": "HFS",
    "PercentPhaseFOV": 100,
    "PhaseEncodingDirection": "j-",
    "PhaseEncodingSteps": 64,
    "PhaseResolution": 1,
    "PixelBandwidth": 1735,
    "ProcedureStepDescription": "NormanLab_Anna",
    "ProtocolName": "epi_195_3x3x3_2s",
    "PulseSequenceDetails": "%SiemensSeq%_ep2d_bold",
    "ReceiveCoilActiveElements": "HE1-4",
    "ReceiveCoilName": "HeadNeck_20",
    "ReconMatrixPE": 64,
    "RepetitionTime": 2,
    "SAR": 0.111741,
    "ScanOptions": "FS",
    "ScanningSequence": "EP",
    "SequenceName": "_epfid2d1_64",
    "SequenceVariant": "SK",
    "SeriesDescription": "epi_195_3x3x3_2s",
    "SeriesNumber": 9,
    "ShimSetting": [
      3207,
      10439,
      9937,
      640,
      -132,
      -325,
      515,
      -90
    ],
    "SliceThickness": 3,
    "SliceTiming": [
      1,
      0,
      1.055,
      0.0575,
      1.1125,
      0.1125,
      1.1675,
      0.1675,
      1.2225,
      0.2225,
      1.2775,
      0.2775,
      1.335,
      0.335,
      1.39,
      0.39,
      1.445,
      0.445,
      1.5,
      0.5,
      1.555,
      0.555,
      1.6125,
      0.6125,
      1.6675,
      0.6675,
      1.7225,
      0.7225,
      1.7775,
      0.7775,
      1.8325,
      0.835,
      1.89,
      0.89,
      1.945,
      0.945
    ],
    "SoftwareVersions": "syngo_MR_D11",
    "SpacingBetweenSlices": 3,
    "StationName": "AWP45031",
    "TotalReadoutTime": 0.0207902,
    "TxRefAmp": 316.33,
    "dataset": "ds001454",
    "modality": "bold",
    "run_id": 1,
    "session_id": "2",
    "subject_id": "13",
    "task_id": "satellite"
  },
  "dummy_trs": 0,
  "dvars_nstd": 21.038293189793812,
  "dvars_std": 1.1290103006185563,
  "dvars_vstd": 1.0417875379381456,
  "efc": 0.586907346000179,
  "fber": 1067.108642578125,
  "fd_mean": 0.0847360379063258,
  "fd_num": 6,
  "fd_perc": 3.076923076923077,
  "fwhm_avg": 1.7592922222222223,
  "fwhm_x": 1.6700933333333332,
  "fwhm_y": 1.8141866666666668,
  "fwhm_z": 1.7935966666666667,
  "gcor": 0.0106638,
  "gsr_x": 0.003770459908992052,
  "gsr_y": 0.024480745196342468,
  "provenance": {
    "md5sum": "3da46606b0aa32fc74c21aacfa505833",
    "settings": {
      "fd_thres": 0.2,
      "testing": false
    },
    "software": "mriqc",
    "version": "23.0.1",
    "webapi_port": null,
    "webapi_url": "https://mriqc.nimh.nih.gov/api/v1"
  },
  "size_t": 195,
  "size_x": 64,
  "size_y": 64,
  "size_z": 36,
  "snr": 5.72787391735306,
  "spacing_tr": 2.0,
  "spacing_x": 3.0,
  "spacing_y": 3.0,
  "spacing_z": 3.0,
  "summary_bg_k": 24.81932750558819,
  "summary_bg_mad": 16.076730268417705,
  "summary_bg_mean": 47.35368728637695,
  "summary_bg_median": 24.064102172851562,
  "summary_bg_n": 77956.0,
  "summary_bg_p05": 10.20512866973877,
  "summary_bg_p95": 166.56923294067383,
  "summary_bg_stdv": 74.46836853027344,
  "summary_fg_k": 3.078748913636068,
  "summary_fg_mad": 119.32667489346906,
  "summary_fg_mean": 812.3018798828125,
  "summary_fg_median": 795.30517578125,
  "summary_fg_n": 36740.0,
  "summary_fg_p05": 634.4138641357422,
  "summary_fg_p95": 1048.2690307617186,
  "summary_fg_stdv": 138.84634399414062,
  "tsnr": 62.26415022555739
}