{
  "aor": 0.0008025128205128206,
  "aqi": 0.007047180461538462,
  "bids_meta": {
    "AcquisitionMatrixPE": 64,
    "AcquisitionNumber": 1,
    "AcquisitionTime": "23:31:29.697500",
    "BandwidthPerPixelPhaseEncode": 47.348,
    "BaseResolution": 64,
    "BodyPartExamined": "HEAD",
    "ConsistencyInfo": "N4_VD11D_LATEST_20110129",
    "ConversionSoftware": "dcm2niix",
    "ConversionSoftwareVersion": "v1.0.20180518 GCC4.8.5",
    "DerivedVendorReportedEchoSpacing": 0.000660007,
    "DeviceSerialNumber": "45031",
    "DwellTime": 4.5e-06,
    "EchoTime": 0.03,
    "EchoTrainLength": 32,
    "EffectiveEchoSpacing": 0.000330003,
    "FlipAngle": 71,
    "ImageOrientationPatientDICOM": [
      0.998818,
      0.0266507,
      0.0406387,
      -0.0371487,
      0.957838,
      0.284896
    ],
    "ImageType": [
      "ORIGINAL",
      "PRIMARY",
      "M",
      "ND",
      "NORM",
      "MOSAIC"
    ],
    "InPlanePhaseEncodingDirectionDICOM": "COL",
    "InstitutionAddress": "Washington_and_Faculty_Rd._-_Building_25_25_Princeton_NJ_US_085",
    "InstitutionName": "Princeton_University_-_Neuroscience_Institute",
    "InstitutionalDepartmentName": "Department",
    "MRAcquisitionType": "2D",
    "MagneticFieldStrength": 3,
    "Manufacturer": "Siemens",
    "ManufacturersModelName": "Skyra",
    "Modality": "MR",
    "ParallelReductionFactorInPlane": 2,
    "PartialFourier": 1,
    "PatientPosition": "HFS",
    "PercentPhaseFOV": 100,
    "PhaseEncodingDirection": "j-",
    "PhaseEncodingSteps": 64,
    "PhaseResolution": 1,
    "PixelBandwidth": 1735,
    "ProcedureStepDescription": "NormanLab_Anna",
    "ProtocolName": "epi_195_3x3x3_2s",
    "PulseSequenceDetails": "%SiemensSeq%_ep2d_bold",
    "ReceiveCoilActiveElements": "HE1-4",
    "ReceiveCoilName": "HeadNeck_20",
    "ReconMatrixPE": 64,
    "RepetitionTime": 2,
    "SAR": 0.111741,
    "ScanOptions": "FS",
    "ScanningSequence": "EP",
    "SequenceName": "_epfid2d1_64",
    "SequenceVariant": "SK",
    "SeriesDescription": "epi_195_3x3x3_2s",
    "SeriesNumber": 17,
    "ShimSetting": [
      3207,
      10439,
      9937,
      640,
      -132,
      -325,
      515,
      -90
    ],
    "SliceThickness": 3,
    "SliceTiming": [
      1,
      0,
      1.055,
      0.055,
      1.11,
      0.11,
      1.1675,
      0.1675,
      1.2225,
      0.2225,
      1.2775,
      0.2775,
      1.3325,
      0.3325,
      1.3875,
      0.39,
      1.445,
      0.445,
      1.5,
      0.5,
      1.555,
      0.555,
      1.61,
      0.61,
      1.665,
      0.6675,
      1.7225,
      0.7225,
      1.7775,
      0.7775,
      1.8325,
      0.8325,
      1.8875,
      0.8875,
      1.945,
      0.945
    ],
    "SoftwareVersions": "syngo_MR_D11",
    "SpacingBetweenSlices": 3,
    "StationName": "AWP45031",
    "TotalReadoutTime": 0.0207902,
    "TxRefAmp": 316.33,
    "dataset": "ds001454",
    "modality": "bold",
    "run_id": 1,
    "session_id": "2",
    "subject_id": "13",
    "task_id": "rest"
  },
  "dummy_trs": 0,
  "dvars_nstd": 21.24084862005154,
  "dvars_std": 1.0884085573195883,
  "dvars_vstd": 0.9992247757731962,
  "efc": 0.5901511980340314,
  "fber": 978.625,
  "fd_mean": 0.0679898006287388,
  "fd_num": 6,
  "fd_perc": 3.076923076923077,
  "fwhm_avg": 1.758403333333333,
  "fwhm_x": 1.6668733333333332,
  "fwhm_y": 1.8077066666666666,
  "fwhm_z": 1.80063,
  "gcor": 0.0380554,
  "gsr_x": 0.0069969091564416885,
  "gsr_y": 0.023853013291954994,
  "provenance": {
    "md5sum": "c19678c5f09b083cfb4bcf2bc45475da",
    "settings": {
      "fd_thres": 0.2,
      "testing": false
    },
    "software": "mriqc",
    "version": "23.0.1",
    "webapi_port": null,
    "webapi_url": "https://mriqc.nimh.nih.gov/api/v1"
  },
  "size_t": 195,
  "size_x": 64,
  "size_y": 64,
  "size_z": 36,
  "snr": 5.792844055537744,
  "spacing_tr": 2.0,
  "spacing_x": 3.0,
  "spacing_y": 3.0,
  "spacing_z": 3.0,
  "summary_bg_k": 22.07240256449555,
  "summary_bg_mad": 16.818032791590163,
  "summary_bg_mean": 50.20500183105469,
  "summary_bg_median": 25.041027069091797,
  "summary_bg_n": 78018.0,
  "summary_bg_p05": 10.671794891357422,
  "summary_bg_p95": 181.0561576843258,
  "summary_bg_stdv": 79.14775085449219,
  "summary_fg_k": 2.822963480742204,
  "summary_fg_mad": 118.870465232544,
  "summary_fg_mean": 809.0370483398438,
  "summary_fg_median": 792.259033203125,
  "summary_fg_n": 36692.0,
  "summary_fg_p05": 631.3856689453125,
  "summary_fg_p95": 1041.221862792968,
  "summary_fg_stdv": 136.7632598876953,
  "tsnr": 63.031375407474115
}