{
  "aor": 0.00213221052631579,
  "aqi": 0.007026212157894735,
  "bids_meta": {
    "AcquisitionMatrixPE": 64,
    "AcquisitionNumber": 1,
    "AcquisitionTime": "23:03:54.845000",
    "BandwidthPerPixelPhaseEncode": 47.348,
    "BaseResolution": 64,
    "BodyPartExamined": "HEAD",
    "ConsistencyInfo": "N4_VD11D_LATEST_20110129",
    "ConversionSoftware": "dcm2niix",
    "ConversionSoftwareVersion": "v1.0.20180518 GCC4.8.5",
    "DerivedVendorReportedEchoSpacing": 0.000660007,
    "DeviceSerialNumber": "45031",
    "DwellTime": 4.5e-06,
    "EchoTime": 0.03,
    "EchoTrainLength": 32,
    "EffectiveEchoSpacing": 0.000330003,
    "FlipAngle": 71,
    "ImageOrientationPatientDICOM": [
      0.998818,
      0.0266507,
      0.0406387,
      -0.0371487,
      0.957838,
      0.284896
    ],
    "ImageType": [
      "ORIGINAL",
      "PRIMARY",
      "M",
      "ND",
      "NORM",
      "MOSAIC"
    ],
    "InPlanePhaseEncodingDirectionDICOM": "COL",
    "InstitutionAddress": "Washington_and_Faculty_Rd._-_Building_25_25_Princeton_NJ_US_085",
    "InstitutionName": "Princeton_University_-_Neuroscience_Institute",
    "InstitutionalDepartmentName": "Department",
    "MRAcquisitionType": "2D",
    "MagneticFieldStrength": 3,
    "Manufacturer": "Siemens",
    "ManufacturersModelName": "Skyra",
    "Modality": "MR",
    "ParallelReductionFactorInPlane": 2,
    "PartialFourier": 1,
    "PatientPosition": "HFS",
    "PercentPhaseFOV": 100,
    "PhaseEncodingDirection": "j-",
    "PhaseEncodingSteps": 64,
    "PhaseResolution": 1,
    "PixelBandwidth": 1735,
    "ProcedureStepDescription": "NormanLab_Anna",
    "ProtocolName": "epi_195_3x3x3_2s",
    "PulseSequenceDetails": "%SiemensSeq%_ep2d_bold",
    "ReceiveCoilActiveElements": "HE1-4",
    "ReceiveCoilName": "HeadNeck_20",
    "ReconMatrixPE": 64,
    "RepetitionTime": 2,
    "SAR": 0.111741,
    "ScanOptions": "FS",
    "ScanningSequence": "EP",
    "SequenceName": "_epfid2d1_64",
    "SequenceVariant": "SK",
    "SeriesDescription": "epi_195_3x3x3_2s",
    "SeriesNumber": 13,
    "ShimSetting": [
      3207,
      10439,
      9937,
      640,
      -132,
      -325,
      515,
      -90
    ],
    "SliceThickness": 3,
    "SliceTiming": [
      1,
      0,
      1.055,
      0.055,
      1.11,
      0.1125,
      1.1675,
      0.1675,
      1.2225,
      0.2225,
      1.2775,
      0.2775,
      1.3325,
      0.3325,
      1.39,
      0.39,
      1.445,
      0.445,
      1.5,
      0.5,
      1.555,
      0.555,
      1.61,
      0.61,
      1.6675,
      0.6675,
      1.7225,
      0.7225,
      1.7775,
      0.7775,
      1.8325,
      0.8325,
      1.8875,
      0.89,
      1.945,
      0.945
    ],
    "SoftwareVersions": "syngo_MR_D11",
    "SpacingBetweenSlices": 3,
    "StationName": "AWP45031",
    "TotalReadoutTime": 0.0207902,
    "TxRefAmp": 316.33,
    "dataset": "ds001454",
    "modality": "bold",
    "run_id": 5,
    "session_id": "2",
    "subject_id": "13",
    "task_id": "satellite"
  },
  "dummy_trs": 5,
  "dvars_nstd": 21.545460655396816,
  "dvars_std": 1.1153882494708993,
  "dvars_vstd": 1.0284183032804235,
  "efc": 0.5892826200850441,
  "fber": 1011.7047729492188,
  "fd_mean": 0.09661396347370692,
  "fd_num": 13,
  "fd_perc": 6.842105263157895,
  "fwhm_avg": 1.760571111111111,
  "fwhm_x": 1.6621,
  "fwhm_y": 1.8066700000000002,
  "fwhm_z": 1.8129433333333334,
  "gcor": 0.0592962,
  "gsr_x": 0.004803009796887636,
  "gsr_y": 0.024606244638562202,
  "provenance": {
    "md5sum": "fb3b9eb63c4865169b43db10e56ce4d4",
    "settings": {
      "fd_thres": 0.2,
      "testing": false
    },
    "software": "mriqc",
    "version": "23.0.1",
    "webapi_port": null,
    "webapi_url": "https://mriqc.nimh.nih.gov/api/v1"
  },
  "size_t": 190,
  "size_x": 64,
  "size_y": 64,
  "size_z": 36,
  "snr": 5.808665693054736,
  "spacing_tr": 2.0,
  "spacing_x": 3.0,
  "spacing_y": 3.0,
  "spacing_z": 3.0,
  "summary_bg_k": 24.007711898865672,
  "summary_bg_mad": 16.339839507834416,
  "summary_bg_mean": 49.07053756713867,
  "summary_bg_median": 24.642107009887695,
  "summary_bg_n": 77936.0,
  "summary_bg_p05": 10.605263710021973,
  "summary_bg_p95": 177.94868850708008,
  "summary_bg_stdv": 77.5373764038086,
  "summary_fg_k": 2.8704132390597916,
  "summary_fg_mad": 117.95275219549723,
  "summary_fg_mean": 809.4287719726562,
  "summary_fg_median": 792.678955078125,
  "summary_fg_n": 36843.0,
  "summary_fg_p05": 631.6368591308594,
  "summary_fg_p95": 1040.509033203125,
  "summary_fg_stdv": 136.46304321289062,
  "tsnr": 61.42300669103861
}