{
  "aor": 0.0006402051282051283,
  "aqi": 0.007222976,
  "bids_meta": {
    "AcquisitionMatrixPE": 64,
    "AcquisitionNumber": 1,
    "AcquisitionTime": "11:57:14.655000",
    "BandwidthPerPixelPhaseEncode": 47.348,
    "BaseResolution": 64,
    "BodyPartExamined": "HEAD",
    "ConsistencyInfo": "N4_VD11D_LATEST_20110129",
    "ConversionSoftware": "dcm2niix",
    "ConversionSoftwareVersion": "v1.0.20180518 GCC4.8.5",
    "DerivedVendorReportedEchoSpacing": 0.000660007,
    "DeviceSerialNumber": "45031",
    "DwellTime": 4.5e-06,
    "EchoTime": 0.03,
    "EchoTrainLength": 32,
    "EffectiveEchoSpacing": 0.000330003,
    "FlipAngle": 71,
    "ImageOrientationPatientDICOM": [
      0.999698,
      0.0239743,
      0.00542795,
      -0.0244321,
      0.993386,
      0.112197
    ],
    "ImageType": [
      "ORIGINAL",
      "PRIMARY",
      "M",
      "ND",
      "NORM",
      "MOSAIC"
    ],
    "InPlanePhaseEncodingDirectionDICOM": "COL",
    "InstitutionAddress": "Washington_and_Faculty_Rd._-_Building_25_25_Princeton_NJ_US_085",
    "InstitutionName": "Princeton_University_-_Neuroscience_Institute",
    "InstitutionalDepartmentName": "Department",
    "MRAcquisitionType": "2D",
    "MagneticFieldStrength": 3,
    "Manufacturer": "Siemens",
    "ManufacturersModelName": "Skyra",
    "Modality": "MR",
    "ParallelReductionFactorInPlane": 2,
    "PartialFourier": 1,
    "PatientPosition": "HFS",
    "PercentPhaseFOV": 100,
    "PhaseEncodingDirection": "j-",
    "PhaseEncodingSteps": 64,
    "PhaseResolution": 1,
    "PixelBandwidth": 1735,
    "ProcedureStepDescription": "NormanLab_Anna",
    "ProtocolName": "epi_195_3x3x3_2s",
    "PulseSequenceDetails": "%SiemensSeq%_ep2d_bold",
    "ReceiveCoilActiveElements": "HE1-4",
    "ReceiveCoilName": "HeadNeck_20",
    "ReconMatrixPE": 64,
    "RepetitionTime": 2,
    "SAR": 0.124814,
    "ScanOptions": "FS",
    "ScanningSequence": "EP",
    "SequenceName": "_epfid2d1_64",
    "SequenceVariant": "SK",
    "SeriesDescription": "epi_195_3x3x3_2s",
    "SeriesNumber": 15,
    "ShimSetting": [
      3220,
      10494,
      9968,
      351,
      -19,
      -124,
      860,
      -42
    ],
    "SliceThickness": 3,
    "SliceTiming": [
      1,
      0,
      1.055,
      0.055,
      1.11,
      0.11,
      1.165,
      0.165,
      1.2225,
      0.2225,
      1.2775,
      0.2775,
      1.3325,
      0.3325,
      1.3875,
      0.3875,
      1.4425,
      0.4425,
      1.5,
      0.5,
      1.555,
      0.555,
      1.61,
      0.61,
      1.665,
      0.665,
      1.72,
      0.7225,
      1.7775,
      0.7775,
      1.8325,
      0.8325,
      1.8875,
      0.8875,
      1.9425,
      0.9425
    ],
    "SoftwareVersions": "syngo_MR_D11",
    "SpacingBetweenSlices": 3,
    "StationName": "AWP45031",
    "TotalReadoutTime": 0.0207902,
    "TxRefAmp": 329.581,
    "dataset": "ds001454",
    "modality": "bold",
    "run_id": 7,
    "session_id": "1",
    "subject_id": "03",
    "task_id": "satellite"
  },
  "dummy_trs": 0,
  "dvars_nstd": 26.780629797216477,
  "dvars_std": 1.1811592837628866,
  "dvars_vstd": 1.0097164380927832,
  "efc": 0.5747928231374143,
  "fber": 1279.2353515625,
  "fd_mean": 0.15266233950474672,
  "fd_num": 50,
  "fd_perc": 25.641025641025642,
  "fwhm_avg": 1.6658511111111112,
  "fwhm_x": 1.59891,
  "fwhm_y": 1.7081333333333333,
  "fwhm_z": 1.69051,
  "gcor": 0.0235518,
  "gsr_x": -0.004022587556391954,
  "gsr_y": 0.03459233418107033,
  "provenance": {
    "md5sum": "5aad9bfd1af06797ff38457d21beeeac",
    "settings": {
      "fd_thres": 0.2,
      "testing": false
    },
    "software": "mriqc",
    "version": "23.0.1",
    "webapi_port": null,
    "webapi_url": "https://mriqc.nimh.nih.gov/api/v1"
  },
  "size_t": 195,
  "size_x": 64,
  "size_y": 64,
  "size_z": 36,
  "snr": 6.4222510476095405,
  "spacing_tr": 2.0,
  "spacing_x": 3.0,
  "spacing_y": 3.0,
  "spacing_z": 3.0,
  "summary_bg_k": 40.30666084044932,
  "summary_bg_mad": 10.146321394395297,
  "summary_bg_mean": 38.12564468383789,
  "summary_bg_median": 18.933334350585938,
  "summary_bg_n": 79650.0,
  "summary_bg_p05": 9.871795654296875,
  "summary_bg_p95": 118.29000549316407,
  "summary_bg_stdv": 65.63518524169922,
  "summary_fg_k": 3.320720103450732,
  "summary_fg_mad": 92.89836734185445,
  "summary_fg_mean": 701.0318603515625,
  "summary_fg_median": 688.8436279296875,
  "summary_fg_n": 35242.0,
  "summary_fg_p05": 562.2569213867188,
  "summary_fg_p95": 877.9023315429685,
  "summary_fg_stdv": 107.25738525390625,
  "tsnr": 67.04892819630913
}