{
  "aor": 0.0003580512820512821,
  "aqi": 0.011292705128205129,
  "bids_meta": {
    "AcquisitionMatrixPE": 64,
    "AcquisitionNumber": 1,
    "AcquisitionTime": "11:36:40.105000",
    "BandwidthPerPixelPhaseEncode": 47.348,
    "BaseResolution": 64,
    "BodyPartExamined": "HEAD",
    "ConsistencyInfo": "N4_VD11D_LATEST_20110129",
    "ConversionSoftware": "dcm2niix",
    "ConversionSoftwareVersion": "v1.0.20180518 GCC4.8.5",
    "DerivedVendorReportedEchoSpacing": 0.000660007,
    "DeviceSerialNumber": "45031",
    "DwellTime": 4.5e-06,
    "EchoTime": 0.03,
    "EchoTrainLength": 32,
    "EffectiveEchoSpacing": 0.000330003,
    "FlipAngle": 71,
    "ImageOrientationPatientDICOM": [
      0.999698,
      0.0239743,
      0.00542795,
      -0.0244321,
      0.993386,
      0.112197
    ],
    "ImageType": [
      "ORIGINAL",
      "PRIMARY",
      "M",
      "ND",
      "NORM",
      "MOSAIC"
    ],
    "InPlanePhaseEncodingDirectionDICOM": "COL",
    "InstitutionAddress": "Washington_and_Faculty_Rd._-_Building_25_25_Princeton_NJ_US_085",
    "InstitutionName": "Princeton_University_-_Neuroscience_Institute",
    "InstitutionalDepartmentName": "Department",
    "MRAcquisitionType": "2D",
    "MagneticFieldStrength": 3,
    "Manufacturer": "Siemens",
    "ManufacturersModelName": "Skyra",
    "Modality": "MR",
    "ParallelReductionFactorInPlane": 2,
    "PartialFourier": 1,
    "PatientPosition": "HFS",
    "PercentPhaseFOV": 100,
    "PhaseEncodingDirection": "j-",
    "PhaseEncodingSteps": 64,
    "PhaseResolution": 1,
    "PixelBandwidth": 1735,
    "ProcedureStepDescription": "NormanLab_Anna",
    "ProtocolName": "epi_195_3x3x3_2s",
    "PulseSequenceDetails": "%SiemensSeq%_ep2d_bold",
    "ReceiveCoilActiveElements": "HE1-4",
    "ReceiveCoilName": "HeadNeck_20",
    "ReconMatrixPE": 64,
    "RepetitionTime": 2,
    "SAR": 0.124814,
    "ScanOptions": "FS",
    "ScanningSequence": "EP",
    "SequenceName": "_epfid2d1_64",
    "SequenceVariant": "SK",
    "SeriesDescription": "epi_195_3x3x3_2s",
    "SeriesNumber": 12,
    "ShimSetting": [
      3220,
      10494,
      9968,
      351,
      -19,
      -124,
      860,
      -42
    ],
    "SliceThickness": 3,
    "SliceTiming": [
      1,
      0,
      1.055,
      0.055,
      1.11,
      0.11,
      1.165,
      0.1675,
      1.2225,
      0.2225,
      1.2775,
      0.2775,
      1.3325,
      0.3325,
      1.3875,
      0.3875,
      1.4425,
      0.445,
      1.5,
      0.5,
      1.555,
      0.555,
      1.61,
      0.61,
      1.665,
      0.665,
      1.7225,
      0.7225,
      1.7775,
      0.7775,
      1.8325,
      0.8325,
      1.8875,
      0.8875,
      1.9425,
      0.945
    ],
    "SoftwareVersions": "syngo_MR_D11",
    "SpacingBetweenSlices": 3,
    "StationName": "AWP45031",
    "TotalReadoutTime": 0.0207902,
    "TxRefAmp": 329.581,
    "dataset": "ds001454",
    "modality": "bold",
    "run_id": 4,
    "session_id": "1",
    "subject_id": "03",
    "task_id": "satellite"
  },
  "dummy_trs": 0,
  "dvars_nstd": 27.52289216541238,
  "dvars_std": 1.145577588144329,
  "dvars_vstd": 0.9744589846907218,
  "efc": 0.5739167661975384,
  "fber": 1298.7669677734375,
  "fd_mean": 0.18169297535756918,
  "fd_num": 86,
  "fd_perc": 44.1025641025641,
  "fwhm_avg": 1.6484033333333334,
  "fwhm_x": 1.5707133333333332,
  "fwhm_y": 1.7045633333333334,
  "fwhm_z": 1.6699333333333335,
  "gcor": 0.0157662,
  "gsr_x": -0.006236461456865072,
  "gsr_y": 0.03602166101336479,
  "provenance": {
    "md5sum": "1bdf094679c4045e1362fc8ab892ba05",
    "settings": {
      "fd_thres": 0.2,
      "testing": false
    },
    "software": "mriqc",
    "version": "23.0.1",
    "webapi_port": null,
    "webapi_url": "https://mriqc.nimh.nih.gov/api/v1"
  },
  "size_t": 195,
  "size_x": 64,
  "size_y": 64,
  "size_z": 36,
  "snr": 6.485459178758285,
  "spacing_tr": 2.0,
  "spacing_x": 3.0,
  "spacing_y": 3.0,
  "spacing_z": 3.0,
  "summary_bg_k": 47.93901579039603,
  "summary_bg_mad": 10.233758185998754,
  "summary_bg_mean": 36.8805046081543,
  "summary_bg_median": 18.83077049255371,
  "summary_bg_n": 79500.0,
  "summary_bg_p05": 9.723076820373535,
  "summary_bg_p95": 109.15949401855471,
  "summary_bg_stdv": 64.65730285644531,
  "summary_fg_k": 3.341016452256696,
  "summary_fg_mad": 92.13801790697937,
  "summary_fg_mean": 702.6756591796875,
  "summary_fg_median": 690.0590209960938,
  "summary_fg_n": 35328.0,
  "summary_fg_p05": 564.3969482421875,
  "summary_fg_p95": 878.0418243408204,
  "summary_fg_stdv": 106.39944458007812,
  "tsnr": 58.909725395496935
}