{
  "aor": 0.0010030769230769232,
  "aqi": 0.006249812717948718,
  "bids_meta": {
    "AccelFactPE": 2,
    "AcquisitionNumber": 1,
    "AcquisitionTime": "21:19:0.795000",
    "BandwidthPerPixelPhaseEncode": 47.348,
    "BodyPartExamined": "HEAD",
    "ConversionSoftware": "dcm2niix",
    "ConversionSoftwareVersion": "v1.0.20170724 (OpenJPEG build) GCC6.1.0",
    "DeviceSerialNumber": "45031",
    "EchoTime": 0.03,
    "EchoTrainLength": 32,
    "EffectiveEchoSpacing": 0.000330003,
    "FlipAngle": 71,
    "ImageType": [
      "ORIGINAL",
      "PRIMARY",
      "M",
      "ND",
      "NORM",
      "MOSAIC"
    ],
    "InstitutionAddress": "Washington_and_Faculty_Rd._-_Building_25_25_Princeton_NJ_US_085",
    "InstitutionName": "Princeton_University_-_Neuroscience_Institute",
    "MagneticFieldStrength": 3,
    "Manufacturer": "Siemens",
    "ManufacturersModelName": "Skyra",
    "PhaseEncodingDirection": "j-",
    "PhaseEncodingLines": 64,
    "ProcedureStepDescription": "NormanLab_Anna",
    "ProtocolName": "epi_195_3x3x3_2s",
    "RepetitionTime": 2,
    "ScanningSequence": "EP",
    "SequenceName": "_epfid2d1_64",
    "SequenceVariant": "SK",
    "SeriesDescription": "epi_195_3x3x3_2s",
    "SliceTiming": [
      1,
      0,
      1.055,
      0.055,
      1.1125,
      0.1125,
      1.1675,
      0.1675,
      1.2225,
      0.2225,
      1.2775,
      0.2775,
      1.3325,
      0.335,
      1.39,
      0.39,
      1.445,
      0.445,
      1.5,
      0.5,
      1.555,
      0.555,
      1.6125,
      0.6125,
      1.6675,
      0.6675,
      1.7225,
      0.7225,
      1.7775,
      0.7775,
      1.8325,
      0.8325,
      1.89,
      0.89,
      1.945,
      0.945
    ],
    "SoftwareVersions": "syngo_MR_D11",
    "TotalReadoutTime": 0.0204602,
    "TrueEchoSpacing": 0.000660007,
    "dataset": "ds001454",
    "modality": "bold",
    "run_id": 3,
    "session_id": "1",
    "subject_id": "01",
    "task_id": "satellite"
  },
  "dummy_trs": 0,
  "dvars_nstd": 26.531310956855656,
  "dvars_std": 1.170805343762887,
  "dvars_vstd": 1.0094820087113399,
  "efc": 0.6604063810590918,
  "fber": 715.802001953125,
  "fd_mean": 0.06580534071891964,
  "fd_num": 1,
  "fd_perc": 0.5128205128205128,
  "fwhm_avg": 1.6454944444444444,
  "fwhm_x": 1.5151833333333335,
  "fwhm_y": 1.7521133333333332,
  "fwhm_z": 1.6691866666666666,
  "gcor": 0.045139,
  "gsr_x": -0.0004378184676170349,
  "gsr_y": 0.043307580053806305,
  "provenance": {
    "md5sum": "386b6fb8f991d39f36893c137bc81cf6",
    "settings": {
      "fd_thres": 0.2,
      "testing": false
    },
    "software": "mriqc",
    "version": "23.0.1",
    "webapi_port": null,
    "webapi_url": "https://mriqc.nimh.nih.gov/api/v1"
  },
  "size_t": 195,
  "size_x": 64,
  "size_y": 64,
  "size_z": 36,
  "snr": 6.086100501567408,
  "spacing_tr": 2.0,
  "spacing_x": 3.0,
  "spacing_y": 3.0,
  "spacing_z": 3.0,
  "summary_bg_k": 13.272751116497059,
  "summary_bg_mad": 20.09496126759281,
  "summary_bg_mean": 60.21303176879883,
  "summary_bg_median": 27.851282119750977,
  "summary_bg_n": 64911.0,
  "summary_bg_p05": 11.712821006774902,
  "summary_bg_p95": 233.04103088378906,
  "summary_bg_stdv": 83.93490600585938,
  "summary_fg_k": 2.4255717611926855,
  "summary_fg_mad": 121.18562859065904,
  "summary_fg_mean": 800.6917114257812,
  "summary_fg_median": 788.5359497070312,
  "summary_fg_n": 47810.0,
  "summary_fg_p05": 624.8161987304687,
  "summary_fg_p95": 1016.8431152343749,
  "summary_fg_stdv": 129.5620574951172,
  "tsnr": 63.17945890687406
}