{
  "aor": 0.0036964102564102565,
  "aqi": 0.00927532005128205,
  "bids_meta": {
    "AccelFactPE": 2,
    "AcquisitionNumber": 1,
    "AcquisitionTime": "21:04:10.167500",
    "BandwidthPerPixelPhaseEncode": 47.348,
    "BodyPartExamined": "HEAD",
    "ConversionSoftware": "dcm2niix",
    "ConversionSoftwareVersion": "v1.0.20170724 (OpenJPEG build) GCC6.1.0",
    "DeviceSerialNumber": "45031",
    "EchoTime": 0.03,
    "EchoTrainLength": 32,
    "EffectiveEchoSpacing": 0.000330003,
    "FlipAngle": 71,
    "ImageType": [
      "ORIGINAL",
      "PRIMARY",
      "M",
      "ND",
      "NORM",
      "MOSAIC"
    ],
    "InstitutionAddress": "Washington_and_Faculty_Rd._-_Building_25_25_Princeton_NJ_US_085",
    "InstitutionName": "Princeton_University_-_Neuroscience_Institute",
    "MagneticFieldStrength": 3,
    "Manufacturer": "Siemens",
    "ManufacturersModelName": "Skyra",
    "PhaseEncodingDirection": "j-",
    "PhaseEncodingLines": 64,
    "ProcedureStepDescription": "NormanLab_Anna",
    "ProtocolName": "epi_195_3x3x3_2s",
    "RepetitionTime": 2,
    "ScanningSequence": "EP",
    "SequenceName": "_epfid2d1_64",
    "SequenceVariant": "SK",
    "SeriesDescription": "epi_195_3x3x3_2s",
    "SliceTiming": [
      1,
      0,
      1.0575,
      0.0575,
      1.1125,
      0.1125,
      1.1675,
      0.1675,
      1.2225,
      0.2225,
      1.2775,
      0.28,
      1.335,
      0.335,
      1.39,
      0.39,
      1.445,
      0.445,
      1.5,
      0.5,
      1.5575,
      0.5575,
      1.6125,
      0.6125,
      1.6675,
      0.6675,
      1.7225,
      0.7225,
      1.7775,
      0.7775,
      1.835,
      0.835,
      1.89,
      0.89,
      1.945,
      0.945
    ],
    "SoftwareVersions": "syngo_MR_D11",
    "TotalReadoutTime": 0.0204602,
    "TrueEchoSpacing": 0.000660007,
    "dataset": "ds001454",
    "modality": "bold",
    "run_id": 1,
    "session_id": "1",
    "subject_id": "01",
    "task_id": "satellite"
  },
  "dummy_trs": 0,
  "dvars_nstd": 27.52232174010307,
  "dvars_std": 1.207228587268042,
  "dvars_vstd": 1.0477081531443304,
  "efc": 0.658721952046882,
  "fber": 684.2978515625,
  "fd_mean": 0.09414865584398194,
  "fd_num": 12,
  "fd_perc": 6.153846153846154,
  "fwhm_avg": 1.6718044444444444,
  "fwhm_x": 1.5484333333333333,
  "fwhm_y": 1.78318,
  "fwhm_z": 1.6838,
  "gcor": 0.031289,
  "gsr_x": -0.0006031781085766852,
  "gsr_y": 0.042417433112859726,
  "provenance": {
    "md5sum": "606b4879614cab3fadc4c1d9bdf765ef",
    "settings": {
      "fd_thres": 0.2,
      "testing": false
    },
    "software": "mriqc",
    "version": "23.0.1",
    "webapi_port": null,
    "webapi_url": "https://mriqc.nimh.nih.gov/api/v1"
  },
  "size_t": 195,
  "size_x": 64,
  "size_y": 64,
  "size_z": 36,
  "snr": 6.101926296049673,
  "spacing_tr": 2.0,
  "spacing_x": 3.0,
  "spacing_y": 3.0,
  "spacing_z": 3.0,
  "summary_bg_k": 13.300457217631507,
  "summary_bg_mad": 20.83246317472662,
  "summary_bg_mean": 59.58986282348633,
  "summary_bg_median": 28.630769729614258,
  "summary_bg_n": 65541.0,
  "summary_bg_p05": 11.892308235168457,
  "summary_bg_p95": 225.6615447998047,
  "summary_bg_stdv": 81.12419128417969,
  "summary_fg_k": 2.4513101442169454,
  "summary_fg_mad": 120.79027403178141,
  "summary_fg_mean": 799.8121948242188,
  "summary_fg_median": 787.902587890625,
  "summary_fg_n": 47461.0,
  "summary_fg_p05": 625.03076171875,
  "summary_fg_p95": 1013.0564575195312,
  "summary_fg_stdv": 129.12222290039062,
  "tsnr": 55.642119511263445
}