{
  "aor": 0.0032113333333333334,
  "aqi": 0.006844093999999999,
  "bids_meta": {
    "AccelFactPE": 2,
    "AcquisitionNumber": 1,
    "AcquisitionTime": "22:00:42.805000",
    "BandwidthPerPixelPhaseEncode": 47.348,
    "BodyPartExamined": "HEAD",
    "ConversionSoftware": "dcm2niix",
    "ConversionSoftwareVersion": "v1.0.20170724 (OpenJPEG build) GCC6.1.0",
    "DeviceSerialNumber": "45031",
    "EchoTime": 0.03,
    "EchoTrainLength": 32,
    "EffectiveEchoSpacing": 0.000330003,
    "FlipAngle": 71,
    "ImageType": [
      "ORIGINAL",
      "PRIMARY",
      "M",
      "ND",
      "NORM",
      "MOSAIC"
    ],
    "InstitutionAddress": "Washington_and_Faculty_Rd._-_Building_25_25_Princeton_NJ_US_085",
    "InstitutionName": "Princeton_University_-_Neuroscience_Institute",
    "MagneticFieldStrength": 3,
    "Manufacturer": "Siemens",
    "ManufacturersModelName": "Skyra",
    "PhaseEncodingDirection": "j-",
    "PhaseEncodingLines": 64,
    "ProcedureStepDescription": "NormanLab_Anna",
    "ProtocolName": "epi_195_3x3x3_2s",
    "RepetitionTime": 2,
    "ScanningSequence": "EP",
    "SequenceName": "_epfid2d1_64",
    "SequenceVariant": "SK",
    "SeriesDescription": "epi_195_3x3x3_2s",
    "SliceTiming": [
      1,
      0,
      1.055,
      0.055,
      1.11,
      0.11,
      1.165,
      0.165,
      1.22,
      0.2225,
      1.2775,
      0.2775,
      1.3325,
      0.3325,
      1.3875,
      0.3875,
      1.4425,
      0.4425,
      1.4975,
      0.5,
      1.555,
      0.555,
      1.61,
      0.61,
      1.665,
      0.665,
      1.72,
      0.72,
      1.7775,
      0.7775,
      1.8325,
      0.8325,
      1.8875,
      0.8875,
      1.9425,
      0.9425
    ],
    "SoftwareVersions": "syngo_MR_D11",
    "TotalReadoutTime": 0.0204602,
    "TrueEchoSpacing": 0.000660007,
    "dataset": "ds001454",
    "modality": "bold",
    "run_id": 1,
    "session_id": "1",
    "subject_id": "01",
    "task_id": "rest"
  },
  "dummy_trs": 0,
  "dvars_nstd": 26.480537267113398,
  "dvars_std": 1.1775415420103097,
  "dvars_vstd": 1.0400061632474225,
  "efc": 0.6622485099363246,
  "fber": 687.2405395507812,
  "fd_mean": 0.08859748274508646,
  "fd_num": 11,
  "fd_perc": 5.641025641025641,
  "fwhm_avg": 1.6414955555555555,
  "fwhm_x": 1.5173133333333333,
  "fwhm_y": 1.75309,
  "fwhm_z": 1.6540833333333333,
  "gcor": 0.0364407,
  "gsr_x": -0.0036401848774403334,
  "gsr_y": 0.047304410487413406,
  "provenance": {
    "md5sum": "37151c579fcd0f25fccc14a897b52814",
    "settings": {
      "fd_thres": 0.2,
      "testing": false
    },
    "software": "mriqc",
    "version": "23.0.1",
    "webapi_port": null,
    "webapi_url": "https://mriqc.nimh.nih.gov/api/v1"
  },
  "size_t": 195,
  "size_x": 64,
  "size_y": 64,
  "size_z": 36,
  "snr": 6.087804089752652,
  "spacing_tr": 2.0,
  "spacing_x": 3.0,
  "spacing_y": 3.0,
  "spacing_z": 3.0,
  "summary_bg_k": 12.895166709487718,
  "summary_bg_mad": 21.32666202900228,
  "summary_bg_mean": 60.81196975708008,
  "summary_bg_median": 28.44102668762207,
  "summary_bg_n": 64639.0,
  "summary_bg_p05": 11.482051849365234,
  "summary_bg_p95": 230.47590484619127,
  "summary_bg_stdv": 81.90628814697266,
  "summary_fg_k": 2.475504435798398,
  "summary_fg_mad": 120.75986910347221,
  "summary_fg_mean": 797.2692260742188,
  "summary_fg_median": 784.984619140625,
  "summary_fg_n": 47928.0,
  "summary_fg_p05": 622.5405242919921,
  "summary_fg_p95": 1010.403356933594,
  "summary_fg_stdv": 128.9424591064453,
  "tsnr": 61.74393768492155
}