{
  "aor": 0.001374615384615385,
  "aqi": 0.007018744307692308,
  "bids_meta": {
    "AccelFactPE": 2,
    "AcquisitionNumber": 1,
    "AcquisitionTime": "21:11:48.595000",
    "BandwidthPerPixelPhaseEncode": 47.348,
    "BodyPartExamined": "HEAD",
    "ConversionSoftware": "dcm2niix",
    "ConversionSoftwareVersion": "v1.0.20170724 (OpenJPEG build) GCC6.1.0",
    "DeviceSerialNumber": "45031",
    "EchoTime": 0.03,
    "EchoTrainLength": 32,
    "EffectiveEchoSpacing": 0.000330003,
    "FlipAngle": 71,
    "ImageType": [
      "ORIGINAL",
      "PRIMARY",
      "M",
      "ND",
      "NORM",
      "MOSAIC"
    ],
    "InstitutionAddress": "Washington_and_Faculty_Rd._-_Building_25_25_Princeton_NJ_US_085",
    "InstitutionName": "Princeton_University_-_Neuroscience_Institute",
    "MagneticFieldStrength": 3,
    "Manufacturer": "Siemens",
    "ManufacturersModelName": "Skyra",
    "PhaseEncodingDirection": "j-",
    "PhaseEncodingLines": 64,
    "ProcedureStepDescription": "NormanLab_Anna",
    "ProtocolName": "epi_195_3x3x3_2s",
    "RepetitionTime": 2,
    "ScanningSequence": "EP",
    "SequenceName": "_epfid2d1_64",
    "SequenceVariant": "SK",
    "SeriesDescription": "epi_195_3x3x3_2s",
    "SliceTiming": [
      0.9975,
      0,
      1.055,
      0.055,
      1.11,
      0.11,
      1.165,
      0.165,
      1.22,
      0.22,
      1.275,
      0.2775,
      1.3325,
      0.3325,
      1.3875,
      0.3875,
      1.4425,
      0.4425,
      1.4975,
      0.4975,
      1.555,
      0.555,
      1.61,
      0.61,
      1.665,
      0.665,
      1.72,
      0.72,
      1.775,
      0.7775,
      1.8325,
      0.8325,
      1.8875,
      0.8875,
      1.9425,
      0.9425
    ],
    "SoftwareVersions": "syngo_MR_D11",
    "TotalReadoutTime": 0.0204602,
    "TrueEchoSpacing": 0.000660007,
    "dataset": "ds001454",
    "modality": "bold",
    "run_id": 2,
    "session_id": "1",
    "subject_id": "01",
    "task_id": "satellite"
  },
  "dummy_trs": 0,
  "dvars_nstd": 26.919838561237103,
  "dvars_std": 1.1869775578350519,
  "dvars_vstd": 1.0158387726804126,
  "efc": 0.6602064248955479,
  "fber": 702.6925659179688,
  "fd_mean": 0.05660295817202244,
  "fd_num": 0,
  "fd_perc": 0.0,
  "fwhm_avg": 1.6505966666666667,
  "fwhm_x": 1.5126933333333332,
  "fwhm_y": 1.7535433333333332,
  "fwhm_z": 1.6855533333333332,
  "gcor": 0.0558091,
  "gsr_x": -0.0009961931500583887,
  "gsr_y": 0.042884886264801025,
  "provenance": {
    "md5sum": "5d3ace75888666df26af1640473ec6bc",
    "settings": {
      "fd_thres": 0.2,
      "testing": false
    },
    "software": "mriqc",
    "version": "23.0.1",
    "webapi_port": null,
    "webapi_url": "https://mriqc.nimh.nih.gov/api/v1"
  },
  "size_t": 195,
  "size_x": 64,
  "size_y": 64,
  "size_z": 36,
  "snr": 6.11868944762014,
  "spacing_tr": 2.0,
  "spacing_x": 3.0,
  "spacing_y": 3.0,
  "spacing_z": 3.0,
  "summary_bg_k": 13.239162249350048,
  "summary_bg_mad": 19.927694572141828,
  "summary_bg_mean": 59.90073013305664,
  "summary_bg_median": 27.897436141967773,
  "summary_bg_n": 65029.0,
  "summary_bg_p05": 11.90256404876709,
  "summary_bg_p95": 232.72718505859373,
  "summary_bg_stdv": 83.46051025390625,
  "summary_fg_k": 2.4348992964761624,
  "summary_fg_mad": 120.56974781068168,
  "summary_fg_mean": 800.6605834960938,
  "summary_fg_median": 788.0564575195312,
  "summary_fg_n": 47680.0,
  "summary_fg_p05": 626.8505493164063,
  "summary_fg_p95": 1015.2672363281249,
  "summary_fg_stdv": 128.7936248779297,
  "tsnr": 61.323656042222865
}