{
  "bids_meta": {
    "AccelFactPE": 2,
    "AcquisitionNumber": 1,
    "AcquisitionTime": "20:46:47.665000",
    "BodyPartExamined": "HEAD",
    "ConversionSoftware": "dcm2niix",
    "ConversionSoftwareVersion": "v1.0.20170724 (OpenJPEG build) GCC6.1.0",
    "DeviceSerialNumber": "45031",
    "EchoTime": 0.0033,
    "FlipAngle": 7,
    "ImageType": [
      "ORIGINAL",
      "PRIMARY",
      "M",
      "ND",
      "NORM"
    ],
    "InstitutionAddress": "Washington_and_Faculty_Rd._-_Building_25_25_Princeton_NJ_US_085",
    "InstitutionName": "Princeton_University_-_Neuroscience_Institute",
    "InversionTime": 1.1,
    "MagneticFieldStrength": 3,
    "Manufacturer": "Siemens",
    "ManufacturersModelName": "Skyra",
    "PhaseEncodingDirection": "i-",
    "PhaseEncodingLines": 256,
    "ProcedureStepDescription": "NormanLab_Anna",
    "ProtocolName": "MPRAGE_tfl",
    "RepetitionTime": 2.53,
    "ScanningSequence": "GR_IR",
    "SequenceName": "_tfl3d1_16ns",
    "SequenceVariant": "SK_SP_MP",
    "SeriesDescription": "MPRAGE_tfl",
    "SoftwareVersions": "syngo_MR_D11",
    "dataset": "ds001454",
    "modality": "T1w",
    "session_id": "1",
    "subject_id": "01"
  },
  "cjv": 0.3850643023977544,
  "cnr": 3.46520355184287,
  "efc": 0.5632086635180888,
  "fber": 15441.633108732987,
  "fwhm_avg": 3.7517741991532936,
  "fwhm_x": 3.77411259745988,
  "fwhm_y": 3.9238,
  "fwhm_z": 3.55741,
  "icvs_csf": 0.20478242896516027,
  "icvs_gm": 0.4138295820369347,
  "icvs_wm": 0.381387988997905,
  "inu_med": 0.5744485855102539,
  "inu_range": 0.24283932000398634,
  "provenance": {
    "md5sum": "58fc1ed1f91cc4c9afcb9c8ae98bf5a4",
    "settings": {
      "testing": false
    },
    "software": "mriqc",
    "version": "23.0.1",
    "warnings": {
      "large_rot_frame": true,
      "small_air_mask": false
    },
    "webapi_port": null,
    "webapi_url": "https://mriqc.nimh.nih.gov/api/v1"
  },
  "qi_1": 0.00023711181580168437,
  "qi_2": 0.01382554499137136,
  "rpve_csf": 20.15303759099211,
  "rpve_gm": 10.222963645352403,
  "rpve_wm": 12.973629077057376,
  "size_x": 176,
  "size_y": 256,
  "size_z": 256,
  "snr_csf": 1.3564647454126966,
  "snr_gm": 8.18095310290153,
  "snr_total": 9.917710223040736,
  "snr_wm": 20.21571282080798,
  "snrd_csf": 13.099397501468061,
  "snrd_gm": 55.96150163994401,
  "snrd_total": 50.942762259387,
  "snrd_wm": 83.76738763674894,
  "spacing_x": 0.9999966621398926,
  "spacing_y": 1.0,
  "spacing_z": 1.0,
  "summary_bg_k": 17.78388920362527,
  "summary_bg_mad": 0.0,
  "summary_bg_mean": 4.416824071603873,
  "summary_bg_median": 0.0,
  "summary_bg_n": 3083293.0,
  "summary_bg_p05": 0.0,
  "summary_bg_p95": 18.432787217199802,
  "summary_bg_stdv": 7.821011579780767,
  "summary_csf_k": 1.5379768844612665,
  "summary_csf_mad": 96.72348896101465,
  "summary_csf_mean": 184.45130370065954,
  "summary_csf_median": 156.38047213852406,
  "summary_csf_n": 45117.0,
  "summary_csf_p05": 44.10236054062844,
  "summary_csf_p95": 418.17149354964477,
  "summary_csf_stdv": 115.28404228927054,
  "summary_gm_k": 0.01762994459759204,
  "summary_gm_mad": 80.72221521038968,
  "summary_gm_mean": 669.6214571950858,
  "summary_gm_median": 668.067828848958,
  "summary_gm_n": 31294.0,
  "summary_gm_p05": 537.4194140583277,
  "summary_gm_p95": 808.2407970961183,
  "summary_gm_stdv": 81.66006409088871,
  "summary_wm_k": 0.5007983937830467,
  "summary_wm_mad": 47.098486026510614,
  "summary_wm_mean": 1000.0149379852631,
  "summary_wm_median": 1000.0142088197172,
  "summary_wm_n": 298950.0,
  "summary_wm_p05": 918.9539678994566,
  "summary_wm_p95": 1080.6484223004427,
  "summary_wm_stdv": 49.46709251057204,
  "tpm_overlap_csf": 0.14627604845410344,
  "tpm_overlap_gm": 0.4537099841521134,
  "tpm_overlap_wm": 0.5143258881695315,
  "wm2max": 0.6849697488473435
}