{
  "aor": 0.000639020618556701,
  "aqi": 0.008269068350515465,
  "bids_meta": {
    "AcquisitionMatrixPE": 64,
    "AcquisitionNumber": 1,
    "AcquisitionTime": "10:27:10.357500",
    "BandwidthPerPixelPhaseEncode": 47.348,
    "BaseResolution": 64,
    "BodyPartExamined": "HEAD",
    "ConsistencyInfo": "N4_VD11D_LATEST_20110129",
    "ConversionSoftware": "dcm2niix",
    "ConversionSoftwareVersion": "v1.0.20180518 GCC4.8.5",
    "DerivedVendorReportedEchoSpacing": 0.000660007,
    "DeviceSerialNumber": "45031",
    "DwellTime": 4.5e-06,
    "EchoTime": 0.03,
    "EchoTrainLength": 32,
    "EffectiveEchoSpacing": 0.000330003,
    "FlipAngle": 71,
    "ImageOrientationPatientDICOM": [
      0.999832,
      -0.00919206,
      0.0158491,
      0.00523518,
      0.972306,
      0.233653
    ],
    "ImageType": [
      "ORIGINAL",
      "PRIMARY",
      "M",
      "ND",
      "NORM",
      "MOSAIC"
    ],
    "InPlanePhaseEncodingDirectionDICOM": "COL",
    "InstitutionAddress": "Washington_and_Faculty_Rd._-_Building_25_25_Princeton_NJ_US_085",
    "InstitutionName": "Princeton_University_-_Neuroscience_Institute",
    "InstitutionalDepartmentName": "Department",
    "MRAcquisitionType": "2D",
    "MagneticFieldStrength": 3,
    "Manufacturer": "Siemens",
    "ManufacturersModelName": "Skyra",
    "Modality": "MR",
    "ParallelReductionFactorInPlane": 2,
    "PartialFourier": 1,
    "PatientPosition": "HFS",
    "PercentPhaseFOV": 100,
    "PhaseEncodingDirection": "j-",
    "PhaseEncodingSteps": 64,
    "PhaseResolution": 1,
    "PixelBandwidth": 1735,
    "ProcedureStepDescription": "NormanLab_Anna",
    "ProtocolName": "epi_195_3x3x3_2s",
    "PulseSequenceDetails": "%SiemensSeq%_ep2d_bold",
    "ReceiveCoilActiveElements": "HE1-4",
    "ReceiveCoilName": "HeadNeck_20",
    "ReconMatrixPE": 64,
    "RepetitionTime": 2,
    "SAR": 0.105589,
    "ScanOptions": "FS",
    "ScanningSequence": "EP",
    "SequenceName": "_epfid2d1_64",
    "SequenceVariant": "SK",
    "SeriesDescription": "epi_195_3x3x3_2s",
    "SeriesNumber": 16,
    "ShimSetting": [
      3222,
      10556,
      10056,
      556,
      -73,
      78,
      1085,
      10
    ],
    "SliceThickness": 3,
    "SliceTiming": [
      1,
      0,
      1.055,
      0.055,
      1.11,
      0.11,
      1.165,
      0.1675,
      1.2225,
      0.2225,
      1.2775,
      0.2775,
      1.3325,
      0.3325,
      1.3875,
      0.3875,
      1.4425,
      0.445,
      1.5,
      0.5,
      1.555,
      0.555,
      1.61,
      0.61,
      1.665,
      0.665,
      1.7225,
      0.7225,
      1.7775,
      0.7775,
      1.8325,
      0.8325,
      1.8875,
      0.8875,
      1.9425,
      0.945
    ],
    "SoftwareVersions": "syngo_MR_D11",
    "SpacingBetweenSlices": 3,
    "StationName": "AWP45031",
    "TotalReadoutTime": 0.0207902,
    "TxRefAmp": 322.658,
    "dataset": "ds001454",
    "modality": "bold",
    "run_id": 8,
    "session_id": "2",
    "subject_id": "17",
    "task_id": "satellite"
  },
  "dummy_trs": 1,
  "dvars_nstd": 27.067618563056996,
  "dvars_std": 1.2034529247150259,
  "dvars_vstd": 0.9992049959067358,
  "efc": 0.6337845390414724,
  "fber": 1000.31787109375,
  "fd_mean": 0.11956688026145547,
  "fd_num": 7,
  "fd_perc": 3.6082474226804124,
  "fwhm_avg": 1.7509033333333335,
  "fwhm_x": 1.56214,
  "fwhm_y": 1.9699333333333333,
  "fwhm_z": 1.7206366666666666,
  "gcor": 0.0218954,
  "gsr_x": -0.016303187236189842,
  "gsr_y": 0.06252624094486237,
  "provenance": {
    "md5sum": "8949762ec5f3cd33cd1063b1fe3cf93a",
    "settings": {
      "fd_thres": 0.2,
      "testing": false
    },
    "software": "mriqc",
    "version": "23.0.1",
    "webapi_port": null,
    "webapi_url": "https://mriqc.nimh.nih.gov/api/v1"
  },
  "size_t": 194,
  "size_x": 64,
  "size_y": 64,
  "size_z": 36,
  "snr": 5.886681227723311,
  "spacing_tr": 2.0,
  "spacing_x": 3.0,
  "spacing_y": 3.0,
  "spacing_z": 3.0,
  "summary_bg_k": 15.823778948796988,
  "summary_bg_mad": 16.98114539108819,
  "summary_bg_mean": 61.04768371582031,
  "summary_bg_median": 25.520618438720703,
  "summary_bg_n": 70640.0,
  "summary_bg_p05": 11.216236829757692,
  "summary_bg_p95": 249.49870834350608,
  "summary_bg_stdv": 91.1630859375,
  "summary_fg_k": 3.0088309021502218,
  "summary_fg_mad": 126.08226990216875,
  "summary_fg_mean": 855.58251953125,
  "summary_fg_median": 842.3969116210938,
  "summary_fg_n": 42858.0,
  "summary_fg_p05": 664.6484527587891,
  "summary_fg_p95": 1092.210778808594,
  "summary_fg_stdv": 143.1005096435547,
  "tsnr": 60.69092491688207
}