{
  "aor": 0.001074871794871795,
  "aqi": 0.006933740410256411,
  "bids_meta": {
    "AcquisitionMatrixPE": 64,
    "AcquisitionNumber": 1,
    "AcquisitionTime": "10:20:15.555000",
    "BandwidthPerPixelPhaseEncode": 47.348,
    "BaseResolution": 64,
    "BodyPartExamined": "HEAD",
    "ConsistencyInfo": "N4_VD11D_LATEST_20110129",
    "ConversionSoftware": "dcm2niix",
    "ConversionSoftwareVersion": "v1.0.20180518 GCC4.8.5",
    "DerivedVendorReportedEchoSpacing": 0.000660007,
    "DeviceSerialNumber": "45031",
    "DwellTime": 4.5e-06,
    "EchoTime": 0.03,
    "EchoTrainLength": 32,
    "EffectiveEchoSpacing": 0.000330003,
    "FlipAngle": 71,
    "ImageOrientationPatientDICOM": [
      0.999832,
      -0.00919206,
      0.0158491,
      0.00523518,
      0.972306,
      0.233653
    ],
    "ImageType": [
      "ORIGINAL",
      "PRIMARY",
      "M",
      "ND",
      "NORM",
      "MOSAIC"
    ],
    "InPlanePhaseEncodingDirectionDICOM": "COL",
    "InstitutionAddress": "Washington_and_Faculty_Rd._-_Building_25_25_Princeton_NJ_US_085",
    "InstitutionName": "Princeton_University_-_Neuroscience_Institute",
    "InstitutionalDepartmentName": "Department",
    "MRAcquisitionType": "2D",
    "MagneticFieldStrength": 3,
    "Manufacturer": "Siemens",
    "ManufacturersModelName": "Skyra",
    "Modality": "MR",
    "ParallelReductionFactorInPlane": 2,
    "PartialFourier": 1,
    "PatientPosition": "HFS",
    "PercentPhaseFOV": 100,
    "PhaseEncodingDirection": "j-",
    "PhaseEncodingSteps": 64,
    "PhaseResolution": 1,
    "PixelBandwidth": 1735,
    "ProcedureStepDescription": "NormanLab_Anna",
    "ProtocolName": "epi_195_3x3x3_2s",
    "PulseSequenceDetails": "%SiemensSeq%_ep2d_bold",
    "ReceiveCoilActiveElements": "HE1-4",
    "ReceiveCoilName": "HeadNeck_20",
    "ReconMatrixPE": 64,
    "RepetitionTime": 2,
    "SAR": 0.105589,
    "ScanOptions": "FS",
    "ScanningSequence": "EP",
    "SequenceName": "_epfid2d1_64",
    "SequenceVariant": "SK",
    "SeriesDescription": "epi_195_3x3x3_2s",
    "SeriesNumber": 15,
    "ShimSetting": [
      3222,
      10556,
      10056,
      556,
      -73,
      78,
      1085,
      10
    ],
    "SliceThickness": 3,
    "SliceTiming": [
      1,
      0,
      1.055,
      0.055,
      1.11,
      0.11,
      1.165,
      0.1675,
      1.2225,
      0.2225,
      1.2775,
      0.2775,
      1.3325,
      0.3325,
      1.3875,
      0.3875,
      1.445,
      0.445,
      1.5,
      0.5,
      1.555,
      0.555,
      1.61,
      0.61,
      1.665,
      0.6675,
      1.7225,
      0.7225,
      1.7775,
      0.7775,
      1.8325,
      0.8325,
      1.8875,
      0.8875,
      1.945,
      0.945
    ],
    "SoftwareVersions": "syngo_MR_D11",
    "SpacingBetweenSlices": 3,
    "StationName": "AWP45031",
    "TotalReadoutTime": 0.0207902,
    "TxRefAmp": 322.658,
    "dataset": "ds001454",
    "modality": "bold",
    "run_id": 7,
    "session_id": "2",
    "subject_id": "17",
    "task_id": "satellite"
  },
  "dummy_trs": 0,
  "dvars_nstd": 27.01026422969072,
  "dvars_std": 1.2181174478865984,
  "dvars_vstd": 1.011909544536083,
  "efc": 0.6335225072535529,
  "fber": 998.742919921875,
  "fd_mean": 0.12472190865611373,
  "fd_num": 15,
  "fd_perc": 7.6923076923076925,
  "fwhm_avg": 1.7482633333333333,
  "fwhm_x": 1.5609166666666667,
  "fwhm_y": 1.9601433333333331,
  "fwhm_z": 1.72373,
  "gcor": 0.0275215,
  "gsr_x": -0.01631799340248108,
  "gsr_y": 0.06183991953730583,
  "provenance": {
    "md5sum": "81658ab0da472de0949e15ed0ca04cc4",
    "settings": {
      "fd_thres": 0.2,
      "testing": false
    },
    "software": "mriqc",
    "version": "23.0.1",
    "webapi_port": null,
    "webapi_url": "https://mriqc.nimh.nih.gov/api/v1"
  },
  "size_t": 195,
  "size_x": 64,
  "size_y": 64,
  "size_z": 36,
  "snr": 5.883015775691953,
  "spacing_tr": 2.0,
  "spacing_x": 3.0,
  "spacing_y": 3.0,
  "spacing_z": 3.0,
  "summary_bg_k": 16.059461853988786,
  "summary_bg_mad": 17.05372754277273,
  "summary_bg_mean": 60.954681396484375,
  "summary_bg_median": 25.574359893798828,
  "summary_bg_n": 70690.0,
  "summary_bg_p05": 11.164102554321289,
  "summary_bg_p95": 248.53667297363285,
  "summary_bg_stdv": 91.19664001464844,
  "summary_fg_k": 2.945337982308751,
  "summary_fg_mad": 126.05919473336266,
  "summary_fg_mean": 856.3535766601562,
  "summary_fg_median": 842.9384765625,
  "summary_fg_n": 42834.0,
  "summary_fg_p05": 665.10029296875,
  "summary_fg_p95": 1094.8582397460937,
  "summary_fg_stdv": 143.28172302246094,
  "tsnr": 64.19833840266801
}