{
  "aor": 0.004335025641025642,
  "aqi": 0.006459652512820512,
  "bids_meta": {
    "AcquisitionMatrixPE": 64,
    "AcquisitionNumber": 1,
    "AcquisitionTime": "21:16:17.845000",
    "BandwidthPerPixelPhaseEncode": 47.348,
    "BaseResolution": 64,
    "BodyPartExamined": "HEAD",
    "ConsistencyInfo": "N4_VD11D_LATEST_20110129",
    "ConversionSoftware": "dcm2niix",
    "ConversionSoftwareVersion": "v1.0.20180518 GCC4.8.5",
    "DerivedVendorReportedEchoSpacing": 0.000660007,
    "DeviceSerialNumber": "45031",
    "DwellTime": 4.5e-06,
    "EchoTime": 0.03,
    "EchoTrainLength": 32,
    "EffectiveEchoSpacing": 0.000330003,
    "FlipAngle": 71,
    "ImageOrientationPatientDICOM": [
      0.999281,
      -0.0377138,
      -0.00402095,
      0.0375152,
      0.967254,
      0.251022
    ],
    "ImageType": [
      "ORIGINAL",
      "PRIMARY",
      "M",
      "ND",
      "NORM",
      "MOSAIC"
    ],
    "InPlanePhaseEncodingDirectionDICOM": "COL",
    "InstitutionAddress": "Washington_and_Faculty_Rd._-_Building_25_25_Princeton_NJ_US_085",
    "InstitutionName": "Princeton_University_-_Neuroscience_Institute",
    "InstitutionalDepartmentName": "Department",
    "MRAcquisitionType": "2D",
    "MagneticFieldStrength": 3,
    "Manufacturer": "Siemens",
    "ManufacturersModelName": "Skyra",
    "Modality": "MR",
    "ParallelReductionFactorInPlane": 2,
    "PartialFourier": 1,
    "PatientPosition": "HFS",
    "PercentPhaseFOV": 100,
    "PhaseEncodingDirection": "j-",
    "PhaseEncodingSteps": 64,
    "PhaseResolution": 1,
    "PixelBandwidth": 1735,
    "ProcedureStepDescription": "NormanLab_Anna",
    "ProtocolName": "epi_195_3x3x3_2s",
    "PulseSequenceDetails": "%SiemensSeq%_ep2d_bold",
    "ReceiveCoilActiveElements": "HE1-4",
    "ReceiveCoilName": "HeadNeck_20",
    "ReconMatrixPE": 64,
    "RepetitionTime": 2,
    "SAR": 0.101027,
    "ScanOptions": "FS",
    "ScanningSequence": "EP",
    "SequenceName": "_epfid2d1_64",
    "SequenceVariant": "SK",
    "SeriesDescription": "epi_195_3x3x3_2s",
    "SeriesNumber": 14,
    "ShimSetting": [
      3231,
      10569,
      10059,
      460,
      70,
      552,
      730,
      -58
    ],
    "SliceThickness": 3,
    "SliceTiming": [
      1,
      0,
      1.055,
      0.055,
      1.11,
      0.1125,
      1.1675,
      0.1675,
      1.2225,
      0.2225,
      1.2775,
      0.2775,
      1.3325,
      0.3325,
      1.39,
      0.39,
      1.445,
      0.445,
      1.5,
      0.5,
      1.555,
      0.555,
      1.61,
      0.6125,
      1.6675,
      0.6675,
      1.7225,
      0.7225,
      1.7775,
      0.7775,
      1.8325,
      0.8325,
      1.8875,
      0.89,
      1.945,
      0.945
    ],
    "SoftwareVersions": "syngo_MR_D11",
    "SpacingBetweenSlices": 3,
    "StationName": "AWP45031",
    "TotalReadoutTime": 0.0207902,
    "TxRefAmp": 314.466,
    "dataset": "ds001454",
    "modality": "bold",
    "run_id": 6,
    "session_id": "1",
    "subject_id": "08",
    "task_id": "satellite"
  },
  "dummy_trs": 0,
  "dvars_nstd": 22.74176651685567,
  "dvars_std": 1.1961971736597934,
  "dvars_vstd": 1.0476759680412375,
  "efc": 0.5758582053894995,
  "fber": 1368.8668212890625,
  "fd_mean": 0.08549356420292081,
  "fd_num": 9,
  "fd_perc": 4.615384615384615,
  "fwhm_avg": 1.673882222222222,
  "fwhm_x": 1.54155,
  "fwhm_y": 1.7633566666666667,
  "fwhm_z": 1.71674,
  "gcor": 0.0385848,
  "gsr_x": -0.01625058613717556,
  "gsr_y": 0.048145588487386703,
  "provenance": {
    "md5sum": "479dbc20a9dddff47746dba05730dd98",
    "settings": {
      "fd_thres": 0.2,
      "testing": false
    },
    "software": "mriqc",
    "version": "23.0.1",
    "webapi_port": null,
    "webapi_url": "https://mriqc.nimh.nih.gov/api/v1"
  },
  "size_t": 195,
  "size_x": 64,
  "size_y": 64,
  "size_z": 36,
  "snr": 6.117382862629061,
  "spacing_tr": 2.0,
  "spacing_x": 3.0,
  "spacing_y": 3.0,
  "spacing_z": 3.0,
  "summary_bg_k": 58.53583692874194,
  "summary_bg_mad": 12.415843425974753,
  "summary_bg_mean": 39.01276779174805,
  "summary_bg_median": 19.897436141967773,
  "summary_bg_n": 79059.0,
  "summary_bg_p05": 8.804615306854249,
  "summary_bg_p95": 118.31282043457031,
  "summary_bg_stdv": 67.03223419189453,
  "summary_fg_k": 2.4313444309362184,
  "summary_fg_mad": 117.57413844536127,
  "summary_fg_mean": 757.0224609375,
  "summary_fg_median": 746.3436279296875,
  "summary_fg_n": 36007.0,
  "summary_fg_p05": 592.974365234375,
  "summary_fg_p95": 953.9702636718749,
  "summary_fg_stdv": 122.0020523071289,
  "tsnr": 68.11193970474415
}