{
  "aor": 0.001349846153846154,
  "aqi": 0.005873696974358975,
  "bids_meta": {
    "AcquisitionMatrixPE": 64,
    "AcquisitionNumber": 1,
    "AcquisitionTime": "21:23:21.802500",
    "BandwidthPerPixelPhaseEncode": 47.348,
    "BaseResolution": 64,
    "BodyPartExamined": "HEAD",
    "ConsistencyInfo": "N4_VD11D_LATEST_20110129",
    "ConversionSoftware": "dcm2niix",
    "ConversionSoftwareVersion": "v1.0.20180518 GCC4.8.5",
    "DerivedVendorReportedEchoSpacing": 0.000660007,
    "DeviceSerialNumber": "45031",
    "DwellTime": 4.5e-06,
    "EchoTime": 0.03,
    "EchoTrainLength": 32,
    "EffectiveEchoSpacing": 0.000330003,
    "FlipAngle": 71,
    "ImageOrientationPatientDICOM": [
      0.999281,
      -0.0377138,
      -0.00402095,
      0.0375152,
      0.967254,
      0.251022
    ],
    "ImageType": [
      "ORIGINAL",
      "PRIMARY",
      "M",
      "ND",
      "NORM",
      "MOSAIC"
    ],
    "InPlanePhaseEncodingDirectionDICOM": "COL",
    "InstitutionAddress": "Washington_and_Faculty_Rd._-_Building_25_25_Princeton_NJ_US_085",
    "InstitutionName": "Princeton_University_-_Neuroscience_Institute",
    "InstitutionalDepartmentName": "Department",
    "MRAcquisitionType": "2D",
    "MagneticFieldStrength": 3,
    "Manufacturer": "Siemens",
    "ManufacturersModelName": "Skyra",
    "Modality": "MR",
    "ParallelReductionFactorInPlane": 2,
    "PartialFourier": 1,
    "PatientPosition": "HFS",
    "PercentPhaseFOV": 100,
    "PhaseEncodingDirection": "j-",
    "PhaseEncodingSteps": 64,
    "PhaseResolution": 1,
    "PixelBandwidth": 1735,
    "ProcedureStepDescription": "NormanLab_Anna",
    "ProtocolName": "epi_195_3x3x3_2s",
    "PulseSequenceDetails": "%SiemensSeq%_ep2d_bold",
    "ReceiveCoilActiveElements": "HE1-4",
    "ReceiveCoilName": "HeadNeck_20",
    "ReconMatrixPE": 64,
    "RepetitionTime": 2,
    "SAR": 0.101027,
    "ScanOptions": "FS",
    "ScanningSequence": "EP",
    "SequenceName": "_epfid2d1_64",
    "SequenceVariant": "SK",
    "SeriesDescription": "epi_195_3x3x3_2s",
    "SeriesNumber": 15,
    "ShimSetting": [
      3231,
      10569,
      10059,
      460,
      70,
      552,
      730,
      -58
    ],
    "SliceThickness": 3,
    "SliceTiming": [
      1,
      0,
      1.055,
      0.055,
      1.11,
      0.11,
      1.1675,
      0.1675,
      1.2225,
      0.2225,
      1.2775,
      0.2775,
      1.3325,
      0.3325,
      1.3875,
      0.39,
      1.445,
      0.445,
      1.5,
      0.5,
      1.555,
      0.555,
      1.61,
      0.61,
      1.6675,
      0.6675,
      1.7225,
      0.7225,
      1.7775,
      0.7775,
      1.8325,
      0.8325,
      1.8875,
      0.8875,
      1.945,
      0.945
    ],
    "SoftwareVersions": "syngo_MR_D11",
    "SpacingBetweenSlices": 3,
    "StationName": "AWP45031",
    "TotalReadoutTime": 0.0207902,
    "TxRefAmp": 314.466,
    "dataset": "ds001454",
    "modality": "bold",
    "run_id": 7,
    "session_id": "1",
    "subject_id": "08",
    "task_id": "satellite"
  },
  "dummy_trs": 0,
  "dvars_nstd": 22.82028706530927,
  "dvars_std": 1.1771584062886604,
  "dvars_vstd": 1.0106864330927834,
  "efc": 0.5749260025965953,
  "fber": 1454.2340087890625,
  "fd_mean": 0.08104750374712502,
  "fd_num": 4,
  "fd_perc": 2.051282051282051,
  "fwhm_avg": 1.6693866666666668,
  "fwhm_x": 1.5454866666666665,
  "fwhm_y": 1.7453900000000002,
  "fwhm_z": 1.7172833333333333,
  "gcor": 0.0261071,
  "gsr_x": -0.014495725743472576,
  "gsr_y": 0.04589872807264328,
  "provenance": {
    "md5sum": "d14530d1cf1396d62ce3a7b671d6f114",
    "settings": {
      "fd_thres": 0.2,
      "testing": false
    },
    "software": "mriqc",
    "version": "23.0.1",
    "webapi_port": null,
    "webapi_url": "https://mriqc.nimh.nih.gov/api/v1"
  },
  "size_t": 195,
  "size_x": 64,
  "size_y": 64,
  "size_z": 36,
  "snr": 6.127629253178869,
  "spacing_tr": 2.0,
  "spacing_x": 3.0,
  "spacing_y": 3.0,
  "spacing_z": 3.0,
  "summary_bg_k": 60.721889114741394,
  "summary_bg_mad": 10.857210505740616,
  "summary_bg_mean": 38.835845947265625,
  "summary_bg_median": 19.30256462097168,
  "summary_bg_n": 79076.0,
  "summary_bg_p05": 9.420513153076172,
  "summary_bg_p95": 119.5538501739502,
  "summary_bg_stdv": 68.12397766113281,
  "summary_fg_k": 2.551237654925993,
  "summary_fg_mad": 117.3156965547331,
  "summary_fg_mean": 757.8612670898438,
  "summary_fg_median": 747.3436279296875,
  "summary_fg_n": 35943.0,
  "summary_fg_p05": 594.6871948242188,
  "summary_fg_p95": 953.5123657226562,
  "summary_fg_stdv": 121.96123504638672,
  "tsnr": 72.08611839869991
}