{
  "aor": 0.0019692820512820517,
  "aqi": 0.010847599641025642,
  "bids_meta": {
    "AcquisitionMatrixPE": 64,
    "AcquisitionNumber": 1,
    "AcquisitionTime": "12:45:23.992500",
    "BandwidthPerPixelPhaseEncode": 47.348,
    "BaseResolution": 64,
    "BodyPartExamined": "HEAD",
    "ConsistencyInfo": "N4_VD11D_LATEST_20110129",
    "ConversionSoftware": "dcm2niix",
    "ConversionSoftwareVersion": "v1.0.20180518 GCC4.8.5",
    "DerivedVendorReportedEchoSpacing": 0.000660007,
    "DeviceSerialNumber": "45031",
    "DwellTime": 4.5e-06,
    "EchoTime": 0.03,
    "EchoTrainLength": 32,
    "EffectiveEchoSpacing": 0.000330003,
    "FlipAngle": 71,
    "ImageOrientationPatientDICOM": [
      0.999174,
      0.00627378,
      -0.0401511,
      0.00209263,
      0.978758,
      0.205011
    ],
    "ImageType": [
      "ORIGINAL",
      "PRIMARY",
      "M",
      "ND",
      "NORM",
      "MOSAIC"
    ],
    "InPlanePhaseEncodingDirectionDICOM": "COL",
    "InstitutionAddress": "Washington_and_Faculty_Rd._-_Building_25_25_Princeton_NJ_US_085",
    "InstitutionName": "Princeton_University_-_Neuroscience_Institute",
    "InstitutionalDepartmentName": "Department",
    "MRAcquisitionType": "2D",
    "MagneticFieldStrength": 3,
    "Manufacturer": "Siemens",
    "ManufacturersModelName": "Skyra",
    "Modality": "MR",
    "ParallelReductionFactorInPlane": 2,
    "PartialFourier": 1,
    "PatientPosition": "HFS",
    "PercentPhaseFOV": 100,
    "PhaseEncodingDirection": "j-",
    "PhaseEncodingSteps": 64,
    "PhaseResolution": 1,
    "PixelBandwidth": 1735,
    "ProcedureStepDescription": "NormanLab_Anna",
    "ProtocolName": "epi_195_3x3x3_2s",
    "PulseSequenceDetails": "%SiemensSeq%_ep2d_bold",
    "ReceiveCoilActiveElements": "HE1-4",
    "ReceiveCoilName": "HeadNeck_20",
    "ReconMatrixPE": 64,
    "RepetitionTime": 2,
    "SAR": 0.113051,
    "ScanOptions": "FS",
    "ScanningSequence": "EP",
    "SequenceName": "_epfid2d1_64",
    "SequenceVariant": "SK",
    "SeriesDescription": "epi_195_3x3x3_2s",
    "SeriesNumber": 17,
    "ShimSetting": [
      3191,
      10503,
      10062,
      563,
      12,
      -49,
      334,
      120
    ],
    "SliceThickness": 3,
    "SliceTiming": [
      1,
      0,
      1.055,
      0.055,
      1.1125,
      0.1125,
      1.1675,
      0.1675,
      1.2225,
      0.2225,
      1.2775,
      0.2775,
      1.3325,
      0.335,
      1.39,
      0.39,
      1.445,
      0.445,
      1.5,
      0.5,
      1.555,
      0.555,
      1.61,
      0.6125,
      1.6675,
      0.6675,
      1.7225,
      0.7225,
      1.7775,
      0.7775,
      1.8325,
      0.8325,
      1.89,
      0.89,
      1.945,
      0.945
    ],
    "SoftwareVersions": "syngo_MR_D11",
    "SpacingBetweenSlices": 3,
    "StationName": "AWP45031",
    "TotalReadoutTime": 0.0207902,
    "TxRefAmp": 369.249,
    "dataset": "ds001454",
    "modality": "bold",
    "run_id": 1,
    "session_id": "1",
    "subject_id": "14",
    "task_id": "rest"
  },
  "dummy_trs": 0,
  "dvars_nstd": 26.839093267164934,
  "dvars_std": 1.1644185305670094,
  "dvars_vstd": 1.020138388298969,
  "efc": 0.6469157238728193,
  "fber": 476.7290954589844,
  "fd_mean": 0.11713358223791291,
  "fd_num": 17,
  "fd_perc": 8.717948717948717,
  "fwhm_avg": 1.715238888888889,
  "fwhm_x": 1.5828733333333334,
  "fwhm_y": 1.8482933333333333,
  "fwhm_z": 1.71455,
  "gcor": 0.0189069,
  "gsr_x": 0.016896512359380722,
  "gsr_y": 0.042395491153001785,
  "provenance": {
    "md5sum": "a8e64bfe91fcf57ac3ec37e17642c9fe",
    "settings": {
      "fd_thres": 0.2,
      "testing": false
    },
    "software": "mriqc",
    "version": "23.0.1",
    "webapi_port": null,
    "webapi_url": "https://mriqc.nimh.nih.gov/api/v1"
  },
  "size_t": 195,
  "size_x": 64,
  "size_y": 64,
  "size_z": 36,
  "snr": 6.481331760114319,
  "spacing_tr": 2.0,
  "spacing_x": 3.0,
  "spacing_y": 3.0,
  "spacing_z": 3.0,
  "summary_bg_k": 7.1028750458001575,
  "summary_bg_mad": 30.442769040983514,
  "summary_bg_mean": 76.706298828125,
  "summary_bg_median": 35.41025924682617,
  "summary_bg_n": 71703.0,
  "summary_bg_p05": 11.369744014739991,
  "summary_bg_p95": 320.33283081054685,
  "summary_bg_stdv": 101.10591125488281,
  "summary_fg_k": 3.8215245581259625,
  "summary_fg_mad": 103.78215529539213,
  "summary_fg_mean": 796.7044677734375,
  "summary_fg_median": 784.453857421875,
  "summary_fg_n": 41372.0,
  "summary_fg_p05": 634.8397827148438,
  "summary_fg_p95": 996.361828613281,
  "summary_fg_stdv": 121.03135681152344,
  "tsnr": 54.79410625202581
}