{
  "aor": 0.0015246666666666668,
  "aqi": 0.011457430512820511,
  "bids_meta": {
    "AcquisitionMatrixPE": 64,
    "AcquisitionNumber": 1,
    "AcquisitionTime": "12:01:31.617500",
    "BandwidthPerPixelPhaseEncode": 47.348,
    "BaseResolution": 64,
    "BodyPartExamined": "HEAD",
    "ConsistencyInfo": "N4_VD11D_LATEST_20110129",
    "ConversionSoftware": "dcm2niix",
    "ConversionSoftwareVersion": "v1.0.20180518 GCC4.8.5",
    "DerivedVendorReportedEchoSpacing": 0.000660007,
    "DeviceSerialNumber": "45031",
    "DwellTime": 4.5e-06,
    "EchoTime": 0.03,
    "EchoTrainLength": 32,
    "EffectiveEchoSpacing": 0.000330003,
    "FlipAngle": 71,
    "ImageOrientationPatientDICOM": [
      0.999174,
      0.00627378,
      -0.0401511,
      0.00209263,
      0.978758,
      0.205011
    ],
    "ImageType": [
      "ORIGINAL",
      "PRIMARY",
      "M",
      "ND",
      "NORM",
      "MOSAIC"
    ],
    "InPlanePhaseEncodingDirectionDICOM": "COL",
    "InstitutionAddress": "Washington_and_Faculty_Rd._-_Building_25_25_Princeton_NJ_US_085",
    "InstitutionName": "Princeton_University_-_Neuroscience_Institute",
    "InstitutionalDepartmentName": "Department",
    "MRAcquisitionType": "2D",
    "MagneticFieldStrength": 3,
    "Manufacturer": "Siemens",
    "ManufacturersModelName": "Skyra",
    "Modality": "MR",
    "ParallelReductionFactorInPlane": 2,
    "PartialFourier": 1,
    "PatientPosition": "HFS",
    "PercentPhaseFOV": 100,
    "PhaseEncodingDirection": "j-",
    "PhaseEncodingSteps": 64,
    "PhaseResolution": 1,
    "PixelBandwidth": 1735,
    "ProcedureStepDescription": "NormanLab_Anna",
    "ProtocolName": "epi_195_3x3x3_2s",
    "PulseSequenceDetails": "%SiemensSeq%_ep2d_bold",
    "ReceiveCoilActiveElements": "HE1-4",
    "ReceiveCoilName": "HeadNeck_20",
    "ReconMatrixPE": 64,
    "RepetitionTime": 2,
    "SAR": 0.113051,
    "ScanOptions": "FS",
    "ScanningSequence": "EP",
    "SequenceName": "_epfid2d1_64",
    "SequenceVariant": "SK",
    "SeriesDescription": "epi_195_3x3x3_2s",
    "SeriesNumber": 11,
    "ShimSetting": [
      3191,
      10503,
      10062,
      563,
      12,
      -49,
      334,
      120
    ],
    "SliceThickness": 3,
    "SliceTiming": [
      1,
      0,
      1.055,
      0.055,
      1.11,
      0.11,
      1.1675,
      0.1675,
      1.2225,
      0.2225,
      1.2775,
      0.2775,
      1.3325,
      0.3325,
      1.3875,
      0.39,
      1.445,
      0.445,
      1.5,
      0.5,
      1.555,
      0.555,
      1.61,
      0.61,
      1.6675,
      0.6675,
      1.7225,
      0.7225,
      1.7775,
      0.7775,
      1.8325,
      0.8325,
      1.8875,
      0.8875,
      1.945,
      0.945
    ],
    "SoftwareVersions": "syngo_MR_D11",
    "SpacingBetweenSlices": 3,
    "StationName": "AWP45031",
    "TotalReadoutTime": 0.0207902,
    "TxRefAmp": 369.249,
    "dataset": "ds001454",
    "modality": "bold",
    "run_id": 3,
    "session_id": "1",
    "subject_id": "14",
    "task_id": "satellite"
  },
  "dummy_trs": 0,
  "dvars_nstd": 28.58632937195875,
  "dvars_std": 1.2014091190206182,
  "dvars_vstd": 1.0152804846391745,
  "efc": 0.6460078812216666,
  "fber": 471.2753601074219,
  "fd_mean": 0.13390632758785007,
  "fd_num": 29,
  "fd_perc": 14.871794871794872,
  "fwhm_avg": 1.71283,
  "fwhm_x": 1.5683733333333334,
  "fwhm_y": 1.84344,
  "fwhm_z": 1.7266766666666669,
  "gcor": 0.0351596,
  "gsr_x": 0.012710263952612877,
  "gsr_y": 0.04454252868890762,
  "provenance": {
    "md5sum": "61cc4999953cb6dd4ac585bede789706",
    "settings": {
      "fd_thres": 0.2,
      "testing": false
    },
    "software": "mriqc",
    "version": "23.0.1",
    "webapi_port": null,
    "webapi_url": "https://mriqc.nimh.nih.gov/api/v1"
  },
  "size_t": 195,
  "size_x": 64,
  "size_y": 64,
  "size_z": 36,
  "snr": 6.500343707279399,
  "spacing_tr": 2.0,
  "spacing_x": 3.0,
  "spacing_y": 3.0,
  "spacing_z": 3.0,
  "summary_bg_k": 8.25199316422862,
  "summary_bg_mad": 30.6100357364345,
  "summary_bg_mean": 74.9733657836914,
  "summary_bg_median": 35.866668701171875,
  "summary_bg_n": 71760.0,
  "summary_bg_p05": 11.579487800598145,
  "summary_bg_p95": 301.92976074218757,
  "summary_bg_stdv": 97.18831634521484,
  "summary_fg_k": 3.8081790477859236,
  "summary_fg_mad": 104.86940295502012,
  "summary_fg_mean": 802.1435546875,
  "summary_fg_median": 790.310302734375,
  "summary_fg_n": 41540.0,
  "summary_fg_p05": 640.2949188232423,
  "summary_fg_p95": 1002.0259521484375,
  "summary_fg_stdv": 121.57830810546875,
  "tsnr": 53.65381616167724
}