{
  "aor": 0.0016703076923076923,
  "aqi": 0.007803464974358974,
  "bids_meta": {
    "AcquisitionMatrixPE": 64,
    "AcquisitionNumber": 1,
    "AcquisitionTime": "23:40:58.630000",
    "BandwidthPerPixelPhaseEncode": 47.348,
    "BaseResolution": 64,
    "BodyPartExamined": "HEAD",
    "ConsistencyInfo": "N4_VD11D_LATEST_20110129",
    "ConversionSoftware": "dcm2niix",
    "ConversionSoftwareVersion": "v1.0.20180518 GCC4.8.5",
    "DerivedVendorReportedEchoSpacing": 0.000660007,
    "DeviceSerialNumber": "45031",
    "DwellTime": 4.5e-06,
    "EchoTime": 0.03,
    "EchoTrainLength": 32,
    "EffectiveEchoSpacing": 0.000330003,
    "FlipAngle": 71,
    "ImageOrientationPatientDICOM": [
      0.999278,
      0.0179342,
      0.0335078,
      -0.0225023,
      0.989703,
      0.141354
    ],
    "ImageType": [
      "ORIGINAL",
      "PRIMARY",
      "M",
      "ND",
      "NORM",
      "MOSAIC"
    ],
    "InPlanePhaseEncodingDirectionDICOM": "COL",
    "InstitutionAddress": "Washington_and_Faculty_Rd._-_Building_25_25_Princeton_NJ_US_085",
    "InstitutionName": "Princeton_University_-_Neuroscience_Institute",
    "InstitutionalDepartmentName": "Department",
    "MRAcquisitionType": "2D",
    "MagneticFieldStrength": 3,
    "Manufacturer": "Siemens",
    "ManufacturersModelName": "Skyra",
    "Modality": "MR",
    "ParallelReductionFactorInPlane": 2,
    "PartialFourier": 1,
    "PatientPosition": "HFS",
    "PercentPhaseFOV": 100,
    "PhaseEncodingDirection": "j-",
    "PhaseEncodingSteps": 64,
    "PhaseResolution": 1,
    "PixelBandwidth": 1735,
    "ProcedureStepDescription": "NormanLab_Anna",
    "ProtocolName": "epi_195_3x3x3_2s",
    "PulseSequenceDetails": "%SiemensSeq%_ep2d_bold",
    "ReceiveCoilActiveElements": "HE1-4",
    "ReceiveCoilName": "HeadNeck_20",
    "ReconMatrixPE": 64,
    "RepetitionTime": 2,
    "SAR": 0.137367,
    "ScanOptions": "FS",
    "ScanningSequence": "EP",
    "SequenceName": "_epfid2d1_64",
    "SequenceVariant": "SK",
    "SeriesDescription": "epi_195_3x3x3_2s",
    "SeriesNumber": 18,
    "ShimSetting": [
      3244,
      10455,
      9950,
      643,
      32,
      -40,
      1145,
      -122
    ],
    "SliceThickness": 3,
    "SliceTiming": [
      1,
      0,
      1.055,
      0.055,
      1.11,
      0.1125,
      1.1675,
      0.1675,
      1.2225,
      0.2225,
      1.2775,
      0.2775,
      1.3325,
      0.3325,
      1.3875,
      0.39,
      1.445,
      0.445,
      1.5,
      0.5,
      1.555,
      0.555,
      1.61,
      0.61,
      1.6675,
      0.6675,
      1.7225,
      0.7225,
      1.7775,
      0.7775,
      1.8325,
      0.8325,
      1.8875,
      0.89,
      1.945,
      0.945
    ],
    "SoftwareVersions": "syngo_MR_D11",
    "SpacingBetweenSlices": 3,
    "StationName": "AWP45031",
    "TotalReadoutTime": 0.0207902,
    "TxRefAmp": 335.903,
    "dataset": "ds001454",
    "modality": "bold",
    "run_id": 1,
    "session_id": "2",
    "subject_id": "02",
    "task_id": "rest"
  },
  "dummy_trs": 0,
  "dvars_nstd": 22.851558970000003,
  "dvars_std": 1.1043321746907222,
  "dvars_vstd": 1.0226160364948458,
  "efc": 0.5769955996395695,
  "fber": 1084.8560791015625,
  "fd_mean": 0.09221221843225846,
  "fd_num": 4,
  "fd_perc": 2.051282051282051,
  "fwhm_avg": 1.6540722222222222,
  "fwhm_x": 1.55239,
  "fwhm_y": 1.7358399999999998,
  "fwhm_z": 1.6739866666666667,
  "gcor": 0.0177367,
  "gsr_x": 0.005823362153023481,
  "gsr_y": 0.026872212067246437,
  "provenance": {
    "md5sum": "a6fc30ffd1b3c9bd2cde155a76280509",
    "settings": {
      "fd_thres": 0.2,
      "testing": false
    },
    "software": "mriqc",
    "version": "23.0.1",
    "webapi_port": null,
    "webapi_url": "https://mriqc.nimh.nih.gov/api/v1"
  },
  "size_t": 195,
  "size_x": 64,
  "size_y": 64,
  "size_z": 36,
  "snr": 6.571111625584336,
  "spacing_tr": 2.0,
  "spacing_x": 3.0,
  "spacing_y": 3.0,
  "spacing_z": 3.0,
  "summary_bg_k": 32.7080127809234,
  "summary_bg_mad": 13.700764123282573,
  "summary_bg_mean": 41.147186279296875,
  "summary_bg_median": 21.148717880249023,
  "summary_bg_n": 80378.0,
  "summary_bg_p05": 9.717948913574219,
  "summary_bg_p95": 138.25794906616204,
  "summary_bg_stdv": 58.61052703857422,
  "summary_fg_k": 2.857948287966714,
  "summary_fg_mad": 98.49803212965628,
  "summary_fg_mean": 714.7531127929688,
  "summary_fg_median": 705.3333740234375,
  "summary_fg_n": 34308.0,
  "summary_fg_p05": 568.0053833007812,
  "summary_fg_p95": 889.5928588867187,
  "summary_fg_stdv": 107.33695220947266,
  "tsnr": 63.364296656800434
}