{
  "aor": 0.0005339487179487179,
  "aqi": 0.006955296564102565,
  "bids_meta": {
    "AcquisitionMatrixPE": 64,
    "AcquisitionNumber": 1,
    "AcquisitionTime": "23:13:0.660000",
    "BandwidthPerPixelPhaseEncode": 47.348,
    "BaseResolution": 64,
    "BodyPartExamined": "HEAD",
    "ConsistencyInfo": "N4_VD11D_LATEST_20110129",
    "ConversionSoftware": "dcm2niix",
    "ConversionSoftwareVersion": "v1.0.20180518 GCC4.8.5",
    "DerivedVendorReportedEchoSpacing": 0.000660007,
    "DeviceSerialNumber": "45031",
    "DwellTime": 4.5e-06,
    "EchoTime": 0.03,
    "EchoTrainLength": 32,
    "EffectiveEchoSpacing": 0.000330003,
    "FlipAngle": 71,
    "ImageOrientationPatientDICOM": [
      0.999278,
      0.0179342,
      0.0335078,
      -0.0225023,
      0.989703,
      0.141354
    ],
    "ImageType": [
      "ORIGINAL",
      "PRIMARY",
      "M",
      "ND",
      "NORM",
      "MOSAIC"
    ],
    "InPlanePhaseEncodingDirectionDICOM": "COL",
    "InstitutionAddress": "Washington_and_Faculty_Rd._-_Building_25_25_Princeton_NJ_US_085",
    "InstitutionName": "Princeton_University_-_Neuroscience_Institute",
    "InstitutionalDepartmentName": "Department",
    "MRAcquisitionType": "2D",
    "MagneticFieldStrength": 3,
    "Manufacturer": "Siemens",
    "ManufacturersModelName": "Skyra",
    "Modality": "MR",
    "ParallelReductionFactorInPlane": 2,
    "PartialFourier": 1,
    "PatientPosition": "HFS",
    "PercentPhaseFOV": 100,
    "PhaseEncodingDirection": "j-",
    "PhaseEncodingSteps": 64,
    "PhaseResolution": 1,
    "PixelBandwidth": 1735,
    "ProcedureStepDescription": "NormanLab_Anna",
    "ProtocolName": "epi_195_3x3x3_2s",
    "PulseSequenceDetails": "%SiemensSeq%_ep2d_bold",
    "ReceiveCoilActiveElements": "HE1-4",
    "ReceiveCoilName": "HeadNeck_20",
    "ReconMatrixPE": 64,
    "RepetitionTime": 2,
    "SAR": 0.137367,
    "ScanOptions": "FS",
    "ScanningSequence": "EP",
    "SequenceName": "_epfid2d1_64",
    "SequenceVariant": "SK",
    "SeriesDescription": "epi_195_3x3x3_2s",
    "SeriesNumber": 14,
    "ShimSetting": [
      3244,
      10455,
      9950,
      643,
      32,
      -40,
      1145,
      -122
    ],
    "SliceThickness": 3,
    "SliceTiming": [
      1,
      0,
      1.055,
      0.055,
      1.11,
      0.11,
      1.165,
      0.165,
      1.22,
      0.2225,
      1.2775,
      0.2775,
      1.3325,
      0.3325,
      1.3875,
      0.3875,
      1.4425,
      0.4425,
      1.4975,
      0.5,
      1.555,
      0.555,
      1.61,
      0.61,
      1.665,
      0.665,
      1.72,
      0.72,
      1.7775,
      0.7775,
      1.8325,
      0.8325,
      1.8875,
      0.8875,
      1.9425,
      0.9425
    ],
    "SoftwareVersions": "syngo_MR_D11",
    "SpacingBetweenSlices": 3,
    "StationName": "AWP45031",
    "TotalReadoutTime": 0.0207902,
    "TxRefAmp": 335.903,
    "dataset": "ds001454",
    "modality": "bold",
    "run_id": 5,
    "session_id": "2",
    "subject_id": "02",
    "task_id": "satellite"
  },
  "dummy_trs": 0,
  "dvars_nstd": 21.58828725536083,
  "dvars_std": 1.0577678562886592,
  "dvars_vstd": 1.0007608070103096,
  "efc": 0.5753643248840326,
  "fber": 1109.6982421875,
  "fd_mean": 0.10068342832276708,
  "fd_num": 14,
  "fd_perc": 7.17948717948718,
  "fwhm_avg": 1.6500988888888892,
  "fwhm_x": 1.5489533333333334,
  "fwhm_y": 1.7343333333333335,
  "fwhm_z": 1.66701,
  "gcor": 0.0259874,
  "gsr_x": 0.005876284092664719,
  "gsr_y": 0.025330400094389915,
  "provenance": {
    "md5sum": "c68f8c38454808e5a8c346985e037623",
    "settings": {
      "fd_thres": 0.2,
      "testing": false
    },
    "software": "mriqc",
    "version": "23.0.1",
    "webapi_port": null,
    "webapi_url": "https://mriqc.nimh.nih.gov/api/v1"
  },
  "size_t": 195,
  "size_x": 64,
  "size_y": 64,
  "size_z": 36,
  "snr": 6.499842379104013,
  "spacing_tr": 2.0,
  "spacing_x": 3.0,
  "spacing_y": 3.0,
  "spacing_z": 3.0,
  "summary_bg_k": 31.208195254398696,
  "summary_bg_mad": 12.712363586891943,
  "summary_bg_mean": 40.38813781738281,
  "summary_bg_median": 20.871795654296875,
  "summary_bg_n": 80408.0,
  "summary_bg_p05": 9.984615325927734,
  "summary_bg_p95": 136.72257080078106,
  "summary_bg_stdv": 57.027862548828125,
  "summary_fg_k": 2.8998888035557693,
  "summary_fg_mad": 99.37240004569085,
  "summary_fg_mean": 716.9352416992188,
  "summary_fg_median": 707.0513305664062,
  "summary_fg_n": 34202.0,
  "summary_fg_p05": 568.7851196289063,
  "summary_fg_p95": 893.0964477539062,
  "summary_fg_stdv": 108.7781753540039,
  "tsnr": 63.92904761061072
}