{
  "aor": 0.000557948717948718,
  "aqi": 0.006849840564102563,
  "bids_meta": {
    "AcquisitionMatrixPE": 64,
    "AcquisitionNumber": 1,
    "AcquisitionTime": "23:33:59.762500",
    "BandwidthPerPixelPhaseEncode": 47.348,
    "BaseResolution": 64,
    "BodyPartExamined": "HEAD",
    "ConsistencyInfo": "N4_VD11D_LATEST_20110129",
    "ConversionSoftware": "dcm2niix",
    "ConversionSoftwareVersion": "v1.0.20180518 GCC4.8.5",
    "DerivedVendorReportedEchoSpacing": 0.000660007,
    "DeviceSerialNumber": "45031",
    "DwellTime": 4.5e-06,
    "EchoTime": 0.03,
    "EchoTrainLength": 32,
    "EffectiveEchoSpacing": 0.000330003,
    "FlipAngle": 71,
    "ImageOrientationPatientDICOM": [
      0.999278,
      0.0179342,
      0.0335078,
      -0.0225023,
      0.989703,
      0.141354
    ],
    "ImageType": [
      "ORIGINAL",
      "PRIMARY",
      "M",
      "ND",
      "NORM",
      "MOSAIC"
    ],
    "InPlanePhaseEncodingDirectionDICOM": "COL",
    "InstitutionAddress": "Washington_and_Faculty_Rd._-_Building_25_25_Princeton_NJ_US_085",
    "InstitutionName": "Princeton_University_-_Neuroscience_Institute",
    "InstitutionalDepartmentName": "Department",
    "MRAcquisitionType": "2D",
    "MagneticFieldStrength": 3,
    "Manufacturer": "Siemens",
    "ManufacturersModelName": "Skyra",
    "Modality": "MR",
    "ParallelReductionFactorInPlane": 2,
    "PartialFourier": 1,
    "PatientPosition": "HFS",
    "PercentPhaseFOV": 100,
    "PhaseEncodingDirection": "j-",
    "PhaseEncodingSteps": 64,
    "PhaseResolution": 1,
    "PixelBandwidth": 1735,
    "ProcedureStepDescription": "NormanLab_Anna",
    "ProtocolName": "epi_195_3x3x3_2s",
    "PulseSequenceDetails": "%SiemensSeq%_ep2d_bold",
    "ReceiveCoilActiveElements": "HE1-4",
    "ReceiveCoilName": "HeadNeck_20",
    "ReconMatrixPE": 64,
    "RepetitionTime": 2,
    "SAR": 0.137367,
    "ScanOptions": "FS",
    "ScanningSequence": "EP",
    "SequenceName": "_epfid2d1_64",
    "SequenceVariant": "SK",
    "SeriesDescription": "epi_195_3x3x3_2s",
    "SeriesNumber": 17,
    "ShimSetting": [
      3244,
      10455,
      9950,
      643,
      32,
      -40,
      1145,
      -122
    ],
    "SliceThickness": 3,
    "SliceTiming": [
      1,
      0,
      1.055,
      0.055,
      1.11,
      0.11,
      1.1675,
      0.1675,
      1.2225,
      0.2225,
      1.2775,
      0.2775,
      1.3325,
      0.3325,
      1.3875,
      0.39,
      1.445,
      0.445,
      1.5,
      0.5,
      1.555,
      0.555,
      1.61,
      0.61,
      1.665,
      0.6675,
      1.7225,
      0.7225,
      1.7775,
      0.7775,
      1.8325,
      0.8325,
      1.8875,
      0.8875,
      1.945,
      0.945
    ],
    "SoftwareVersions": "syngo_MR_D11",
    "SpacingBetweenSlices": 3,
    "StationName": "AWP45031",
    "TotalReadoutTime": 0.0207902,
    "TxRefAmp": 335.903,
    "dataset": "ds001454",
    "modality": "bold",
    "run_id": 8,
    "session_id": "2",
    "subject_id": "02",
    "task_id": "satellite"
  },
  "dummy_trs": 0,
  "dvars_nstd": 21.767917466082466,
  "dvars_std": 1.066622584639175,
  "dvars_vstd": 1.0063661873711343,
  "efc": 0.5764184886497847,
  "fber": 1098.2041015625,
  "fd_mean": 0.10087813841856993,
  "fd_num": 11,
  "fd_perc": 5.641025641025641,
  "fwhm_avg": 1.6597155555555556,
  "fwhm_x": 1.5606099999999998,
  "fwhm_y": 1.7452500000000002,
  "fwhm_z": 1.6732866666666668,
  "gcor": 0.0296833,
  "gsr_x": 0.0069308471865952015,
  "gsr_y": 0.025417767465114594,
  "provenance": {
    "md5sum": "354efde6322a02ca214dc1f819be1b67",
    "settings": {
      "fd_thres": 0.2,
      "testing": false
    },
    "software": "mriqc",
    "version": "23.0.1",
    "webapi_port": null,
    "webapi_url": "https://mriqc.nimh.nih.gov/api/v1"
  },
  "size_t": 195,
  "size_x": 64,
  "size_y": 64,
  "size_z": 36,
  "snr": 6.48463301063964,
  "spacing_tr": 2.0,
  "spacing_x": 3.0,
  "spacing_y": 3.0,
  "spacing_z": 3.0,
  "summary_bg_k": 30.97318757865459,
  "summary_bg_mad": 12.84922111227476,
  "summary_bg_mean": 40.98456954956055,
  "summary_bg_median": 20.923076629638672,
  "summary_bg_n": 80337.0,
  "summary_bg_p05": 10.01025676727295,
  "summary_bg_p95": 138.49436035156248,
  "summary_bg_stdv": 58.13178634643555,
  "summary_fg_k": 2.991803582008105,
  "summary_fg_mad": 99.34194987195264,
  "summary_fg_mean": 715.446533203125,
  "summary_fg_median": 705.7666625976562,
  "summary_fg_n": 34264.0,
  "summary_fg_p05": 567.1613037109375,
  "summary_fg_p95": 891.5933715820312,
  "summary_fg_stdv": 108.835205078125,
  "tsnr": 64.25724123953842
}