{
  "aor": 0.0009006770833333335,
  "aqi": 0.005961792968750001,
  "bids_meta": {
    "AcquisitionMatrixPE": 64,
    "AcquisitionNumber": 1,
    "AcquisitionTime": "10:41:24.627500",
    "BandwidthPerPixelPhaseEncode": 47.348,
    "BaseResolution": 64,
    "BodyPartExamined": "HEAD",
    "ConsistencyInfo": "N4_VD11D_LATEST_20110129",
    "ConversionSoftware": "dcm2niix",
    "ConversionSoftwareVersion": "v1.0.20180518 GCC4.8.5",
    "DerivedVendorReportedEchoSpacing": 0.000660007,
    "DeviceSerialNumber": "45031",
    "DwellTime": 4.5e-06,
    "EchoTime": 0.03,
    "EchoTrainLength": 32,
    "EffectiveEchoSpacing": 0.000330003,
    "FlipAngle": 71,
    "ImageOrientationPatientDICOM": [
      0.997402,
      -0.0540199,
      0.0476546,
      0.0568113,
      0.996622,
      -0.0593081
    ],
    "ImageType": [
      "ORIGINAL",
      "PRIMARY",
      "M",
      "ND",
      "NORM",
      "MOSAIC"
    ],
    "InPlanePhaseEncodingDirectionDICOM": "COL",
    "InstitutionAddress": "Washington_and_Faculty_Rd._-_Building_25_25_Princeton_NJ_US_085",
    "InstitutionName": "Princeton_University_-_Neuroscience_Institute",
    "InstitutionalDepartmentName": "Department",
    "MRAcquisitionType": "2D",
    "MagneticFieldStrength": 3,
    "Manufacturer": "Siemens",
    "ManufacturersModelName": "Skyra",
    "Modality": "MR",
    "ParallelReductionFactorInPlane": 2,
    "PartialFourier": 1,
    "PatientPosition": "HFS",
    "PercentPhaseFOV": 100,
    "PhaseEncodingDirection": "j-",
    "PhaseEncodingSteps": 64,
    "PhaseResolution": 1,
    "PixelBandwidth": 1735,
    "ProcedureStepDescription": "NormanLab_Anna",
    "ProtocolName": "epi_195_3x3x3_2s",
    "PulseSequenceDetails": "%SiemensSeq%_ep2d_bold",
    "ReceiveCoilActiveElements": "HE1-4",
    "ReceiveCoilName": "HeadNeck_20",
    "ReconMatrixPE": 64,
    "RepetitionTime": 2,
    "SAR": 0.105508,
    "ScanOptions": "FS",
    "ScanningSequence": "EP",
    "SequenceName": "_epfid2d1_64",
    "SequenceVariant": "SK",
    "SeriesDescription": "epi_195_3x3x3_2s",
    "SeriesNumber": 17,
    "ShimSetting": [
      3202,
      10619,
      9968,
      549,
      -117,
      -48,
      442,
      -47
    ],
    "SliceThickness": 3,
    "SliceTiming": [
      1,
      0,
      1.055,
      0.055,
      1.1125,
      0.1125,
      1.1675,
      0.1675,
      1.2225,
      0.2225,
      1.2775,
      0.2775,
      1.3325,
      0.335,
      1.39,
      0.39,
      1.445,
      0.445,
      1.5,
      0.5,
      1.555,
      0.555,
      1.61,
      0.6125,
      1.6675,
      0.6675,
      1.7225,
      0.7225,
      1.7775,
      0.7775,
      1.8325,
      0.8325,
      1.89,
      0.89,
      1.945,
      0.945
    ],
    "SoftwareVersions": "syngo_MR_D11",
    "SpacingBetweenSlices": 3,
    "StationName": "AWP45031",
    "TotalReadoutTime": 0.0207902,
    "TxRefAmp": 360.822,
    "dataset": "ds001454",
    "modality": "bold",
    "run_id": 1,
    "session_id": "2",
    "subject_id": "01",
    "task_id": "rest"
  },
  "dummy_trs": 3,
  "dvars_nstd": 26.397412035235597,
  "dvars_std": 1.1544620057591626,
  "dvars_vstd": 1.006570373926701,
  "efc": 0.666492890686985,
  "fber": 635.552001953125,
  "fd_mean": 0.07731467149722356,
  "fd_num": 8,
  "fd_perc": 4.166666666666667,
  "fwhm_avg": 1.671293333333333,
  "fwhm_x": 1.5320433333333332,
  "fwhm_y": 1.77647,
  "fwhm_z": 1.7053666666666667,
  "gcor": 0.0154737,
  "gsr_x": -0.0008234921842813492,
  "gsr_y": 0.046315502375364304,
  "provenance": {
    "md5sum": "99df7e9d1d80bbe172b61ebd9c54d2f9",
    "settings": {
      "fd_thres": 0.2,
      "testing": false
    },
    "software": "mriqc",
    "version": "23.0.1",
    "webapi_port": null,
    "webapi_url": "https://mriqc.nimh.nih.gov/api/v1"
  },
  "size_t": 192,
  "size_x": 64,
  "size_y": 64,
  "size_z": 36,
  "snr": 6.006244898765332,
  "spacing_tr": 2.0,
  "spacing_x": 3.0,
  "spacing_y": 3.0,
  "spacing_z": 3.0,
  "summary_bg_k": 12.493117630664925,
  "summary_bg_mad": 21.35487679576242,
  "summary_bg_mean": 63.189552307128906,
  "summary_bg_median": 28.705730438232422,
  "summary_bg_n": 64308.0,
  "summary_bg_p05": 11.765625,
  "summary_bg_p95": 248.5885467529297,
  "summary_bg_stdv": 87.77420806884766,
  "summary_fg_k": 2.203610712446496,
  "summary_fg_mad": 118.0831042765371,
  "summary_fg_mean": 778.6303100585938,
  "summary_fg_median": 766.015625,
  "summary_fg_n": 48344.0,
  "summary_fg_p05": 605.0796905517578,
  "summary_fg_p95": 993.3429718017578,
  "summary_fg_stdv": 127.53520965576172,
  "tsnr": 64.21516902779695
}