{
  "aor": 0.0008356410256410256,
  "aqi": 0.006277440512820512,
  "bids_meta": {
    "AcquisitionMatrixPE": 64,
    "AcquisitionNumber": 1,
    "AcquisitionTime": "10:06:29.622500",
    "BandwidthPerPixelPhaseEncode": 47.348,
    "BaseResolution": 64,
    "BodyPartExamined": "HEAD",
    "ConsistencyInfo": "N4_VD11D_LATEST_20110129",
    "ConversionSoftware": "dcm2niix",
    "ConversionSoftwareVersion": "v1.0.20180518 GCC4.8.5",
    "DerivedVendorReportedEchoSpacing": 0.000660007,
    "DeviceSerialNumber": "45031",
    "DwellTime": 4.5e-06,
    "EchoTime": 0.03,
    "EchoTrainLength": 32,
    "EffectiveEchoSpacing": 0.000330003,
    "FlipAngle": 71,
    "ImageOrientationPatientDICOM": [
      0.997402,
      -0.0540199,
      0.0476546,
      0.0568113,
      0.996622,
      -0.0593081
    ],
    "ImageType": [
      "ORIGINAL",
      "PRIMARY",
      "M",
      "ND",
      "NORM",
      "MOSAIC"
    ],
    "InPlanePhaseEncodingDirectionDICOM": "COL",
    "InstitutionAddress": "Washington_and_Faculty_Rd._-_Building_25_25_Princeton_NJ_US_085",
    "InstitutionName": "Princeton_University_-_Neuroscience_Institute",
    "InstitutionalDepartmentName": "Department",
    "MRAcquisitionType": "2D",
    "MagneticFieldStrength": 3,
    "Manufacturer": "Siemens",
    "ManufacturersModelName": "Skyra",
    "Modality": "MR",
    "ParallelReductionFactorInPlane": 2,
    "PartialFourier": 1,
    "PatientPosition": "HFS",
    "PercentPhaseFOV": 100,
    "PhaseEncodingDirection": "j-",
    "PhaseEncodingSteps": 64,
    "PhaseResolution": 1,
    "PixelBandwidth": 1735,
    "ProcedureStepDescription": "NormanLab_Anna",
    "ProtocolName": "epi_195_3x3x3_2s",
    "PulseSequenceDetails": "%SiemensSeq%_ep2d_bold",
    "ReceiveCoilActiveElements": "HE1-4",
    "ReceiveCoilName": "HeadNeck_20",
    "ReconMatrixPE": 64,
    "RepetitionTime": 2,
    "SAR": 0.105508,
    "ScanOptions": "FS",
    "ScanningSequence": "EP",
    "SequenceName": "_epfid2d1_64",
    "SequenceVariant": "SK",
    "SeriesDescription": "epi_195_3x3x3_2s",
    "SeriesNumber": 12,
    "ShimSetting": [
      3202,
      10619,
      9968,
      549,
      -117,
      -48,
      442,
      -47
    ],
    "SliceThickness": 3,
    "SliceTiming": [
      1,
      0,
      1.0575,
      0.0575,
      1.1125,
      0.1125,
      1.1675,
      0.1675,
      1.2225,
      0.2225,
      1.2775,
      0.2775,
      1.335,
      0.335,
      1.39,
      0.39,
      1.445,
      0.445,
      1.5,
      0.5,
      1.555,
      0.5575,
      1.6125,
      0.6125,
      1.6675,
      0.6675,
      1.7225,
      0.7225,
      1.7775,
      0.7775,
      1.835,
      0.835,
      1.89,
      0.89,
      1.945,
      0.945
    ],
    "SoftwareVersions": "syngo_MR_D11",
    "SpacingBetweenSlices": 3,
    "StationName": "AWP45031",
    "TotalReadoutTime": 0.0207902,
    "TxRefAmp": 360.822,
    "dataset": "ds001454",
    "modality": "bold",
    "run_id": 4,
    "session_id": "2",
    "subject_id": "01",
    "task_id": "satellite"
  },
  "dummy_trs": 0,
  "dvars_nstd": 27.6404545186598,
  "dvars_std": 1.1796429545360823,
  "dvars_vstd": 1.0116689544845359,
  "efc": 0.665230383603621,
  "fber": 628.20458984375,
  "fd_mean": 0.07155844542589805,
  "fd_num": 2,
  "fd_perc": 1.0256410256410255,
  "fwhm_avg": 1.6566644444444443,
  "fwhm_x": 1.5173966666666667,
  "fwhm_y": 1.7672233333333331,
  "fwhm_z": 1.6853733333333334,
  "gcor": 0.0398602,
  "gsr_x": -0.0011860632803291082,
  "gsr_y": 0.04599185287952423,
  "provenance": {
    "md5sum": "d06c913e98a1fa2c8553d279d16b4c49",
    "settings": {
      "fd_thres": 0.2,
      "testing": false
    },
    "software": "mriqc",
    "version": "23.0.1",
    "webapi_port": null,
    "webapi_url": "https://mriqc.nimh.nih.gov/api/v1"
  },
  "size_t": 195,
  "size_x": 64,
  "size_y": 64,
  "size_z": 36,
  "snr": 5.989807870812077,
  "spacing_tr": 2.0,
  "spacing_x": 3.0,
  "spacing_y": 3.0,
  "spacing_z": 3.0,
  "summary_bg_k": 12.83597443228466,
  "summary_bg_mad": 21.098571337736328,
  "summary_bg_mean": 62.81873321533203,
  "summary_bg_median": 28.738462448120117,
  "summary_bg_n": 64694.0,
  "summary_bg_p05": 11.882051467895508,
  "summary_bg_p95": 247.6418014526365,
  "summary_bg_stdv": 87.74816131591797,
  "summary_fg_k": 2.3826006673676536,
  "summary_fg_mad": 118.4104549555803,
  "summary_fg_mean": 779.7508544921875,
  "summary_fg_median": 767.2153930664062,
  "summary_fg_n": 48081.0,
  "summary_fg_p05": 606.7897338867188,
  "summary_fg_p95": 994.7077026367188,
  "summary_fg_stdv": 128.08547973632812,
  "tsnr": 62.86402783822268
}