{
  "aor": 0.0006001025641025643,
  "aqi": 0.007629318717948717,
  "bids_meta": {
    "AcquisitionMatrixPE": 64,
    "AcquisitionNumber": 1,
    "AcquisitionTime": "09:52:48.892500",
    "BandwidthPerPixelPhaseEncode": 47.348,
    "BaseResolution": 64,
    "BodyPartExamined": "HEAD",
    "ConsistencyInfo": "N4_VD11D_LATEST_20110129",
    "ConversionSoftware": "dcm2niix",
    "ConversionSoftwareVersion": "v1.0.20180518 GCC4.8.5",
    "DerivedVendorReportedEchoSpacing": 0.000660007,
    "DeviceSerialNumber": "45031",
    "DwellTime": 4.5e-06,
    "EchoTime": 0.03,
    "EchoTrainLength": 32,
    "EffectiveEchoSpacing": 0.000330003,
    "FlipAngle": 71,
    "ImageOrientationPatientDICOM": [
      0.997402,
      -0.0540199,
      0.0476546,
      0.0568113,
      0.996622,
      -0.0593081
    ],
    "ImageType": [
      "ORIGINAL",
      "PRIMARY",
      "M",
      "ND",
      "NORM",
      "MOSAIC"
    ],
    "InPlanePhaseEncodingDirectionDICOM": "COL",
    "InstitutionAddress": "Washington_and_Faculty_Rd._-_Building_25_25_Princeton_NJ_US_085",
    "InstitutionName": "Princeton_University_-_Neuroscience_Institute",
    "InstitutionalDepartmentName": "Department",
    "MRAcquisitionType": "2D",
    "MagneticFieldStrength": 3,
    "Manufacturer": "Siemens",
    "ManufacturersModelName": "Skyra",
    "Modality": "MR",
    "ParallelReductionFactorInPlane": 2,
    "PartialFourier": 1,
    "PatientPosition": "HFS",
    "PercentPhaseFOV": 100,
    "PhaseEncodingDirection": "j-",
    "PhaseEncodingSteps": 64,
    "PhaseResolution": 1,
    "PixelBandwidth": 1735,
    "ProcedureStepDescription": "NormanLab_Anna",
    "ProtocolName": "epi_195_3x3x3_2s",
    "PulseSequenceDetails": "%SiemensSeq%_ep2d_bold",
    "ReceiveCoilActiveElements": "HE1-4",
    "ReceiveCoilName": "HeadNeck_20",
    "ReconMatrixPE": 64,
    "RepetitionTime": 2,
    "SAR": 0.105508,
    "ScanOptions": "FS",
    "ScanningSequence": "EP",
    "SequenceName": "_epfid2d1_64",
    "SequenceVariant": "SK",
    "SeriesDescription": "epi_195_3x3x3_2s",
    "SeriesNumber": 10,
    "ShimSetting": [
      3202,
      10619,
      9968,
      549,
      -117,
      -48,
      442,
      -47
    ],
    "SliceThickness": 3,
    "SliceTiming": [
      0.9975,
      0,
      1.055,
      0.055,
      1.11,
      0.11,
      1.165,
      0.165,
      1.22,
      0.22,
      1.275,
      0.2775,
      1.3325,
      0.3325,
      1.3875,
      0.3875,
      1.4425,
      0.4425,
      1.4975,
      0.4975,
      1.555,
      0.555,
      1.61,
      0.61,
      1.665,
      0.665,
      1.72,
      0.72,
      1.775,
      0.7775,
      1.8325,
      0.8325,
      1.8875,
      0.8875,
      1.9425,
      0.9425
    ],
    "SoftwareVersions": "syngo_MR_D11",
    "SpacingBetweenSlices": 3,
    "StationName": "AWP45031",
    "TotalReadoutTime": 0.0207902,
    "TxRefAmp": 360.822,
    "dataset": "ds001454",
    "modality": "bold",
    "run_id": 2,
    "session_id": "2",
    "subject_id": "01",
    "task_id": "satellite"
  },
  "dummy_trs": 0,
  "dvars_nstd": 28.350900954639183,
  "dvars_std": 1.1639589273711337,
  "dvars_vstd": 0.9962644751030933,
  "efc": 0.6645753842658675,
  "fber": 627.8546752929688,
  "fd_mean": 0.07704221715398563,
  "fd_num": 10,
  "fd_perc": 5.128205128205129,
  "fwhm_avg": 1.6650155555555557,
  "fwhm_x": 1.5238733333333334,
  "fwhm_y": 1.7792066666666668,
  "fwhm_z": 1.6919666666666666,
  "gcor": 0.036194,
  "gsr_x": -0.0014824626268818974,
  "gsr_y": 0.046159956604242325,
  "provenance": {
    "md5sum": "2db1f2b4f398fbdcfd017cd441eab280",
    "settings": {
      "fd_thres": 0.2,
      "testing": false
    },
    "software": "mriqc",
    "version": "23.0.1",
    "webapi_port": null,
    "webapi_url": "https://mriqc.nimh.nih.gov/api/v1"
  },
  "size_t": 195,
  "size_x": 64,
  "size_y": 64,
  "size_z": 36,
  "snr": 5.978019677524027,
  "spacing_tr": 2.0,
  "spacing_x": 3.0,
  "spacing_y": 3.0,
  "spacing_z": 3.0,
  "summary_bg_k": 12.811865987413157,
  "summary_bg_mad": 21.068157925909187,
  "summary_bg_mean": 62.30095672607422,
  "summary_bg_median": 28.794872283935547,
  "summary_bg_n": 64743.0,
  "summary_bg_p05": 11.912820816040039,
  "summary_bg_p95": 244.9353988647459,
  "summary_bg_stdv": 86.60546875,
  "summary_fg_k": 2.4300191550159536,
  "summary_fg_mad": 118.81341074653524,
  "summary_fg_mean": 779.7853393554688,
  "summary_fg_median": 767.94873046875,
  "summary_fg_n": 48025.0,
  "summary_fg_p05": 607.001025390625,
  "summary_fg_p95": 995.5682495117184,
  "summary_fg_stdv": 128.46072387695312,
  "tsnr": 58.80948678962886
}