{
  "bids_meta": {
    "AcquisitionMatrixPE": 256,
    "AcquisitionNumber": 1,
    "AcquisitionTime": "20:07:46.622500",
    "BaseResolution": 256,
    "BodyPartExamined": "HEAD",
    "ConsistencyInfo": "N4_VD11D_LATEST_20110129",
    "ConversionSoftware": "dcm2niix",
    "ConversionSoftwareVersion": "v1.0.20180518 GCC4.8.5",
    "DeviceSerialNumber": "45031",
    "DwellTime": 9.8e-06,
    "EchoTime": 0.0033,
    "FlipAngle": 7,
    "ImageOrientationPatientDICOM": [
      0,
      1,
      0,
      0,
      0,
      -1
    ],
    "ImageType": [
      "ORIGINAL",
      "PRIMARY",
      "M",
      "ND",
      "NORM"
    ],
    "InPlanePhaseEncodingDirectionDICOM": "ROW",
    "InstitutionAddress": "Washington_and_Faculty_Rd._-_Building_25_25_Princeton_NJ_US_085",
    "InstitutionName": "Princeton_University_-_Neuroscience_Institute",
    "InstitutionalDepartmentName": "Department",
    "InversionTime": 1.1,
    "MRAcquisitionType": "3D",
    "MagneticFieldStrength": 3,
    "Manufacturer": "Siemens",
    "ManufacturersModelName": "Skyra",
    "Modality": "MR",
    "ParallelReductionFactorInPlane": 2,
    "PartialFourier": 1,
    "PatientPosition": "HFS",
    "PercentPhaseFOV": 100,
    "PhaseEncodingSteps": 255,
    "PhaseResolution": 1,
    "PixelBandwidth": 200,
    "ProcedureStepDescription": "NormanLab_Anna",
    "ProtocolName": "MPRAGE_tfl",
    "PulseSequenceDetails": "%SiemensSeq%_tfl",
    "ReceiveCoilActiveElements": "HE1-4",
    "ReceiveCoilName": "HeadNeck_20",
    "ReconMatrixPE": 256,
    "RepetitionTime": 2.53,
    "SAR": 0.0559858,
    "ScanOptions": "IR",
    "ScanningSequence": "GR_IR",
    "SequenceName": "_tfl3d1_16ns",
    "SequenceVariant": "SK_SP_MP",
    "SeriesDescription": "MPRAGE_tfl",
    "SeriesNumber": 5,
    "ShimSetting": [
      3218,
      10487,
      9966,
      367,
      -116,
      -319,
      810,
      23
    ],
    "SliceThickness": 1,
    "SoftwareVersions": "syngo_MR_D11",
    "StationName": "AWP45031",
    "TxRefAmp": 332.634,
    "dataset": "ds001454",
    "modality": "T1w",
    "session_id": "1",
    "subject_id": "12"
  },
  "cjv": 0.3336473773865695,
  "cnr": 3.973096162391182,
  "efc": 0.4922200637567886,
  "fber": 20239.41732611412,
  "fwhm_avg": 3.66745,
  "fwhm_x": 3.71768,
  "fwhm_y": 3.86878,
  "fwhm_z": 3.41589,
  "icvs_csf": 0.19206126668204324,
  "icvs_gm": 0.46692140436414203,
  "icvs_wm": 0.3410173289538147,
  "inu_med": 0.6085710525512695,
  "inu_range": 0.2676881849765777,
  "provenance": {
    "md5sum": "d11dbe53ae849eaaa4b6bbf8a5f59822",
    "settings": {
      "testing": false
    },
    "software": "mriqc",
    "version": "23.0.1",
    "warnings": {
      "large_rot_frame": true,
      "small_air_mask": false
    },
    "webapi_port": null,
    "webapi_url": "https://mriqc.nimh.nih.gov/api/v1"
  },
  "qi_1": 0.0,
  "qi_2": 0.017019312034836292,
  "rpve_csf": 26.738277420378896,
  "rpve_gm": 12.192080217466279,
  "rpve_wm": 18.794351546077333,
  "size_x": 176,
  "size_y": 256,
  "size_z": 256,
  "snr_csf": 1.7681229458531194,
  "snr_gm": 9.108276646222743,
  "snr_total": 10.802481815539544,
  "snr_wm": 21.53104585454277,
  "snrd_csf": 23.39074275822978,
  "snrd_gm": 64.36716521950434,
  "snrd_total": 61.869432263164924,
  "snrd_wm": 97.85038881176064,
  "spacing_x": 1.0,
  "spacing_y": 1.0,
  "spacing_z": 1.0,
  "summary_bg_k": 998.805568363085,
  "summary_bg_mad": 0.0,
  "summary_bg_mean": 3.276900999097236,
  "summary_bg_median": 0.0,
  "summary_bg_n": 3425720.0,
  "summary_bg_p05": 0.0,
  "summary_bg_p95": 15.195658832788467,
  "summary_bg_stdv": 6.695286828532367,
  "summary_csf_k": 1.6791734155051943,
  "summary_csf_mad": 137.29210324388856,
  "summary_csf_mean": 257.79790236778126,
  "summary_csf_median": 239.0459939315915,
  "summary_csf_n": 24331.0,
  "summary_csf_p05": 66.30962778255343,
  "summary_csf_p95": 497.6578267738223,
  "summary_csf_stdv": 135.19483023888034,
  "summary_gm_k": 0.12195991197969303,
  "summary_gm_mad": 70.25527430031188,
  "summary_gm_mean": 657.6022821298901,
  "summary_gm_median": 657.8120731562376,
  "summary_gm_n": 50974.0,
  "summary_gm_p05": 537.8177822604775,
  "summary_gm_p95": 777.0637190714478,
  "summary_gm_stdv": 72.22064571017862,
  "summary_wm_k": 0.5948156668139393,
  "summary_wm_mad": 43.91483993334745,
  "summary_wm_mean": 999.406959942468,
  "summary_wm_median": 1000.000029578805,
  "summary_wm_n": 187827.0,
  "summary_wm_p05": 922.4878878973425,
  "summary_wm_p95": 1073.6646989956498,
  "summary_wm_stdv": 46.44444001033512,
  "tpm_overlap_csf": 0.1350838944304483,
  "tpm_overlap_gm": 0.4758795606575439,
  "tpm_overlap_wm": 0.508732084491689,
  "wm2max": 0.7252376326242373
}