{
  "bids_meta": {
    "AcquisitionMatrixPE": 256,
    "AcquisitionNumber": 1,
    "AcquisitionTime": "20:19:31.410000",
    "BaseResolution": 256,
    "BodyPartExamined": "HEAD",
    "ConsistencyInfo": "N4_VD11D_LATEST_20110129",
    "ConversionSoftware": "dcm2niix",
    "ConversionSoftwareVersion": "v1.0.20180518 GCC4.8.5",
    "DeviceSerialNumber": "45031",
    "DwellTime": 9.8e-06,
    "EchoTime": 0.0033,
    "FlipAngle": 7,
    "ImageOrientationPatientDICOM": [
      0,
      1,
      0,
      0,
      0,
      -1
    ],
    "ImageType": [
      "ORIGINAL",
      "PRIMARY",
      "M",
      "ND",
      "NORM"
    ],
    "InPlanePhaseEncodingDirectionDICOM": "ROW",
    "InstitutionAddress": "Washington_and_Faculty_Rd._-_Building_25_25_Princeton_NJ_US_085",
    "InstitutionName": "Princeton_University_-_Neuroscience_Institute",
    "InstitutionalDepartmentName": "Department",
    "InversionTime": 1.1,
    "MRAcquisitionType": "3D",
    "MagneticFieldStrength": 3,
    "Manufacturer": "Siemens",
    "ManufacturersModelName": "Skyra",
    "Modality": "MR",
    "ParallelReductionFactorInPlane": 2,
    "PartialFourier": 1,
    "PatientPosition": "HFS",
    "PercentPhaseFOV": 100,
    "PhaseEncodingSteps": 255,
    "PhaseResolution": 1,
    "PixelBandwidth": 200,
    "ProcedureStepDescription": "NormanLab_Anna",
    "ProtocolName": "MPRAGE_tfl",
    "PulseSequenceDetails": "%SiemensSeq%_tfl",
    "ReceiveCoilActiveElements": "HE1-4",
    "ReceiveCoilName": "HeadNeck_20",
    "ReconMatrixPE": 256,
    "RepetitionTime": 2.53,
    "SAR": 0.0558325,
    "ScanOptions": "IR",
    "ScanningSequence": "GR_IR",
    "SequenceName": "_tfl3d1_16ns",
    "SequenceVariant": "SK_SP_MP",
    "SeriesDescription": "MPRAGE_tfl",
    "SeriesNumber": 5,
    "ShimSetting": [
      3226,
      10582,
      9885,
      252,
      8,
      -206,
      477,
      6
    ],
    "SliceThickness": 1,
    "SoftwareVersions": "syngo_MR_D11",
    "StationName": "AWP45031",
    "TxRefAmp": 310.723,
    "dataset": "ds001454",
    "modality": "T1w",
    "session_id": "1",
    "subject_id": "07"
  },
  "cjv": 0.34164825624846223,
  "cnr": 3.866555777382623,
  "efc": 0.46633642833591155,
  "fber": -1.0,
  "fwhm_avg": 3.5999866666666662,
  "fwhm_x": 3.72566,
  "fwhm_y": 3.71833,
  "fwhm_z": 3.35597,
  "icvs_csf": 0.20250327079058253,
  "icvs_gm": 0.43614974497735837,
  "icvs_wm": 0.36134698423205913,
  "inu_med": 0.570652186870575,
  "inu_range": 0.2219572812318802,
  "provenance": {
    "md5sum": "e8eff59030b5f87a99c70fec5e166289",
    "settings": {
      "testing": false
    },
    "software": "mriqc",
    "version": "23.0.1",
    "warnings": {
      "large_rot_frame": true,
      "small_air_mask": false
    },
    "webapi_port": null,
    "webapi_url": "https://mriqc.nimh.nih.gov/api/v1"
  },
  "qi_1": 0.0,
  "qi_2": 0.014402463195642534,
  "rpve_csf": 26.88872418524469,
  "rpve_gm": 13.009589993526754,
  "rpve_wm": 18.02538981734363,
  "size_x": 176,
  "size_y": 256,
  "size_z": 256,
  "snr_csf": 1.4303794872954567,
  "snr_gm": 8.798722040368602,
  "snr_total": 10.737887013683377,
  "snr_wm": 21.984559513386067,
  "snrd_csf": 15.896649865777578,
  "snrd_gm": 65.44098465455352,
  "snrd_total": 60.16897651366306,
  "snrd_wm": 99.1692950206581,
  "spacing_x": 1.0,
  "spacing_y": 1.0,
  "spacing_z": 1.0,
  "summary_bg_k": 2640.5490758815586,
  "summary_bg_mad": 0.0,
  "summary_bg_mean": 2.944481613470238,
  "summary_bg_median": 0.0,
  "summary_bg_n": 4109984.0,
  "summary_bg_p05": 0.0,
  "summary_bg_p95": 13.739837201312184,
  "summary_bg_stdv": 6.6062422896857385,
  "summary_csf_k": 5.9249015238890745,
  "summary_csf_mad": 87.95165880113305,
  "summary_csf_mean": 185.6037274034575,
  "summary_csf_median": 160.29810068197548,
  "summary_csf_n": 36940.0,
  "summary_csf_p05": 53.386178096104416,
  "summary_csf_p95": 410.5433545454404,
  "summary_csf_stdv": 112.06531719871067,
  "summary_gm_k": 0.26094382722576537,
  "summary_gm_mad": 72.28187948069363,
  "summary_gm_mean": 661.1807635542866,
  "summary_gm_median": 659.8915894515812,
  "summary_gm_n": 28777.0,
  "summary_gm_p05": 540.1896941494197,
  "summary_gm_p95": 786.531154030934,
  "summary_gm_stdv": 74.99726900300631,
  "summary_wm_k": 0.29899622079125887,
  "summary_wm_mad": 43.91556101856484,
  "summary_wm_mean": 999.1918818897443,
  "summary_wm_median": 999.9999856576324,
  "summary_wm_n": 201950.0,
  "summary_wm_p05": 923.143618196249,
  "summary_wm_p95": 1072.303507655859,
  "summary_wm_stdv": 45.486356421440156,
  "tpm_overlap_csf": 0.14861705950632662,
  "tpm_overlap_gm": 0.4706943595293427,
  "tpm_overlap_wm": 0.5223750951573535,
  "wm2max": 0.7479173845187183
}