{
  "aor": 0.0005228205128205128,
  "aqi": 0.0068797460512820515,
  "bids_meta": {
    "AcquisitionMatrixPE": 64,
    "AcquisitionNumber": 1,
    "AcquisitionTime": "22:52:0.862500",
    "BandwidthPerPixelPhaseEncode": 47.348,
    "BaseResolution": 64,
    "BodyPartExamined": "HEAD",
    "ConsistencyInfo": "N4_VD11D_LATEST_20110129",
    "ConversionSoftware": "dcm2niix",
    "ConversionSoftwareVersion": "v1.0.20180518 GCC4.8.5",
    "DerivedVendorReportedEchoSpacing": 0.000660007,
    "DeviceSerialNumber": "45031",
    "DwellTime": 4.5e-06,
    "EchoTime": 0.03,
    "EchoTrainLength": 32,
    "EffectiveEchoSpacing": 0.000330003,
    "FlipAngle": 71,
    "ImageOrientationPatientDICOM": [
      0.999278,
      0.0179342,
      0.0335078,
      -0.0225023,
      0.989703,
      0.141354
    ],
    "ImageType": [
      "ORIGINAL",
      "PRIMARY",
      "M",
      "ND",
      "NORM",
      "MOSAIC"
    ],
    "InPlanePhaseEncodingDirectionDICOM": "COL",
    "InstitutionAddress": "Washington_and_Faculty_Rd._-_Building_25_25_Princeton_NJ_US_085",
    "InstitutionName": "Princeton_University_-_Neuroscience_Institute",
    "InstitutionalDepartmentName": "Department",
    "MRAcquisitionType": "2D",
    "MagneticFieldStrength": 3,
    "Manufacturer": "Siemens",
    "ManufacturersModelName": "Skyra",
    "Modality": "MR",
    "ParallelReductionFactorInPlane": 2,
    "PartialFourier": 1,
    "PatientPosition": "HFS",
    "PercentPhaseFOV": 100,
    "PhaseEncodingDirection": "j-",
    "PhaseEncodingSteps": 64,
    "PhaseResolution": 1,
    "PixelBandwidth": 1735,
    "ProcedureStepDescription": "NormanLab_Anna",
    "ProtocolName": "epi_195_3x3x3_2s",
    "PulseSequenceDetails": "%SiemensSeq%_ep2d_bold",
    "ReceiveCoilActiveElements": "HE1-4",
    "ReceiveCoilName": "HeadNeck_20",
    "ReconMatrixPE": 64,
    "RepetitionTime": 2,
    "SAR": 0.137367,
    "ScanOptions": "FS",
    "ScanningSequence": "EP",
    "SequenceName": "_epfid2d1_64",
    "SequenceVariant": "SK",
    "SeriesDescription": "epi_195_3x3x3_2s",
    "SeriesNumber": 11,
    "ShimSetting": [
      3244,
      10455,
      9950,
      643,
      32,
      -40,
      1145,
      -122
    ],
    "SliceThickness": 3,
    "SliceTiming": [
      1,
      0,
      1.055,
      0.055,
      1.11,
      0.11,
      1.1675,
      0.1675,
      1.2225,
      0.2225,
      1.2775,
      0.2775,
      1.3325,
      0.3325,
      1.3875,
      0.3875,
      1.445,
      0.445,
      1.5,
      0.5,
      1.555,
      0.555,
      1.61,
      0.61,
      1.665,
      0.6675,
      1.7225,
      0.7225,
      1.7775,
      0.7775,
      1.8325,
      0.8325,
      1.8875,
      0.8875,
      1.945,
      0.945
    ],
    "SoftwareVersions": "syngo_MR_D11",
    "SpacingBetweenSlices": 3,
    "StationName": "AWP45031",
    "TotalReadoutTime": 0.0207902,
    "TxRefAmp": 335.903,
    "dataset": "ds001454",
    "modality": "bold",
    "run_id": 2,
    "session_id": "2",
    "subject_id": "02",
    "task_id": "satellite"
  },
  "dummy_trs": 0,
  "dvars_nstd": 20.990524458969073,
  "dvars_std": 1.0455994023711335,
  "dvars_vstd": 0.9913359962886595,
  "efc": 0.5732941936274235,
  "fber": 1175.258544921875,
  "fd_mean": 0.0802696355798385,
  "fd_num": 5,
  "fd_perc": 2.5641025641025643,
  "fwhm_avg": 1.6611,
  "fwhm_x": 1.55785,
  "fwhm_y": 1.7547499999999998,
  "fwhm_z": 1.6707,
  "gcor": 0.0187769,
  "gsr_x": 0.0061716437339782715,
  "gsr_y": 0.025441521778702736,
  "provenance": {
    "md5sum": "94d62b1f46976e5bc39f2c25e3b8da1a",
    "settings": {
      "fd_thres": 0.2,
      "testing": false
    },
    "software": "mriqc",
    "version": "23.0.1",
    "webapi_port": null,
    "webapi_url": "https://mriqc.nimh.nih.gov/api/v1"
  },
  "size_t": 195,
  "size_x": 64,
  "size_y": 64,
  "size_z": 36,
  "snr": 6.426751206004114,
  "spacing_tr": 2.0,
  "spacing_x": 3.0,
  "spacing_y": 3.0,
  "spacing_z": 3.0,
  "summary_bg_k": 33.255751080968075,
  "summary_bg_mad": 11.944452509689965,
  "summary_bg_mean": 39.557369232177734,
  "summary_bg_median": 20.27692413330078,
  "summary_bg_n": 80460.0,
  "summary_bg_p05": 9.938462257385254,
  "summary_bg_p95": 133.65821228027355,
  "summary_bg_stdv": 56.82614517211914,
  "summary_fg_k": 2.835968751289398,
  "summary_fg_mad": 101.31121192512151,
  "summary_fg_mean": 717.623779296875,
  "summary_fg_median": 707.5513305664062,
  "summary_fg_n": 34156.0,
  "summary_fg_p05": 567.8551635742188,
  "summary_fg_p95": 897.580810546875,
  "summary_fg_stdv": 110.09310150146484,
  "tsnr": 64.55166990170255
}