{
  "aor": 0.0007968717948717949,
  "aqi": 0.007469198410256409,
  "bids_meta": {
    "AcquisitionMatrixPE": 64,
    "AcquisitionNumber": 1,
    "AcquisitionTime": "23:20:3.680000",
    "BandwidthPerPixelPhaseEncode": 47.348,
    "BaseResolution": 64,
    "BodyPartExamined": "HEAD",
    "ConsistencyInfo": "N4_VD11D_LATEST_20110129",
    "ConversionSoftware": "dcm2niix",
    "ConversionSoftwareVersion": "v1.0.20180518 GCC4.8.5",
    "DerivedVendorReportedEchoSpacing": 0.000660007,
    "DeviceSerialNumber": "45031",
    "DwellTime": 4.5e-06,
    "EchoTime": 0.03,
    "EchoTrainLength": 32,
    "EffectiveEchoSpacing": 0.000330003,
    "FlipAngle": 71,
    "ImageOrientationPatientDICOM": [
      0.999278,
      0.0179342,
      0.0335078,
      -0.0225023,
      0.989703,
      0.141354
    ],
    "ImageType": [
      "ORIGINAL",
      "PRIMARY",
      "M",
      "ND",
      "NORM",
      "MOSAIC"
    ],
    "InPlanePhaseEncodingDirectionDICOM": "COL",
    "InstitutionAddress": "Washington_and_Faculty_Rd._-_Building_25_25_Princeton_NJ_US_085",
    "InstitutionName": "Princeton_University_-_Neuroscience_Institute",
    "InstitutionalDepartmentName": "Department",
    "MRAcquisitionType": "2D",
    "MagneticFieldStrength": 3,
    "Manufacturer": "Siemens",
    "ManufacturersModelName": "Skyra",
    "Modality": "MR",
    "ParallelReductionFactorInPlane": 2,
    "PartialFourier": 1,
    "PatientPosition": "HFS",
    "PercentPhaseFOV": 100,
    "PhaseEncodingDirection": "j-",
    "PhaseEncodingSteps": 64,
    "PhaseResolution": 1,
    "PixelBandwidth": 1735,
    "ProcedureStepDescription": "NormanLab_Anna",
    "ProtocolName": "epi_195_3x3x3_2s",
    "PulseSequenceDetails": "%SiemensSeq%_ep2d_bold",
    "ReceiveCoilActiveElements": "HE1-4",
    "ReceiveCoilName": "HeadNeck_20",
    "ReconMatrixPE": 64,
    "RepetitionTime": 2,
    "SAR": 0.137367,
    "ScanOptions": "FS",
    "ScanningSequence": "EP",
    "SequenceName": "_epfid2d1_64",
    "SequenceVariant": "SK",
    "SeriesDescription": "epi_195_3x3x3_2s",
    "SeriesNumber": 15,
    "ShimSetting": [
      3244,
      10455,
      9950,
      643,
      32,
      -40,
      1145,
      -122
    ],
    "SliceThickness": 3,
    "SliceTiming": [
      0.9975,
      0,
      1.055,
      0.055,
      1.11,
      0.11,
      1.165,
      0.165,
      1.22,
      0.22,
      1.2775,
      0.2775,
      1.3325,
      0.3325,
      1.3875,
      0.3875,
      1.4425,
      0.4425,
      1.4975,
      0.5,
      1.555,
      0.555,
      1.61,
      0.61,
      1.665,
      0.665,
      1.72,
      0.72,
      1.775,
      0.7775,
      1.8325,
      0.8325,
      1.8875,
      0.8875,
      1.9425,
      0.9425
    ],
    "SoftwareVersions": "syngo_MR_D11",
    "SpacingBetweenSlices": 3,
    "StationName": "AWP45031",
    "TotalReadoutTime": 0.0207902,
    "TxRefAmp": 335.903,
    "dataset": "ds001454",
    "modality": "bold",
    "run_id": 6,
    "session_id": "2",
    "subject_id": "02",
    "task_id": "satellite"
  },
  "dummy_trs": 0,
  "dvars_nstd": 21.48132579824742,
  "dvars_std": 1.060779935463917,
  "dvars_vstd": 1.0072619369072169,
  "efc": 0.5762740372829073,
  "fber": 1083.1495361328125,
  "fd_mean": 0.09463764182060953,
  "fd_num": 7,
  "fd_perc": 3.58974358974359,
  "fwhm_avg": 1.657048888888889,
  "fwhm_x": 1.5584433333333332,
  "fwhm_y": 1.74615,
  "fwhm_z": 1.6665533333333336,
  "gcor": 0.0192539,
  "gsr_x": 0.005817684810608625,
  "gsr_y": 0.026167217642068863,
  "provenance": {
    "md5sum": "1568dff046fb4ac54e184de473776827",
    "settings": {
      "fd_thres": 0.2,
      "testing": false
    },
    "software": "mriqc",
    "version": "23.0.1",
    "webapi_port": null,
    "webapi_url": "https://mriqc.nimh.nih.gov/api/v1"
  },
  "size_t": 195,
  "size_x": 64,
  "size_y": 64,
  "size_z": 36,
  "snr": 6.480674022476719,
  "spacing_tr": 2.0,
  "spacing_x": 3.0,
  "spacing_y": 3.0,
  "spacing_z": 3.0,
  "summary_bg_k": 32.06113561559101,
  "summary_bg_mad": 13.046901219552886,
  "summary_bg_mean": 40.72846984863281,
  "summary_bg_median": 21.056411743164062,
  "summary_bg_n": 80306.0,
  "summary_bg_p05": 9.958974838256836,
  "summary_bg_p95": 137.6012840270996,
  "summary_bg_stdv": 57.099578857421875,
  "summary_fg_k": 2.953402579030185,
  "summary_fg_mad": 99.7715099751781,
  "summary_fg_mean": 715.9668579101562,
  "summary_fg_median": 706.6051635742188,
  "summary_fg_n": 34264.0,
  "summary_fg_p05": 567.2205200195312,
  "summary_fg_p95": 891.80517578125,
  "summary_fg_stdv": 109.03107452392578,
  "tsnr": 62.70804349146783
}