{
  "aor": 0.0006768205128205128,
  "aqi": 0.008025075435897436,
  "bids_meta": {
    "AcquisitionMatrixPE": 64,
    "AcquisitionNumber": 1,
    "AcquisitionTime": "21:28:43.772500",
    "BandwidthPerPixelPhaseEncode": 47.348,
    "BaseResolution": 64,
    "BodyPartExamined": "HEAD",
    "ConsistencyInfo": "N4_VD11D_LATEST_20110129",
    "ConversionSoftware": "dcm2niix",
    "ConversionSoftwareVersion": "v1.0.20180518 GCC4.8.5",
    "DerivedVendorReportedEchoSpacing": 0.000660007,
    "DeviceSerialNumber": "45031",
    "DwellTime": 4.5e-06,
    "EchoTime": 0.03,
    "EchoTrainLength": 32,
    "EffectiveEchoSpacing": 0.000330003,
    "FlipAngle": 71,
    "ImageOrientationPatientDICOM": [
      0.999333,
      -0.0324841,
      0.0166611,
      0.0310562,
      0.996328,
      0.079787
    ],
    "ImageType": [
      "ORIGINAL",
      "PRIMARY",
      "M",
      "ND",
      "NORM",
      "MOSAIC"
    ],
    "InPlanePhaseEncodingDirectionDICOM": "COL",
    "InstitutionAddress": "Washington_and_Faculty_Rd._-_Building_25_25_Princeton_NJ_US_085",
    "InstitutionName": "Princeton_University_-_Neuroscience_Institute",
    "InstitutionalDepartmentName": "Department",
    "MRAcquisitionType": "2D",
    "MagneticFieldStrength": 3,
    "Manufacturer": "Siemens",
    "ManufacturersModelName": "Skyra",
    "Modality": "MR",
    "ParallelReductionFactorInPlane": 2,
    "PartialFourier": 1,
    "PatientPosition": "HFS",
    "PercentPhaseFOV": 100,
    "PhaseEncodingDirection": "j-",
    "PhaseEncodingSteps": 64,
    "PhaseResolution": 1,
    "PixelBandwidth": 1735,
    "ProcedureStepDescription": "NormanLab_Anna",
    "ProtocolName": "epi_195_3x3x3_2s",
    "PulseSequenceDetails": "%SiemensSeq%_ep2d_bold",
    "ReceiveCoilActiveElements": "HE1-4",
    "ReceiveCoilName": "HeadNeck_20",
    "ReconMatrixPE": 64,
    "RepetitionTime": 2,
    "SAR": 0.102594,
    "ScanOptions": "FS",
    "ScanningSequence": "EP",
    "SequenceName": "_epfid2d1_64",
    "SequenceVariant": "SK",
    "SeriesDescription": "epi_195_3x3x3_2s",
    "SeriesNumber": 17,
    "ShimSetting": [
      3227,
      10607,
      9960,
      365,
      -41,
      309,
      566,
      -35
    ],
    "SliceThickness": 3,
    "SliceTiming": [
      1,
      0,
      1.055,
      0.055,
      1.11,
      0.11,
      1.165,
      0.165,
      1.22,
      0.2225,
      1.2775,
      0.2775,
      1.3325,
      0.3325,
      1.3875,
      0.3875,
      1.4425,
      0.4425,
      1.4975,
      0.5,
      1.555,
      0.555,
      1.61,
      0.61,
      1.665,
      0.665,
      1.72,
      0.72,
      1.7775,
      0.7775,
      1.8325,
      0.8325,
      1.8875,
      0.8875,
      1.9425,
      0.9425
    ],
    "SoftwareVersions": "syngo_MR_D11",
    "SpacingBetweenSlices": 3,
    "StationName": "AWP45031",
    "TotalReadoutTime": 0.0207902,
    "TxRefAmp": 310.723,
    "dataset": "ds001454",
    "modality": "bold",
    "run_id": 8,
    "session_id": "1",
    "subject_id": "07",
    "task_id": "satellite"
  },
  "dummy_trs": 0,
  "dvars_nstd": 22.537631910257737,
  "dvars_std": 1.1175304011855665,
  "dvars_vstd": 0.9923193151030932,
  "efc": 0.57852590801811,
  "fber": 1154.1136474609375,
  "fd_mean": 0.06091045668908012,
  "fd_num": 3,
  "fd_perc": 1.5384615384615385,
  "fwhm_avg": 1.69858,
  "fwhm_x": 1.5923466666666668,
  "fwhm_y": 1.7711166666666667,
  "fwhm_z": 1.7322766666666667,
  "gcor": 0.0178815,
  "gsr_x": 0.005905883386731148,
  "gsr_y": 0.027906278148293495,
  "provenance": {
    "md5sum": "17529040ebbb15661cd90f4df230a722",
    "settings": {
      "fd_thres": 0.2,
      "testing": false
    },
    "software": "mriqc",
    "version": "23.0.1",
    "webapi_port": null,
    "webapi_url": "https://mriqc.nimh.nih.gov/api/v1"
  },
  "size_t": 195,
  "size_x": 64,
  "size_y": 64,
  "size_z": 36,
  "snr": 6.652888087595627,
  "spacing_tr": 2.0,
  "spacing_x": 3.0,
  "spacing_y": 3.0,
  "spacing_z": 3.0,
  "summary_bg_k": 43.808910266457225,
  "summary_bg_mad": 13.68555883128866,
  "summary_bg_mean": 42.882347106933594,
  "summary_bg_median": 21.405128479003906,
  "summary_bg_n": 80343.0,
  "summary_bg_p05": 9.861538887023926,
  "summary_bg_p95": 150.50924072265573,
  "summary_bg_stdv": 65.72391510009766,
  "summary_fg_k": 3.081924704089513,
  "summary_fg_mad": 99.79811428744864,
  "summary_fg_mean": 745.019775390625,
  "summary_fg_median": 735.6256713867188,
  "summary_fg_n": 34835.0,
  "summary_fg_p05": 593.7933227539063,
  "summary_fg_p95": 923.6989868164062,
  "summary_fg_stdv": 110.57079315185547,
  "tsnr": 65.9730306325946
}