{
  "aor": 0.0006065641025641026,
  "aqi": 0.008496630564102565,
  "bids_meta": {
    "AcquisitionMatrixPE": 64,
    "AcquisitionNumber": 1,
    "AcquisitionTime": "23:26:40.122500",
    "BandwidthPerPixelPhaseEncode": 47.348,
    "BaseResolution": 64,
    "BodyPartExamined": "HEAD",
    "ConsistencyInfo": "N4_VD11D_LATEST_20110129",
    "ConversionSoftware": "dcm2niix",
    "ConversionSoftwareVersion": "v1.0.20180518 GCC4.8.5",
    "DerivedVendorReportedEchoSpacing": 0.000660007,
    "DeviceSerialNumber": "45031",
    "DwellTime": 4.5e-06,
    "EchoTime": 0.03,
    "EchoTrainLength": 32,
    "EffectiveEchoSpacing": 0.000330003,
    "FlipAngle": 71,
    "ImageOrientationPatientDICOM": [
      0.99646,
      -0.0695969,
      0.0471616,
      0.0595496,
      0.980283,
      0.188414
    ],
    "ImageType": [
      "ORIGINAL",
      "PRIMARY",
      "M",
      "ND",
      "NORM",
      "MOSAIC"
    ],
    "InPlanePhaseEncodingDirectionDICOM": "COL",
    "InstitutionAddress": "Washington_and_Faculty_Rd._-_Building_25_25_Princeton_NJ_US_085",
    "InstitutionName": "Princeton_University_-_Neuroscience_Institute",
    "InstitutionalDepartmentName": "Department",
    "MRAcquisitionType": "2D",
    "MagneticFieldStrength": 3,
    "Manufacturer": "Siemens",
    "ManufacturersModelName": "Skyra",
    "Modality": "MR",
    "ParallelReductionFactorInPlane": 2,
    "PartialFourier": 1,
    "PatientPosition": "HFS",
    "PercentPhaseFOV": 100,
    "PhaseEncodingDirection": "j-",
    "PhaseEncodingSteps": 64,
    "PhaseResolution": 1,
    "PixelBandwidth": 1735,
    "ProcedureStepDescription": "NormanLab_Anna",
    "ProtocolName": "epi_195_3x3x3_2s",
    "PulseSequenceDetails": "%SiemensSeq%_ep2d_bold",
    "ReceiveCoilActiveElements": "HE1-4",
    "ReceiveCoilName": "HeadNeck_20",
    "ReconMatrixPE": 64,
    "RepetitionTime": 2,
    "SAR": 0.12473,
    "ScanOptions": "FS",
    "ScanningSequence": "EP",
    "SequenceName": "_epfid2d1_64",
    "SequenceVariant": "SK",
    "SeriesDescription": "epi_195_3x3x3_2s",
    "SeriesNumber": 15,
    "ShimSetting": [
      3243,
      10522,
      10081,
      226,
      -173,
      -313,
      1041,
      67
    ],
    "SliceThickness": 3,
    "SliceTiming": [
      1,
      0,
      1.055,
      0.055,
      1.11,
      0.11,
      1.165,
      0.165,
      1.22,
      0.2225,
      1.2775,
      0.2775,
      1.3325,
      0.3325,
      1.3875,
      0.3875,
      1.4425,
      0.4425,
      1.5,
      0.5,
      1.555,
      0.555,
      1.61,
      0.61,
      1.665,
      0.665,
      1.72,
      0.7225,
      1.7775,
      0.7775,
      1.8325,
      0.8325,
      1.8875,
      0.8875,
      1.9425,
      0.9425
    ],
    "SoftwareVersions": "syngo_MR_D11",
    "SpacingBetweenSlices": 3,
    "StationName": "AWP45031",
    "TotalReadoutTime": 0.0207902,
    "TxRefAmp": 362.513,
    "dataset": "ds001454",
    "modality": "bold",
    "run_id": 7,
    "session_id": "2",
    "subject_id": "11",
    "task_id": "satellite"
  },
  "dummy_trs": 0,
  "dvars_nstd": 27.0893494715464,
  "dvars_std": 1.1787432534020617,
  "dvars_vstd": 1.0022174571649487,
  "efc": 0.6111325453875373,
  "fber": 1056.978515625,
  "fd_mean": 0.10347326734743811,
  "fd_num": 2,
  "fd_perc": 1.0256410256410255,
  "fwhm_avg": 1.663521111111111,
  "fwhm_x": 1.51631,
  "fwhm_y": 1.79219,
  "fwhm_z": 1.6820633333333335,
  "gcor": 0.0177954,
  "gsr_x": -0.013496574945747852,
  "gsr_y": 0.05391548573970795,
  "provenance": {
    "md5sum": "45f794564fea04addc71f2c7e2f272f0",
    "settings": {
      "fd_thres": 0.2,
      "testing": false
    },
    "software": "mriqc",
    "version": "23.0.1",
    "webapi_port": null,
    "webapi_url": "https://mriqc.nimh.nih.gov/api/v1"
  },
  "size_t": 195,
  "size_x": 64,
  "size_y": 64,
  "size_z": 36,
  "snr": 5.930117405364077,
  "spacing_tr": 2.0,
  "spacing_x": 3.0,
  "spacing_y": 3.0,
  "spacing_z": 3.0,
  "summary_bg_k": 40.13527094326297,
  "summary_bg_mad": 13.320610614639891,
  "summary_bg_mean": 44.349971771240234,
  "summary_bg_median": 20.91282081604004,
  "summary_bg_n": 73422.0,
  "summary_bg_p05": 10.071795463562012,
  "summary_bg_p95": 147.91744079589841,
  "summary_bg_stdv": 68.38510131835938,
  "summary_fg_k": 3.2476226234663237,
  "summary_fg_mad": 100.13265898970788,
  "summary_fg_mean": 719.857177734375,
  "summary_fg_median": 705.1820678710938,
  "summary_fg_n": 40686.0,
  "summary_fg_p05": 573.7333374023438,
  "summary_fg_p95": 921.0141448974609,
  "summary_fg_stdv": 118.91390228271484,
  "tsnr": 62.8179114703089
}