{
  "aor": 0.0011220103092783504,
  "aqi": 0.007201080360824743,
  "bids_meta": {
    "AcquisitionMatrixPE": 64,
    "AcquisitionNumber": 1,
    "AcquisitionTime": "20:51:40.985000",
    "BandwidthPerPixelPhaseEncode": 47.348,
    "BaseResolution": 64,
    "BodyPartExamined": "HEAD",
    "ConsistencyInfo": "N4_VD11D_LATEST_20110129",
    "ConversionSoftware": "dcm2niix",
    "ConversionSoftwareVersion": "v1.0.20180518 GCC4.8.5",
    "DerivedVendorReportedEchoSpacing": 0.000660007,
    "DeviceSerialNumber": "45031",
    "DwellTime": 4.5e-06,
    "EchoTime": 0.03,
    "EchoTrainLength": 32,
    "EffectiveEchoSpacing": 0.000330003,
    "FlipAngle": 71,
    "ImageOrientationPatientDICOM": [
      0.997453,
      -0.0573791,
      0.0423677,
      0.0489581,
      0.98275,
      0.178342
    ],
    "ImageType": [
      "ORIGINAL",
      "PRIMARY",
      "M",
      "ND",
      "NORM",
      "MOSAIC"
    ],
    "InPlanePhaseEncodingDirectionDICOM": "COL",
    "InstitutionAddress": "Washington_and_Faculty_Rd._-_Building_25_25_Princeton_NJ_US_085",
    "InstitutionName": "Princeton_University_-_Neuroscience_Institute",
    "InstitutionalDepartmentName": "Department",
    "MRAcquisitionType": "2D",
    "MagneticFieldStrength": 3,
    "Manufacturer": "Siemens",
    "ManufacturersModelName": "Skyra",
    "Modality": "MR",
    "ParallelReductionFactorInPlane": 2,
    "PartialFourier": 1,
    "PatientPosition": "HFS",
    "PercentPhaseFOV": 100,
    "PhaseEncodingDirection": "j-",
    "PhaseEncodingSteps": 64,
    "PhaseResolution": 1,
    "PixelBandwidth": 1735,
    "ProcedureStepDescription": "NormanLab_Anna",
    "ProtocolName": "epi_195_3x3x3_2s",
    "PulseSequenceDetails": "%SiemensSeq%_ep2d_bold",
    "ReceiveCoilActiveElements": "HE1-4",
    "ReceiveCoilName": "HeadNeck_20",
    "ReconMatrixPE": 64,
    "RepetitionTime": 2,
    "SAR": 0.0993313,
    "ScanOptions": "FS",
    "ScanningSequence": "EP",
    "SequenceName": "_epfid2d1_64",
    "SequenceVariant": "SK",
    "SeriesDescription": "epi_195_3x3x3_2s",
    "SeriesNumber": 9,
    "ShimSetting": [
      3186,
      10540,
      10032,
      436,
      -186,
      287,
      848,
      73
    ],
    "SliceThickness": 3,
    "SliceTiming": [
      1,
      0,
      1.055,
      0.055,
      1.11,
      0.11,
      1.1675,
      0.1675,
      1.2225,
      0.2225,
      1.2775,
      0.2775,
      1.3325,
      0.3325,
      1.3875,
      0.3875,
      1.445,
      0.445,
      1.5,
      0.5,
      1.555,
      0.555,
      1.61,
      0.61,
      1.665,
      0.6675,
      1.7225,
      0.7225,
      1.7775,
      0.7775,
      1.8325,
      0.8325,
      1.8875,
      0.8875,
      1.945,
      0.945
    ],
    "SoftwareVersions": "syngo_MR_D11",
    "SpacingBetweenSlices": 3,
    "StationName": "AWP45031",
    "TotalReadoutTime": 0.0207902,
    "TxRefAmp": 313.611,
    "dataset": "ds001454",
    "modality": "bold",
    "run_id": 1,
    "session_id": "1",
    "subject_id": "04",
    "task_id": "satellite"
  },
  "dummy_trs": 1,
  "dvars_nstd": 21.66605405839379,
  "dvars_std": 1.0977534732124352,
  "dvars_vstd": 1.0039908917616582,
  "efc": 0.59286478961388,
  "fber": 1167.682373046875,
  "fd_mean": 0.08727356663387197,
  "fd_num": 2,
  "fd_perc": 1.0309278350515463,
  "fwhm_avg": 1.7033700000000003,
  "fwhm_x": 1.57358,
  "fwhm_y": 1.8294433333333335,
  "fwhm_z": 1.7070866666666669,
  "gcor": 0.0180044,
  "gsr_x": -0.012316412292420864,
  "gsr_y": 0.05009206384420395,
  "provenance": {
    "md5sum": "13ad7225e11c4b3b7b9e20716b8f5b57",
    "settings": {
      "fd_thres": 0.2,
      "testing": false
    },
    "software": "mriqc",
    "version": "23.0.1",
    "webapi_port": null,
    "webapi_url": "https://mriqc.nimh.nih.gov/api/v1"
  },
  "size_t": 194,
  "size_x": 64,
  "size_y": 64,
  "size_z": 36,
  "snr": 5.838715615558869,
  "spacing_tr": 2.0,
  "spacing_x": 3.0,
  "spacing_y": 3.0,
  "spacing_z": 3.0,
  "summary_bg_k": 37.950512286930255,
  "summary_bg_mad": 12.84667322905242,
  "summary_bg_mean": 42.53377151489258,
  "summary_bg_median": 21.30927848815918,
  "summary_bg_n": 76968.0,
  "summary_bg_p05": 10.298968315124512,
  "summary_bg_p95": 142.22500152587887,
  "summary_bg_stdv": 66.66468811035156,
  "summary_fg_k": 2.435993925131463,
  "summary_fg_mad": 121.93249488768272,
  "summary_fg_mean": 760.8680419921875,
  "summary_fg_median": 747.2989501953125,
  "summary_fg_n": 38074.0,
  "summary_fg_p05": 591.1543640136719,
  "summary_fg_p95": 973.6772644042968,
  "summary_fg_stdv": 127.98861694335938,
  "tsnr": 62.70121890306473
}