{
  "aor": 0.000533419689119171,
  "aqi": 0.005421696476683937,
  "bids_meta": {
    "AcquisitionMatrixPE": 64,
    "AcquisitionNumber": 1,
    "AcquisitionTime": "21:12:31.755000",
    "BandwidthPerPixelPhaseEncode": 47.348,
    "BaseResolution": 64,
    "BodyPartExamined": "HEAD",
    "ConsistencyInfo": "N4_VD11D_LATEST_20110129",
    "ConversionSoftware": "dcm2niix",
    "ConversionSoftwareVersion": "v1.0.20180518 GCC4.8.5",
    "DerivedVendorReportedEchoSpacing": 0.000660007,
    "DeviceSerialNumber": "45031",
    "DwellTime": 4.5e-06,
    "EchoTime": 0.03,
    "EchoTrainLength": 32,
    "EffectiveEchoSpacing": 0.000330003,
    "FlipAngle": 71,
    "ImageOrientationPatientDICOM": [
      0.997453,
      -0.0573791,
      0.0423677,
      0.0489581,
      0.98275,
      0.178342
    ],
    "ImageType": [
      "ORIGINAL",
      "PRIMARY",
      "M",
      "ND",
      "NORM",
      "MOSAIC"
    ],
    "InPlanePhaseEncodingDirectionDICOM": "COL",
    "InstitutionAddress": "Washington_and_Faculty_Rd._-_Building_25_25_Princeton_NJ_US_085",
    "InstitutionName": "Princeton_University_-_Neuroscience_Institute",
    "InstitutionalDepartmentName": "Department",
    "MRAcquisitionType": "2D",
    "MagneticFieldStrength": 3,
    "Manufacturer": "Siemens",
    "ManufacturersModelName": "Skyra",
    "Modality": "MR",
    "ParallelReductionFactorInPlane": 2,
    "PartialFourier": 1,
    "PatientPosition": "HFS",
    "PercentPhaseFOV": 100,
    "PhaseEncodingDirection": "j-",
    "PhaseEncodingSteps": 64,
    "PhaseResolution": 1,
    "PixelBandwidth": 1735,
    "ProcedureStepDescription": "NormanLab_Anna",
    "ProtocolName": "epi_195_3x3x3_2s",
    "PulseSequenceDetails": "%SiemensSeq%_ep2d_bold",
    "ReceiveCoilActiveElements": "HE1-4",
    "ReceiveCoilName": "HeadNeck_20",
    "ReconMatrixPE": 64,
    "RepetitionTime": 2,
    "SAR": 0.0993313,
    "ScanOptions": "FS",
    "ScanningSequence": "EP",
    "SequenceName": "_epfid2d1_64",
    "SequenceVariant": "SK",
    "SeriesDescription": "epi_195_3x3x3_2s",
    "SeriesNumber": 12,
    "ShimSetting": [
      3186,
      10540,
      10032,
      436,
      -186,
      287,
      848,
      73
    ],
    "SliceThickness": 3,
    "SliceTiming": [
      1,
      0,
      1.055,
      0.055,
      1.11,
      0.11,
      1.1675,
      0.1675,
      1.2225,
      0.2225,
      1.2775,
      0.2775,
      1.3325,
      0.3325,
      1.3875,
      0.3875,
      1.445,
      0.445,
      1.5,
      0.5,
      1.555,
      0.555,
      1.61,
      0.61,
      1.665,
      0.6675,
      1.7225,
      0.7225,
      1.7775,
      0.7775,
      1.8325,
      0.8325,
      1.8875,
      0.8875,
      1.945,
      0.945
    ],
    "SoftwareVersions": "syngo_MR_D11",
    "SpacingBetweenSlices": 3,
    "StationName": "AWP45031",
    "TotalReadoutTime": 0.0207902,
    "TxRefAmp": 313.611,
    "dataset": "ds001454",
    "modality": "bold",
    "run_id": 4,
    "session_id": "1",
    "subject_id": "04",
    "task_id": "satellite"
  },
  "dummy_trs": 2,
  "dvars_nstd": 21.86916414885417,
  "dvars_std": 1.1044431710416664,
  "dvars_vstd": 1.0007504344270828,
  "efc": 0.5942656580286837,
  "fber": 1109.6278076171875,
  "fd_mean": 0.07987188547765771,
  "fd_num": 0,
  "fd_perc": 0.0,
  "fwhm_avg": 1.69541,
  "fwhm_x": 1.5587133333333334,
  "fwhm_y": 1.8115500000000002,
  "fwhm_z": 1.7159666666666666,
  "gcor": 0.0378841,
  "gsr_x": -0.01111034769564867,
  "gsr_y": 0.05004376545548439,
  "provenance": {
    "md5sum": "fa1051a4260203a9689096d315f3491b",
    "settings": {
      "fd_thres": 0.2,
      "testing": false
    },
    "software": "mriqc",
    "version": "23.0.1",
    "webapi_port": null,
    "webapi_url": "https://mriqc.nimh.nih.gov/api/v1"
  },
  "size_t": 193,
  "size_x": 64,
  "size_y": 64,
  "size_z": 36,
  "snr": 5.883378359160982,
  "spacing_tr": 2.0,
  "spacing_x": 3.0,
  "spacing_y": 3.0,
  "spacing_z": 3.0,
  "summary_bg_k": 32.32850639435728,
  "summary_bg_mad": 12.613642302504088,
  "summary_bg_mean": 44.22092056274414,
  "summary_bg_median": 21.72020721435547,
  "summary_bg_n": 77306.0,
  "summary_bg_p05": 10.80440354347229,
  "summary_bg_p95": 154.9857521057129,
  "summary_bg_stdv": 69.01148986816406,
  "summary_fg_k": 2.406357929808732,
  "summary_fg_mad": 120.21366628420343,
  "summary_fg_mean": 756.4165649414062,
  "summary_fg_median": 743.4507446289062,
  "summary_fg_n": 37873.0,
  "summary_fg_p05": 589.8973999023438,
  "summary_fg_p95": 966.8580078125001,
  "summary_fg_stdv": 126.36293029785156,
  "tsnr": 66.82269958080724
}