{
  "aor": 0.0005665128205128206,
  "aqi": 0.007301727743589743,
  "bids_meta": {
    "AcquisitionMatrixPE": 64,
    "AcquisitionNumber": 1,
    "AcquisitionTime": "20:58:40.867500",
    "BandwidthPerPixelPhaseEncode": 47.348,
    "BaseResolution": 64,
    "BodyPartExamined": "HEAD",
    "ConsistencyInfo": "N4_VD11D_LATEST_20110129",
    "ConversionSoftware": "dcm2niix",
    "ConversionSoftwareVersion": "v1.0.20180518 GCC4.8.5",
    "DerivedVendorReportedEchoSpacing": 0.000660007,
    "DeviceSerialNumber": "45031",
    "DwellTime": 4.5e-06,
    "EchoTime": 0.03,
    "EchoTrainLength": 32,
    "EffectiveEchoSpacing": 0.000330003,
    "FlipAngle": 71,
    "ImageOrientationPatientDICOM": [
      0.997453,
      -0.0573791,
      0.0423677,
      0.0489581,
      0.98275,
      0.178342
    ],
    "ImageType": [
      "ORIGINAL",
      "PRIMARY",
      "M",
      "ND",
      "NORM",
      "MOSAIC"
    ],
    "InPlanePhaseEncodingDirectionDICOM": "COL",
    "InstitutionAddress": "Washington_and_Faculty_Rd._-_Building_25_25_Princeton_NJ_US_085",
    "InstitutionName": "Princeton_University_-_Neuroscience_Institute",
    "InstitutionalDepartmentName": "Department",
    "MRAcquisitionType": "2D",
    "MagneticFieldStrength": 3,
    "Manufacturer": "Siemens",
    "ManufacturersModelName": "Skyra",
    "Modality": "MR",
    "ParallelReductionFactorInPlane": 2,
    "PartialFourier": 1,
    "PatientPosition": "HFS",
    "PercentPhaseFOV": 100,
    "PhaseEncodingDirection": "j-",
    "PhaseEncodingSteps": 64,
    "PhaseResolution": 1,
    "PixelBandwidth": 1735,
    "ProcedureStepDescription": "NormanLab_Anna",
    "ProtocolName": "epi_195_3x3x3_2s",
    "PulseSequenceDetails": "%SiemensSeq%_ep2d_bold",
    "ReceiveCoilActiveElements": "HE1-4",
    "ReceiveCoilName": "HeadNeck_20",
    "ReconMatrixPE": 64,
    "RepetitionTime": 2,
    "SAR": 0.0993313,
    "ScanOptions": "FS",
    "ScanningSequence": "EP",
    "SequenceName": "_epfid2d1_64",
    "SequenceVariant": "SK",
    "SeriesDescription": "epi_195_3x3x3_2s",
    "SeriesNumber": 10,
    "ShimSetting": [
      3186,
      10540,
      10032,
      436,
      -186,
      287,
      848,
      73
    ],
    "SliceThickness": 3,
    "SliceTiming": [
      1,
      0,
      1.055,
      0.055,
      1.11,
      0.11,
      1.165,
      0.165,
      1.22,
      0.2225,
      1.2775,
      0.2775,
      1.3325,
      0.3325,
      1.3875,
      0.3875,
      1.4425,
      0.4425,
      1.5,
      0.5,
      1.555,
      0.555,
      1.61,
      0.61,
      1.665,
      0.665,
      1.72,
      0.72,
      1.7775,
      0.7775,
      1.8325,
      0.8325,
      1.8875,
      0.8875,
      1.9425,
      0.9425
    ],
    "SoftwareVersions": "syngo_MR_D11",
    "SpacingBetweenSlices": 3,
    "StationName": "AWP45031",
    "TotalReadoutTime": 0.0207902,
    "TxRefAmp": 313.611,
    "dataset": "ds001454",
    "modality": "bold",
    "run_id": 2,
    "session_id": "1",
    "subject_id": "04",
    "task_id": "satellite"
  },
  "dummy_trs": 0,
  "dvars_nstd": 21.996473912061855,
  "dvars_std": 1.0884124348453612,
  "dvars_vstd": 0.9814298901030928,
  "efc": 0.5938349749962256,
  "fber": 1140.5855712890625,
  "fd_mean": 0.08034173903032359,
  "fd_num": 0,
  "fd_perc": 0.0,
  "fwhm_avg": 1.6954611111111113,
  "fwhm_x": 1.5695433333333335,
  "fwhm_y": 1.8241100000000001,
  "fwhm_z": 1.69273,
  "gcor": 0.0294408,
  "gsr_x": -0.011833392083644867,
  "gsr_y": 0.050942230969667435,
  "provenance": {
    "md5sum": "d4dad6933d8e41621505357f0b16241c",
    "settings": {
      "fd_thres": 0.2,
      "testing": false
    },
    "software": "mriqc",
    "version": "23.0.1",
    "webapi_port": null,
    "webapi_url": "https://mriqc.nimh.nih.gov/api/v1"
  },
  "size_t": 195,
  "size_x": 64,
  "size_y": 64,
  "size_z": 36,
  "snr": 5.868789212510811,
  "spacing_tr": 2.0,
  "spacing_x": 3.0,
  "spacing_y": 3.0,
  "spacing_z": 3.0,
  "summary_bg_k": 35.07238200563101,
  "summary_bg_mad": 12.499476773700247,
  "summary_bg_mean": 43.651954650878906,
  "summary_bg_median": 21.487180709838867,
  "summary_bg_n": 77180.0,
  "summary_bg_p05": 10.7589750289917,
  "summary_bg_p95": 149.84718627929692,
  "summary_bg_stdv": 68.52754211425781,
  "summary_fg_k": 2.416754976093178,
  "summary_fg_mad": 121.24643844727743,
  "summary_fg_mean": 759.5833740234375,
  "summary_fg_median": 746.6513061523438,
  "summary_fg_n": 37974.0,
  "summary_fg_p05": 591.8705444335938,
  "summary_fg_p95": 972.0197601318358,
  "summary_fg_stdv": 127.22240447998047,
  "tsnr": 61.80484909564257
}