{
  "bids_meta": {
    "AcquisitionMatrixPE": 256,
    "AcquisitionNumber": 1,
    "AcquisitionTime": "09:27:0.115000",
    "BaseResolution": 256,
    "BodyPartExamined": "HEAD",
    "ConsistencyInfo": "N4_VD11D_LATEST_20110129",
    "ConversionSoftware": "dcm2niix",
    "ConversionSoftwareVersion": "v1.0.20180518 GCC4.8.5",
    "DeviceSerialNumber": "45031",
    "DwellTime": 9.8e-06,
    "EchoTime": 0.0033,
    "FlipAngle": 7,
    "ImageOrientationPatientDICOM": [
      0.0055701,
      0.999985,
      4.34905e-08,
      0.0450003,
      -0.000250617,
      -0.998987
    ],
    "ImageType": [
      "ORIGINAL",
      "PRIMARY",
      "M",
      "ND",
      "NORM"
    ],
    "InPlanePhaseEncodingDirectionDICOM": "ROW",
    "InstitutionAddress": "Washington_and_Faculty_Rd._-_Building_25_25_Princeton_NJ_US_085",
    "InstitutionName": "Princeton_University_-_Neuroscience_Institute",
    "InstitutionalDepartmentName": "Department",
    "InversionTime": 1.1,
    "MRAcquisitionType": "3D",
    "MagneticFieldStrength": 3,
    "Manufacturer": "Siemens",
    "ManufacturersModelName": "Skyra",
    "Modality": "MR",
    "ParallelReductionFactorInPlane": 2,
    "PartialFourier": 1,
    "PatientPosition": "HFS",
    "PercentPhaseFOV": 100,
    "PhaseEncodingSteps": 255,
    "PhaseResolution": 1,
    "PixelBandwidth": 200,
    "ProcedureStepDescription": "NormanLab_Anna",
    "ProtocolName": "MPRAGE_tfl",
    "PulseSequenceDetails": "%SiemensSeq%_tfl",
    "ReceiveCoilActiveElements": "HE1-4",
    "ReceiveCoilName": "HeadNeck_20",
    "ReconMatrixPE": 256,
    "RepetitionTime": 2.53,
    "SAR": 0.0520503,
    "ScanOptions": "IR",
    "ScanningSequence": "GR_IR",
    "SequenceName": "_tfl3d1_16ns",
    "SequenceVariant": "SK_SP_MP",
    "SeriesDescription": "MPRAGE_tfl",
    "SeriesNumber": 5,
    "ShimSetting": [
      3210,
      10497,
      9900,
      338,
      5,
      -115,
      855,
      10
    ],
    "SliceThickness": 1,
    "SoftwareVersions": "syngo_MR_D11",
    "StationName": "AWP45031",
    "TxRefAmp": 315.7,
    "dataset": "ds001454",
    "modality": "T1w",
    "session_id": "2",
    "subject_id": "04"
  },
  "cjv": 0.3661376673864764,
  "cnr": 3.620040360519593,
  "efc": 0.47800801912787194,
  "fber": 34911.14301461325,
  "fwhm_avg": 3.7283885734253865,
  "fwhm_x": 3.6911657202761607,
  "fwhm_y": 3.97347,
  "fwhm_z": 3.52053,
  "icvs_csf": 0.20601285633707678,
  "icvs_gm": 0.4382031903295162,
  "icvs_wm": 0.35578395333340707,
  "inu_med": 0.571216881275177,
  "inu_range": 0.2389881387352943,
  "provenance": {
    "md5sum": "fd990371238984c64323e613fcc0e09d",
    "settings": {
      "testing": false
    },
    "software": "mriqc",
    "version": "23.0.1",
    "warnings": {
      "large_rot_frame": true,
      "small_air_mask": false
    },
    "webapi_port": null,
    "webapi_url": "https://mriqc.nimh.nih.gov/api/v1"
  },
  "qi_1": 0.0,
  "qi_2": 0.010985488123173147,
  "rpve_csf": 23.2157908294171,
  "rpve_gm": 11.570507445188918,
  "rpve_wm": 16.632538200906428,
  "size_x": 176,
  "size_y": 256,
  "size_z": 256,
  "snr_csf": 1.3733331477697632,
  "snr_gm": 8.216850061619299,
  "snr_total": 10.78477861088379,
  "snr_wm": 22.76415262326231,
  "snrd_csf": 19.115181794042076,
  "snrd_gm": 80.24246131908143,
  "snrd_total": 73.29422395752889,
  "snrd_wm": 120.52502875946314,
  "spacing_x": 0.9999984502792358,
  "spacing_y": 1.0,
  "spacing_z": 1.0,
  "summary_bg_k": 18.486650680808303,
  "summary_bg_mad": 0.0,
  "summary_bg_mean": 2.8161167782915912,
  "summary_bg_median": 0.0,
  "summary_bg_n": 3562523.0,
  "summary_bg_p05": 0.0,
  "summary_bg_p95": 12.636200204491615,
  "summary_bg_stdv": 5.435541883584271,
  "summary_csf_k": 1.2593035018553094,
  "summary_csf_mad": 99.9832645176421,
  "summary_csf_mean": 183.821978126236,
  "summary_csf_median": 158.59502121061087,
  "summary_csf_n": 30167.0,
  "summary_csf_p05": 40.24576221909374,
  "summary_csf_p95": 417.5755506983026,
  "summary_csf_stdv": 115.47991310677914,
  "summary_gm_k": -0.008721746305165201,
  "summary_gm_mad": 80.57404802334794,
  "summary_gm_mean": 666.7653327194423,
  "summary_gm_median": 665.7564124688506,
  "summary_gm_n": 30991.0,
  "summary_gm_p05": 533.9196160556749,
  "summary_gm_p95": 803.3491051616147,
  "summary_gm_stdv": 81.02200554526843,
  "summary_wm_k": 0.4869543130834706,
  "summary_wm_mad": 41.795306684032205,
  "summary_wm_mean": 999.5817280393777,
  "summary_wm_median": 999.9731992334127,
  "summary_wm_n": 214746.0,
  "summary_wm_p05": 926.9937887303531,
  "summary_wm_p95": 1070.4360783398151,
  "summary_wm_stdv": 43.92743659340843,
  "tpm_overlap_csf": 0.14654522446539012,
  "tpm_overlap_gm": 0.4653669596341082,
  "tpm_overlap_wm": 0.5121415251265283,
  "wm2max": 0.6365172730418583
}