{
  "aor": 0.002084923076923077,
  "aqi": 0.009842502000000001,
  "bids_meta": {
    "AcquisitionMatrixPE": 64,
    "AcquisitionNumber": 1,
    "AcquisitionTime": "11:41:15.797500",
    "BandwidthPerPixelPhaseEncode": 47.348,
    "BaseResolution": 64,
    "BodyPartExamined": "HEAD",
    "ConsistencyInfo": "N4_VD11D_LATEST_20110129",
    "ConversionSoftware": "dcm2niix",
    "ConversionSoftwareVersion": "v1.0.20180518 GCC4.8.5",
    "DerivedVendorReportedEchoSpacing": 0.000660007,
    "DeviceSerialNumber": "45031",
    "DwellTime": 4.5e-06,
    "EchoTime": 0.03,
    "EchoTrainLength": 32,
    "EffectiveEchoSpacing": 0.000330003,
    "FlipAngle": 71,
    "ImageOrientationPatientDICOM": [
      0.996802,
      -0.0312209,
      0.0735627,
      0.015137,
      0.977626,
      0.209805
    ],
    "ImageType": [
      "ORIGINAL",
      "PRIMARY",
      "M",
      "ND",
      "NORM",
      "MOSAIC"
    ],
    "InPlanePhaseEncodingDirectionDICOM": "COL",
    "InstitutionAddress": "Washington_and_Faculty_Rd._-_Building_25_25_Princeton_NJ_US_085",
    "InstitutionName": "Princeton_University_-_Neuroscience_Institute",
    "InstitutionalDepartmentName": "Department",
    "MRAcquisitionType": "2D",
    "MagneticFieldStrength": 3,
    "Manufacturer": "Siemens",
    "ManufacturersModelName": "Skyra",
    "Modality": "MR",
    "ParallelReductionFactorInPlane": 2,
    "PartialFourier": 1,
    "PatientPosition": "HFS",
    "PercentPhaseFOV": 100,
    "PhaseEncodingDirection": "j-",
    "PhaseEncodingSteps": 64,
    "PhaseResolution": 1,
    "PixelBandwidth": 1735,
    "ProcedureStepDescription": "NormanLab_Anna",
    "ProtocolName": "epi_195_3x3x3_2s",
    "PulseSequenceDetails": "%SiemensSeq%_ep2d_bold",
    "ReceiveCoilActiveElements": "HE1-4",
    "ReceiveCoilName": "HeadNeck_20",
    "ReconMatrixPE": 64,
    "RepetitionTime": 2,
    "SAR": 0.116102,
    "ScanOptions": "FS",
    "ScanningSequence": "EP",
    "SequenceName": "_epfid2d1_64",
    "SequenceVariant": "SK",
    "SeriesDescription": "epi_195_3x3x3_2s",
    "SeriesNumber": 12,
    "ShimSetting": [
      3223,
      10505,
      10051,
      213,
      -201,
      -404,
      986,
      25
    ],
    "SliceThickness": 3,
    "SliceTiming": [
      1,
      0,
      1.055,
      0.055,
      1.11,
      0.11,
      1.165,
      0.1675,
      1.2225,
      0.2225,
      1.2775,
      0.2775,
      1.3325,
      0.3325,
      1.3875,
      0.3875,
      1.445,
      0.445,
      1.5,
      0.5,
      1.555,
      0.555,
      1.61,
      0.61,
      1.665,
      0.6675,
      1.7225,
      0.7225,
      1.7775,
      0.7775,
      1.8325,
      0.8325,
      1.8875,
      0.8875,
      1.945,
      0.945
    ],
    "SoftwareVersions": "syngo_MR_D11",
    "SpacingBetweenSlices": 3,
    "StationName": "AWP45031",
    "TotalReadoutTime": 0.0207902,
    "TxRefAmp": 349.419,
    "dataset": "ds001454",
    "modality": "bold",
    "run_id": 4,
    "session_id": "1",
    "subject_id": "11",
    "task_id": "satellite"
  },
  "dummy_trs": 0,
  "dvars_nstd": 25.744331969690727,
  "dvars_std": 1.1653120115463909,
  "dvars_vstd": 1.022051752268042,
  "efc": 0.6164730256742897,
  "fber": 890.513916015625,
  "fd_mean": 0.10772503942825094,
  "fd_num": 21,
  "fd_perc": 10.76923076923077,
  "fwhm_avg": 1.6752377327227628,
  "fwhm_x": 1.5277233333333333,
  "fwhm_y": 1.79722,
  "fwhm_z": 1.7007698648349552,
  "gcor": 0.0809395,
  "gsr_x": -0.0170313511043787,
  "gsr_y": 0.056293465197086334,
  "provenance": {
    "md5sum": "c3925d146cc84aa11d48d1d0fcd656df",
    "settings": {
      "fd_thres": 0.2,
      "testing": false
    },
    "software": "mriqc",
    "version": "23.0.1",
    "webapi_port": null,
    "webapi_url": "https://mriqc.nimh.nih.gov/api/v1"
  },
  "size_t": 195,
  "size_x": 64,
  "size_y": 64,
  "size_z": 36,
  "snr": 6.021921791417045,
  "spacing_tr": 2.0,
  "spacing_x": 3.0,
  "spacing_y": 3.0,
  "spacing_z": 3.000000238418579,
  "summary_bg_k": 38.60034864119225,
  "summary_bg_mad": 15.008497000340233,
  "summary_bg_mean": 46.35334014892578,
  "summary_bg_median": 22.451282501220703,
  "summary_bg_n": 73412.0,
  "summary_bg_p05": 10.415385246276855,
  "summary_bg_p95": 153.0828224182128,
  "summary_bg_stdv": 70.43388366699219,
  "summary_fg_k": 2.9882587627709887,
  "summary_fg_mad": 99.66129211005726,
  "summary_fg_mean": 714.4351806640625,
  "summary_fg_median": 701.4205322265625,
  "summary_fg_n": 40955.0,
  "summary_fg_p05": 566.355419921875,
  "summary_fg_p95": 909.1554077148437,
  "summary_fg_stdv": 116.47643280029297,
  "tsnr": 58.78369236597791
}