{
  "bids_meta": {
    "AcquisitionMatrixPE": 256,
    "AcquisitionNumber": 1,
    "AcquisitionTime": "09:22:12.215000",
    "BaseResolution": 256,
    "BodyPartExamined": "HEAD",
    "ConsistencyInfo": "N4_VD11D_LATEST_20110129",
    "ConversionSoftware": "dcm2niix",
    "ConversionSoftwareVersion": "v1.0.20180518 GCC4.8.5",
    "DeviceSerialNumber": "45031",
    "DwellTime": 9.8e-06,
    "EchoTime": 0.0033,
    "FlipAngle": 7,
    "ImageOrientationPatientDICOM": [
      0,
      1,
      0,
      0,
      0,
      -1
    ],
    "ImageType": [
      "ORIGINAL",
      "PRIMARY",
      "M",
      "ND",
      "NORM"
    ],
    "InPlanePhaseEncodingDirectionDICOM": "ROW",
    "InstitutionAddress": "Washington_and_Faculty_Rd._-_Building_25_25_Princeton_NJ_US_085",
    "InstitutionName": "Princeton_University_-_Neuroscience_Institute",
    "InstitutionalDepartmentName": "Department",
    "InversionTime": 1.1,
    "MRAcquisitionType": "3D",
    "MagneticFieldStrength": 3,
    "Manufacturer": "Siemens",
    "ManufacturersModelName": "Skyra",
    "Modality": "MR",
    "ParallelReductionFactorInPlane": 2,
    "PartialFourier": 1,
    "PatientPosition": "HFS",
    "PercentPhaseFOV": 100,
    "PhaseEncodingSteps": 255,
    "PhaseResolution": 1,
    "PixelBandwidth": 200,
    "ProcedureStepDescription": "NormanLab_Anna",
    "ProtocolName": "MPRAGE_tfl",
    "PulseSequenceDetails": "%SiemensSeq%_tfl",
    "ReceiveCoilActiveElements": "HE1-4",
    "ReceiveCoilName": "HeadNeck_20",
    "ReconMatrixPE": 256,
    "RepetitionTime": 2.53,
    "SAR": 0.0581699,
    "ScanOptions": "IR",
    "ScanningSequence": "GR_IR",
    "SequenceName": "_tfl3d1_16ns",
    "SequenceVariant": "SK_SP_MP",
    "SeriesDescription": "MPRAGE_tfl",
    "SeriesNumber": 5,
    "ShimSetting": [
      3226,
      10578,
      9881,
      354,
      -57,
      -179,
      407,
      -24
    ],
    "SliceThickness": 1,
    "SoftwareVersions": "syngo_MR_D11",
    "StationName": "AWP45031",
    "TxRefAmp": 317.477,
    "dataset": "ds001454",
    "modality": "T1w",
    "session_id": "2",
    "subject_id": "07"
  },
  "cjv": 0.3373527670960288,
  "cnr": 3.8993761040581583,
  "efc": 0.4650558484798443,
  "fber": -1.0,
  "fwhm_avg": 3.5799233333333333,
  "fwhm_x": 3.6998,
  "fwhm_y": 3.70256,
  "fwhm_z": 3.33741,
  "icvs_csf": 0.19678819372333076,
  "icvs_gm": 0.44240329622455343,
  "icvs_wm": 0.3608085100521158,
  "inu_med": 0.5477525889873505,
  "inu_range": 0.22002443075180056,
  "provenance": {
    "md5sum": "42266ef9a90ebd419b86bb4690f98e40",
    "settings": {
      "testing": false
    },
    "software": "mriqc",
    "version": "23.0.1",
    "warnings": {
      "large_rot_frame": true,
      "small_air_mask": false
    },
    "webapi_port": null,
    "webapi_url": "https://mriqc.nimh.nih.gov/api/v1"
  },
  "qi_1": 0.0,
  "qi_2": 0.016506613731110013,
  "rpve_csf": 27.163435106544323,
  "rpve_gm": 12.812735678771732,
  "rpve_wm": 17.989493704853924,
  "size_x": 176,
  "size_y": 256,
  "size_z": 256,
  "snr_csf": 1.4494547351517408,
  "snr_gm": 8.698212207819294,
  "snr_total": 10.974676832857915,
  "snr_wm": 22.776363555602707,
  "snrd_csf": 13.049087593290839,
  "snrd_gm": 54.925477616140775,
  "snrd_total": 50.495653840738235,
  "snrd_wm": 83.51239631278308,
  "spacing_x": 1.0,
  "spacing_y": 1.0,
  "spacing_z": 1.0,
  "summary_bg_k": 6773.493248689395,
  "summary_bg_mad": 0.0,
  "summary_bg_mean": 2.5176349232121384,
  "summary_bg_median": 0.0,
  "summary_bg_n": 4349274.0,
  "summary_bg_p05": 0.0,
  "summary_bg_p95": 12.121052239090204,
  "summary_bg_stdv": 7.844780389023453,
  "summary_csf_k": 5.760417216332737,
  "summary_csf_mad": 83.51089507549983,
  "summary_csf_mean": 179.88273769135807,
  "summary_csf_median": 156.25330304726958,
  "summary_csf_n": 33737.0,
  "summary_csf_p05": 52.756945889443166,
  "summary_csf_p95": 396.3346414491529,
  "summary_csf_stdv": 107.79983912916583,
  "summary_gm_k": 0.2425347818290624,
  "summary_gm_mad": 72.88116792453958,
  "summary_gm_mean": 659.4379406606553,
  "summary_gm_median": 657.6925196964294,
  "summary_gm_n": 30774.0,
  "summary_gm_p05": 538.1060598604381,
  "summary_gm_p95": 787.2702651852742,
  "summary_gm_stdv": 75.611150665105,
  "summary_wm_k": 0.3067272851186007,
  "summary_wm_mad": 42.59721230292724,
  "summary_wm_mean": 998.6663758328913,
  "summary_wm_median": 1000.0000134855509,
  "summary_wm_n": 198863.0,
  "summary_wm_p05": 924.2368351109326,
  "summary_wm_p95": 1068.2106407918036,
  "summary_wm_stdv": 43.905055201079676,
  "tpm_overlap_csf": 0.1500592313329305,
  "tpm_overlap_gm": 0.47209670746608323,
  "tpm_overlap_wm": 0.5217962402655381,
  "wm2max": 0.7611352307444926
}