{
  "bids_meta": {
    "AcquisitionMatrixPE": 256,
    "AcquisitionNumber": 1,
    "AcquisitionTime": "20:35:21.757500",
    "BaseResolution": 256,
    "BodyPartExamined": "HEAD",
    "ConsistencyInfo": "N4_VD11D_LATEST_20110129",
    "ConversionSoftware": "dcm2niix",
    "ConversionSoftwareVersion": "v1.0.20180518 GCC4.8.5",
    "DeviceSerialNumber": "45031",
    "DwellTime": 9.8e-06,
    "EchoTime": 0.0033,
    "FlipAngle": 7,
    "ImageOrientationPatientDICOM": [
      0.0630293,
      0.998012,
      -3.9555e-08,
      0.0421612,
      -0.00266273,
      -0.999107
    ],
    "ImageType": [
      "ORIGINAL",
      "PRIMARY",
      "M",
      "ND",
      "NORM"
    ],
    "InPlanePhaseEncodingDirectionDICOM": "ROW",
    "InstitutionAddress": "Washington_and_Faculty_Rd._-_Building_25_25_Princeton_NJ_US_085",
    "InstitutionName": "Princeton_University_-_Neuroscience_Institute",
    "InstitutionalDepartmentName": "Department",
    "InversionTime": 1.1,
    "MRAcquisitionType": "3D",
    "MagneticFieldStrength": 3,
    "Manufacturer": "Siemens",
    "ManufacturersModelName": "Skyra",
    "Modality": "MR",
    "ParallelReductionFactorInPlane": 2,
    "PartialFourier": 1,
    "PatientPosition": "HFS",
    "PercentPhaseFOV": 100,
    "PhaseEncodingSteps": 255,
    "PhaseResolution": 1,
    "PixelBandwidth": 200,
    "ProcedureStepDescription": "NormanLab_Anna",
    "ProtocolName": "MPRAGE_tfl",
    "PulseSequenceDetails": "%SiemensSeq%_tfl",
    "ReceiveCoilActiveElements": "HE1-4",
    "ReceiveCoilName": "HeadNeck_20",
    "ReconMatrixPE": 256,
    "RepetitionTime": 2.53,
    "SAR": 0.054057,
    "ScanOptions": "IR",
    "ScanningSequence": "GR_IR",
    "SequenceName": "_tfl3d1_16ns",
    "SequenceVariant": "SK_SP_MP",
    "SeriesDescription": "MPRAGE_tfl",
    "SeriesNumber": 5,
    "ShimSetting": [
      3192,
      10496,
      9914,
      287,
      -133,
      -84,
      650,
      64
    ],
    "SliceThickness": 1,
    "SoftwareVersions": "syngo_MR_D11",
    "StationName": "AWP45031",
    "TxRefAmp": 313.611,
    "dataset": "ds001454",
    "modality": "T1w",
    "session_id": "1",
    "subject_id": "04"
  },
  "cjv": 0.35872287045938445,
  "cnr": 3.6676486787290385,
  "efc": 0.47825698102536535,
  "fber": 26087.8192627824,
  "fwhm_avg": 3.7089990786088385,
  "fwhm_x": 3.7072972358265157,
  "fwhm_y": 3.90441,
  "fwhm_z": 3.51529,
  "icvs_csf": 0.2118682988835184,
  "icvs_gm": 0.4342980733406381,
  "icvs_wm": 0.3538336277758435,
  "inu_med": 0.5873859822750092,
  "inu_range": 0.2398811638355255,
  "provenance": {
    "md5sum": "91a004755f60e068f79b92885927ef43",
    "settings": {
      "testing": false
    },
    "software": "mriqc",
    "version": "23.0.1",
    "warnings": {
      "large_rot_frame": true,
      "small_air_mask": false
    },
    "webapi_port": null,
    "webapi_url": "https://mriqc.nimh.nih.gov/api/v1"
  },
  "qi_1": 0.0,
  "qi_2": 0.014791903360128275,
  "rpve_csf": 23.066180528976894,
  "rpve_gm": 11.692771827395514,
  "rpve_wm": 16.643192876959056,
  "size_x": 176,
  "size_y": 256,
  "size_z": 256,
  "snr_csf": 1.3609840103402924,
  "snr_gm": 8.214527024419333,
  "snr_total": 10.846931311201184,
  "snr_wm": 22.965282898843924,
  "snrd_csf": 19.030261012332012,
  "snrd_gm": 74.36454458716636,
  "snrd_total": 68.52066986532851,
  "snrd_wm": 112.16720399648715,
  "spacing_x": 0.9999953508377075,
  "spacing_y": 1.0,
  "spacing_z": 1.0,
  "summary_bg_k": 19.777447928292045,
  "summary_bg_mad": 0.0,
  "summary_bg_mean": 3.132240731831748,
  "summary_bg_median": 0.0,
  "summary_bg_n": 3539426.0,
  "summary_bg_p05": 0.0,
  "summary_bg_p95": 14.090601420029998,
  "summary_bg_stdv": 5.840554481046855,
  "summary_csf_k": 1.225940697444707,
  "summary_csf_mad": 114.15736078052886,
  "summary_csf_mean": 197.93372136678158,
  "summary_csf_median": 169.65516834519804,
  "summary_csf_n": 36901.0,
  "summary_csf_p05": 41.162946950644255,
  "summary_csf_p95": 440.054080048576,
  "summary_csf_stdv": 124.65456482400775,
  "summary_gm_k": 0.025664068080112123,
  "summary_gm_mad": 79.39289580100005,
  "summary_gm_mean": 665.2743065981493,
  "summary_gm_median": 662.9614445473999,
  "summary_gm_n": 32418.0,
  "summary_gm_p05": 534.8167552608065,
  "summary_gm_p95": 802.6585338274016,
  "summary_gm_stdv": 80.70473409996322,
  "summary_wm_k": 0.4772897961594609,
  "summary_wm_mad": 41.5008318959773,
  "summary_wm_mean": 999.1488201393181,
  "summary_wm_median": 999.9729307182133,
  "summary_wm_n": 215411.0,
  "summary_wm_p05": 926.3826687913388,
  "summary_wm_p95": 1068.77617450431,
  "summary_wm_stdv": 43.5427080972061,
  "tpm_overlap_csf": 0.1375393303202376,
  "tpm_overlap_gm": 0.4612033840990732,
  "tpm_overlap_wm": 0.5077921748580716,
  "wm2max": 0.6361884441997315
}