{
  "bids_meta": {
    "AcquisitionMatrixPE": 256,
    "AcquisitionNumber": 1,
    "AcquisitionTime": "20:51:1.485000",
    "BaseResolution": 256,
    "BodyPartExamined": "HEAD",
    "ConsistencyInfo": "N4_VD11D_LATEST_20110129",
    "ConversionSoftware": "dcm2niix",
    "ConversionSoftwareVersion": "v1.0.20180518 GCC4.8.5",
    "DeviceSerialNumber": "45031",
    "DwellTime": 9.8e-06,
    "EchoTime": 0.0033,
    "FlipAngle": 7,
    "ImageOrientationPatientDICOM": [
      0.031606,
      0.9995,
      -1.76751e-08,
      -0.051517,
      0.00162904,
      -0.998671
    ],
    "ImageType": [
      "ORIGINAL",
      "PRIMARY",
      "M",
      "ND",
      "NORM"
    ],
    "InPlanePhaseEncodingDirectionDICOM": "ROW",
    "InstitutionAddress": "Washington_and_Faculty_Rd._-_Building_25_25_Princeton_NJ_US_085",
    "InstitutionName": "Princeton_University_-_Neuroscience_Institute",
    "InstitutionalDepartmentName": "Department",
    "InversionTime": 1.1,
    "MRAcquisitionType": "3D",
    "MagneticFieldStrength": 3,
    "Manufacturer": "Siemens",
    "ManufacturersModelName": "Skyra",
    "Modality": "MR",
    "ParallelReductionFactorInPlane": 2,
    "PartialFourier": 1,
    "PatientPosition": "HFS",
    "PercentPhaseFOV": 100,
    "PhaseEncodingSteps": 255,
    "PhaseResolution": 1,
    "PixelBandwidth": 200,
    "ProcedureStepDescription": "NormanLab_Anna",
    "ProtocolName": "MPRAGE_tfl",
    "PulseSequenceDetails": "%SiemensSeq%_tfl",
    "ReceiveCoilActiveElements": "HE1-4",
    "ReceiveCoilName": "HeadNeck_20",
    "ReconMatrixPE": 256,
    "RepetitionTime": 2.53,
    "SAR": 0.063029,
    "ScanOptions": "IR",
    "ScanningSequence": "GR_IR",
    "SequenceName": "_tfl3d1_16ns",
    "SequenceVariant": "SK_SP_MP",
    "SeriesDescription": "MPRAGE_tfl",
    "SeriesNumber": 5,
    "ShimSetting": [
      3190,
      10465,
      9929,
      425,
      92,
      -655,
      388,
      -3
    ],
    "SliceThickness": 1,
    "SoftwareVersions": "syngo_MR_D11",
    "StationName": "AWP45031",
    "TxRefAmp": 328.484,
    "dataset": "ds001454",
    "modality": "T1w",
    "session_id": "1",
    "subject_id": "18"
  },
  "cjv": 0.3299064858246485,
  "cnr": 4.039108723147941,
  "efc": 0.46075220954122104,
  "fber": 22048.90050313754,
  "fwhm_avg": 3.6890569432202938,
  "fwhm_x": 3.7852408296608817,
  "fwhm_y": 3.81703,
  "fwhm_z": 3.4649,
  "icvs_csf": 0.21702599330041739,
  "icvs_gm": 0.4386371128810303,
  "icvs_wm": 0.3443368938185523,
  "inu_med": 0.5901947617530823,
  "inu_range": 0.24928556978702543,
  "provenance": {
    "md5sum": "5389a40f10043bee058ae7aca86f76fc",
    "settings": {
      "testing": false
    },
    "software": "mriqc",
    "version": "23.0.1",
    "warnings": {
      "large_rot_frame": true,
      "small_air_mask": false
    },
    "webapi_port": null,
    "webapi_url": "https://mriqc.nimh.nih.gov/api/v1"
  },
  "qi_1": 0.0,
  "qi_2": 0.012433049428598216,
  "rpve_csf": 27.863887114287312,
  "rpve_gm": 14.190463456891159,
  "rpve_wm": 20.379366641558775,
  "size_x": 176,
  "size_y": 256,
  "size_z": 256,
  "snr_csf": 1.4772174217604241,
  "snr_gm": 8.456505736446285,
  "snr_total": 10.55145240063957,
  "snr_wm": 21.720634043712003,
  "snrd_csf": 15.205332967340997,
  "snrd_gm": 59.133078472481316,
  "snrd_total": 55.541971001425374,
  "snrd_wm": 92.2875015644538,
  "spacing_x": 0.9999971389770508,
  "spacing_y": 1.0,
  "spacing_z": 1.0,
  "summary_bg_k": 1408.718118388617,
  "summary_bg_mad": 0.0,
  "summary_bg_mean": 3.320917201228,
  "summary_bg_median": 0.0,
  "summary_bg_n": 3864768.0,
  "summary_bg_p05": 0.0,
  "summary_bg_p95": 14.670658316463232,
  "summary_bg_stdv": 7.09886357894964,
  "summary_csf_k": 3.4847610957377,
  "summary_csf_mad": 95.925248928831,
  "summary_csf_mean": 186.61184157986662,
  "summary_csf_median": 164.76047492958605,
  "summary_csf_n": 36608.0,
  "summary_csf_p05": 46.047903042286634,
  "summary_csf_p95": 409.4101694220678,
  "summary_csf_stdv": 111.53281984962585,
  "summary_gm_k": 0.030466134683710955,
  "summary_gm_mad": 74.4852233700039,
  "summary_gm_mean": 642.6802176542805,
  "summary_gm_median": 640.748487001285,
  "summary_gm_n": 35975.0,
  "summary_gm_p05": 520.0628612710163,
  "summary_gm_p95": 770.4550705902274,
  "summary_gm_stdv": 75.76883424899837,
  "summary_wm_k": 0.717323066825347,
  "summary_wm_mad": 44.03417257630743,
  "summary_wm_mean": 999.2507738249984,
  "summary_wm_median": 999.999975040555,
  "summary_wm_n": 173147.0,
  "summary_wm_p05": 922.9341087006032,
  "summary_wm_p95": 1072.3652426954359,
  "summary_wm_stdv": 46.03903759458935,
  "tpm_overlap_csf": 0.14358679909328148,
  "tpm_overlap_gm": 0.47296153908257743,
  "tpm_overlap_wm": 0.504770782290576,
  "wm2max": 0.6564594429921972
}