{
  "bids_meta": {
    "AcquisitionMatrixPE": 256,
    "AcquisitionNumber": 1,
    "AcquisitionTime": "11:26:36.917500",
    "BaseResolution": 256,
    "BodyPartExamined": "HEAD",
    "ConsistencyInfo": "N4_VD11D_LATEST_20110129",
    "ConversionSoftware": "dcm2niix",
    "ConversionSoftwareVersion": "v1.0.20180518 GCC4.8.5",
    "DeviceSerialNumber": "45031",
    "DwellTime": 9.8e-06,
    "EchoTime": 0.0033,
    "FlipAngle": 7,
    "ImageOrientationPatientDICOM": [
      0,
      1,
      0,
      0,
      0,
      -1
    ],
    "ImageType": [
      "ORIGINAL",
      "PRIMARY",
      "M",
      "ND",
      "NORM"
    ],
    "InPlanePhaseEncodingDirectionDICOM": "ROW",
    "InstitutionAddress": "Washington_and_Faculty_Rd._-_Building_25_25_Princeton_NJ_US_085",
    "InstitutionName": "Princeton_University_-_Neuroscience_Institute",
    "InstitutionalDepartmentName": "Department",
    "InversionTime": 1.1,
    "MRAcquisitionType": "3D",
    "MagneticFieldStrength": 3,
    "Manufacturer": "Siemens",
    "ManufacturersModelName": "Skyra",
    "Modality": "MR",
    "ParallelReductionFactorInPlane": 2,
    "PartialFourier": 1,
    "PatientPosition": "HFS",
    "PercentPhaseFOV": 100,
    "PhaseEncodingSteps": 255,
    "PhaseResolution": 1,
    "PixelBandwidth": 200,
    "ProcedureStepDescription": "NormanLab_Anna",
    "ProtocolName": "MPRAGE_tfl",
    "PulseSequenceDetails": "%SiemensSeq%_tfl",
    "ReceiveCoilActiveElements": "HE1-4",
    "ReceiveCoilName": "HeadNeck_20",
    "ReconMatrixPE": 256,
    "RepetitionTime": 2.53,
    "SAR": 0.0554097,
    "ScanOptions": "IR",
    "ScanningSequence": "GR_IR",
    "SequenceName": "_tfl3d1_16ns",
    "SequenceVariant": "SK_SP_MP",
    "SeriesDescription": "MPRAGE_tfl",
    "SeriesNumber": 5,
    "ShimSetting": [
      3198,
      10651,
      9886,
      368,
      68,
      -217,
      142,
      -202
    ],
    "SliceThickness": 1,
    "SoftwareVersions": "syngo_MR_D11",
    "StationName": "AWP45031",
    "TxRefAmp": 361.462,
    "dataset": "ds001454",
    "modality": "T1w",
    "session_id": "1",
    "subject_id": "05"
  },
  "cjv": 0.353333460335498,
  "cnr": 3.70072529501393,
  "efc": 0.46645057318370603,
  "fber": 26571.50775147929,
  "fwhm_avg": 3.855173333333333,
  "fwhm_x": 3.88739,
  "fwhm_y": 4.04041,
  "fwhm_z": 3.63772,
  "icvs_csf": 0.23273011327522006,
  "icvs_gm": 0.41025413457957316,
  "icvs_wm": 0.35701575214520676,
  "inu_med": 0.5795274674892426,
  "inu_range": 0.22587434947490698,
  "provenance": {
    "md5sum": "a344d7c57157add09f291466b5c77dfd",
    "settings": {
      "testing": false
    },
    "software": "mriqc",
    "version": "23.0.1",
    "warnings": {
      "large_rot_frame": true,
      "small_air_mask": false
    },
    "webapi_port": null,
    "webapi_url": "https://mriqc.nimh.nih.gov/api/v1"
  },
  "qi_1": 0.0,
  "qi_2": 0.010983996896841644,
  "rpve_csf": 26.044650034744457,
  "rpve_gm": 14.654299943351655,
  "rpve_wm": 19.46847163320962,
  "size_x": 176,
  "size_y": 256,
  "size_z": 256,
  "snr_csf": 1.7071315973749803,
  "snr_gm": 8.737209968433845,
  "snr_total": 10.491930837050559,
  "snr_wm": 21.031450945342847,
  "snrd_csf": 11.035443571676478,
  "snrd_gm": 49.356799736330444,
  "snrd_total": 44.835813743310176,
  "snrd_wm": 74.11519792192358,
  "spacing_x": 1.0,
  "spacing_y": 1.0,
  "spacing_z": 1.0,
  "summary_bg_k": 2937.322915891212,
  "summary_bg_mad": 0.0,
  "summary_bg_mean": 3.64919217764167,
  "summary_bg_median": 0.0,
  "summary_bg_n": 3940637.0,
  "summary_bg_p05": 0.0,
  "summary_bg_p95": 16.336532533168793,
  "summary_bg_stdv": 8.839433973778972,
  "summary_csf_k": 3.2221268834888654,
  "summary_csf_mad": 64.53054362417245,
  "summary_csf_mean": 168.3869087699382,
  "summary_csf_median": 148.89582508802414,
  "summary_csf_n": 54924.0,
  "summary_csf_p05": 65.3505059896037,
  "summary_csf_p95": 348.92645562384274,
  "summary_csf_stdv": 87.21909303265267,
  "summary_gm_k": 0.28235812690663753,
  "summary_gm_mad": 72.0129726100852,
  "summary_gm_mean": 667.7826436296821,
  "summary_gm_median": 665.9470797628164,
  "summary_gm_n": 23556.0,
  "summary_gm_p05": 543.5616545667872,
  "summary_gm_p95": 797.5218045087531,
  "summary_gm_stdv": 76.21803145583822,
  "summary_wm_k": 0.323608805280164,
  "summary_wm_mad": 46.01910081509349,
  "summary_wm_mean": 999.3938500056664,
  "summary_wm_median": 999.9999976865947,
  "summary_wm_n": 197049.0,
  "summary_wm_p05": 920.3010568283498,
  "summary_wm_p95": 1076.1399082429707,
  "summary_wm_stdv": 47.54771617242567,
  "tpm_overlap_csf": 0.14398532178051426,
  "tpm_overlap_gm": 0.44970030175830994,
  "tpm_overlap_wm": 0.5053933073172394,
  "wm2max": 0.6295404207088865
}