{
  "bids_meta": {
    "AcquisitionMatrixPE": 256,
    "AcquisitionNumber": 1,
    "AcquisitionTime": "11:01:4.800000",
    "BaseResolution": 256,
    "BodyPartExamined": "HEAD",
    "ConsistencyInfo": "N4_VD11D_LATEST_20110129",
    "ConversionSoftware": "dcm2niix",
    "ConversionSoftwareVersion": "v1.0.20180518 GCC4.8.5",
    "DeviceSerialNumber": "45031",
    "DwellTime": 9.8e-06,
    "EchoTime": 0.0033,
    "FlipAngle": 7,
    "ImageOrientationPatientDICOM": [
      0.0375638,
      0.999294,
      -7.3704e-09,
      -0.0794211,
      0.00298545,
      -0.996837
    ],
    "ImageType": [
      "ORIGINAL",
      "PRIMARY",
      "M",
      "ND",
      "NORM"
    ],
    "InPlanePhaseEncodingDirectionDICOM": "ROW",
    "InstitutionAddress": "Washington_and_Faculty_Rd._-_Building_25_25_Princeton_NJ_US_085",
    "InstitutionName": "Princeton_University_-_Neuroscience_Institute",
    "InstitutionalDepartmentName": "Department",
    "InversionTime": 1.1,
    "MRAcquisitionType": "3D",
    "MagneticFieldStrength": 3,
    "Manufacturer": "Siemens",
    "ManufacturersModelName": "Skyra",
    "Modality": "MR",
    "ParallelReductionFactorInPlane": 2,
    "PartialFourier": 1,
    "PatientPosition": "HFS",
    "PercentPhaseFOV": 100,
    "PhaseEncodingSteps": 255,
    "PhaseResolution": 1,
    "PixelBandwidth": 200,
    "ProcedureStepDescription": "NormanLab_Anna",
    "ProtocolName": "MPRAGE_tfl",
    "PulseSequenceDetails": "%SiemensSeq%_tfl",
    "ReceiveCoilActiveElements": "HE1-4",
    "ReceiveCoilName": "HeadNeck_20",
    "ReconMatrixPE": 256,
    "RepetitionTime": 2.53,
    "SAR": 0.0617178,
    "ScanOptions": "IR",
    "ScanningSequence": "GR_IR",
    "SequenceName": "_tfl3d1_16ns",
    "SequenceVariant": "SK_SP_MP",
    "SeriesDescription": "MPRAGE_tfl",
    "SeriesNumber": 5,
    "ShimSetting": [
      3205,
      10460,
      9946,
      300,
      117,
      -442,
      735,
      92
    ],
    "SliceThickness": 1,
    "SoftwareVersions": "syngo_MR_D11",
    "StationName": "AWP45031",
    "TxRefAmp": 318.011,
    "dataset": "ds001454",
    "modality": "T1w",
    "session_id": "1",
    "subject_id": "19"
  },
  "cjv": 0.3351238042179111,
  "cnr": 3.9681417641644656,
  "efc": 0.48542616435595015,
  "fber": 15923.38075298439,
  "fwhm_avg": 3.691797631427996,
  "fwhm_x": 3.7352328942839876,
  "fwhm_y": 3.93894,
  "fwhm_z": 3.40122,
  "icvs_csf": 0.2190451042065211,
  "icvs_gm": 0.45067361943763495,
  "icvs_wm": 0.330281276355844,
  "inu_med": 0.6426450610160828,
  "inu_range": 0.30358467698097236,
  "provenance": {
    "md5sum": "880499889bb4681d698c4cf9f3e8956f",
    "settings": {
      "testing": false
    },
    "software": "mriqc",
    "version": "23.0.1",
    "warnings": {
      "large_rot_frame": true,
      "small_air_mask": false
    },
    "webapi_port": null,
    "webapi_url": "https://mriqc.nimh.nih.gov/api/v1"
  },
  "qi_1": 0.0,
  "qi_2": 0.02013438681444793,
  "rpve_csf": 24.335005703191875,
  "rpve_gm": 12.341673604245798,
  "rpve_wm": 18.994072328529217,
  "size_x": 176,
  "size_y": 256,
  "size_z": 256,
  "snr_csf": 1.7412919892264709,
  "snr_gm": 9.364383600393904,
  "snr_total": 10.8208827419778,
  "snr_wm": 21.356972636313024,
  "snrd_csf": 15.778284099062313,
  "snrd_gm": 44.432299656954,
  "snrd_total": 42.460179701988515,
  "snrd_wm": 67.16995534994923,
  "spacing_x": 0.9999992251396179,
  "spacing_y": 1.0,
  "spacing_z": 1.0,
  "summary_bg_k": 4029.51790910466,
  "summary_bg_mad": 0.0,
  "summary_bg_mean": 3.4876436669824757,
  "summary_bg_median": 0.0,
  "summary_bg_n": 3636046.0,
  "summary_bg_p05": 0.0,
  "summary_bg_p95": 15.439219314604998,
  "summary_bg_stdv": 9.75341434865755,
  "summary_csf_k": 0.8691177089634379,
  "summary_csf_mad": 150.8912831412564,
  "summary_csf_mean": 250.6619964741674,
  "summary_csf_median": 234.9009191505611,
  "summary_csf_n": 37540.0,
  "summary_csf_p05": 57.734398663043976,
  "summary_csf_p95": 475.6004186586476,
  "summary_csf_stdv": 134.8985649207926,
  "summary_gm_k": 0.1665229386222169,
  "summary_gm_mad": 68.97761940749675,
  "summary_gm_mean": 660.58121326975,
  "summary_gm_median": 661.4906895998865,
  "summary_gm_n": 34265.0,
  "summary_gm_p05": 541.8278667971492,
  "summary_gm_p95": 774.6820541918278,
  "summary_gm_stdv": 70.63796883872317,
  "summary_wm_k": 0.5371463380051029,
  "summary_wm_mad": 44.464911684171454,
  "summary_wm_mean": 998.5114929909128,
  "summary_wm_median": 1000.0000096298754,
  "summary_wm_n": 175264.0,
  "summary_wm_p05": 919.1659360919148,
  "summary_wm_p95": 1072.1088538616896,
  "summary_wm_stdv": 46.82298253668917,
  "tpm_overlap_csf": 0.1491139463333905,
  "tpm_overlap_gm": 0.4861266483576471,
  "tpm_overlap_wm": 0.5134282307399319,
  "wm2max": 0.6666162909013936
}