{
  "bids_meta": {
    "AcquisitionMatrixPE": 256,
    "AcquisitionNumber": 1,
    "AcquisitionTime": "22:21:43.790000",
    "BaseResolution": 256,
    "BodyPartExamined": "HEAD",
    "ConsistencyInfo": "N4_VD11D_LATEST_20110129",
    "ConversionSoftware": "dcm2niix",
    "ConversionSoftwareVersion": "v1.0.20180518 GCC4.8.5",
    "DeviceSerialNumber": "45031",
    "DwellTime": 9.8e-06,
    "EchoTime": 0.0033,
    "FlipAngle": 7,
    "ImageOrientationPatientDICOM": [
      0.00433932,
      0.999991,
      -5.50244e-10,
      0.0328513,
      -0.000142554,
      -0.99946
    ],
    "ImageType": [
      "ORIGINAL",
      "PRIMARY",
      "M",
      "ND",
      "NORM"
    ],
    "InPlanePhaseEncodingDirectionDICOM": "ROW",
    "InstitutionAddress": "Washington_and_Faculty_Rd._-_Building_25_25_Princeton_NJ_US_085",
    "InstitutionName": "Princeton_University_-_Neuroscience_Institute",
    "InstitutionalDepartmentName": "Department",
    "InversionTime": 1.1,
    "MRAcquisitionType": "3D",
    "MagneticFieldStrength": 3,
    "Manufacturer": "Siemens",
    "ManufacturersModelName": "Skyra",
    "Modality": "MR",
    "ParallelReductionFactorInPlane": 2,
    "PartialFourier": 1,
    "PatientPosition": "HFS",
    "PercentPhaseFOV": 100,
    "PhaseEncodingSteps": 255,
    "PhaseResolution": 1,
    "PixelBandwidth": 200,
    "ProcedureStepDescription": "NormanLab_Anna",
    "ProtocolName": "MPRAGE_tfl",
    "PulseSequenceDetails": "%SiemensSeq%_tfl",
    "ReceiveCoilActiveElements": "HE1-4",
    "ReceiveCoilName": "HeadNeck_20",
    "ReconMatrixPE": 256,
    "RepetitionTime": 2.53,
    "SAR": 0.0644815,
    "ScanOptions": "IR",
    "ScanningSequence": "GR_IR",
    "SequenceName": "_tfl3d1_16ns",
    "SequenceVariant": "SK_SP_MP",
    "SeriesDescription": "MPRAGE_tfl",
    "SeriesNumber": 5,
    "ShimSetting": [
      3232,
      10516,
      9931,
      412,
      -39,
      -273,
      734,
      52
    ],
    "SliceThickness": 1,
    "SoftwareVersions": "syngo_MR_D11",
    "StationName": "AWP45031",
    "TxRefAmp": 342.32,
    "dataset": "ds001454",
    "modality": "T1w",
    "session_id": "2",
    "subject_id": "20"
  },
  "cjv": 0.36853812270612724,
  "cnr": 3.5790366595274645,
  "efc": 0.5023324667167175,
  "fber": 23894.886788489814,
  "fwhm_avg": 3.534744253437364,
  "fwhm_x": 3.6270327603120927,
  "fwhm_y": 3.68215,
  "fwhm_z": 3.29505,
  "icvs_csf": 0.18976208565310484,
  "icvs_gm": 0.4585630732369748,
  "icvs_wm": 0.3516748411099203,
  "inu_med": 0.5914775729179382,
  "inu_range": 0.2630021870136261,
  "provenance": {
    "md5sum": "c7c19bcddad6bfe83f6199d60632e624",
    "settings": {
      "testing": false
    },
    "software": "mriqc",
    "version": "23.0.1",
    "warnings": {
      "large_rot_frame": true,
      "small_air_mask": false
    },
    "webapi_port": null,
    "webapi_url": "https://mriqc.nimh.nih.gov/api/v1"
  },
  "qi_1": 6.18864868455204e-05,
  "qi_2": 0.022207964591146042,
  "rpve_csf": 25.70151856182075,
  "rpve_gm": 11.728320559703493,
  "rpve_wm": 17.427943348049375,
  "size_x": 176,
  "size_y": 256,
  "size_z": 256,
  "snr_csf": 1.5920590314995977,
  "snr_gm": 8.971039356767623,
  "snr_total": 10.724880036491795,
  "snr_wm": 21.611541721208162,
  "snrd_csf": 11.052951495147624,
  "snrd_gm": 33.87344261081188,
  "snrd_total": 31.603794668415247,
  "snrd_wm": 49.88498989928624,
  "spacing_x": 1.0000075101852417,
  "spacing_y": 1.0,
  "spacing_z": 1.0,
  "summary_bg_k": 3419.7223135980926,
  "summary_bg_mad": 0.0,
  "summary_bg_mean": 3.2343541824559563,
  "summary_bg_median": 0.0,
  "summary_bg_n": 3512498.0,
  "summary_bg_p05": 0.0,
  "summary_bg_p95": 14.127712059766054,
  "summary_bg_stdv": 13.132936213697645,
  "summary_csf_k": 4.334756981679657,
  "summary_csf_mad": 128.8874619546013,
  "summary_csf_mean": 246.10000043708203,
  "summary_csf_median": 221.568679375574,
  "summary_csf_n": 19327.0,
  "summary_csf_p05": 64.10941847041249,
  "summary_csf_p95": 495.2128934033216,
  "summary_csf_stdv": 139.1675451823581,
  "summary_gm_k": 0.00801451993054858,
  "summary_gm_mad": 74.81230795875692,
  "summary_gm_mean": 678.6259399470025,
  "summary_gm_median": 679.0307501554489,
  "summary_gm_n": 38303.0,
  "summary_gm_p05": 552.2500129880384,
  "summary_gm_p95": 804.3508732672781,
  "summary_gm_stdv": 75.69043665475058,
  "summary_wm_k": 0.5700603700599132,
  "summary_wm_mad": 43.477091407152656,
  "summary_wm_mean": 999.3422549730759,
  "summary_wm_median": 999.9999852981418,
  "summary_wm_n": 202494.0,
  "summary_wm_p05": 922.156854705885,
  "summary_wm_p95": 1073.8468308057636,
  "summary_wm_stdv": 46.2714566589589,
  "tpm_overlap_csf": 0.142495081303191,
  "tpm_overlap_gm": 0.4702849385447152,
  "tpm_overlap_wm": 0.5089295498420394,
  "wm2max": 0.7291961665537975
}