{
  "bids_meta": {
    "AcquisitionMatrixPE": 256,
    "AcquisitionNumber": 1,
    "AcquisitionTime": "09:21:46.122500",
    "BaseResolution": 256,
    "BodyPartExamined": "HEAD",
    "ConsistencyInfo": "N4_VD11D_LATEST_20110129",
    "ConversionSoftware": "dcm2niix",
    "ConversionSoftwareVersion": "v1.0.20180518 GCC4.8.5",
    "DeviceSerialNumber": "45031",
    "DwellTime": 9.8e-06,
    "EchoTime": 0.0033,
    "FlipAngle": 7,
    "ImageOrientationPatientDICOM": [
      0,
      1,
      0,
      0,
      0,
      -1
    ],
    "ImageType": [
      "ORIGINAL",
      "PRIMARY",
      "M",
      "ND",
      "NORM"
    ],
    "InPlanePhaseEncodingDirectionDICOM": "ROW",
    "InstitutionAddress": "Washington_and_Faculty_Rd._-_Building_25_25_Princeton_NJ_US_085",
    "InstitutionName": "Princeton_University_-_Neuroscience_Institute",
    "InstitutionalDepartmentName": "Department",
    "InversionTime": 1.1,
    "MRAcquisitionType": "3D",
    "MagneticFieldStrength": 3,
    "Manufacturer": "Siemens",
    "ManufacturersModelName": "Skyra",
    "Modality": "MR",
    "ParallelReductionFactorInPlane": 2,
    "PartialFourier": 1,
    "PatientPosition": "HFS",
    "PercentPhaseFOV": 100,
    "PhaseEncodingSteps": 255,
    "PhaseResolution": 1,
    "PixelBandwidth": 200,
    "ProcedureStepDescription": "NormanLab_Anna",
    "ProtocolName": "MPRAGE_tfl",
    "PulseSequenceDetails": "%SiemensSeq%_tfl",
    "ReceiveCoilActiveElements": "HE1-4",
    "ReceiveCoilName": "HeadNeck_20",
    "ReconMatrixPE": 256,
    "RepetitionTime": 2.53,
    "SAR": 0.0620978,
    "ScanOptions": "IR",
    "ScanningSequence": "GR_IR",
    "SequenceName": "_tfl3d1_16ns",
    "SequenceVariant": "SK_SP_MP",
    "SeriesDescription": "MPRAGE_tfl",
    "SeriesNumber": 5,
    "ShimSetting": [
      3200,
      10500,
      9958,
      430,
      -93,
      -174,
      641,
      145
    ],
    "SliceThickness": 1,
    "SoftwareVersions": "syngo_MR_D11",
    "StationName": "AWP45031",
    "TxRefAmp": 341.729,
    "dataset": "ds001454",
    "modality": "T1w",
    "session_id": "2",
    "subject_id": "15"
  },
  "cjv": 0.3330713692653082,
  "cnr": 3.9765565815803168,
  "efc": 0.5079641826045882,
  "fber": 22433.791109940154,
  "fwhm_avg": 3.60244,
  "fwhm_x": 3.70383,
  "fwhm_y": 3.74013,
  "fwhm_z": 3.36336,
  "icvs_csf": 0.205572019501771,
  "icvs_gm": 0.45429771458000495,
  "icvs_wm": 0.34013026591822404,
  "inu_med": 0.6040841341018677,
  "inu_range": 0.2788194492459297,
  "provenance": {
    "md5sum": "0e60b06ca3b72fd08eebe17569342379",
    "settings": {
      "testing": false
    },
    "software": "mriqc",
    "version": "23.0.1",
    "warnings": {
      "large_rot_frame": true,
      "small_air_mask": false
    },
    "webapi_port": null,
    "webapi_url": "https://mriqc.nimh.nih.gov/api/v1"
  },
  "qi_1": 1.7095956880528e-05,
  "qi_2": 0.01462578516999113,
  "rpve_csf": 23.123654024799063,
  "rpve_gm": 11.172637044633438,
  "rpve_wm": 16.909232867331035,
  "size_x": 176,
  "size_y": 256,
  "size_z": 256,
  "snr_csf": 1.6576119592552463,
  "snr_gm": 8.947970998599654,
  "snr_total": 10.835592517665072,
  "snr_wm": 21.901194595140314,
  "snrd_csf": 20.66305475576092,
  "snrd_gm": 69.94618611516884,
  "snrd_total": 65.75722058279992,
  "snrd_wm": 106.66242087747,
  "spacing_x": 1.0,
  "spacing_y": 1.0,
  "spacing_z": 1.0,
  "summary_bg_k": 1801.2809932100026,
  "summary_bg_mad": 0.0,
  "summary_bg_mean": 3.0711426017379657,
  "summary_bg_median": 0.0,
  "summary_bg_n": 3793648.0,
  "summary_bg_p05": 0.0,
  "summary_bg_p95": 14.59476701170206,
  "summary_bg_stdv": 6.141996841556317,
  "summary_csf_k": 1.704746035023538,
  "summary_csf_mad": 100.49189932316285,
  "summary_csf_mean": 218.24435946872273,
  "summary_csf_median": 193.71907445043325,
  "summary_csf_n": 37343.0,
  "summary_csf_p05": 64.26373717412353,
  "summary_csf_p95": 441.20743640586744,
  "summary_csf_stdv": 116.86479430313584,
  "summary_gm_k": 0.142999200207218,
  "summary_gm_mad": 70.93545834576202,
  "summary_gm_mean": 655.0646923725545,
  "summary_gm_median": 655.7554338276386,
  "summary_gm_n": 43088.0,
  "summary_gm_p05": 532.5330219235271,
  "summary_gm_p95": 775.6552596498282,
  "summary_gm_stdv": 73.28452722922742,
  "summary_wm_k": 0.4227220021546807,
  "summary_wm_mad": 43.7143410999089,
  "summary_wm_mean": 999.4931440749654,
  "summary_wm_median": 999.9753519147635,
  "summary_wm_n": 208889.0,
  "summary_wm_p05": 923.7035425230861,
  "summary_wm_p95": 1073.1460809633136,
  "summary_wm_stdv": 45.658375117904946,
  "tpm_overlap_csf": 0.14913173029329688,
  "tpm_overlap_gm": 0.47359050800614666,
  "tpm_overlap_wm": 0.5061484394213943,
  "wm2max": 0.7529930686830498
}