{
  "aor": 0.002137384615384615,
  "aqi": 0.009854268666666666,
  "bids_meta": {
    "AcquisitionMatrixPE": 64,
    "AcquisitionNumber": 1,
    "AcquisitionTime": "12:10:32.352500",
    "BandwidthPerPixelPhaseEncode": 47.348,
    "BaseResolution": 64,
    "BodyPartExamined": "HEAD",
    "ConsistencyInfo": "N4_VD11D_LATEST_20110129",
    "ConversionSoftware": "dcm2niix",
    "ConversionSoftwareVersion": "v1.0.20180518 GCC4.8.5",
    "DerivedVendorReportedEchoSpacing": 0.000660007,
    "DeviceSerialNumber": "45031",
    "DwellTime": 4.5e-06,
    "EchoTime": 0.03,
    "EchoTrainLength": 32,
    "EffectiveEchoSpacing": 0.000330003,
    "FlipAngle": 71,
    "ImageOrientationPatientDICOM": [
      0.996802,
      -0.0312209,
      0.0735627,
      0.015137,
      0.977626,
      0.209805
    ],
    "ImageType": [
      "ORIGINAL",
      "PRIMARY",
      "M",
      "ND",
      "NORM",
      "MOSAIC"
    ],
    "InPlanePhaseEncodingDirectionDICOM": "COL",
    "InstitutionAddress": "Washington_and_Faculty_Rd._-_Building_25_25_Princeton_NJ_US_085",
    "InstitutionName": "Princeton_University_-_Neuroscience_Institute",
    "InstitutionalDepartmentName": "Department",
    "MRAcquisitionType": "2D",
    "MagneticFieldStrength": 3,
    "Manufacturer": "Siemens",
    "ManufacturersModelName": "Skyra",
    "Modality": "MR",
    "ParallelReductionFactorInPlane": 2,
    "PartialFourier": 1,
    "PatientPosition": "HFS",
    "PercentPhaseFOV": 100,
    "PhaseEncodingDirection": "j-",
    "PhaseEncodingSteps": 64,
    "PhaseResolution": 1,
    "PixelBandwidth": 1735,
    "ProcedureStepDescription": "NormanLab_Anna",
    "ProtocolName": "epi_195_3x3x3_2s",
    "PulseSequenceDetails": "%SiemensSeq%_ep2d_bold",
    "ReceiveCoilActiveElements": "HE1-4",
    "ReceiveCoilName": "HeadNeck_20",
    "ReconMatrixPE": 64,
    "RepetitionTime": 2,
    "SAR": 0.116102,
    "ScanOptions": "FS",
    "ScanningSequence": "EP",
    "SequenceName": "_epfid2d1_64",
    "SequenceVariant": "SK",
    "SeriesDescription": "epi_195_3x3x3_2s",
    "SeriesNumber": 16,
    "ShimSetting": [
      3223,
      10505,
      10051,
      213,
      -201,
      -404,
      986,
      25
    ],
    "SliceThickness": 3,
    "SliceTiming": [
      1,
      0,
      1.055,
      0.055,
      1.11,
      0.11,
      1.165,
      0.1675,
      1.2225,
      0.2225,
      1.2775,
      0.2775,
      1.3325,
      0.3325,
      1.3875,
      0.3875,
      1.445,
      0.445,
      1.5,
      0.5,
      1.555,
      0.555,
      1.61,
      0.61,
      1.665,
      0.665,
      1.7225,
      0.7225,
      1.7775,
      0.7775,
      1.8325,
      0.8325,
      1.8875,
      0.8875,
      1.9425,
      0.945
    ],
    "SoftwareVersions": "syngo_MR_D11",
    "SpacingBetweenSlices": 3,
    "StationName": "AWP45031",
    "TotalReadoutTime": 0.0207902,
    "TxRefAmp": 349.419,
    "dataset": "ds001454",
    "modality": "bold",
    "run_id": 8,
    "session_id": "1",
    "subject_id": "11",
    "task_id": "satellite"
  },
  "dummy_trs": 0,
  "dvars_nstd": 24.479179794896908,
  "dvars_std": 1.138633775051546,
  "dvars_vstd": 1.0257839750515465,
  "efc": 0.6162285695149586,
  "fber": 902.0032348632812,
  "fd_mean": 0.1115631195438111,
  "fd_num": 14,
  "fd_perc": 7.17948717948718,
  "fwhm_avg": 1.684875510757238,
  "fwhm_x": 1.5396733333333332,
  "fwhm_y": 1.8238733333333332,
  "fwhm_z": 1.6910798656050472,
  "gcor": 0.0506169,
  "gsr_x": -0.016322346404194832,
  "gsr_y": 0.05652374029159546,
  "provenance": {
    "md5sum": "7a79be052aba47558229d203d591e1d5",
    "settings": {
      "fd_thres": 0.2,
      "testing": false
    },
    "software": "mriqc",
    "version": "23.0.1",
    "webapi_port": null,
    "webapi_url": "https://mriqc.nimh.nih.gov/api/v1"
  },
  "size_t": 195,
  "size_x": 64,
  "size_y": 64,
  "size_z": 36,
  "snr": 5.98679412455278,
  "spacing_tr": 2.0,
  "spacing_x": 3.0,
  "spacing_y": 3.0,
  "spacing_z": 3.000000238418579,
  "summary_bg_k": 38.771600946582545,
  "summary_bg_mad": 15.038910412167374,
  "summary_bg_mean": 46.322391510009766,
  "summary_bg_median": 22.369232177734375,
  "summary_bg_n": 73410.0,
  "summary_bg_p05": 10.384615898132324,
  "summary_bg_p95": 151.16564636230478,
  "summary_bg_stdv": 70.07713317871094,
  "summary_fg_k": 3.023538933420001,
  "summary_fg_mad": 101.07548323986717,
  "summary_fg_mean": 716.8637084960938,
  "summary_fg_median": 704.1487426757812,
  "summary_fg_n": 41013.0,
  "summary_fg_p05": 567.5415649414062,
  "summary_fg_p95": 915.4113037109375,
  "summary_fg_stdv": 117.61556243896484,
  "tsnr": 59.44565417943522
}