{
  "aor": 0.0018653333333333334,
  "aqi": 0.009223059128205128,
  "bids_meta": {
    "AcquisitionMatrixPE": 64,
    "AcquisitionNumber": 1,
    "AcquisitionTime": "11:34:2.762500",
    "BandwidthPerPixelPhaseEncode": 47.348,
    "BaseResolution": 64,
    "BodyPartExamined": "HEAD",
    "ConsistencyInfo": "N4_VD11D_LATEST_20110129",
    "ConversionSoftware": "dcm2niix",
    "ConversionSoftwareVersion": "v1.0.20180518 GCC4.8.5",
    "DerivedVendorReportedEchoSpacing": 0.000660007,
    "DeviceSerialNumber": "45031",
    "DwellTime": 4.5e-06,
    "EchoTime": 0.03,
    "EchoTrainLength": 32,
    "EffectiveEchoSpacing": 0.000330003,
    "FlipAngle": 71,
    "ImageOrientationPatientDICOM": [
      0.996802,
      -0.0312209,
      0.0735627,
      0.015137,
      0.977626,
      0.209805
    ],
    "ImageType": [
      "ORIGINAL",
      "PRIMARY",
      "M",
      "ND",
      "NORM",
      "MOSAIC"
    ],
    "InPlanePhaseEncodingDirectionDICOM": "COL",
    "InstitutionAddress": "Washington_and_Faculty_Rd._-_Building_25_25_Princeton_NJ_US_085",
    "InstitutionName": "Princeton_University_-_Neuroscience_Institute",
    "InstitutionalDepartmentName": "Department",
    "MRAcquisitionType": "2D",
    "MagneticFieldStrength": 3,
    "Manufacturer": "Siemens",
    "ManufacturersModelName": "Skyra",
    "Modality": "MR",
    "ParallelReductionFactorInPlane": 2,
    "PartialFourier": 1,
    "PatientPosition": "HFS",
    "PercentPhaseFOV": 100,
    "PhaseEncodingDirection": "j-",
    "PhaseEncodingSteps": 64,
    "PhaseResolution": 1,
    "PixelBandwidth": 1735,
    "ProcedureStepDescription": "NormanLab_Anna",
    "ProtocolName": "epi_195_3x3x3_2s",
    "PulseSequenceDetails": "%SiemensSeq%_ep2d_bold",
    "ReceiveCoilActiveElements": "HE1-4",
    "ReceiveCoilName": "HeadNeck_20",
    "ReconMatrixPE": 64,
    "RepetitionTime": 2,
    "SAR": 0.116102,
    "ScanOptions": "FS",
    "ScanningSequence": "EP",
    "SequenceName": "_epfid2d1_64",
    "SequenceVariant": "SK",
    "SeriesDescription": "epi_195_3x3x3_2s",
    "SeriesNumber": 11,
    "ShimSetting": [
      3223,
      10505,
      10051,
      213,
      -201,
      -404,
      986,
      25
    ],
    "SliceThickness": 3,
    "SliceTiming": [
      1,
      0,
      1.055,
      0.0575,
      1.1125,
      0.1125,
      1.1675,
      0.1675,
      1.2225,
      0.2225,
      1.2775,
      0.2775,
      1.335,
      0.335,
      1.39,
      0.39,
      1.445,
      0.445,
      1.5,
      0.5,
      1.555,
      0.5575,
      1.6125,
      0.6125,
      1.6675,
      0.6675,
      1.7225,
      0.7225,
      1.7775,
      0.7775,
      1.8325,
      0.835,
      1.89,
      0.89,
      1.945,
      0.945
    ],
    "SoftwareVersions": "syngo_MR_D11",
    "SpacingBetweenSlices": 3,
    "StationName": "AWP45031",
    "TotalReadoutTime": 0.0207902,
    "TxRefAmp": 349.419,
    "dataset": "ds001454",
    "modality": "bold",
    "run_id": 3,
    "session_id": "1",
    "subject_id": "11",
    "task_id": "satellite"
  },
  "dummy_trs": 0,
  "dvars_nstd": 25.894763779123704,
  "dvars_std": 1.1758678570103096,
  "dvars_vstd": 1.0265885097422685,
  "efc": 0.6166629386214975,
  "fber": 885.365478515625,
  "fd_mean": 0.12224521577909146,
  "fd_num": 22,
  "fd_perc": 11.282051282051283,
  "fwhm_avg": 1.6772843993464257,
  "fwhm_x": 1.5275800000000002,
  "fwhm_y": 1.80188,
  "fwhm_z": 1.7023931980392775,
  "gcor": 0.0497844,
  "gsr_x": -0.017066463828086853,
  "gsr_y": 0.05649353936314583,
  "provenance": {
    "md5sum": "bd3d18cec079872e649358f821dab832",
    "settings": {
      "fd_thres": 0.2,
      "testing": false
    },
    "software": "mriqc",
    "version": "23.0.1",
    "webapi_port": null,
    "webapi_url": "https://mriqc.nimh.nih.gov/api/v1"
  },
  "size_t": 195,
  "size_x": 64,
  "size_y": 64,
  "size_z": 36,
  "snr": 6.0379294775425825,
  "spacing_tr": 2.0,
  "spacing_x": 3.0,
  "spacing_y": 3.0,
  "spacing_z": 3.000000238418579,
  "summary_bg_k": 37.574269660908556,
  "summary_bg_mad": 15.228986459528885,
  "summary_bg_mean": 46.68803024291992,
  "summary_bg_median": 22.574359893798828,
  "summary_bg_n": 73528.0,
  "summary_bg_p05": 10.38974380493164,
  "summary_bg_p95": 154.3674377441406,
  "summary_bg_stdv": 70.90541076660156,
  "summary_fg_k": 2.992060410575286,
  "summary_fg_mad": 100.30757781834382,
  "summary_fg_mean": 716.0116577148438,
  "summary_fg_median": 703.0769653320312,
  "summary_fg_n": 40861.0,
  "summary_fg_p05": 568.0564575195312,
  "summary_fg_p95": 909.794921875,
  "summary_fg_stdv": 116.44196319580078,
  "tsnr": 61.11240944697056
}