{
  "aor": 0.0015775384615384612,
  "aqi": 0.009367277794871795,
  "bids_meta": {
    "AcquisitionMatrixPE": 64,
    "AcquisitionNumber": 1,
    "AcquisitionTime": "12:17:37.590000",
    "BandwidthPerPixelPhaseEncode": 47.348,
    "BaseResolution": 64,
    "BodyPartExamined": "HEAD",
    "ConsistencyInfo": "N4_VD11D_LATEST_20110129",
    "ConversionSoftware": "dcm2niix",
    "ConversionSoftwareVersion": "v1.0.20180518 GCC4.8.5",
    "DerivedVendorReportedEchoSpacing": 0.000660007,
    "DeviceSerialNumber": "45031",
    "DwellTime": 4.5e-06,
    "EchoTime": 0.03,
    "EchoTrainLength": 32,
    "EffectiveEchoSpacing": 0.000330003,
    "FlipAngle": 71,
    "ImageOrientationPatientDICOM": [
      0.996802,
      -0.0312209,
      0.0735627,
      0.015137,
      0.977626,
      0.209805
    ],
    "ImageType": [
      "ORIGINAL",
      "PRIMARY",
      "M",
      "ND",
      "NORM",
      "MOSAIC"
    ],
    "InPlanePhaseEncodingDirectionDICOM": "COL",
    "InstitutionAddress": "Washington_and_Faculty_Rd._-_Building_25_25_Princeton_NJ_US_085",
    "InstitutionName": "Princeton_University_-_Neuroscience_Institute",
    "InstitutionalDepartmentName": "Department",
    "MRAcquisitionType": "2D",
    "MagneticFieldStrength": 3,
    "Manufacturer": "Siemens",
    "ManufacturersModelName": "Skyra",
    "Modality": "MR",
    "ParallelReductionFactorInPlane": 2,
    "PartialFourier": 1,
    "PatientPosition": "HFS",
    "PercentPhaseFOV": 100,
    "PhaseEncodingDirection": "j-",
    "PhaseEncodingSteps": 64,
    "PhaseResolution": 1,
    "PixelBandwidth": 1735,
    "ProcedureStepDescription": "NormanLab_Anna",
    "ProtocolName": "epi_195_3x3x3_2s",
    "PulseSequenceDetails": "%SiemensSeq%_ep2d_bold",
    "ReceiveCoilActiveElements": "HE1-4",
    "ReceiveCoilName": "HeadNeck_20",
    "ReconMatrixPE": 64,
    "RepetitionTime": 2,
    "SAR": 0.116102,
    "ScanOptions": "FS",
    "ScanningSequence": "EP",
    "SequenceName": "_epfid2d1_64",
    "SequenceVariant": "SK",
    "SeriesDescription": "epi_195_3x3x3_2s",
    "SeriesNumber": 17,
    "ShimSetting": [
      3223,
      10505,
      10051,
      213,
      -201,
      -404,
      986,
      25
    ],
    "SliceThickness": 3,
    "SliceTiming": [
      1,
      0,
      1.055,
      0.055,
      1.11,
      0.11,
      1.1675,
      0.1675,
      1.2225,
      0.2225,
      1.2775,
      0.2775,
      1.3325,
      0.3325,
      1.3875,
      0.39,
      1.445,
      0.445,
      1.5,
      0.5,
      1.555,
      0.555,
      1.61,
      0.61,
      1.6675,
      0.6675,
      1.7225,
      0.7225,
      1.7775,
      0.7775,
      1.8325,
      0.8325,
      1.8875,
      0.8875,
      1.945,
      0.945
    ],
    "SoftwareVersions": "syngo_MR_D11",
    "SpacingBetweenSlices": 3,
    "StationName": "AWP45031",
    "TotalReadoutTime": 0.0207902,
    "TxRefAmp": 349.419,
    "dataset": "ds001454",
    "modality": "bold",
    "run_id": 1,
    "session_id": "1",
    "subject_id": "11",
    "task_id": "rest"
  },
  "dummy_trs": 0,
  "dvars_nstd": 23.27282746293813,
  "dvars_std": 1.106593117989691,
  "dvars_vstd": 1.01672458685567,
  "efc": 0.6161329986956746,
  "fber": 926.0108032226562,
  "fd_mean": 0.10854775055076055,
  "fd_num": 12,
  "fd_perc": 6.153846153846154,
  "fwhm_avg": 1.698177732473483,
  "fwhm_x": 1.5473800000000002,
  "fwhm_y": 1.8369733333333331,
  "fwhm_z": 1.7101798640871155,
  "gcor": 0.0445457,
  "gsr_x": -0.015935281291604042,
  "gsr_y": 0.05692088603973389,
  "provenance": {
    "md5sum": "2cea2f687e93608b0c49b9b73393a0fb",
    "settings": {
      "fd_thres": 0.2,
      "testing": false
    },
    "software": "mriqc",
    "version": "23.0.1",
    "webapi_port": null,
    "webapi_url": "https://mriqc.nimh.nih.gov/api/v1"
  },
  "size_t": 195,
  "size_x": 64,
  "size_y": 64,
  "size_z": 36,
  "snr": 5.9239100072261115,
  "spacing_tr": 2.0,
  "spacing_x": 3.0,
  "spacing_y": 3.0,
  "spacing_z": 3.000000238418579,
  "summary_bg_k": 37.336266737011655,
  "summary_bg_mad": 14.947673004525265,
  "summary_bg_mean": 46.39946746826172,
  "summary_bg_median": 22.179487228393555,
  "summary_bg_n": 73335.0,
  "summary_bg_p05": 10.343589782714844,
  "summary_bg_p95": 152.36923217773438,
  "summary_bg_stdv": 69.98085021972656,
  "summary_fg_k": 3.0121978727634193,
  "summary_fg_mad": 101.88139482177701,
  "summary_fg_mean": 717.4696655273438,
  "summary_fg_median": 703.6769409179688,
  "summary_fg_n": 41063.0,
  "summary_fg_p05": 566.949755859375,
  "summary_fg_p95": 915.6087524414063,
  "summary_fg_stdv": 118.7844467163086,
  "tsnr": 60.31018240447156
}