{
  "bids_meta": {
    "AcquisitionMatrixPE": 256,
    "AcquisitionNumber": 1,
    "AcquisitionTime": "20:15:26.362500",
    "BaseResolution": 256,
    "BodyPartExamined": "HEAD",
    "ConsistencyInfo": "N4_VD11D_LATEST_20110129",
    "ConversionSoftware": "dcm2niix",
    "ConversionSoftwareVersion": "v1.0.20180518 GCC4.8.5",
    "DeviceSerialNumber": "45031",
    "DwellTime": 9.8e-06,
    "EchoTime": 0.0033,
    "FlipAngle": 7,
    "ImageOrientationPatientDICOM": [
      0.00170282,
      0.999999,
      -9.51669e-09,
      0.0975668,
      -0.000166148,
      -0.995229
    ],
    "ImageType": [
      "ORIGINAL",
      "PRIMARY",
      "M",
      "ND",
      "NORM"
    ],
    "InPlanePhaseEncodingDirectionDICOM": "ROW",
    "InstitutionAddress": "Washington_and_Faculty_Rd._-_Building_25_25_Princeton_NJ_US_085",
    "InstitutionName": "Princeton_University_-_Neuroscience_Institute",
    "InstitutionalDepartmentName": "Department",
    "InversionTime": 1.1,
    "MRAcquisitionType": "3D",
    "MagneticFieldStrength": 3,
    "Manufacturer": "Siemens",
    "ManufacturersModelName": "Skyra",
    "Modality": "MR",
    "ParallelReductionFactorInPlane": 2,
    "PartialFourier": 1,
    "PatientPosition": "HFS",
    "PercentPhaseFOV": 100,
    "PhaseEncodingSteps": 255,
    "PhaseResolution": 1,
    "PixelBandwidth": 200,
    "ProcedureStepDescription": "NormanLab_Anna",
    "ProtocolName": "MPRAGE_tfl",
    "PulseSequenceDetails": "%SiemensSeq%_tfl",
    "ReceiveCoilActiveElements": "HE1-4",
    "ReceiveCoilName": "HeadNeck_20",
    "ReconMatrixPE": 256,
    "RepetitionTime": 2.53,
    "SAR": 0.0573828,
    "ScanOptions": "IR",
    "ScanningSequence": "GR_IR",
    "SequenceName": "_tfl3d1_16ns",
    "SequenceVariant": "SK_SP_MP",
    "SeriesDescription": "MPRAGE_tfl",
    "SeriesNumber": 5,
    "ShimSetting": [
      3264,
      10541,
      9949,
      319,
      -194,
      -218,
      912,
      1
    ],
    "SliceThickness": 1,
    "SoftwareVersions": "syngo_MR_D11",
    "StationName": "AWP45031",
    "TxRefAmp": 318.574,
    "dataset": "ds001454",
    "modality": "T1w",
    "session_id": "1",
    "subject_id": "17"
  },
  "cjv": 0.33706748656617197,
  "cnr": 3.9143150525488686,
  "efc": 0.5106921176150574,
  "fber": 23091.259241995052,
  "fwhm_avg": 3.6940586575877217,
  "fwhm_x": 3.677155972763165,
  "fwhm_y": 3.94335,
  "fwhm_z": 3.46167,
  "icvs_csf": 0.17781932072641377,
  "icvs_gm": 0.46280744502219,
  "icvs_wm": 0.35937323425139617,
  "inu_med": 0.5461463928222656,
  "inu_range": 0.25670612901449197,
  "provenance": {
    "md5sum": "0c1127f20201058110868a8d3d9f4101",
    "settings": {
      "testing": false
    },
    "software": "mriqc",
    "version": "23.0.1",
    "warnings": {
      "large_rot_frame": true,
      "small_air_mask": false
    },
    "webapi_port": null,
    "webapi_url": "https://mriqc.nimh.nih.gov/api/v1"
  },
  "qi_1": 1.4073761123345962e-05,
  "qi_2": 0.015293659205119697,
  "rpve_csf": 24.202752404176614,
  "rpve_gm": 10.446625005173198,
  "rpve_wm": 15.268022688989332,
  "size_x": 176,
  "size_y": 256,
  "size_z": 256,
  "snr_csf": 1.7016007133399684,
  "snr_gm": 8.679735117332088,
  "snr_total": 10.770796681569367,
  "snr_wm": 21.931054214036045,
  "snrd_csf": 19.59885980018248,
  "snrd_gm": 70.84261462103672,
  "snrd_total": 66.23641532166137,
  "snrd_wm": 108.2677715437649,
  "spacing_x": 1.0000038146972656,
  "spacing_y": 1.0,
  "spacing_z": 1.0,
  "summary_bg_k": 64.06274441696317,
  "summary_bg_mad": 0.0,
  "summary_bg_mean": 3.2163542725298235,
  "summary_bg_median": 0.0,
  "summary_bg_n": 3453589.0,
  "summary_bg_p05": 0.0,
  "summary_bg_p95": 15.112639021128416,
  "summary_bg_stdv": 6.051075119480883,
  "summary_csf_k": 1.7420672616948778,
  "summary_csf_mad": 84.07497106813109,
  "summary_csf_mean": 201.53426026971266,
  "summary_csf_median": 181.02210914716125,
  "summary_csf_n": 25569.0,
  "summary_csf_p05": 62.40907877385617,
  "summary_csf_p95": 419.55699034482217,
  "summary_csf_stdv": 106.38134306056031,
  "summary_gm_k": 0.13514225671302693,
  "summary_gm_mad": 72.57530192452411,
  "summary_gm_mean": 656.2597729049703,
  "summary_gm_median": 654.3278357489035,
  "summary_gm_n": 45936.0,
  "summary_gm_p05": 534.4448258192278,
  "summary_gm_p95": 786.3986476305872,
  "summary_gm_stdv": 75.38487116218289,
  "summary_wm_k": 0.42716580728088216,
  "summary_wm_mad": 43.93955524067125,
  "summary_wm_mean": 999.1388985979269,
  "summary_wm_median": 1000.0000284370035,
  "summary_wm_n": 233358.0,
  "summary_wm_p05": 923.2127566505224,
  "summary_wm_p95": 1071.9145334362984,
  "summary_wm_stdv": 45.59734685093271,
  "tpm_overlap_csf": 0.14817680927988805,
  "tpm_overlap_gm": 0.4588192961065621,
  "tpm_overlap_wm": 0.4951327247644492,
  "wm2max": 0.8227676211182092
}