{
  "aor": 0.0006265641025641026,
  "aqi": 0.006984174923076923,
  "bids_meta": {
    "AcquisitionMatrixPE": 64,
    "AcquisitionNumber": 1,
    "AcquisitionTime": "10:08:28.590000",
    "BandwidthPerPixelPhaseEncode": 47.348,
    "BaseResolution": 64,
    "BodyPartExamined": "HEAD",
    "ConsistencyInfo": "N4_VD11D_LATEST_20110129",
    "ConversionSoftware": "dcm2niix",
    "ConversionSoftwareVersion": "v1.0.20180518 GCC4.8.5",
    "DerivedVendorReportedEchoSpacing": 0.000660007,
    "DeviceSerialNumber": "45031",
    "DwellTime": 4.5e-06,
    "EchoTime": 0.03,
    "EchoTrainLength": 32,
    "EffectiveEchoSpacing": 0.000330003,
    "FlipAngle": 71,
    "ImageOrientationPatientDICOM": [
      0.999356,
      -0.024719,
      0.0260153,
      0.0172694,
      0.966739,
      0.255181
    ],
    "ImageType": [
      "ORIGINAL",
      "PRIMARY",
      "M",
      "ND",
      "NORM",
      "MOSAIC"
    ],
    "InPlanePhaseEncodingDirectionDICOM": "COL",
    "InstitutionAddress": "Washington_and_Faculty_Rd._-_Building_25_25_Princeton_NJ_US_085",
    "InstitutionName": "Princeton_University_-_Neuroscience_Institute",
    "InstitutionalDepartmentName": "Department",
    "MRAcquisitionType": "2D",
    "MagneticFieldStrength": 3,
    "Manufacturer": "Siemens",
    "ManufacturersModelName": "Skyra",
    "Modality": "MR",
    "ParallelReductionFactorInPlane": 2,
    "PartialFourier": 1,
    "PatientPosition": "HFS",
    "PercentPhaseFOV": 100,
    "PhaseEncodingDirection": "j-",
    "PhaseEncodingSteps": 64,
    "PhaseResolution": 1,
    "PixelBandwidth": 1735,
    "ProcedureStepDescription": "NormanLab_Anna",
    "ProtocolName": "epi_195_3x3x3_2s",
    "PulseSequenceDetails": "%SiemensSeq%_ep2d_bold",
    "ReceiveCoilActiveElements": "HE1-4",
    "ReceiveCoilName": "HeadNeck_20",
    "ReconMatrixPE": 64,
    "RepetitionTime": 2,
    "SAR": 0.109088,
    "ScanOptions": "FS",
    "ScanningSequence": "EP",
    "SequenceName": "_epfid2d1_64",
    "SequenceVariant": "SK",
    "SeriesDescription": "epi_195_3x3x3_2s",
    "SeriesNumber": 13,
    "ShimSetting": [
      3209,
      10570,
      10073,
      609,
      -69,
      502,
      800,
      68
    ],
    "SliceThickness": 3,
    "SliceTiming": [
      1,
      0,
      1.0575,
      0.0575,
      1.1125,
      0.1125,
      1.1675,
      0.1675,
      1.2225,
      0.2225,
      1.2775,
      0.28,
      1.335,
      0.335,
      1.39,
      0.39,
      1.445,
      0.445,
      1.5,
      0.5,
      1.5575,
      0.5575,
      1.6125,
      0.6125,
      1.6675,
      0.6675,
      1.7225,
      0.7225,
      1.7775,
      0.78,
      1.835,
      0.835,
      1.89,
      0.89,
      1.945,
      0.945
    ],
    "SoftwareVersions": "syngo_MR_D11",
    "SpacingBetweenSlices": 3,
    "StationName": "AWP45031",
    "TotalReadoutTime": 0.0207902,
    "TxRefAmp": 315.371,
    "dataset": "ds001454",
    "modality": "bold",
    "run_id": 5,
    "session_id": "2",
    "subject_id": "08",
    "task_id": "satellite"
  },
  "dummy_trs": 0,
  "dvars_nstd": 22.541391382216485,
  "dvars_std": 1.1203466907731963,
  "dvars_vstd": 0.9911834813402058,
  "efc": 0.5728104631810197,
  "fber": 1531.6639404296875,
  "fd_mean": 0.08277685740288514,
  "fd_num": 6,
  "fd_perc": 3.076923076923077,
  "fwhm_avg": 1.680741111111111,
  "fwhm_x": 1.5532599999999999,
  "fwhm_y": 1.7755566666666667,
  "fwhm_z": 1.7134066666666667,
  "gcor": 0.0270502,
  "gsr_x": -0.012567530386149883,
  "gsr_y": 0.041901420801877975,
  "provenance": {
    "md5sum": "97bc1c064231fdaaee8e88c42557e768",
    "settings": {
      "fd_thres": 0.2,
      "testing": false
    },
    "software": "mriqc",
    "version": "23.0.1",
    "webapi_port": null,
    "webapi_url": "https://mriqc.nimh.nih.gov/api/v1"
  },
  "size_t": 195,
  "size_x": 64,
  "size_y": 64,
  "size_z": 36,
  "snr": 6.020617301067521,
  "spacing_tr": 2.0,
  "spacing_x": 3.0,
  "spacing_y": 3.0,
  "spacing_z": 3.0,
  "summary_bg_k": 54.85051628380333,
  "summary_bg_mad": 10.864814565657229,
  "summary_bg_mean": 39.53196716308594,
  "summary_bg_median": 19.63589859008789,
  "summary_bg_n": 78796.0,
  "summary_bg_p05": 9.80512809753418,
  "summary_bg_p95": 118.3269271850586,
  "summary_bg_stdv": 72.16268157958984,
  "summary_fg_k": 2.435864954658988,
  "summary_fg_mad": 123.76307970086991,
  "summary_fg_mean": 796.6683349609375,
  "summary_fg_median": 784.3026123046875,
  "summary_fg_n": 35917.0,
  "summary_fg_p05": 620.906689453125,
  "summary_fg_p95": 1009.0143676757807,
  "summary_fg_stdv": 130.2676544189453,
  "tsnr": 67.7319834344089
}