{
  "aor": 0.0014272307692307692,
  "aqi": 0.013884974051282051,
  "bids_meta": {
    "AcquisitionMatrixPE": 64,
    "AcquisitionNumber": 1,
    "AcquisitionTime": "10:36:54.665000",
    "BandwidthPerPixelPhaseEncode": 47.348,
    "BaseResolution": 64,
    "BodyPartExamined": "HEAD",
    "ConsistencyInfo": "N4_VD11D_LATEST_20110129",
    "ConversionSoftware": "dcm2niix",
    "ConversionSoftwareVersion": "v1.0.20180518 GCC4.8.5",
    "DerivedVendorReportedEchoSpacing": 0.000660007,
    "DeviceSerialNumber": "45031",
    "DwellTime": 4.5e-06,
    "EchoTime": 0.03,
    "EchoTrainLength": 32,
    "EffectiveEchoSpacing": 0.000330003,
    "FlipAngle": 71,
    "ImageOrientationPatientDICOM": [
      0.999356,
      -0.024719,
      0.0260153,
      0.0172694,
      0.966739,
      0.255181
    ],
    "ImageType": [
      "ORIGINAL",
      "PRIMARY",
      "M",
      "ND",
      "NORM",
      "MOSAIC"
    ],
    "InPlanePhaseEncodingDirectionDICOM": "COL",
    "InstitutionAddress": "Washington_and_Faculty_Rd._-_Building_25_25_Princeton_NJ_US_085",
    "InstitutionName": "Princeton_University_-_Neuroscience_Institute",
    "InstitutionalDepartmentName": "Department",
    "MRAcquisitionType": "2D",
    "MagneticFieldStrength": 3,
    "Manufacturer": "Siemens",
    "ManufacturersModelName": "Skyra",
    "Modality": "MR",
    "ParallelReductionFactorInPlane": 2,
    "PartialFourier": 1,
    "PatientPosition": "HFS",
    "PercentPhaseFOV": 100,
    "PhaseEncodingDirection": "j-",
    "PhaseEncodingSteps": 64,
    "PhaseResolution": 1,
    "PixelBandwidth": 1735,
    "ProcedureStepDescription": "NormanLab_Anna",
    "ProtocolName": "epi_195_3x3x3_2s",
    "PulseSequenceDetails": "%SiemensSeq%_ep2d_bold",
    "ReceiveCoilActiveElements": "HE1-4",
    "ReceiveCoilName": "HeadNeck_20",
    "ReconMatrixPE": 64,
    "RepetitionTime": 2,
    "SAR": 0.109088,
    "ScanOptions": "FS",
    "ScanningSequence": "EP",
    "SequenceName": "_epfid2d1_64",
    "SequenceVariant": "SK",
    "SeriesDescription": "epi_195_3x3x3_2s",
    "SeriesNumber": 17,
    "ShimSetting": [
      3209,
      10570,
      10073,
      609,
      -69,
      502,
      800,
      68
    ],
    "SliceThickness": 3,
    "SliceTiming": [
      1,
      0,
      1.055,
      0.055,
      1.11,
      0.1125,
      1.1675,
      0.1675,
      1.2225,
      0.2225,
      1.2775,
      0.2775,
      1.3325,
      0.3325,
      1.39,
      0.39,
      1.445,
      0.445,
      1.5,
      0.5,
      1.555,
      0.555,
      1.61,
      0.6125,
      1.6675,
      0.6675,
      1.7225,
      0.7225,
      1.7775,
      0.7775,
      1.8325,
      0.8325,
      1.8875,
      0.89,
      1.945,
      0.945
    ],
    "SoftwareVersions": "syngo_MR_D11",
    "SpacingBetweenSlices": 3,
    "StationName": "AWP45031",
    "TotalReadoutTime": 0.0207902,
    "TxRefAmp": 315.371,
    "dataset": "ds001454",
    "modality": "bold",
    "run_id": 1,
    "session_id": "2",
    "subject_id": "08",
    "task_id": "rest"
  },
  "dummy_trs": 0,
  "dvars_nstd": 22.3746335727835,
  "dvars_std": 1.0629014192783501,
  "dvars_vstd": 0.9634286842268037,
  "efc": 0.5722816451038301,
  "fber": 1542.2362060546875,
  "fd_mean": 0.10063877544156777,
  "fd_num": 8,
  "fd_perc": 4.102564102564102,
  "fwhm_avg": 1.697078888888889,
  "fwhm_x": 1.5651333333333335,
  "fwhm_y": 1.8025466666666665,
  "fwhm_z": 1.7235566666666668,
  "gcor": 0.0160338,
  "gsr_x": -0.011563927866518497,
  "gsr_y": 0.041735321283340454,
  "provenance": {
    "md5sum": "2cff8df3aa733ac0673e701840e720be",
    "settings": {
      "fd_thres": 0.2,
      "testing": false
    },
    "software": "mriqc",
    "version": "23.0.1",
    "webapi_port": null,
    "webapi_url": "https://mriqc.nimh.nih.gov/api/v1"
  },
  "size_t": 195,
  "size_x": 64,
  "size_y": 64,
  "size_z": 36,
  "snr": 5.948470930782347,
  "spacing_tr": 2.0,
  "spacing_x": 3.0,
  "spacing_y": 3.0,
  "spacing_z": 3.0,
  "summary_bg_k": 54.25091116131747,
  "summary_bg_mad": 11.047287967021784,
  "summary_bg_mean": 39.528076171875,
  "summary_bg_median": 19.574359893798828,
  "summary_bg_n": 78701.0,
  "summary_bg_p05": 9.605128288269043,
  "summary_bg_p95": 119.41026306152344,
  "summary_bg_stdv": 71.89864349365234,
  "summary_fg_k": 2.4359509437743743,
  "summary_fg_mad": 125.0784095682459,
  "summary_fg_mean": 796.8908081054688,
  "summary_fg_median": 783.9564208984375,
  "summary_fg_n": 35876.0,
  "summary_fg_p05": 619.7589721679688,
  "summary_fg_p95": 1012.0692749023438,
  "summary_fg_stdv": 131.78941345214844,
  "tsnr": 55.214716320857406
}