{
  "aor": 0.0012243076923076923,
  "aqi": 0.006909162717948718,
  "bids_meta": {
    "AcquisitionMatrixPE": 64,
    "AcquisitionNumber": 1,
    "AcquisitionTime": "09:54:20.305000",
    "BandwidthPerPixelPhaseEncode": 47.348,
    "BaseResolution": 64,
    "BodyPartExamined": "HEAD",
    "ConsistencyInfo": "N4_VD11D_LATEST_20110129",
    "ConversionSoftware": "dcm2niix",
    "ConversionSoftwareVersion": "v1.0.20180518 GCC4.8.5",
    "DerivedVendorReportedEchoSpacing": 0.000660007,
    "DeviceSerialNumber": "45031",
    "DwellTime": 4.5e-06,
    "EchoTime": 0.03,
    "EchoTrainLength": 32,
    "EffectiveEchoSpacing": 0.000330003,
    "FlipAngle": 71,
    "ImageOrientationPatientDICOM": [
      0.999356,
      -0.024719,
      0.0260153,
      0.0172694,
      0.966739,
      0.255181
    ],
    "ImageType": [
      "ORIGINAL",
      "PRIMARY",
      "M",
      "ND",
      "NORM",
      "MOSAIC"
    ],
    "InPlanePhaseEncodingDirectionDICOM": "COL",
    "InstitutionAddress": "Washington_and_Faculty_Rd._-_Building_25_25_Princeton_NJ_US_085",
    "InstitutionName": "Princeton_University_-_Neuroscience_Institute",
    "InstitutionalDepartmentName": "Department",
    "MRAcquisitionType": "2D",
    "MagneticFieldStrength": 3,
    "Manufacturer": "Siemens",
    "ManufacturersModelName": "Skyra",
    "Modality": "MR",
    "ParallelReductionFactorInPlane": 2,
    "PartialFourier": 1,
    "PatientPosition": "HFS",
    "PercentPhaseFOV": 100,
    "PhaseEncodingDirection": "j-",
    "PhaseEncodingSteps": 64,
    "PhaseResolution": 1,
    "PixelBandwidth": 1735,
    "ProcedureStepDescription": "NormanLab_Anna",
    "ProtocolName": "epi_195_3x3x3_2s",
    "PulseSequenceDetails": "%SiemensSeq%_ep2d_bold",
    "ReceiveCoilActiveElements": "HE1-4",
    "ReceiveCoilName": "HeadNeck_20",
    "ReconMatrixPE": 64,
    "RepetitionTime": 2,
    "SAR": 0.109088,
    "ScanOptions": "FS",
    "ScanningSequence": "EP",
    "SequenceName": "_epfid2d1_64",
    "SequenceVariant": "SK",
    "SeriesDescription": "epi_195_3x3x3_2s",
    "SeriesNumber": 11,
    "ShimSetting": [
      3209,
      10570,
      10073,
      609,
      -69,
      502,
      800,
      68
    ],
    "SliceThickness": 3,
    "SliceTiming": [
      1,
      0,
      1.0575,
      0.0575,
      1.1125,
      0.1125,
      1.1675,
      0.1675,
      1.2225,
      0.2225,
      1.2775,
      0.28,
      1.335,
      0.335,
      1.39,
      0.39,
      1.445,
      0.445,
      1.5,
      0.5,
      1.5575,
      0.5575,
      1.6125,
      0.6125,
      1.6675,
      0.6675,
      1.7225,
      0.7225,
      1.7775,
      0.78,
      1.835,
      0.835,
      1.89,
      0.89,
      1.945,
      0.945
    ],
    "SoftwareVersions": "syngo_MR_D11",
    "SpacingBetweenSlices": 3,
    "StationName": "AWP45031",
    "TotalReadoutTime": 0.0207902,
    "TxRefAmp": 315.371,
    "dataset": "ds001454",
    "modality": "bold",
    "run_id": 3,
    "session_id": "2",
    "subject_id": "08",
    "task_id": "satellite"
  },
  "dummy_trs": 0,
  "dvars_nstd": 23.27095552824743,
  "dvars_std": 1.147042931391753,
  "dvars_vstd": 1.0084132357731956,
  "efc": 0.5721265094642546,
  "fber": 1569.0355224609375,
  "fd_mean": 0.09567183755458045,
  "fd_num": 13,
  "fd_perc": 6.666666666666667,
  "fwhm_avg": 1.6743877777777778,
  "fwhm_x": 1.5474433333333335,
  "fwhm_y": 1.7780566666666668,
  "fwhm_z": 1.6976633333333335,
  "gcor": 0.0393872,
  "gsr_x": -0.012699635699391365,
  "gsr_y": 0.04093118757009506,
  "provenance": {
    "md5sum": "bb6eb3d4e36b365f5ba00c9259eca642",
    "settings": {
      "fd_thres": 0.2,
      "testing": false
    },
    "software": "mriqc",
    "version": "23.0.1",
    "webapi_port": null,
    "webapi_url": "https://mriqc.nimh.nih.gov/api/v1"
  },
  "size_t": 195,
  "size_x": 64,
  "size_y": 64,
  "size_z": 36,
  "snr": 6.025865387284707,
  "spacing_tr": 2.0,
  "spacing_x": 3.0,
  "spacing_y": 3.0,
  "spacing_z": 3.0,
  "summary_bg_k": 55.945702078591744,
  "summary_bg_mad": 10.773575744095465,
  "summary_bg_mean": 39.19276809692383,
  "summary_bg_median": 19.4769229888916,
  "summary_bg_n": 78861.0,
  "summary_bg_p05": 9.65128231048584,
  "summary_bg_p95": 118.62564849853516,
  "summary_bg_stdv": 71.3036117553711,
  "summary_fg_k": 2.4884162500584805,
  "summary_fg_mad": 123.9151043424159,
  "summary_fg_mean": 797.879150390625,
  "summary_fg_median": 785.433349609375,
  "summary_fg_n": 35860.0,
  "summary_fg_p05": 621.6918090820312,
  "summary_fg_p95": 1010.9715484619138,
  "summary_fg_stdv": 130.3418426513672,
  "tsnr": 66.4643586797174
}