{
  "bids_meta": {
    "AcquisitionMatrixPE": 256,
    "AcquisitionNumber": 1,
    "AcquisitionTime": "11:01:31.782500",
    "BaseResolution": 256,
    "BodyPartExamined": "HEAD",
    "ConsistencyInfo": "N4_VD11D_LATEST_20110129",
    "ConversionSoftware": "dcm2niix",
    "ConversionSoftwareVersion": "v1.0.20180518 GCC4.8.5",
    "DeviceSerialNumber": "45031",
    "DwellTime": 9.8e-06,
    "EchoTime": 0.0033,
    "FlipAngle": 7,
    "ImageOrientationPatientDICOM": [
      -0.0276103,
      0.999619,
      -2.85423e-08,
      0.0543099,
      0.00150006,
      -0.998523
    ],
    "ImageType": [
      "ORIGINAL",
      "PRIMARY",
      "M",
      "ND",
      "NORM"
    ],
    "InPlanePhaseEncodingDirectionDICOM": "ROW",
    "InstitutionAddress": "Washington_and_Faculty_Rd._-_Building_25_25_Princeton_NJ_US_085",
    "InstitutionName": "Princeton_University_-_Neuroscience_Institute",
    "InstitutionalDepartmentName": "Department",
    "InversionTime": 1.1,
    "MRAcquisitionType": "3D",
    "MagneticFieldStrength": 3,
    "Manufacturer": "Siemens",
    "ManufacturersModelName": "Skyra",
    "Modality": "MR",
    "ParallelReductionFactorInPlane": 2,
    "PartialFourier": 1,
    "PatientPosition": "HFS",
    "PercentPhaseFOV": 100,
    "PhaseEncodingSteps": 255,
    "PhaseResolution": 1,
    "PixelBandwidth": 200,
    "ProcedureStepDescription": "NormanLab_Anna",
    "ProtocolName": "MPRAGE_tfl",
    "PulseSequenceDetails": "%SiemensSeq%_tfl",
    "ReceiveCoilActiveElements": "HE1-4",
    "ReceiveCoilName": "HeadNeck_20",
    "ReconMatrixPE": 256,
    "RepetitionTime": 2.53,
    "SAR": 0.0632543,
    "ScanOptions": "IR",
    "ScanningSequence": "GR_IR",
    "SequenceName": "_tfl3d1_16ns",
    "SequenceVariant": "SK_SP_MP",
    "SeriesDescription": "MPRAGE_tfl",
    "SeriesNumber": 5,
    "ShimSetting": [
      3232,
      10567,
      9919,
      327,
      -36,
      -300,
      447,
      -65
    ],
    "SliceThickness": 1,
    "SoftwareVersions": "syngo_MR_D11",
    "StationName": "AWP45031",
    "TxRefAmp": 351.085,
    "dataset": "ds001454",
    "modality": "T1w",
    "session_id": "1",
    "subject_id": "23"
  },
  "cjv": 0.3345550190313487,
  "cnr": 3.9465020105303577,
  "efc": 0.5282427300323459,
  "fber": 27955.381919684743,
  "fwhm_avg": 3.549098074194564,
  "fwhm_x": 3.6153842225836925,
  "fwhm_y": 3.71605,
  "fwhm_z": 3.31586,
  "icvs_csf": 0.18858543213538043,
  "icvs_gm": 0.45865542746044835,
  "icvs_wm": 0.3527591404041712,
  "inu_med": 0.5357886552810669,
  "inu_range": 0.2341991022229194,
  "provenance": {
    "md5sum": "07781eb3c481d6412cc7b5c81b8d2272",
    "settings": {
      "testing": false
    },
    "software": "mriqc",
    "version": "23.0.1",
    "warnings": {
      "large_rot_frame": true,
      "small_air_mask": false
    },
    "webapi_port": null,
    "webapi_url": "https://mriqc.nimh.nih.gov/api/v1"
  },
  "qi_1": 0.0001378525611459851,
  "qi_2": 0.014862539703005022,
  "rpve_csf": 23.32909458035938,
  "rpve_gm": 10.532024240268415,
  "rpve_wm": 15.425054783432035,
  "size_x": 176,
  "size_y": 256,
  "size_z": 256,
  "snr_csf": 1.6799852185290929,
  "snr_gm": 8.834487730254558,
  "snr_total": 10.840245990011425,
  "snr_wm": 22.006265021250623,
  "snrd_csf": 19.22598840338988,
  "snrd_gm": 67.14439116903554,
  "snrd_total": 62.926632254597656,
  "snrd_wm": 102.40951719136754,
  "spacing_x": 0.9999960660934448,
  "spacing_y": 1.0,
  "spacing_z": 1.0,
  "summary_bg_k": 14.858694971721366,
  "summary_bg_mad": 0.0,
  "summary_bg_mean": 3.422086228780354,
  "summary_bg_median": 0.0,
  "summary_bg_n": 3632455.0,
  "summary_bg_p05": 0.0,
  "summary_bg_p95": 16.019328143447638,
  "summary_bg_stdv": 6.39738980065396,
  "summary_csf_k": 2.8004289227971917,
  "summary_csf_mad": 97.45406473023782,
  "summary_csf_mean": 204.32706600493623,
  "summary_csf_median": 187.74127360247076,
  "summary_csf_n": 35579.0,
  "summary_csf_p05": 54.51561195570976,
  "summary_csf_p95": 417.5529794767499,
  "summary_csf_stdv": 111.75017085943308,
  "summary_gm_k": 0.1718783638121164,
  "summary_gm_mad": 71.40661394936322,
  "summary_gm_mean": 656.8701232703436,
  "summary_gm_median": 655.6632225532085,
  "summary_gm_n": 51217.0,
  "summary_gm_p05": 534.7304256670177,
  "summary_gm_p95": 781.8587626524268,
  "summary_gm_stdv": 74.21560159518067,
  "summary_wm_k": 0.369126291333159,
  "summary_wm_mad": 43.80176700819718,
  "summary_wm_mean": 998.588385888698,
  "summary_wm_median": 1000.0262552499771,
  "summary_wm_n": 240892.0,
  "summary_wm_p05": 922.1355548016727,
  "summary_wm_p95": 1070.7476498242468,
  "summary_wm_stdv": 45.44270363956317,
  "tpm_overlap_csf": 0.15534975943438664,
  "tpm_overlap_gm": 0.46525719590984294,
  "tpm_overlap_wm": 0.5145284608704865,
  "wm2max": 0.6754308010900908
}