{
  "aor": 0.0009367179487179487,
  "aqi": 0.007024903333333333,
  "bids_meta": {
    "AcquisitionMatrixPE": 64,
    "AcquisitionNumber": 1,
    "AcquisitionTime": "12:08:53.842500",
    "BandwidthPerPixelPhaseEncode": 47.348,
    "BaseResolution": 64,
    "BodyPartExamined": "HEAD",
    "ConsistencyInfo": "N4_VD11D_LATEST_20110129",
    "ConversionSoftware": "dcm2niix",
    "ConversionSoftwareVersion": "v1.0.20180518 GCC4.8.5",
    "DerivedVendorReportedEchoSpacing": 0.000660007,
    "DeviceSerialNumber": "45031",
    "DwellTime": 4.5e-06,
    "EchoTime": 0.03,
    "EchoTrainLength": 32,
    "EffectiveEchoSpacing": 0.000330003,
    "FlipAngle": 71,
    "ImageOrientationPatientDICOM": [
      0.994885,
      -0.0278184,
      0.0971081,
      0.0203187,
      0.996794,
      0.0773821
    ],
    "ImageType": [
      "ORIGINAL",
      "PRIMARY",
      "M",
      "ND",
      "NORM",
      "MOSAIC"
    ],
    "InPlanePhaseEncodingDirectionDICOM": "COL",
    "InstitutionAddress": "Washington_and_Faculty_Rd._-_Building_25_25_Princeton_NJ_US_085",
    "InstitutionName": "Princeton_University_-_Neuroscience_Institute",
    "InstitutionalDepartmentName": "Department",
    "MRAcquisitionType": "2D",
    "MagneticFieldStrength": 3,
    "Manufacturer": "Siemens",
    "ManufacturersModelName": "Skyra",
    "Modality": "MR",
    "ParallelReductionFactorInPlane": 2,
    "PartialFourier": 1,
    "PatientPosition": "HFS",
    "PercentPhaseFOV": 100,
    "PhaseEncodingDirection": "j-",
    "PhaseEncodingSteps": 64,
    "PhaseResolution": 1,
    "PixelBandwidth": 1735,
    "ProcedureStepDescription": "NormanLab_Anna",
    "ProtocolName": "epi_195_3x3x3_2s",
    "PulseSequenceDetails": "%SiemensSeq%_ep2d_bold",
    "ReceiveCoilActiveElements": "HE1-4",
    "ReceiveCoilName": "HeadNeck_20",
    "ReconMatrixPE": 64,
    "RepetitionTime": 2,
    "SAR": 0.115693,
    "ScanOptions": "FS",
    "ScanningSequence": "EP",
    "SequenceName": "_epfid2d1_64",
    "SequenceVariant": "SK",
    "SeriesDescription": "epi_195_3x3x3_2s",
    "SeriesNumber": 16,
    "ShimSetting": [
      3263,
      10557,
      10048,
      667,
      26,
      409,
      701,
      66
    ],
    "SliceThickness": 3,
    "SliceTiming": [
      1,
      0,
      1.0575,
      0.0575,
      1.1125,
      0.1125,
      1.1675,
      0.1675,
      1.2225,
      0.2225,
      1.2775,
      0.28,
      1.335,
      0.335,
      1.39,
      0.39,
      1.445,
      0.445,
      1.5,
      0.5,
      1.5575,
      0.5575,
      1.6125,
      0.6125,
      1.6675,
      0.6675,
      1.7225,
      0.7225,
      1.7775,
      0.7775,
      1.835,
      0.835,
      1.89,
      0.89,
      1.945,
      0.945
    ],
    "SoftwareVersions": "syngo_MR_D11",
    "SpacingBetweenSlices": 3,
    "StationName": "AWP45031",
    "TotalReadoutTime": 0.0207902,
    "TxRefAmp": 340.859,
    "dataset": "ds001454",
    "modality": "bold",
    "run_id": 8,
    "session_id": "1",
    "subject_id": "20",
    "task_id": "satellite"
  },
  "dummy_trs": 0,
  "dvars_nstd": 23.757772130824744,
  "dvars_std": 1.1483646177319586,
  "dvars_vstd": 1.0121841033505155,
  "efc": 0.6051806575956393,
  "fber": 1075.093994140625,
  "fd_mean": 0.09168101724625975,
  "fd_num": 7,
  "fd_perc": 3.58974358974359,
  "fwhm_avg": 1.6659410693234016,
  "fwhm_x": 1.5774332079702054,
  "fwhm_y": 1.7549066666666666,
  "fwhm_z": 1.6654833333333334,
  "gcor": 0.0284063,
  "gsr_x": -0.0029067457653582096,
  "gsr_y": 0.04093143343925476,
  "provenance": {
    "md5sum": "20b32c4f959d00ed6c3b3dff048de423",
    "settings": {
      "fd_thres": 0.2,
      "testing": false
    },
    "software": "mriqc",
    "version": "23.0.1",
    "webapi_port": null,
    "webapi_url": "https://mriqc.nimh.nih.gov/api/v1"
  },
  "size_t": 195,
  "size_x": 64,
  "size_y": 64,
  "size_z": 36,
  "snr": 6.764309522446151,
  "spacing_tr": 2.0,
  "spacing_x": 3.000000238418579,
  "spacing_y": 3.0,
  "spacing_z": 3.0,
  "summary_bg_k": 19.368312668966226,
  "summary_bg_mad": 14.795611601068194,
  "summary_bg_mean": 49.86799240112305,
  "summary_bg_median": 22.174360275268555,
  "summary_bg_n": 75744.0,
  "summary_bg_p05": 9.764102935791016,
  "summary_bg_p95": 191.29667053222653,
  "summary_bg_stdv": 72.59485626220703,
  "summary_fg_k": 1.963122210934075,
  "summary_fg_mad": 106.46222303864656,
  "summary_fg_mean": 760.8369750976562,
  "summary_fg_median": 751.28466796875,
  "summary_fg_n": 37878.0,
  "summary_fg_p05": 606.7376953125,
  "summary_fg_p95": 946.876953125,
  "summary_fg_stdv": 111.06451416015625,
  "tsnr": 66.4034374654293
}