{
  "aor": 0.0037312820512820513,
  "aqi": 0.014017273435897438,
  "bids_meta": {
    "AcquisitionMatrixPE": 64,
    "AcquisitionNumber": 1,
    "AcquisitionTime": "12:16:3.022500",
    "BandwidthPerPixelPhaseEncode": 47.348,
    "BaseResolution": 64,
    "BodyPartExamined": "HEAD",
    "ConsistencyInfo": "N4_VD11D_LATEST_20110129",
    "ConversionSoftware": "dcm2niix",
    "ConversionSoftwareVersion": "v1.0.20180518 GCC4.8.5",
    "DerivedVendorReportedEchoSpacing": 0.000660007,
    "DeviceSerialNumber": "45031",
    "DwellTime": 4.5e-06,
    "EchoTime": 0.03,
    "EchoTrainLength": 32,
    "EffectiveEchoSpacing": 0.000330003,
    "FlipAngle": 71,
    "ImageOrientationPatientDICOM": [
      0.994885,
      -0.0278184,
      0.0971081,
      0.0203187,
      0.996794,
      0.0773821
    ],
    "ImageType": [
      "ORIGINAL",
      "PRIMARY",
      "M",
      "ND",
      "NORM",
      "MOSAIC"
    ],
    "InPlanePhaseEncodingDirectionDICOM": "COL",
    "InstitutionAddress": "Washington_and_Faculty_Rd._-_Building_25_25_Princeton_NJ_US_085",
    "InstitutionName": "Princeton_University_-_Neuroscience_Institute",
    "InstitutionalDepartmentName": "Department",
    "MRAcquisitionType": "2D",
    "MagneticFieldStrength": 3,
    "Manufacturer": "Siemens",
    "ManufacturersModelName": "Skyra",
    "Modality": "MR",
    "ParallelReductionFactorInPlane": 2,
    "PartialFourier": 1,
    "PatientPosition": "HFS",
    "PercentPhaseFOV": 100,
    "PhaseEncodingDirection": "j-",
    "PhaseEncodingSteps": 64,
    "PhaseResolution": 1,
    "PixelBandwidth": 1735,
    "ProcedureStepDescription": "NormanLab_Anna",
    "ProtocolName": "epi_195_3x3x3_2s",
    "PulseSequenceDetails": "%SiemensSeq%_ep2d_bold",
    "ReceiveCoilActiveElements": "HE1-4",
    "ReceiveCoilName": "HeadNeck_20",
    "ReconMatrixPE": 64,
    "RepetitionTime": 2,
    "SAR": 0.115693,
    "ScanOptions": "FS",
    "ScanningSequence": "EP",
    "SequenceName": "_epfid2d1_64",
    "SequenceVariant": "SK",
    "SeriesDescription": "epi_195_3x3x3_2s",
    "SeriesNumber": 17,
    "ShimSetting": [
      3263,
      10557,
      10048,
      667,
      26,
      409,
      701,
      66
    ],
    "SliceThickness": 3,
    "SliceTiming": [
      1,
      0,
      1.055,
      0.055,
      1.11,
      0.1125,
      1.1675,
      0.1675,
      1.2225,
      0.2225,
      1.2775,
      0.2775,
      1.3325,
      0.3325,
      1.39,
      0.39,
      1.445,
      0.445,
      1.5,
      0.5,
      1.555,
      0.555,
      1.61,
      0.61,
      1.6675,
      0.6675,
      1.7225,
      0.7225,
      1.7775,
      0.7775,
      1.8325,
      0.8325,
      1.8875,
      0.89,
      1.945,
      0.945
    ],
    "SoftwareVersions": "syngo_MR_D11",
    "SpacingBetweenSlices": 3,
    "StationName": "AWP45031",
    "TotalReadoutTime": 0.0207902,
    "TxRefAmp": 340.859,
    "dataset": "ds001454",
    "modality": "bold",
    "run_id": 1,
    "session_id": "1",
    "subject_id": "20",
    "task_id": "rest"
  },
  "dummy_trs": 0,
  "dvars_nstd": 25.383539878711346,
  "dvars_std": 1.1418413493298971,
  "dvars_vstd": 1.0102762828865979,
  "efc": 0.6049430393708348,
  "fber": 1066.5849609375,
  "fd_mean": 0.1284050567515776,
  "fd_num": 24,
  "fd_perc": 12.307692307692308,
  "fwhm_avg": 1.6698688470028096,
  "fwhm_x": 1.5811465410084293,
  "fwhm_y": 1.7556466666666666,
  "fwhm_z": 1.6728133333333333,
  "gcor": 0.0341082,
  "gsr_x": -0.0024241816718131304,
  "gsr_y": 0.041350360959768295,
  "provenance": {
    "md5sum": "832cbd4af8e4ad5782a989fc09d2d9f6",
    "settings": {
      "fd_thres": 0.2,
      "testing": false
    },
    "software": "mriqc",
    "version": "23.0.1",
    "webapi_port": null,
    "webapi_url": "https://mriqc.nimh.nih.gov/api/v1"
  },
  "size_t": 195,
  "size_x": 64,
  "size_y": 64,
  "size_z": 36,
  "snr": 6.805483771612064,
  "spacing_tr": 2.0,
  "spacing_x": 3.000000238418579,
  "spacing_y": 3.0,
  "spacing_z": 3.0,
  "summary_bg_k": 19.194070841322333,
  "summary_bg_mad": 15.190971815624446,
  "summary_bg_mean": 49.56462097167969,
  "summary_bg_median": 22.27692413330078,
  "summary_bg_n": 75736.0,
  "summary_bg_p05": 9.615385055541992,
  "summary_bg_p95": 188.84872436523438,
  "summary_bg_stdv": 71.159912109375,
  "summary_fg_k": 1.921768752307945,
  "summary_fg_mad": 105.9186444542616,
  "summary_fg_mean": 760.461669921875,
  "summary_fg_median": 750.84619140625,
  "summary_fg_n": 37818.0,
  "summary_fg_p05": 608.2071899414062,
  "summary_fg_p95": 945.0982421875,
  "summary_fg_stdv": 110.328125,
  "tsnr": 51.61311437096447
}