{
  "aor": 0.0007737948717948718,
  "aqi": 0.009496075999999999,
  "bids_meta": {
    "AcquisitionMatrixPE": 64,
    "AcquisitionNumber": 1,
    "AcquisitionTime": "11:25:10.810000",
    "BandwidthPerPixelPhaseEncode": 47.348,
    "BaseResolution": 64,
    "BodyPartExamined": "HEAD",
    "ConsistencyInfo": "N4_VD11D_LATEST_20110129",
    "ConversionSoftware": "dcm2niix",
    "ConversionSoftwareVersion": "v1.0.20180518 GCC4.8.5",
    "DerivedVendorReportedEchoSpacing": 0.000660007,
    "DeviceSerialNumber": "45031",
    "DwellTime": 4.5e-06,
    "EchoTime": 0.03,
    "EchoTrainLength": 32,
    "EffectiveEchoSpacing": 0.000330003,
    "FlipAngle": 71,
    "ImageOrientationPatientDICOM": [
      0.994885,
      -0.0278184,
      0.0971081,
      0.0203187,
      0.996794,
      0.0773821
    ],
    "ImageType": [
      "ORIGINAL",
      "PRIMARY",
      "M",
      "ND",
      "NORM",
      "MOSAIC"
    ],
    "InPlanePhaseEncodingDirectionDICOM": "COL",
    "InstitutionAddress": "Washington_and_Faculty_Rd._-_Building_25_25_Princeton_NJ_US_085",
    "InstitutionName": "Princeton_University_-_Neuroscience_Institute",
    "InstitutionalDepartmentName": "Department",
    "MRAcquisitionType": "2D",
    "MagneticFieldStrength": 3,
    "Manufacturer": "Siemens",
    "ManufacturersModelName": "Skyra",
    "Modality": "MR",
    "ParallelReductionFactorInPlane": 2,
    "PartialFourier": 1,
    "PatientPosition": "HFS",
    "PercentPhaseFOV": 100,
    "PhaseEncodingDirection": "j-",
    "PhaseEncodingSteps": 64,
    "PhaseResolution": 1,
    "PixelBandwidth": 1735,
    "ProcedureStepDescription": "NormanLab_Anna",
    "ProtocolName": "epi_195_3x3x3_2s",
    "PulseSequenceDetails": "%SiemensSeq%_ep2d_bold",
    "ReceiveCoilActiveElements": "HE1-4",
    "ReceiveCoilName": "HeadNeck_20",
    "ReconMatrixPE": 64,
    "RepetitionTime": 2,
    "SAR": 0.115693,
    "ScanOptions": "FS",
    "ScanningSequence": "EP",
    "SequenceName": "_epfid2d1_64",
    "SequenceVariant": "SK",
    "SeriesDescription": "epi_195_3x3x3_2s",
    "SeriesNumber": 10,
    "ShimSetting": [
      3263,
      10557,
      10048,
      667,
      26,
      409,
      701,
      66
    ],
    "SliceThickness": 3,
    "SliceTiming": [
      1,
      0,
      1.055,
      0.055,
      1.11,
      0.11,
      1.165,
      0.165,
      1.2225,
      0.2225,
      1.2775,
      0.2775,
      1.3325,
      0.3325,
      1.3875,
      0.3875,
      1.4425,
      0.445,
      1.5,
      0.5,
      1.555,
      0.555,
      1.61,
      0.61,
      1.665,
      0.665,
      1.7225,
      0.7225,
      1.7775,
      0.7775,
      1.8325,
      0.8325,
      1.8875,
      0.8875,
      1.9425,
      0.9425
    ],
    "SoftwareVersions": "syngo_MR_D11",
    "SpacingBetweenSlices": 3,
    "StationName": "AWP45031",
    "TotalReadoutTime": 0.0207902,
    "TxRefAmp": 340.859,
    "dataset": "ds001454",
    "modality": "bold",
    "run_id": 2,
    "session_id": "1",
    "subject_id": "20",
    "task_id": "satellite"
  },
  "dummy_trs": 0,
  "dvars_nstd": 25.79863703608246,
  "dvars_std": 1.1471554312886598,
  "dvars_vstd": 0.9942070258247424,
  "efc": 0.6047170670032713,
  "fber": 1078.275146484375,
  "fd_mean": 0.14481176012641853,
  "fd_num": 33,
  "fd_perc": 16.923076923076923,
  "fwhm_avg": 1.6756777359702004,
  "fwhm_x": 1.5781832079106006,
  "fwhm_y": 1.7679766666666668,
  "fwhm_z": 1.6808733333333334,
  "gcor": 0.0224479,
  "gsr_x": -0.006126165855675936,
  "gsr_y": 0.040459830313920975,
  "provenance": {
    "md5sum": "5c8fcd2e87f9cad2644c2602d448d55a",
    "settings": {
      "fd_thres": 0.2,
      "testing": false
    },
    "software": "mriqc",
    "version": "23.0.1",
    "webapi_port": null,
    "webapi_url": "https://mriqc.nimh.nih.gov/api/v1"
  },
  "size_t": 195,
  "size_x": 64,
  "size_y": 64,
  "size_z": 36,
  "snr": 6.771414083662729,
  "spacing_tr": 2.0,
  "spacing_x": 3.000000238418579,
  "spacing_y": 3.0,
  "spacing_z": 3.0,
  "summary_bg_k": 20.94400239650388,
  "summary_bg_mad": 14.727183545336613,
  "summary_bg_mean": 48.952781677246094,
  "summary_bg_median": 22.235898971557617,
  "summary_bg_n": 75815.0,
  "summary_bg_p05": 9.825641632080078,
  "summary_bg_p95": 184.36513061523442,
  "summary_bg_stdv": 70.43595886230469,
  "summary_fg_k": 1.7787229655870282,
  "summary_fg_mad": 106.96019423056772,
  "summary_fg_mean": 763.892822265625,
  "summary_fg_median": 753.7487182617188,
  "summary_fg_n": 37975.0,
  "summary_fg_p05": 609.7579467773437,
  "summary_fg_p95": 952.0954223632812,
  "summary_fg_stdv": 111.31187438964844,
  "tsnr": 61.00844073202461
}