{
  "bids_meta": {
    "AcquisitionMatrixPE": 256,
    "AcquisitionNumber": 1,
    "AcquisitionTime": "22:27:49.480000",
    "BaseResolution": 256,
    "BodyPartExamined": "HEAD",
    "ConsistencyInfo": "N4_VD11D_LATEST_20110129",
    "ConversionSoftware": "dcm2niix",
    "ConversionSoftwareVersion": "v1.0.20180518 GCC4.8.5",
    "DeviceSerialNumber": "45031",
    "DwellTime": 9.8e-06,
    "EchoTime": 0.0033,
    "FlipAngle": 7,
    "ImageOrientationPatientDICOM": [
      0,
      1,
      0,
      0,
      0,
      -1
    ],
    "ImageType": [
      "ORIGINAL",
      "PRIMARY",
      "M",
      "ND",
      "NORM"
    ],
    "InPlanePhaseEncodingDirectionDICOM": "ROW",
    "InstitutionAddress": "Washington_and_Faculty_Rd._-_Building_25_25_Princeton_NJ_US_085",
    "InstitutionName": "Princeton_University_-_Neuroscience_Institute",
    "InstitutionalDepartmentName": "Department",
    "InversionTime": 1.1,
    "MRAcquisitionType": "3D",
    "MagneticFieldStrength": 3,
    "Manufacturer": "Siemens",
    "ManufacturersModelName": "Skyra",
    "Modality": "MR",
    "ParallelReductionFactorInPlane": 2,
    "PartialFourier": 1,
    "PatientPosition": "HFS",
    "PercentPhaseFOV": 100,
    "PhaseEncodingSteps": 255,
    "PhaseResolution": 1,
    "PixelBandwidth": 200,
    "ProcedureStepDescription": "NormanLab_Anna",
    "ProtocolName": "MPRAGE_tfl",
    "PulseSequenceDetails": "%SiemensSeq%_tfl",
    "ReceiveCoilActiveElements": "HE1-4",
    "ReceiveCoilName": "HeadNeck_20",
    "ReconMatrixPE": 256,
    "RepetitionTime": 2.53,
    "SAR": 0.0678792,
    "ScanOptions": "IR",
    "ScanningSequence": "GR_IR",
    "SequenceName": "_tfl3d1_16ns",
    "SequenceVariant": "SK_SP_MP",
    "SeriesDescription": "MPRAGE_tfl",
    "SeriesNumber": 5,
    "ShimSetting": [
      3237,
      10533,
      10004,
      160,
      -145,
      -452,
      736,
      16
    ],
    "SliceThickness": 1,
    "SoftwareVersions": "syngo_MR_D11",
    "StationName": "AWP45031",
    "TxRefAmp": 362.513,
    "dataset": "ds001454",
    "modality": "T1w",
    "session_id": "2",
    "subject_id": "11"
  },
  "cjv": 0.34628949155752786,
  "cnr": 3.8678903463190064,
  "efc": 0.5006058984142524,
  "fber": -1.0,
  "fwhm_avg": 3.63088,
  "fwhm_x": 3.65068,
  "fwhm_y": 3.83155,
  "fwhm_z": 3.41041,
  "icvs_csf": 0.20286358349696673,
  "icvs_gm": 0.4542951437113206,
  "icvs_wm": 0.3428412727917126,
  "inu_med": 0.6312868297100067,
  "inu_range": 0.278378665447235,
  "provenance": {
    "md5sum": "df243723f9acac3b97b1bc9402c2162d",
    "settings": {
      "testing": false
    },
    "software": "mriqc",
    "version": "23.0.1",
    "warnings": {
      "large_rot_frame": true,
      "small_air_mask": false
    },
    "webapi_port": null,
    "webapi_url": "https://mriqc.nimh.nih.gov/api/v1"
  },
  "qi_1": 9.892341500430874e-05,
  "qi_2": 0.019468580150373813,
  "rpve_csf": 23.84752142944886,
  "rpve_gm": 11.374028277560424,
  "rpve_wm": 16.872593845192995,
  "size_x": 176,
  "size_y": 256,
  "size_z": 256,
  "snr_csf": 1.7179720016316895,
  "snr_gm": 9.5615247688442,
  "snr_total": 10.45787704463853,
  "snr_wm": 20.0941343634397,
  "snrd_csf": 16.950814467447717,
  "snrd_gm": 63.83160326939831,
  "snrd_total": 58.80919305862875,
  "snrd_wm": 95.64516143904022,
  "spacing_x": 1.0,
  "spacing_y": 1.0,
  "spacing_z": 1.0,
  "summary_bg_k": 17.081344033137263,
  "summary_bg_mad": 0.0,
  "summary_bg_mean": 3.6229499240493044,
  "summary_bg_median": 0.0,
  "summary_bg_n": 4498146.0,
  "summary_bg_p05": 0.0,
  "summary_bg_p95": 16.98283613473177,
  "summary_bg_stdv": 6.849449038116689,
  "summary_csf_k": 2.292844812663912,
  "summary_csf_mad": 76.85334733541123,
  "summary_csf_mean": 197.11663555148988,
  "summary_csf_median": 177.22071289177984,
  "summary_csf_n": 32450.0,
  "summary_csf_p05": 63.92652679793537,
  "summary_csf_p95": 412.4992384633049,
  "summary_csf_stdv": 103.15533782208456,
  "summary_gm_k": 0.12989959489680336,
  "summary_gm_mad": 67.99166307977421,
  "summary_gm_mean": 666.6513256236613,
  "summary_gm_median": 667.3592149894685,
  "summary_gm_n": 32033.0,
  "summary_gm_p05": 550.4064923878759,
  "summary_gm_p95": 782.2161833446472,
  "summary_gm_stdv": 69.79522767511213,
  "summary_wm_k": 0.5715993734737115,
  "summary_wm_mad": 47.187910620696876,
  "summary_wm_mean": 998.8456695827508,
  "summary_wm_median": 999.9698673728853,
  "summary_wm_n": 199310.0,
  "summary_wm_p05": 915.6579149309546,
  "summary_wm_p95": 1077.777754912153,
  "summary_wm_stdv": 49.76414214736534,
  "tpm_overlap_csf": 0.1596558430368256,
  "tpm_overlap_gm": 0.4526026528917103,
  "tpm_overlap_wm": 0.5058213163798728,
  "wm2max": 0.6593557249351347
}