{
  "aor": 0.0008957731958762886,
  "aqi": 0.007245936340206187,
  "bids_meta": {
    "AcquisitionMatrixPE": 64,
    "AcquisitionNumber": 1,
    "AcquisitionTime": "09:52:34.930000",
    "BandwidthPerPixelPhaseEncode": 47.348,
    "BaseResolution": 64,
    "BodyPartExamined": "HEAD",
    "ConsistencyInfo": "N4_VD11D_LATEST_20110129",
    "ConversionSoftware": "dcm2niix",
    "ConversionSoftwareVersion": "v1.0.20180518 GCC4.8.5",
    "DerivedVendorReportedEchoSpacing": 0.000660007,
    "DeviceSerialNumber": "45031",
    "DwellTime": 4.5e-06,
    "EchoTime": 0.03,
    "EchoTrainLength": 32,
    "EffectiveEchoSpacing": 0.000330003,
    "FlipAngle": 71,
    "ImageOrientationPatientDICOM": [
      0.999933,
      0.0115931,
      -0.000602029,
      -0.0109953,
      0.962454,
      0.271223
    ],
    "ImageType": [
      "ORIGINAL",
      "PRIMARY",
      "M",
      "ND",
      "NORM",
      "MOSAIC"
    ],
    "InPlanePhaseEncodingDirectionDICOM": "COL",
    "InstitutionAddress": "Washington_and_Faculty_Rd._-_Building_25_25_Princeton_NJ_US_085",
    "InstitutionName": "Princeton_University_-_Neuroscience_Institute",
    "InstitutionalDepartmentName": "Department",
    "MRAcquisitionType": "2D",
    "MagneticFieldStrength": 3,
    "Manufacturer": "Siemens",
    "ManufacturersModelName": "Skyra",
    "Modality": "MR",
    "ParallelReductionFactorInPlane": 2,
    "PartialFourier": 1,
    "PatientPosition": "HFS",
    "PercentPhaseFOV": 100,
    "PhaseEncodingDirection": "j-",
    "PhaseEncodingSteps": 64,
    "PhaseResolution": 1,
    "PixelBandwidth": 1735,
    "ProcedureStepDescription": "NormanLab_Anna",
    "ProtocolName": "epi_195_3x3x3_2s",
    "PulseSequenceDetails": "%SiemensSeq%_ep2d_bold",
    "ReceiveCoilActiveElements": "HE1-4",
    "ReceiveCoilName": "HeadNeck_20",
    "ReconMatrixPE": 64,
    "RepetitionTime": 2,
    "SAR": 0.108749,
    "ScanOptions": "FS",
    "ScanningSequence": "EP",
    "SequenceName": "_epfid2d1_64",
    "SequenceVariant": "SK",
    "SeriesDescription": "epi_195_3x3x3_2s",
    "SeriesNumber": 11,
    "ShimSetting": [
      3189,
      10497,
      10135,
      656,
      -57,
      55,
      930,
      19
    ],
    "SliceThickness": 3,
    "SliceTiming": [
      1,
      0,
      1.055,
      0.0575,
      1.1125,
      0.1125,
      1.1675,
      0.1675,
      1.2225,
      0.2225,
      1.2775,
      0.2775,
      1.335,
      0.335,
      1.39,
      0.39,
      1.445,
      0.445,
      1.5,
      0.5,
      1.555,
      0.5575,
      1.6125,
      0.6125,
      1.6675,
      0.6675,
      1.7225,
      0.7225,
      1.7775,
      0.7775,
      1.8325,
      0.835,
      1.89,
      0.89,
      1.945,
      0.945
    ],
    "SoftwareVersions": "syngo_MR_D11",
    "SpacingBetweenSlices": 3,
    "StationName": "AWP45031",
    "TotalReadoutTime": 0.0207902,
    "TxRefAmp": 325.207,
    "dataset": "ds001454",
    "modality": "bold",
    "run_id": 3,
    "session_id": "2",
    "subject_id": "12",
    "task_id": "satellite"
  },
  "dummy_trs": 1,
  "dvars_nstd": 24.51023106756476,
  "dvars_std": 1.172855019326425,
  "dvars_vstd": 1.0151846065803112,
  "efc": 0.5866194048509669,
  "fber": 1069.30615234375,
  "fd_mean": 0.0853767415482456,
  "fd_num": 6,
  "fd_perc": 3.0927835051546393,
  "fwhm_avg": 1.662498888888889,
  "fwhm_x": 1.5437200000000002,
  "fwhm_y": 1.79742,
  "fwhm_z": 1.6463566666666667,
  "gcor": 0.0553055,
  "gsr_x": -0.0033452524803578854,
  "gsr_y": 0.04148058220744133,
  "provenance": {
    "md5sum": "902616223535a55fbdf6d74432a29a2e",
    "settings": {
      "fd_thres": 0.2,
      "testing": false
    },
    "software": "mriqc",
    "version": "23.0.1",
    "webapi_port": null,
    "webapi_url": "https://mriqc.nimh.nih.gov/api/v1"
  },
  "size_t": 194,
  "size_x": 64,
  "size_y": 64,
  "size_z": 36,
  "snr": 6.779419036201222,
  "spacing_tr": 2.0,
  "spacing_x": 3.0,
  "spacing_y": 3.0,
  "spacing_z": 3.0,
  "summary_bg_k": 20.34843729768968,
  "summary_bg_mad": 15.315126686806657,
  "summary_bg_mean": 50.088443756103516,
  "summary_bg_median": 22.82474136352539,
  "summary_bg_n": 80258.0,
  "summary_bg_p05": 10.149484634399414,
  "summary_bg_p95": 190.26158676147446,
  "summary_bg_stdv": 71.15155029296875,
  "summary_fg_k": 2.720866864478743,
  "summary_fg_mad": 106.60981362814745,
  "summary_fg_mean": 770.7909545898438,
  "summary_fg_median": 762.6546020507812,
  "summary_fg_n": 34577.0,
  "summary_fg_p05": 615.2463500976562,
  "summary_fg_p95": 953.2886352539062,
  "summary_fg_stdv": 112.49394226074219,
  "tsnr": 65.5056883469224
}