{
  "aor": 0.0005847179487179487,
  "aqi": 0.007625285692307694,
  "bids_meta": {
    "AcquisitionMatrixPE": 64,
    "AcquisitionNumber": 1,
    "AcquisitionTime": "10:27:29.727500",
    "BandwidthPerPixelPhaseEncode": 47.348,
    "BaseResolution": 64,
    "BodyPartExamined": "HEAD",
    "ConsistencyInfo": "N4_VD11D_LATEST_20110129",
    "ConversionSoftware": "dcm2niix",
    "ConversionSoftwareVersion": "v1.0.20180518 GCC4.8.5",
    "DerivedVendorReportedEchoSpacing": 0.000660007,
    "DeviceSerialNumber": "45031",
    "DwellTime": 4.5e-06,
    "EchoTime": 0.03,
    "EchoTrainLength": 32,
    "EffectiveEchoSpacing": 0.000330003,
    "FlipAngle": 71,
    "ImageOrientationPatientDICOM": [
      0.999933,
      0.0115931,
      -0.000602029,
      -0.0109953,
      0.962454,
      0.271223
    ],
    "ImageType": [
      "ORIGINAL",
      "PRIMARY",
      "M",
      "ND",
      "NORM",
      "MOSAIC"
    ],
    "InPlanePhaseEncodingDirectionDICOM": "COL",
    "InstitutionAddress": "Washington_and_Faculty_Rd._-_Building_25_25_Princeton_NJ_US_085",
    "InstitutionName": "Princeton_University_-_Neuroscience_Institute",
    "InstitutionalDepartmentName": "Department",
    "MRAcquisitionType": "2D",
    "MagneticFieldStrength": 3,
    "Manufacturer": "Siemens",
    "ManufacturersModelName": "Skyra",
    "Modality": "MR",
    "ParallelReductionFactorInPlane": 2,
    "PartialFourier": 1,
    "PatientPosition": "HFS",
    "PercentPhaseFOV": 100,
    "PhaseEncodingDirection": "j-",
    "PhaseEncodingSteps": 64,
    "PhaseResolution": 1,
    "PixelBandwidth": 1735,
    "ProcedureStepDescription": "NormanLab_Anna",
    "ProtocolName": "epi_195_3x3x3_2s",
    "PulseSequenceDetails": "%SiemensSeq%_ep2d_bold",
    "ReceiveCoilActiveElements": "HE1-4",
    "ReceiveCoilName": "HeadNeck_20",
    "ReconMatrixPE": 64,
    "RepetitionTime": 2,
    "SAR": 0.108749,
    "ScanOptions": "FS",
    "ScanningSequence": "EP",
    "SequenceName": "_epfid2d1_64",
    "SequenceVariant": "SK",
    "SeriesDescription": "epi_195_3x3x3_2s",
    "SeriesNumber": 16,
    "ShimSetting": [
      3189,
      10497,
      10135,
      656,
      -57,
      55,
      930,
      19
    ],
    "SliceThickness": 3,
    "SliceTiming": [
      1,
      0,
      1.055,
      0.0575,
      1.1125,
      0.1125,
      1.1675,
      0.1675,
      1.2225,
      0.2225,
      1.2775,
      0.2775,
      1.3325,
      0.335,
      1.39,
      0.39,
      1.445,
      0.445,
      1.5,
      0.5,
      1.555,
      0.555,
      1.6125,
      0.6125,
      1.6675,
      0.6675,
      1.7225,
      0.7225,
      1.7775,
      0.7775,
      1.8325,
      0.835,
      1.89,
      0.89,
      1.945,
      0.945
    ],
    "SoftwareVersions": "syngo_MR_D11",
    "SpacingBetweenSlices": 3,
    "StationName": "AWP45031",
    "TotalReadoutTime": 0.0207902,
    "TxRefAmp": 325.207,
    "dataset": "ds001454",
    "modality": "bold",
    "run_id": 8,
    "session_id": "2",
    "subject_id": "12",
    "task_id": "satellite"
  },
  "dummy_trs": 0,
  "dvars_nstd": 23.722332767422685,
  "dvars_std": 1.1239657778350518,
  "dvars_vstd": 1.0001073112886603,
  "efc": 0.5869556389127741,
  "fber": 1089.71337890625,
  "fd_mean": 0.08911763542036678,
  "fd_num": 7,
  "fd_perc": 3.58974358974359,
  "fwhm_avg": 1.6724688888888888,
  "fwhm_x": 1.5404499999999999,
  "fwhm_y": 1.8165133333333332,
  "fwhm_z": 1.6604433333333333,
  "gcor": 0.0291597,
  "gsr_x": -0.0009193999576382339,
  "gsr_y": 0.04045199975371361,
  "provenance": {
    "md5sum": "eb761313d8d3b3d39e0a4e3f316d4667",
    "settings": {
      "fd_thres": 0.2,
      "testing": false
    },
    "software": "mriqc",
    "version": "23.0.1",
    "webapi_port": null,
    "webapi_url": "https://mriqc.nimh.nih.gov/api/v1"
  },
  "size_t": 195,
  "size_x": 64,
  "size_y": 64,
  "size_z": 36,
  "snr": 6.794770421007047,
  "spacing_tr": 2.0,
  "spacing_x": 3.0,
  "spacing_y": 3.0,
  "spacing_z": 3.0,
  "summary_bg_k": 19.716634422102736,
  "summary_bg_mad": 15.092130348065725,
  "summary_bg_mean": 50.40275573730469,
  "summary_bg_median": 22.55384635925293,
  "summary_bg_n": 80187.0,
  "summary_bg_p05": 10.174359321594238,
  "summary_bg_p95": 192.475390625,
  "summary_bg_stdv": 71.88460540771484,
  "summary_fg_k": 2.658490449360807,
  "summary_fg_mad": 106.61049230958292,
  "summary_fg_mean": 770.4359741210938,
  "summary_fg_median": 762.3487548828125,
  "summary_fg_n": 34512.0,
  "summary_fg_p05": 617.5908081054688,
  "summary_fg_p95": 954.0615844726562,
  "summary_fg_stdv": 112.19477081298828,
  "tsnr": 64.69163237861358
}