{
  "aor": 0.0019974358974358974,
  "aqi": 0.008886513384615383,
  "bids_meta": {
    "AcquisitionMatrixPE": 64,
    "AcquisitionNumber": 1,
    "AcquisitionTime": "10:20:27.672500",
    "BandwidthPerPixelPhaseEncode": 47.348,
    "BaseResolution": 64,
    "BodyPartExamined": "HEAD",
    "ConsistencyInfo": "N4_VD11D_LATEST_20110129",
    "ConversionSoftware": "dcm2niix",
    "ConversionSoftwareVersion": "v1.0.20180518 GCC4.8.5",
    "DerivedVendorReportedEchoSpacing": 0.000660007,
    "DeviceSerialNumber": "45031",
    "DwellTime": 4.5e-06,
    "EchoTime": 0.03,
    "EchoTrainLength": 32,
    "EffectiveEchoSpacing": 0.000330003,
    "FlipAngle": 71,
    "ImageOrientationPatientDICOM": [
      0.999933,
      0.0115931,
      -0.000602029,
      -0.0109953,
      0.962454,
      0.271223
    ],
    "ImageType": [
      "ORIGINAL",
      "PRIMARY",
      "M",
      "ND",
      "NORM",
      "MOSAIC"
    ],
    "InPlanePhaseEncodingDirectionDICOM": "COL",
    "InstitutionAddress": "Washington_and_Faculty_Rd._-_Building_25_25_Princeton_NJ_US_085",
    "InstitutionName": "Princeton_University_-_Neuroscience_Institute",
    "InstitutionalDepartmentName": "Department",
    "MRAcquisitionType": "2D",
    "MagneticFieldStrength": 3,
    "Manufacturer": "Siemens",
    "ManufacturersModelName": "Skyra",
    "Modality": "MR",
    "ParallelReductionFactorInPlane": 2,
    "PartialFourier": 1,
    "PatientPosition": "HFS",
    "PercentPhaseFOV": 100,
    "PhaseEncodingDirection": "j-",
    "PhaseEncodingSteps": 64,
    "PhaseResolution": 1,
    "PixelBandwidth": 1735,
    "ProcedureStepDescription": "NormanLab_Anna",
    "ProtocolName": "epi_195_3x3x3_2s",
    "PulseSequenceDetails": "%SiemensSeq%_ep2d_bold",
    "ReceiveCoilActiveElements": "HE1-4",
    "ReceiveCoilName": "HeadNeck_20",
    "ReconMatrixPE": 64,
    "RepetitionTime": 2,
    "SAR": 0.108749,
    "ScanOptions": "FS",
    "ScanningSequence": "EP",
    "SequenceName": "_epfid2d1_64",
    "SequenceVariant": "SK",
    "SeriesDescription": "epi_195_3x3x3_2s",
    "SeriesNumber": 15,
    "ShimSetting": [
      3189,
      10497,
      10135,
      656,
      -57,
      55,
      930,
      19
    ],
    "SliceThickness": 3,
    "SliceTiming": [
      1,
      0,
      1.055,
      0.055,
      1.11,
      0.11,
      1.1675,
      0.1675,
      1.2225,
      0.2225,
      1.2775,
      0.2775,
      1.3325,
      0.3325,
      1.3875,
      0.39,
      1.445,
      0.445,
      1.5,
      0.5,
      1.555,
      0.555,
      1.61,
      0.61,
      1.665,
      0.6675,
      1.7225,
      0.7225,
      1.7775,
      0.7775,
      1.8325,
      0.8325,
      1.8875,
      0.8875,
      1.945,
      0.945
    ],
    "SoftwareVersions": "syngo_MR_D11",
    "SpacingBetweenSlices": 3,
    "StationName": "AWP45031",
    "TotalReadoutTime": 0.0207902,
    "TxRefAmp": 325.207,
    "dataset": "ds001454",
    "modality": "bold",
    "run_id": 7,
    "session_id": "2",
    "subject_id": "12",
    "task_id": "satellite"
  },
  "dummy_trs": 0,
  "dvars_nstd": 25.332907991288668,
  "dvars_std": 1.1700623872164944,
  "dvars_vstd": 1.0172211617010316,
  "efc": 0.5874202445110485,
  "fber": 1065.39404296875,
  "fd_mean": 0.10868705425316906,
  "fd_num": 20,
  "fd_perc": 10.256410256410257,
  "fwhm_avg": 1.672768888888889,
  "fwhm_x": 1.54194,
  "fwhm_y": 1.8091333333333333,
  "fwhm_z": 1.6672333333333331,
  "gcor": 0.0420551,
  "gsr_x": -0.0023568246979266405,
  "gsr_y": 0.04067778214812279,
  "provenance": {
    "md5sum": "7ea4aa944dfdebcc1c45aefa307161e0",
    "settings": {
      "fd_thres": 0.2,
      "testing": false
    },
    "software": "mriqc",
    "version": "23.0.1",
    "webapi_port": null,
    "webapi_url": "https://mriqc.nimh.nih.gov/api/v1"
  },
  "size_t": 195,
  "size_x": 64,
  "size_y": 64,
  "size_z": 36,
  "snr": 6.784372621148525,
  "spacing_tr": 2.0,
  "spacing_x": 3.0,
  "spacing_y": 3.0,
  "spacing_z": 3.0,
  "summary_bg_k": 20.1091143549355,
  "summary_bg_mad": 15.472285270628065,
  "summary_bg_mean": 50.60407257080078,
  "summary_bg_median": 22.815385818481445,
  "summary_bg_n": 80235.0,
  "summary_bg_p05": 10.112820625305176,
  "summary_bg_p95": 193.99282226562502,
  "summary_bg_stdv": 71.49513244628906,
  "summary_fg_k": 2.7038107232003803,
  "summary_fg_mad": 106.34440394144842,
  "summary_fg_mean": 769.2188720703125,
  "summary_fg_median": 761.0820922851562,
  "summary_fg_n": 34550.0,
  "summary_fg_p05": 615.8997680664063,
  "summary_fg_p95": 953.7041137695311,
  "summary_fg_stdv": 112.18002319335938,
  "tsnr": 60.703616310842335
}