{
  "aor": 0.0006635897435897436,
  "aqi": 0.00556409758974359,
  "bids_meta": {
    "AcquisitionMatrixPE": 64,
    "AcquisitionNumber": 1,
    "AcquisitionTime": "09:39:15.730000",
    "BandwidthPerPixelPhaseEncode": 47.348,
    "BaseResolution": 64,
    "BodyPartExamined": "HEAD",
    "ConsistencyInfo": "N4_VD11D_LATEST_20110129",
    "ConversionSoftware": "dcm2niix",
    "ConversionSoftwareVersion": "v1.0.20180518 GCC4.8.5",
    "DerivedVendorReportedEchoSpacing": 0.000660007,
    "DeviceSerialNumber": "45031",
    "DwellTime": 4.5e-06,
    "EchoTime": 0.03,
    "EchoTrainLength": 32,
    "EffectiveEchoSpacing": 0.000330003,
    "FlipAngle": 71,
    "ImageOrientationPatientDICOM": [
      0.993552,
      -0.0631659,
      0.0941478,
      0.0244554,
      0.930271,
      0.366058
    ],
    "ImageType": [
      "ORIGINAL",
      "PRIMARY",
      "M",
      "ND",
      "NORM",
      "MOSAIC"
    ],
    "InPlanePhaseEncodingDirectionDICOM": "COL",
    "InstitutionAddress": "Washington_and_Faculty_Rd._-_Building_25_25_Princeton_NJ_US_085",
    "InstitutionName": "Princeton_University_-_Neuroscience_Institute",
    "InstitutionalDepartmentName": "Department",
    "MRAcquisitionType": "2D",
    "MagneticFieldStrength": 3,
    "Manufacturer": "Siemens",
    "ManufacturersModelName": "Skyra",
    "Modality": "MR",
    "ParallelReductionFactorInPlane": 2,
    "PartialFourier": 1,
    "PatientPosition": "HFS",
    "PercentPhaseFOV": 100,
    "PhaseEncodingDirection": "j-",
    "PhaseEncodingSteps": 64,
    "PhaseResolution": 1,
    "PixelBandwidth": 1735,
    "ProcedureStepDescription": "NormanLab_Anna",
    "ProtocolName": "epi_195_3x3x3_2s",
    "PulseSequenceDetails": "%SiemensSeq%_ep2d_bold",
    "ReceiveCoilActiveElements": "HE1-4",
    "ReceiveCoilName": "HeadNeck_20",
    "ReconMatrixPE": 64,
    "RepetitionTime": 2,
    "SAR": 0.107731,
    "ScanOptions": "FS",
    "ScanningSequence": "EP",
    "SequenceName": "_epfid2d1_64",
    "SequenceVariant": "SK",
    "SeriesDescription": "epi_195_3x3x3_2s",
    "SeriesNumber": 9,
    "ShimSetting": [
      3204,
      10471,
      10065,
      522,
      -365,
      -291,
      1153,
      -43
    ],
    "SliceThickness": 3,
    "SliceTiming": [
      1,
      0,
      1.055,
      0.055,
      1.11,
      0.11,
      1.165,
      0.165,
      1.22,
      0.22,
      1.2775,
      0.2775,
      1.3325,
      0.3325,
      1.3875,
      0.3875,
      1.4425,
      0.4425,
      1.4975,
      0.5,
      1.555,
      0.555,
      1.61,
      0.61,
      1.665,
      0.665,
      1.72,
      0.72,
      1.7775,
      0.7775,
      1.8325,
      0.8325,
      1.8875,
      0.8875,
      1.9425,
      0.9425
    ],
    "SoftwareVersions": "syngo_MR_D11",
    "SpacingBetweenSlices": 3,
    "StationName": "AWP45031",
    "TotalReadoutTime": 0.0207902,
    "TxRefAmp": 314.175,
    "dataset": "ds001454",
    "modality": "bold",
    "run_id": 1,
    "session_id": "2",
    "subject_id": "10",
    "task_id": "satellite"
  },
  "dummy_trs": 0,
  "dvars_nstd": 21.70228035902063,
  "dvars_std": 1.1312745507731958,
  "dvars_vstd": 1.00821700314433,
  "efc": 0.559179094123314,
  "fber": 1424.231689453125,
  "fd_mean": 0.03746114801048314,
  "fd_num": 0,
  "fd_perc": 0.0,
  "fwhm_avg": 1.6533544000578846,
  "fwhm_x": 1.5194833333333333,
  "fwhm_y": 1.7650433333333335,
  "fwhm_z": 1.6755365335069867,
  "gcor": 0.03504,
  "gsr_x": -0.012335950508713722,
  "gsr_y": 0.049050189554691315,
  "provenance": {
    "md5sum": "efb1b0c91113fe3553a89138c458e6b9",
    "settings": {
      "fd_thres": 0.2,
      "testing": false
    },
    "software": "mriqc",
    "version": "23.0.1",
    "webapi_port": null,
    "webapi_url": "https://mriqc.nimh.nih.gov/api/v1"
  },
  "size_t": 195,
  "size_x": 64,
  "size_y": 64,
  "size_z": 36,
  "snr": 6.8141693625345185,
  "spacing_tr": 2.0,
  "spacing_x": 3.0,
  "spacing_y": 3.0,
  "spacing_z": 3.000000238418579,
  "summary_bg_k": 21.159196246496926,
  "summary_bg_mad": 10.454247645187408,
  "summary_bg_mean": 39.82454299926758,
  "summary_bg_median": 18.707693099975586,
  "summary_bg_n": 83179.0,
  "summary_bg_p05": 9.733333587646484,
  "summary_bg_p95": 144.1082092285156,
  "summary_bg_stdv": 61.65311050415039,
  "summary_fg_k": 2.4156724320393206,
  "summary_fg_mad": 102.12087887764096,
  "summary_fg_mean": 736.8421630859375,
  "summary_fg_median": 726.28466796875,
  "summary_fg_n": 31986.0,
  "summary_fg_p05": 591.1051635742188,
  "summary_fg_p95": 909.203857421875,
  "summary_fg_stdv": 106.58280944824219,
  "tsnr": 73.0426647097338
}