{
  "aor": 0.0015094358974358977,
  "aqi": 0.007449748205128205,
  "bids_meta": {
    "AcquisitionMatrixPE": 64,
    "AcquisitionNumber": 1,
    "AcquisitionTime": "10:13:39.225000",
    "BandwidthPerPixelPhaseEncode": 47.348,
    "BaseResolution": 64,
    "BodyPartExamined": "HEAD",
    "ConsistencyInfo": "N4_VD11D_LATEST_20110129",
    "ConversionSoftware": "dcm2niix",
    "ConversionSoftwareVersion": "v1.0.20180518 GCC4.8.5",
    "DerivedVendorReportedEchoSpacing": 0.000660007,
    "DeviceSerialNumber": "45031",
    "DwellTime": 4.5e-06,
    "EchoTime": 0.03,
    "EchoTrainLength": 32,
    "EffectiveEchoSpacing": 0.000330003,
    "FlipAngle": 71,
    "ImageOrientationPatientDICOM": [
      0.993552,
      -0.0631659,
      0.0941478,
      0.0244554,
      0.930271,
      0.366058
    ],
    "ImageType": [
      "ORIGINAL",
      "PRIMARY",
      "M",
      "ND",
      "NORM",
      "MOSAIC"
    ],
    "InPlanePhaseEncodingDirectionDICOM": "COL",
    "InstitutionAddress": "Washington_and_Faculty_Rd._-_Building_25_25_Princeton_NJ_US_085",
    "InstitutionName": "Princeton_University_-_Neuroscience_Institute",
    "InstitutionalDepartmentName": "Department",
    "MRAcquisitionType": "2D",
    "MagneticFieldStrength": 3,
    "Manufacturer": "Siemens",
    "ManufacturersModelName": "Skyra",
    "Modality": "MR",
    "ParallelReductionFactorInPlane": 2,
    "PartialFourier": 1,
    "PatientPosition": "HFS",
    "PercentPhaseFOV": 100,
    "PhaseEncodingDirection": "j-",
    "PhaseEncodingSteps": 64,
    "PhaseResolution": 1,
    "PixelBandwidth": 1735,
    "ProcedureStepDescription": "NormanLab_Anna",
    "ProtocolName": "epi_195_3x3x3_2s",
    "PulseSequenceDetails": "%SiemensSeq%_ep2d_bold",
    "ReceiveCoilActiveElements": "HE1-4",
    "ReceiveCoilName": "HeadNeck_20",
    "ReconMatrixPE": 64,
    "RepetitionTime": 2,
    "SAR": 0.107731,
    "ScanOptions": "FS",
    "ScanningSequence": "EP",
    "SequenceName": "_epfid2d1_64",
    "SequenceVariant": "SK",
    "SeriesDescription": "epi_195_3x3x3_2s",
    "SeriesNumber": 14,
    "ShimSetting": [
      3204,
      10471,
      10065,
      522,
      -365,
      -291,
      1153,
      -43
    ],
    "SliceThickness": 3,
    "SliceTiming": [
      1,
      0,
      1.055,
      0.055,
      1.1125,
      0.1125,
      1.1675,
      0.1675,
      1.2225,
      0.2225,
      1.2775,
      0.2775,
      1.3325,
      0.335,
      1.39,
      0.39,
      1.445,
      0.445,
      1.5,
      0.5,
      1.555,
      0.555,
      1.61,
      0.6125,
      1.6675,
      0.6675,
      1.7225,
      0.7225,
      1.7775,
      0.7775,
      1.8325,
      0.8325,
      1.89,
      0.89,
      1.945,
      0.945
    ],
    "SoftwareVersions": "syngo_MR_D11",
    "SpacingBetweenSlices": 3,
    "StationName": "AWP45031",
    "TotalReadoutTime": 0.0207902,
    "TxRefAmp": 314.175,
    "dataset": "ds001454",
    "modality": "bold",
    "run_id": 6,
    "session_id": "2",
    "subject_id": "10",
    "task_id": "satellite"
  },
  "dummy_trs": 0,
  "dvars_nstd": 22.019408560309287,
  "dvars_std": 1.1160364119587627,
  "dvars_vstd": 1.0006187851030923,
  "efc": 0.5588270473379136,
  "fber": 1476.7506103515625,
  "fd_mean": 0.054244323057719875,
  "fd_num": 4,
  "fd_perc": 2.051282051282051,
  "fwhm_avg": 1.6505555122793198,
  "fwhm_x": 1.5344466666666667,
  "fwhm_y": 1.7835966666666667,
  "fwhm_z": 1.6336232035046259,
  "gcor": 0.0231309,
  "gsr_x": -0.011663922108709812,
  "gsr_y": 0.051232095807790756,
  "provenance": {
    "md5sum": "cee24ed03de9a914c0e57219caed7507",
    "settings": {
      "fd_thres": 0.2,
      "testing": false
    },
    "software": "mriqc",
    "version": "23.0.1",
    "webapi_port": null,
    "webapi_url": "https://mriqc.nimh.nih.gov/api/v1"
  },
  "size_t": 195,
  "size_x": 64,
  "size_y": 64,
  "size_z": 36,
  "snr": 6.831169538090938,
  "spacing_tr": 2.0,
  "spacing_x": 3.0,
  "spacing_y": 3.0,
  "spacing_z": 3.000000238418579,
  "summary_bg_k": 21.484178583194982,
  "summary_bg_mad": 10.75076639218494,
  "summary_bg_mean": 40.48636245727539,
  "summary_bg_median": 18.461538314819336,
  "summary_bg_n": 83249.0,
  "summary_bg_p05": 9.45641040802002,
  "summary_bg_p95": 145.72820739745958,
  "summary_bg_stdv": 63.58697509765625,
  "summary_fg_k": 2.2427389650791874,
  "summary_fg_mad": 100.61931882437115,
  "summary_fg_mean": 734.470703125,
  "summary_fg_median": 724.2717895507812,
  "summary_fg_n": 31875.0,
  "summary_fg_p05": 590.6210571289063,
  "summary_fg_p95": 908.7266906738281,
  "summary_fg_stdv": 106.02290344238281,
  "tsnr": 67.32070998474956
}