{
  "aor": 0.005842358974358975,
  "aqi": 0.01778778569230769,
  "bids_meta": {
    "AcquisitionMatrixPE": 64,
    "AcquisitionNumber": 1,
    "AcquisitionTime": "10:45:14.837500",
    "BandwidthPerPixelPhaseEncode": 47.348,
    "BaseResolution": 64,
    "BodyPartExamined": "HEAD",
    "ConsistencyInfo": "N4_VD11D_LATEST_20110129",
    "ConversionSoftware": "dcm2niix",
    "ConversionSoftwareVersion": "v1.0.20180518 GCC4.8.5",
    "DerivedVendorReportedEchoSpacing": 0.000660007,
    "DeviceSerialNumber": "45031",
    "DwellTime": 4.5e-06,
    "EchoTime": 0.03,
    "EchoTrainLength": 32,
    "EffectiveEchoSpacing": 0.000330003,
    "FlipAngle": 71,
    "ImageOrientationPatientDICOM": [
      0.998313,
      0.0533558,
      0.0229069,
      -0.0561639,
      0.987433,
      0.147722
    ],
    "ImageType": [
      "ORIGINAL",
      "PRIMARY",
      "M",
      "ND",
      "NORM",
      "MOSAIC"
    ],
    "InPlanePhaseEncodingDirectionDICOM": "COL",
    "InstitutionAddress": "Washington_and_Faculty_Rd._-_Building_25_25_Princeton_NJ_US_085",
    "InstitutionName": "Princeton_University_-_Neuroscience_Institute",
    "InstitutionalDepartmentName": "Department",
    "MRAcquisitionType": "2D",
    "MagneticFieldStrength": 3,
    "Manufacturer": "Siemens",
    "ManufacturersModelName": "Skyra",
    "Modality": "MR",
    "ParallelReductionFactorInPlane": 2,
    "PartialFourier": 1,
    "PatientPosition": "HFS",
    "PercentPhaseFOV": 100,
    "PhaseEncodingDirection": "j-",
    "PhaseEncodingSteps": 64,
    "PhaseResolution": 1,
    "PixelBandwidth": 1735,
    "ProcedureStepDescription": "NormanLab_Anna",
    "ProtocolName": "epi_195_3x3x3_2s",
    "PulseSequenceDetails": "%SiemensSeq%_ep2d_bold",
    "ReceiveCoilActiveElements": "HE1-4",
    "ReceiveCoilName": "HeadNeck_20",
    "ReconMatrixPE": 64,
    "RepetitionTime": 2,
    "SAR": 0.12389,
    "ScanOptions": "FS",
    "ScanningSequence": "EP",
    "SequenceName": "_epfid2d1_64",
    "SequenceVariant": "SK",
    "SeriesDescription": "epi_195_3x3x3_2s",
    "SeriesNumber": 17,
    "ShimSetting": [
      3226,
      10551,
      10049,
      829,
      -45,
      167,
      776,
      -81
    ],
    "SliceThickness": 3,
    "SliceTiming": [
      1,
      0,
      1.055,
      0.055,
      1.1125,
      0.1125,
      1.1675,
      0.1675,
      1.2225,
      0.2225,
      1.2775,
      0.2775,
      1.3325,
      0.335,
      1.39,
      0.39,
      1.445,
      0.445,
      1.5,
      0.5,
      1.555,
      0.555,
      1.6125,
      0.6125,
      1.6675,
      0.6675,
      1.7225,
      0.7225,
      1.7775,
      0.7775,
      1.8325,
      0.8325,
      1.89,
      0.89,
      1.945,
      0.945
    ],
    "SoftwareVersions": "syngo_MR_D11",
    "SpacingBetweenSlices": 3,
    "StationName": "AWP45031",
    "TotalReadoutTime": 0.0207902,
    "TxRefAmp": 327.365,
    "dataset": "ds001454",
    "modality": "bold",
    "run_id": 1,
    "session_id": "2",
    "subject_id": "22",
    "task_id": "rest"
  },
  "dummy_trs": 0,
  "dvars_nstd": 26.16382499556701,
  "dvars_std": 1.0187905090721645,
  "dvars_vstd": 0.9665869035051543,
  "efc": 0.6127435200249479,
  "fber": 1039.421875,
  "fd_mean": 0.1349967491248428,
  "fd_num": 13,
  "fd_perc": 6.666666666666667,
  "fwhm_avg": 1.76726,
  "fwhm_x": 1.6555,
  "fwhm_y": 1.9321566666666667,
  "fwhm_z": 1.7141233333333332,
  "gcor": 0.0239412,
  "gsr_x": -0.006056819576770067,
  "gsr_y": 0.05894209444522858,
  "provenance": {
    "md5sum": "669a2955ab7b80e733bdc5654e2d9a19",
    "settings": {
      "fd_thres": 0.2,
      "testing": false
    },
    "software": "mriqc",
    "version": "23.0.1",
    "webapi_port": null,
    "webapi_url": "https://mriqc.nimh.nih.gov/api/v1"
  },
  "size_t": 195,
  "size_x": 64,
  "size_y": 64,
  "size_z": 36,
  "snr": 5.6141849372426025,
  "spacing_tr": 2.0,
  "spacing_x": 3.0,
  "spacing_y": 3.0,
  "spacing_z": 3.0,
  "summary_bg_k": 28.108957776717155,
  "summary_bg_mad": 16.072929652379056,
  "summary_bg_mean": 54.318302154541016,
  "summary_bg_median": 23.589744567871094,
  "summary_bg_n": 73506.0,
  "summary_bg_p05": 10.610257148742676,
  "summary_bg_p95": 200.27565002441406,
  "summary_bg_stdv": 81.33447265625,
  "summary_fg_k": 2.5955510333462666,
  "summary_fg_mad": 126.8157435521991,
  "summary_fg_mean": 800.2129516601562,
  "summary_fg_median": 785.289794921875,
  "summary_fg_n": 39422.0,
  "summary_fg_p05": 611.6061889648438,
  "summary_fg_p95": 1034.0812622070312,
  "summary_fg_stdv": 139.87423706054688,
  "tsnr": 42.916175639256835
}