{
  "aor": 0.00045405128205128204,
  "aqi": 0.008771856,
  "bids_meta": {
    "AcquisitionMatrixPE": 64,
    "AcquisitionNumber": 1,
    "AcquisitionTime": "10:23:47.680000",
    "BandwidthPerPixelPhaseEncode": 47.348,
    "BaseResolution": 64,
    "BodyPartExamined": "HEAD",
    "ConsistencyInfo": "N4_VD11D_LATEST_20110129",
    "ConversionSoftware": "dcm2niix",
    "ConversionSoftwareVersion": "v1.0.20180518 GCC4.8.5",
    "DerivedVendorReportedEchoSpacing": 0.000660007,
    "DeviceSerialNumber": "45031",
    "DwellTime": 4.5e-06,
    "EchoTime": 0.03,
    "EchoTrainLength": 32,
    "EffectiveEchoSpacing": 0.000330003,
    "FlipAngle": 71,
    "ImageOrientationPatientDICOM": [
      0.998313,
      0.0533558,
      0.0229069,
      -0.0561639,
      0.987433,
      0.147722
    ],
    "ImageType": [
      "ORIGINAL",
      "PRIMARY",
      "M",
      "ND",
      "NORM",
      "MOSAIC"
    ],
    "InPlanePhaseEncodingDirectionDICOM": "COL",
    "InstitutionAddress": "Washington_and_Faculty_Rd._-_Building_25_25_Princeton_NJ_US_085",
    "InstitutionName": "Princeton_University_-_Neuroscience_Institute",
    "InstitutionalDepartmentName": "Department",
    "MRAcquisitionType": "2D",
    "MagneticFieldStrength": 3,
    "Manufacturer": "Siemens",
    "ManufacturersModelName": "Skyra",
    "Modality": "MR",
    "ParallelReductionFactorInPlane": 2,
    "PartialFourier": 1,
    "PatientPosition": "HFS",
    "PercentPhaseFOV": 100,
    "PhaseEncodingDirection": "j-",
    "PhaseEncodingSteps": 64,
    "PhaseResolution": 1,
    "PixelBandwidth": 1735,
    "ProcedureStepDescription": "NormanLab_Anna",
    "ProtocolName": "epi_195_3x3x3_2s",
    "PulseSequenceDetails": "%SiemensSeq%_ep2d_bold",
    "ReceiveCoilActiveElements": "HE1-4",
    "ReceiveCoilName": "HeadNeck_20",
    "ReconMatrixPE": 64,
    "RepetitionTime": 2,
    "SAR": 0.12389,
    "ScanOptions": "FS",
    "ScanningSequence": "EP",
    "SequenceName": "_epfid2d1_64",
    "SequenceVariant": "SK",
    "SeriesDescription": "epi_195_3x3x3_2s",
    "SeriesNumber": 14,
    "ShimSetting": [
      3226,
      10551,
      10049,
      829,
      -45,
      167,
      776,
      -81
    ],
    "SliceThickness": 3,
    "SliceTiming": [
      1,
      0,
      1.055,
      0.055,
      1.11,
      0.1125,
      1.1675,
      0.1675,
      1.2225,
      0.2225,
      1.2775,
      0.2775,
      1.3325,
      0.3325,
      1.39,
      0.39,
      1.445,
      0.445,
      1.5,
      0.5,
      1.555,
      0.555,
      1.61,
      0.6125,
      1.6675,
      0.6675,
      1.7225,
      0.7225,
      1.7775,
      0.7775,
      1.8325,
      0.8325,
      1.8875,
      0.89,
      1.945,
      0.945
    ],
    "SoftwareVersions": "syngo_MR_D11",
    "SpacingBetweenSlices": 3,
    "StationName": "AWP45031",
    "TotalReadoutTime": 0.0207902,
    "TxRefAmp": 327.365,
    "dataset": "ds001454",
    "modality": "bold",
    "run_id": 6,
    "session_id": "2",
    "subject_id": "22",
    "task_id": "satellite"
  },
  "dummy_trs": 0,
  "dvars_nstd": 25.763958754072164,
  "dvars_std": 1.0938814043814442,
  "dvars_vstd": 0.9832038957731957,
  "efc": 0.6158786595840977,
  "fber": 1080.495849609375,
  "fd_mean": 0.08069908889358554,
  "fd_num": 2,
  "fd_perc": 1.0256410256410255,
  "fwhm_avg": 1.731748888888889,
  "fwhm_x": 1.6257966666666668,
  "fwhm_y": 1.8888133333333332,
  "fwhm_z": 1.6806366666666666,
  "gcor": 0.0139722,
  "gsr_x": -0.0027208831161260605,
  "gsr_y": 0.052894093096256256,
  "provenance": {
    "md5sum": "3cc800561f067d5c738a82940243ed4a",
    "settings": {
      "fd_thres": 0.2,
      "testing": false
    },
    "software": "mriqc",
    "version": "23.0.1",
    "webapi_port": null,
    "webapi_url": "https://mriqc.nimh.nih.gov/api/v1"
  },
  "size_t": 195,
  "size_x": 64,
  "size_y": 64,
  "size_z": 36,
  "snr": 5.5928602266826575,
  "spacing_tr": 2.0,
  "spacing_x": 3.0,
  "spacing_y": 3.0,
  "spacing_z": 3.0,
  "summary_bg_k": 25.407174088338238,
  "summary_bg_mad": 14.833624831052976,
  "summary_bg_mean": 53.44369125366211,
  "summary_bg_median": 23.015384674072266,
  "summary_bg_n": 73131.0,
  "summary_bg_p05": 10.858974933624268,
  "summary_bg_p95": 202.93077850341797,
  "summary_bg_stdv": 80.06568908691406,
  "summary_fg_k": 2.5308645927022377,
  "summary_fg_mad": 128.4009171583192,
  "summary_fg_mean": 800.6614379882812,
  "summary_fg_median": 786.871826171875,
  "summary_fg_n": 40365.0,
  "summary_fg_p05": 612.0523071289062,
  "summary_fg_p95": 1033.4369384765623,
  "summary_fg_stdv": 140.69046020507812,
  "tsnr": 59.486655939370394
}