{
  "aor": 0.00044861538461538465,
  "aqi": 0.006555207435897436,
  "bids_meta": {
    "AcquisitionMatrixPE": 64,
    "AcquisitionNumber": 1,
    "AcquisitionTime": "09:59:24.597500",
    "BandwidthPerPixelPhaseEncode": 47.348,
    "BaseResolution": 64,
    "BodyPartExamined": "HEAD",
    "ConsistencyInfo": "N4_VD11D_LATEST_20110129",
    "ConversionSoftware": "dcm2niix",
    "ConversionSoftwareVersion": "v1.0.20180518 GCC4.8.5",
    "DerivedVendorReportedEchoSpacing": 0.000660007,
    "DeviceSerialNumber": "45031",
    "DwellTime": 4.5e-06,
    "EchoTime": 0.03,
    "EchoTrainLength": 32,
    "EffectiveEchoSpacing": 0.000330003,
    "FlipAngle": 71,
    "ImageOrientationPatientDICOM": [
      0.998313,
      0.0533558,
      0.0229069,
      -0.0561639,
      0.987433,
      0.147722
    ],
    "ImageType": [
      "ORIGINAL",
      "PRIMARY",
      "M",
      "ND",
      "NORM",
      "MOSAIC"
    ],
    "InPlanePhaseEncodingDirectionDICOM": "COL",
    "InstitutionAddress": "Washington_and_Faculty_Rd._-_Building_25_25_Princeton_NJ_US_085",
    "InstitutionName": "Princeton_University_-_Neuroscience_Institute",
    "InstitutionalDepartmentName": "Department",
    "MRAcquisitionType": "2D",
    "MagneticFieldStrength": 3,
    "Manufacturer": "Siemens",
    "ManufacturersModelName": "Skyra",
    "Modality": "MR",
    "ParallelReductionFactorInPlane": 2,
    "PartialFourier": 1,
    "PatientPosition": "HFS",
    "PercentPhaseFOV": 100,
    "PhaseEncodingDirection": "j-",
    "PhaseEncodingSteps": 64,
    "PhaseResolution": 1,
    "PixelBandwidth": 1735,
    "ProcedureStepDescription": "NormanLab_Anna",
    "ProtocolName": "epi_195_3x3x3_2s",
    "PulseSequenceDetails": "%SiemensSeq%_ep2d_bold",
    "ReceiveCoilActiveElements": "HE1-4",
    "ReceiveCoilName": "HeadNeck_20",
    "ReconMatrixPE": 64,
    "RepetitionTime": 2,
    "SAR": 0.12389,
    "ScanOptions": "FS",
    "ScanningSequence": "EP",
    "SequenceName": "_epfid2d1_64",
    "SequenceVariant": "SK",
    "SeriesDescription": "epi_195_3x3x3_2s",
    "SeriesNumber": 11,
    "ShimSetting": [
      3226,
      10551,
      10049,
      829,
      -45,
      167,
      776,
      -81
    ],
    "SliceThickness": 3,
    "SliceTiming": [
      1,
      0,
      1.0575,
      0.0575,
      1.1125,
      0.1125,
      1.1675,
      0.1675,
      1.2225,
      0.2225,
      1.2775,
      0.28,
      1.335,
      0.335,
      1.39,
      0.39,
      1.445,
      0.445,
      1.5,
      0.5,
      1.5575,
      0.5575,
      1.6125,
      0.6125,
      1.6675,
      0.6675,
      1.7225,
      0.7225,
      1.7775,
      0.78,
      1.835,
      0.835,
      1.89,
      0.89,
      1.945,
      0.945
    ],
    "SoftwareVersions": "syngo_MR_D11",
    "SpacingBetweenSlices": 3,
    "StationName": "AWP45031",
    "TotalReadoutTime": 0.0207902,
    "TxRefAmp": 327.365,
    "dataset": "ds001454",
    "modality": "bold",
    "run_id": 3,
    "session_id": "2",
    "subject_id": "22",
    "task_id": "satellite"
  },
  "dummy_trs": 0,
  "dvars_nstd": 26.46467299288658,
  "dvars_std": 1.1297641664948452,
  "dvars_vstd": 1.0011978934020618,
  "efc": 0.6178268298678586,
  "fber": 982.7913818359375,
  "fd_mean": 0.09097601560877272,
  "fd_num": 2,
  "fd_perc": 1.0256410256410255,
  "fwhm_avg": 1.7253722222222223,
  "fwhm_x": 1.6142933333333334,
  "fwhm_y": 1.8771633333333335,
  "fwhm_z": 1.68466,
  "gcor": 0.0462641,
  "gsr_x": -0.005933564156293869,
  "gsr_y": 0.05150606110692024,
  "provenance": {
    "md5sum": "2f32f4c0d3737b6af8076ba5af8a5c8a",
    "settings": {
      "fd_thres": 0.2,
      "testing": false
    },
    "software": "mriqc",
    "version": "23.0.1",
    "webapi_port": null,
    "webapi_url": "https://mriqc.nimh.nih.gov/api/v1"
  },
  "size_t": 195,
  "size_x": 64,
  "size_y": 64,
  "size_z": 36,
  "snr": 5.64499689755918,
  "spacing_tr": 2.0,
  "spacing_x": 3.0,
  "spacing_y": 3.0,
  "spacing_z": 3.0,
  "summary_bg_k": 25.478818301271932,
  "summary_bg_mad": 15.688974113778068,
  "summary_bg_mean": 53.329307556152344,
  "summary_bg_median": 24.10000228881836,
  "summary_bg_n": 73206.0,
  "summary_bg_p05": 11.13846206665039,
  "summary_bg_p95": 197.2500114440918,
  "summary_bg_stdv": 78.29618835449219,
  "summary_fg_k": 2.528711527060775,
  "summary_fg_mad": 128.8989335956694,
  "summary_fg_mean": 798.0758666992188,
  "summary_fg_median": 786.5615844726562,
  "summary_fg_n": 40536.0,
  "summary_fg_p05": 610.4653930664062,
  "summary_fg_p95": 1026.7269897460938,
  "summary_fg_stdv": 139.3361053466797,
  "tsnr": 65.66587452962995
}