{
  "bids_meta": {
    "AcquisitionMatrixPE": 256,
    "AcquisitionNumber": 1,
    "AcquisitionTime": "11:05:37.660000",
    "BaseResolution": 256,
    "BodyPartExamined": "HEAD",
    "ConsistencyInfo": "N4_VD11D_LATEST_20110129",
    "ConversionSoftware": "dcm2niix",
    "ConversionSoftwareVersion": "v1.0.20180518 GCC4.8.5",
    "DeviceSerialNumber": "45031",
    "DwellTime": 9.8e-06,
    "EchoTime": 0.0033,
    "FlipAngle": 7,
    "ImageOrientationPatientDICOM": [
      0,
      1,
      0,
      0,
      0,
      -1
    ],
    "ImageType": [
      "ORIGINAL",
      "PRIMARY",
      "M",
      "ND",
      "NORM"
    ],
    "InPlanePhaseEncodingDirectionDICOM": "ROW",
    "InstitutionAddress": "Washington_and_Faculty_Rd._-_Building_25_25_Princeton_NJ_US_085",
    "InstitutionName": "Princeton_University_-_Neuroscience_Institute",
    "InstitutionalDepartmentName": "Department",
    "InversionTime": 1.1,
    "MRAcquisitionType": "3D",
    "MagneticFieldStrength": 3,
    "Manufacturer": "Siemens",
    "ManufacturersModelName": "Skyra",
    "Modality": "MR",
    "ParallelReductionFactorInPlane": 2,
    "PartialFourier": 1,
    "PatientPosition": "HFS",
    "PercentPhaseFOV": 100,
    "PhaseEncodingSteps": 255,
    "PhaseResolution": 1,
    "PixelBandwidth": 200,
    "ProcedureStepDescription": "NormanLab_Anna",
    "ProtocolName": "MPRAGE_tfl",
    "PulseSequenceDetails": "%SiemensSeq%_tfl",
    "ReceiveCoilActiveElements": "HE1-4",
    "ReceiveCoilName": "HeadNeck_20",
    "ReconMatrixPE": 256,
    "RepetitionTime": 2.53,
    "SAR": 0.0652875,
    "ScanOptions": "IR",
    "ScanningSequence": "GR_IR",
    "SequenceName": "_tfl3d1_16ns",
    "SequenceVariant": "SK_SP_MP",
    "SeriesDescription": "MPRAGE_tfl",
    "SeriesNumber": 5,
    "ShimSetting": [
      3201,
      10474,
      9832,
      319,
      -77,
      -422,
      199,
      -28
    ],
    "SliceThickness": 1,
    "SoftwareVersions": "syngo_MR_D11",
    "StationName": "AWP45031",
    "TxRefAmp": 318.602,
    "dataset": "ds001454",
    "modality": "T1w",
    "session_id": "1",
    "subject_id": "13"
  },
  "cjv": 0.3576280293395598,
  "cnr": 3.796449889739467,
  "efc": 0.4884775839297675,
  "fber": 17862.3225,
  "fwhm_avg": 3.85281,
  "fwhm_x": 3.94133,
  "fwhm_y": 3.96669,
  "fwhm_z": 3.65041,
  "icvs_csf": 0.24303875264785707,
  "icvs_gm": 0.42131789997541275,
  "icvs_wm": 0.3356433473767302,
  "inu_med": 0.6449784636497498,
  "inu_range": 0.2707954585552216,
  "provenance": {
    "md5sum": "fb824d3c041d7880c153dfbec5192792",
    "settings": {
      "testing": false
    },
    "software": "mriqc",
    "version": "23.0.1",
    "warnings": {
      "large_rot_frame": true,
      "small_air_mask": false
    },
    "webapi_port": null,
    "webapi_url": "https://mriqc.nimh.nih.gov/api/v1"
  },
  "qi_1": 3.9931892560886835e-05,
  "qi_2": 0.01345394394631152,
  "rpve_csf": 22.436936372500263,
  "rpve_gm": 12.663017364494214,
  "rpve_wm": 18.01093293887772,
  "size_x": 176,
  "size_y": 256,
  "size_z": 256,
  "snr_csf": 1.4956754296168224,
  "snr_gm": 8.717323065654895,
  "snr_total": 9.967459728284409,
  "snr_wm": 19.689380689581508,
  "snrd_csf": 13.148121727795388,
  "snrd_gm": 55.36178659940725,
  "snrd_total": 51.02830059252609,
  "snrd_wm": 84.57499345037563,
  "spacing_x": 1.0,
  "spacing_y": 1.0,
  "spacing_z": 1.0,
  "summary_bg_k": 183.03176252364804,
  "summary_bg_mad": 0.0,
  "summary_bg_mean": 4.048814421755918,
  "summary_bg_median": 0.0,
  "summary_bg_n": 3792552.0,
  "summary_bg_p05": 0.0,
  "summary_bg_p95": 18.2614417783916,
  "summary_bg_stdv": 7.7464403648046485,
  "summary_csf_k": 1.20971011811519,
  "summary_csf_mad": 91.21714588483512,
  "summary_csf_mean": 175.09163078020035,
  "summary_csf_median": 155.46555018704385,
  "summary_csf_n": 64676.0,
  "summary_csf_p05": 42.734063597396016,
  "summary_csf_p95": 383.92677732603624,
  "summary_csf_stdv": 103.94257017544949,
  "summary_gm_k": 0.017843153885108265,
  "summary_gm_mad": 74.51840343045846,
  "summary_gm_mean": 656.4539258348459,
  "summary_gm_median": 654.6068549714983,
  "summary_gm_n": 29069.0,
  "summary_gm_p05": 534.9171293593943,
  "summary_gm_p95": 782.1507179252803,
  "summary_gm_stdv": 75.09135435378383,
  "summary_wm_k": 0.3120145306685198,
  "summary_wm_mad": 49.01409792834825,
  "summary_wm_mean": 999.4226206031595,
  "summary_wm_median": 1000.0286094881594,
  "summary_wm_n": 185570.0,
  "summary_wm_p05": 914.7608429398388,
  "summary_wm_p95": 1081.5467696525156,
  "summary_wm_stdv": 50.79011527953064,
  "tpm_overlap_csf": 0.16383059317117865,
  "tpm_overlap_gm": 0.46812933069775836,
  "tpm_overlap_wm": 0.502977878094467,
  "wm2max": 0.6552144477992611
}