{
  "aor": 0.0006068041237113403,
  "aqi": 0.012930166752577318,
  "bids_meta": {
    "AcquisitionMatrixPE": 64,
    "AcquisitionNumber": 1,
    "AcquisitionTime": "23:51:20.660000",
    "BandwidthPerPixelPhaseEncode": 47.348,
    "BaseResolution": 64,
    "BodyPartExamined": "HEAD",
    "ConsistencyInfo": "N4_VD11D_LATEST_20110129",
    "ConversionSoftware": "dcm2niix",
    "ConversionSoftwareVersion": "v1.0.20180518 GCC4.8.5",
    "DerivedVendorReportedEchoSpacing": 0.000660007,
    "DeviceSerialNumber": "45031",
    "DwellTime": 4.5e-06,
    "EchoTime": 0.03,
    "EchoTrainLength": 32,
    "EffectiveEchoSpacing": 0.000330003,
    "FlipAngle": 71,
    "ImageOrientationPatientDICOM": [
      0.998744,
      0.0451405,
      0.0217631,
      -0.0460514,
      0.997998,
      0.0433472
    ],
    "ImageType": [
      "ORIGINAL",
      "PRIMARY",
      "M",
      "ND",
      "NORM",
      "MOSAIC"
    ],
    "InPlanePhaseEncodingDirectionDICOM": "COL",
    "InstitutionAddress": "Washington_and_Faculty_Rd._-_Building_25_25_Princeton_NJ_US_085",
    "InstitutionName": "Princeton_University_-_Neuroscience_Institute",
    "InstitutionalDepartmentName": "Department",
    "MRAcquisitionType": "2D",
    "MagneticFieldStrength": 3,
    "Manufacturer": "Siemens",
    "ManufacturersModelName": "Skyra",
    "Modality": "MR",
    "ParallelReductionFactorInPlane": 2,
    "PartialFourier": 1,
    "PatientPosition": "HFS",
    "PercentPhaseFOV": 100,
    "PhaseEncodingDirection": "j-",
    "PhaseEncodingSteps": 64,
    "PhaseResolution": 1,
    "PixelBandwidth": 1735,
    "ProcedureStepDescription": "NormanLab_Anna",
    "ProtocolName": "epi_195_3x3x3_2s",
    "PulseSequenceDetails": "%SiemensSeq%_ep2d_bold",
    "ReceiveCoilActiveElements": "HE1-4",
    "ReceiveCoilName": "HeadNeck_20",
    "ReconMatrixPE": 64,
    "RepetitionTime": 2,
    "SAR": 0.10843,
    "ScanOptions": "FS",
    "ScanningSequence": "EP",
    "SequenceName": "_epfid2d1_64",
    "SequenceVariant": "SK",
    "SeriesDescription": "epi_195_3x3x3_2s",
    "SeriesNumber": 17,
    "ShimSetting": [
      3215,
      10700,
      9960,
      401,
      198,
      304,
      -69,
      -109
    ],
    "SliceThickness": 3,
    "SliceTiming": [
      1,
      0,
      1.055,
      0.0575,
      1.1125,
      0.1125,
      1.1675,
      0.1675,
      1.2225,
      0.2225,
      1.2775,
      0.2775,
      1.335,
      0.335,
      1.39,
      0.39,
      1.445,
      0.445,
      1.5,
      0.5,
      1.555,
      0.555,
      1.6125,
      0.6125,
      1.6675,
      0.6675,
      1.7225,
      0.7225,
      1.7775,
      0.7775,
      1.8325,
      0.835,
      1.89,
      0.89,
      1.945,
      0.945
    ],
    "SoftwareVersions": "syngo_MR_D11",
    "SpacingBetweenSlices": 3,
    "StationName": "AWP45031",
    "TotalReadoutTime": 0.0207902,
    "TxRefAmp": 346.758,
    "dataset": "ds001454",
    "modality": "bold",
    "run_id": 1,
    "session_id": "2",
    "subject_id": "05",
    "task_id": "rest"
  },
  "dummy_trs": 1,
  "dvars_nstd": 29.275549438808298,
  "dvars_std": 1.172159960155441,
  "dvars_vstd": 0.987022105129533,
  "efc": 0.5857913202955051,
  "fber": 1024.947509765625,
  "fd_mean": 0.11533605675388683,
  "fd_num": 10,
  "fd_perc": 5.154639175257732,
  "fwhm_avg": 1.6616555555555557,
  "fwhm_x": 1.5663766666666668,
  "fwhm_y": 1.69292,
  "fwhm_z": 1.72567,
  "gcor": 0.00697363,
  "gsr_x": -0.02313263528048992,
  "gsr_y": 0.06269187480211258,
  "provenance": {
    "md5sum": "3c5f3f9315ec29252ea4f272e8aed8c2",
    "settings": {
      "fd_thres": 0.2,
      "testing": false
    },
    "software": "mriqc",
    "version": "23.0.1",
    "webapi_port": null,
    "webapi_url": "https://mriqc.nimh.nih.gov/api/v1"
  },
  "size_t": 194,
  "size_x": 64,
  "size_y": 64,
  "size_z": 36,
  "snr": 5.451556895192492,
  "spacing_tr": 2.0,
  "spacing_x": 3.0,
  "spacing_y": 3.0,
  "spacing_z": 3.0,
  "summary_bg_k": 38.29325951983514,
  "summary_bg_mad": 13.832525882220713,
  "summary_bg_mean": 49.561004638671875,
  "summary_bg_median": 21.731958389282227,
  "summary_bg_n": 80114.0,
  "summary_bg_p05": 10.082473754882812,
  "summary_bg_p95": 183.39870147705074,
  "summary_bg_stdv": 83.91304016113281,
  "summary_fg_k": 2.19802858139108,
  "summary_fg_mad": 111.2410000075291,
  "summary_fg_mean": 726.8991088867188,
  "summary_fg_median": 705.2808837890625,
  "summary_fg_n": 35860.0,
  "summary_fg_p05": 567.1834838867187,
  "summary_fg_p95": 963.8819244384765,
  "summary_fg_stdv": 129.37057495117188,
  "tsnr": 54.155567007139325
}