{
  "aor": 0.0008023589743589744,
  "aqi": 0.0057064918974358975,
  "bids_meta": {
    "AcquisitionMatrixPE": 64,
    "AcquisitionNumber": 1,
    "AcquisitionTime": "10:34:16.675000",
    "BandwidthPerPixelPhaseEncode": 47.348,
    "BaseResolution": 64,
    "BodyPartExamined": "HEAD",
    "ConsistencyInfo": "N4_VD11D_LATEST_20110129",
    "ConversionSoftware": "dcm2niix",
    "ConversionSoftwareVersion": "v1.0.20180518 GCC4.8.5",
    "DerivedVendorReportedEchoSpacing": 0.000660007,
    "DeviceSerialNumber": "45031",
    "DwellTime": 4.5e-06,
    "EchoTime": 0.03,
    "EchoTrainLength": 32,
    "EffectiveEchoSpacing": 0.000330003,
    "FlipAngle": 71,
    "ImageOrientationPatientDICOM": [
      0.993552,
      -0.0631659,
      0.0941478,
      0.0244554,
      0.930271,
      0.366058
    ],
    "ImageType": [
      "ORIGINAL",
      "PRIMARY",
      "M",
      "ND",
      "NORM",
      "MOSAIC"
    ],
    "InPlanePhaseEncodingDirectionDICOM": "COL",
    "InstitutionAddress": "Washington_and_Faculty_Rd._-_Building_25_25_Princeton_NJ_US_085",
    "InstitutionName": "Princeton_University_-_Neuroscience_Institute",
    "InstitutionalDepartmentName": "Department",
    "MRAcquisitionType": "2D",
    "MagneticFieldStrength": 3,
    "Manufacturer": "Siemens",
    "ManufacturersModelName": "Skyra",
    "Modality": "MR",
    "ParallelReductionFactorInPlane": 2,
    "PartialFourier": 1,
    "PatientPosition": "HFS",
    "PercentPhaseFOV": 100,
    "PhaseEncodingDirection": "j-",
    "PhaseEncodingSteps": 64,
    "PhaseResolution": 1,
    "PixelBandwidth": 1735,
    "ProcedureStepDescription": "NormanLab_Anna",
    "ProtocolName": "epi_195_3x3x3_2s",
    "PulseSequenceDetails": "%SiemensSeq%_ep2d_bold",
    "ReceiveCoilActiveElements": "HE1-4",
    "ReceiveCoilName": "HeadNeck_20",
    "ReconMatrixPE": 64,
    "RepetitionTime": 2,
    "SAR": 0.107731,
    "ScanOptions": "FS",
    "ScanningSequence": "EP",
    "SequenceName": "_epfid2d1_64",
    "SequenceVariant": "SK",
    "SeriesDescription": "epi_195_3x3x3_2s",
    "SeriesNumber": 17,
    "ShimSetting": [
      3204,
      10471,
      10065,
      522,
      -365,
      -291,
      1153,
      -43
    ],
    "SliceThickness": 3,
    "SliceTiming": [
      1,
      0,
      1.055,
      0.055,
      1.11,
      0.11,
      1.165,
      0.1675,
      1.2225,
      0.2225,
      1.2775,
      0.2775,
      1.3325,
      0.3325,
      1.3875,
      0.3875,
      1.4425,
      0.445,
      1.5,
      0.5,
      1.555,
      0.555,
      1.61,
      0.61,
      1.665,
      0.665,
      1.7225,
      0.7225,
      1.7775,
      0.7775,
      1.8325,
      0.8325,
      1.8875,
      0.8875,
      1.9425,
      0.945
    ],
    "SoftwareVersions": "syngo_MR_D11",
    "SpacingBetweenSlices": 3,
    "StationName": "AWP45031",
    "TotalReadoutTime": 0.0207902,
    "TxRefAmp": 314.175,
    "dataset": "ds001454",
    "modality": "bold",
    "run_id": 1,
    "session_id": "2",
    "subject_id": "10",
    "task_id": "rest"
  },
  "dummy_trs": 0,
  "dvars_nstd": 22.127301678402063,
  "dvars_std": 1.1424692927319595,
  "dvars_vstd": 1.0127066287113404,
  "efc": 0.5582556524340222,
  "fber": 1442.53271484375,
  "fd_mean": 0.04536504766144844,
  "fd_num": 4,
  "fd_perc": 2.051282051282051,
  "fwhm_avg": 1.654047733572769,
  "fwhm_x": 1.53026,
  "fwhm_y": 1.7632,
  "fwhm_z": 1.6686832007183074,
  "gcor": 0.0162046,
  "gsr_x": -0.009108458645641804,
  "gsr_y": 0.05086791515350342,
  "provenance": {
    "md5sum": "9d3e54ac667ea97a2ab0fd8dba3df1ef",
    "settings": {
      "fd_thres": 0.2,
      "testing": false
    },
    "software": "mriqc",
    "version": "23.0.1",
    "webapi_port": null,
    "webapi_url": "https://mriqc.nimh.nih.gov/api/v1"
  },
  "size_t": 195,
  "size_x": 64,
  "size_y": 64,
  "size_z": 36,
  "snr": 6.821839954484593,
  "spacing_tr": 2.0,
  "spacing_x": 3.0,
  "spacing_y": 3.0,
  "spacing_z": 3.000000238418579,
  "summary_bg_k": 21.723435543794963,
  "summary_bg_mad": 10.385818175536171,
  "summary_bg_mean": 40.034210205078125,
  "summary_bg_median": 18.435897827148438,
  "summary_bg_n": 83337.0,
  "summary_bg_p05": 9.528205871582031,
  "summary_bg_p95": 144.33847045898438,
  "summary_bg_stdv": 63.38240051269531,
  "summary_fg_k": 2.5198601221110417,
  "summary_fg_mad": 99.9426281877754,
  "summary_fg_mean": 731.5755004882812,
  "summary_fg_median": 720.841064453125,
  "summary_fg_n": 31785.0,
  "summary_fg_p05": 587.814404296875,
  "summary_fg_p95": 903.933349609375,
  "summary_fg_stdv": 105.66500091552734,
  "tsnr": 72.29630023241043
}