{
  "aor": 0.0010736410256410257,
  "aqi": 0.006375995692307692,
  "bids_meta": {
    "AcquisitionMatrixPE": 64,
    "AcquisitionNumber": 1,
    "AcquisitionTime": "09:53:8.657500",
    "BandwidthPerPixelPhaseEncode": 47.348,
    "BaseResolution": 64,
    "BodyPartExamined": "HEAD",
    "ConsistencyInfo": "N4_VD11D_LATEST_20110129",
    "ConversionSoftware": "dcm2niix",
    "ConversionSoftwareVersion": "v1.0.20180518 GCC4.8.5",
    "DerivedVendorReportedEchoSpacing": 0.000660007,
    "DeviceSerialNumber": "45031",
    "DwellTime": 4.5e-06,
    "EchoTime": 0.03,
    "EchoTrainLength": 32,
    "EffectiveEchoSpacing": 0.000330003,
    "FlipAngle": 71,
    "ImageOrientationPatientDICOM": [
      0.993552,
      -0.0631659,
      0.0941478,
      0.0244554,
      0.930271,
      0.366058
    ],
    "ImageType": [
      "ORIGINAL",
      "PRIMARY",
      "M",
      "ND",
      "NORM",
      "MOSAIC"
    ],
    "InPlanePhaseEncodingDirectionDICOM": "COL",
    "InstitutionAddress": "Washington_and_Faculty_Rd._-_Building_25_25_Princeton_NJ_US_085",
    "InstitutionName": "Princeton_University_-_Neuroscience_Institute",
    "InstitutionalDepartmentName": "Department",
    "MRAcquisitionType": "2D",
    "MagneticFieldStrength": 3,
    "Manufacturer": "Siemens",
    "ManufacturersModelName": "Skyra",
    "Modality": "MR",
    "ParallelReductionFactorInPlane": 2,
    "PartialFourier": 1,
    "PatientPosition": "HFS",
    "PercentPhaseFOV": 100,
    "PhaseEncodingDirection": "j-",
    "PhaseEncodingSteps": 64,
    "PhaseResolution": 1,
    "PixelBandwidth": 1735,
    "ProcedureStepDescription": "NormanLab_Anna",
    "ProtocolName": "epi_195_3x3x3_2s",
    "PulseSequenceDetails": "%SiemensSeq%_ep2d_bold",
    "ReceiveCoilActiveElements": "HE1-4",
    "ReceiveCoilName": "HeadNeck_20",
    "ReconMatrixPE": 64,
    "RepetitionTime": 2,
    "SAR": 0.107731,
    "ScanOptions": "FS",
    "ScanningSequence": "EP",
    "SequenceName": "_epfid2d1_64",
    "SequenceVariant": "SK",
    "SeriesDescription": "epi_195_3x3x3_2s",
    "SeriesNumber": 11,
    "ShimSetting": [
      3204,
      10471,
      10065,
      522,
      -365,
      -291,
      1153,
      -43
    ],
    "SliceThickness": 3,
    "SliceTiming": [
      0.9975,
      0,
      1.055,
      0.055,
      1.11,
      0.11,
      1.165,
      0.165,
      1.22,
      0.22,
      1.2775,
      0.2775,
      1.3325,
      0.3325,
      1.3875,
      0.3875,
      1.4425,
      0.4425,
      1.4975,
      0.5,
      1.555,
      0.555,
      1.61,
      0.61,
      1.665,
      0.665,
      1.72,
      0.72,
      1.775,
      0.7775,
      1.8325,
      0.8325,
      1.8875,
      0.8875,
      1.9425,
      0.9425
    ],
    "SoftwareVersions": "syngo_MR_D11",
    "SpacingBetweenSlices": 3,
    "StationName": "AWP45031",
    "TotalReadoutTime": 0.0207902,
    "TxRefAmp": 314.175,
    "dataset": "ds001454",
    "modality": "bold",
    "run_id": 3,
    "session_id": "2",
    "subject_id": "10",
    "task_id": "satellite"
  },
  "dummy_trs": 0,
  "dvars_nstd": 21.662930410051533,
  "dvars_std": 1.1227147171134022,
  "dvars_vstd": 1.0096171521134014,
  "efc": 0.5596953581800833,
  "fber": 1436.89599609375,
  "fd_mean": 0.04412901969345849,
  "fd_num": 0,
  "fd_perc": 0.0,
  "fwhm_avg": 1.6552732891287663,
  "fwhm_x": 1.53833,
  "fwhm_y": 1.7588233333333332,
  "fwhm_z": 1.6686665340529654,
  "gcor": 0.0504214,
  "gsr_x": -0.012523875571787357,
  "gsr_y": 0.05008662864565849,
  "provenance": {
    "md5sum": "91c6265902c9ceae205014faec30bcfe",
    "settings": {
      "fd_thres": 0.2,
      "testing": false
    },
    "software": "mriqc",
    "version": "23.0.1",
    "webapi_port": null,
    "webapi_url": "https://mriqc.nimh.nih.gov/api/v1"
  },
  "size_t": 195,
  "size_x": 64,
  "size_y": 64,
  "size_z": 36,
  "snr": 6.857706766638053,
  "spacing_tr": 2.0,
  "spacing_x": 3.0,
  "spacing_y": 3.0,
  "spacing_z": 3.000000238418579,
  "summary_bg_k": 20.81952027828215,
  "summary_bg_mad": 10.682339750373016,
  "summary_bg_mean": 40.40547180175781,
  "summary_bg_median": 18.66153907775879,
  "summary_bg_n": 83263.0,
  "summary_bg_p05": 9.661539077758789,
  "summary_bg_p95": 146.9487289428708,
  "summary_bg_stdv": 62.681640625,
  "summary_fg_k": 2.17738769595039,
  "summary_fg_mad": 100.81319548777131,
  "summary_fg_mean": 734.8214721679688,
  "summary_fg_median": 724.2821044921875,
  "summary_fg_n": 31960.0,
  "summary_fg_p05": 590.535888671875,
  "summary_fg_p95": 907.6123413085937,
  "summary_fg_stdv": 105.6141357421875,
  "tsnr": 68.52540666004643
}