{
  "aor": 0.0006057435897435896,
  "aqi": 0.005202330512820512,
  "bids_meta": {
    "AcquisitionMatrixPE": 64,
    "AcquisitionNumber": 1,
    "AcquisitionTime": "22:35:5.755000",
    "BandwidthPerPixelPhaseEncode": 47.348,
    "BaseResolution": 64,
    "BodyPartExamined": "HEAD",
    "ConsistencyInfo": "N4_VD11D_LATEST_20110129",
    "ConversionSoftware": "dcm2niix",
    "ConversionSoftwareVersion": "v1.0.20180518 GCC4.8.5",
    "DerivedVendorReportedEchoSpacing": 0.000660007,
    "DeviceSerialNumber": "45031",
    "DwellTime": 4.5e-06,
    "EchoTime": 0.03,
    "EchoTrainLength": 32,
    "EffectiveEchoSpacing": 0.000330003,
    "FlipAngle": 71,
    "ImageOrientationPatientDICOM": [
      0.990711,
      -0.104904,
      0.0865269,
      0.0781446,
      0.959941,
      0.269084
    ],
    "ImageType": [
      "ORIGINAL",
      "PRIMARY",
      "M",
      "ND",
      "NORM",
      "MOSAIC"
    ],
    "InPlanePhaseEncodingDirectionDICOM": "COL",
    "InstitutionAddress": "Washington_and_Faculty_Rd._-_Building_25_25_Princeton_NJ_US_085",
    "InstitutionName": "Princeton_University_-_Neuroscience_Institute",
    "InstitutionalDepartmentName": "Department",
    "MRAcquisitionType": "2D",
    "MagneticFieldStrength": 3,
    "Manufacturer": "Siemens",
    "ManufacturersModelName": "Skyra",
    "Modality": "MR",
    "ParallelReductionFactorInPlane": 2,
    "PartialFourier": 1,
    "PatientPosition": "HFS",
    "PercentPhaseFOV": 100,
    "PhaseEncodingDirection": "j-",
    "PhaseEncodingSteps": 64,
    "PhaseResolution": 1,
    "PixelBandwidth": 1735,
    "ProcedureStepDescription": "NormanLab_Anna",
    "ProtocolName": "epi_195_3x3x3_2s",
    "PulseSequenceDetails": "%SiemensSeq%_ep2d_bold",
    "ReceiveCoilActiveElements": "HE1-4",
    "ReceiveCoilName": "HeadNeck_20",
    "ReconMatrixPE": 64,
    "RepetitionTime": 2,
    "SAR": 0.0948511,
    "ScanOptions": "FS",
    "ScanningSequence": "EP",
    "SequenceName": "_epfid2d1_64",
    "SequenceVariant": "SK",
    "SeriesDescription": "epi_195_3x3x3_2s",
    "SeriesNumber": 10,
    "ShimSetting": [
      3215,
      10473,
      9995,
      589,
      -90,
      -335,
      560,
      -45
    ],
    "SliceThickness": 3,
    "SliceTiming": [
      1,
      0,
      1.055,
      0.055,
      1.11,
      0.11,
      1.1675,
      0.1675,
      1.2225,
      0.2225,
      1.2775,
      0.2775,
      1.3325,
      0.3325,
      1.3875,
      0.39,
      1.445,
      0.445,
      1.5,
      0.5,
      1.555,
      0.555,
      1.61,
      0.61,
      1.6675,
      0.6675,
      1.7225,
      0.7225,
      1.7775,
      0.7775,
      1.8325,
      0.8325,
      1.8875,
      0.8875,
      1.945,
      0.945
    ],
    "SoftwareVersions": "syngo_MR_D11",
    "SpacingBetweenSlices": 3,
    "StationName": "AWP45031",
    "TotalReadoutTime": 0.0207902,
    "TxRefAmp": 306.951,
    "dataset": "ds001454",
    "modality": "bold",
    "run_id": 1,
    "session_id": "2",
    "subject_id": "09",
    "task_id": "satellite"
  },
  "dummy_trs": 0,
  "dvars_nstd": 22.9945485026804,
  "dvars_std": 1.0927016999999997,
  "dvars_vstd": 1.0054006128350514,
  "efc": 0.5873488735694256,
  "fber": 968.4341430664062,
  "fd_mean": 0.041194907900790625,
  "fd_num": 1,
  "fd_perc": 0.5128205128205128,
  "fwhm_avg": 1.822009900895674,
  "fwhm_x": 1.7249666666666668,
  "fwhm_y": 1.929976513285914,
  "fwhm_z": 1.8110865227344415,
  "gcor": 0.0264445,
  "gsr_x": 0.010336113162338734,
  "gsr_y": 0.025155939161777496,
  "provenance": {
    "md5sum": "540384f6bf135a97d547a21ec76e2187",
    "settings": {
      "fd_thres": 0.2,
      "testing": false
    },
    "software": "mriqc",
    "version": "23.0.1",
    "webapi_port": null,
    "webapi_url": "https://mriqc.nimh.nih.gov/api/v1"
  },
  "size_t": 195,
  "size_x": 64,
  "size_y": 64,
  "size_z": 36,
  "snr": 5.428390650527073,
  "spacing_tr": 2.0,
  "spacing_x": 3.0,
  "spacing_y": 3.000000238418579,
  "spacing_z": 3.000000238418579,
  "summary_bg_k": 14.976838509562732,
  "summary_bg_mad": 15.061718350158243,
  "summary_bg_mean": 50.90724563598633,
  "summary_bg_median": 23.451282501220703,
  "summary_bg_n": 79337.0,
  "summary_bg_p05": 10.656410217285156,
  "summary_bg_p95": 221.43179931640609,
  "summary_bg_stdv": 77.10879516601562,
  "summary_fg_k": 3.0634168208471824,
  "summary_fg_mad": 116.10673869101026,
  "summary_fg_mean": 774.3399047851562,
  "summary_fg_median": 757.3743896484375,
  "summary_fg_n": 35435.0,
  "summary_fg_p05": 599.6841186523437,
  "summary_fg_p95": 1016.0810668945311,
  "summary_fg_stdv": 139.51901245117188,
  "tsnr": 65.6409101372119
}