{
  "aor": 0.001521494845360825,
  "aqi": 0.009838281082474228,
  "bids_meta": {
    "AcquisitionMatrixPE": 64,
    "AcquisitionNumber": 1,
    "AcquisitionTime": "21:15:6.807500",
    "BandwidthPerPixelPhaseEncode": 47.348,
    "BaseResolution": 64,
    "BodyPartExamined": "HEAD",
    "ConsistencyInfo": "N4_VD11D_LATEST_20110129",
    "ConversionSoftware": "dcm2niix",
    "ConversionSoftwareVersion": "v1.0.20180518 GCC4.8.5",
    "DerivedVendorReportedEchoSpacing": 0.000660007,
    "DeviceSerialNumber": "45031",
    "DwellTime": 4.5e-06,
    "EchoTime": 0.03,
    "EchoTrainLength": 32,
    "EffectiveEchoSpacing": 0.000330003,
    "FlipAngle": 71,
    "ImageOrientationPatientDICOM": [
      0.997485,
      0.0205647,
      0.0678269,
      -0.0355302,
      0.973137,
      0.22747
    ],
    "ImageType": [
      "ORIGINAL",
      "PRIMARY",
      "M",
      "ND",
      "NORM",
      "MOSAIC"
    ],
    "InPlanePhaseEncodingDirectionDICOM": "COL",
    "InstitutionAddress": "Washington_and_Faculty_Rd._-_Building_25_25_Princeton_NJ_US_085",
    "InstitutionName": "Princeton_University_-_Neuroscience_Institute",
    "InstitutionalDepartmentName": "Department",
    "MRAcquisitionType": "2D",
    "MagneticFieldStrength": 3,
    "Manufacturer": "Siemens",
    "ManufacturersModelName": "Skyra",
    "Modality": "MR",
    "ParallelReductionFactorInPlane": 2,
    "PartialFourier": 1,
    "PatientPosition": "HFS",
    "PercentPhaseFOV": 100,
    "PhaseEncodingDirection": "j-",
    "PhaseEncodingSteps": 64,
    "PhaseResolution": 1,
    "PixelBandwidth": 1735,
    "ProcedureStepDescription": "NormanLab_Anna",
    "ProtocolName": "epi_195_3x3x3_2s",
    "PulseSequenceDetails": "%SiemensSeq%_ep2d_bold",
    "ReceiveCoilActiveElements": "HE1-4",
    "ReceiveCoilName": "HeadNeck_20",
    "ReconMatrixPE": 64,
    "RepetitionTime": 2,
    "SAR": 0.102876,
    "ScanOptions": "FS",
    "ScanningSequence": "EP",
    "SequenceName": "_epfid2d1_64",
    "SequenceVariant": "SK",
    "SeriesDescription": "epi_195_3x3x3_2s",
    "SeriesNumber": 16,
    "ShimSetting": [
      3217,
      10546,
      10104,
      589,
      -121,
      162,
      957,
      -25
    ],
    "SliceThickness": 3,
    "SliceTiming": [
      1,
      0,
      1.055,
      0.055,
      1.11,
      0.1125,
      1.1675,
      0.1675,
      1.2225,
      0.2225,
      1.2775,
      0.2775,
      1.3325,
      0.3325,
      1.39,
      0.39,
      1.445,
      0.445,
      1.5,
      0.5,
      1.555,
      0.555,
      1.61,
      0.6125,
      1.6675,
      0.6675,
      1.7225,
      0.7225,
      1.7775,
      0.7775,
      1.8325,
      0.8325,
      1.8875,
      0.89,
      1.945,
      0.945
    ],
    "SoftwareVersions": "syngo_MR_D11",
    "SpacingBetweenSlices": 3,
    "StationName": "AWP45031",
    "TotalReadoutTime": 0.0207902,
    "TxRefAmp": 332.634,
    "dataset": "ds001454",
    "modality": "bold",
    "run_id": 8,
    "session_id": "1",
    "subject_id": "12",
    "task_id": "satellite"
  },
  "dummy_trs": 1,
  "dvars_nstd": 23.738620975492225,
  "dvars_std": 1.1526183781347155,
  "dvars_vstd": 1.013391539689119,
  "efc": 0.5845594770747844,
  "fber": 1130.76513671875,
  "fd_mean": 0.09120505614114831,
  "fd_num": 4,
  "fd_perc": 2.0618556701030926,
  "fwhm_avg": 1.6569377777777776,
  "fwhm_x": 1.5392433333333333,
  "fwhm_y": 1.8011633333333332,
  "fwhm_z": 1.6304066666666666,
  "gcor": 0.0134872,
  "gsr_x": -0.0011141191935166717,
  "gsr_y": 0.04015039652585983,
  "provenance": {
    "md5sum": "29f0752820db934db392c6f9c291472a",
    "settings": {
      "fd_thres": 0.2,
      "testing": false
    },
    "software": "mriqc",
    "version": "23.0.1",
    "webapi_port": null,
    "webapi_url": "https://mriqc.nimh.nih.gov/api/v1"
  },
  "size_t": 194,
  "size_x": 64,
  "size_y": 64,
  "size_z": 36,
  "snr": 6.800348534033726,
  "spacing_tr": 2.0,
  "spacing_x": 3.0,
  "spacing_y": 3.0,
  "spacing_z": 3.0,
  "summary_bg_k": 24.427530531660544,
  "summary_bg_mad": 17.32504599971935,
  "summary_bg_mean": 52.21681594848633,
  "summary_bg_median": 23.87628746032715,
  "summary_bg_n": 80135.0,
  "summary_bg_p05": 9.520618438720703,
  "summary_bg_p95": 195.74742126464844,
  "summary_bg_stdv": 74.75682067871094,
  "summary_fg_k": 2.766750069299338,
  "summary_fg_mad": 113.2623847949423,
  "summary_fg_mean": 826.533935546875,
  "summary_fg_median": 817.8092041015625,
  "summary_fg_n": 34564.0,
  "summary_fg_p05": 661.603857421875,
  "summary_fg_p95": 1024.3349609375,
  "summary_fg_stdv": 120.2581558227539,
  "tsnr": 62.020807853434235
}