{
  "aor": 0.0008988717948717948,
  "aqi": 0.006767517435897436,
  "bids_meta": {
    "AcquisitionMatrixPE": 64,
    "AcquisitionNumber": 1,
    "AcquisitionTime": "21:01:3.775000",
    "BandwidthPerPixelPhaseEncode": 47.348,
    "BaseResolution": 64,
    "BodyPartExamined": "HEAD",
    "ConsistencyInfo": "N4_VD11D_LATEST_20110129",
    "ConversionSoftware": "dcm2niix",
    "ConversionSoftwareVersion": "v1.0.20180518 GCC4.8.5",
    "DerivedVendorReportedEchoSpacing": 0.000660007,
    "DeviceSerialNumber": "45031",
    "DwellTime": 4.5e-06,
    "EchoTime": 0.03,
    "EchoTrainLength": 32,
    "EffectiveEchoSpacing": 0.000330003,
    "FlipAngle": 71,
    "ImageOrientationPatientDICOM": [
      0.997485,
      0.0205647,
      0.0678269,
      -0.0355302,
      0.973137,
      0.22747
    ],
    "ImageType": [
      "ORIGINAL",
      "PRIMARY",
      "M",
      "ND",
      "NORM",
      "MOSAIC"
    ],
    "InPlanePhaseEncodingDirectionDICOM": "COL",
    "InstitutionAddress": "Washington_and_Faculty_Rd._-_Building_25_25_Princeton_NJ_US_085",
    "InstitutionName": "Princeton_University_-_Neuroscience_Institute",
    "InstitutionalDepartmentName": "Department",
    "MRAcquisitionType": "2D",
    "MagneticFieldStrength": 3,
    "Manufacturer": "Siemens",
    "ManufacturersModelName": "Skyra",
    "Modality": "MR",
    "ParallelReductionFactorInPlane": 2,
    "PartialFourier": 1,
    "PatientPosition": "HFS",
    "PercentPhaseFOV": 100,
    "PhaseEncodingDirection": "j-",
    "PhaseEncodingSteps": 64,
    "PhaseResolution": 1,
    "PixelBandwidth": 1735,
    "ProcedureStepDescription": "NormanLab_Anna",
    "ProtocolName": "epi_195_3x3x3_2s",
    "PulseSequenceDetails": "%SiemensSeq%_ep2d_bold",
    "ReceiveCoilActiveElements": "HE1-4",
    "ReceiveCoilName": "HeadNeck_20",
    "ReconMatrixPE": 64,
    "RepetitionTime": 2,
    "SAR": 0.102876,
    "ScanOptions": "FS",
    "ScanningSequence": "EP",
    "SequenceName": "_epfid2d1_64",
    "SequenceVariant": "SK",
    "SeriesDescription": "epi_195_3x3x3_2s",
    "SeriesNumber": 14,
    "ShimSetting": [
      3217,
      10546,
      10104,
      589,
      -121,
      162,
      957,
      -25
    ],
    "SliceThickness": 3,
    "SliceTiming": [
      1,
      0,
      1.055,
      0.055,
      1.11,
      0.1125,
      1.1675,
      0.1675,
      1.2225,
      0.2225,
      1.2775,
      0.2775,
      1.3325,
      0.3325,
      1.39,
      0.39,
      1.445,
      0.445,
      1.5,
      0.5,
      1.555,
      0.555,
      1.61,
      0.61,
      1.6675,
      0.6675,
      1.7225,
      0.7225,
      1.7775,
      0.7775,
      1.8325,
      0.8325,
      1.8875,
      0.89,
      1.945,
      0.945
    ],
    "SoftwareVersions": "syngo_MR_D11",
    "SpacingBetweenSlices": 3,
    "StationName": "AWP45031",
    "TotalReadoutTime": 0.0207902,
    "TxRefAmp": 332.634,
    "dataset": "ds001454",
    "modality": "bold",
    "run_id": 6,
    "session_id": "1",
    "subject_id": "12",
    "task_id": "satellite"
  },
  "dummy_trs": 0,
  "dvars_nstd": 22.51920927190722,
  "dvars_std": 1.1348887989690724,
  "dvars_vstd": 1.0073237827319588,
  "efc": 0.5850005238517596,
  "fber": 1130.3924560546875,
  "fd_mean": 0.08381193950403208,
  "fd_num": 3,
  "fd_perc": 1.5384615384615385,
  "fwhm_avg": 1.6378666666666666,
  "fwhm_x": 1.5137866666666666,
  "fwhm_y": 1.7806966666666666,
  "fwhm_z": 1.6191166666666668,
  "gcor": 0.0242372,
  "gsr_x": -0.002434460911899805,
  "gsr_y": 0.040926121175289154,
  "provenance": {
    "md5sum": "d22e44705dcc61b84582eac02b13023a",
    "settings": {
      "fd_thres": 0.2,
      "testing": false
    },
    "software": "mriqc",
    "version": "23.0.1",
    "webapi_port": null,
    "webapi_url": "https://mriqc.nimh.nih.gov/api/v1"
  },
  "size_t": 195,
  "size_x": 64,
  "size_y": 64,
  "size_z": 36,
  "snr": 6.861862329041054,
  "spacing_tr": 2.0,
  "spacing_x": 3.0,
  "spacing_y": 3.0,
  "spacing_z": 3.0,
  "summary_bg_k": 24.95489851449525,
  "summary_bg_mad": 16.43027380911121,
  "summary_bg_mean": 51.86495590209961,
  "summary_bg_median": 23.71794891357422,
  "summary_bg_n": 80149.0,
  "summary_bg_p05": 10.184616088867188,
  "summary_bg_p95": 194.77436218261673,
  "summary_bg_stdv": 74.1050033569336,
  "summary_fg_k": 2.8189127879264353,
  "summary_fg_mad": 112.67016737434845,
  "summary_fg_mean": 824.0588989257812,
  "summary_fg_median": 815.4512939453125,
  "summary_fg_n": 34593.0,
  "summary_fg_p05": 660.5292236328125,
  "summary_fg_p95": 1016.240026855469,
  "summary_fg_stdv": 118.83647155761719,
  "tsnr": 68.69628036650829
}