{
  "aor": 0.0011591794871794873,
  "aqi": 0.008536989384615385,
  "bids_meta": {
    "AcquisitionMatrixPE": 64,
    "AcquisitionNumber": 1,
    "AcquisitionTime": "12:14:17.605000",
    "BandwidthPerPixelPhaseEncode": 47.348,
    "BaseResolution": 64,
    "BodyPartExamined": "HEAD",
    "ConsistencyInfo": "N4_VD11D_LATEST_20110129",
    "ConversionSoftware": "dcm2niix",
    "ConversionSoftwareVersion": "v1.0.20180518 GCC4.8.5",
    "DerivedVendorReportedEchoSpacing": 0.000660007,
    "DeviceSerialNumber": "45031",
    "DwellTime": 4.5e-06,
    "EchoTime": 0.03,
    "EchoTrainLength": 32,
    "EffectiveEchoSpacing": 0.000330003,
    "FlipAngle": 71,
    "ImageOrientationPatientDICOM": [
      0.996891,
      0.0179436,
      0.0767252,
      -0.0203598,
      0.999317,
      0.0308256
    ],
    "ImageType": [
      "ORIGINAL",
      "PRIMARY",
      "M",
      "ND",
      "NORM",
      "MOSAIC"
    ],
    "InPlanePhaseEncodingDirectionDICOM": "COL",
    "InstitutionAddress": "Washington_and_Faculty_Rd._-_Building_25_25_Princeton_NJ_US_085",
    "InstitutionName": "Princeton_University_-_Neuroscience_Institute",
    "InstitutionalDepartmentName": "Department",
    "MRAcquisitionType": "2D",
    "MagneticFieldStrength": 3,
    "Manufacturer": "Siemens",
    "ManufacturersModelName": "Skyra",
    "Modality": "MR",
    "ParallelReductionFactorInPlane": 2,
    "PartialFourier": 1,
    "PatientPosition": "HFS",
    "PercentPhaseFOV": 100,
    "PhaseEncodingDirection": "j-",
    "PhaseEncodingSteps": 64,
    "PhaseResolution": 1,
    "PixelBandwidth": 1735,
    "ProcedureStepDescription": "NormanLab_Anna",
    "ProtocolName": "epi_195_3x3x3_2s",
    "PulseSequenceDetails": "%SiemensSeq%_ep2d_bold",
    "ReceiveCoilActiveElements": "HE1-4",
    "ReceiveCoilName": "HeadNeck_20",
    "ReconMatrixPE": 64,
    "RepetitionTime": 2,
    "SAR": 0.116232,
    "ScanOptions": "FS",
    "ScanningSequence": "EP",
    "SequenceName": "_epfid2d1_64",
    "SequenceVariant": "SK",
    "SeriesDescription": "epi_195_3x3x3_2s",
    "SeriesNumber": 17,
    "ShimSetting": [
      3231,
      10583,
      10042,
      463,
      -161,
      168,
      670,
      -68
    ],
    "SliceThickness": 3,
    "SliceTiming": [
      1,
      0,
      1.055,
      0.055,
      1.1125,
      0.1125,
      1.1675,
      0.1675,
      1.2225,
      0.2225,
      1.2775,
      0.2775,
      1.3325,
      0.335,
      1.39,
      0.39,
      1.445,
      0.445,
      1.5,
      0.5,
      1.555,
      0.555,
      1.6125,
      0.6125,
      1.6675,
      0.6675,
      1.7225,
      0.7225,
      1.7775,
      0.7775,
      1.8325,
      0.835,
      1.89,
      0.89,
      1.945,
      0.945
    ],
    "SoftwareVersions": "syngo_MR_D11",
    "SpacingBetweenSlices": 3,
    "StationName": "AWP45031",
    "TotalReadoutTime": 0.0207902,
    "TxRefAmp": 351.085,
    "dataset": "ds001454",
    "modality": "bold",
    "run_id": 1,
    "session_id": "1",
    "subject_id": "23",
    "task_id": "rest"
  },
  "dummy_trs": 0,
  "dvars_nstd": 25.31254740835053,
  "dvars_std": 1.187077197319588,
  "dvars_vstd": 1.0056947354639172,
  "efc": 0.6447413141146774,
  "fber": 736.2615356445312,
  "fd_mean": 0.1053240661783303,
  "fd_num": 9,
  "fd_perc": 4.615384615384615,
  "fwhm_avg": 1.6962133333333334,
  "fwhm_x": 1.59615,
  "fwhm_y": 1.7955133333333333,
  "fwhm_z": 1.6969766666666668,
  "gcor": 0.0150817,
  "gsr_x": -0.0008653353434056044,
  "gsr_y": 0.05162080004811287,
  "provenance": {
    "md5sum": "3291214dda5ab59fa692f27b7130696a",
    "settings": {
      "fd_thres": 0.2,
      "testing": false
    },
    "software": "mriqc",
    "version": "23.0.1",
    "webapi_port": null,
    "webapi_url": "https://mriqc.nimh.nih.gov/api/v1"
  },
  "size_t": 195,
  "size_x": 64,
  "size_y": 64,
  "size_z": 36,
  "snr": 6.154423720507031,
  "spacing_tr": 2.0,
  "spacing_x": 3.0,
  "spacing_y": 3.0,
  "spacing_z": 3.0,
  "summary_bg_k": 17.715803403626442,
  "summary_bg_mad": 23.356687279440862,
  "summary_bg_mean": 69.80029296875,
  "summary_bg_median": 30.21538543701172,
  "summary_bg_n": 69505.0,
  "summary_bg_p05": 11.549744033813479,
  "summary_bg_p95": 292.75179443359394,
  "summary_bg_stdv": 102.24166870117188,
  "summary_fg_k": 3.1242639062858535,
  "summary_fg_mad": 126.19610740161211,
  "summary_fg_mean": 859.0645751953125,
  "summary_fg_median": 846.912841796875,
  "summary_fg_n": 43959.0,
  "summary_fg_p05": 676.8123474121094,
  "summary_fg_p95": 1081.056396484375,
  "summary_fg_stdv": 137.60885620117188,
  "tsnr": 60.32784178387374
}