{
  "aor": 0.0005117948717948718,
  "aqi": 0.0077958696923076925,
  "bids_meta": {
    "AcquisitionMatrixPE": 64,
    "AcquisitionNumber": 1,
    "AcquisitionTime": "12:07:13.767500",
    "BandwidthPerPixelPhaseEncode": 47.348,
    "BaseResolution": 64,
    "BodyPartExamined": "HEAD",
    "ConsistencyInfo": "N4_VD11D_LATEST_20110129",
    "ConversionSoftware": "dcm2niix",
    "ConversionSoftwareVersion": "v1.0.20180518 GCC4.8.5",
    "DerivedVendorReportedEchoSpacing": 0.000660007,
    "DeviceSerialNumber": "45031",
    "DwellTime": 4.5e-06,
    "EchoTime": 0.03,
    "EchoTrainLength": 32,
    "EffectiveEchoSpacing": 0.000330003,
    "FlipAngle": 71,
    "ImageOrientationPatientDICOM": [
      0.996891,
      0.0179436,
      0.0767252,
      -0.0203598,
      0.999317,
      0.0308256
    ],
    "ImageType": [
      "ORIGINAL",
      "PRIMARY",
      "M",
      "ND",
      "NORM",
      "MOSAIC"
    ],
    "InPlanePhaseEncodingDirectionDICOM": "COL",
    "InstitutionAddress": "Washington_and_Faculty_Rd._-_Building_25_25_Princeton_NJ_US_085",
    "InstitutionName": "Princeton_University_-_Neuroscience_Institute",
    "InstitutionalDepartmentName": "Department",
    "MRAcquisitionType": "2D",
    "MagneticFieldStrength": 3,
    "Manufacturer": "Siemens",
    "ManufacturersModelName": "Skyra",
    "Modality": "MR",
    "ParallelReductionFactorInPlane": 2,
    "PartialFourier": 1,
    "PatientPosition": "HFS",
    "PercentPhaseFOV": 100,
    "PhaseEncodingDirection": "j-",
    "PhaseEncodingSteps": 64,
    "PhaseResolution": 1,
    "PixelBandwidth": 1735,
    "ProcedureStepDescription": "NormanLab_Anna",
    "ProtocolName": "epi_195_3x3x3_2s",
    "PulseSequenceDetails": "%SiemensSeq%_ep2d_bold",
    "ReceiveCoilActiveElements": "HE1-4",
    "ReceiveCoilName": "HeadNeck_20",
    "ReconMatrixPE": 64,
    "RepetitionTime": 2,
    "SAR": 0.116232,
    "ScanOptions": "FS",
    "ScanningSequence": "EP",
    "SequenceName": "_epfid2d1_64",
    "SequenceVariant": "SK",
    "SeriesDescription": "epi_195_3x3x3_2s",
    "SeriesNumber": 16,
    "ShimSetting": [
      3231,
      10583,
      10042,
      463,
      -161,
      168,
      670,
      -68
    ],
    "SliceThickness": 3,
    "SliceTiming": [
      1,
      0,
      1.055,
      0.055,
      1.11,
      0.11,
      1.1675,
      0.1675,
      1.2225,
      0.2225,
      1.2775,
      0.2775,
      1.3325,
      0.3325,
      1.3875,
      0.39,
      1.445,
      0.445,
      1.5,
      0.5,
      1.555,
      0.555,
      1.61,
      0.61,
      1.665,
      0.6675,
      1.7225,
      0.7225,
      1.7775,
      0.7775,
      1.8325,
      0.8325,
      1.8875,
      0.8875,
      1.945,
      0.945
    ],
    "SoftwareVersions": "syngo_MR_D11",
    "SpacingBetweenSlices": 3,
    "StationName": "AWP45031",
    "TotalReadoutTime": 0.0207902,
    "TxRefAmp": 351.085,
    "dataset": "ds001454",
    "modality": "bold",
    "run_id": 8,
    "session_id": "1",
    "subject_id": "23",
    "task_id": "satellite"
  },
  "dummy_trs": 0,
  "dvars_nstd": 28.06493242010309,
  "dvars_std": 1.2510669388659796,
  "dvars_vstd": 0.9935361158247418,
  "efc": 0.6454729196876757,
  "fber": 759.0816040039062,
  "fd_mean": 0.10373522818311726,
  "fd_num": 8,
  "fd_perc": 4.102564102564102,
  "fwhm_avg": 1.6831711111111112,
  "fwhm_x": 1.5807333333333335,
  "fwhm_y": 1.7802966666666666,
  "fwhm_z": 1.6884833333333333,
  "gcor": 0.0206135,
  "gsr_x": 0.0011889694724231958,
  "gsr_y": 0.04912320896983147,
  "provenance": {
    "md5sum": "81d2c739d06a6c94532c91f5adc4b80d",
    "settings": {
      "fd_thres": 0.2,
      "testing": false
    },
    "software": "mriqc",
    "version": "23.0.1",
    "webapi_port": null,
    "webapi_url": "https://mriqc.nimh.nih.gov/api/v1"
  },
  "size_t": 195,
  "size_x": 64,
  "size_y": 64,
  "size_z": 36,
  "snr": 6.199455779517418,
  "spacing_tr": 2.0,
  "spacing_x": 3.0,
  "spacing_y": 3.0,
  "spacing_z": 3.0,
  "summary_bg_k": 16.493593047276136,
  "summary_bg_mad": 22.66480690396742,
  "summary_bg_mean": 70.8787841796875,
  "summary_bg_median": 29.615385055541992,
  "summary_bg_n": 69310.0,
  "summary_bg_p05": 11.533333778381348,
  "summary_bg_p95": 304.73205566406256,
  "summary_bg_stdv": 106.16461944580078,
  "summary_fg_k": 3.0022799647415237,
  "summary_fg_mad": 125.82355653896639,
  "summary_fg_mean": 859.91162109375,
  "summary_fg_median": 848.2307739257812,
  "summary_fg_n": 43959.0,
  "summary_fg_p05": 677.5220458984375,
  "summary_fg_p95": 1080.0712768554688,
  "summary_fg_stdv": 136.82186889648438,
  "tsnr": 63.24296880885959
}