{
  "aor": 0.000748974358974359,
  "aqi": 0.010307071487179487,
  "bids_meta": {
    "AcquisitionMatrixPE": 64,
    "AcquisitionNumber": 1,
    "AcquisitionTime": "11:39:46.045000",
    "BandwidthPerPixelPhaseEncode": 47.348,
    "BaseResolution": 64,
    "BodyPartExamined": "HEAD",
    "ConsistencyInfo": "N4_VD11D_LATEST_20110129",
    "ConversionSoftware": "dcm2niix",
    "ConversionSoftwareVersion": "v1.0.20180518 GCC4.8.5",
    "DerivedVendorReportedEchoSpacing": 0.000660007,
    "DeviceSerialNumber": "45031",
    "DwellTime": 4.5e-06,
    "EchoTime": 0.03,
    "EchoTrainLength": 32,
    "EffectiveEchoSpacing": 0.000330003,
    "FlipAngle": 71,
    "ImageOrientationPatientDICOM": [
      0.996891,
      0.0179436,
      0.0767252,
      -0.0203598,
      0.999317,
      0.0308256
    ],
    "ImageType": [
      "ORIGINAL",
      "PRIMARY",
      "M",
      "ND",
      "NORM",
      "MOSAIC"
    ],
    "InPlanePhaseEncodingDirectionDICOM": "COL",
    "InstitutionAddress": "Washington_and_Faculty_Rd._-_Building_25_25_Princeton_NJ_US_085",
    "InstitutionName": "Princeton_University_-_Neuroscience_Institute",
    "InstitutionalDepartmentName": "Department",
    "MRAcquisitionType": "2D",
    "MagneticFieldStrength": 3,
    "Manufacturer": "Siemens",
    "ManufacturersModelName": "Skyra",
    "Modality": "MR",
    "ParallelReductionFactorInPlane": 2,
    "PartialFourier": 1,
    "PatientPosition": "HFS",
    "PercentPhaseFOV": 100,
    "PhaseEncodingDirection": "j-",
    "PhaseEncodingSteps": 64,
    "PhaseResolution": 1,
    "PixelBandwidth": 1735,
    "ProcedureStepDescription": "NormanLab_Anna",
    "ProtocolName": "epi_195_3x3x3_2s",
    "PulseSequenceDetails": "%SiemensSeq%_ep2d_bold",
    "ReceiveCoilActiveElements": "HE1-4",
    "ReceiveCoilName": "HeadNeck_20",
    "ReconMatrixPE": 64,
    "RepetitionTime": 2,
    "SAR": 0.116232,
    "ScanOptions": "FS",
    "ScanningSequence": "EP",
    "SequenceName": "_epfid2d1_64",
    "SequenceVariant": "SK",
    "SeriesDescription": "epi_195_3x3x3_2s",
    "SeriesNumber": 12,
    "ShimSetting": [
      3231,
      10583,
      10042,
      463,
      -161,
      168,
      670,
      -68
    ],
    "SliceThickness": 3,
    "SliceTiming": [
      1,
      0,
      1.055,
      0.055,
      1.11,
      0.11,
      1.165,
      0.165,
      1.2225,
      0.2225,
      1.2775,
      0.2775,
      1.3325,
      0.3325,
      1.3875,
      0.3875,
      1.4425,
      0.445,
      1.5,
      0.5,
      1.555,
      0.555,
      1.61,
      0.61,
      1.665,
      0.665,
      1.7225,
      0.7225,
      1.7775,
      0.7775,
      1.8325,
      0.8325,
      1.8875,
      0.8875,
      1.9425,
      0.9425
    ],
    "SoftwareVersions": "syngo_MR_D11",
    "SpacingBetweenSlices": 3,
    "StationName": "AWP45031",
    "TotalReadoutTime": 0.0207902,
    "TxRefAmp": 351.085,
    "dataset": "ds001454",
    "modality": "bold",
    "run_id": 4,
    "session_id": "1",
    "subject_id": "23",
    "task_id": "satellite"
  },
  "dummy_trs": 0,
  "dvars_nstd": 27.14199662943298,
  "dvars_std": 1.1913989818556705,
  "dvars_vstd": 0.9683474559278352,
  "efc": 0.643723102926554,
  "fber": 752.8421020507812,
  "fd_mean": 0.11277763586927492,
  "fd_num": 9,
  "fd_perc": 4.615384615384615,
  "fwhm_avg": 1.6937333333333333,
  "fwhm_x": 1.59752,
  "fwhm_y": 1.7971233333333334,
  "fwhm_z": 1.6865566666666665,
  "gcor": 0.0133896,
  "gsr_x": -0.0010055610910058022,
  "gsr_y": 0.05104365944862366,
  "provenance": {
    "md5sum": "18c3d58945b47a50b14cf626588e149b",
    "settings": {
      "fd_thres": 0.2,
      "testing": false
    },
    "software": "mriqc",
    "version": "23.0.1",
    "webapi_port": null,
    "webapi_url": "https://mriqc.nimh.nih.gov/api/v1"
  },
  "size_t": 195,
  "size_x": 64,
  "size_y": 64,
  "size_z": 36,
  "snr": 6.176689813298947,
  "spacing_tr": 2.0,
  "spacing_x": 3.0,
  "spacing_y": 3.0,
  "spacing_z": 3.0,
  "summary_bg_k": 17.5433332380173,
  "summary_bg_mad": 24.668221479497,
  "summary_bg_mean": 68.7613296508789,
  "summary_bg_median": 30.18974494934082,
  "summary_bg_n": 69340.0,
  "summary_bg_p05": 10.543334102630617,
  "summary_bg_p95": 287.43104248046876,
  "summary_bg_stdv": 101.12211608886719,
  "summary_fg_k": 2.9537523879791214,
  "summary_fg_mad": 127.48858832732716,
  "summary_fg_mean": 862.7677612304688,
  "summary_fg_median": 851.0256958007812,
  "summary_fg_n": 43982.0,
  "summary_fg_p05": 677.933349609375,
  "summary_fg_p95": 1084.990515136718,
  "summary_fg_stdv": 137.77865600585938,
  "tsnr": 56.78785703284666
}