{
  "aor": 0.0018607692307692307,
  "aqi": 0.006900159846153847,
  "bids_meta": {
    "AcquisitionMatrixPE": 64,
    "AcquisitionNumber": 1,
    "AcquisitionTime": "11:53:29.605000",
    "BandwidthPerPixelPhaseEncode": 47.348,
    "BaseResolution": 64,
    "BodyPartExamined": "HEAD",
    "ConsistencyInfo": "N4_VD11D_LATEST_20110129",
    "ConversionSoftware": "dcm2niix",
    "ConversionSoftwareVersion": "v1.0.20180518 GCC4.8.5",
    "DerivedVendorReportedEchoSpacing": 0.000660007,
    "DeviceSerialNumber": "45031",
    "DwellTime": 4.5e-06,
    "EchoTime": 0.03,
    "EchoTrainLength": 32,
    "EffectiveEchoSpacing": 0.000330003,
    "FlipAngle": 71,
    "ImageOrientationPatientDICOM": [
      0.996891,
      0.0179436,
      0.0767252,
      -0.0203598,
      0.999317,
      0.0308256
    ],
    "ImageType": [
      "ORIGINAL",
      "PRIMARY",
      "M",
      "ND",
      "NORM",
      "MOSAIC"
    ],
    "InPlanePhaseEncodingDirectionDICOM": "COL",
    "InstitutionAddress": "Washington_and_Faculty_Rd._-_Building_25_25_Princeton_NJ_US_085",
    "InstitutionName": "Princeton_University_-_Neuroscience_Institute",
    "InstitutionalDepartmentName": "Department",
    "MRAcquisitionType": "2D",
    "MagneticFieldStrength": 3,
    "Manufacturer": "Siemens",
    "ManufacturersModelName": "Skyra",
    "Modality": "MR",
    "ParallelReductionFactorInPlane": 2,
    "PartialFourier": 1,
    "PatientPosition": "HFS",
    "PercentPhaseFOV": 100,
    "PhaseEncodingDirection": "j-",
    "PhaseEncodingSteps": 64,
    "PhaseResolution": 1,
    "PixelBandwidth": 1735,
    "ProcedureStepDescription": "NormanLab_Anna",
    "ProtocolName": "epi_195_3x3x3_2s",
    "PulseSequenceDetails": "%SiemensSeq%_ep2d_bold",
    "ReceiveCoilActiveElements": "HE1-4",
    "ReceiveCoilName": "HeadNeck_20",
    "ReconMatrixPE": 64,
    "RepetitionTime": 2,
    "SAR": 0.116232,
    "ScanOptions": "FS",
    "ScanningSequence": "EP",
    "SequenceName": "_epfid2d1_64",
    "SequenceVariant": "SK",
    "SeriesDescription": "epi_195_3x3x3_2s",
    "SeriesNumber": 14,
    "ShimSetting": [
      3231,
      10583,
      10042,
      463,
      -161,
      168,
      670,
      -68
    ],
    "SliceThickness": 3,
    "SliceTiming": [
      1,
      0,
      1.055,
      0.0575,
      1.1125,
      0.1125,
      1.1675,
      0.1675,
      1.2225,
      0.2225,
      1.2775,
      0.2775,
      1.335,
      0.335,
      1.39,
      0.39,
      1.445,
      0.445,
      1.5,
      0.5,
      1.555,
      0.5575,
      1.6125,
      0.6125,
      1.6675,
      0.6675,
      1.7225,
      0.7225,
      1.7775,
      0.7775,
      1.8325,
      0.835,
      1.89,
      0.89,
      1.945,
      0.945
    ],
    "SoftwareVersions": "syngo_MR_D11",
    "SpacingBetweenSlices": 3,
    "StationName": "AWP45031",
    "TotalReadoutTime": 0.0207902,
    "TxRefAmp": 351.085,
    "dataset": "ds001454",
    "modality": "bold",
    "run_id": 6,
    "session_id": "1",
    "subject_id": "23",
    "task_id": "satellite"
  },
  "dummy_trs": 0,
  "dvars_nstd": 27.629044257371124,
  "dvars_std": 1.28920356242268,
  "dvars_vstd": 1.0270464872680412,
  "efc": 0.6450205475816406,
  "fber": 766.6436767578125,
  "fd_mean": 0.09614797091161953,
  "fd_num": 2,
  "fd_perc": 1.0256410256410255,
  "fwhm_avg": 1.68104,
  "fwhm_x": 1.5811966666666668,
  "fwhm_y": 1.79077,
  "fwhm_z": 1.6711533333333335,
  "gcor": 0.0233163,
  "gsr_x": 0.0008698211750015616,
  "gsr_y": 0.04996780678629875,
  "provenance": {
    "md5sum": "560920d81ce55bb15700516cc4972784",
    "settings": {
      "fd_thres": 0.2,
      "testing": false
    },
    "software": "mriqc",
    "version": "23.0.1",
    "webapi_port": null,
    "webapi_url": "https://mriqc.nimh.nih.gov/api/v1"
  },
  "size_t": 195,
  "size_x": 64,
  "size_y": 64,
  "size_z": 36,
  "snr": 6.155431224149232,
  "spacing_tr": 2.0,
  "spacing_x": 3.0,
  "spacing_y": 3.0,
  "spacing_z": 3.0,
  "summary_bg_k": 16.55462676148208,
  "summary_bg_mad": 23.546766154641688,
  "summary_bg_mean": 70.56507873535156,
  "summary_bg_median": 29.697437286376953,
  "summary_bg_n": 69285.0,
  "summary_bg_p05": 11.102564811706543,
  "summary_bg_p95": 304.41334838867203,
  "summary_bg_stdv": 105.88458251953125,
  "summary_fg_k": 3.130522775589844,
  "summary_fg_mad": 126.66747428126273,
  "summary_fg_mean": 862.0184936523438,
  "summary_fg_median": 850.4769287109375,
  "summary_fg_n": 44045.0,
  "summary_fg_p05": 678.1528442382813,
  "summary_fg_p95": 1084.2144287109375,
  "summary_fg_stdv": 138.16534423828125,
  "tsnr": 65.8552389324177
}