{
  "aor": 0.0006188205128205128,
  "aqi": 0.007150512256410256,
  "bids_meta": {
    "AcquisitionMatrixPE": 64,
    "AcquisitionNumber": 1,
    "AcquisitionTime": "12:00:22.225000",
    "BandwidthPerPixelPhaseEncode": 47.348,
    "BaseResolution": 64,
    "BodyPartExamined": "HEAD",
    "ConsistencyInfo": "N4_VD11D_LATEST_20110129",
    "ConversionSoftware": "dcm2niix",
    "ConversionSoftwareVersion": "v1.0.20180518 GCC4.8.5",
    "DerivedVendorReportedEchoSpacing": 0.000660007,
    "DeviceSerialNumber": "45031",
    "DwellTime": 4.5e-06,
    "EchoTime": 0.03,
    "EchoTrainLength": 32,
    "EffectiveEchoSpacing": 0.000330003,
    "FlipAngle": 71,
    "ImageOrientationPatientDICOM": [
      0.996891,
      0.0179436,
      0.0767252,
      -0.0203598,
      0.999317,
      0.0308256
    ],
    "ImageType": [
      "ORIGINAL",
      "PRIMARY",
      "M",
      "ND",
      "NORM",
      "MOSAIC"
    ],
    "InPlanePhaseEncodingDirectionDICOM": "COL",
    "InstitutionAddress": "Washington_and_Faculty_Rd._-_Building_25_25_Princeton_NJ_US_085",
    "InstitutionName": "Princeton_University_-_Neuroscience_Institute",
    "InstitutionalDepartmentName": "Department",
    "MRAcquisitionType": "2D",
    "MagneticFieldStrength": 3,
    "Manufacturer": "Siemens",
    "ManufacturersModelName": "Skyra",
    "Modality": "MR",
    "ParallelReductionFactorInPlane": 2,
    "PartialFourier": 1,
    "PatientPosition": "HFS",
    "PercentPhaseFOV": 100,
    "PhaseEncodingDirection": "j-",
    "PhaseEncodingSteps": 64,
    "PhaseResolution": 1,
    "PixelBandwidth": 1735,
    "ProcedureStepDescription": "NormanLab_Anna",
    "ProtocolName": "epi_195_3x3x3_2s",
    "PulseSequenceDetails": "%SiemensSeq%_ep2d_bold",
    "ReceiveCoilActiveElements": "HE1-4",
    "ReceiveCoilName": "HeadNeck_20",
    "ReconMatrixPE": 64,
    "RepetitionTime": 2,
    "SAR": 0.116232,
    "ScanOptions": "FS",
    "ScanningSequence": "EP",
    "SequenceName": "_epfid2d1_64",
    "SequenceVariant": "SK",
    "SeriesDescription": "epi_195_3x3x3_2s",
    "SeriesNumber": 15,
    "ShimSetting": [
      3231,
      10583,
      10042,
      463,
      -161,
      168,
      670,
      -68
    ],
    "SliceThickness": 3,
    "SliceTiming": [
      1,
      0,
      1.055,
      0.055,
      1.11,
      0.11,
      1.1675,
      0.1675,
      1.2225,
      0.2225,
      1.2775,
      0.2775,
      1.3325,
      0.3325,
      1.3875,
      0.3875,
      1.445,
      0.445,
      1.5,
      0.5,
      1.555,
      0.555,
      1.61,
      0.61,
      1.665,
      0.6675,
      1.7225,
      0.7225,
      1.7775,
      0.7775,
      1.8325,
      0.8325,
      1.8875,
      0.8875,
      1.945,
      0.945
    ],
    "SoftwareVersions": "syngo_MR_D11",
    "SpacingBetweenSlices": 3,
    "StationName": "AWP45031",
    "TotalReadoutTime": 0.0207902,
    "TxRefAmp": 351.085,
    "dataset": "ds001454",
    "modality": "bold",
    "run_id": 7,
    "session_id": "1",
    "subject_id": "23",
    "task_id": "satellite"
  },
  "dummy_trs": 0,
  "dvars_nstd": 27.624472687319603,
  "dvars_std": 1.258867685051547,
  "dvars_vstd": 1.003736925154639,
  "efc": 0.6450780823901197,
  "fber": 768.7965087890625,
  "fd_mean": 0.09643607103806902,
  "fd_num": 5,
  "fd_perc": 2.5641025641025643,
  "fwhm_avg": 1.6815577777777777,
  "fwhm_x": 1.5782533333333333,
  "fwhm_y": 1.7788266666666666,
  "fwhm_z": 1.6875933333333333,
  "gcor": 0.016178,
  "gsr_x": 0.0011247136862948537,
  "gsr_y": 0.0499834381043911,
  "provenance": {
    "md5sum": "5d24e41677297e3f9d6d08cb8603fdf5",
    "settings": {
      "fd_thres": 0.2,
      "testing": false
    },
    "software": "mriqc",
    "version": "23.0.1",
    "webapi_port": null,
    "webapi_url": "https://mriqc.nimh.nih.gov/api/v1"
  },
  "size_t": 195,
  "size_x": 64,
  "size_y": 64,
  "size_z": 36,
  "snr": 6.222946347700767,
  "spacing_tr": 2.0,
  "spacing_x": 3.0,
  "spacing_y": 3.0,
  "spacing_z": 3.0,
  "summary_bg_k": 17.020001429029065,
  "summary_bg_mad": 23.18181793799292,
  "summary_bg_mean": 70.46414947509766,
  "summary_bg_median": 29.533334732055664,
  "summary_bg_n": 69304.0,
  "summary_bg_p05": 11.210256576538086,
  "summary_bg_p95": 303.12564086914017,
  "summary_bg_stdv": 106.07855987548828,
  "summary_fg_k": 2.9586361863712263,
  "summary_fg_mad": 125.66384017448503,
  "summary_fg_mean": 860.0086669921875,
  "summary_fg_median": 848.902587890625,
  "summary_fg_n": 43945.0,
  "summary_fg_p05": 677.820556640625,
  "summary_fg_p95": 1081.0789550781249,
  "summary_fg_stdv": 136.41334533691406,
  "tsnr": 65.22164868190885
}