{
  "aor": 0.0008665641025641026,
  "aqi": 0.008177384256410257,
  "bids_meta": {
    "AcquisitionMatrixPE": 64,
    "AcquisitionNumber": 1,
    "AcquisitionTime": "23:30:2.605000",
    "BandwidthPerPixelPhaseEncode": 47.348,
    "BaseResolution": 64,
    "BodyPartExamined": "HEAD",
    "ConsistencyInfo": "N4_VD11D_LATEST_20110129",
    "ConversionSoftware": "dcm2niix",
    "ConversionSoftwareVersion": "v1.0.20180518 GCC4.8.5",
    "DerivedVendorReportedEchoSpacing": 0.000660007,
    "DeviceSerialNumber": "45031",
    "DwellTime": 4.5e-06,
    "EchoTime": 0.03,
    "EchoTrainLength": 32,
    "EffectiveEchoSpacing": 0.000330003,
    "FlipAngle": 71,
    "ImageOrientationPatientDICOM": [
      0.998744,
      0.0451405,
      0.0217631,
      -0.0460514,
      0.997998,
      0.0433472
    ],
    "ImageType": [
      "ORIGINAL",
      "PRIMARY",
      "M",
      "ND",
      "NORM",
      "MOSAIC"
    ],
    "InPlanePhaseEncodingDirectionDICOM": "COL",
    "InstitutionAddress": "Washington_and_Faculty_Rd._-_Building_25_25_Princeton_NJ_US_085",
    "InstitutionName": "Princeton_University_-_Neuroscience_Institute",
    "InstitutionalDepartmentName": "Department",
    "MRAcquisitionType": "2D",
    "MagneticFieldStrength": 3,
    "Manufacturer": "Siemens",
    "ManufacturersModelName": "Skyra",
    "Modality": "MR",
    "ParallelReductionFactorInPlane": 2,
    "PartialFourier": 1,
    "PatientPosition": "HFS",
    "PercentPhaseFOV": 100,
    "PhaseEncodingDirection": "j-",
    "PhaseEncodingSteps": 64,
    "PhaseResolution": 1,
    "PixelBandwidth": 1735,
    "ProcedureStepDescription": "NormanLab_Anna",
    "ProtocolName": "epi_195_3x3x3_2s",
    "PulseSequenceDetails": "%SiemensSeq%_ep2d_bold",
    "ReceiveCoilActiveElements": "HE1-4",
    "ReceiveCoilName": "HeadNeck_20",
    "ReconMatrixPE": 64,
    "RepetitionTime": 2,
    "SAR": 0.10843,
    "ScanOptions": "FS",
    "ScanningSequence": "EP",
    "SequenceName": "_epfid2d1_64",
    "SequenceVariant": "SK",
    "SeriesDescription": "epi_195_3x3x3_2s",
    "SeriesNumber": 14,
    "ShimSetting": [
      3215,
      10700,
      9960,
      401,
      198,
      304,
      -69,
      -109
    ],
    "SliceThickness": 3,
    "SliceTiming": [
      1,
      0,
      1.055,
      0.055,
      1.11,
      0.1125,
      1.1675,
      0.1675,
      1.2225,
      0.2225,
      1.2775,
      0.2775,
      1.3325,
      0.3325,
      1.39,
      0.39,
      1.445,
      0.445,
      1.5,
      0.5,
      1.555,
      0.555,
      1.61,
      0.6125,
      1.6675,
      0.6675,
      1.7225,
      0.7225,
      1.7775,
      0.7775,
      1.8325,
      0.8325,
      1.8875,
      0.89,
      1.945,
      0.945
    ],
    "SoftwareVersions": "syngo_MR_D11",
    "SpacingBetweenSlices": 3,
    "StationName": "AWP45031",
    "TotalReadoutTime": 0.0207902,
    "TxRefAmp": 346.758,
    "dataset": "ds001454",
    "modality": "bold",
    "run_id": 6,
    "session_id": "2",
    "subject_id": "05",
    "task_id": "satellite"
  },
  "dummy_trs": 0,
  "dvars_nstd": 28.772194095773187,
  "dvars_std": 1.1880132692268042,
  "dvars_vstd": 1.0077037348453608,
  "efc": 0.5851436931059133,
  "fber": 1034.649169921875,
  "fd_mean": 0.12690857581802803,
  "fd_num": 17,
  "fd_perc": 8.717948717948717,
  "fwhm_avg": 1.6525766666666668,
  "fwhm_x": 1.5581566666666669,
  "fwhm_y": 1.6858933333333335,
  "fwhm_z": 1.71368,
  "gcor": 0.00750533,
  "gsr_x": -0.024187274277210236,
  "gsr_y": 0.06302499026060104,
  "provenance": {
    "md5sum": "25ce87ce74203871e8e701fbd984859c",
    "settings": {
      "fd_thres": 0.2,
      "testing": false
    },
    "software": "mriqc",
    "version": "23.0.1",
    "webapi_port": null,
    "webapi_url": "https://mriqc.nimh.nih.gov/api/v1"
  },
  "size_t": 195,
  "size_x": 64,
  "size_y": 64,
  "size_z": 36,
  "snr": 5.539944497615122,
  "spacing_tr": 2.0,
  "spacing_x": 3.0,
  "spacing_y": 3.0,
  "spacing_z": 3.0,
  "summary_bg_k": 37.657188440679874,
  "summary_bg_mad": 13.50688745988241,
  "summary_bg_mean": 49.505367279052734,
  "summary_bg_median": 21.664104461669922,
  "summary_bg_n": 80338.0,
  "summary_bg_p05": 10.14282078742981,
  "summary_bg_p95": 185.59718627929678,
  "summary_bg_stdv": 84.2596206665039,
  "summary_fg_k": 2.2400287466648496,
  "summary_fg_mad": 110.4272609663968,
  "summary_fg_mean": 727.8558349609375,
  "summary_fg_median": 707.1282348632812,
  "summary_fg_n": 35744.0,
  "summary_fg_p05": 570.3948974609375,
  "summary_fg_p95": 960.3010742187499,
  "summary_fg_stdv": 127.63996887207031,
  "tsnr": 59.58069945918396
}