{
  "bids_meta": {
    "AcquisitionMatrixPE": 256,
    "AcquisitionNumber": 1,
    "AcquisitionTime": "11:09:41.777500",
    "BaseResolution": 256,
    "BodyPartExamined": "HEAD",
    "ConsistencyInfo": "N4_VD11D_LATEST_20110129",
    "ConversionSoftware": "dcm2niix",
    "ConversionSoftwareVersion": "v1.0.20180518 GCC4.8.5",
    "DeviceSerialNumber": "45031",
    "DwellTime": 9.8e-06,
    "EchoTime": 0.0033,
    "FlipAngle": 7,
    "ImageOrientationPatientDICOM": [
      0,
      1,
      0,
      0,
      0,
      -1
    ],
    "ImageType": [
      "ORIGINAL",
      "PRIMARY",
      "M",
      "ND",
      "NORM"
    ],
    "InPlanePhaseEncodingDirectionDICOM": "ROW",
    "InstitutionAddress": "Washington_and_Faculty_Rd._-_Building_25_25_Princeton_NJ_US_085",
    "InstitutionName": "Princeton_University_-_Neuroscience_Institute",
    "InstitutionalDepartmentName": "Department",
    "InversionTime": 1.1,
    "MRAcquisitionType": "3D",
    "MagneticFieldStrength": 3,
    "Manufacturer": "Siemens",
    "ManufacturersModelName": "Skyra",
    "Modality": "MR",
    "ParallelReductionFactorInPlane": 2,
    "PartialFourier": 1,
    "PatientPosition": "HFS",
    "PercentPhaseFOV": 100,
    "PhaseEncodingSteps": 255,
    "PhaseResolution": 1,
    "PixelBandwidth": 200,
    "ProcedureStepDescription": "NormanLab_Anna",
    "ProtocolName": "MPRAGE_tfl",
    "PulseSequenceDetails": "%SiemensSeq%_tfl",
    "ReceiveCoilActiveElements": "HE1-4",
    "ReceiveCoilName": "HeadNeck_20",
    "ReconMatrixPE": 256,
    "RepetitionTime": 2.53,
    "SAR": 0.068359,
    "ScanOptions": "IR",
    "ScanningSequence": "GR_IR",
    "SequenceName": "_tfl3d1_16ns",
    "SequenceVariant": "SK_SP_MP",
    "SeriesDescription": "MPRAGE_tfl",
    "SeriesNumber": 5,
    "ShimSetting": [
      3201,
      10421,
      9953,
      377,
      6,
      -405,
      864,
      113
    ],
    "SliceThickness": 1,
    "SoftwareVersions": "syngo_MR_D11",
    "StationName": "AWP45031",
    "TxRefAmp": 331.493,
    "dataset": "ds001454",
    "modality": "T1w",
    "session_id": "1",
    "subject_id": "06"
  },
  "cjv": 0.3265923601116818,
  "cnr": 4.098262185736636,
  "efc": 0.4705030147632448,
  "fber": 11264.927685950413,
  "fwhm_avg": 3.850713333333333,
  "fwhm_x": 3.87066,
  "fwhm_y": 4.02861,
  "fwhm_z": 3.65287,
  "icvs_csf": 0.20940799005562957,
  "icvs_gm": 0.44084330291299506,
  "icvs_wm": 0.34974870703137534,
  "inu_med": 0.582080066204071,
  "inu_range": 0.23297575861215591,
  "provenance": {
    "md5sum": "7930107251f52962e09b0318812aa5a2",
    "settings": {
      "testing": false
    },
    "software": "mriqc",
    "version": "23.0.1",
    "warnings": {
      "large_rot_frame": true,
      "small_air_mask": false
    },
    "webapi_port": null,
    "webapi_url": "https://mriqc.nimh.nih.gov/api/v1"
  },
  "qi_1": 0.0,
  "qi_2": 0.01745090394345255,
  "rpve_csf": 27.788936357886627,
  "rpve_gm": 13.771797581166185,
  "rpve_wm": 19.72761186328738,
  "size_x": 176,
  "size_y": 256,
  "size_z": 256,
  "snr_csf": 1.3814283531581253,
  "snr_gm": 8.57171520118074,
  "snr_total": 10.71129887764515,
  "snr_wm": 22.180753078596588,
  "snrd_csf": 18.064866033244463,
  "snrd_gm": 67.66039460214542,
  "snrd_total": 63.789075011821865,
  "snrd_wm": 105.64196440007572,
  "spacing_x": 1.0,
  "spacing_y": 1.0,
  "spacing_z": 1.0,
  "summary_bg_k": 3927.0434762315335,
  "summary_bg_mad": 6.201308170068141,
  "summary_bg_mean": 4.949060251607532,
  "summary_bg_median": 4.182718798518181,
  "summary_bg_n": 3424630.0,
  "summary_bg_p05": 0.0,
  "summary_bg_p95": 17.088607722893357,
  "summary_bg_stdv": 8.988000878354464,
  "summary_csf_k": 0.3433933944042775,
  "summary_csf_mad": 115.09138386685675,
  "summary_csf_mean": 197.69895452103765,
  "summary_csf_median": 170.996148776263,
  "summary_csf_n": 39139.0,
  "summary_csf_p05": 39.92570200506598,
  "summary_csf_p95": 441.05944193769244,
  "summary_csf_stdv": 123.7805521355935,
  "summary_gm_k": 0.020357857907341792,
  "summary_gm_mad": 73.76292875975788,
  "summary_gm_mean": 642.1225680628812,
  "summary_gm_median": 640.4512981362641,
  "summary_gm_n": 46803.0,
  "summary_gm_p05": 520.5861348832026,
  "summary_gm_p95": 767.3335225315765,
  "summary_gm_stdv": 74.71602136544233,
  "summary_wm_k": 0.3139646279259196,
  "summary_wm_mad": 43.653945670874414,
  "summary_wm_mean": 998.8916570681213,
  "summary_wm_median": 999.9724896010011,
  "summary_wm_n": 190774.0,
  "summary_wm_p05": 922.9224064704031,
  "summary_wm_p95": 1070.6384229864925,
  "summary_wm_stdv": 45.082773575094464,
  "tpm_overlap_csf": 0.13952513035822042,
  "tpm_overlap_gm": 0.4761942328350428,
  "tpm_overlap_wm": 0.5225441829182039,
  "wm2max": 0.6779558880918322
}