{
  "bids_meta": {
    "AcquisitionMatrixPE": 256,
    "AcquisitionNumber": 1,
    "AcquisitionTime": "22:27:51.712500",
    "BaseResolution": 256,
    "BodyPartExamined": "HEAD",
    "ConsistencyInfo": "N4_VD11D_LATEST_20110129",
    "ConversionSoftware": "dcm2niix",
    "ConversionSoftwareVersion": "v1.0.20180518 GCC4.8.5",
    "DeviceSerialNumber": "45031",
    "DwellTime": 9.8e-06,
    "EchoTime": 0.0033,
    "FlipAngle": 7,
    "ImageOrientationPatientDICOM": [
      0,
      1,
      0,
      0,
      0,
      -1
    ],
    "ImageType": [
      "ORIGINAL",
      "PRIMARY",
      "M",
      "ND",
      "NORM"
    ],
    "InPlanePhaseEncodingDirectionDICOM": "ROW",
    "InstitutionAddress": "Washington_and_Faculty_Rd._-_Building_25_25_Princeton_NJ_US_085",
    "InstitutionName": "Princeton_University_-_Neuroscience_Institute",
    "InstitutionalDepartmentName": "Department",
    "InversionTime": 1.1,
    "MRAcquisitionType": "3D",
    "MagneticFieldStrength": 3,
    "Manufacturer": "Siemens",
    "ManufacturersModelName": "Skyra",
    "Modality": "MR",
    "ParallelReductionFactorInPlane": 2,
    "PartialFourier": 1,
    "PatientPosition": "HFS",
    "PercentPhaseFOV": 100,
    "PhaseEncodingSteps": 255,
    "PhaseResolution": 1,
    "PixelBandwidth": 200,
    "ProcedureStepDescription": "NormanLab_Anna",
    "ProtocolName": "MPRAGE_tfl",
    "PulseSequenceDetails": "%SiemensSeq%_tfl",
    "ReceiveCoilActiveElements": "HE1-4",
    "ReceiveCoilName": "HeadNeck_20",
    "ReconMatrixPE": 256,
    "RepetitionTime": 2.53,
    "SAR": 0.0747561,
    "ScanOptions": "IR",
    "ScanningSequence": "GR_IR",
    "SequenceName": "_tfl3d1_16ns",
    "SequenceVariant": "SK_SP_MP",
    "SeriesDescription": "MPRAGE_tfl",
    "SeriesNumber": 5,
    "ShimSetting": [
      3263,
      10471,
      9841,
      348,
      4,
      -494,
      890,
      97
    ],
    "SliceThickness": 1,
    "SoftwareVersions": "syngo_MR_D11",
    "StationName": "AWP45031",
    "TxRefAmp": 335.903,
    "dataset": "ds001454",
    "modality": "T1w",
    "session_id": "2",
    "subject_id": "02"
  },
  "cjv": 0.3283912339725598,
  "cnr": 4.04835685633993,
  "efc": 0.4649495715371753,
  "fber": 30022.586559532505,
  "fwhm_avg": 3.62267,
  "fwhm_x": 3.71917,
  "fwhm_y": 3.74614,
  "fwhm_z": 3.4027,
  "icvs_csf": 0.19960287445106464,
  "icvs_gm": 0.4392251611633174,
  "icvs_wm": 0.36117196438561794,
  "inu_med": 0.492594838142395,
  "inu_range": 0.16636142134666437,
  "provenance": {
    "md5sum": "ee240bc0c342c1996808a6939c5a93fc",
    "settings": {
      "testing": false
    },
    "software": "mriqc",
    "version": "23.0.1",
    "warnings": {
      "large_rot_frame": true,
      "small_air_mask": false
    },
    "webapi_port": null,
    "webapi_url": "https://mriqc.nimh.nih.gov/api/v1"
  },
  "qi_1": 1.092686042932055e-05,
  "qi_2": 0.014265934997284738,
  "rpve_csf": 27.952466839880863,
  "rpve_gm": 13.452320058889175,
  "rpve_wm": 18.599854363342377,
  "size_x": 176,
  "size_y": 256,
  "size_z": 256,
  "snr_csf": 1.7588340355627237,
  "snr_gm": 9.304831351814373,
  "snr_total": 11.640140468151296,
  "snr_wm": 23.85675601707679,
  "snrd_csf": 32.7192607835563,
  "snrd_gm": 92.53623592035034,
  "snrd_total": 88.19714629978529,
  "snrd_wm": 139.33594219544923,
  "spacing_x": 1.0,
  "spacing_y": 1.0,
  "spacing_z": 1.0,
  "summary_bg_k": 16.077395358893945,
  "summary_bg_mad": 4.7018477488274515,
  "summary_bg_mean": 3.890193201034573,
  "summary_bg_median": 3.171348113566637,
  "summary_bg_n": 4508660.0,
  "summary_bg_p05": 0.0,
  "summary_bg_p95": 14.354523040354252,
  "summary_bg_stdv": 5.682171732568587,
  "summary_csf_k": -0.33165884960304615,
  "summary_csf_mad": 152.54491004654477,
  "summary_csf_mean": 250.44064876286006,
  "summary_csf_median": 234.82282873988152,
  "summary_csf_n": 34005.0,
  "summary_csf_p05": 59.58796192333102,
  "summary_csf_p95": 476.90876000151036,
  "summary_csf_stdv": 133.5085466834484,
  "summary_gm_k": 0.12116010307570546,
  "summary_gm_mad": 69.5378535484481,
  "summary_gm_mean": 664.5864918427484,
  "summary_gm_median": 664.1232154816389,
  "summary_gm_n": 31491.0,
  "summary_gm_p05": 547.3794533461332,
  "summary_gm_p95": 783.5495089162141,
  "summary_gm_stdv": 71.37288636804045,
  "summary_wm_k": 0.26253120610792724,
  "summary_wm_mad": 40.76113123607558,
  "summary_wm_mean": 998.5324346197814,
  "summary_wm_median": 999.9999788478017,
  "summary_wm_n": 206001.0,
  "summary_wm_p05": 927.2735747396946,
  "summary_wm_p95": 1064.8099350333214,
  "summary_wm_stdv": 41.91674471400975,
  "tpm_overlap_csf": 0.1404299377229911,
  "tpm_overlap_gm": 0.4651547689056598,
  "tpm_overlap_wm": 0.5083403905044604,
  "wm2max": 0.7263018540327583
}