{
  "aor": 0.0005072307692307693,
  "aqi": 0.007409038615384615,
  "bids_meta": {
    "AcquisitionMatrixPE": 64,
    "AcquisitionNumber": 1,
    "AcquisitionTime": "20:57:46.622500",
    "BandwidthPerPixelPhaseEncode": 47.348,
    "BaseResolution": 64,
    "BodyPartExamined": "HEAD",
    "ConsistencyInfo": "N4_VD11D_LATEST_20110129",
    "ConversionSoftware": "dcm2niix",
    "ConversionSoftwareVersion": "v1.0.20180518 GCC4.8.5",
    "DerivedVendorReportedEchoSpacing": 0.000660007,
    "DeviceSerialNumber": "45031",
    "DwellTime": 4.5e-06,
    "EchoTime": 0.03,
    "EchoTrainLength": 32,
    "EffectiveEchoSpacing": 0.000330003,
    "FlipAngle": 71,
    "ImageOrientationPatientDICOM": [
      0.99685,
      0.0780637,
      -0.0140355,
      -0.0782787,
      0.996811,
      -0.0154857
    ],
    "ImageType": [
      "ORIGINAL",
      "PRIMARY",
      "M",
      "ND",
      "NORM",
      "MOSAIC"
    ],
    "InPlanePhaseEncodingDirectionDICOM": "COL",
    "InstitutionAddress": "Washington_and_Faculty_Rd._-_Building_25_25_Princeton_NJ_US_085",
    "InstitutionName": "Princeton_University_-_Neuroscience_Institute",
    "InstitutionalDepartmentName": "Department",
    "MRAcquisitionType": "2D",
    "MagneticFieldStrength": 3,
    "Manufacturer": "Siemens",
    "ManufacturersModelName": "Skyra",
    "Modality": "MR",
    "ParallelReductionFactorInPlane": 2,
    "PartialFourier": 1,
    "PatientPosition": "HFS",
    "PercentPhaseFOV": 100,
    "PhaseEncodingDirection": "j-",
    "PhaseEncodingSteps": 64,
    "PhaseResolution": 1,
    "PixelBandwidth": 1735,
    "ProcedureStepDescription": "NormanLab_Anna",
    "ProtocolName": "epi_195_3x3x3_2s",
    "PulseSequenceDetails": "%SiemensSeq%_ep2d_bold",
    "ReceiveCoilActiveElements": "HE1-4",
    "ReceiveCoilName": "HeadNeck_20",
    "ReconMatrixPE": 64,
    "RepetitionTime": 2,
    "SAR": 0.125401,
    "ScanOptions": "FS",
    "ScanningSequence": "EP",
    "SequenceName": "_epfid2d1_64",
    "SequenceVariant": "SK",
    "SeriesDescription": "epi_195_3x3x3_2s",
    "SeriesNumber": 11,
    "ShimSetting": [
      3221,
      10617,
      10005,
      682,
      85,
      492,
      477,
      15
    ],
    "SliceThickness": 3,
    "SliceTiming": [
      1,
      0,
      1.055,
      0.055,
      1.11,
      0.11,
      1.165,
      0.165,
      1.22,
      0.2225,
      1.2775,
      0.2775,
      1.3325,
      0.3325,
      1.3875,
      0.3875,
      1.4425,
      0.4425,
      1.5,
      0.5,
      1.555,
      0.555,
      1.61,
      0.61,
      1.665,
      0.665,
      1.72,
      0.72,
      1.7775,
      0.7775,
      1.8325,
      0.8325,
      1.8875,
      0.8875,
      1.9425,
      0.9425
    ],
    "SoftwareVersions": "syngo_MR_D11",
    "SpacingBetweenSlices": 3,
    "StationName": "AWP45031",
    "TotalReadoutTime": 0.0207902,
    "TxRefAmp": 339.773,
    "dataset": "ds001454",
    "modality": "bold",
    "run_id": 3,
    "session_id": "1",
    "subject_id": "22",
    "task_id": "satellite"
  },
  "dummy_trs": 0,
  "dvars_nstd": 26.047627498092773,
  "dvars_std": 1.123596258092783,
  "dvars_vstd": 0.9934600914432987,
  "efc": 0.6171943743454981,
  "fber": 954.7688598632812,
  "fd_mean": 0.12009899738186433,
  "fd_num": 13,
  "fd_perc": 6.666666666666667,
  "fwhm_avg": 1.733851111111111,
  "fwhm_x": 1.6308766666666665,
  "fwhm_y": 1.87245,
  "fwhm_z": 1.6982266666666668,
  "gcor": 0.01779,
  "gsr_x": -0.008797358721494675,
  "gsr_y": 0.051735881716012955,
  "provenance": {
    "md5sum": "a6d08a353d20709da70027e74f296801",
    "settings": {
      "fd_thres": 0.2,
      "testing": false
    },
    "software": "mriqc",
    "version": "23.0.1",
    "webapi_port": null,
    "webapi_url": "https://mriqc.nimh.nih.gov/api/v1"
  },
  "size_t": 195,
  "size_x": 64,
  "size_y": 64,
  "size_z": 36,
  "snr": 5.868100285777835,
  "spacing_tr": 2.0,
  "spacing_x": 3.0,
  "spacing_y": 3.0,
  "spacing_z": 3.0,
  "summary_bg_k": 34.643471040703645,
  "summary_bg_mad": 16.818032791590163,
  "summary_bg_mean": 53.527687072753906,
  "summary_bg_median": 24.923078536987305,
  "summary_bg_n": 73909.0,
  "summary_bg_p05": 11.128205299377441,
  "summary_bg_p95": 190.9261566162109,
  "summary_bg_stdv": 77.80111694335938,
  "summary_fg_k": 2.2646822327741054,
  "summary_fg_mad": 127.32136122162659,
  "summary_fg_mean": 805.1815795898438,
  "summary_fg_median": 793.3436279296875,
  "summary_fg_n": 40493.0,
  "summary_fg_p05": 622.7856323242188,
  "summary_fg_p95": 1028.90361328125,
  "summary_fg_stdv": 135.19432067871094,
  "tsnr": 62.343142208177596
}