{
  "aor": 0.0007151794871794872,
  "aqi": 0.007013234256410257,
  "bids_meta": {
    "AcquisitionMatrixPE": 64,
    "AcquisitionNumber": 1,
    "AcquisitionTime": "21:46:0.952500",
    "BandwidthPerPixelPhaseEncode": 47.348,
    "BaseResolution": 64,
    "BodyPartExamined": "HEAD",
    "ConsistencyInfo": "N4_VD11D_LATEST_20110129",
    "ConversionSoftware": "dcm2niix",
    "ConversionSoftwareVersion": "v1.0.20180518 GCC4.8.5",
    "DerivedVendorReportedEchoSpacing": 0.000660007,
    "DeviceSerialNumber": "45031",
    "DwellTime": 4.5e-06,
    "EchoTime": 0.03,
    "EchoTrainLength": 32,
    "EffectiveEchoSpacing": 0.000330003,
    "FlipAngle": 71,
    "ImageOrientationPatientDICOM": [
      0.99685,
      0.0780637,
      -0.0140355,
      -0.0782787,
      0.996811,
      -0.0154857
    ],
    "ImageType": [
      "ORIGINAL",
      "PRIMARY",
      "M",
      "ND",
      "NORM",
      "MOSAIC"
    ],
    "InPlanePhaseEncodingDirectionDICOM": "COL",
    "InstitutionAddress": "Washington_and_Faculty_Rd._-_Building_25_25_Princeton_NJ_US_085",
    "InstitutionName": "Princeton_University_-_Neuroscience_Institute",
    "InstitutionalDepartmentName": "Department",
    "MRAcquisitionType": "2D",
    "MagneticFieldStrength": 3,
    "Manufacturer": "Siemens",
    "ManufacturersModelName": "Skyra",
    "Modality": "MR",
    "ParallelReductionFactorInPlane": 2,
    "PartialFourier": 1,
    "PatientPosition": "HFS",
    "PercentPhaseFOV": 100,
    "PhaseEncodingDirection": "j-",
    "PhaseEncodingSteps": 64,
    "PhaseResolution": 1,
    "PixelBandwidth": 1735,
    "ProcedureStepDescription": "NormanLab_Anna",
    "ProtocolName": "epi_195_3x3x3_2s",
    "PulseSequenceDetails": "%SiemensSeq%_ep2d_bold",
    "ReceiveCoilActiveElements": "HE1-4",
    "ReceiveCoilName": "HeadNeck_20",
    "ReconMatrixPE": 64,
    "RepetitionTime": 2,
    "SAR": 0.125401,
    "ScanOptions": "FS",
    "ScanningSequence": "EP",
    "SequenceName": "_epfid2d1_64",
    "SequenceVariant": "SK",
    "SeriesDescription": "epi_195_3x3x3_2s",
    "SeriesNumber": 17,
    "ShimSetting": [
      3221,
      10617,
      10005,
      682,
      85,
      492,
      477,
      15
    ],
    "SliceThickness": 3,
    "SliceTiming": [
      1,
      0,
      1.055,
      0.055,
      1.1125,
      0.1125,
      1.1675,
      0.1675,
      1.2225,
      0.2225,
      1.2775,
      0.2775,
      1.3325,
      0.335,
      1.39,
      0.39,
      1.445,
      0.445,
      1.5,
      0.5,
      1.555,
      0.555,
      1.61,
      0.6125,
      1.6675,
      0.6675,
      1.7225,
      0.7225,
      1.7775,
      0.7775,
      1.8325,
      0.8325,
      1.89,
      0.89,
      1.945,
      0.945
    ],
    "SoftwareVersions": "syngo_MR_D11",
    "SpacingBetweenSlices": 3,
    "StationName": "AWP45031",
    "TotalReadoutTime": 0.0207902,
    "TxRefAmp": 339.773,
    "dataset": "ds001454",
    "modality": "bold",
    "run_id": 1,
    "session_id": "1",
    "subject_id": "22",
    "task_id": "rest"
  },
  "dummy_trs": 0,
  "dvars_nstd": 27.33956343881443,
  "dvars_std": 1.1260228751030927,
  "dvars_vstd": 1.0036073764948454,
  "efc": 0.6191227787247675,
  "fber": 963.49853515625,
  "fd_mean": 0.13046548406211747,
  "fd_num": 23,
  "fd_perc": 11.794871794871796,
  "fwhm_avg": 1.7276888888888886,
  "fwhm_x": 1.62416,
  "fwhm_y": 1.86191,
  "fwhm_z": 1.6969966666666665,
  "gcor": 0.0183921,
  "gsr_x": -0.00708863465115428,
  "gsr_y": 0.05258719623088837,
  "provenance": {
    "md5sum": "0f2322fcd2eea1e51f4eee6a0889c2f4",
    "settings": {
      "fd_thres": 0.2,
      "testing": false
    },
    "software": "mriqc",
    "version": "23.0.1",
    "webapi_port": null,
    "webapi_url": "https://mriqc.nimh.nih.gov/api/v1"
  },
  "size_t": 195,
  "size_x": 64,
  "size_y": 64,
  "size_z": 36,
  "snr": 5.748955007709772,
  "spacing_tr": 2.0,
  "spacing_x": 3.0,
  "spacing_y": 3.0,
  "spacing_z": 3.0,
  "summary_bg_k": 32.25817031958549,
  "summary_bg_mad": 16.42267399095357,
  "summary_bg_mean": 54.57700729370117,
  "summary_bg_median": 24.646154403686523,
  "summary_bg_n": 73381.0,
  "summary_bg_p05": 11.158974647521973,
  "summary_bg_p95": 199.8153839111328,
  "summary_bg_stdv": 81.01647186279297,
  "summary_fg_k": 2.3980664527119018,
  "summary_fg_mad": 128.1917927853354,
  "summary_fg_mean": 800.8829345703125,
  "summary_fg_median": 788.779541015625,
  "summary_fg_n": 40720.0,
  "summary_fg_p05": 618.4202758789063,
  "summary_fg_p95": 1026.188537597656,
  "summary_fg_stdv": 137.20230102539062,
  "tsnr": 63.250660164281726
}