{
  "aor": 0.0009517435897435898,
  "aqi": 0.007111372153846154,
  "bids_meta": {
    "AcquisitionMatrixPE": 64,
    "AcquisitionNumber": 1,
    "AcquisitionTime": "21:30:56.247500",
    "BandwidthPerPixelPhaseEncode": 47.348,
    "BaseResolution": 64,
    "BodyPartExamined": "HEAD",
    "ConsistencyInfo": "N4_VD11D_LATEST_20110129",
    "ConversionSoftware": "dcm2niix",
    "ConversionSoftwareVersion": "v1.0.20180518 GCC4.8.5",
    "DerivedVendorReportedEchoSpacing": 0.000660007,
    "DeviceSerialNumber": "45031",
    "DwellTime": 4.5e-06,
    "EchoTime": 0.03,
    "EchoTrainLength": 32,
    "EffectiveEchoSpacing": 0.000330003,
    "FlipAngle": 71,
    "ImageOrientationPatientDICOM": [
      0.99685,
      0.0780637,
      -0.0140355,
      -0.0782787,
      0.996811,
      -0.0154857
    ],
    "ImageType": [
      "ORIGINAL",
      "PRIMARY",
      "M",
      "ND",
      "NORM",
      "MOSAIC"
    ],
    "InPlanePhaseEncodingDirectionDICOM": "COL",
    "InstitutionAddress": "Washington_and_Faculty_Rd._-_Building_25_25_Princeton_NJ_US_085",
    "InstitutionName": "Princeton_University_-_Neuroscience_Institute",
    "InstitutionalDepartmentName": "Department",
    "MRAcquisitionType": "2D",
    "MagneticFieldStrength": 3,
    "Manufacturer": "Siemens",
    "ManufacturersModelName": "Skyra",
    "Modality": "MR",
    "ParallelReductionFactorInPlane": 2,
    "PartialFourier": 1,
    "PatientPosition": "HFS",
    "PercentPhaseFOV": 100,
    "PhaseEncodingDirection": "j-",
    "PhaseEncodingSteps": 64,
    "PhaseResolution": 1,
    "PixelBandwidth": 1735,
    "ProcedureStepDescription": "NormanLab_Anna",
    "ProtocolName": "epi_195_3x3x3_2s",
    "PulseSequenceDetails": "%SiemensSeq%_ep2d_bold",
    "ReceiveCoilActiveElements": "HE1-4",
    "ReceiveCoilName": "HeadNeck_20",
    "ReconMatrixPE": 64,
    "RepetitionTime": 2,
    "SAR": 0.125401,
    "ScanOptions": "FS",
    "ScanningSequence": "EP",
    "SequenceName": "_epfid2d1_64",
    "SequenceVariant": "SK",
    "SeriesDescription": "epi_195_3x3x3_2s",
    "SeriesNumber": 15,
    "ShimSetting": [
      3221,
      10617,
      10005,
      682,
      85,
      492,
      477,
      15
    ],
    "SliceThickness": 3,
    "SliceTiming": [
      1,
      0,
      1.055,
      0.055,
      1.11,
      0.11,
      1.165,
      0.1675,
      1.2225,
      0.2225,
      1.2775,
      0.2775,
      1.3325,
      0.3325,
      1.3875,
      0.3875,
      1.445,
      0.445,
      1.5,
      0.5,
      1.555,
      0.555,
      1.61,
      0.61,
      1.665,
      0.6675,
      1.7225,
      0.7225,
      1.7775,
      0.7775,
      1.8325,
      0.8325,
      1.8875,
      0.8875,
      1.9425,
      0.945
    ],
    "SoftwareVersions": "syngo_MR_D11",
    "SpacingBetweenSlices": 3,
    "StationName": "AWP45031",
    "TotalReadoutTime": 0.0207902,
    "TxRefAmp": 339.773,
    "dataset": "ds001454",
    "modality": "bold",
    "run_id": 7,
    "session_id": "1",
    "subject_id": "22",
    "task_id": "satellite"
  },
  "dummy_trs": 0,
  "dvars_nstd": 28.426970629381433,
  "dvars_std": 1.1630929538144326,
  "dvars_vstd": 0.9997639404639171,
  "efc": 0.6189075440512655,
  "fber": 947.6979370117188,
  "fd_mean": 0.129476992916985,
  "fd_num": 14,
  "fd_perc": 7.17948717948718,
  "fwhm_avg": 1.7268722222222221,
  "fwhm_x": 1.6192399999999998,
  "fwhm_y": 1.8665233333333333,
  "fwhm_z": 1.6948533333333333,
  "gcor": 0.0186853,
  "gsr_x": -0.0062751155346632,
  "gsr_y": 0.05085667222738266,
  "provenance": {
    "md5sum": "629f9c9999a06e201c45812939b86183",
    "settings": {
      "fd_thres": 0.2,
      "testing": false
    },
    "software": "mriqc",
    "version": "23.0.1",
    "webapi_port": null,
    "webapi_url": "https://mriqc.nimh.nih.gov/api/v1"
  },
  "size_t": 195,
  "size_x": 64,
  "size_y": 64,
  "size_z": 36,
  "snr": 5.821142692125846,
  "spacing_tr": 2.0,
  "spacing_x": 3.0,
  "spacing_y": 3.0,
  "spacing_z": 3.0,
  "summary_bg_k": 31.505600752197893,
  "summary_bg_mad": 16.780018147685723,
  "summary_bg_mean": 54.21815872192383,
  "summary_bg_median": 24.892309188842773,
  "summary_bg_n": 73555.0,
  "summary_bg_p05": 11.087180137634277,
  "summary_bg_p95": 196.55538635253907,
  "summary_bg_stdv": 78.8138198852539,
  "summary_fg_k": 2.353493498981992,
  "summary_fg_mad": 127.06282884014036,
  "summary_fg_mean": 801.5219116210938,
  "summary_fg_median": 789.6461791992188,
  "summary_fg_n": 40626.0,
  "summary_fg_p05": 620.2948760986328,
  "summary_fg_p95": 1024.3884887695312,
  "summary_fg_stdv": 135.6497344970703,
  "tsnr": 62.150522178271785
}