{
  "bids_meta": {
    "AcquisitionMatrixPE": 256,
    "AcquisitionNumber": 1,
    "AcquisitionTime": "09:22:2.915000",
    "BaseResolution": 256,
    "BodyPartExamined": "HEAD",
    "ConsistencyInfo": "N4_VD11D_LATEST_20110129",
    "ConversionSoftware": "dcm2niix",
    "ConversionSoftwareVersion": "v1.0.20180518 GCC4.8.5",
    "DeviceSerialNumber": "45031",
    "DwellTime": 9.8e-06,
    "EchoTime": 0.0033,
    "FlipAngle": 7,
    "ImageOrientationPatientDICOM": [
      0.075442,
      0.99715,
      4.45055e-09,
      -0.0494899,
      0.00374429,
      -0.998768
    ],
    "ImageType": [
      "ORIGINAL",
      "PRIMARY",
      "M",
      "ND",
      "NORM"
    ],
    "InPlanePhaseEncodingDirectionDICOM": "ROW",
    "InstitutionAddress": "Washington_and_Faculty_Rd._-_Building_25_25_Princeton_NJ_US_085",
    "InstitutionName": "Princeton_University_-_Neuroscience_Institute",
    "InstitutionalDepartmentName": "Department",
    "InversionTime": 1.1,
    "MRAcquisitionType": "3D",
    "MagneticFieldStrength": 3,
    "Manufacturer": "Siemens",
    "ManufacturersModelName": "Skyra",
    "Modality": "MR",
    "ParallelReductionFactorInPlane": 2,
    "PartialFourier": 1,
    "PatientPosition": "HFS",
    "PercentPhaseFOV": 100,
    "PhaseEncodingSteps": 255,
    "PhaseResolution": 1,
    "PixelBandwidth": 200,
    "ProcedureStepDescription": "NormanLab_Anna",
    "ProtocolName": "MPRAGE_tfl",
    "PulseSequenceDetails": "%SiemensSeq%_tfl",
    "ReceiveCoilActiveElements": "HE1-4",
    "ReceiveCoilName": "HeadNeck_20",
    "ReconMatrixPE": 256,
    "RepetitionTime": 2.53,
    "SAR": 0.0489339,
    "ScanOptions": "IR",
    "ScanningSequence": "GR_IR",
    "SequenceName": "_tfl3d1_16ns",
    "SequenceVariant": "SK_SP_MP",
    "SeriesDescription": "MPRAGE_tfl",
    "SeriesNumber": 5,
    "ShimSetting": [
      3186,
      10649,
      9907,
      158,
      -27,
      -206,
      554,
      48
    ],
    "SliceThickness": 1,
    "SoftwareVersions": "syngo_MR_D11",
    "StationName": "AWP45031",
    "TxRefAmp": 311.501,
    "dataset": "ds001454",
    "modality": "T1w",
    "session_id": "2",
    "subject_id": "24"
  },
  "cjv": 0.34040129024064436,
  "cnr": 3.9351100484811012,
  "efc": 0.5062925072324012,
  "fber": 13462.784480694914,
  "fwhm_avg": 3.5624167448173214,
  "fwhm_x": 3.5772002344519644,
  "fwhm_y": 3.82703,
  "fwhm_z": 3.28302,
  "icvs_csf": 0.17091808375786277,
  "icvs_gm": 0.46887955801104975,
  "icvs_wm": 0.36020235823108754,
  "inu_med": 0.6036669313907623,
  "inu_range": 0.27665090411901466,
  "provenance": {
    "md5sum": "a811bd1ca8cd778412e7d1fad7e10405",
    "settings": {
      "testing": false
    },
    "software": "mriqc",
    "version": "23.0.1",
    "warnings": {
      "large_rot_frame": true,
      "small_air_mask": false
    },
    "webapi_port": null,
    "webapi_url": "https://mriqc.nimh.nih.gov/api/v1"
  },
  "qi_1": 0.0,
  "qi_2": 0.016268138200810123,
  "rpve_csf": 26.67479078304091,
  "rpve_gm": 11.012709159680552,
  "rpve_wm": 16.130744632895702,
  "size_x": 176,
  "size_y": 256,
  "size_z": 256,
  "snr_csf": 1.435333766260917,
  "snr_gm": 9.766633199862914,
  "snr_total": 10.500163453943244,
  "snr_wm": 20.298523395705903,
  "snrd_csf": 20.86068157037615,
  "snrd_gm": 62.21586060655219,
  "snrd_total": 58.76762695512582,
  "snrd_wm": 93.22633868844913,
  "spacing_x": 0.9999971389770508,
  "spacing_y": 1.0,
  "spacing_z": 1.0,
  "summary_bg_k": 11.516289808149628,
  "summary_bg_mad": 0.0,
  "summary_bg_mean": 4.405075108990236,
  "summary_bg_median": 0.0,
  "summary_bg_n": 3211717.0,
  "summary_bg_p05": 0.0,
  "summary_bg_p95": 16.123923048377037,
  "summary_bg_stdv": 7.027597200427741,
  "summary_csf_k": 9.866232674828094,
  "summary_csf_mad": 139.1583374785036,
  "summary_csf_mean": 251.9521558738621,
  "summary_csf_median": 223.77090847492218,
  "summary_csf_n": 16109.0,
  "summary_csf_p05": 59.617334336042404,
  "summary_csf_p95": 495.29270418584326,
  "summary_csf_stdv": 155.89681515368812,
  "summary_gm_k": 0.1600056070102922,
  "summary_gm_mad": 66.22114608325685,
  "summary_gm_mean": 667.4549021367778,
  "summary_gm_median": 667.3846970200539,
  "summary_gm_n": 41478.0,
  "summary_gm_p05": 553.2770557455718,
  "summary_gm_p95": 781.0488512165845,
  "summary_gm_stdv": 68.33231455202043,
  "summary_wm_k": 0.46765123773565165,
  "summary_wm_mad": 47.012317183929156,
  "summary_wm_mean": 999.1110266104184,
  "summary_wm_median": 1000.0316831320524,
  "summary_wm_n": 213558.0,
  "summary_wm_p05": 917.0362442582846,
  "summary_wm_p95": 1078.0537312030792,
  "summary_wm_stdv": 49.26611272533996,
  "tpm_overlap_csf": 0.13549533062357685,
  "tpm_overlap_gm": 0.45814519591424363,
  "tpm_overlap_wm": 0.49515461495286744,
  "wm2max": 0.6360998609683854
}