{
  "aor": 0.0005582051282051281,
  "aqi": 0.008244855435897435,
  "bids_meta": {
    "AcquisitionMatrixPE": 64,
    "AcquisitionNumber": 1,
    "AcquisitionTime": "23:33:42.645000",
    "BandwidthPerPixelPhaseEncode": 47.348,
    "BaseResolution": 64,
    "BodyPartExamined": "HEAD",
    "ConsistencyInfo": "N4_VD11D_LATEST_20110129",
    "ConversionSoftware": "dcm2niix",
    "ConversionSoftwareVersion": "v1.0.20180518 GCC4.8.5",
    "DerivedVendorReportedEchoSpacing": 0.000660007,
    "DeviceSerialNumber": "45031",
    "DwellTime": 4.5e-06,
    "EchoTime": 0.03,
    "EchoTrainLength": 32,
    "EffectiveEchoSpacing": 0.000330003,
    "FlipAngle": 71,
    "ImageOrientationPatientDICOM": [
      0.99646,
      -0.0695969,
      0.0471616,
      0.0595496,
      0.980283,
      0.188414
    ],
    "ImageType": [
      "ORIGINAL",
      "PRIMARY",
      "M",
      "ND",
      "NORM",
      "MOSAIC"
    ],
    "InPlanePhaseEncodingDirectionDICOM": "COL",
    "InstitutionAddress": "Washington_and_Faculty_Rd._-_Building_25_25_Princeton_NJ_US_085",
    "InstitutionName": "Princeton_University_-_Neuroscience_Institute",
    "InstitutionalDepartmentName": "Department",
    "MRAcquisitionType": "2D",
    "MagneticFieldStrength": 3,
    "Manufacturer": "Siemens",
    "ManufacturersModelName": "Skyra",
    "Modality": "MR",
    "ParallelReductionFactorInPlane": 2,
    "PartialFourier": 1,
    "PatientPosition": "HFS",
    "PercentPhaseFOV": 100,
    "PhaseEncodingDirection": "j-",
    "PhaseEncodingSteps": 64,
    "PhaseResolution": 1,
    "PixelBandwidth": 1735,
    "ProcedureStepDescription": "NormanLab_Anna",
    "ProtocolName": "epi_195_3x3x3_2s",
    "PulseSequenceDetails": "%SiemensSeq%_ep2d_bold",
    "ReceiveCoilActiveElements": "HE1-4",
    "ReceiveCoilName": "HeadNeck_20",
    "ReconMatrixPE": 64,
    "RepetitionTime": 2,
    "SAR": 0.12473,
    "ScanOptions": "FS",
    "ScanningSequence": "EP",
    "SequenceName": "_epfid2d1_64",
    "SequenceVariant": "SK",
    "SeriesDescription": "epi_195_3x3x3_2s",
    "SeriesNumber": 16,
    "ShimSetting": [
      3243,
      10522,
      10081,
      226,
      -173,
      -313,
      1041,
      67
    ],
    "SliceThickness": 3,
    "SliceTiming": [
      1,
      0,
      1.055,
      0.0575,
      1.1125,
      0.1125,
      1.1675,
      0.1675,
      1.2225,
      0.2225,
      1.2775,
      0.2775,
      1.335,
      0.335,
      1.39,
      0.39,
      1.445,
      0.445,
      1.5,
      0.5,
      1.555,
      0.555,
      1.6125,
      0.6125,
      1.6675,
      0.6675,
      1.7225,
      0.7225,
      1.7775,
      0.7775,
      1.8325,
      0.835,
      1.89,
      0.89,
      1.945,
      0.945
    ],
    "SoftwareVersions": "syngo_MR_D11",
    "SpacingBetweenSlices": 3,
    "StationName": "AWP45031",
    "TotalReadoutTime": 0.0207902,
    "TxRefAmp": 362.513,
    "dataset": "ds001454",
    "modality": "bold",
    "run_id": 8,
    "session_id": "2",
    "subject_id": "11",
    "task_id": "satellite"
  },
  "dummy_trs": 0,
  "dvars_nstd": 27.406264344329887,
  "dvars_std": 1.171504964690722,
  "dvars_vstd": 0.9969063726288658,
  "efc": 0.611104392328978,
  "fber": 1063.98291015625,
  "fd_mean": 0.10865783946825204,
  "fd_num": 6,
  "fd_perc": 3.076923076923077,
  "fwhm_avg": 1.6635544444444446,
  "fwhm_x": 1.51793,
  "fwhm_y": 1.79132,
  "fwhm_z": 1.6814133333333334,
  "gcor": 0.0165579,
  "gsr_x": -0.013288434594869614,
  "gsr_y": 0.05370943993330002,
  "provenance": {
    "md5sum": "b419d64b1957f4262605a35d340bdd40",
    "settings": {
      "fd_thres": 0.2,
      "testing": false
    },
    "software": "mriqc",
    "version": "23.0.1",
    "webapi_port": null,
    "webapi_url": "https://mriqc.nimh.nih.gov/api/v1"
  },
  "size_t": 195,
  "size_x": 64,
  "size_y": 64,
  "size_z": 36,
  "snr": 5.925272386109845,
  "spacing_tr": 2.0,
  "spacing_x": 3.0,
  "spacing_y": 3.0,
  "spacing_z": 3.0,
  "summary_bg_k": 39.13696825707402,
  "summary_bg_mad": 13.274991910818837,
  "summary_bg_mean": 44.35037612915039,
  "summary_bg_median": 20.758974075317383,
  "summary_bg_n": 73338.0,
  "summary_bg_p05": 9.948718070983887,
  "summary_bg_p95": 146.70770263671875,
  "summary_bg_stdv": 68.68739318847656,
  "summary_fg_k": 3.271650772328682,
  "summary_fg_mad": 99.47126130812478,
  "summary_fg_mean": 719.9415893554688,
  "summary_fg_median": 705.5128173828125,
  "summary_fg_n": 40671.0,
  "summary_fg_p05": 573.3564453125,
  "summary_fg_p95": 921.1820678710938,
  "summary_fg_stdv": 119.06695556640625,
  "tsnr": 62.372444302774966
}