{
  "bids_meta": {
    "AcquisitionMatrixPE": 256,
    "AcquisitionNumber": 1,
    "AcquisitionTime": "09:20:40.777500",
    "BaseResolution": 256,
    "BodyPartExamined": "HEAD",
    "ConsistencyInfo": "N4_VD11D_LATEST_20110129",
    "ConversionSoftware": "dcm2niix",
    "ConversionSoftwareVersion": "v1.0.20180518 GCC4.8.5",
    "DeviceSerialNumber": "45031",
    "DwellTime": 9.8e-06,
    "EchoTime": 0.0033,
    "FlipAngle": 7,
    "ImageOrientationPatientDICOM": [
      -0.0395863,
      0.999216,
      -2.78607e-08,
      0.0558114,
      0.00221108,
      -0.998439
    ],
    "ImageType": [
      "ORIGINAL",
      "PRIMARY",
      "M",
      "ND",
      "NORM"
    ],
    "InPlanePhaseEncodingDirectionDICOM": "ROW",
    "InstitutionAddress": "Washington_and_Faculty_Rd._-_Building_25_25_Princeton_NJ_US_085",
    "InstitutionName": "Princeton_University_-_Neuroscience_Institute",
    "InstitutionalDepartmentName": "Department",
    "InversionTime": 1.1,
    "MRAcquisitionType": "3D",
    "MagneticFieldStrength": 3,
    "Manufacturer": "Siemens",
    "ManufacturersModelName": "Skyra",
    "Modality": "MR",
    "ParallelReductionFactorInPlane": 2,
    "PartialFourier": 1,
    "PatientPosition": "HFS",
    "PercentPhaseFOV": 100,
    "PhaseEncodingSteps": 255,
    "PhaseResolution": 1,
    "PixelBandwidth": 200,
    "ProcedureStepDescription": "NormanLab_Anna",
    "ProtocolName": "MPRAGE_tfl",
    "PulseSequenceDetails": "%SiemensSeq%_tfl",
    "ReceiveCoilActiveElements": "HE1-4",
    "ReceiveCoilName": "HeadNeck_20",
    "ReconMatrixPE": 256,
    "RepetitionTime": 2.53,
    "SAR": 0.063707,
    "ScanOptions": "IR",
    "ScanningSequence": "GR_IR",
    "SequenceName": "_tfl3d1_16ns",
    "SequenceVariant": "SK_SP_MP",
    "SeriesDescription": "MPRAGE_tfl",
    "SeriesNumber": 5,
    "ShimSetting": [
      3265,
      10716,
      9787,
      456,
      171,
      368,
      14,
      -312
    ],
    "SliceThickness": 1,
    "SoftwareVersions": "syngo_MR_D11",
    "StationName": "AWP45031",
    "TxRefAmp": 313.939,
    "dataset": "ds001454",
    "modality": "T1w",
    "session_id": "2",
    "subject_id": "21"
  },
  "cjv": 0.34572993648847833,
  "cnr": 3.795678279180117,
  "efc": 0.47472178228801815,
  "fber": 14013.36243307555,
  "fwhm_avg": 3.334837825690284,
  "fwhm_x": 3.4198934770708522,
  "fwhm_y": 3.41075,
  "fwhm_z": 3.17387,
  "icvs_csf": 0.216548864160156,
  "icvs_gm": 0.46204663118509165,
  "icvs_wm": 0.32140450465475234,
  "inu_med": 0.6562440395355225,
  "inu_range": 0.2878020524978637,
  "provenance": {
    "md5sum": "32a6a64ca6444c33e1f96979ee4145a0",
    "settings": {
      "testing": false
    },
    "software": "mriqc",
    "version": "23.0.1",
    "warnings": {
      "large_rot_frame": true,
      "small_air_mask": false
    },
    "webapi_port": null,
    "webapi_url": "https://mriqc.nimh.nih.gov/api/v1"
  },
  "qi_1": 0.0,
  "qi_2": 0.008934125014338342,
  "rpve_csf": 25.971165916640608,
  "rpve_gm": 12.930115253345251,
  "rpve_wm": 20.75760855009573,
  "size_x": 176,
  "size_y": 256,
  "size_z": 256,
  "snr_csf": 1.1185267350084886,
  "snr_gm": 8.570398912209022,
  "snr_total": 10.006767085920991,
  "snr_wm": 20.331375610545464,
  "snrd_csf": 7.666888968599797,
  "snrd_gm": 27.07931135117514,
  "snrd_total": 25.442043352903855,
  "snrd_wm": 41.579929738936634,
  "spacing_x": 1.0000019073486328,
  "spacing_y": 1.0,
  "spacing_z": 1.0,
  "summary_bg_k": 2807.576344711395,
  "summary_bg_mad": 0.0,
  "summary_bg_mean": 4.398891252173685,
  "summary_bg_median": 0.0,
  "summary_bg_n": 3709007.0,
  "summary_bg_p05": 0.0,
  "summary_bg_p95": 16.26830220222473,
  "summary_bg_stdv": 15.756566083417864,
  "summary_csf_k": 22.158639737680076,
  "summary_csf_mad": 98.75047533358367,
  "summary_csf_mean": 223.53186065976192,
  "summary_csf_median": 184.39494842290878,
  "summary_csf_n": 32991.0,
  "summary_csf_p05": 55.969216614961624,
  "summary_csf_p95": 484.45126846432686,
  "summary_csf_stdv": 164.85270133065399,
  "summary_gm_k": 0.15391593459934194,
  "summary_gm_mad": 73.58742560673109,
  "summary_gm_mean": 650.6422234286515,
  "summary_gm_median": 651.2795790284872,
  "summary_gm_n": 37314.0,
  "summary_gm_p05": 522.4940674602985,
  "summary_gm_p95": 775.0281739532948,
  "summary_gm_stdv": 75.99072792615704,
  "summary_wm_k": 0.49647701285114465,
  "summary_wm_mad": 46.986487324058366,
  "summary_wm_mean": 999.3131872811209,
  "summary_wm_median": 1000.0313074886799,
  "summary_wm_n": 162652.0,
  "summary_wm_p05": 917.5009590089321,
  "summary_wm_p95": 1078.2130136489868,
  "summary_wm_stdv": 49.186452136635566,
  "tpm_overlap_csf": 0.14862576163399163,
  "tpm_overlap_gm": 0.4655152184511508,
  "tpm_overlap_wm": 0.487447135299729,
  "wm2max": 0.637400546371812
}