{
  "bids_meta": {
    "AcquisitionMatrixPE": 256,
    "AcquisitionNumber": 1,
    "AcquisitionTime": "20:23:26.680000",
    "BaseResolution": 256,
    "BodyPartExamined": "HEAD",
    "ConsistencyInfo": "N4_VD11D_LATEST_20110129",
    "ConversionSoftware": "dcm2niix",
    "ConversionSoftwareVersion": "v1.0.20180518 GCC4.8.5",
    "DeviceSerialNumber": "45031",
    "DwellTime": 9.8e-06,
    "EchoTime": 0.0033,
    "FlipAngle": 7,
    "ImageOrientationPatientDICOM": [
      -0.0779898,
      0.996954,
      1.60598e-08,
      -0.0186901,
      -0.00146207,
      -0.999824
    ],
    "ImageType": [
      "ORIGINAL",
      "PRIMARY",
      "M",
      "ND",
      "NORM"
    ],
    "InPlanePhaseEncodingDirectionDICOM": "ROW",
    "InstitutionAddress": "Washington_and_Faculty_Rd._-_Building_25_25_Princeton_NJ_US_085",
    "InstitutionName": "Princeton_University_-_Neuroscience_Institute",
    "InstitutionalDepartmentName": "Department",
    "InversionTime": 1.1,
    "MRAcquisitionType": "3D",
    "MagneticFieldStrength": 3,
    "Manufacturer": "Siemens",
    "ManufacturersModelName": "Skyra",
    "Modality": "MR",
    "ParallelReductionFactorInPlane": 2,
    "PartialFourier": 1,
    "PatientPosition": "HFS",
    "PercentPhaseFOV": 100,
    "PhaseEncodingSteps": 255,
    "PhaseResolution": 1,
    "PixelBandwidth": 200,
    "ProcedureStepDescription": "NormanLab_Anna",
    "ProtocolName": "MPRAGE_tfl",
    "PulseSequenceDetails": "%SiemensSeq%_tfl",
    "ReceiveCoilActiveElements": "HE1-4",
    "ReceiveCoilName": "HeadNeck_20",
    "ReconMatrixPE": 256,
    "RepetitionTime": 2.53,
    "SAR": 0.0682442,
    "ScanOptions": "IR",
    "ScanningSequence": "GR_IR",
    "SequenceName": "_tfl3d1_16ns",
    "SequenceVariant": "SK_SP_MP",
    "SeriesDescription": "MPRAGE_tfl",
    "SeriesNumber": 5,
    "ShimSetting": [
      3209,
      10631,
      9898,
      421,
      48,
      -212,
      582,
      -93
    ],
    "SliceThickness": 1,
    "SoftwareVersions": "syngo_MR_D11",
    "StationName": "AWP45031",
    "TxRefAmp": 339.773,
    "dataset": "ds001454",
    "modality": "T1w",
    "session_id": "1",
    "subject_id": "22"
  },
  "cjv": 0.3645946332611998,
  "cnr": 3.6530464436217507,
  "efc": 0.5091067458522697,
  "fber": 22939.86487876271,
  "fwhm_avg": 3.5113087258948643,
  "fwhm_x": 3.5626561776845933,
  "fwhm_y": 3.70814,
  "fwhm_z": 3.26313,
  "icvs_csf": 0.1838005682709197,
  "icvs_gm": 0.4551791187030616,
  "icvs_wm": 0.36102031302601867,
  "inu_med": 0.5426076650619507,
  "inu_range": 0.2260183021426201,
  "provenance": {
    "md5sum": "e4be9c7ee6d28b8b1a998b0f03ddfcca",
    "settings": {
      "testing": false
    },
    "software": "mriqc",
    "version": "23.0.1",
    "warnings": {
      "large_rot_frame": true,
      "small_air_mask": false
    },
    "webapi_port": null,
    "webapi_url": "https://mriqc.nimh.nih.gov/api/v1"
  },
  "qi_1": 0.00012797030439617226,
  "qi_2": 0.020170789806279423,
  "rpve_csf": 24.40241289092735,
  "rpve_gm": 11.012780304901975,
  "rpve_wm": 16.046248256077813,
  "size_x": 176,
  "size_y": 256,
  "size_z": 256,
  "snr_csf": 1.7268514579464258,
  "snr_gm": 8.435577001438203,
  "snr_total": 10.865008896006204,
  "snr_wm": 22.43259822863398,
  "snrd_csf": 13.238644801187425,
  "snrd_gm": 43.71943620196304,
  "snrd_total": 40.84879190705329,
  "snrd_wm": 65.58829471800941,
  "spacing_x": 1.000001072883606,
  "spacing_y": 1.0,
  "spacing_z": 1.0,
  "summary_bg_k": 3277.3927057383366,
  "summary_bg_mad": 0.0,
  "summary_bg_mean": 3.5611228691286696,
  "summary_bg_median": 0.0,
  "summary_bg_n": 3449410.0,
  "summary_bg_p05": 0.0,
  "summary_bg_p95": 15.456342287361622,
  "summary_bg_stdv": 9.988617753799595,
  "summary_csf_k": 5.14103170859641,
  "summary_csf_mad": 94.06668990577316,
  "summary_csf_mean": 223.92343207790015,
  "summary_csf_median": 201.84462731331587,
  "summary_csf_n": 26012.0,
  "summary_csf_p05": 72.79937217347324,
  "summary_csf_p95": 447.52192105762646,
  "summary_csf_stdv": 116.88367665352128,
  "summary_gm_k": -0.05751659207724957,
  "summary_gm_mad": 78.13846445846971,
  "summary_gm_mean": 666.995465244969,
  "summary_gm_median": 666.5737648420036,
  "summary_gm_n": 36733.0,
  "summary_gm_p05": 534.9668110050261,
  "summary_gm_p95": 798.4087630733848,
  "summary_gm_stdv": 79.01826886751833,
  "summary_wm_k": 0.28058245961665484,
  "summary_wm_mad": 43.42695428557259,
  "summary_wm_mean": 999.4302802105896,
  "summary_wm_median": 1000.0000077262521,
  "summary_wm_n": 227170.0,
  "summary_wm_p05": 925.5815203525126,
  "summary_wm_p95": 1071.555271036923,
  "summary_wm_stdv": 44.57788600932195,
  "tpm_overlap_csf": 0.1666704556142948,
  "tpm_overlap_gm": 0.4733080800295486,
  "tpm_overlap_wm": 0.5187829610198832,
  "wm2max": 0.7783146311160195
}