{
  "bids_meta": {
    "AcquisitionMatrixPE": 256,
    "AcquisitionNumber": 1,
    "AcquisitionTime": "22:22:48.302500",
    "BaseResolution": 256,
    "BodyPartExamined": "HEAD",
    "ConsistencyInfo": "N4_VD11D_LATEST_20110129",
    "ConversionSoftware": "dcm2niix",
    "ConversionSoftwareVersion": "v1.0.20180518 GCC4.8.5",
    "DeviceSerialNumber": "45031",
    "DwellTime": 9.8e-06,
    "EchoTime": 0.0033,
    "FlipAngle": 7,
    "ImageOrientationPatientDICOM": [
      -0.0101016,
      0.999949,
      -2.68081e-08,
      0.0298567,
      0.000301589,
      -0.999554
    ],
    "ImageType": [
      "ORIGINAL",
      "PRIMARY",
      "M",
      "ND",
      "NORM"
    ],
    "InPlanePhaseEncodingDirectionDICOM": "ROW",
    "InstitutionAddress": "Washington_and_Faculty_Rd._-_Building_25_25_Princeton_NJ_US_085",
    "InstitutionName": "Princeton_University_-_Neuroscience_Institute",
    "InstitutionalDepartmentName": "Department",
    "InversionTime": 1.1,
    "MRAcquisitionType": "3D",
    "MagneticFieldStrength": 3,
    "Manufacturer": "Siemens",
    "ManufacturersModelName": "Skyra",
    "Modality": "MR",
    "ParallelReductionFactorInPlane": 2,
    "PartialFourier": 1,
    "PatientPosition": "HFS",
    "PercentPhaseFOV": 100,
    "PhaseEncodingSteps": 255,
    "PhaseResolution": 1,
    "PixelBandwidth": 200,
    "ProcedureStepDescription": "NormanLab_Anna",
    "ProtocolName": "MPRAGE_tfl",
    "PulseSequenceDetails": "%SiemensSeq%_tfl",
    "ReceiveCoilActiveElements": "HE1-4",
    "ReceiveCoilName": "HeadNeck_20",
    "ReconMatrixPE": 256,
    "RepetitionTime": 2.53,
    "SAR": 0.0653877,
    "ScanOptions": "IR",
    "ScanningSequence": "GR_IR",
    "SequenceName": "_tfl3d1_16ns",
    "SequenceVariant": "SK_SP_MP",
    "SeriesDescription": "MPRAGE_tfl",
    "SeriesNumber": 5,
    "ShimSetting": [
      3216,
      10593,
      9931,
      287,
      -1,
      -426,
      423,
      -47
    ],
    "SliceThickness": 1,
    "SoftwareVersions": "syngo_MR_D11",
    "StationName": "AWP45031",
    "TxRefAmp": 346.892,
    "dataset": "ds001454",
    "modality": "T1w",
    "session_id": "2",
    "subject_id": "16"
  },
  "cjv": 0.33336933748959574,
  "cnr": 3.935948966787951,
  "efc": 0.49297051316448626,
  "fber": 26933.68886961286,
  "fwhm_avg": 3.664355795469112,
  "fwhm_x": 3.654067386407337,
  "fwhm_y": 3.86264,
  "fwhm_z": 3.47636,
  "icvs_csf": 0.20035314066123402,
  "icvs_gm": 0.4433405527750551,
  "icvs_wm": 0.35630630656371093,
  "inu_med": 0.49708178639411926,
  "inu_range": 0.183841685950756,
  "provenance": {
    "md5sum": "7989156a84a612ae1d24da6151d8b14a",
    "settings": {
      "testing": false
    },
    "software": "mriqc",
    "version": "23.0.1",
    "warnings": {
      "large_rot_frame": true,
      "small_air_mask": false
    },
    "webapi_port": null,
    "webapi_url": "https://mriqc.nimh.nih.gov/api/v1"
  },
  "qi_1": 0.0,
  "qi_2": 0.01682358461389382,
  "rpve_csf": 25.67181302798754,
  "rpve_gm": 12.428891892009903,
  "rpve_wm": 17.66563459380818,
  "size_x": 176,
  "size_y": 256,
  "size_z": 256,
  "snr_csf": 1.6025005997709931,
  "snr_gm": 8.704839393123699,
  "snr_total": 10.889816751506586,
  "snr_wm": 22.362110261625062,
  "snrd_csf": 25.66871960606239,
  "snrd_gm": 94.63835977361813,
  "snrd_total": 88.28075620988659,
  "snrd_wm": 144.53518924997928,
  "spacing_x": 1.0000007152557373,
  "spacing_y": 1.0,
  "spacing_z": 1.0,
  "summary_bg_k": 16.35888514103771,
  "summary_bg_mad": 4.5325995167774575,
  "summary_bg_mean": 3.8424136581284545,
  "summary_bg_median": 3.057191915810108,
  "summary_bg_n": 4234324.0,
  "summary_bg_p05": 0.0,
  "summary_bg_p95": 14.88827607780695,
  "summary_bg_stdv": 5.953933396377045,
  "summary_csf_k": 3.4269680494811015,
  "summary_csf_mad": 94.81608582657235,
  "summary_csf_mean": 199.09548431603758,
  "summary_csf_median": 177.59053852409124,
  "summary_csf_n": 29808.0,
  "summary_csf_p05": 57.56468680500984,
  "summary_csf_p95": 411.4197379287332,
  "summary_csf_stdv": 110.81902847160836,
  "summary_gm_k": 0.12615486770362505,
  "summary_gm_mad": 72.41104106071305,
  "summary_gm_mean": 657.2810180117011,
  "summary_gm_median": 654.7610295787454,
  "summary_gm_n": 37919.0,
  "summary_gm_p05": 536.2016357704997,
  "summary_gm_p95": 786.046295426786,
  "summary_gm_stdv": 75.21705642943421,
  "summary_wm_k": 0.3852834911253189,
  "summary_wm_mad": 42.67276618234387,
  "summary_wm_mean": 997.1932318937488,
  "summary_wm_median": 999.9751638770103,
  "summary_wm_n": 201992.0,
  "summary_wm_p05": 920.0407801270485,
  "summary_wm_p95": 1066.6729008402672,
  "summary_wm_stdv": 44.7172774344955,
  "tpm_overlap_csf": 0.1444179786460787,
  "tpm_overlap_gm": 0.46381585734180963,
  "tpm_overlap_wm": 0.49475157895157307,
  "wm2max": 0.8074661314601104
}