{
  "aor": 0.00044605128205128206,
  "aqi": 0.006134113384615384,
  "bids_meta": {
    "AcquisitionMatrixPE": 64,
    "AcquisitionNumber": 1,
    "AcquisitionTime": "09:44:54.687500",
    "BandwidthPerPixelPhaseEncode": 47.348,
    "BaseResolution": 64,
    "BodyPartExamined": "HEAD",
    "ConsistencyInfo": "N4_VD11D_LATEST_20110129",
    "ConversionSoftware": "dcm2niix",
    "ConversionSoftwareVersion": "v1.0.20180518 GCC4.8.5",
    "DerivedVendorReportedEchoSpacing": 0.000660007,
    "DeviceSerialNumber": "45031",
    "DwellTime": 4.5e-06,
    "EchoTime": 0.03,
    "EchoTrainLength": 32,
    "EffectiveEchoSpacing": 0.000330003,
    "FlipAngle": 71,
    "ImageOrientationPatientDICOM": [
      0.997575,
      0.00504814,
      0.0694164,
      -0.0116659,
      0.995384,
      0.0952628
    ],
    "ImageType": [
      "ORIGINAL",
      "PRIMARY",
      "M",
      "ND",
      "NORM",
      "MOSAIC"
    ],
    "InPlanePhaseEncodingDirectionDICOM": "COL",
    "InstitutionAddress": "Washington_and_Faculty_Rd._-_Building_25_25_Princeton_NJ_US_085",
    "InstitutionName": "Princeton_University_-_Neuroscience_Institute",
    "InstitutionalDepartmentName": "Department",
    "MRAcquisitionType": "2D",
    "MagneticFieldStrength": 3,
    "Manufacturer": "Siemens",
    "ManufacturersModelName": "Skyra",
    "Modality": "MR",
    "ParallelReductionFactorInPlane": 2,
    "PartialFourier": 1,
    "PatientPosition": "HFS",
    "PercentPhaseFOV": 100,
    "PhaseEncodingDirection": "j-",
    "PhaseEncodingSteps": 64,
    "PhaseResolution": 1,
    "PixelBandwidth": 1735,
    "ProcedureStepDescription": "NormanLab_Anna",
    "ProtocolName": "epi_195_3x3x3_2s",
    "PulseSequenceDetails": "%SiemensSeq%_ep2d_bold",
    "ReceiveCoilActiveElements": "HE1-4",
    "ReceiveCoilName": "HeadNeck_20",
    "ReconMatrixPE": 64,
    "RepetitionTime": 2,
    "SAR": 0.106889,
    "ScanOptions": "FS",
    "ScanningSequence": "EP",
    "SequenceName": "_epfid2d1_64",
    "SequenceVariant": "SK",
    "SeriesDescription": "epi_195_3x3x3_2s",
    "SeriesNumber": 10,
    "ShimSetting": [
      3225,
      10605,
      9940,
      476,
      -70,
      290,
      471,
      -84
    ],
    "SliceThickness": 3,
    "SliceTiming": [
      1,
      0,
      1.055,
      0.055,
      1.11,
      0.11,
      1.165,
      0.165,
      1.2225,
      0.2225,
      1.2775,
      0.2775,
      1.3325,
      0.3325,
      1.3875,
      0.3875,
      1.4425,
      0.445,
      1.5,
      0.5,
      1.555,
      0.555,
      1.61,
      0.61,
      1.665,
      0.665,
      1.7225,
      0.7225,
      1.7775,
      0.7775,
      1.8325,
      0.8325,
      1.8875,
      0.8875,
      1.9425,
      0.9425
    ],
    "SoftwareVersions": "syngo_MR_D11",
    "SpacingBetweenSlices": 3,
    "StationName": "AWP45031",
    "TotalReadoutTime": 0.0207902,
    "TxRefAmp": 317.477,
    "dataset": "ds001454",
    "modality": "bold",
    "run_id": 2,
    "session_id": "2",
    "subject_id": "07",
    "task_id": "satellite"
  },
  "dummy_trs": 0,
  "dvars_nstd": 22.732081344690737,
  "dvars_std": 1.1659192794329893,
  "dvars_vstd": 0.9976358267525779,
  "efc": 0.5765162497449718,
  "fber": 1229.887451171875,
  "fd_mean": 0.05400989144443594,
  "fd_num": 0,
  "fd_perc": 0.0,
  "fwhm_avg": 1.7261999999999997,
  "fwhm_x": 1.6014233333333332,
  "fwhm_y": 1.8005666666666666,
  "fwhm_z": 1.77661,
  "gcor": 0.0496458,
  "gsr_x": 0.005100945010781288,
  "gsr_y": 0.027249814942479134,
  "provenance": {
    "md5sum": "63e6da28ec2df2fdc3c900614040455e",
    "settings": {
      "fd_thres": 0.2,
      "testing": false
    },
    "software": "mriqc",
    "version": "23.0.1",
    "webapi_port": null,
    "webapi_url": "https://mriqc.nimh.nih.gov/api/v1"
  },
  "size_t": 195,
  "size_x": 64,
  "size_y": 64,
  "size_z": 36,
  "snr": 6.632555418267954,
  "spacing_tr": 2.0,
  "spacing_x": 3.0,
  "spacing_y": 3.0,
  "spacing_z": 3.0,
  "summary_bg_k": 43.90828710829373,
  "summary_bg_mad": 15.225184429570579,
  "summary_bg_mean": 45.711639404296875,
  "summary_bg_median": 22.88461685180664,
  "summary_bg_n": 79960.0,
  "summary_bg_p05": 9.769230842590332,
  "summary_bg_p95": 155.42666931152348,
  "summary_bg_stdv": 72.56670379638672,
  "summary_fg_k": 2.961361380208638,
  "summary_fg_mad": 111.81095667703944,
  "summary_fg_mean": 823.0301513671875,
  "summary_fg_median": 812.810302734375,
  "summary_fg_n": 34987.0,
  "summary_fg_p05": 655.1805297851563,
  "summary_fg_p95": 1019.7179565429686,
  "summary_fg_stdv": 122.54683685302734,
  "tsnr": 71.6315852124244
}