{
  "aor": 0.0008581958762886598,
  "aqi": 0.01191833706185567,
  "bids_meta": {
    "AcquisitionMatrixPE": 64,
    "AcquisitionNumber": 1,
    "AcquisitionTime": "23:26:40.785000",
    "BandwidthPerPixelPhaseEncode": 47.348,
    "BaseResolution": 64,
    "BodyPartExamined": "HEAD",
    "ConsistencyInfo": "N4_VD11D_LATEST_20110129",
    "ConversionSoftware": "dcm2niix",
    "ConversionSoftwareVersion": "v1.0.20180518 GCC4.8.5",
    "DerivedVendorReportedEchoSpacing": 0.000660007,
    "DeviceSerialNumber": "45031",
    "DwellTime": 4.5e-06,
    "EchoTime": 0.03,
    "EchoTrainLength": 32,
    "EffectiveEchoSpacing": 0.000330003,
    "FlipAngle": 71,
    "ImageOrientationPatientDICOM": [
      0.999416,
      0.00651285,
      0.0335531,
      -0.00837287,
      0.998418,
      0.0555965
    ],
    "ImageType": [
      "ORIGINAL",
      "PRIMARY",
      "M",
      "ND",
      "NORM",
      "MOSAIC"
    ],
    "InPlanePhaseEncodingDirectionDICOM": "COL",
    "InstitutionAddress": "Washington_and_Faculty_Rd._-_Building_25_25_Princeton_NJ_US_085",
    "InstitutionName": "Princeton_University_-_Neuroscience_Institute",
    "InstitutionalDepartmentName": "Department",
    "MRAcquisitionType": "2D",
    "MagneticFieldStrength": 3,
    "Manufacturer": "Siemens",
    "ManufacturersModelName": "Skyra",
    "Modality": "MR",
    "ParallelReductionFactorInPlane": 2,
    "PartialFourier": 1,
    "PatientPosition": "HFS",
    "PercentPhaseFOV": 100,
    "PhaseEncodingDirection": "j-",
    "PhaseEncodingSteps": 64,
    "PhaseResolution": 1,
    "PixelBandwidth": 1735,
    "ProcedureStepDescription": "NormanLab_Anna",
    "ProtocolName": "epi_195_3x3x3_2s",
    "PulseSequenceDetails": "%SiemensSeq%_ep2d_bold",
    "ReceiveCoilActiveElements": "HE1-4",
    "ReceiveCoilName": "HeadNeck_20",
    "ReconMatrixPE": 64,
    "RepetitionTime": 2,
    "SAR": 0.120152,
    "ScanOptions": "FS",
    "ScanningSequence": "EP",
    "SequenceName": "_epfid2d1_64",
    "SequenceVariant": "SK",
    "SeriesDescription": "epi_195_3x3x3_2s",
    "SeriesNumber": 16,
    "ShimSetting": [
      3222,
      10586,
      10052,
      497,
      -37,
      212,
      568,
      21
    ],
    "SliceThickness": 3,
    "SliceTiming": [
      1,
      0,
      1.055,
      0.055,
      1.11,
      0.1125,
      1.1675,
      0.1675,
      1.2225,
      0.2225,
      1.2775,
      0.2775,
      1.3325,
      0.3325,
      1.3875,
      0.39,
      1.445,
      0.445,
      1.5,
      0.5,
      1.555,
      0.555,
      1.61,
      0.61,
      1.6675,
      0.6675,
      1.7225,
      0.7225,
      1.7775,
      0.7775,
      1.8325,
      0.8325,
      1.8875,
      0.89,
      1.945,
      0.945
    ],
    "SoftwareVersions": "syngo_MR_D11",
    "SpacingBetweenSlices": 3,
    "StationName": "AWP45031",
    "TotalReadoutTime": 0.0207902,
    "TxRefAmp": 346.892,
    "dataset": "ds001454",
    "modality": "bold",
    "run_id": 8,
    "session_id": "2",
    "subject_id": "16",
    "task_id": "satellite"
  },
  "dummy_trs": 1,
  "dvars_nstd": 27.0304630561658,
  "dvars_std": 1.1399026538341972,
  "dvars_vstd": 0.9812748286010358,
  "efc": 0.6174479655579861,
  "fber": 712.48779296875,
  "fd_mean": 0.13459940689719788,
  "fd_num": 19,
  "fd_perc": 9.793814432989691,
  "fwhm_avg": 1.680287777777778,
  "fwhm_x": 1.5597766666666668,
  "fwhm_y": 1.7714100000000002,
  "fwhm_z": 1.7096766666666667,
  "gcor": 0.00987476,
  "gsr_x": 0.003179176477715373,
  "gsr_y": 0.039805032312870026,
  "provenance": {
    "md5sum": "47bccc7ad1faafce9ff19e21aaee5dee",
    "settings": {
      "fd_thres": 0.2,
      "testing": false
    },
    "software": "mriqc",
    "version": "23.0.1",
    "webapi_port": null,
    "webapi_url": "https://mriqc.nimh.nih.gov/api/v1"
  },
  "size_t": 194,
  "size_x": 64,
  "size_y": 64,
  "size_z": 36,
  "snr": 6.553804506205845,
  "spacing_tr": 2.0,
  "spacing_x": 3.0,
  "spacing_y": 3.0,
  "spacing_z": 3.0,
  "summary_bg_k": 13.649787130448466,
  "summary_bg_mad": 22.76252854715761,
  "summary_bg_mean": 71.13214111328125,
  "summary_bg_median": 29.234535217285156,
  "summary_bg_n": 77736.0,
  "summary_bg_p05": 11.144330024719238,
  "summary_bg_p95": 297.76287841796875,
  "summary_bg_stdv": 102.36653137207031,
  "summary_fg_k": 3.281639331261336,
  "summary_fg_mad": 112.97584549288555,
  "summary_fg_mean": 810.2586669921875,
  "summary_fg_median": 801.644287109375,
  "summary_fg_n": 36529.0,
  "summary_fg_p05": 643.8607788085938,
  "summary_fg_p95": 1006.3277954101561,
  "summary_fg_stdv": 122.31571960449219,
  "tsnr": 53.55324843793642
}