{
  "aor": 0.0006234358974358974,
  "aqi": 0.007456872769230769,
  "bids_meta": {
    "AcquisitionMatrixPE": 64,
    "AcquisitionNumber": 1,
    "AcquisitionTime": "22:52:13.325000",
    "BandwidthPerPixelPhaseEncode": 47.348,
    "BaseResolution": 64,
    "BodyPartExamined": "HEAD",
    "ConsistencyInfo": "N4_VD11D_LATEST_20110129",
    "ConversionSoftware": "dcm2niix",
    "ConversionSoftwareVersion": "v1.0.20180518 GCC4.8.5",
    "DerivedVendorReportedEchoSpacing": 0.000660007,
    "DeviceSerialNumber": "45031",
    "DwellTime": 4.5e-06,
    "EchoTime": 0.03,
    "EchoTrainLength": 32,
    "EffectiveEchoSpacing": 0.000330003,
    "FlipAngle": 71,
    "ImageOrientationPatientDICOM": [
      0.999416,
      0.00651285,
      0.0335531,
      -0.00837287,
      0.998418,
      0.0555965
    ],
    "ImageType": [
      "ORIGINAL",
      "PRIMARY",
      "M",
      "ND",
      "NORM",
      "MOSAIC"
    ],
    "InPlanePhaseEncodingDirectionDICOM": "COL",
    "InstitutionAddress": "Washington_and_Faculty_Rd._-_Building_25_25_Princeton_NJ_US_085",
    "InstitutionName": "Princeton_University_-_Neuroscience_Institute",
    "InstitutionalDepartmentName": "Department",
    "MRAcquisitionType": "2D",
    "MagneticFieldStrength": 3,
    "Manufacturer": "Siemens",
    "ManufacturersModelName": "Skyra",
    "Modality": "MR",
    "ParallelReductionFactorInPlane": 2,
    "PartialFourier": 1,
    "PatientPosition": "HFS",
    "PercentPhaseFOV": 100,
    "PhaseEncodingDirection": "j-",
    "PhaseEncodingSteps": 64,
    "PhaseResolution": 1,
    "PixelBandwidth": 1735,
    "ProcedureStepDescription": "NormanLab_Anna",
    "ProtocolName": "epi_195_3x3x3_2s",
    "PulseSequenceDetails": "%SiemensSeq%_ep2d_bold",
    "ReceiveCoilActiveElements": "HE1-4",
    "ReceiveCoilName": "HeadNeck_20",
    "ReconMatrixPE": 64,
    "RepetitionTime": 2,
    "SAR": 0.120152,
    "ScanOptions": "FS",
    "ScanningSequence": "EP",
    "SequenceName": "_epfid2d1_64",
    "SequenceVariant": "SK",
    "SeriesDescription": "epi_195_3x3x3_2s",
    "SeriesNumber": 11,
    "ShimSetting": [
      3222,
      10586,
      10052,
      497,
      -37,
      212,
      568,
      21
    ],
    "SliceThickness": 3,
    "SliceTiming": [
      1,
      0,
      1.055,
      0.0575,
      1.1125,
      0.1125,
      1.1675,
      0.1675,
      1.2225,
      0.2225,
      1.2775,
      0.2775,
      1.3325,
      0.335,
      1.39,
      0.39,
      1.445,
      0.445,
      1.5,
      0.5,
      1.555,
      0.555,
      1.6125,
      0.6125,
      1.6675,
      0.6675,
      1.7225,
      0.7225,
      1.7775,
      0.7775,
      1.8325,
      0.835,
      1.89,
      0.89,
      1.945,
      0.945
    ],
    "SoftwareVersions": "syngo_MR_D11",
    "SpacingBetweenSlices": 3,
    "StationName": "AWP45031",
    "TotalReadoutTime": 0.0207902,
    "TxRefAmp": 346.892,
    "dataset": "ds001454",
    "modality": "bold",
    "run_id": 3,
    "session_id": "2",
    "subject_id": "16",
    "task_id": "satellite"
  },
  "dummy_trs": 0,
  "dvars_nstd": 25.09173948747422,
  "dvars_std": 1.136249990257732,
  "dvars_vstd": 0.9956065443814434,
  "efc": 0.6149873241342636,
  "fber": 779.0303344726562,
  "fd_mean": 0.12998033407396137,
  "fd_num": 10,
  "fd_perc": 5.128205128205129,
  "fwhm_avg": 1.695931111111111,
  "fwhm_x": 1.5628666666666666,
  "fwhm_y": 1.7870266666666668,
  "fwhm_z": 1.7379,
  "gcor": 0.0126148,
  "gsr_x": 0.0028945959638804197,
  "gsr_y": 0.038463350385427475,
  "provenance": {
    "md5sum": "6900be1bdbac5cd62c1b92e74d575af6",
    "settings": {
      "fd_thres": 0.2,
      "testing": false
    },
    "software": "mriqc",
    "version": "23.0.1",
    "webapi_port": null,
    "webapi_url": "https://mriqc.nimh.nih.gov/api/v1"
  },
  "size_t": 195,
  "size_x": 64,
  "size_y": 64,
  "size_z": 36,
  "snr": 6.538059051041189,
  "spacing_tr": 2.0,
  "spacing_x": 3.0,
  "spacing_y": 3.0,
  "spacing_z": 3.0,
  "summary_bg_k": 14.986020445439522,
  "summary_bg_mad": 20.89328575662193,
  "summary_bg_mean": 68.60273742675781,
  "summary_bg_median": 27.984615325927734,
  "summary_bg_n": 77397.0,
  "summary_bg_p05": 11.148717880249023,
  "summary_bg_p95": 288.8174499511718,
  "summary_bg_stdv": 101.33207702636719,
  "summary_fg_k": 3.4728338135879167,
  "summary_fg_mad": 113.76881688209238,
  "summary_fg_mean": 815.020751953125,
  "summary_fg_median": 806.1666870117188,
  "summary_fg_n": 36588.0,
  "summary_fg_p05": 647.7218017578125,
  "summary_fg_p95": 1010.996450805664,
  "summary_fg_stdv": 123.30198669433594,
  "tsnr": 63.70180688519031
}