{
  "aor": 0.0009712307692307692,
  "aqi": 0.007163588358974358,
  "bids_meta": {
    "AcquisitionMatrixPE": 64,
    "AcquisitionNumber": 1,
    "AcquisitionTime": "23:33:39.380000",
    "BandwidthPerPixelPhaseEncode": 47.348,
    "BaseResolution": 64,
    "BodyPartExamined": "HEAD",
    "ConsistencyInfo": "N4_VD11D_LATEST_20110129",
    "ConversionSoftware": "dcm2niix",
    "ConversionSoftwareVersion": "v1.0.20180518 GCC4.8.5",
    "DerivedVendorReportedEchoSpacing": 0.000660007,
    "DeviceSerialNumber": "45031",
    "DwellTime": 4.5e-06,
    "EchoTime": 0.03,
    "EchoTrainLength": 32,
    "EffectiveEchoSpacing": 0.000330003,
    "FlipAngle": 71,
    "ImageOrientationPatientDICOM": [
      0.999416,
      0.00651285,
      0.0335531,
      -0.00837287,
      0.998418,
      0.0555965
    ],
    "ImageType": [
      "ORIGINAL",
      "PRIMARY",
      "M",
      "ND",
      "NORM",
      "MOSAIC"
    ],
    "InPlanePhaseEncodingDirectionDICOM": "COL",
    "InstitutionAddress": "Washington_and_Faculty_Rd._-_Building_25_25_Princeton_NJ_US_085",
    "InstitutionName": "Princeton_University_-_Neuroscience_Institute",
    "InstitutionalDepartmentName": "Department",
    "MRAcquisitionType": "2D",
    "MagneticFieldStrength": 3,
    "Manufacturer": "Siemens",
    "ManufacturersModelName": "Skyra",
    "Modality": "MR",
    "ParallelReductionFactorInPlane": 2,
    "PartialFourier": 1,
    "PatientPosition": "HFS",
    "PercentPhaseFOV": 100,
    "PhaseEncodingDirection": "j-",
    "PhaseEncodingSteps": 64,
    "PhaseResolution": 1,
    "PixelBandwidth": 1735,
    "ProcedureStepDescription": "NormanLab_Anna",
    "ProtocolName": "epi_195_3x3x3_2s",
    "PulseSequenceDetails": "%SiemensSeq%_ep2d_bold",
    "ReceiveCoilActiveElements": "HE1-4",
    "ReceiveCoilName": "HeadNeck_20",
    "ReconMatrixPE": 64,
    "RepetitionTime": 2,
    "SAR": 0.120152,
    "ScanOptions": "FS",
    "ScanningSequence": "EP",
    "SequenceName": "_epfid2d1_64",
    "SequenceVariant": "SK",
    "SeriesDescription": "epi_195_3x3x3_2s",
    "SeriesNumber": 17,
    "ShimSetting": [
      3222,
      10586,
      10052,
      497,
      -37,
      212,
      568,
      21
    ],
    "SliceThickness": 3,
    "SliceTiming": [
      1,
      0,
      1.055,
      0.055,
      1.11,
      0.11,
      1.165,
      0.165,
      1.22,
      0.2225,
      1.2775,
      0.2775,
      1.3325,
      0.3325,
      1.3875,
      0.3875,
      1.4425,
      0.4425,
      1.5,
      0.5,
      1.555,
      0.555,
      1.61,
      0.61,
      1.665,
      0.665,
      1.72,
      0.72,
      1.7775,
      0.7775,
      1.8325,
      0.8325,
      1.8875,
      0.8875,
      1.9425,
      0.9425
    ],
    "SoftwareVersions": "syngo_MR_D11",
    "SpacingBetweenSlices": 3,
    "StationName": "AWP45031",
    "TotalReadoutTime": 0.0207902,
    "TxRefAmp": 346.892,
    "dataset": "ds001454",
    "modality": "bold",
    "run_id": 1,
    "session_id": "2",
    "subject_id": "16",
    "task_id": "rest"
  },
  "dummy_trs": 0,
  "dvars_nstd": 26.90464244886598,
  "dvars_std": 1.1925197901030926,
  "dvars_vstd": 1.0128071829381442,
  "efc": 0.617368955361384,
  "fber": 707.1290893554688,
  "fd_mean": 0.12314669496421758,
  "fd_num": 12,
  "fd_perc": 6.153846153846154,
  "fwhm_avg": 1.6348599999999998,
  "fwhm_x": 1.5158666666666667,
  "fwhm_y": 1.7266333333333332,
  "fwhm_z": 1.6620799999999998,
  "gcor": 0.0244756,
  "gsr_x": 0.005169673822820187,
  "gsr_y": 0.0388491116464138,
  "provenance": {
    "md5sum": "5720a8d3d6fabe4b310901393244f1f8",
    "settings": {
      "fd_thres": 0.2,
      "testing": false
    },
    "software": "mriqc",
    "version": "23.0.1",
    "webapi_port": null,
    "webapi_url": "https://mriqc.nimh.nih.gov/api/v1"
  },
  "size_t": 195,
  "size_x": 64,
  "size_y": 64,
  "size_z": 36,
  "snr": 6.538057666892336,
  "spacing_tr": 2.0,
  "spacing_x": 3.0,
  "spacing_y": 3.0,
  "spacing_z": 3.0,
  "summary_bg_k": 12.26624986042087,
  "summary_bg_mad": 23.022151060699578,
  "summary_bg_mean": 72.56239318847656,
  "summary_bg_median": 29.451282501220703,
  "summary_bg_n": 78211.0,
  "summary_bg_p05": 11.174359321594238,
  "summary_bg_p95": 310.68206787109375,
  "summary_bg_stdv": 103.17876434326172,
  "summary_fg_k": 3.3735081460142267,
  "summary_fg_mad": 113.35445924302151,
  "summary_fg_mean": 810.1124877929688,
  "summary_fg_median": 800.8564453125,
  "summary_fg_n": 36493.0,
  "summary_fg_p05": 644.286181640625,
  "summary_fg_p95": 1005.3702880859375,
  "summary_fg_stdv": 122.48981475830078,
  "tsnr": 64.5136027908884
}