{
  "bids_meta": {
    "AcquisitionMatrixPE": 256,
    "AcquisitionNumber": 1,
    "AcquisitionTime": "11:57:41.555000",
    "BaseResolution": 256,
    "BodyPartExamined": "HEAD",
    "ConsistencyInfo": "N4_VD11D_LATEST_20110129",
    "ConversionSoftware": "dcm2niix",
    "ConversionSoftwareVersion": "v1.0.20180518 GCC4.8.5",
    "DeviceSerialNumber": "45031",
    "DwellTime": 9.8e-06,
    "EchoTime": 0.0033,
    "FlipAngle": 7,
    "ImageOrientationPatientDICOM": [
      -0.0407374,
      0.99917,
      -4.32404e-08,
      0.0586027,
      0.00238926,
      -0.998278
    ],
    "ImageType": [
      "ORIGINAL",
      "PRIMARY",
      "M",
      "ND",
      "NORM"
    ],
    "InPlanePhaseEncodingDirectionDICOM": "ROW",
    "InstitutionAddress": "Washington_and_Faculty_Rd._-_Building_25_25_Princeton_NJ_US_085",
    "InstitutionName": "Princeton_University_-_Neuroscience_Institute",
    "InstitutionalDepartmentName": "Department",
    "InversionTime": 1.1,
    "MRAcquisitionType": "3D",
    "MagneticFieldStrength": 3,
    "Manufacturer": "Siemens",
    "ManufacturersModelName": "Skyra",
    "Modality": "MR",
    "ParallelReductionFactorInPlane": 2,
    "PartialFourier": 1,
    "PatientPosition": "HFS",
    "PercentPhaseFOV": 100,
    "PhaseEncodingSteps": 255,
    "PhaseResolution": 1,
    "PixelBandwidth": 200,
    "ProcedureStepDescription": "NormanLab_Anna",
    "ProtocolName": "MPRAGE_tfl",
    "PulseSequenceDetails": "%SiemensSeq%_tfl",
    "ReceiveCoilActiveElements": "HE1-4",
    "ReceiveCoilName": "HeadNeck_20",
    "ReconMatrixPE": 256,
    "RepetitionTime": 2.53,
    "SAR": 0.0506174,
    "ScanOptions": "IR",
    "ScanningSequence": "GR_IR",
    "SequenceName": "_tfl3d1_16ns",
    "SequenceVariant": "SK_SP_MP",
    "SeriesDescription": "MPRAGE_tfl",
    "SeriesNumber": 5,
    "ShimSetting": [
      3200,
      10473,
      9919,
      215,
      -149,
      -440,
      111,
      -122
    ],
    "SliceThickness": 1,
    "SoftwareVersions": "syngo_MR_D11",
    "StationName": "AWP45031",
    "TxRefAmp": 316.868,
    "dataset": "ds001454",
    "modality": "T1w",
    "session_id": "1",
    "subject_id": "09"
  },
  "cjv": 0.3176014106995162,
  "cnr": 4.110406296049999,
  "efc": 0.5084901700221048,
  "fber": 24156.164451497723,
  "fwhm_avg": 3.6739547090004425,
  "fwhm_x": 3.7897141270013273,
  "fwhm_y": 3.80656,
  "fwhm_z": 3.42559,
  "icvs_csf": 0.22950351848852307,
  "icvs_gm": 0.4415793928192202,
  "icvs_wm": 0.3289170886922567,
  "inu_med": 0.5720797777175903,
  "inu_range": 0.2374320447444916,
  "provenance": {
    "md5sum": "848eeb19ab9f679578a04ad791fd2897",
    "settings": {
      "testing": false
    },
    "software": "mriqc",
    "version": "23.0.1",
    "warnings": {
      "large_rot_frame": true,
      "small_air_mask": false
    },
    "webapi_port": null,
    "webapi_url": "https://mriqc.nimh.nih.gov/api/v1"
  },
  "qi_1": 0.0,
  "qi_2": 0.005926942734384365,
  "rpve_csf": 24.512396040281516,
  "rpve_gm": 12.931982136333001,
  "rpve_wm": 19.530155897149434,
  "size_x": 176,
  "size_y": 256,
  "size_z": 256,
  "snr_csf": 1.557659972255347,
  "snr_gm": 8.591863855471063,
  "snr_total": 10.670617937898628,
  "snr_wm": 21.862329985969474,
  "snrd_csf": 14.931654614498461,
  "snrd_gm": 57.32788440410803,
  "snrd_total": 53.96299357851823,
  "snrd_wm": 89.6294417169482,
  "spacing_x": 1.0000015497207642,
  "spacing_y": 1.0,
  "spacing_z": 1.0,
  "summary_bg_k": 71.610252865852,
  "summary_bg_mad": 0.0,
  "summary_bg_mean": 3.2790098972306883,
  "summary_bg_median": 0.0,
  "summary_bg_n": 2877302.0,
  "summary_bg_p05": 0.0,
  "summary_bg_p95": 16.103936841711402,
  "summary_bg_stdv": 7.309198980336275,
  "summary_csf_k": 1.3568697556055263,
  "summary_csf_mad": 81.60425476037807,
  "summary_csf_mean": 186.65609620195457,
  "summary_csf_median": 166.58887322247028,
  "summary_csf_n": 51078.0,
  "summary_csf_p05": 45.1999386716634,
  "summary_csf_p95": 410.2523291890508,
  "summary_csf_stdv": 106.94711647696539,
  "summary_gm_k": 0.32112235202348094,
  "summary_gm_mad": 70.08930809336594,
  "summary_gm_mean": 640.8986449684948,
  "summary_gm_median": 639.5933949500322,
  "summary_gm_n": 35319.0,
  "summary_gm_p05": 517.5561537630856,
  "summary_gm_p95": 765.68125599958,
  "summary_gm_stdv": 74.44069774868241,
  "summary_wm_k": 0.2992706135807537,
  "summary_wm_mad": 44.36810835970614,
  "summary_wm_mean": 998.111521691047,
  "summary_wm_median": 999.9740878473967,
  "summary_wm_n": 179644.0,
  "summary_wm_p05": 920.2064393367618,
  "summary_wm_p95": 1070.3283240012825,
  "summary_wm_stdv": 45.739466254278526,
  "tpm_overlap_csf": 0.1389150343725243,
  "tpm_overlap_gm": 0.44656223288765723,
  "tpm_overlap_wm": 0.47646371864762455,
  "wm2max": 0.7249330603436495
}