{
  "aor": 0.000683076923076923,
  "aqi": 0.006449259230769232,
  "bids_meta": {
    "AcquisitionMatrixPE": 64,
    "AcquisitionNumber": 1,
    "AcquisitionTime": "11:49:25.850000",
    "BandwidthPerPixelPhaseEncode": 47.348,
    "BaseResolution": 64,
    "BodyPartExamined": "HEAD",
    "ConsistencyInfo": "N4_VD11D_LATEST_20110129",
    "ConversionSoftware": "dcm2niix",
    "ConversionSoftwareVersion": "v1.0.20180518 GCC4.8.5",
    "DerivedVendorReportedEchoSpacing": 0.000660007,
    "DeviceSerialNumber": "45031",
    "DwellTime": 4.5e-06,
    "EchoTime": 0.03,
    "EchoTrainLength": 32,
    "EffectiveEchoSpacing": 0.000330003,
    "FlipAngle": 71,
    "ImageOrientationPatientDICOM": [
      0.998872,
      0.00879406,
      -0.0466699,
      -0.00278937,
      0.991873,
      0.127199
    ],
    "ImageType": [
      "ORIGINAL",
      "PRIMARY",
      "M",
      "ND",
      "NORM",
      "MOSAIC"
    ],
    "InPlanePhaseEncodingDirectionDICOM": "COL",
    "InstitutionAddress": "Washington_and_Faculty_Rd._-_Building_25_25_Princeton_NJ_US_085",
    "InstitutionName": "Princeton_University_-_Neuroscience_Institute",
    "InstitutionalDepartmentName": "Department",
    "MRAcquisitionType": "2D",
    "MagneticFieldStrength": 3,
    "Manufacturer": "Siemens",
    "ManufacturersModelName": "Skyra",
    "Modality": "MR",
    "ParallelReductionFactorInPlane": 2,
    "PartialFourier": 1,
    "PatientPosition": "HFS",
    "PercentPhaseFOV": 100,
    "PhaseEncodingDirection": "j-",
    "PhaseEncodingSteps": 64,
    "PhaseResolution": 1,
    "PixelBandwidth": 1735,
    "ProcedureStepDescription": "NormanLab_Anna",
    "ProtocolName": "epi_195_3x3x3_2s",
    "PulseSequenceDetails": "%SiemensSeq%_ep2d_bold",
    "ReceiveCoilActiveElements": "HE1-4",
    "ReceiveCoilName": "HeadNeck_20",
    "ReconMatrixPE": 64,
    "RepetitionTime": 2,
    "SAR": 0.11408,
    "ScanOptions": "FS",
    "ScanningSequence": "EP",
    "SequenceName": "_epfid2d1_64",
    "SequenceVariant": "SK",
    "SeriesDescription": "epi_195_3x3x3_2s",
    "SeriesNumber": 15,
    "ShimSetting": [
      3240,
      10449,
      9985,
      493,
      68,
      44,
      1171,
      269
    ],
    "SliceThickness": 3,
    "SliceTiming": [
      1,
      0,
      1.055,
      0.055,
      1.11,
      0.11,
      1.165,
      0.165,
      1.2225,
      0.2225,
      1.2775,
      0.2775,
      1.3325,
      0.3325,
      1.3875,
      0.3875,
      1.4425,
      0.4425,
      1.5,
      0.5,
      1.555,
      0.555,
      1.61,
      0.61,
      1.665,
      0.665,
      1.72,
      0.7225,
      1.7775,
      0.7775,
      1.8325,
      0.8325,
      1.8875,
      0.8875,
      1.9425,
      0.9425
    ],
    "SoftwareVersions": "syngo_MR_D11",
    "SpacingBetweenSlices": 3,
    "StationName": "AWP45031",
    "TotalReadoutTime": 0.0207902,
    "TxRefAmp": 317.08,
    "dataset": "ds001454",
    "modality": "bold",
    "run_id": 7,
    "session_id": "1",
    "subject_id": "02",
    "task_id": "satellite"
  },
  "dummy_trs": 0,
  "dvars_nstd": 24.2168542821134,
  "dvars_std": 1.1336291857731955,
  "dvars_vstd": 1.0052121455154637,
  "efc": 0.5802076125407817,
  "fber": 914.4378662109375,
  "fd_mean": 0.09929931419418764,
  "fd_num": 10,
  "fd_perc": 5.128205128205129,
  "fwhm_avg": 1.6526844444444446,
  "fwhm_x": 1.5463866666666668,
  "fwhm_y": 1.74495,
  "fwhm_z": 1.6667166666666666,
  "gcor": 0.0190351,
  "gsr_x": 0.005509709473699331,
  "gsr_y": 0.027035048231482506,
  "provenance": {
    "md5sum": "f5e217a2a5d720d39c45ad04a8b46b85",
    "settings": {
      "fd_thres": 0.2,
      "testing": false
    },
    "software": "mriqc",
    "version": "23.0.1",
    "webapi_port": null,
    "webapi_url": "https://mriqc.nimh.nih.gov/api/v1"
  },
  "size_t": 195,
  "size_x": 64,
  "size_y": 64,
  "size_z": 36,
  "snr": 6.274573324171366,
  "spacing_tr": 2.0,
  "spacing_x": 3.0,
  "spacing_y": 3.0,
  "spacing_z": 3.0,
  "summary_bg_k": 33.49935026725149,
  "summary_bg_mad": 15.350634451158818,
  "summary_bg_mean": 44.41981887817383,
  "summary_bg_median": 23.5230770111084,
  "summary_bg_n": 80521.0,
  "summary_bg_p05": 10.056410789489746,
  "summary_bg_p95": 150.21539306640625,
  "summary_bg_stdv": 64.58184814453125,
  "summary_fg_k": 3.1066715673412517,
  "summary_fg_mad": 104.24212032692681,
  "summary_fg_mean": 729.4390258789062,
  "summary_fg_median": 718.6487426757812,
  "summary_fg_n": 34306.0,
  "summary_fg_p05": 574.8526000976562,
  "summary_fg_p95": 917.433349609375,
  "summary_fg_stdv": 114.53181457519531,
  "tsnr": 64.3711829148233
}