{
  "aor": 0.0008432642487046631,
  "aqi": 0.007914411606217617,
  "bids_meta": {
    "AcquisitionMatrixPE": 64,
    "AcquisitionNumber": 1,
    "AcquisitionTime": "11:28:48.385000",
    "BandwidthPerPixelPhaseEncode": 47.348,
    "BaseResolution": 64,
    "BodyPartExamined": "HEAD",
    "ConsistencyInfo": "N4_VD11D_LATEST_20110129",
    "ConversionSoftware": "dcm2niix",
    "ConversionSoftwareVersion": "v1.0.20180518 GCC4.8.5",
    "DerivedVendorReportedEchoSpacing": 0.000660007,
    "DeviceSerialNumber": "45031",
    "DwellTime": 4.5e-06,
    "EchoTime": 0.03,
    "EchoTrainLength": 32,
    "EffectiveEchoSpacing": 0.000330003,
    "FlipAngle": 71,
    "ImageOrientationPatientDICOM": [
      0.998872,
      0.00879406,
      -0.0466699,
      -0.00278937,
      0.991873,
      0.127199
    ],
    "ImageType": [
      "ORIGINAL",
      "PRIMARY",
      "M",
      "ND",
      "NORM",
      "MOSAIC"
    ],
    "InPlanePhaseEncodingDirectionDICOM": "COL",
    "InstitutionAddress": "Washington_and_Faculty_Rd._-_Building_25_25_Princeton_NJ_US_085",
    "InstitutionName": "Princeton_University_-_Neuroscience_Institute",
    "InstitutionalDepartmentName": "Department",
    "MRAcquisitionType": "2D",
    "MagneticFieldStrength": 3,
    "Manufacturer": "Siemens",
    "ManufacturersModelName": "Skyra",
    "Modality": "MR",
    "ParallelReductionFactorInPlane": 2,
    "PartialFourier": 1,
    "PatientPosition": "HFS",
    "PercentPhaseFOV": 100,
    "PhaseEncodingDirection": "j-",
    "PhaseEncodingSteps": 64,
    "PhaseResolution": 1,
    "PixelBandwidth": 1735,
    "ProcedureStepDescription": "NormanLab_Anna",
    "ProtocolName": "epi_195_3x3x3_2s",
    "PulseSequenceDetails": "%SiemensSeq%_ep2d_bold",
    "ReceiveCoilActiveElements": "HE1-4",
    "ReceiveCoilName": "HeadNeck_20",
    "ReconMatrixPE": 64,
    "RepetitionTime": 2,
    "SAR": 0.11408,
    "ScanOptions": "FS",
    "ScanningSequence": "EP",
    "SequenceName": "_epfid2d1_64",
    "SequenceVariant": "SK",
    "SeriesDescription": "epi_195_3x3x3_2s",
    "SeriesNumber": 12,
    "ShimSetting": [
      3240,
      10449,
      9985,
      493,
      68,
      44,
      1171,
      269
    ],
    "SliceThickness": 3,
    "SliceTiming": [
      1,
      0,
      1.055,
      0.055,
      1.11,
      0.11,
      1.165,
      0.165,
      1.22,
      0.22,
      1.2775,
      0.2775,
      1.3325,
      0.3325,
      1.3875,
      0.3875,
      1.4425,
      0.4425,
      1.4975,
      0.5,
      1.555,
      0.555,
      1.61,
      0.61,
      1.665,
      0.665,
      1.72,
      0.72,
      1.7775,
      0.7775,
      1.8325,
      0.8325,
      1.8875,
      0.8875,
      1.9425,
      0.9425
    ],
    "SoftwareVersions": "syngo_MR_D11",
    "SpacingBetweenSlices": 3,
    "StationName": "AWP45031",
    "TotalReadoutTime": 0.0207902,
    "TxRefAmp": 317.08,
    "dataset": "ds001454",
    "modality": "bold",
    "run_id": 4,
    "session_id": "1",
    "subject_id": "02",
    "task_id": "satellite"
  },
  "dummy_trs": 2,
  "dvars_nstd": 23.229126553020834,
  "dvars_std": 1.1086683047916666,
  "dvars_vstd": 0.9965848757291668,
  "efc": 0.5786605832754688,
  "fber": 960.2447509765625,
  "fd_mean": 0.08181401966300732,
  "fd_num": 2,
  "fd_perc": 1.0362694300518134,
  "fwhm_avg": 1.6573166666666668,
  "fwhm_x": 1.5419366666666667,
  "fwhm_y": 1.7525633333333335,
  "fwhm_z": 1.67745,
  "gcor": 0.0156973,
  "gsr_x": 0.006110397167503834,
  "gsr_y": 0.02525184117257595,
  "provenance": {
    "md5sum": "b4123b85d5042d2b4638698f46b06bde",
    "settings": {
      "fd_thres": 0.2,
      "testing": false
    },
    "software": "mriqc",
    "version": "23.0.1",
    "webapi_port": null,
    "webapi_url": "https://mriqc.nimh.nih.gov/api/v1"
  },
  "size_t": 193,
  "size_x": 64,
  "size_y": 64,
  "size_z": 36,
  "snr": 6.263232373811157,
  "spacing_tr": 2.0,
  "spacing_x": 3.0,
  "spacing_y": 3.0,
  "spacing_z": 3.0,
  "summary_bg_k": 34.34902374171128,
  "summary_bg_mad": 14.526429576723658,
  "summary_bg_mean": 43.54255294799805,
  "summary_bg_median": 22.95854949951172,
  "summary_bg_n": 80461.0,
  "summary_bg_p05": 10.077719688415527,
  "summary_bg_p95": 145.72019958496094,
  "summary_bg_stdv": 64.05326843261719,
  "summary_fg_k": 3.074242809549977,
  "summary_fg_mad": 104.48119717392947,
  "summary_fg_mean": 731.91796875,
  "summary_fg_median": 720.83935546875,
  "summary_fg_n": 34290.0,
  "summary_fg_p05": 576.6937561035156,
  "summary_fg_p95": 920.4720153808594,
  "summary_fg_stdv": 115.08895111083984,
  "tsnr": 61.01600610371679
}