{
  "aor": 0.0005772307692307693,
  "aqi": 0.005316529384615383,
  "bids_meta": {
    "AcquisitionMatrixPE": 64,
    "AcquisitionNumber": 1,
    "AcquisitionTime": "11:35:38.770000",
    "BandwidthPerPixelPhaseEncode": 47.348,
    "BaseResolution": 64,
    "BodyPartExamined": "HEAD",
    "ConsistencyInfo": "N4_VD11D_LATEST_20110129",
    "ConversionSoftware": "dcm2niix",
    "ConversionSoftwareVersion": "v1.0.20180518 GCC4.8.5",
    "DerivedVendorReportedEchoSpacing": 0.000660007,
    "DeviceSerialNumber": "45031",
    "DwellTime": 4.5e-06,
    "EchoTime": 0.03,
    "EchoTrainLength": 32,
    "EffectiveEchoSpacing": 0.000330003,
    "FlipAngle": 71,
    "ImageOrientationPatientDICOM": [
      0.998872,
      0.00879406,
      -0.0466699,
      -0.00278937,
      0.991873,
      0.127199
    ],
    "ImageType": [
      "ORIGINAL",
      "PRIMARY",
      "M",
      "ND",
      "NORM",
      "MOSAIC"
    ],
    "InPlanePhaseEncodingDirectionDICOM": "COL",
    "InstitutionAddress": "Washington_and_Faculty_Rd._-_Building_25_25_Princeton_NJ_US_085",
    "InstitutionName": "Princeton_University_-_Neuroscience_Institute",
    "InstitutionalDepartmentName": "Department",
    "MRAcquisitionType": "2D",
    "MagneticFieldStrength": 3,
    "Manufacturer": "Siemens",
    "ManufacturersModelName": "Skyra",
    "Modality": "MR",
    "ParallelReductionFactorInPlane": 2,
    "PartialFourier": 1,
    "PatientPosition": "HFS",
    "PercentPhaseFOV": 100,
    "PhaseEncodingDirection": "j-",
    "PhaseEncodingSteps": 64,
    "PhaseResolution": 1,
    "PixelBandwidth": 1735,
    "ProcedureStepDescription": "NormanLab_Anna",
    "ProtocolName": "epi_195_3x3x3_2s",
    "PulseSequenceDetails": "%SiemensSeq%_ep2d_bold",
    "ReceiveCoilActiveElements": "HE1-4",
    "ReceiveCoilName": "HeadNeck_20",
    "ReconMatrixPE": 64,
    "RepetitionTime": 2,
    "SAR": 0.11408,
    "ScanOptions": "FS",
    "ScanningSequence": "EP",
    "SequenceName": "_epfid2d1_64",
    "SequenceVariant": "SK",
    "SeriesDescription": "epi_195_3x3x3_2s",
    "SeriesNumber": 13,
    "ShimSetting": [
      3240,
      10449,
      9985,
      493,
      68,
      44,
      1171,
      269
    ],
    "SliceThickness": 3,
    "SliceTiming": [
      1,
      0,
      1.055,
      0.055,
      1.1125,
      0.1125,
      1.1675,
      0.1675,
      1.2225,
      0.2225,
      1.2775,
      0.2775,
      1.3325,
      0.335,
      1.39,
      0.39,
      1.445,
      0.445,
      1.5,
      0.5,
      1.555,
      0.555,
      1.61,
      0.6125,
      1.6675,
      0.6675,
      1.7225,
      0.7225,
      1.7775,
      0.7775,
      1.8325,
      0.8325,
      1.89,
      0.89,
      1.945,
      0.945
    ],
    "SoftwareVersions": "syngo_MR_D11",
    "SpacingBetweenSlices": 3,
    "StationName": "AWP45031",
    "TotalReadoutTime": 0.0207902,
    "TxRefAmp": 317.08,
    "dataset": "ds001454",
    "modality": "bold",
    "run_id": 5,
    "session_id": "1",
    "subject_id": "02",
    "task_id": "satellite"
  },
  "dummy_trs": 0,
  "dvars_nstd": 23.374232616752575,
  "dvars_std": 1.1328043880412373,
  "dvars_vstd": 1.007379534123711,
  "efc": 0.5791874781835726,
  "fber": 946.3572387695312,
  "fd_mean": 0.0732600198462659,
  "fd_num": 2,
  "fd_perc": 1.0256410256410255,
  "fwhm_avg": 1.6480244444444445,
  "fwhm_x": 1.5390933333333334,
  "fwhm_y": 1.74195,
  "fwhm_z": 1.66303,
  "gcor": 0.0209386,
  "gsr_x": 0.005702085327357054,
  "gsr_y": 0.02559545449912548,
  "provenance": {
    "md5sum": "74d45150976b794963bdaed773f8d3d6",
    "settings": {
      "fd_thres": 0.2,
      "testing": false
    },
    "software": "mriqc",
    "version": "23.0.1",
    "webapi_port": null,
    "webapi_url": "https://mriqc.nimh.nih.gov/api/v1"
  },
  "size_t": 195,
  "size_x": 64,
  "size_y": 64,
  "size_z": 36,
  "snr": 6.258911015711277,
  "spacing_tr": 2.0,
  "spacing_x": 3.0,
  "spacing_y": 3.0,
  "spacing_z": 3.0,
  "summary_bg_k": 33.546891138811425,
  "summary_bg_mad": 14.772799421318352,
  "summary_bg_mean": 44.08784484863281,
  "summary_bg_median": 23.16410255432129,
  "summary_bg_n": 80599.0,
  "summary_bg_p05": 10.13846206665039,
  "summary_bg_p95": 149.0897521972654,
  "summary_bg_stdv": 64.80059814453125,
  "summary_fg_k": 3.1242692035020108,
  "summary_fg_mad": 104.48164962821978,
  "summary_fg_mean": 730.9633178710938,
  "summary_fg_median": 720.1128540039062,
  "summary_fg_n": 34257.0,
  "summary_fg_p05": 576.7959350585937,
  "summary_fg_p95": 919.4892456054686,
  "summary_fg_stdv": 115.05233764648438,
  "tsnr": 70.10307135991752
}