{
  "aor": 0.0007236458333333334,
  "aqi": 0.008820336458333333,
  "bids_meta": {
    "AcquisitionMatrixPE": 64,
    "AcquisitionNumber": 1,
    "AcquisitionTime": "09:38:43.827500",
    "BandwidthPerPixelPhaseEncode": 47.348,
    "BaseResolution": 64,
    "BodyPartExamined": "HEAD",
    "ConsistencyInfo": "N4_VD11D_LATEST_20110129",
    "ConversionSoftware": "dcm2niix",
    "ConversionSoftwareVersion": "v1.0.20180518 GCC4.8.5",
    "DerivedVendorReportedEchoSpacing": 0.000660007,
    "DeviceSerialNumber": "45031",
    "DwellTime": 4.5e-06,
    "EchoTime": 0.03,
    "EchoTrainLength": 32,
    "EffectiveEchoSpacing": 0.000330003,
    "FlipAngle": 71,
    "ImageOrientationPatientDICOM": [
      0.999933,
      0.0115931,
      -0.000602029,
      -0.0109953,
      0.962454,
      0.271223
    ],
    "ImageType": [
      "ORIGINAL",
      "PRIMARY",
      "M",
      "ND",
      "NORM",
      "MOSAIC"
    ],
    "InPlanePhaseEncodingDirectionDICOM": "COL",
    "InstitutionAddress": "Washington_and_Faculty_Rd._-_Building_25_25_Princeton_NJ_US_085",
    "InstitutionName": "Princeton_University_-_Neuroscience_Institute",
    "InstitutionalDepartmentName": "Department",
    "MRAcquisitionType": "2D",
    "MagneticFieldStrength": 3,
    "Manufacturer": "Siemens",
    "ManufacturersModelName": "Skyra",
    "Modality": "MR",
    "ParallelReductionFactorInPlane": 2,
    "PartialFourier": 1,
    "PatientPosition": "HFS",
    "PercentPhaseFOV": 100,
    "PhaseEncodingDirection": "j-",
    "PhaseEncodingSteps": 64,
    "PhaseResolution": 1,
    "PixelBandwidth": 1735,
    "ProcedureStepDescription": "NormanLab_Anna",
    "ProtocolName": "epi_195_3x3x3_2s",
    "PulseSequenceDetails": "%SiemensSeq%_ep2d_bold",
    "ReceiveCoilActiveElements": "HE1-4",
    "ReceiveCoilName": "HeadNeck_20",
    "ReconMatrixPE": 64,
    "RepetitionTime": 2,
    "SAR": 0.108749,
    "ScanOptions": "FS",
    "ScanningSequence": "EP",
    "SequenceName": "_epfid2d1_64",
    "SequenceVariant": "SK",
    "SeriesDescription": "epi_195_3x3x3_2s",
    "SeriesNumber": 9,
    "ShimSetting": [
      3189,
      10497,
      10135,
      656,
      -57,
      55,
      930,
      19
    ],
    "SliceThickness": 3,
    "SliceTiming": [
      1,
      0,
      1.055,
      0.055,
      1.11,
      0.11,
      1.165,
      0.1675,
      1.2225,
      0.2225,
      1.2775,
      0.2775,
      1.3325,
      0.3325,
      1.3875,
      0.3875,
      1.445,
      0.445,
      1.5,
      0.5,
      1.555,
      0.555,
      1.61,
      0.61,
      1.665,
      0.665,
      1.7225,
      0.7225,
      1.7775,
      0.7775,
      1.8325,
      0.8325,
      1.8875,
      0.8875,
      1.9425,
      0.945
    ],
    "SoftwareVersions": "syngo_MR_D11",
    "SpacingBetweenSlices": 3,
    "StationName": "AWP45031",
    "TotalReadoutTime": 0.0207902,
    "TxRefAmp": 325.207,
    "dataset": "ds001454",
    "modality": "bold",
    "run_id": 1,
    "session_id": "2",
    "subject_id": "12",
    "task_id": "satellite"
  },
  "dummy_trs": 3,
  "dvars_nstd": 24.08722080612565,
  "dvars_std": 1.1151822773821987,
  "dvars_vstd": 0.9760557575392665,
  "efc": 0.5847614632501409,
  "fber": 1093.31396484375,
  "fd_mean": 0.09826223267616874,
  "fd_num": 7,
  "fd_perc": 3.6458333333333335,
  "fwhm_avg": 1.6783033333333333,
  "fwhm_x": 1.56839,
  "fwhm_y": 1.80314,
  "fwhm_z": 1.66338,
  "gcor": 0.0148742,
  "gsr_x": -0.003909782972186804,
  "gsr_y": 0.0412927009165287,
  "provenance": {
    "md5sum": "30a81330e5bb12f6b129da0e675d8725",
    "settings": {
      "fd_thres": 0.2,
      "testing": false
    },
    "software": "mriqc",
    "version": "23.0.1",
    "webapi_port": null,
    "webapi_url": "https://mriqc.nimh.nih.gov/api/v1"
  },
  "size_t": 192,
  "size_x": 64,
  "size_y": 64,
  "size_z": 36,
  "snr": 6.72774040566476,
  "spacing_tr": 2.0,
  "spacing_x": 3.0,
  "spacing_y": 3.0,
  "spacing_z": 3.0,
  "summary_bg_k": 23.218642496756654,
  "summary_bg_mad": 15.536437633316163,
  "summary_bg_mean": 48.73838806152344,
  "summary_bg_median": 22.682292938232422,
  "summary_bg_n": 80324.0,
  "summary_bg_p05": 9.844531345367432,
  "summary_bg_p95": 180.34818572998043,
  "summary_bg_stdv": 68.1462631225586,
  "summary_fg_k": 2.7123981971916447,
  "summary_fg_mad": 107.81682593842193,
  "summary_fg_mean": 772.1253662109375,
  "summary_fg_median": 763.8802490234375,
  "summary_fg_n": 34542.0,
  "summary_fg_p05": 615.6635803222656,
  "summary_fg_p95": 957.9164276123047,
  "summary_fg_stdv": 113.54022979736328,
  "tsnr": 62.257446750300005
}