{
  "aor": 0.0021090256410256415,
  "aqi": 0.009416446102564103,
  "bids_meta": {
    "AcquisitionMatrixPE": 64,
    "AcquisitionNumber": 1,
    "AcquisitionTime": "10:34:33.920000",
    "BandwidthPerPixelPhaseEncode": 47.348,
    "BaseResolution": 64,
    "BodyPartExamined": "HEAD",
    "ConsistencyInfo": "N4_VD11D_LATEST_20110129",
    "ConversionSoftware": "dcm2niix",
    "ConversionSoftwareVersion": "v1.0.20180518 GCC4.8.5",
    "DerivedVendorReportedEchoSpacing": 0.000660007,
    "DeviceSerialNumber": "45031",
    "DwellTime": 4.5e-06,
    "EchoTime": 0.03,
    "EchoTrainLength": 32,
    "EffectiveEchoSpacing": 0.000330003,
    "FlipAngle": 71,
    "ImageOrientationPatientDICOM": [
      0.999933,
      0.0115931,
      -0.000602029,
      -0.0109953,
      0.962454,
      0.271223
    ],
    "ImageType": [
      "ORIGINAL",
      "PRIMARY",
      "M",
      "ND",
      "NORM",
      "MOSAIC"
    ],
    "InPlanePhaseEncodingDirectionDICOM": "COL",
    "InstitutionAddress": "Washington_and_Faculty_Rd._-_Building_25_25_Princeton_NJ_US_085",
    "InstitutionName": "Princeton_University_-_Neuroscience_Institute",
    "InstitutionalDepartmentName": "Department",
    "MRAcquisitionType": "2D",
    "MagneticFieldStrength": 3,
    "Manufacturer": "Siemens",
    "ManufacturersModelName": "Skyra",
    "Modality": "MR",
    "ParallelReductionFactorInPlane": 2,
    "PartialFourier": 1,
    "PatientPosition": "HFS",
    "PercentPhaseFOV": 100,
    "PhaseEncodingDirection": "j-",
    "PhaseEncodingSteps": 64,
    "PhaseResolution": 1,
    "PixelBandwidth": 1735,
    "ProcedureStepDescription": "NormanLab_Anna",
    "ProtocolName": "epi_195_3x3x3_2s",
    "PulseSequenceDetails": "%SiemensSeq%_ep2d_bold",
    "ReceiveCoilActiveElements": "HE1-4",
    "ReceiveCoilName": "HeadNeck_20",
    "ReconMatrixPE": 64,
    "RepetitionTime": 2,
    "SAR": 0.108749,
    "ScanOptions": "FS",
    "ScanningSequence": "EP",
    "SequenceName": "_epfid2d1_64",
    "SequenceVariant": "SK",
    "SeriesDescription": "epi_195_3x3x3_2s",
    "SeriesNumber": 17,
    "ShimSetting": [
      3189,
      10497,
      10135,
      656,
      -57,
      55,
      930,
      19
    ],
    "SliceThickness": 3,
    "SliceTiming": [
      1,
      0,
      1.0575,
      0.0575,
      1.1125,
      0.1125,
      1.1675,
      0.1675,
      1.2225,
      0.2225,
      1.2775,
      0.28,
      1.335,
      0.335,
      1.39,
      0.39,
      1.445,
      0.445,
      1.5,
      0.5,
      1.5575,
      0.5575,
      1.6125,
      0.6125,
      1.6675,
      0.6675,
      1.7225,
      0.7225,
      1.7775,
      0.7775,
      1.835,
      0.835,
      1.89,
      0.89,
      1.945,
      0.945
    ],
    "SoftwareVersions": "syngo_MR_D11",
    "SpacingBetweenSlices": 3,
    "StationName": "AWP45031",
    "TotalReadoutTime": 0.0207902,
    "TxRefAmp": 325.207,
    "dataset": "ds001454",
    "modality": "bold",
    "run_id": 1,
    "session_id": "2",
    "subject_id": "12",
    "task_id": "rest"
  },
  "dummy_trs": 0,
  "dvars_nstd": 25.646715291958774,
  "dvars_std": 1.181967043298969,
  "dvars_vstd": 1.0178370370618557,
  "efc": 0.5840913990878832,
  "fber": 1139.2664794921875,
  "fd_mean": 0.10274698616953037,
  "fd_num": 12,
  "fd_perc": 6.153846153846154,
  "fwhm_avg": 1.6757322222222222,
  "fwhm_x": 1.5535066666666666,
  "fwhm_y": 1.8188133333333332,
  "fwhm_z": 1.6548766666666666,
  "gcor": 0.0223665,
  "gsr_x": 0.0002553522353991866,
  "gsr_y": 0.04130151867866516,
  "provenance": {
    "md5sum": "72c4b6b3a0efcda4f9cd9743682304fe",
    "settings": {
      "fd_thres": 0.2,
      "testing": false
    },
    "software": "mriqc",
    "version": "23.0.1",
    "webapi_port": null,
    "webapi_url": "https://mriqc.nimh.nih.gov/api/v1"
  },
  "size_t": 195,
  "size_x": 64,
  "size_y": 64,
  "size_z": 36,
  "snr": 6.756195180966673,
  "spacing_tr": 2.0,
  "spacing_x": 3.0,
  "spacing_y": 3.0,
  "spacing_z": 3.0,
  "summary_bg_k": 20.751685334719195,
  "summary_bg_mad": 15.700377375813673,
  "summary_bg_mean": 49.57536697387695,
  "summary_bg_median": 22.169231414794922,
  "summary_bg_n": 80418.0,
  "summary_bg_p05": 9.323077201843262,
  "summary_bg_p95": 188.12102890014637,
  "summary_bg_stdv": 70.67951202392578,
  "summary_fg_k": 2.747852220359075,
  "summary_fg_mad": 106.01746047126649,
  "summary_fg_mean": 770.9810791015625,
  "summary_fg_median": 761.6359252929688,
  "summary_fg_n": 34301.0,
  "summary_fg_p05": 617.6205444335938,
  "summary_fg_p95": 956.4359130859375,
  "summary_fg_stdv": 112.72984313964844,
  "tsnr": 59.984704884001985
}