{
  "bids_meta": {
    "AcquisitionMatrixPE": 256,
    "AcquisitionNumber": 1,
    "AcquisitionTime": "11:00:16.562500",
    "BaseResolution": 256,
    "BodyPartExamined": "HEAD",
    "ConsistencyInfo": "N4_VD11D_LATEST_20110129",
    "ConversionSoftware": "dcm2niix",
    "ConversionSoftwareVersion": "v1.0.20180518 GCC4.8.5",
    "DeviceSerialNumber": "45031",
    "DwellTime": 9.8e-06,
    "EchoTime": 0.0033,
    "FlipAngle": 7,
    "ImageOrientationPatientDICOM": [
      0,
      1,
      0,
      0,
      0,
      -1
    ],
    "ImageType": [
      "ORIGINAL",
      "PRIMARY",
      "M",
      "ND",
      "NORM"
    ],
    "InPlanePhaseEncodingDirectionDICOM": "ROW",
    "InstitutionAddress": "Washington_and_Faculty_Rd._-_Building_25_25_Princeton_NJ_US_085",
    "InstitutionName": "Princeton_University_-_Neuroscience_Institute",
    "InstitutionalDepartmentName": "Department",
    "InversionTime": 1.1,
    "MRAcquisitionType": "3D",
    "MagneticFieldStrength": 3,
    "Manufacturer": "Siemens",
    "ManufacturersModelName": "Skyra",
    "Modality": "MR",
    "ParallelReductionFactorInPlane": 2,
    "PartialFourier": 1,
    "PatientPosition": "HFS",
    "PercentPhaseFOV": 100,
    "PhaseEncodingSteps": 255,
    "PhaseResolution": 1,
    "PixelBandwidth": 200,
    "ProcedureStepDescription": "NormanLab_Anna",
    "ProtocolName": "MPRAGE_tfl",
    "PulseSequenceDetails": "%SiemensSeq%_tfl",
    "ReceiveCoilActiveElements": "HE1-4",
    "ReceiveCoilName": "HeadNeck_20",
    "ReconMatrixPE": 256,
    "RepetitionTime": 2.53,
    "SAR": 0.0679248,
    "ScanOptions": "IR",
    "ScanningSequence": "GR_IR",
    "SequenceName": "_tfl3d1_16ns",
    "SequenceVariant": "SK_SP_MP",
    "SeriesDescription": "MPRAGE_tfl",
    "SeriesNumber": 5,
    "ShimSetting": [
      3223,
      10510,
      9902,
      213,
      -15,
      -369,
      486,
      -80
    ],
    "SliceThickness": 1,
    "SoftwareVersions": "syngo_MR_D11",
    "StationName": "AWP45031",
    "TxRefAmp": 329.581,
    "dataset": "ds001454",
    "modality": "T1w",
    "session_id": "1",
    "subject_id": "03"
  },
  "cjv": 0.3682633983099563,
  "cnr": 3.616152973203258,
  "efc": 0.46619045765171324,
  "fber": 22608.218047145332,
  "fwhm_avg": 3.709213333333333,
  "fwhm_x": 3.83594,
  "fwhm_y": 3.80178,
  "fwhm_z": 3.48992,
  "icvs_csf": 0.21877551332091202,
  "icvs_gm": 0.42367186684107944,
  "icvs_wm": 0.35755261983800857,
  "inu_med": 0.5855269432067871,
  "inu_range": 0.23541903495788574,
  "provenance": {
    "md5sum": "e4480cd1e29355fc11a66d27044eae40",
    "settings": {
      "testing": false
    },
    "software": "mriqc",
    "version": "23.0.1",
    "warnings": {
      "large_rot_frame": true,
      "small_air_mask": false
    },
    "webapi_port": null,
    "webapi_url": "https://mriqc.nimh.nih.gov/api/v1"
  },
  "qi_1": 9.818938769097836e-06,
  "qi_2": 0.01514121874406422,
  "rpve_csf": 26.217943617532068,
  "rpve_gm": 13.753371662114823,
  "rpve_wm": 18.7499652552391,
  "size_x": 176,
  "size_y": 256,
  "size_z": 256,
  "snr_csf": 1.4782141389888241,
  "snr_gm": 8.81042952131386,
  "snr_total": 10.593629965750962,
  "snr_wm": 21.492246236950198,
  "snrd_csf": 11.844877894788516,
  "snrd_gm": 44.47252689435248,
  "snrd_total": 40.76114559456672,
  "snrd_wm": 65.96603199455917,
  "spacing_x": 1.0,
  "spacing_y": 1.0,
  "spacing_z": 1.0,
  "summary_bg_k": 3151.5559258954627,
  "summary_bg_mad": 0.0,
  "summary_bg_mean": 4.078632304431353,
  "summary_bg_median": 0.0,
  "summary_bg_n": 4434555.0,
  "summary_bg_p05": 0.0,
  "summary_bg_p95": 17.445502523332834,
  "summary_bg_stdv": 9.93142054418699,
  "summary_csf_k": 5.088525093332354,
  "summary_csf_mad": 99.18686935236245,
  "summary_csf_mean": 204.77679049258023,
  "summary_csf_median": 179.56026205793023,
  "summary_csf_n": 35874.0,
  "summary_csf_p05": 52.58707134053111,
  "summary_csf_p95": 442.27794148493547,
  "summary_csf_stdv": 121.46938298906164,
  "summary_gm_k": 0.06785528738993873,
  "summary_gm_mad": 75.17956061866798,
  "summary_gm_mean": 674.215632687207,
  "summary_gm_median": 674.1731450892985,
  "summary_gm_n": 25764.0,
  "summary_gm_p05": 547.9923622962087,
  "summary_gm_p95": 801.3922015065327,
  "summary_gm_stdv": 76.51841033450003,
  "summary_wm_k": 0.3433763662682141,
  "summary_wm_mad": 44.81054724954577,
  "summary_wm_mean": 999.0382051870452,
  "summary_wm_median": 1000.0000081956387,
  "summary_wm_n": 198231.0,
  "summary_wm_p05": 920.9627988282591,
  "summary_wm_p95": 1073.3525520190597,
  "summary_wm_stdv": 46.52829094072898,
  "tpm_overlap_csf": 0.1423373650830498,
  "tpm_overlap_gm": 0.4515329746078392,
  "tpm_overlap_wm": 0.504518167430291,
  "wm2max": 0.6190736358404065
}