{
  "bids_meta": {
    "AcquisitionMatrixPE": 256,
    "AcquisitionNumber": 1,
    "AcquisitionTime": "09:29:26.530000",
    "BaseResolution": 256,
    "BodyPartExamined": "HEAD",
    "ConsistencyInfo": "N4_VD11D_LATEST_20110129",
    "ConversionSoftware": "dcm2niix",
    "ConversionSoftwareVersion": "v1.0.20180518 GCC4.8.5",
    "DeviceSerialNumber": "45031",
    "DwellTime": 9.8e-06,
    "EchoTime": 0.0033,
    "FlipAngle": 7,
    "ImageOrientationPatientDICOM": [
      0.050648,
      0.998717,
      2.12668e-08,
      0.0442341,
      -0.00224322,
      -0.999019
    ],
    "ImageType": [
      "ORIGINAL",
      "PRIMARY",
      "M",
      "ND",
      "NORM"
    ],
    "InPlanePhaseEncodingDirectionDICOM": "ROW",
    "InstitutionAddress": "Washington_and_Faculty_Rd._-_Building_25_25_Princeton_NJ_US_085",
    "InstitutionName": "Princeton_University_-_Neuroscience_Institute",
    "InstitutionalDepartmentName": "Department",
    "InversionTime": 1.1,
    "MRAcquisitionType": "3D",
    "MagneticFieldStrength": 3,
    "Manufacturer": "Siemens",
    "ManufacturersModelName": "Skyra",
    "Modality": "MR",
    "ParallelReductionFactorInPlane": 2,
    "PartialFourier": 1,
    "PatientPosition": "HFS",
    "PercentPhaseFOV": 100,
    "PhaseEncodingSteps": 255,
    "PhaseResolution": 1,
    "PixelBandwidth": 200,
    "ProcedureStepDescription": "NormanLab_Anna",
    "ProtocolName": "MPRAGE_tfl",
    "PulseSequenceDetails": "%SiemensSeq%_tfl",
    "ReceiveCoilActiveElements": "HE1-4",
    "ReceiveCoilName": "HeadNeck_20",
    "ReconMatrixPE": 256,
    "RepetitionTime": 2.53,
    "SAR": 0.0574185,
    "ScanOptions": "IR",
    "ScanningSequence": "GR_IR",
    "SequenceName": "_tfl3d1_16ns",
    "SequenceVariant": "SK_SP_MP",
    "SeriesDescription": "MPRAGE_tfl",
    "SeriesNumber": 5,
    "ShimSetting": [
      3201,
      10606,
      9902,
      341,
      -105,
      -434,
      376,
      -66
    ],
    "SliceThickness": 1,
    "SoftwareVersions": "syngo_MR_D11",
    "StationName": "AWP45031",
    "TxRefAmp": 360.822,
    "dataset": "ds001454",
    "modality": "T1w",
    "session_id": "2",
    "subject_id": "01"
  },
  "cjv": 0.39011749552064423,
  "cnr": 3.429809281195318,
  "efc": 0.5655691653211938,
  "fber": 25179.81256515775,
  "fwhm_avg": 3.6964727426873534,
  "fwhm_x": 3.73091822806206,
  "fwhm_y": 3.83663,
  "fwhm_z": 3.52187,
  "icvs_csf": 0.20072478139965627,
  "icvs_gm": 0.41521681555148965,
  "icvs_wm": 0.3840584030488541,
  "inu_med": 0.570939838886261,
  "inu_range": 0.24384792149066925,
  "provenance": {
    "md5sum": "2b3a42ea8f289b99a335417a3bfca7da",
    "settings": {
      "testing": false
    },
    "software": "mriqc",
    "version": "23.0.1",
    "warnings": {
      "large_rot_frame": true,
      "small_air_mask": false
    },
    "webapi_port": null,
    "webapi_url": "https://mriqc.nimh.nih.gov/api/v1"
  },
  "qi_1": 3.204109301592128e-05,
  "qi_2": 0.003726052980849594,
  "rpve_csf": 20.311360013066466,
  "rpve_gm": 10.189351492326269,
  "rpve_wm": 12.90295167374279,
  "size_x": 176,
  "size_y": 256,
  "size_z": 256,
  "snr_csf": 1.3700242548891686,
  "snr_gm": 8.168923141143951,
  "snr_total": 9.940700457762054,
  "snr_wm": 20.283153977253036,
  "snrd_csf": 13.731355156377381,
  "snrd_gm": 58.763832197562756,
  "snrd_total": 53.37556824618586,
  "snrd_wm": 87.63151738461745,
  "spacing_x": 0.9999977946281433,
  "spacing_y": 1.0,
  "spacing_z": 1.0,
  "summary_bg_k": 87.48068831209734,
  "summary_bg_mad": 0.0,
  "summary_bg_mean": 3.4092045941662836,
  "summary_bg_median": 0.0,
  "summary_bg_n": 2939216.0,
  "summary_bg_p05": 0.0,
  "summary_bg_p95": 17.532223880290985,
  "summary_bg_stdv": 7.476036143990148,
  "summary_csf_k": 2.9192253688673135,
  "summary_csf_mad": 91.21173595759348,
  "summary_csf_mean": 183.82311510647156,
  "summary_csf_median": 156.69425093010068,
  "summary_csf_n": 40988.0,
  "summary_csf_p05": 46.2239389475435,
  "summary_csf_p95": 418.86011152425783,
  "summary_csf_stdv": 114.37194552892464,
  "summary_gm_k": 0.009743207276025512,
  "summary_gm_mad": 81.57112360304117,
  "summary_gm_mean": 671.491973239628,
  "summary_gm_median": 670.5787275265902,
  "summary_gm_n": 28205.0,
  "summary_gm_p05": 538.6891130797565,
  "summary_gm_p95": 808.4143034275621,
  "summary_gm_stdv": 82.08754425143165,
  "summary_wm_k": 0.5215494547477371,
  "summary_wm_mad": 46.94187301684445,
  "summary_wm_mean": 999.856893385119,
  "summary_wm_median": 999.999986751005,
  "summary_wm_n": 298685.0,
  "summary_wm_p05": 918.8903825890274,
  "summary_wm_p95": 1079.846578732133,
  "summary_wm_stdv": 49.30191398570011,
  "tpm_overlap_csf": 0.15628496645479328,
  "tpm_overlap_gm": 0.4583249402929532,
  "tpm_overlap_wm": 0.5170725019450554,
  "wm2max": 0.6869985538540779
}