{
  "bids_meta": {
    "AcquisitionMatrixPE": 256,
    "AcquisitionNumber": 1,
    "AcquisitionTime": "22:21:43.357500",
    "BaseResolution": 256,
    "BodyPartExamined": "HEAD",
    "ConsistencyInfo": "N4_VD11D_LATEST_20110129",
    "ConversionSoftware": "dcm2niix",
    "ConversionSoftwareVersion": "v1.0.20180518 GCC4.8.5",
    "DeviceSerialNumber": "45031",
    "DwellTime": 9.8e-06,
    "EchoTime": 0.0033,
    "FlipAngle": 7,
    "ImageOrientationPatientDICOM": [
      0,
      1,
      0,
      0,
      0,
      -1
    ],
    "ImageType": [
      "ORIGINAL",
      "PRIMARY",
      "M",
      "ND",
      "NORM"
    ],
    "InPlanePhaseEncodingDirectionDICOM": "ROW",
    "InstitutionAddress": "Washington_and_Faculty_Rd._-_Building_25_25_Princeton_NJ_US_085",
    "InstitutionName": "Princeton_University_-_Neuroscience_Institute",
    "InstitutionalDepartmentName": "Department",
    "InversionTime": 1.1,
    "MRAcquisitionType": "3D",
    "MagneticFieldStrength": 3,
    "Manufacturer": "Siemens",
    "ManufacturersModelName": "Skyra",
    "Modality": "MR",
    "ParallelReductionFactorInPlane": 2,
    "PartialFourier": 1,
    "PatientPosition": "HFS",
    "PercentPhaseFOV": 100,
    "PhaseEncodingSteps": 255,
    "PhaseResolution": 1,
    "PixelBandwidth": 200,
    "ProcedureStepDescription": "NormanLab_Anna",
    "ProtocolName": "MPRAGE_tfl",
    "PulseSequenceDetails": "%SiemensSeq%_tfl",
    "ReceiveCoilActiveElements": "HE1-4",
    "ReceiveCoilName": "HeadNeck_20",
    "ReconMatrixPE": 256,
    "RepetitionTime": 2.53,
    "SAR": 0.0675775,
    "ScanOptions": "IR",
    "ScanningSequence": "GR_IR",
    "SequenceName": "_tfl3d1_16ns",
    "SequenceVariant": "SK_SP_MP",
    "SeriesDescription": "MPRAGE_tfl",
    "SeriesNumber": 5,
    "ShimSetting": [
      3232,
      10479,
      9898,
      330,
      44,
      -358,
      587,
      -54
    ],
    "SliceThickness": 1,
    "SoftwareVersions": "syngo_MR_D11",
    "StationName": "AWP45031",
    "TxRefAmp": 324.271,
    "dataset": "ds001454",
    "modality": "T1w",
    "session_id": "2",
    "subject_id": "03"
  },
  "cjv": 0.36356762823736166,
  "cnr": 3.676619096430864,
  "efc": 0.46818884117510584,
  "fber": 22269.166530612245,
  "fwhm_avg": 3.7472133333333333,
  "fwhm_x": 3.85807,
  "fwhm_y": 3.84388,
  "fwhm_z": 3.53969,
  "icvs_csf": 0.22253120819246772,
  "icvs_gm": 0.4205293272246871,
  "icvs_wm": 0.3569394645828452,
  "inu_med": 0.5841240286827087,
  "inu_range": 0.23058617115020752,
  "provenance": {
    "md5sum": "56203559dd9f222991f90240256ce853",
    "settings": {
      "testing": false
    },
    "software": "mriqc",
    "version": "23.0.1",
    "warnings": {
      "large_rot_frame": true,
      "small_air_mask": false
    },
    "webapi_port": null,
    "webapi_url": "https://mriqc.nimh.nih.gov/api/v1"
  },
  "qi_1": 0.0,
  "qi_2": 0.01143422256518956,
  "rpve_csf": 25.970212390142056,
  "rpve_gm": 13.824735606096427,
  "rpve_wm": 18.74061660445932,
  "size_x": 176,
  "size_y": 256,
  "size_z": 256,
  "snr_csf": 1.5050237561786826,
  "snr_gm": 8.827115174058594,
  "snr_total": 10.70195595094288,
  "snr_wm": 21.773728922591356,
  "snrd_csf": 12.596707546167737,
  "snrd_gm": 45.51311617367994,
  "snrd_total": 41.96594307054189,
  "snrd_wm": 67.788005491778,
  "spacing_x": 1.0,
  "spacing_y": 1.0,
  "spacing_z": 1.0,
  "summary_bg_k": 2805.907173150493,
  "summary_bg_mad": 0.0,
  "summary_bg_mean": 4.080542335637736,
  "summary_bg_median": 0.0,
  "summary_bg_n": 4220321.0,
  "summary_bg_p05": 0.0,
  "summary_bg_p95": 17.39522290416062,
  "summary_bg_stdv": 9.66419805745482,
  "summary_csf_k": 2.1364103399936676,
  "summary_csf_mad": 109.44129834507486,
  "summary_csf_mean": 212.44257412438913,
  "summary_csf_median": 185.81943637691438,
  "summary_csf_n": 40007.0,
  "summary_csf_p05": 51.94532020948827,
  "summary_csf_p95": 444.5666172746567,
  "summary_csf_stdv": 123.46457207934952,
  "summary_gm_k": 0.006318893164638073,
  "summary_gm_mad": 75.23254086480725,
  "summary_gm_mean": 671.8608298188391,
  "summary_gm_median": 671.3834995497018,
  "summary_gm_n": 27815.0,
  "summary_gm_p05": 546.9340490559116,
  "summary_gm_p95": 799.3390338309109,
  "summary_gm_stdv": 76.05785327049792,
  "summary_wm_k": 0.31909739011915716,
  "summary_wm_mad": 44.23085439831475,
  "summary_wm_mean": 998.963052613349,
  "summary_wm_median": 999.9699467048049,
  "summary_wm_n": 200136.0,
  "summary_wm_p05": 921.8867267947644,
  "summary_wm_p95": 1072.525151045993,
  "summary_wm_stdv": 45.92541094043354,
  "tpm_overlap_csf": 0.14051298227192294,
  "tpm_overlap_gm": 0.45445651955979793,
  "tpm_overlap_wm": 0.5054843315748484,
  "wm2max": 0.6291990396793891
}