{
  "bids_meta": {
    "AcquisitionMatrixPE": 256,
    "AcquisitionNumber": 1,
    "AcquisitionTime": "11:31:29.612500",
    "BaseResolution": 256,
    "BodyPartExamined": "HEAD",
    "ConsistencyInfo": "N4_VD11D_LATEST_20110129",
    "ConversionSoftware": "dcm2niix",
    "ConversionSoftwareVersion": "v1.0.20180518 GCC4.8.5",
    "DeviceSerialNumber": "45031",
    "DwellTime": 9.8e-06,
    "EchoTime": 0.0033,
    "FlipAngle": 7,
    "ImageOrientationPatientDICOM": [
      0,
      1,
      0,
      0,
      0,
      -1
    ],
    "ImageType": [
      "ORIGINAL",
      "PRIMARY",
      "M",
      "ND",
      "NORM"
    ],
    "InPlanePhaseEncodingDirectionDICOM": "ROW",
    "InstitutionAddress": "Washington_and_Faculty_Rd._-_Building_25_25_Princeton_NJ_US_085",
    "InstitutionName": "Princeton_University_-_Neuroscience_Institute",
    "InstitutionalDepartmentName": "Department",
    "InversionTime": 1.1,
    "MRAcquisitionType": "3D",
    "MagneticFieldStrength": 3,
    "Manufacturer": "Siemens",
    "ManufacturersModelName": "Skyra",
    "Modality": "MR",
    "ParallelReductionFactorInPlane": 2,
    "PartialFourier": 1,
    "PatientPosition": "HFS",
    "PercentPhaseFOV": 100,
    "PhaseEncodingSteps": 255,
    "PhaseResolution": 1,
    "PixelBandwidth": 200,
    "ProcedureStepDescription": "NormanLab_Anna",
    "ProtocolName": "MPRAGE_tfl",
    "PulseSequenceDetails": "%SiemensSeq%_tfl",
    "ReceiveCoilActiveElements": "HE1-4",
    "ReceiveCoilName": "HeadNeck_20",
    "ReconMatrixPE": 256,
    "RepetitionTime": 2.53,
    "SAR": 0.0615233,
    "ScanOptions": "IR",
    "ScanningSequence": "GR_IR",
    "SequenceName": "_tfl3d1_16ns",
    "SequenceVariant": "SK_SP_MP",
    "SeriesDescription": "MPRAGE_tfl",
    "SeriesNumber": 5,
    "ShimSetting": [
      3201,
      10487,
      9930,
      268,
      60,
      -379,
      291,
      98
    ],
    "SliceThickness": 1,
    "SoftwareVersions": "syngo_MR_D11",
    "StationName": "AWP45031",
    "TxRefAmp": 369.249,
    "dataset": "ds001454",
    "modality": "T1w",
    "session_id": "1",
    "subject_id": "14"
  },
  "cjv": 0.37611491066415376,
  "cnr": 3.519031504724303,
  "efc": 0.5513998258702664,
  "fber": 7335.80354214892,
  "fwhm_avg": 3.594203333333333,
  "fwhm_x": 3.70498,
  "fwhm_y": 3.7329,
  "fwhm_z": 3.34473,
  "icvs_csf": 0.21456474380659768,
  "icvs_gm": 0.4339696068056269,
  "icvs_wm": 0.3514656493877754,
  "inu_med": 0.5732073485851288,
  "inu_range": 0.26632432937622075,
  "provenance": {
    "md5sum": "24dcf84cbd78bb2a6e655fec956ffdfd",
    "settings": {
      "testing": false
    },
    "software": "mriqc",
    "version": "23.0.1",
    "warnings": {
      "large_rot_frame": true,
      "small_air_mask": false
    },
    "webapi_port": null,
    "webapi_url": "https://mriqc.nimh.nih.gov/api/v1"
  },
  "qi_1": 0.0,
  "qi_2": 0.00408046741523992,
  "rpve_csf": 21.712350254538833,
  "rpve_gm": 11.190841009628919,
  "rpve_wm": 15.877594387680842,
  "size_x": 176,
  "size_y": 256,
  "size_z": 256,
  "snr_csf": 1.5231197708904247,
  "snr_gm": 8.961117649449951,
  "snr_total": 10.217540578240536,
  "snr_wm": 20.16838431438123,
  "snrd_csf": 20.456733184322687,
  "snrd_gm": 71.36542553369928,
  "snrd_total": 65.61281649352797,
  "snrd_wm": 105.01629076256192,
  "spacing_x": 1.0,
  "spacing_y": 1.0,
  "spacing_z": 1.0,
  "summary_bg_k": 14.002775501709856,
  "summary_bg_mad": 6.238426375102084,
  "summary_bg_mean": 6.406702237478507,
  "summary_bg_median": 4.207754647359252,
  "summary_bg_n": 3638838.0,
  "summary_bg_p05": 0.0,
  "summary_bg_p95": 23.516960022971034,
  "summary_bg_stdv": 9.072691340151545,
  "summary_csf_k": 1.4567540044882348,
  "summary_csf_mad": 118.60664623583655,
  "summary_csf_mean": 216.810962857452,
  "summary_csf_median": 194.79580717161298,
  "summary_csf_n": 36869.0,
  "summary_csf_p05": 46.25948667526245,
  "summary_csf_p95": 464.2573170550166,
  "summary_csf_stdv": 127.89090467317725,
  "summary_gm_k": 0.2292906421275327,
  "summary_gm_mad": 72.18203768983147,
  "summary_gm_mean": 678.6445940890281,
  "summary_gm_median": 679.5652827713639,
  "summary_gm_n": 34358.0,
  "summary_gm_p05": 550.5769512732513,
  "summary_gm_p95": 803.3752364641987,
  "summary_gm_stdv": 75.83377652277437,
  "summary_wm_k": 0.23383413623613336,
  "summary_wm_mad": 48.33823626842903,
  "summary_wm_mean": 998.4774406152509,
  "summary_wm_median": 999.9999971129,
  "summary_wm_n": 230342.0,
  "summary_wm_p05": 915.2253574691713,
  "summary_wm_p95": 1077.7272930834442,
  "summary_wm_stdv": 49.58244601240393,
  "tpm_overlap_csf": 0.15425925617836284,
  "tpm_overlap_gm": 0.4590259698263209,
  "tpm_overlap_wm": 0.4912222869390694,
  "wm2max": 0.7850626519534916
}