{
  "aor": 0.0012158974358974358,
  "aqi": 0.005902575589743589,
  "bids_meta": {
    "AcquisitionMatrixPE": 64,
    "AcquisitionNumber": 1,
    "AcquisitionTime": "22:02:46.720000",
    "BandwidthPerPixelPhaseEncode": 47.348,
    "BaseResolution": 64,
    "BodyPartExamined": "HEAD",
    "ConsistencyInfo": "N4_VD11D_LATEST_20110129",
    "ConversionSoftware": "dcm2niix",
    "ConversionSoftwareVersion": "v1.0.20180518 GCC4.8.5",
    "DerivedVendorReportedEchoSpacing": 0.000660007,
    "DeviceSerialNumber": "45031",
    "DwellTime": 4.5e-06,
    "EchoTime": 0.03,
    "EchoTrainLength": 32,
    "EffectiveEchoSpacing": 0.000330003,
    "FlipAngle": 71,
    "ImageOrientationPatientDICOM": [
      0.997213,
      -0.0341947,
      -0.0663166,
      0.048074,
      0.974184,
      0.220579
    ],
    "ImageType": [
      "ORIGINAL",
      "PRIMARY",
      "M",
      "ND",
      "NORM",
      "MOSAIC"
    ],
    "InPlanePhaseEncodingDirectionDICOM": "COL",
    "InstitutionAddress": "Washington_and_Faculty_Rd._-_Building_25_25_Princeton_NJ_US_085",
    "InstitutionName": "Princeton_University_-_Neuroscience_Institute",
    "InstitutionalDepartmentName": "Department",
    "MRAcquisitionType": "2D",
    "MagneticFieldStrength": 3,
    "Manufacturer": "Siemens",
    "ManufacturersModelName": "Skyra",
    "Modality": "MR",
    "ParallelReductionFactorInPlane": 2,
    "PartialFourier": 1,
    "PatientPosition": "HFS",
    "PercentPhaseFOV": 100,
    "PhaseEncodingDirection": "j-",
    "PhaseEncodingSteps": 64,
    "PhaseResolution": 1,
    "PixelBandwidth": 1735,
    "ProcedureStepDescription": "NormanLab_Anna",
    "ProtocolName": "epi_195_3x3x3_2s",
    "PulseSequenceDetails": "%SiemensSeq%_ep2d_bold",
    "ReceiveCoilActiveElements": "HE1-4",
    "ReceiveCoilName": "HeadNeck_20",
    "ReconMatrixPE": 64,
    "RepetitionTime": 2,
    "SAR": 0.115818,
    "ScanOptions": "FS",
    "ScanningSequence": "EP",
    "SequenceName": "_epfid2d1_64",
    "SequenceVariant": "SK",
    "SeriesDescription": "epi_195_3x3x3_2s",
    "SeriesNumber": 16,
    "ShimSetting": [
      3183,
      10517,
      10088,
      741,
      0,
      -160,
      349,
      -6
    ],
    "SliceThickness": 3,
    "SliceTiming": [
      1,
      0,
      1.055,
      0.055,
      1.11,
      0.11,
      1.165,
      0.165,
      1.2225,
      0.2225,
      1.2775,
      0.2775,
      1.3325,
      0.3325,
      1.3875,
      0.3875,
      1.4425,
      0.4425,
      1.5,
      0.5,
      1.555,
      0.555,
      1.61,
      0.61,
      1.665,
      0.665,
      1.72,
      0.7225,
      1.7775,
      0.7775,
      1.8325,
      0.8325,
      1.8875,
      0.8875,
      1.9425,
      0.9425
    ],
    "SoftwareVersions": "syngo_MR_D11",
    "SpacingBetweenSlices": 3,
    "StationName": "AWP45031",
    "TotalReadoutTime": 0.0207902,
    "TxRefAmp": 328.484,
    "dataset": "ds001454",
    "modality": "bold",
    "run_id": 8,
    "session_id": "1",
    "subject_id": "18",
    "task_id": "satellite"
  },
  "dummy_trs": 0,
  "dvars_nstd": 27.280446701237114,
  "dvars_std": 1.2787831321649488,
  "dvars_vstd": 1.015328343814433,
  "efc": 0.5712505059457421,
  "fber": 1325.959716796875,
  "fd_mean": 0.06249105565979534,
  "fd_num": 7,
  "fd_perc": 3.58974358974359,
  "fwhm_avg": 1.6001621821143923,
  "fwhm_x": 1.5140198796765105,
  "fwhm_y": 1.6896066666666665,
  "fwhm_z": 1.5968600000000002,
  "gcor": 0.044066,
  "gsr_x": -0.00948843639343977,
  "gsr_y": 0.048775557428598404,
  "provenance": {
    "md5sum": "e8922a35c26ae047252dccb852a11f2f",
    "settings": {
      "fd_thres": 0.2,
      "testing": false
    },
    "software": "mriqc",
    "version": "23.0.1",
    "webapi_port": null,
    "webapi_url": "https://mriqc.nimh.nih.gov/api/v1"
  },
  "size_t": 195,
  "size_x": 64,
  "size_y": 64,
  "size_z": 36,
  "snr": 5.828508987047743,
  "spacing_tr": 2.0,
  "spacing_x": 3.000000238418579,
  "spacing_y": 3.0,
  "spacing_z": 3.0,
  "summary_bg_k": 63.31180682609799,
  "summary_bg_mad": 11.404633537673597,
  "summary_bg_mean": 45.06627655029297,
  "summary_bg_median": 19.892309188842773,
  "summary_bg_n": 80675.0,
  "summary_bg_p05": 9.80512809753418,
  "summary_bg_p95": 158.8882064819338,
  "summary_bg_stdv": 88.54096221923828,
  "summary_fg_k": 2.737945733513853,
  "summary_fg_mad": 115.65817550759155,
  "summary_fg_mean": 744.093505859375,
  "summary_fg_median": 730.871826171875,
  "summary_fg_n": 34521.0,
  "summary_fg_p05": 579.4410400390625,
  "summary_fg_p95": 949.882080078125,
  "summary_fg_stdv": 125.39420318603516,
  "tsnr": 67.19233847898431
}