{
  "aor": 0.000992923076923077,
  "aqi": 0.007265795589743589,
  "bids_meta": {
    "AcquisitionMatrixPE": 64,
    "AcquisitionNumber": 1,
    "AcquisitionTime": "23:05:57.615000",
    "BandwidthPerPixelPhaseEncode": 47.348,
    "BaseResolution": 64,
    "BodyPartExamined": "HEAD",
    "ConsistencyInfo": "N4_VD11D_LATEST_20110129",
    "ConversionSoftware": "dcm2niix",
    "ConversionSoftwareVersion": "v1.0.20180518 GCC4.8.5",
    "DerivedVendorReportedEchoSpacing": 0.000660007,
    "DeviceSerialNumber": "45031",
    "DwellTime": 4.5e-06,
    "EchoTime": 0.03,
    "EchoTrainLength": 32,
    "EffectiveEchoSpacing": 0.000330003,
    "FlipAngle": 71,
    "ImageOrientationPatientDICOM": [
      0.999416,
      0.00651285,
      0.0335531,
      -0.00837287,
      0.998418,
      0.0555965
    ],
    "ImageType": [
      "ORIGINAL",
      "PRIMARY",
      "M",
      "ND",
      "NORM",
      "MOSAIC"
    ],
    "InPlanePhaseEncodingDirectionDICOM": "COL",
    "InstitutionAddress": "Washington_and_Faculty_Rd._-_Building_25_25_Princeton_NJ_US_085",
    "InstitutionName": "Princeton_University_-_Neuroscience_Institute",
    "InstitutionalDepartmentName": "Department",
    "MRAcquisitionType": "2D",
    "MagneticFieldStrength": 3,
    "Manufacturer": "Siemens",
    "ManufacturersModelName": "Skyra",
    "Modality": "MR",
    "ParallelReductionFactorInPlane": 2,
    "PartialFourier": 1,
    "PatientPosition": "HFS",
    "PercentPhaseFOV": 100,
    "PhaseEncodingDirection": "j-",
    "PhaseEncodingSteps": 64,
    "PhaseResolution": 1,
    "PixelBandwidth": 1735,
    "ProcedureStepDescription": "NormanLab_Anna",
    "ProtocolName": "epi_195_3x3x3_2s",
    "PulseSequenceDetails": "%SiemensSeq%_ep2d_bold",
    "ReceiveCoilActiveElements": "HE1-4",
    "ReceiveCoilName": "HeadNeck_20",
    "ReconMatrixPE": 64,
    "RepetitionTime": 2,
    "SAR": 0.120152,
    "ScanOptions": "FS",
    "ScanningSequence": "EP",
    "SequenceName": "_epfid2d1_64",
    "SequenceVariant": "SK",
    "SeriesDescription": "epi_195_3x3x3_2s",
    "SeriesNumber": 13,
    "ShimSetting": [
      3222,
      10586,
      10052,
      497,
      -37,
      212,
      568,
      21
    ],
    "SliceThickness": 3,
    "SliceTiming": [
      1,
      0,
      1.055,
      0.055,
      1.11,
      0.11,
      1.165,
      0.165,
      1.2225,
      0.2225,
      1.2775,
      0.2775,
      1.3325,
      0.3325,
      1.3875,
      0.3875,
      1.4425,
      0.445,
      1.5,
      0.5,
      1.555,
      0.555,
      1.61,
      0.61,
      1.665,
      0.665,
      1.7225,
      0.7225,
      1.7775,
      0.7775,
      1.8325,
      0.8325,
      1.8875,
      0.8875,
      1.9425,
      0.945
    ],
    "SoftwareVersions": "syngo_MR_D11",
    "SpacingBetweenSlices": 3,
    "StationName": "AWP45031",
    "TotalReadoutTime": 0.0207902,
    "TxRefAmp": 346.892,
    "dataset": "ds001454",
    "modality": "bold",
    "run_id": 5,
    "session_id": "2",
    "subject_id": "16",
    "task_id": "satellite"
  },
  "dummy_trs": 0,
  "dvars_nstd": 25.81677440747422,
  "dvars_std": 1.1687807141752573,
  "dvars_vstd": 1.0145773945876286,
  "efc": 0.6164736133092882,
  "fber": 752.1170043945312,
  "fd_mean": 0.12844811836803463,
  "fd_num": 10,
  "fd_perc": 5.128205128205129,
  "fwhm_avg": 1.685058888888889,
  "fwhm_x": 1.5544066666666667,
  "fwhm_y": 1.77548,
  "fwhm_z": 1.72529,
  "gcor": 0.0177459,
  "gsr_x": 0.0023327216040343046,
  "gsr_y": 0.04096661135554314,
  "provenance": {
    "md5sum": "05be72b422ef43a8b0e763fd30af45cd",
    "settings": {
      "fd_thres": 0.2,
      "testing": false
    },
    "software": "mriqc",
    "version": "23.0.1",
    "webapi_port": null,
    "webapi_url": "https://mriqc.nimh.nih.gov/api/v1"
  },
  "size_t": 195,
  "size_x": 64,
  "size_y": 64,
  "size_z": 36,
  "snr": 6.5275698170974845,
  "spacing_tr": 2.0,
  "spacing_x": 3.0,
  "spacing_y": 3.0,
  "spacing_z": 3.0,
  "summary_bg_k": 14.84949193340119,
  "summary_bg_mad": 21.539548842193973,
  "summary_bg_mean": 69.70374298095703,
  "summary_bg_median": 28.348718643188477,
  "summary_bg_n": 77431.0,
  "summary_bg_p05": 11.082051277160645,
  "summary_bg_p95": 292.71795654296875,
  "summary_bg_stdv": 101.9289321899414,
  "summary_fg_k": 3.330588156662423,
  "summary_fg_mad": 113.4228703317172,
  "summary_fg_mean": 812.9635620117188,
  "summary_fg_median": 803.4974365234375,
  "summary_fg_n": 36612.0,
  "summary_fg_p05": 645.966162109375,
  "summary_fg_p95": 1010.0610717773437,
  "summary_fg_stdv": 123.0912094116211,
  "tsnr": 64.79987223260105
}