{
  "aor": 0.0009274871794871794,
  "aqi": 0.008395407333333334,
  "bids_meta": {
    "AcquisitionMatrixPE": 64,
    "AcquisitionNumber": 1,
    "AcquisitionTime": "23:19:47.010000",
    "BandwidthPerPixelPhaseEncode": 47.348,
    "BaseResolution": 64,
    "BodyPartExamined": "HEAD",
    "ConsistencyInfo": "N4_VD11D_LATEST_20110129",
    "ConversionSoftware": "dcm2niix",
    "ConversionSoftwareVersion": "v1.0.20180518 GCC4.8.5",
    "DerivedVendorReportedEchoSpacing": 0.000660007,
    "DeviceSerialNumber": "45031",
    "DwellTime": 4.5e-06,
    "EchoTime": 0.03,
    "EchoTrainLength": 32,
    "EffectiveEchoSpacing": 0.000330003,
    "FlipAngle": 71,
    "ImageOrientationPatientDICOM": [
      0.999416,
      0.00651285,
      0.0335531,
      -0.00837287,
      0.998418,
      0.0555965
    ],
    "ImageType": [
      "ORIGINAL",
      "PRIMARY",
      "M",
      "ND",
      "NORM",
      "MOSAIC"
    ],
    "InPlanePhaseEncodingDirectionDICOM": "COL",
    "InstitutionAddress": "Washington_and_Faculty_Rd._-_Building_25_25_Princeton_NJ_US_085",
    "InstitutionName": "Princeton_University_-_Neuroscience_Institute",
    "InstitutionalDepartmentName": "Department",
    "MRAcquisitionType": "2D",
    "MagneticFieldStrength": 3,
    "Manufacturer": "Siemens",
    "ManufacturersModelName": "Skyra",
    "Modality": "MR",
    "ParallelReductionFactorInPlane": 2,
    "PartialFourier": 1,
    "PatientPosition": "HFS",
    "PercentPhaseFOV": 100,
    "PhaseEncodingDirection": "j-",
    "PhaseEncodingSteps": 64,
    "PhaseResolution": 1,
    "PixelBandwidth": 1735,
    "ProcedureStepDescription": "NormanLab_Anna",
    "ProtocolName": "epi_195_3x3x3_2s",
    "PulseSequenceDetails": "%SiemensSeq%_ep2d_bold",
    "ReceiveCoilActiveElements": "HE1-4",
    "ReceiveCoilName": "HeadNeck_20",
    "ReconMatrixPE": 64,
    "RepetitionTime": 2,
    "SAR": 0.120152,
    "ScanOptions": "FS",
    "ScanningSequence": "EP",
    "SequenceName": "_epfid2d1_64",
    "SequenceVariant": "SK",
    "SeriesDescription": "epi_195_3x3x3_2s",
    "SeriesNumber": 15,
    "ShimSetting": [
      3222,
      10586,
      10052,
      497,
      -37,
      212,
      568,
      21
    ],
    "SliceThickness": 3,
    "SliceTiming": [
      1,
      0,
      1.055,
      0.055,
      1.11,
      0.1125,
      1.1675,
      0.1675,
      1.2225,
      0.2225,
      1.2775,
      0.2775,
      1.3325,
      0.3325,
      1.3875,
      0.39,
      1.445,
      0.445,
      1.5,
      0.5,
      1.555,
      0.555,
      1.61,
      0.61,
      1.6675,
      0.6675,
      1.7225,
      0.7225,
      1.7775,
      0.7775,
      1.8325,
      0.8325,
      1.8875,
      0.89,
      1.945,
      0.945
    ],
    "SoftwareVersions": "syngo_MR_D11",
    "SpacingBetweenSlices": 3,
    "StationName": "AWP45031",
    "TotalReadoutTime": 0.0207902,
    "TxRefAmp": 346.892,
    "dataset": "ds001454",
    "modality": "bold",
    "run_id": 7,
    "session_id": "2",
    "subject_id": "16",
    "task_id": "satellite"
  },
  "dummy_trs": 0,
  "dvars_nstd": 27.15414415969071,
  "dvars_std": 1.1708438056185566,
  "dvars_vstd": 1.0088244840721647,
  "efc": 0.6177024649336534,
  "fber": 731.56689453125,
  "fd_mean": 0.14770628469431996,
  "fd_num": 25,
  "fd_perc": 12.820512820512821,
  "fwhm_avg": 1.6888800000000002,
  "fwhm_x": 1.5689133333333334,
  "fwhm_y": 1.7887700000000002,
  "fwhm_z": 1.7089566666666667,
  "gcor": 0.0174899,
  "gsr_x": 0.0029735069256275892,
  "gsr_y": 0.04014836251735687,
  "provenance": {
    "md5sum": "241c192e87794ff0c15ad8071c8e1c58",
    "settings": {
      "fd_thres": 0.2,
      "testing": false
    },
    "software": "mriqc",
    "version": "23.0.1",
    "webapi_port": null,
    "webapi_url": "https://mriqc.nimh.nih.gov/api/v1"
  },
  "size_t": 195,
  "size_x": 64,
  "size_y": 64,
  "size_z": 36,
  "snr": 6.476947378917244,
  "spacing_tr": 2.0,
  "spacing_x": 3.0,
  "spacing_y": 3.0,
  "spacing_z": 3.0,
  "summary_bg_k": 14.071099674236475,
  "summary_bg_mad": 22.094574520123913,
  "summary_bg_mean": 70.58750915527344,
  "summary_bg_median": 28.820512771606445,
  "summary_bg_n": 77395.0,
  "summary_bg_p05": 11.133333206176758,
  "summary_bg_p95": 294.36154174804693,
  "summary_bg_stdv": 102.57490539550781,
  "summary_fg_k": 3.3750718670674598,
  "summary_fg_mad": 113.72701010566723,
  "summary_fg_mean": 810.3685302734375,
  "summary_fg_median": 801.1589965820312,
  "summary_fg_n": 36649.0,
  "summary_fg_p05": 643.3661865234375,
  "summary_fg_p95": 1007.3426025390625,
  "summary_fg_stdv": 123.69223022460938,
  "tsnr": 60.15192779141944
}