{
  "bids_meta": {
    "AcquisitionMatrixPE": 256,
    "AcquisitionNumber": 1,
    "AcquisitionTime": "22:32:40.500000",
    "BaseResolution": 256,
    "BodyPartExamined": "HEAD",
    "ConsistencyInfo": "N4_VD11D_LATEST_20110129",
    "ConversionSoftware": "dcm2niix",
    "ConversionSoftwareVersion": "v1.0.20180518 GCC4.8.5",
    "DeviceSerialNumber": "45031",
    "DwellTime": 9.8e-06,
    "EchoTime": 0.0033,
    "FlipAngle": 7,
    "ImageOrientationPatientDICOM": [
      0,
      1,
      0,
      0,
      0,
      -1
    ],
    "ImageType": [
      "ORIGINAL",
      "PRIMARY",
      "M",
      "ND",
      "NORM"
    ],
    "InPlanePhaseEncodingDirectionDICOM": "ROW",
    "InstitutionAddress": "Washington_and_Faculty_Rd._-_Building_25_25_Princeton_NJ_US_085",
    "InstitutionName": "Princeton_University_-_Neuroscience_Institute",
    "InstitutionalDepartmentName": "Department",
    "InversionTime": 1.1,
    "MRAcquisitionType": "3D",
    "MagneticFieldStrength": 3,
    "Manufacturer": "Siemens",
    "ManufacturersModelName": "Skyra",
    "Modality": "MR",
    "ParallelReductionFactorInPlane": 2,
    "PartialFourier": 1,
    "PatientPosition": "HFS",
    "PercentPhaseFOV": 100,
    "PhaseEncodingSteps": 255,
    "PhaseResolution": 1,
    "PixelBandwidth": 200,
    "ProcedureStepDescription": "NormanLab_Anna",
    "ProtocolName": "MPRAGE_tfl",
    "PulseSequenceDetails": "%SiemensSeq%_tfl",
    "ReceiveCoilActiveElements": "HE1-4",
    "ReceiveCoilName": "HeadNeck_20",
    "ReconMatrixPE": 256,
    "RepetitionTime": 2.53,
    "SAR": 0.0645446,
    "ScanOptions": "IR",
    "ScanningSequence": "GR_IR",
    "SequenceName": "_tfl3d1_16ns",
    "SequenceVariant": "SK_SP_MP",
    "SeriesDescription": "MPRAGE_tfl",
    "SeriesNumber": 5,
    "ShimSetting": [
      3187,
      10457,
      9926,
      291,
      -18,
      -281,
      961,
      202
    ],
    "SliceThickness": 1,
    "SoftwareVersions": "syngo_MR_D11",
    "StationName": "AWP45031",
    "TxRefAmp": 326.377,
    "dataset": "ds001454",
    "modality": "T1w",
    "session_id": "2",
    "subject_id": "06"
  },
  "cjv": 0.33355251675668646,
  "cnr": 4.000644211949014,
  "efc": 0.4590748758661023,
  "fber": 13902.79459664184,
  "fwhm_avg": 3.7353166666666664,
  "fwhm_x": 3.78478,
  "fwhm_y": 3.90194,
  "fwhm_z": 3.51923,
  "icvs_csf": 0.20199011540833725,
  "icvs_gm": 0.44228596524480396,
  "icvs_wm": 0.3557239193468588,
  "inu_med": 0.5799849629402161,
  "inu_range": 0.23397010266780854,
  "provenance": {
    "md5sum": "4b5887fbd215e8ee67ee88acb66aa4d3",
    "settings": {
      "testing": false
    },
    "software": "mriqc",
    "version": "23.0.1",
    "warnings": {
      "large_rot_frame": true,
      "small_air_mask": false
    },
    "webapi_port": null,
    "webapi_url": "https://mriqc.nimh.nih.gov/api/v1"
  },
  "qi_1": 0.0,
  "qi_2": 0.014216057202892353,
  "rpve_csf": 28.729002938649124,
  "rpve_gm": 13.911269912707908,
  "rpve_wm": 19.759765123733768,
  "size_x": 176,
  "size_y": 256,
  "size_z": 256,
  "snr_csf": 1.397804178905961,
  "snr_gm": 8.35626700124938,
  "snr_total": 10.617135890428122,
  "snr_wm": 22.097336491129024,
  "snrd_csf": 17.984930022495885,
  "snrd_gm": 69.69724009720703,
  "snrd_total": 65.40917346222619,
  "snrd_wm": 108.54535026697565,
  "spacing_x": 1.0,
  "spacing_y": 1.0,
  "spacing_z": 1.0,
  "summary_bg_k": 2682.706926519812,
  "summary_bg_mad": 6.035517220120653,
  "summary_bg_mean": 4.7126678339352726,
  "summary_bg_median": 4.070894502103329,
  "summary_bg_n": 3654910.0,
  "summary_bg_p05": 0.0,
  "summary_bg_p95": 16.75436172634363,
  "summary_bg_stdv": 7.1247806189361,
  "summary_csf_k": 0.7352908125458106,
  "summary_csf_mad": 103.34283566696384,
  "summary_csf_mean": 191.34714606824883,
  "summary_csf_median": 165.6881755515933,
  "summary_csf_n": 31097.0,
  "summary_csf_p05": 42.25976197421551,
  "summary_csf_p95": 430.90556770563126,
  "summary_csf_stdv": 118.53270577988815,
  "summary_gm_k": 0.038815596613919645,
  "summary_gm_mad": 75.62872598273634,
  "summary_gm_mean": 643.5710324052662,
  "summary_gm_median": 642.0936049371958,
  "summary_gm_n": 44009.0,
  "summary_gm_p05": 518.205484905839,
  "summary_gm_p95": 773.1819465368985,
  "summary_gm_stdv": 76.83889346447167,
  "summary_wm_k": 0.3098770413967813,
  "summary_wm_mad": 43.7472353608065,
  "summary_wm_mean": 999.0657975799498,
  "summary_wm_median": 999.9861566238105,
  "summary_wm_n": 192232.0,
  "summary_wm_p05": 923.2068708613515,
  "summary_wm_p95": 1071.3929693698883,
  "summary_wm_stdv": 45.25357868511055,
  "tpm_overlap_csf": 0.14790833854328264,
  "tpm_overlap_gm": 0.4738515986546705,
  "tpm_overlap_wm": 0.5222843952417069,
  "wm2max": 0.6736742381752941
}